{
  "aor": 0.014327013463892287,
  "aqi": 0.016666706340269278,
  "bids_meta": {
    "BodyPartExamined": "HEAD",
    "CogAtlasID": "http://www.cognitiveatlas.org/term/id/trm_4c8a834779883",
    "ConversionSoftware": "dcm2niix",
    "ConversionSoftwareVersion": "v1.0.20170411 GCC4.4.7",
    "EchoTime": 0.027,
    "EffectiveEchoSpacing": 0.000590001,
    "FlipAngle": 90,
    "ImageType": [
      "ORIGINAL",
      "PRIMARY",
      "M",
      "ND",
      "NORM",
      "MOSAIC"
    ],
    "Instructions": "During this first scan, a plus sign will be presented on the screen.  All you need to do is simply relax and look at the plus sign. Please keep your eyes open the entire time, and be as still as possible. It's extremely important that you stay awake for the entire duration of this scan. This scan will last ~30 minutes.",
    "MagneticFieldStrength": 3,
    "Manufacturer": "Siemens",
    "ManufacturersModelName": "TrioTim",
    "PhaseEncodingDirection": "j-",
    "ProcedureStepDescription": "head_Dosenbach_MSC",
    "ProtocolName": "RSFC_818Frames_36Slices_TR2.2",
    "RepetitionTime": 2.2,
    "ScanningSequence": "EP",
    "SequenceName": "_epfid2d1_64",
    "SequenceVariant": "SK",
    "SeriesDescription": "RSFC_818Frames_36Slices_TR2.2",
    "SliceTiming": [
      1.105,
      0,
      1.165,
      0.06,
      1.2275,
      0.1225,
      1.2875,
      0.185,
      1.35,
      0.245,
      1.41,
      0.3075,
      1.4725,
      0.3675,
      1.5325,
      0.43,
      1.595,
      0.49,
      1.655,
      0.5525,
      1.7175,
      0.6125,
      1.78,
      0.675,
      1.84,
      0.735,
      1.9025,
      0.7975,
      1.9625,
      0.8575,
      2.025,
      0.92,
      2.085,
      0.9825,
      2.1475,
      1.0425
    ],
    "SoftwareVersion": "syngo MR B17",
    "TaskName": "rest",
    "dataset": "ds000224",
    "modality": "bold",
    "session_id": "func02",
    "subject_id": "MSC07",
    "task_id": "rest"
  },
  "dummy_trs": 1,
  "dvars_nstd": 20.375813089154423,
  "dvars_std": 1.4671753602205893,
  "dvars_vstd": 1.1094047486642162,
  "efc": 0.4039195971165002,
  "fber": 29389.236328125,
  "fd_mean": 0.16919908746142784,
  "fd_num": 247,
  "fd_perc": 30.232558139534884,
  "fwhm_avg": 1.6483940394731664,
  "fwhm_x": 1.529525,
  "fwhm_y": 1.8151925,
  "fwhm_z": 1.6004646184194997,
  "gcor": 0.0235592,
  "gsr_x": -0.02796856127679348,
  "gsr_y": 0.016277629882097244,
  "provenance": {
    "md5sum": "f9843e5e1dc6a30f2f576d05a4ce7050",
    "settings": {
      "fd_thres": 0.2,
      "testing": false
    },
    "software": "mriqc",
    "version": "22.0.6",
    "webapi_port": null,
    "webapi_url": "https://mriqc.nimh.nih.gov/api/v1"
  },
  "size_t": 817,
  "size_x": 64,
  "size_y": 64,
  "size_z": 36,
  "snr": 7.86320439497414,
  "spacing_tr": 2.200000047683716,
  "spacing_x": 4.0,
  "spacing_y": 4.0,
  "spacing_z": 4.000000953674316,
  "summary_bg_k": 28.950535050629174,
  "summary_bg_mad": 4.367052755173273,
  "summary_bg_mean": 22.781784057617188,
  "summary_bg_median": 4.539167404174805,
  "summary_bg_n": 102978.0,
  "summary_bg_p05": 0.9657282829284668,
  "summary_bg_p95": 114.18990325927734,
  "summary_bg_stdv": 54.225650787353516,
  "summary_fg_k": 1.249039542453005,
  "summary_fg_mad": 91.92767190741174,
  "summary_fg_mean": 772.625244140625,
  "summary_fg_median": 769.50732421875,
  "summary_fg_n": 16088.0,
  "summary_fg_p05": 621.4346527099609,
  "summary_fg_p95": 930.2637237548828,
  "summary_fg_stdv": 97.85875701904297,
  "tsnr": 50.83598185912706
}