{
  "aor": 0.0067097115384615385,
  "aqi": 0.007476873942307693,
  "bids_meta": {
    "BodyPartExamined": "HEAD",
    "CogAtlasID": "http://www.cognitiveatlas.org/term/id/trm_550b53d7dd674",
    "ConversionSoftware": "dcm2niix",
    "ConversionSoftwareVersion": "v1.0.20170411 GCC4.4.7",
    "EchoTime": 0.027,
    "EffectiveEchoSpacing": 0.000590001,
    "FlipAngle": 90,
    "ImageType": [
      "ORIGINAL",
      "PRIMARY",
      "M",
      "ND",
      "NORM",
      "MOSAIC"
    ],
    "Instructions": "In this next scan you'll be prompted to move your hands, feet, or tongue. You'll only move one of these at once. Instructions are presented on the screen. Let?s review them now. [Read on-screen instructions to participant.] Do you have any questions?",
    "MagneticFieldStrength": 3,
    "Manufacturer": "Siemens",
    "ManufacturersModelName": "TrioTim",
    "PhaseEncodingDirection": "j-",
    "ProcedureStepDescription": "head_Dosenbach_MSC",
    "ProtocolName": "Motor_104Frames_36Slices_TR2.2",
    "RepetitionTime": 2.2,
    "ScanningSequence": "EP",
    "SequenceName": "_epfid2d1_64",
    "SequenceVariant": "SK",
    "SeriesDescription": "Motor_104Frames_36Slices_TR2.2",
    "SliceTiming": [
      1.105,
      0,
      1.1675,
      0.0625,
      1.2275,
      0.1225,
      1.29,
      0.185,
      1.35,
      0.245,
      1.4125,
      0.3075,
      1.4725,
      0.37,
      1.535,
      0.43,
      1.595,
      0.4925,
      1.6575,
      0.5525,
      1.7175,
      0.615,
      1.78,
      0.675,
      1.84,
      0.7375,
      1.9025,
      0.7975,
      1.965,
      0.86,
      2.025,
      0.92,
      2.0875,
      0.9825,
      2.1475,
      1.0425
    ],
    "SoftwareVersion": "syngo MR B17",
    "TaskName": "motor",
    "dataset": "ds000224",
    "modality": "bold",
    "run_id": 1,
    "session_id": "func02",
    "subject_id": "MSC07",
    "task_id": "motor"
  },
  "dummy_trs": 0,
  "dvars_nstd": 19.745847775825244,
  "dvars_std": 1.3266316105825242,
  "dvars_vstd": 1.0042547271844662,
  "efc": 0.4039623876286559,
  "fber": 32683.650390625,
  "fd_mean": 0.20895903721501002,
  "fd_num": 45,
  "fd_perc": 43.26923076923077,
  "fwhm_avg": 1.6440732046340216,
  "fwhm_x": 1.52414,
  "fwhm_y": 1.7886675,
  "fwhm_z": 1.6194121139020647,
  "gcor": 0.0275494,
  "gsr_x": -0.029481984674930573,
  "gsr_y": 0.017019083723425865,
  "provenance": {
    "md5sum": "8a279ed74e536136322843d6eda42f42",
    "settings": {
      "fd_thres": 0.2,
      "testing": false
    },
    "software": "mriqc",
    "version": "22.0.6",
    "webapi_port": null,
    "webapi_url": "https://mriqc.nimh.nih.gov/api/v1"
  },
  "size_t": 104,
  "size_x": 64,
  "size_y": 64,
  "size_z": 36,
  "snr": 7.848279464886744,
  "spacing_tr": 2.200000047683716,
  "spacing_x": 4.0,
  "spacing_y": 4.0,
  "spacing_z": 4.000000953674316,
  "summary_bg_k": 29.417628232679753,
  "summary_bg_mad": 3.6637380114317675,
  "summary_bg_mean": 22.920225143432617,
  "summary_bg_median": 4.230769157409668,
  "summary_bg_n": 103021.0,
  "summary_bg_p05": 1.2788461446762085,
  "summary_bg_p95": 118.64423370361328,
  "summary_bg_stdv": 54.0816764831543,
  "summary_fg_k": 1.3057244466606894,
  "summary_fg_mad": 92.14231622273738,
  "summary_fg_mean": 773.48583984375,
  "summary_fg_median": 769.2163696289062,
  "summary_fg_n": 16088.0,
  "summary_fg_p05": 620.9875030517578,
  "summary_fg_p95": 930.5817718505859,
  "summary_fg_stdv": 98.00778198242188,
  "tsnr": 77.67793150013313
}