{
  "aor": 0.00329125,
  "aqi": 0.012792944326923076,
  "bids_meta": {
    "BodyPartExamined": "HEAD",
    "CogAtlasID": "http://www.cognitiveatlas.org/term/id/trm_550b53d7dd674",
    "ConversionSoftware": "dcm2niix",
    "ConversionSoftwareVersion": "v1.0.20170411 GCC4.4.7",
    "EchoTime": 0.027,
    "EffectiveEchoSpacing": 0.000590001,
    "FlipAngle": 90,
    "ImageType": [
      "ORIGINAL",
      "PRIMARY",
      "M",
      "ND",
      "NORM",
      "MOSAIC"
    ],
    "Instructions": "In this next scan you'll be prompted to move your hands, feet, or tongue. You'll only move one of these at once. Instructions are presented on the screen. Let?s review them now. [Read on-screen instructions to participant.] Do you have any questions?",
    "MagneticFieldStrength": 3,
    "Manufacturer": "Siemens",
    "ManufacturersModelName": "TrioTim",
    "PhaseEncodingDirection": "j-",
    "ProcedureStepDescription": "head_Dosenbach_MSC",
    "ProtocolName": "Motor_104Frames_36Slices_TR2.2",
    "RepetitionTime": 2.2,
    "ScanningSequence": "EP",
    "SequenceName": "_epfid2d1_64",
    "SequenceVariant": "SK",
    "SeriesDescription": "Motor_104Frames_36Slices_TR2.2",
    "SliceTiming": [
      1.105,
      0,
      1.1675,
      0.0625,
      1.2275,
      0.1225,
      1.29,
      0.185,
      1.35,
      0.245,
      1.4125,
      0.3075,
      1.4725,
      0.37,
      1.535,
      0.43,
      1.595,
      0.4925,
      1.6575,
      0.5525,
      1.7175,
      0.615,
      1.78,
      0.675,
      1.84,
      0.7375,
      1.9025,
      0.7975,
      1.965,
      0.86,
      2.025,
      0.92,
      2.0875,
      0.9825,
      2.1475,
      1.0425
    ],
    "SoftwareVersion": "syngo MR B17",
    "TaskName": "motor",
    "dataset": "ds000224",
    "modality": "bold",
    "run_id": 2,
    "session_id": "func02",
    "subject_id": "MSC07",
    "task_id": "motor"
  },
  "dummy_trs": 0,
  "dvars_nstd": 18.616464439029123,
  "dvars_std": 1.1444894220388355,
  "dvars_vstd": 0.9111200020388348,
  "efc": 0.4025797091881206,
  "fber": 31880.833984375,
  "fd_mean": 0.22439579789184125,
  "fd_num": 53,
  "fd_perc": 50.96153846153846,
  "fwhm_avg": 1.6430140397336388,
  "fwhm_x": 1.528535,
  "fwhm_y": 1.80332,
  "fwhm_z": 1.5971871192009164,
  "gcor": 0.0210353,
  "gsr_x": -0.028615379706025124,
  "gsr_y": 0.017186617478728294,
  "provenance": {
    "md5sum": "8e48518e994b7b17c5e3bc78facc3822",
    "settings": {
      "fd_thres": 0.2,
      "testing": false
    },
    "software": "mriqc",
    "version": "22.0.6",
    "webapi_port": null,
    "webapi_url": "https://mriqc.nimh.nih.gov/api/v1"
  },
  "size_t": 104,
  "size_x": 64,
  "size_y": 64,
  "size_z": 36,
  "snr": 7.876543374928753,
  "spacing_tr": 2.200000047683716,
  "spacing_x": 4.0,
  "spacing_y": 4.0,
  "spacing_z": 4.000000953674316,
  "summary_bg_k": 28.945299526602813,
  "summary_bg_mad": 3.83480797402076,
  "summary_bg_mean": 22.86733627319336,
  "summary_bg_median": 4.317307949066162,
  "summary_bg_n": 103235.0,
  "summary_bg_p05": 1.2307692766189575,
  "summary_bg_p95": 117.55096435546864,
  "summary_bg_stdv": 53.735843658447266,
  "summary_fg_k": 1.190405576880365,
  "summary_fg_mad": 93.22576326632671,
  "summary_fg_mean": 775.391845703125,
  "summary_fg_median": 771.8221435546875,
  "summary_fg_n": 15912.0,
  "summary_fg_p05": 621.9629760742188,
  "summary_fg_p95": 932.1529388427734,
  "summary_fg_stdv": 97.98687744140625,
  "tsnr": 63.31827492034063
}