{
  "bids_meta": {
    "BodyPartExamined": "HEAD",
    "ConversionSoftware": "dcm2niix",
    "ConversionSoftwareVersion": "v1.0.20170411 GCC4.4.7",
    "EchoTime": 0.00374,
    "FlipAngle": 8,
    "ImageType": [
      "ORIGINAL",
      "PRIMARY",
      "M",
      "ND",
      "NORM"
    ],
    "InversionTime": 1,
    "MagneticFieldStrength": 3,
    "Manufacturer": "Siemens",
    "ManufacturersModelName": "TrioTim",
    "PhaseEncodingDirection": "i-",
    "ProcedureStepDescription": "head_Dosenbach_MSC",
    "ProtocolName": "T1_.8x.8x.8_224Slices",
    "RepetitionTime": 2.4,
    "ScanningSequence": "GR_IR",
    "SequenceName": "_tfl3d1_ns",
    "SequenceVariant": "SP_MP_OSP",
    "SeriesDescription": "T1_.8x.8x.8_224Slices",
    "dataset": "ds000224",
    "modality": "T1w",
    "run_id": 1,
    "session_id": "struct01",
    "subject_id": "MSC05"
  },
  "cjv": 0.5037112505839536,
  "cnr": 2.7232900534607603,
  "efc": 0.6062715939184399,
  "fber": 14102.750025000001,
  "fwhm_avg": 3.9489649770208786,
  "fwhm_x": 4.010972199355319,
  "fwhm_y": 4.096799219512195,
  "fwhm_z": 3.7391235121951216,
  "icvs_csf": 0.15427270860732206,
  "icvs_gm": 0.40782567192773295,
  "icvs_wm": 0.437901619464945,
  "inu_med": 0.49015921354293823,
  "inu_range": 0.27646268010139463,
  "provenance": {
    "md5sum": "fa2324fae61787b6df2239e62dd6b5b7",
    "settings": {
      "testing": false
    },
    "software": "mriqc",
    "version": "22.0.6",
    "warnings": {
      "large_rot_frame": true,
      "small_air_mask": false
    },
    "webapi_port": null,
    "webapi_url": "https://mriqc.nimh.nih.gov/api/v1"
  },
  "qi_1": 0.0,
  "qi_2": 0.003731033300410482,
  "rpve_csf": 19.081396416124033,
  "rpve_gm": 7.6562284669163905,
  "rpve_wm": 8.089370723995641,
  "size_x": 224,
  "size_y": 256,
  "size_z": 256,
  "snr_csf": 2.0472994807350244,
  "snr_gm": 10.836646625031628,
  "snr_total": 9.560556606452025,
  "snr_wm": 15.797723713589418,
  "snrd_csf": 30.33231772752459,
  "snrd_gm": 76.68983917702784,
  "snrd_total": 70.06880758396453,
  "snrd_wm": 103.18426584734118,
  "spacing_x": 0.8000030517578125,
  "spacing_y": 0.80078125,
  "spacing_z": 0.80078125,
  "summary_bg_k": 9.003636613315985,
  "summary_bg_mad": 6.3497594306907015,
  "summary_bg_mean": 8.969776664962707,
  "summary_bg_median": 4.282847652211785,
  "summary_bg_n": 4516469.0,
  "summary_bg_p05": 0.0,
  "summary_bg_p95": 35.64048046246171,
  "summary_bg_stdv": 13.38302775626973,
  "summary_csf_k": 0.4524026389458471,
  "summary_csf_mad": 140.1831505083255,
  "summary_csf_mean": 297.311615525179,
  "summary_csf_median": 293.98903883993626,
  "summary_csf_n": 58860.0,
  "summary_csf_p05": 67.95501524815337,
  "summary_csf_p95": 544.0728992479852,
  "summary_csf_stdv": 143.5972334469179,
  "summary_gm_k": 0.07426935650488398,
  "summary_gm_mad": 67.80477378087204,
  "summary_gm_mean": 743.6148336091852,
  "summary_gm_median": 743.298692535609,
  "summary_gm_n": 91733.0,
  "summary_gm_p05": 630.2854244876653,
  "summary_gm_p95": 856.9888302125037,
  "summary_gm_stdv": 68.59083504512188,
  "summary_wm_k": 0.3712070807577641,
  "summary_wm_mad": 61.5438221743868,
  "summary_wm_mean": 1000.6132089458755,
  "summary_wm_median": 1000.0898517668247,
  "summary_wm_n": 650969.0,
  "summary_wm_p05": 898.7091573420912,
  "summary_wm_p95": 1106.1726936139166,
  "summary_wm_stdv": 63.30589784599758,
  "tpm_overlap_csf": 0.1300630404701965,
  "tpm_overlap_gm": 0.4266614907230245,
  "tpm_overlap_wm": 0.49978847570286955,
  "wm2max": 0.6726697689409964
}