{
  "bids_meta": {
    "BodyPartExamined": "HEAD",
    "ConversionSoftware": "dcm2niix",
    "ConversionSoftwareVersion": "v1.0.20170411 GCC4.4.7",
    "EchoTime": 0.479,
    "FlipAngle": 120,
    "ImageType": [
      "ORIGINAL",
      "PRIMARY",
      "M",
      "ND",
      "NORM"
    ],
    "MagneticFieldStrength": 3,
    "Manufacturer": "Siemens",
    "ManufacturersModelName": "TrioTim",
    "PhaseEncodingDirection": "i-",
    "ProcedureStepDescription": "head_Dosenbach_MSC",
    "ProtocolName": "T2_.8x.8x.8_224Slices",
    "RepetitionTime": 3.2,
    "ScanningSequence": "SE",
    "SequenceName": "_spc3d1_282ns",
    "SequenceVariant": "SK_SP",
    "SeriesDescription": "T2_.8x.8x.8_224Slices",
    "dataset": "ds000224",
    "modality": "T2w",
    "run_id": 2,
    "session_id": "struct01",
    "subject_id": "MSC05"
  },
  "cjv": 0.43047693718259133,
  "cnr": 1.8937178505270713,
  "efc": 0.605872137313471,
  "fber": 1835.3434917355373,
  "fwhm_avg": 2.4012925627442065,
  "fwhm_x": 2.2254269565253026,
  "fwhm_y": 2.674538146341463,
  "fwhm_z": 2.3039125853658535,
  "icvs_csf": 0.39109945102991894,
  "icvs_gm": 0.48317826554742527,
  "icvs_wm": 0.12572228342265576,
  "inu_med": 1.035072922706604,
  "inu_range": 0.5611223876476287,
  "provenance": {
    "md5sum": "022ae01541f9eda0292b410fb46845fa",
    "settings": {
      "testing": false
    },
    "software": "mriqc",
    "version": "22.0.6",
    "warnings": {
      "large_rot_frame": true,
      "small_air_mask": false
    },
    "webapi_port": null,
    "webapi_url": "https://mriqc.nimh.nih.gov/api/v1"
  },
  "qi_1": 0.0,
  "qi_2": 0.013811130116268165,
  "rpve_csf": 7.6964952468831145,
  "rpve_gm": 6.657046818861182,
  "rpve_wm": 27.769122735097238,
  "size_x": 224,
  "size_y": 256,
  "size_z": 256,
  "snr_csf": 8.413027259018614,
  "snr_gm": 6.802045287278334,
  "snr_total": 6.095143319855336,
  "snr_wm": 3.0703574132690585,
  "snrd_csf": 51.277341100240946,
  "snrd_gm": 31.401032510111026,
  "snrd_total": 55.54747190328672,
  "snrd_wm": 83.96404209950816,
  "spacing_x": 0.7999992966651917,
  "spacing_y": 0.80078125,
  "spacing_z": 0.80078125,
  "summary_bg_k": 14.230078992719687,
  "summary_bg_mad": 7.802387637756706,
  "summary_bg_mean": 9.581850456388455,
  "summary_bg_median": 5.2626304887235165,
  "summary_bg_n": 3905660.0,
  "summary_bg_p05": 0.0,
  "summary_bg_p95": 36.287090227007866,
  "summary_bg_stdv": 13.565265642639407,
  "summary_csf_k": 0.35175405116736647,
  "summary_csf_mad": 69.99856337873159,
  "summary_csf_mean": 612.2976748825416,
  "summary_csf_median": 610.6906779985875,
  "summary_csf_n": 125309.0,
  "summary_csf_p05": 495.84003261849284,
  "summary_csf_p95": 733.6357502732426,
  "summary_csf_stdv": 72.58840634326795,
  "summary_gm_k": 0.09878178087857004,
  "summary_gm_mad": 54.282325422678795,
  "summary_gm_mean": 373.40598542980723,
  "summary_gm_median": 373.97254658676684,
  "summary_gm_n": 382812.0,
  "summary_gm_p05": 281.9516934696585,
  "summary_gm_p95": 462.98618228174746,
  "summary_gm_stdv": 54.979354346743385,
  "summary_wm_k": 1.1872805294184436,
  "summary_wm_mad": 215.19728189469924,
  "summary_wm_mean": 909.0177668109391,
  "summary_wm_median": 999.9749732930213,
  "summary_wm_n": 30411.0,
  "summary_wm_p05": 108.8612706810236,
  "summary_wm_p95": 1207.7235768716782,
  "summary_wm_stdv": 325.6814753320337,
  "tpm_overlap_csf": 0.1073548169909029,
  "tpm_overlap_gm": 0.3062019208988062,
  "tpm_overlap_wm": 0.028497376272043868,
  "wm2max": 0.830171014854575
}