{
  "bids_meta": {
    "BodyPartExamined": "HEAD",
    "ConversionSoftware": "dcm2niix",
    "ConversionSoftwareVersion": "v1.0.20170411 GCC4.4.7",
    "EchoTime": 0.00374,
    "FlipAngle": 8,
    "ImageType": [
      "ORIGINAL",
      "PRIMARY",
      "M",
      "ND",
      "NORM"
    ],
    "InversionTime": 1,
    "MagneticFieldStrength": 3,
    "Manufacturer": "Siemens",
    "ManufacturersModelName": "TrioTim",
    "PhaseEncodingDirection": "i-",
    "ProcedureStepDescription": "head_Dosenbach_MSC",
    "ProtocolName": "T1_.8x.8x.8_224Slices",
    "RepetitionTime": 2.4,
    "ScanningSequence": "GR_IR",
    "SequenceName": "_tfl3d1_ns",
    "SequenceVariant": "SP_MP_OSP",
    "SeriesDescription": "T1_.8x.8x.8_224Slices",
    "dataset": "ds000224",
    "modality": "T1w",
    "run_id": 1,
    "session_id": "struct01",
    "subject_id": "MSC04"
  },
  "cjv": 0.44498082993885035,
  "cnr": 3.0497028692234314,
  "efc": 0.5288964958844456,
  "fber": 15766.734108764413,
  "fwhm_avg": 3.8621296371149216,
  "fwhm_x": 3.961422667442326,
  "fwhm_y": 4.030064390243902,
  "fwhm_z": 3.5949018536585364,
  "icvs_csf": 0.18900034258449272,
  "icvs_gm": 0.42789776500957183,
  "icvs_wm": 0.38310189240593545,
  "inu_med": 0.5208960771560669,
  "inu_range": 0.2566911548376083,
  "provenance": {
    "md5sum": "5084cdbd644ddbb3764447128b5f4704",
    "settings": {
      "testing": false
    },
    "software": "mriqc",
    "version": "22.0.6",
    "warnings": {
      "large_rot_frame": true,
      "small_air_mask": false
    },
    "webapi_port": null,
    "webapi_url": "https://mriqc.nimh.nih.gov/api/v1"
  },
  "qi_1": 0.0,
  "qi_2": 0.004806937898313017,
  "rpve_csf": 19.676441376738254,
  "rpve_gm": 9.023795499911431,
  "rpve_wm": 11.271304571744581,
  "size_x": 224,
  "size_y": 256,
  "size_z": 256,
  "snr_csf": 2.249033680813245,
  "snr_gm": 11.603760713865013,
  "snr_total": 10.377826880250277,
  "snr_wm": 17.280686246072573,
  "snrd_csf": 33.345617372479836,
  "snrd_gm": 80.63909957938736,
  "snrd_total": 74.5228806893481,
  "snrd_wm": 109.5839251161771,
  "spacing_x": 0.7999954223632812,
  "spacing_y": 0.80078125,
  "spacing_z": 0.80078125,
  "summary_bg_k": 9.326687685490977,
  "summary_bg_mad": 5.978562898721033,
  "summary_bg_mean": 7.743740703066756,
  "summary_bg_median": 4.0324793960899115,
  "summary_bg_n": 5020049.0,
  "summary_bg_p05": 0.0,
  "summary_bg_p95": 31.025402700528502,
  "summary_bg_stdv": 11.444980146284305,
  "summary_csf_k": 0.16695014393977337,
  "summary_csf_mad": 132.99252162461073,
  "summary_csf_mean": 312.0818639603741,
  "summary_csf_median": 304.3013193253428,
  "summary_csf_n": 65850.0,
  "summary_csf_p05": 95.96889485204593,
  "summary_csf_p95": 545.7988294440321,
  "summary_csf_stdv": 135.3021127910495,
  "summary_gm_k": 0.16865236703426456,
  "summary_gm_mad": 62.22585874179034,
  "summary_gm_mean": 735.511678516061,
  "summary_gm_median": 735.8863420374691,
  "summary_gm_n": 70444.0,
  "summary_gm_p05": 629.893855543714,
  "summary_gm_p95": 838.7282825540751,
  "summary_gm_stdv": 63.41746757485712,
  "summary_wm_k": 0.4506332995643012,
  "summary_wm_mad": 55.31187443714697,
  "summary_wm_mean": 999.4576628136043,
  "summary_wm_median": 1000.0274583976716,
  "summary_wm_n": 439183.0,
  "summary_wm_p05": 905.4973631668836,
  "summary_wm_p95": 1095.2433494441211,
  "summary_wm_stdv": 57.86959531861526,
  "tpm_overlap_csf": 0.14566162964395124,
  "tpm_overlap_gm": 0.44993336844582527,
  "tpm_overlap_wm": 0.5023825236513776,
  "wm2max": 0.7310738995287276
}