{
  "bids_meta": {
    "BodyPartExamined": "HEAD",
    "ConversionSoftware": "dcm2niix",
    "ConversionSoftwareVersion": "v1.0.20170411 GCC4.4.7",
    "EchoTime": 0.00374,
    "FlipAngle": 8,
    "ImageType": [
      "ORIGINAL",
      "PRIMARY",
      "M",
      "ND",
      "NORM"
    ],
    "InversionTime": 1,
    "MagneticFieldStrength": 3,
    "Manufacturer": "Siemens",
    "ManufacturersModelName": "TrioTim",
    "PhaseEncodingDirection": "i-",
    "ProcedureStepDescription": "head_Dosenbach_MSC",
    "ProtocolName": "T1_.8x.8x.8_224Slices",
    "RepetitionTime": 2.4,
    "ScanningSequence": "GR_IR",
    "SequenceName": "_tfl3d1_ns",
    "SequenceVariant": "SP_MP_OSP",
    "SeriesDescription": "T1_.8x.8x.8_224Slices",
    "dataset": "ds000224",
    "modality": "T1w",
    "run_id": 2,
    "session_id": "struct01",
    "subject_id": "MSC04"
  },
  "cjv": 0.4463473250794654,
  "cnr": 3.0286933853328932,
  "efc": 0.5336438388088773,
  "fber": 14872.438265088385,
  "fwhm_avg": 3.915438190807132,
  "fwhm_x": 3.9938353529092003,
  "fwhm_y": 4.102056585365854,
  "fwhm_z": 3.6504226341463415,
  "icvs_csf": 0.1890543655872655,
  "icvs_gm": 0.4271498918529502,
  "icvs_wm": 0.3837957425597843,
  "inu_med": 0.5145972967147827,
  "inu_range": 0.24843723773956305,
  "provenance": {
    "md5sum": "c8aab9fea0c613f394e059df1eb0f6e0",
    "settings": {
      "testing": false
    },
    "software": "mriqc",
    "version": "22.0.6",
    "warnings": {
      "large_rot_frame": true,
      "small_air_mask": false
    },
    "webapi_port": null,
    "webapi_url": "https://mriqc.nimh.nih.gov/api/v1"
  },
  "qi_1": 0.0,
  "qi_2": 0.005101546269144568,
  "rpve_csf": 19.639039878285313,
  "rpve_gm": 8.99253306211841,
  "rpve_wm": 11.194619076642367,
  "size_x": 224,
  "size_y": 256,
  "size_z": 256,
  "snr_csf": 2.2783279814069055,
  "snr_gm": 11.699344902050576,
  "snr_total": 10.452069645334918,
  "snr_wm": 17.378536052547272,
  "snrd_csf": 33.15546329197154,
  "snrd_gm": 79.39920964270847,
  "snrd_total": 73.3373380365323,
  "snrd_wm": 107.4573411749169,
  "spacing_x": 0.7999954223632812,
  "spacing_y": 0.80078125,
  "spacing_z": 0.80078125,
  "summary_bg_k": 8.423332082705205,
  "summary_bg_mad": 6.0968730651285625,
  "summary_bg_mean": 7.937747061394182,
  "summary_bg_median": 4.112278390675783,
  "summary_bg_n": 4938533.0,
  "summary_bg_p05": 0.0,
  "summary_bg_p95": 31.412500739097595,
  "summary_bg_stdv": 11.519638321767045,
  "summary_csf_k": 0.2372500910390678,
  "summary_csf_mad": 131.22044222754118,
  "summary_csf_mean": 315.6160044701982,
  "summary_csf_median": 308.55353344231844,
  "summary_csf_n": 66565.0,
  "summary_csf_p05": 98.06324766203763,
  "summary_csf_p95": 549.7134567685424,
  "summary_csf_stdv": 135.42879614598175,
  "summary_gm_k": 0.15619992736032673,
  "summary_gm_mad": 61.63741995520295,
  "summary_gm_mean": 738.5997696016816,
  "summary_gm_median": 738.9100997336209,
  "summary_gm_n": 73968.0,
  "summary_gm_p05": 633.582711275667,
  "summary_gm_p95": 841.902775298804,
  "summary_gm_stdv": 63.157818758852784,
  "summary_wm_k": 0.5167155942485904,
  "summary_wm_mad": 54.911192251093375,
  "summary_wm_mean": 999.4911075991903,
  "summary_wm_median": 1000.0265121273696,
  "summary_wm_n": 440095.0,
  "summary_wm_p05": 906.3992189615965,
  "summary_wm_p95": 1094.502791799605,
  "summary_wm_stdv": 57.54370638323622,
  "tpm_overlap_csf": 0.14157429793059276,
  "tpm_overlap_gm": 0.448459537060975,
  "tpm_overlap_wm": 0.5028936525301465,
  "wm2max": 0.7411128588281557
}