{
  "bids_meta": {
    "BodyPartExamined": "HEAD",
    "ConversionSoftware": "dcm2niix",
    "ConversionSoftwareVersion": "v1.0.20170411 GCC4.4.7",
    "EchoTime": 0.479,
    "FlipAngle": 120,
    "ImageType": [
      "ORIGINAL",
      "PRIMARY",
      "M",
      "ND",
      "NORM"
    ],
    "MagneticFieldStrength": 3,
    "Manufacturer": "Siemens",
    "ManufacturersModelName": "TrioTim",
    "PhaseEncodingDirection": "i-",
    "ProcedureStepDescription": "head_Dosenbach_MSC",
    "ProtocolName": "T2_.8x.8x.8_224Slices",
    "RepetitionTime": 3.2,
    "ScanningSequence": "SE",
    "SequenceName": "_spc3d1_282ns",
    "SequenceVariant": "SK_SP",
    "SeriesDescription": "T2_.8x.8x.8_224Slices",
    "dataset": "ds000224",
    "modality": "T2w",
    "run_id": 2,
    "session_id": "struct01",
    "subject_id": "MSC04"
  },
  "cjv": 0.27217221213828835,
  "cnr": 2.3509683436363655,
  "efc": 0.5092764681743344,
  "fber": 8236.714190007473,
  "fwhm_avg": 2.271978930016808,
  "fwhm_x": 2.142800399806522,
  "fwhm_y": 2.511959414634146,
  "fwhm_z": 2.161176975609756,
  "icvs_csf": 0.34140802387832414,
  "icvs_gm": 0.5273889265264866,
  "icvs_wm": 0.13120304959518922,
  "inu_med": 0.9712388217449188,
  "inu_range": 0.3438241988420486,
  "provenance": {
    "md5sum": "7d3ae8b75460fef60dff5ac95a00d85f",
    "settings": {
      "testing": false
    },
    "software": "mriqc",
    "version": "22.0.6",
    "warnings": {
      "large_rot_frame": true,
      "small_air_mask": false
    },
    "webapi_port": null,
    "webapi_url": "https://mriqc.nimh.nih.gov/api/v1"
  },
  "qi_1": 1.2854213932682481e-06,
  "qi_2": 0.018397386233012774,
  "rpve_csf": 10.317464011865109,
  "rpve_gm": 7.747134721734374,
  "rpve_wm": 34.16160087315266,
  "size_x": 224,
  "size_y": 256,
  "size_z": 256,
  "snr_csf": 8.365309214649685,
  "snr_gm": 7.411198218641674,
  "snr_total": 6.5752531693102085,
  "snr_wm": 3.949252074639267,
  "snrd_csf": 71.87539157544545,
  "snrd_gm": 44.178178500052475,
  "snrd_total": 76.28916935425728,
  "snrd_wm": 112.81393798727392,
  "spacing_x": 0.7999951839447021,
  "spacing_y": 0.80078125,
  "spacing_z": 0.80078125,
  "summary_bg_k": 33.71482994976931,
  "summary_bg_mad": 5.806839205407706,
  "summary_bg_mean": 5.522844980496547,
  "summary_bg_median": 3.916653525084257,
  "summary_bg_n": 5130019.0,
  "summary_bg_p05": 0.0,
  "summary_bg_p95": 18.755175165832043,
  "summary_bg_stdv": 8.00776980965175,
  "summary_csf_k": 0.6117941241256122,
  "summary_csf_mad": 72.76799072833771,
  "summary_csf_mean": 640.0601611093706,
  "summary_csf_median": 637.0716719515622,
  "summary_csf_n": 72315.0,
  "summary_csf_p05": 522.033962700516,
  "summary_csf_p95": 769.4836562398822,
  "summary_csf_stdv": 76.15585398600767,
  "summary_gm_k": 0.15459997611893606,
  "summary_gm_mad": 51.89655152718658,
  "summary_gm_mean": 392.4359375347808,
  "summary_gm_median": 391.57582899928093,
  "summary_gm_n": 376725.0,
  "summary_gm_p05": 307.04325548931956,
  "summary_gm_p95": 480.67410147562623,
  "summary_gm_stdv": 52.83562761869655,
  "summary_wm_k": 4.2125500553848205,
  "summary_wm_mad": 113.68132067272457,
  "summary_wm_mean": 926.628128298255,
  "summary_wm_median": 999.9328353926539,
  "summary_wm_n": 26165.0,
  "summary_wm_p05": 242.3356630794704,
  "summary_wm_p95": 1143.6359722718596,
  "summary_wm_stdv": 253.19065688848747,
  "tpm_overlap_csf": 0.11052445073765389,
  "tpm_overlap_gm": 0.32469624299880584,
  "tpm_overlap_wm": 0.030456026712766166,
  "wm2max": 0.8692048792825042
}