{
  "aor": 0.001891138310893513,
  "aqi": 0.02364199230110159,
  "bids_meta": {
    "BodyPartExamined": "HEAD",
    "CogAtlasID": "http://www.cognitiveatlas.org/term/id/trm_4c8a834779883",
    "ConversionSoftware": "dcm2niix",
    "ConversionSoftwareVersion": "v1.0.20170411 GCC4.4.7",
    "EchoTime": 0.027,
    "EffectiveEchoSpacing": 0.000590001,
    "FlipAngle": 90,
    "ImageType": [
      "ORIGINAL",
      "PRIMARY",
      "M",
      "ND",
      "NORM",
      "MOSAIC"
    ],
    "Instructions": "During this first scan, a plus sign will be presented on the screen.  All you need to do is simply relax and look at the plus sign. Please keep your eyes open the entire time, and be as still as possible. It's extremely important that you stay awake for the entire duration of this scan. This scan will last ~30 minutes.",
    "MagneticFieldStrength": 3,
    "Manufacturer": "Siemens",
    "ManufacturersModelName": "TrioTim",
    "PhaseEncodingDirection": "j-",
    "ProcedureStepDescription": "head_Dosenbach_MSC",
    "ProtocolName": "RSFC_818Frames_36Slices_TR2.2",
    "RepetitionTime": 2.2,
    "ScanningSequence": "EP",
    "SequenceName": "_epfid2d1_64",
    "SequenceVariant": "SK",
    "SeriesDescription": "RSFC_818Frames_36Slices_TR2.2",
    "SliceTiming": [
      1.105,
      0,
      1.165,
      0.06,
      1.2275,
      0.1225,
      1.2875,
      0.185,
      1.35,
      0.245,
      1.41,
      0.3075,
      1.4725,
      0.3675,
      1.5325,
      0.43,
      1.595,
      0.49,
      1.655,
      0.5525,
      1.7175,
      0.6125,
      1.78,
      0.675,
      1.84,
      0.735,
      1.9025,
      0.7975,
      1.9625,
      0.8575,
      2.025,
      0.92,
      2.085,
      0.9825,
      2.1475,
      1.0425
    ],
    "SoftwareVersion": "syngo MR B17",
    "TaskName": "rest",
    "dataset": "ds000224",
    "modality": "bold",
    "session_id": "func02",
    "subject_id": "MSC10",
    "task_id": "rest"
  },
  "dummy_trs": 1,
  "dvars_nstd": 24.643892573296554,
  "dvars_std": 1.170891909424019,
  "dvars_vstd": 0.9467495146323526,
  "efc": 0.4236895616315021,
  "fber": 25010.63671875,
  "fd_mean": 0.390868439015918,
  "fd_num": 592,
  "fd_perc": 72.46022031823746,
  "fwhm_avg": 1.7294601659401254,
  "fwhm_x": 1.590405,
  "fwhm_y": 1.9275675,
  "fwhm_z": 1.6704079978203767,
  "gcor": 0.0187002,
  "gsr_x": -0.019518913701176643,
  "gsr_y": 0.016332224011421204,
  "provenance": {
    "md5sum": "2681ed48c03f66620decf8619625ba42",
    "settings": {
      "fd_thres": 0.2,
      "testing": false
    },
    "software": "mriqc",
    "version": "22.0.6",
    "webapi_port": null,
    "webapi_url": "https://mriqc.nimh.nih.gov/api/v1"
  },
  "size_t": 817,
  "size_x": 64,
  "size_y": 64,
  "size_z": 36,
  "snr": 7.226571209940581,
  "spacing_tr": 2.200000047683716,
  "spacing_x": 4.0,
  "spacing_y": 4.0,
  "spacing_z": 3.9999988079071045,
  "summary_bg_k": 27.612269882737355,
  "summary_bg_mad": 3.4533561336528216,
  "summary_bg_mean": 19.9892578125,
  "summary_bg_median": 4.080783367156982,
  "summary_bg_n": 100281.0,
  "summary_bg_p05": 1.3206855058670044,
  "summary_bg_p95": 107.58506774902344,
  "summary_bg_stdv": 45.87800598144531,
  "summary_fg_k": 2.1760048363547195,
  "summary_fg_mad": 80.51243114446956,
  "summary_fg_mean": 654.6031494140625,
  "summary_fg_median": 649.0318603515625,
  "summary_fg_n": 17773.0,
  "summary_fg_p05": 520.3552124023438,
  "summary_fg_p95": 802.0994140624996,
  "summary_fg_stdv": 89.80934143066406,
  "tsnr": 38.796687362366356
}