{
  "aor": 0.002046826923076923,
  "aqi": 0.005202981346153847,
  "bids_meta": {
    "BodyPartExamined": "HEAD",
    "CogAtlasID": "http://www.cognitiveatlas.org/term/id/trm_550b53d7dd674",
    "ConversionSoftware": "dcm2niix",
    "ConversionSoftwareVersion": "v1.0.20170411 GCC4.4.7",
    "EchoTime": 0.027,
    "EffectiveEchoSpacing": 0.000590001,
    "FlipAngle": 90,
    "ImageType": [
      "ORIGINAL",
      "PRIMARY",
      "M",
      "ND",
      "NORM",
      "MOSAIC"
    ],
    "Instructions": "In this next scan you'll be prompted to move your hands, feet, or tongue. You'll only move one of these at once. Instructions are presented on the screen. Let?s review them now. [Read on-screen instructions to participant.] Do you have any questions?",
    "MagneticFieldStrength": 3,
    "Manufacturer": "Siemens",
    "ManufacturersModelName": "TrioTim",
    "PhaseEncodingDirection": "j-",
    "ProcedureStepDescription": "head_Dosenbach_MSC",
    "ProtocolName": "Motor_104Frames_36Slices_TR2.2",
    "RepetitionTime": 2.2,
    "ScanningSequence": "EP",
    "SequenceName": "_epfid2d1_64",
    "SequenceVariant": "SK",
    "SeriesDescription": "Motor_104Frames_36Slices_TR2.2",
    "SliceTiming": [
      1.105,
      0,
      1.1675,
      0.0625,
      1.2275,
      0.1225,
      1.29,
      0.185,
      1.35,
      0.245,
      1.4125,
      0.3075,
      1.4725,
      0.37,
      1.535,
      0.43,
      1.595,
      0.4925,
      1.6575,
      0.5525,
      1.7175,
      0.615,
      1.78,
      0.675,
      1.84,
      0.7375,
      1.9025,
      0.7975,
      1.965,
      0.86,
      2.025,
      0.92,
      2.0875,
      0.9825,
      2.1475,
      1.0425
    ],
    "SoftwareVersion": "syngo MR B17",
    "TaskName": "motor",
    "dataset": "ds000224",
    "modality": "bold",
    "run_id": 2,
    "session_id": "func05",
    "subject_id": "MSC10",
    "task_id": "motor"
  },
  "dummy_trs": 0,
  "dvars_nstd": 21.54707263281553,
  "dvars_std": 1.3330618784466015,
  "dvars_vstd": 1.0062697691262132,
  "efc": 0.4246783376483424,
  "fber": 28900.001953125,
  "fd_mean": 0.18723051955272624,
  "fd_num": 39,
  "fd_perc": 37.5,
  "fwhm_avg": 1.6757958333333332,
  "fwhm_x": 1.552255,
  "fwhm_y": 1.85265,
  "fwhm_z": 1.6224825,
  "gcor": 0.0556764,
  "gsr_x": -0.022988229990005493,
  "gsr_y": 0.016712835058569908,
  "provenance": {
    "md5sum": "cf8a2dc6a30f703d0e218fbaa8de747b",
    "settings": {
      "fd_thres": 0.2,
      "testing": false
    },
    "software": "mriqc",
    "version": "22.0.6",
    "webapi_port": null,
    "webapi_url": "https://mriqc.nimh.nih.gov/api/v1"
  },
  "size_t": 104,
  "size_x": 64,
  "size_y": 64,
  "size_z": 36,
  "snr": 7.314212849967052,
  "spacing_tr": 2.200000047683716,
  "spacing_x": 4.0,
  "spacing_y": 4.0,
  "spacing_z": 4.0,
  "summary_bg_k": 26.150380472087747,
  "summary_bg_mad": 2.9224372556588807,
  "summary_bg_mean": 22.1273136138916,
  "summary_bg_median": 4.04807710647583,
  "summary_bg_n": 100413.0,
  "summary_bg_p05": 1.6826924085617065,
  "summary_bg_p95": 123.91346740722656,
  "summary_bg_stdv": 51.03597640991211,
  "summary_fg_k": 1.8178560009409441,
  "summary_fg_mad": 87.50203551212039,
  "summary_fg_mean": 702.6181030273438,
  "summary_fg_median": 696.8365478515625,
  "summary_fg_n": 17671.0,
  "summary_fg_p05": 560.1827087402344,
  "summary_fg_p95": 854.923095703125,
  "summary_fg_stdv": 95.26887512207031,
  "tsnr": 89.22012326400727
}