{
  "aor": 0.0018732190942472463,
  "aqi": 0.017805167050183597,
  "bids_meta": {
    "BodyPartExamined": "HEAD",
    "CogAtlasID": "http://www.cognitiveatlas.org/term/id/trm_4c8a834779883",
    "ConversionSoftware": "dcm2niix",
    "ConversionSoftwareVersion": "v1.0.20170411 GCC4.4.7",
    "EchoTime": 0.027,
    "EffectiveEchoSpacing": 0.000590001,
    "FlipAngle": 90,
    "ImageType": [
      "ORIGINAL",
      "PRIMARY",
      "M",
      "ND",
      "NORM",
      "MOSAIC"
    ],
    "Instructions": "During this first scan, a plus sign will be presented on the screen.  All you need to do is simply relax and look at the plus sign. Please keep your eyes open the entire time, and be as still as possible. It's extremely important that you stay awake for the entire duration of this scan. This scan will last ~30 minutes.",
    "MagneticFieldStrength": 3,
    "Manufacturer": "Siemens",
    "ManufacturersModelName": "TrioTim",
    "PhaseEncodingDirection": "j-",
    "ProcedureStepDescription": "head_Dosenbach_MSC",
    "ProtocolName": "RSFC_818Frames_36Slices_TR2.2",
    "RepetitionTime": 2.2,
    "ScanningSequence": "EP",
    "SequenceName": "_epfid2d1_64",
    "SequenceVariant": "SK",
    "SeriesDescription": "RSFC_818Frames_36Slices_TR2.2",
    "SliceTiming": [
      1.105,
      0,
      1.165,
      0.06,
      1.2275,
      0.1225,
      1.2875,
      0.185,
      1.35,
      0.245,
      1.41,
      0.3075,
      1.4725,
      0.3675,
      1.5325,
      0.43,
      1.595,
      0.49,
      1.655,
      0.5525,
      1.7175,
      0.6125,
      1.78,
      0.675,
      1.84,
      0.735,
      1.9025,
      0.7975,
      1.9625,
      0.8575,
      2.025,
      0.92,
      2.085,
      0.9825,
      2.1475,
      1.0425
    ],
    "SoftwareVersion": "syngo MR B17",
    "TaskName": "rest",
    "dataset": "ds000224",
    "modality": "bold",
    "session_id": "func05",
    "subject_id": "MSC10",
    "task_id": "rest"
  },
  "dummy_trs": 1,
  "dvars_nstd": 26.560621982610268,
  "dvars_std": 1.3582508641421571,
  "dvars_vstd": 0.9446511956127455,
  "efc": 0.42514620194978964,
  "fber": 26583.759765625,
  "fd_mean": 0.21530306492762735,
  "fd_num": 373,
  "fd_perc": 45.65483476132191,
  "fwhm_avg": 1.7143583333333334,
  "fwhm_x": 1.572545,
  "fwhm_y": 1.8948625,
  "fwhm_z": 1.6756675,
  "gcor": 0.0241885,
  "gsr_x": -0.022835712879896164,
  "gsr_y": 0.017919939011335373,
  "provenance": {
    "md5sum": "d1ce13830987020b337da2b102d76f8e",
    "settings": {
      "fd_thres": 0.2,
      "testing": false
    },
    "software": "mriqc",
    "version": "22.0.6",
    "webapi_port": null,
    "webapi_url": "https://mriqc.nimh.nih.gov/api/v1"
  },
  "size_t": 817,
  "size_x": 64,
  "size_y": 64,
  "size_z": 36,
  "snr": 7.347583170553046,
  "spacing_tr": 2.200000047683716,
  "spacing_x": 4.0,
  "spacing_y": 4.0,
  "spacing_z": 4.0,
  "summary_bg_k": 25.950089995581425,
  "summary_bg_mad": 3.5640524338376776,
  "summary_bg_mean": 21.66658592224121,
  "summary_bg_median": 4.210526466369629,
  "summary_bg_n": 100248.0,
  "summary_bg_p05": 1.3676254510879522,
  "summary_bg_p95": 119.77711448669429,
  "summary_bg_stdv": 49.240318298339844,
  "summary_fg_k": 1.7311644888581528,
  "summary_fg_mad": 86.86018385587892,
  "summary_fg_mean": 700.8096313476562,
  "summary_fg_median": 695.8408813476562,
  "summary_fg_n": 17733.0,
  "summary_fg_p05": 559.701611328125,
  "summary_fg_p95": 854.5304687499998,
  "summary_fg_stdv": 94.70069885253906,
  "tsnr": 49.73970260191709
}