{
  "aor": 0.0030678640776699026,
  "aqi": 0.00612653844660194,
  "bids_meta": {
    "BodyPartExamined": "HEAD",
    "CogAtlasID": "http://www.cognitiveatlas.org/term/id/trm_550b53d7dd674",
    "ConversionSoftware": "dcm2niix",
    "ConversionSoftwareVersion": "v1.0.20170411 GCC4.4.7",
    "EchoTime": 0.027,
    "EffectiveEchoSpacing": 0.000590001,
    "FlipAngle": 90,
    "ImageType": [
      "ORIGINAL",
      "PRIMARY",
      "M",
      "ND",
      "NORM",
      "MOSAIC"
    ],
    "Instructions": "In this next scan you'll be prompted to move your hands, feet, or tongue. You'll only move one of these at once. Instructions are presented on the screen. Let?s review them now. [Read on-screen instructions to participant.] Do you have any questions?",
    "MagneticFieldStrength": 3,
    "Manufacturer": "Siemens",
    "ManufacturersModelName": "TrioTim",
    "PhaseEncodingDirection": "j-",
    "ProcedureStepDescription": "head_Dosenbach_MSC",
    "ProtocolName": "Motor_104Frames_36Slices_TR2.2",
    "RepetitionTime": 2.2,
    "ScanningSequence": "EP",
    "SequenceName": "_epfid2d1_64",
    "SequenceVariant": "SK",
    "SeriesDescription": "Motor_104Frames_36Slices_TR2.2",
    "SliceTiming": [
      1.105,
      0,
      1.1675,
      0.0625,
      1.2275,
      0.1225,
      1.29,
      0.185,
      1.35,
      0.245,
      1.4125,
      0.3075,
      1.4725,
      0.37,
      1.535,
      0.43,
      1.595,
      0.4925,
      1.6575,
      0.5525,
      1.7175,
      0.615,
      1.78,
      0.675,
      1.84,
      0.7375,
      1.9025,
      0.7975,
      1.965,
      0.86,
      2.025,
      0.92,
      2.0875,
      0.9825,
      2.1475,
      1.0425
    ],
    "SoftwareVersion": "syngo MR B17",
    "TaskName": "motor",
    "dataset": "ds000224",
    "modality": "bold",
    "run_id": 1,
    "session_id": "func05",
    "subject_id": "MSC10",
    "task_id": "motor"
  },
  "dummy_trs": 1,
  "dvars_nstd": 27.145499098235295,
  "dvars_std": 1.5188792349019606,
  "dvars_vstd": 1.035325527647059,
  "efc": 0.42498756721090547,
  "fber": 29220.984375,
  "fd_mean": 0.1852265100693716,
  "fd_num": 33,
  "fd_perc": 32.03883495145631,
  "fwhm_avg": 1.6892591666666668,
  "fwhm_x": 1.55403,
  "fwhm_y": 1.8483875,
  "fwhm_z": 1.66536,
  "gcor": 0.0365591,
  "gsr_x": -0.023511197417974472,
  "gsr_y": 0.017695030197501183,
  "provenance": {
    "md5sum": "93e89039629e2555c3e3482f4c40455e",
    "settings": {
      "fd_thres": 0.2,
      "testing": false
    },
    "software": "mriqc",
    "version": "22.0.6",
    "webapi_port": null,
    "webapi_url": "https://mriqc.nimh.nih.gov/api/v1"
  },
  "size_t": 103,
  "size_x": 64,
  "size_y": 64,
  "size_z": 36,
  "snr": 7.378285479824865,
  "spacing_tr": 2.200000047683716,
  "spacing_x": 4.0,
  "spacing_y": 4.0,
  "spacing_z": 4.0,
  "summary_bg_k": 25.227384690703996,
  "summary_bg_mad": 2.792474002524745,
  "summary_bg_mean": 21.893749237060547,
  "summary_bg_median": 4.0,
  "summary_bg_n": 100327.0,
  "summary_bg_p05": 1.708737850189209,
  "summary_bg_p95": 122.18835067749018,
  "summary_bg_stdv": 49.984859466552734,
  "summary_fg_k": 1.7364762666744822,
  "summary_fg_mad": 85.74624139312233,
  "summary_fg_mean": 697.9818115234375,
  "summary_fg_median": 692.2815551757812,
  "summary_fg_n": 17686.0,
  "summary_fg_p05": 557.9369201660156,
  "summary_fg_p95": 849.8592224121094,
  "summary_fg_stdv": 93.82423400878906,
  "tsnr": 85.12746302317828
}