{
  "aor": 0.0010968948655256724,
  "aqi": 0.0373318369193154,
  "bids_meta": {
    "BodyPartExamined": "HEAD",
    "CogAtlasID": "http://www.cognitiveatlas.org/term/id/trm_4c8a834779883",
    "ConversionSoftware": "dcm2niix",
    "ConversionSoftwareVersion": "v1.0.20170411 GCC4.4.7",
    "EchoTime": 0.027,
    "EffectiveEchoSpacing": 0.000590001,
    "FlipAngle": 90,
    "ImageType": [
      "ORIGINAL",
      "PRIMARY",
      "M",
      "ND",
      "NORM",
      "MOSAIC"
    ],
    "Instructions": "During this first scan, a plus sign will be presented on the screen.  All you need to do is simply relax and look at the plus sign. Please keep your eyes open the entire time, and be as still as possible. It's extremely important that you stay awake for the entire duration of this scan. This scan will last ~30 minutes.",
    "MagneticFieldStrength": 3,
    "Manufacturer": "Siemens",
    "ManufacturersModelName": "TrioTim",
    "PhaseEncodingDirection": "j-",
    "ProcedureStepDescription": "head_Dosenbach_MSC",
    "ProtocolName": "RSFC_818Frames_36Slices_TR2.2",
    "RepetitionTime": 2.2,
    "ScanningSequence": "EP",
    "SequenceName": "_epfid2d1_64",
    "SequenceVariant": "SK",
    "SeriesDescription": "RSFC_818Frames_36Slices_TR2.2",
    "SliceTiming": [
      1.105,
      0,
      1.165,
      0.06,
      1.2275,
      0.1225,
      1.2875,
      0.185,
      1.35,
      0.245,
      1.41,
      0.3075,
      1.4725,
      0.3675,
      1.5325,
      0.43,
      1.595,
      0.49,
      1.655,
      0.5525,
      1.7175,
      0.6125,
      1.78,
      0.675,
      1.84,
      0.735,
      1.9025,
      0.7975,
      1.9625,
      0.8575,
      2.025,
      0.92,
      2.085,
      0.9825,
      2.1475,
      1.0425
    ],
    "SoftwareVersion": "syngo MR B17",
    "TaskName": "rest",
    "dataset": "ds000224",
    "modality": "bold",
    "session_id": "func05",
    "subject_id": "MSC08",
    "task_id": "rest"
  },
  "dummy_trs": 0,
  "dvars_nstd": 27.096964107662245,
  "dvars_std": 0.991617343904528,
  "dvars_vstd": 0.8572974743084463,
  "efc": 0.3901290323955937,
  "fber": 31916.849609375,
  "fd_mean": 0.41938745886610257,
  "fd_num": 557,
  "fd_perc": 68.09290953545232,
  "fwhm_avg": 1.7163172703124883,
  "fwhm_x": 1.6123475,
  "fwhm_y": 1.859142610813535,
  "fwhm_z": 1.67746170012393,
  "gcor": 0.0312374,
  "gsr_x": -0.022013477981090546,
  "gsr_y": 0.010718041099607944,
  "provenance": {
    "md5sum": "e807635159d15a9f17517b84600638ee",
    "settings": {
      "fd_thres": 0.2,
      "testing": false
    },
    "software": "mriqc",
    "version": "22.0.6",
    "webapi_port": null,
    "webapi_url": "https://mriqc.nimh.nih.gov/api/v1"
  },
  "size_t": 818,
  "size_x": 64,
  "size_y": 64,
  "size_z": 36,
  "snr": 8.822719614728133,
  "spacing_tr": 2.200000047683716,
  "spacing_x": 4.0,
  "spacing_y": 3.999999761581421,
  "spacing_z": 4.000001907348633,
  "summary_bg_k": 54.93821076297293,
  "summary_bg_mad": 2.965204437011204,
  "summary_bg_mean": 15.30103588104248,
  "summary_bg_median": 3.315403461456299,
  "summary_bg_n": 104411.0,
  "summary_bg_p05": 0.976772665977478,
  "summary_bg_p95": 74.28728866577148,
  "summary_bg_stdv": 35.84320831298828,
  "summary_fg_k": 1.9375230466882023,
  "summary_fg_mad": 59.2714215404633,
  "summary_fg_mean": 581.811279296875,
  "summary_fg_median": 581.7799682617188,
  "summary_fg_n": 14963.0,
  "summary_fg_p05": 479.5574645996094,
  "summary_fg_p95": 686.6512451171875,
  "summary_fg_stdv": 65.93891143798828,
  "tsnr": 33.69613902177662
}