{
  "aor": 0.0024148076923076927,
  "aqi": 0.012141624807692307,
  "bids_meta": {
    "BodyPartExamined": "HEAD",
    "CogAtlasID": "http://www.cognitiveatlas.org/term/id/trm_550b53d7dd674",
    "ConversionSoftware": "dcm2niix",
    "ConversionSoftwareVersion": "v1.0.20170411 GCC4.4.7",
    "EchoTime": 0.027,
    "EffectiveEchoSpacing": 0.000590001,
    "FlipAngle": 90,
    "ImageType": [
      "ORIGINAL",
      "PRIMARY",
      "M",
      "ND",
      "NORM",
      "MOSAIC"
    ],
    "Instructions": "In this next scan you'll be prompted to move your hands, feet, or tongue. You'll only move one of these at once. Instructions are presented on the screen. Let?s review them now. [Read on-screen instructions to participant.] Do you have any questions?",
    "MagneticFieldStrength": 3,
    "Manufacturer": "Siemens",
    "ManufacturersModelName": "TrioTim",
    "PhaseEncodingDirection": "j-",
    "ProcedureStepDescription": "head_Dosenbach_MSC",
    "ProtocolName": "Motor_104Frames_36Slices_TR2.2",
    "RepetitionTime": 2.2,
    "ScanningSequence": "EP",
    "SequenceName": "_epfid2d1_64",
    "SequenceVariant": "SK",
    "SeriesDescription": "Motor_104Frames_36Slices_TR2.2",
    "SliceTiming": [
      1.105,
      0,
      1.1675,
      0.0625,
      1.2275,
      0.1225,
      1.29,
      0.185,
      1.35,
      0.245,
      1.4125,
      0.3075,
      1.4725,
      0.37,
      1.535,
      0.43,
      1.595,
      0.4925,
      1.6575,
      0.5525,
      1.7175,
      0.615,
      1.78,
      0.675,
      1.84,
      0.7375,
      1.9025,
      0.7975,
      1.965,
      0.86,
      2.025,
      0.92,
      2.0875,
      0.9825,
      2.1475,
      1.0425
    ],
    "SoftwareVersion": "syngo MR B17",
    "TaskName": "motor",
    "dataset": "ds000224",
    "modality": "bold",
    "run_id": 2,
    "session_id": "func05",
    "subject_id": "MSC08",
    "task_id": "motor"
  },
  "dummy_trs": 0,
  "dvars_nstd": 19.487068972330103,
  "dvars_std": 1.1575453207766984,
  "dvars_vstd": 0.9420249232038834,
  "efc": 0.3903914381330576,
  "fber": 35629.58984375,
  "fd_mean": 0.2615332741011904,
  "fd_num": 64,
  "fd_perc": 61.53846153846154,
  "fwhm_avg": 1.680608110266851,
  "fwhm_x": 1.58982,
  "fwhm_y": 1.8209701085382763,
  "fwhm_z": 1.6310342222622765,
  "gcor": 0.0220877,
  "gsr_x": -0.021910538896918297,
  "gsr_y": 0.009703069925308228,
  "provenance": {
    "md5sum": "58a1754525d698d9b32c93112206ea5f",
    "settings": {
      "fd_thres": 0.2,
      "testing": false
    },
    "software": "mriqc",
    "version": "22.0.6",
    "webapi_port": null,
    "webapi_url": "https://mriqc.nimh.nih.gov/api/v1"
  },
  "size_t": 104,
  "size_x": 64,
  "size_y": 64,
  "size_z": 36,
  "snr": 8.464024857601745,
  "spacing_tr": 2.200000047683716,
  "spacing_x": 4.0,
  "spacing_y": 3.999999761581421,
  "spacing_z": 4.000001907348633,
  "summary_bg_k": 51.69683600784676,
  "summary_bg_mad": 2.5945540591247607,
  "summary_bg_mean": 14.794488906860352,
  "summary_bg_median": 3.057692527770996,
  "summary_bg_n": 104396.0,
  "summary_bg_p05": 0.9903846383094788,
  "summary_bg_p95": 73.6490421295166,
  "summary_bg_stdv": 34.70462417602539,
  "summary_fg_k": 2.0216653700925127,
  "summary_fg_mad": 62.019809881555354,
  "summary_fg_mean": 578.0852661132812,
  "summary_fg_median": 577.173095703125,
  "summary_fg_n": 15060.0,
  "summary_fg_p05": 473.3336639404297,
  "summary_fg_p95": 686.6134674072265,
  "summary_fg_stdv": 68.1890640258789,
  "tsnr": 65.67913530394435
}