{
  "aor": 0.0016854807692307692,
  "aqi": 0.004069517307692307,
  "bids_meta": {
    "BodyPartExamined": "HEAD",
    "CogAtlasID": "http://www.cognitiveatlas.org/term/id/trm_550b53d7dd674",
    "ConversionSoftware": "dcm2niix",
    "ConversionSoftwareVersion": "v1.0.20170411 GCC4.4.7",
    "EchoTime": 0.027,
    "EffectiveEchoSpacing": 0.000590001,
    "FlipAngle": 90,
    "ImageType": [
      "ORIGINAL",
      "PRIMARY",
      "M",
      "ND",
      "NORM",
      "MOSAIC"
    ],
    "Instructions": "In this next scan you'll be prompted to move your hands, feet, or tongue. You'll only move one of these at once. Instructions are presented on the screen. Let?s review them now. [Read on-screen instructions to participant.] Do you have any questions?",
    "MagneticFieldStrength": 3,
    "Manufacturer": "Siemens",
    "ManufacturersModelName": "TrioTim",
    "PhaseEncodingDirection": "j-",
    "ProcedureStepDescription": "head_Dosenbach_MSC",
    "ProtocolName": "Motor_104Frames_36Slices_TR2.2",
    "RepetitionTime": 2.2,
    "ScanningSequence": "EP",
    "SequenceName": "_epfid2d1_64",
    "SequenceVariant": "SK",
    "SeriesDescription": "Motor_104Frames_36Slices_TR2.2",
    "SliceTiming": [
      1.105,
      0,
      1.1675,
      0.0625,
      1.2275,
      0.1225,
      1.29,
      0.185,
      1.35,
      0.245,
      1.4125,
      0.3075,
      1.4725,
      0.37,
      1.535,
      0.43,
      1.595,
      0.4925,
      1.6575,
      0.5525,
      1.7175,
      0.615,
      1.78,
      0.675,
      1.84,
      0.7375,
      1.9025,
      0.7975,
      1.965,
      0.86,
      2.025,
      0.92,
      2.0875,
      0.9825,
      2.1475,
      1.0425
    ],
    "SoftwareVersion": "syngo MR B17",
    "TaskName": "motor",
    "dataset": "ds000224",
    "modality": "bold",
    "run_id": 2,
    "session_id": "func04",
    "subject_id": "MSC05",
    "task_id": "motor"
  },
  "dummy_trs": 0,
  "dvars_nstd": 15.692028128543695,
  "dvars_std": 1.2659189492233012,
  "dvars_vstd": 0.9860051706796117,
  "efc": 0.4176899418513257,
  "fber": 34620.48828125,
  "fd_mean": 0.11129882844353065,
  "fd_num": 2,
  "fd_perc": 1.9230769230769231,
  "fwhm_avg": 1.641027373292675,
  "fwhm_x": 1.5099625,
  "fwhm_y": 1.8187725,
  "fwhm_z": 1.594347119878025,
  "gcor": 0.0276512,
  "gsr_x": -0.022376546636223793,
  "gsr_y": 0.015051664784550667,
  "provenance": {
    "md5sum": "5b66267265981ebf99a0b063971f096f",
    "settings": {
      "fd_thres": 0.2,
      "testing": false
    },
    "software": "mriqc",
    "version": "22.0.6",
    "webapi_port": null,
    "webapi_url": "https://mriqc.nimh.nih.gov/api/v1"
  },
  "size_t": 104,
  "size_x": 64,
  "size_y": 64,
  "size_z": 36,
  "snr": 8.36786052865637,
  "spacing_tr": 2.200000047683716,
  "spacing_x": 4.0,
  "spacing_y": 4.0,
  "spacing_z": 4.000000953674316,
  "summary_bg_k": 31.918591913540062,
  "summary_bg_mad": 2.8796698975666004,
  "summary_bg_mean": 20.79515838623047,
  "summary_bg_median": 3.807692527770996,
  "summary_bg_n": 100921.0,
  "summary_bg_p05": 1.4134615659713745,
  "summary_bg_p95": 101.64423370361328,
  "summary_bg_stdv": 49.39207458496094,
  "summary_fg_k": 3.726881080811828,
  "summary_fg_mad": 76.94564348305495,
  "summary_fg_mean": 720.4696044921875,
  "summary_fg_median": 718.985595703125,
  "summary_fg_n": 17644.0,
  "summary_fg_p05": 595.5048370361328,
  "summary_fg_p95": 853.0875396728514,
  "summary_fg_stdv": 85.91983795166016,
  "tsnr": 109.99688937701285
}