{
  "bids_meta": {
    "BodyPartExamined": "HEAD",
    "ConversionSoftware": "dcm2niix",
    "ConversionSoftwareVersion": "v1.0.20170411 GCC4.4.7",
    "EchoTime": 0.00374,
    "FlipAngle": 8,
    "ImageType": [
      "ORIGINAL",
      "PRIMARY",
      "M",
      "ND",
      "NORM"
    ],
    "InversionTime": 1,
    "MagneticFieldStrength": 3,
    "Manufacturer": "Siemens",
    "ManufacturersModelName": "TrioTim",
    "PhaseEncodingDirection": "i-",
    "ProcedureStepDescription": "head_Dosenbach_MSC",
    "ProtocolName": "T1_.8x.8x.8_224Slices",
    "RepetitionTime": 2.4,
    "ScanningSequence": "GR_IR",
    "SequenceName": "_tfl3d1_ns",
    "SequenceVariant": "SP_MP_OSP",
    "SeriesDescription": "T1_.8x.8x.8_224Slices",
    "dataset": "ds000224",
    "modality": "T1w",
    "run_id": 1,
    "session_id": "struct02",
    "subject_id": "MSC09"
  },
  "cjv": 0.5136380818293573,
  "cnr": 2.6490908405364912,
  "efc": 0.6734691206996287,
  "fber": 3604.4585224489797,
  "fwhm_avg": 3.83196053223395,
  "fwhm_x": 3.9021723284091667,
  "fwhm_y": 4.016028097560976,
  "fwhm_z": 3.577681170731707,
  "icvs_csf": 0.16493205244864775,
  "icvs_gm": 0.4268820985141823,
  "icvs_wm": 0.4081858490371699,
  "inu_med": 0.6597324013710022,
  "inu_range": 0.41492125391960144,
  "provenance": {
    "md5sum": "136a2e1b0d20c7bfd6e08115fb2a4c59",
    "settings": {
      "testing": false
    },
    "software": "mriqc",
    "version": "22.0.6",
    "warnings": {
      "large_rot_frame": true,
      "small_air_mask": false
    },
    "webapi_port": null,
    "webapi_url": "https://mriqc.nimh.nih.gov/api/v1"
  },
  "qi_1": 0.0,
  "qi_2": 0.003201490976569665,
  "rpve_csf": 17.225152829115725,
  "rpve_gm": 7.063599176970938,
  "rpve_wm": 8.222516465313564,
  "size_x": 224,
  "size_y": 256,
  "size_z": 256,
  "snr_csf": 2.396240973744001,
  "snr_gm": 10.625626794315455,
  "snr_total": 9.194661678294896,
  "snr_wm": 14.562117266825233,
  "snrd_csf": 25.190115572979142,
  "snrd_gm": 61.28466776403819,
  "snrd_total": 56.553538770556486,
  "snrd_wm": 83.18583297465212,
  "spacing_x": 0.7999954223632812,
  "spacing_y": 0.80078125,
  "spacing_z": 0.80078125,
  "summary_bg_k": 9.558118286589634,
  "summary_bg_mad": 7.876106586368786,
  "summary_bg_mean": 11.995452622634087,
  "summary_bg_median": 5.312353163957596,
  "summary_bg_n": 2734919.0,
  "summary_bg_p05": 0.0,
  "summary_bg_p95": 49.39143542945385,
  "summary_bg_stdv": 18.827975701091354,
  "summary_csf_k": 1.5488485421482423,
  "summary_csf_mad": 107.8727509677345,
  "summary_csf_mean": 314.72833822634533,
  "summary_csf_median": 302.83775283396244,
  "summary_csf_n": 81156.0,
  "summary_csf_p05": 120.12474535778165,
  "summary_csf_p95": 539.203846141696,
  "summary_csf_stdv": 126.37956297840549,
  "summary_gm_k": 0.07045710682245332,
  "summary_gm_mad": 68.2429741565751,
  "summary_gm_mean": 736.5919508476562,
  "summary_gm_median": 736.7695878595114,
  "summary_gm_n": 109789.0,
  "summary_gm_p05": 621.8815450668335,
  "summary_gm_p95": 850.6825784891844,
  "summary_gm_stdv": 69.33861378014058,
  "summary_wm_k": 0.36631412982892275,
  "summary_wm_mad": 66.99675475999777,
  "summary_wm_mean": 1002.4789509497381,
  "summary_wm_median": 1000.0672943592072,
  "summary_wm_n": 603523.0,
  "summary_wm_p05": 893.9210985451937,
  "summary_wm_p95": 1117.8468711525202,
  "summary_wm_stdv": 68.67589702169059,
  "tpm_overlap_csf": 0.15737461324244173,
  "tpm_overlap_gm": 0.44714065728601,
  "tpm_overlap_wm": 0.504976363420803,
  "wm2max": 0.6444791124978333
}