{
  "bids_meta": {
    "BodyPartExamined": "HEAD",
    "ConversionSoftware": "dcm2niix",
    "ConversionSoftwareVersion": "v1.0.20170411 GCC4.4.7",
    "EchoTime": 0.479,
    "FlipAngle": 120,
    "ImageType": [
      "ORIGINAL",
      "PRIMARY",
      "M",
      "ND",
      "NORM"
    ],
    "MagneticFieldStrength": 3,
    "Manufacturer": "Siemens",
    "ManufacturersModelName": "TrioTim",
    "PhaseEncodingDirection": "i-",
    "ProcedureStepDescription": "head_Dosenbach_MSC",
    "ProtocolName": "T2_.8x.8x.8_224Slices",
    "RepetitionTime": 3.2,
    "ScanningSequence": "SE",
    "SequenceName": "_spc3d1_282ns",
    "SequenceVariant": "SK_SP",
    "SeriesDescription": "T2_.8x.8x.8_224Slices",
    "dataset": "ds000224",
    "modality": "T2w",
    "run_id": 2,
    "session_id": "struct02",
    "subject_id": "MSC09"
  },
  "cjv": 0.2989388945634359,
  "cnr": 2.1895466708563016,
  "efc": 0.6143480070758932,
  "fber": 4490.140497962879,
  "fwhm_avg": 2.5805125338946104,
  "fwhm_x": 2.430049601683831,
  "fwhm_y": 2.898719219512195,
  "fwhm_z": 2.412768780487805,
  "icvs_csf": 0.3521370397333196,
  "icvs_gm": 0.5183568291373131,
  "icvs_wm": 0.12950613112936735,
  "inu_med": 0.9619706869125366,
  "inu_range": 0.49564078450202953,
  "provenance": {
    "md5sum": "a58b12a28fbbb39f4f4a54f5130d4fca",
    "settings": {
      "testing": false
    },
    "software": "mriqc",
    "version": "22.0.6",
    "warnings": {
      "large_rot_frame": true,
      "small_air_mask": false
    },
    "webapi_port": null,
    "webapi_url": "https://mriqc.nimh.nih.gov/api/v1"
  },
  "qi_1": 0.0,
  "qi_2": 0.01593668265988203,
  "rpve_csf": 7.8060016786387765,
  "rpve_gm": 6.003046369721785,
  "rpve_wm": 25.91950933420273,
  "size_x": 224,
  "size_y": 256,
  "size_z": 256,
  "snr_csf": 8.594169252990747,
  "snr_gm": 7.172617999912529,
  "snr_total": 6.337924162542642,
  "snr_wm": 3.2469852347246486,
  "snrd_csf": 48.51561539615382,
  "snrd_gm": 30.83641068452725,
  "snrd_total": 58.72693612385211,
  "snrd_wm": 96.82878229087524,
  "spacing_x": 0.8000001311302185,
  "spacing_y": 0.80078125,
  "spacing_z": 0.80078125,
  "summary_bg_k": 11.346588253945548,
  "summary_bg_mad": 6.765722083974358,
  "summary_bg_mean": 6.077143028244175,
  "summary_bg_median": 4.563410198315978,
  "summary_bg_n": 3861218.0,
  "summary_bg_p05": 0.0,
  "summary_bg_p95": 22.716535348445177,
  "summary_bg_stdv": 8.255477584076703,
  "summary_csf_k": 0.6335082682205178,
  "summary_csf_mad": 55.6458287699565,
  "summary_csf_mean": 502.5299666615426,
  "summary_csf_median": 501.0302747692913,
  "summary_csf_n": 106980.0,
  "summary_csf_p05": 410.44557717628777,
  "summary_csf_p95": 599.7567394562066,
  "summary_csf_stdv": 58.298588067577946,
  "summary_gm_k": 0.11661038143910218,
  "summary_gm_mad": 43.81326635877668,
  "summary_gm_mean": 318.57317943928,
  "summary_gm_median": 318.4536605793983,
  "summary_gm_n": 444662.0,
  "summary_gm_p05": 245.78085059300065,
  "summary_gm_p95": 391.5486362669617,
  "summary_gm_stdv": 44.39847521476747,
  "summary_wm_k": 1.3910055569496835,
  "summary_wm_mad": 159.91842220953487,
  "summary_wm_mean": 867.0120629777637,
  "summary_wm_median": 999.9698241613805,
  "summary_wm_n": 49474.0,
  "summary_wm_p05": 94.01529649319127,
  "summary_wm_p95": 1133.354082601145,
  "summary_wm_stdv": 307.9655883256912,
  "tpm_overlap_csf": 0.10846419648754156,
  "tpm_overlap_gm": 0.32644346948636865,
  "tpm_overlap_wm": 0.03222105977796244,
  "wm2max": 0.8963007009387894
}