{
  "bids_meta": {
    "BodyPartExamined": "HEAD",
    "ConversionSoftware": "dcm2niix",
    "ConversionSoftwareVersion": "v1.0.20170411 GCC4.4.7",
    "EchoTime": 0.479,
    "FlipAngle": 120,
    "ImageType": [
      "ORIGINAL",
      "PRIMARY",
      "M",
      "ND",
      "NORM"
    ],
    "MagneticFieldStrength": 3,
    "Manufacturer": "Siemens",
    "ManufacturersModelName": "TrioTim",
    "PhaseEncodingDirection": "i-",
    "ProcedureStepDescription": "head_Dosenbach_MSC",
    "ProtocolName": "T2_.8x.8x.8_224Slices",
    "RepetitionTime": 3.2,
    "ScanningSequence": "SE",
    "SequenceName": "_spc3d1_282ns",
    "SequenceVariant": "SK_SP",
    "SeriesDescription": "T2_.8x.8x.8_224Slices",
    "dataset": "ds000224",
    "modality": "T2w",
    "run_id": 2,
    "session_id": "struct01",
    "subject_id": "MSC07"
  },
  "cjv": 0.25791376613944655,
  "cnr": 2.4553871016311737,
  "efc": 0.5501008921539425,
  "fber": 6103.71291194776,
  "fwhm_avg": 2.3671967156464695,
  "fwhm_x": 2.224140781085749,
  "fwhm_y": 2.624524487804878,
  "fwhm_z": 2.2529248780487805,
  "icvs_csf": 0.2784258628654706,
  "icvs_gm": 0.6056548139591269,
  "icvs_wm": 0.11591932317540252,
  "inu_med": 0.9387982785701752,
  "inu_range": 0.30992309749126434,
  "provenance": {
    "md5sum": "fe99c1500bf5dc02da0b77ad5e0e5502",
    "settings": {
      "testing": false
    },
    "software": "mriqc",
    "version": "22.0.6",
    "warnings": {
      "large_rot_frame": true,
      "small_air_mask": false
    },
    "webapi_port": null,
    "webapi_url": "https://mriqc.nimh.nih.gov/api/v1"
  },
  "qi_1": 0.0002406049470745882,
  "qi_2": 0.01097342645641332,
  "rpve_csf": 10.93303051682591,
  "rpve_gm": 6.55975239881893,
  "rpve_wm": 35.876048336741064,
  "size_x": 224,
  "size_y": 256,
  "size_z": 256,
  "snr_csf": 5.986224115439055,
  "snr_gm": 6.340495824653495,
  "snr_total": 5.410681013010309,
  "snr_wm": 3.9053230989383767,
  "snrd_csf": 62.77228244411671,
  "snrd_gm": 35.815166384941506,
  "snrd_total": 66.39421058533351,
  "snrd_wm": 100.59518292694231,
  "spacing_x": 0.7999988198280334,
  "spacing_y": 0.80078125,
  "spacing_z": 0.80078125,
  "summary_bg_k": 85.51961524991052,
  "summary_bg_mad": 6.511282077534167,
  "summary_bg_mean": 5.610061305965583,
  "summary_bg_median": 4.391793021932244,
  "summary_bg_n": 4257251.0,
  "summary_bg_p05": 0.0,
  "summary_bg_p95": 19.346411311998963,
  "summary_bg_stdv": 8.129831644019028,
  "summary_csf_k": 1.097877341699471,
  "summary_csf_mad": 88.35308911361747,
  "summary_csf_mean": 637.1816848354487,
  "summary_csf_median": 623.8823512848467,
  "summary_csf_n": 43613.0,
  "summary_csf_p05": 492.038472564891,
  "summary_csf_p95": 835.4316428489983,
  "summary_csf_stdv": 104.21848342652459,
  "summary_gm_k": 0.11218025472880733,
  "summary_gm_mad": 55.52954920481702,
  "summary_gm_mean": 357.9654544440544,
  "summary_gm_median": 355.9604549314827,
  "summary_gm_n": 554155.0,
  "summary_gm_p05": 269.1155631747097,
  "summary_gm_p95": 453.57087009586394,
  "summary_gm_stdv": 56.1407409769411,
  "summary_wm_k": 5.133732121560071,
  "summary_wm_mad": 110.52483936737484,
  "summary_wm_mean": 932.4936168329497,
  "summary_wm_median": 999.7973119467497,
  "summary_wm_n": 29328.0,
  "summary_wm_p05": 158.87142341723666,
  "summary_wm_p95": 1149.1700753280893,
  "summary_wm_stdv": 256.0044947304068,
  "tpm_overlap_csf": 0.12026736656897534,
  "tpm_overlap_gm": 0.37243138155160044,
  "tpm_overlap_wm": 0.031947004665081054,
  "wm2max": 0.8597102796498567
}