{
  "bids_meta": {
    "BodyPartExamined": "HEAD",
    "ConversionSoftware": "dcm2niix",
    "ConversionSoftwareVersion": "v1.0.20170411 GCC4.4.7",
    "EchoTime": 0.479,
    "FlipAngle": 120,
    "ImageType": [
      "ORIGINAL",
      "PRIMARY",
      "M",
      "ND",
      "NORM"
    ],
    "MagneticFieldStrength": 3,
    "Manufacturer": "Siemens",
    "ManufacturersModelName": "TrioTim",
    "PhaseEncodingDirection": "i-",
    "ProcedureStepDescription": "head_Dosenbach_MSC",
    "ProtocolName": "T2_.8x.8x.8_224Slices",
    "RepetitionTime": 3.2,
    "ScanningSequence": "SE",
    "SequenceName": "_spc3d1_282ns",
    "SequenceVariant": "SK_SP",
    "SeriesDescription": "T2_.8x.8x.8_224Slices",
    "dataset": "ds000224",
    "modality": "T2w",
    "run_id": 1,
    "session_id": "struct01",
    "subject_id": "MSC07"
  },
  "cjv": 0.28247169608999373,
  "cnr": 2.4784548948896163,
  "efc": 0.5468321945897837,
  "fber": 5948.074723066366,
  "fwhm_avg": 2.4057839784282797,
  "fwhm_x": 2.266286959675083,
  "fwhm_y": 2.658990829268293,
  "fwhm_z": 2.2920741463414633,
  "icvs_csf": 0.2826640288018076,
  "icvs_gm": 0.6031620292113448,
  "icvs_wm": 0.1141739419868476,
  "inu_med": 0.9452072978019714,
  "inu_range": 0.31547802686691284,
  "provenance": {
    "md5sum": "08acdc14cd68ba91e464c96a606e9c67",
    "settings": {
      "testing": false
    },
    "software": "mriqc",
    "version": "22.0.6",
    "warnings": {
      "large_rot_frame": true,
      "small_air_mask": false
    },
    "webapi_port": null,
    "webapi_url": "https://mriqc.nimh.nih.gov/api/v1"
  },
  "qi_1": 0.0,
  "qi_2": 0.015956724811768044,
  "rpve_csf": 10.817214270740743,
  "rpve_gm": 6.6124719105256,
  "rpve_wm": 36.77150227343444,
  "size_x": 224,
  "size_y": 256,
  "size_z": 256,
  "snr_csf": 6.190524032192449,
  "snr_gm": 6.501349191377076,
  "snr_total": 5.55327181725788,
  "snr_wm": 3.9679422282041137,
  "snrd_csf": 62.7828839870749,
  "snrd_gm": 35.912413621099326,
  "snrd_total": 66.1314228939331,
  "snrd_wm": 99.69897107362509,
  "spacing_x": 0.8000001907348633,
  "spacing_y": 0.80078125,
  "spacing_z": 0.80078125,
  "summary_bg_k": 36.44942635690046,
  "summary_bg_mad": 6.570778930249299,
  "summary_bg_mean": 5.297905340368203,
  "summary_bg_median": 4.431923039257526,
  "summary_bg_n": 4603649.0,
  "summary_bg_p05": 0.0,
  "summary_bg_p95": 18.930324539542198,
  "summary_bg_stdv": 7.445611462858965,
  "summary_csf_k": 0.7702402751491007,
  "summary_csf_mad": 90.40599352272653,
  "summary_csf_mean": 642.9433265912693,
  "summary_csf_median": 629.6894070953131,
  "summary_csf_n": 47192.0,
  "summary_csf_p05": 499.2928774729371,
  "summary_csf_p95": 830.6604136981068,
  "summary_csf_stdv": 101.71719424979784,
  "summary_gm_k": 0.07199749307961634,
  "summary_gm_mad": 55.240769599533046,
  "summary_gm_mean": 361.82378035150754,
  "summary_gm_median": 360.18839856237173,
  "summary_gm_n": 563389.0,
  "summary_gm_p05": 273.57659605145454,
  "summary_gm_p95": 455.32998260110617,
  "summary_gm_stdv": 55.40205091240148,
  "summary_wm_k": 5.4265109581496045,
  "summary_wm_mad": 125.47216047712229,
  "summary_wm_mean": 939.8957570799488,
  "summary_wm_median": 999.944284118712,
  "summary_wm_n": 28505.0,
  "summary_wm_p05": 177.41054739058018,
  "summary_wm_p95": 1168.8428667575122,
  "summary_wm_stdv": 252.00133637339403,
  "tpm_overlap_csf": 0.12056572047607772,
  "tpm_overlap_gm": 0.3720117933548701,
  "tpm_overlap_wm": 0.029630000262620186,
  "wm2max": 0.8483835005574136
}