{
  "aor": 0.001833728606356968,
  "aqi": 0.017174510061124696,
  "bids_meta": {
    "BodyPartExamined": "HEAD",
    "CogAtlasID": "http://www.cognitiveatlas.org/term/id/trm_4c8a834779883",
    "ConversionSoftware": "dcm2niix",
    "ConversionSoftwareVersion": "v1.0.20170411 GCC4.4.7",
    "EchoTime": 0.027,
    "EffectiveEchoSpacing": 0.000590001,
    "FlipAngle": 90,
    "ImageType": [
      "ORIGINAL",
      "PRIMARY",
      "M",
      "ND",
      "NORM",
      "MOSAIC"
    ],
    "Instructions": "During this first scan, a plus sign will be presented on the screen.  All you need to do is simply relax and look at the plus sign. Please keep your eyes open the entire time, and be as still as possible. It's extremely important that you stay awake for the entire duration of this scan. This scan will last ~30 minutes.",
    "MagneticFieldStrength": 3,
    "Manufacturer": "Siemens",
    "ManufacturersModelName": "TrioTim",
    "PhaseEncodingDirection": "j-",
    "ProcedureStepDescription": "head_Dosenbach_MSC",
    "ProtocolName": "RSFC_818Frames_36Slices_TR2.2",
    "RepetitionTime": 2.2,
    "ScanningSequence": "EP",
    "SequenceName": "_epfid2d1_64",
    "SequenceVariant": "SK",
    "SeriesDescription": "RSFC_818Frames_36Slices_TR2.2",
    "SliceTiming": [
      1.105,
      0,
      1.165,
      0.06,
      1.2275,
      0.1225,
      1.2875,
      0.185,
      1.35,
      0.245,
      1.41,
      0.3075,
      1.4725,
      0.3675,
      1.5325,
      0.43,
      1.595,
      0.49,
      1.655,
      0.5525,
      1.7175,
      0.6125,
      1.78,
      0.675,
      1.84,
      0.735,
      1.9025,
      0.7975,
      1.9625,
      0.8575,
      2.025,
      0.92,
      2.085,
      0.9825,
      2.1475,
      1.0425
    ],
    "SoftwareVersion": "syngo MR B17",
    "TaskName": "rest",
    "dataset": "ds000224",
    "modality": "bold",
    "session_id": "func01",
    "subject_id": "MSC02",
    "task_id": "rest"
  },
  "dummy_trs": 0,
  "dvars_nstd": 21.01571667307221,
  "dvars_std": 1.2271220147980413,
  "dvars_vstd": 0.9456515348592405,
  "efc": 0.4274406228010123,
  "fber": 27286.47265625,
  "fd_mean": 0.17412665494889,
  "fd_num": 223,
  "fd_perc": 27.26161369193154,
  "fwhm_avg": 1.7674449343456902,
  "fwhm_x": 1.6278525,
  "fwhm_y": 2.0222375,
  "fwhm_z": 1.6522448030370709,
  "gcor": 0.0549693,
  "gsr_x": -0.027736904099583626,
  "gsr_y": 0.033725105226039886,
  "provenance": {
    "md5sum": "f26bb988abcff7491cc564928c863085",
    "settings": {
      "fd_thres": 0.2,
      "testing": false
    },
    "software": "mriqc",
    "version": "22.0.6",
    "webapi_port": null,
    "webapi_url": "https://mriqc.nimh.nih.gov/api/v1"
  },
  "size_t": 818,
  "size_x": 64,
  "size_y": 64,
  "size_z": 36,
  "snr": 7.113548801844738,
  "spacing_tr": 2.200000047683716,
  "spacing_x": 4.0,
  "spacing_y": 4.0,
  "spacing_z": 4.000000476837158,
  "summary_bg_k": 22.069672046357894,
  "summary_bg_mad": 3.6448818021429146,
  "summary_bg_mean": 22.840259552001953,
  "summary_bg_median": 4.167481899261475,
  "summary_bg_n": 100466.0,
  "summary_bg_p05": 1.2860636711120605,
  "summary_bg_p95": 118.00581169128418,
  "summary_bg_stdv": 49.497596740722656,
  "summary_fg_k": 1.8923480533653612,
  "summary_fg_mad": 89.04680495011533,
  "summary_fg_mean": 695.3275756835938,
  "summary_fg_median": 690.6076049804688,
  "summary_fg_n": 18269.0,
  "summary_fg_p05": 547.6723754882813,
  "summary_fg_p95": 850.0110473632812,
  "summary_fg_stdv": 97.08075714111328,
  "tsnr": 47.956898860866204
}