{
  "aor": 0.0024012499999999997,
  "aqi": 0.0039958422115384615,
  "bids_meta": {
    "BodyPartExamined": "HEAD",
    "CogAtlasID": "http://www.cognitiveatlas.org/term/id/trm_550b53d7dd674",
    "ConversionSoftware": "dcm2niix",
    "ConversionSoftwareVersion": "v1.0.20170411 GCC4.4.7",
    "EchoTime": 0.027,
    "EffectiveEchoSpacing": 0.000590001,
    "FlipAngle": 90,
    "ImageType": [
      "ORIGINAL",
      "PRIMARY",
      "M",
      "ND",
      "NORM",
      "MOSAIC"
    ],
    "Instructions": "In this next scan you'll be prompted to move your hands, feet, or tongue. You'll only move one of these at once. Instructions are presented on the screen. Let?s review them now. [Read on-screen instructions to participant.] Do you have any questions?",
    "MagneticFieldStrength": 3,
    "Manufacturer": "Siemens",
    "ManufacturersModelName": "TrioTim",
    "PhaseEncodingDirection": "j-",
    "ProcedureStepDescription": "head_Dosenbach_MSC",
    "ProtocolName": "Motor_104Frames_36Slices_TR2.2",
    "RepetitionTime": 2.2,
    "ScanningSequence": "EP",
    "SequenceName": "_epfid2d1_64",
    "SequenceVariant": "SK",
    "SeriesDescription": "Motor_104Frames_36Slices_TR2.2",
    "SliceTiming": [
      1.105,
      0,
      1.1675,
      0.0625,
      1.2275,
      0.1225,
      1.29,
      0.185,
      1.35,
      0.245,
      1.4125,
      0.3075,
      1.4725,
      0.37,
      1.535,
      0.43,
      1.595,
      0.4925,
      1.6575,
      0.5525,
      1.7175,
      0.615,
      1.78,
      0.675,
      1.84,
      0.7375,
      1.9025,
      0.7975,
      1.965,
      0.86,
      2.025,
      0.92,
      2.0875,
      0.9825,
      2.1475,
      1.0425
    ],
    "SoftwareVersion": "syngo MR B17",
    "TaskName": "motor",
    "dataset": "ds000224",
    "modality": "bold",
    "run_id": 1,
    "session_id": "func01",
    "subject_id": "MSC02",
    "task_id": "motor"
  },
  "dummy_trs": 0,
  "dvars_nstd": 18.77211538310679,
  "dvars_std": 1.330774563106796,
  "dvars_vstd": 0.9942695727184461,
  "efc": 0.4211371155946218,
  "fber": 32712.783203125,
  "fd_mean": 0.10133218116526466,
  "fd_num": 4,
  "fd_perc": 3.8461538461538463,
  "fwhm_avg": 1.774809098567772,
  "fwhm_x": 1.619145,
  "fwhm_y": 1.9915175,
  "fwhm_z": 1.7137647957033162,
  "gcor": 0.0269978,
  "gsr_x": -0.024519434198737144,
  "gsr_y": 0.03476548194885254,
  "provenance": {
    "md5sum": "7a0ff05ef04807cc60ef0135b9006de5",
    "settings": {
      "fd_thres": 0.2,
      "testing": false
    },
    "software": "mriqc",
    "version": "22.0.6",
    "webapi_port": null,
    "webapi_url": "https://mriqc.nimh.nih.gov/api/v1"
  },
  "size_t": 104,
  "size_x": 64,
  "size_y": 64,
  "size_z": 36,
  "snr": 6.951001745267143,
  "spacing_tr": 2.200000047683716,
  "spacing_x": 4.0,
  "spacing_y": 4.0,
  "spacing_z": 4.000000476837158,
  "summary_bg_k": 23.419456874725437,
  "summary_bg_mad": 2.993716126899362,
  "summary_bg_mean": 22.043062210083008,
  "summary_bg_median": 3.836538553237915,
  "summary_bg_n": 101040.0,
  "summary_bg_p05": 1.394230842590332,
  "summary_bg_p95": 116.1264495849606,
  "summary_bg_stdv": 49.36583709716797,
  "summary_fg_k": 1.9882387648279467,
  "summary_fg_mad": 91.27269907675112,
  "summary_fg_mean": 703.0845336914062,
  "summary_fg_median": 697.8413696289062,
  "summary_fg_n": 18050.0,
  "summary_fg_p05": 552.1144256591797,
  "summary_fg_p95": 864.8663818359374,
  "summary_fg_stdv": 100.3915786743164,
  "tsnr": 94.50746578071266
}