{
  "bids_meta": {
    "BodyPartExamined": "HEAD",
    "ConversionSoftware": "dcm2niix",
    "ConversionSoftwareVersion": "v1.0.20170411 GCC4.4.7",
    "EchoTime": 0.00374,
    "FlipAngle": 8,
    "ImageType": [
      "ORIGINAL",
      "PRIMARY",
      "M",
      "ND",
      "NORM"
    ],
    "InversionTime": 1,
    "MagneticFieldStrength": 3,
    "Manufacturer": "Siemens",
    "ManufacturersModelName": "TrioTim",
    "PhaseEncodingDirection": "i-",
    "ProcedureStepDescription": "head_Dosenbach_MSC",
    "ProtocolName": "T1_.8x.8x.8_224Slices",
    "RepetitionTime": 2.4,
    "ScanningSequence": "GR_IR",
    "SequenceName": "_tfl3d1_ns",
    "SequenceVariant": "SP_MP_OSP",
    "SeriesDescription": "T1_.8x.8x.8_224Slices",
    "dataset": "ds000224",
    "modality": "T1w",
    "run_id": 1,
    "session_id": "struct02",
    "subject_id": "MSC03"
  },
  "cjv": 0.4957978085748956,
  "cnr": 2.7571276184237345,
  "efc": 0.56700009701295,
  "fber": 10333.577517687136,
  "fwhm_avg": 3.7512403965496035,
  "fwhm_x": 3.8536727994049094,
  "fwhm_y": 3.873504780487805,
  "fwhm_z": 3.5265436097560974,
  "icvs_csf": 0.16651274494220436,
  "icvs_gm": 0.43464985287866037,
  "icvs_wm": 0.39883740217913527,
  "inu_med": 0.63037970662117,
  "inu_range": 0.3151552975177765,
  "provenance": {
    "md5sum": "3efc63d619f274daa28473cd62524dd2",
    "settings": {
      "testing": false
    },
    "software": "mriqc",
    "version": "22.0.6",
    "warnings": {
      "large_rot_frame": true,
      "small_air_mask": false
    },
    "webapi_port": null,
    "webapi_url": "https://mriqc.nimh.nih.gov/api/v1"
  },
  "qi_1": 0.0,
  "qi_2": 0.004255622319403286,
  "rpve_csf": 22.70111233284637,
  "rpve_gm": 9.101079733695137,
  "rpve_wm": 10.864418749401512,
  "size_x": 224,
  "size_y": 256,
  "size_z": 256,
  "snr_csf": 1.9573219452238158,
  "snr_gm": 10.915997747477444,
  "snr_total": 9.452628399540002,
  "snr_wm": 15.484565505918745,
  "snrd_csf": 21.920365209385285,
  "snrd_gm": 56.40584123499975,
  "snrd_total": 51.568300464366814,
  "snrd_wm": 76.3786949487154,
  "spacing_x": 0.8000030517578125,
  "spacing_y": 0.80078125,
  "spacing_z": 0.80078125,
  "summary_bg_k": 19.034524849045308,
  "summary_bg_mad": 8.57803325867179,
  "summary_bg_mean": 10.49145138786888,
  "summary_bg_median": 5.785795509815216,
  "summary_bg_n": 4702147.0,
  "summary_bg_p05": 0.0,
  "summary_bg_p95": 40.72809985280037,
  "summary_bg_stdv": 15.746200377984648,
  "summary_csf_k": 0.5086065818079559,
  "summary_csf_mad": 130.69452919953872,
  "summary_csf_mean": 292.00377027791865,
  "summary_csf_median": 287.01446264982224,
  "summary_csf_n": 48483.0,
  "summary_csf_p05": 55.74841504991054,
  "summary_csf_p95": 556.9900825679304,
  "summary_csf_stdv": 146.63479525451595,
  "summary_gm_k": 0.06317579340046153,
  "summary_gm_mad": 67.05805213169548,
  "summary_gm_mean": 738.3442957370389,
  "summary_gm_median": 738.5502959340811,
  "summary_gm_n": 78822.0,
  "summary_gm_p05": 625.8426743581891,
  "summary_gm_p95": 849.1467522382736,
  "summary_gm_stdv": 67.65717876453597,
  "summary_wm_k": 0.35530597309832457,
  "summary_wm_mad": 62.60036630907109,
  "summary_wm_mean": 1003.0683271657856,
  "summary_wm_median": 1000.0650025308132,
  "summary_wm_n": 420977.0,
  "summary_wm_p05": 902.3890727162361,
  "summary_wm_p95": 1113.863149046898,
  "summary_wm_stdv": 64.58455772345056,
  "tpm_overlap_csf": 0.1375121184405328,
  "tpm_overlap_gm": 0.4399655802515608,
  "tpm_overlap_wm": 0.49027680462890516,
  "wm2max": 0.583260663507109
}