{
  "bids_meta": {
    "BodyPartExamined": "HEAD",
    "ConversionSoftware": "dcm2niix",
    "ConversionSoftwareVersion": "v1.0.20170411 GCC4.4.7",
    "EchoTime": 0.479,
    "FlipAngle": 120,
    "ImageType": [
      "ORIGINAL",
      "PRIMARY",
      "M",
      "ND",
      "NORM"
    ],
    "MagneticFieldStrength": 3,
    "Manufacturer": "Siemens",
    "ManufacturersModelName": "TrioTim",
    "PhaseEncodingDirection": "i-",
    "ProcedureStepDescription": "head_Dosenbach_MSC",
    "ProtocolName": "T2_.8x.8x.8_224Slices",
    "RepetitionTime": 3.2,
    "ScanningSequence": "SE",
    "SequenceName": "_spc3d1_282ns",
    "SequenceVariant": "SK_SP",
    "SeriesDescription": "T2_.8x.8x.8_224Slices",
    "dataset": "ds000224",
    "modality": "T2w",
    "run_id": 1,
    "session_id": "struct02",
    "subject_id": "MSC03"
  },
  "cjv": 0.3390468382754342,
  "cnr": 2.208963197221601,
  "efc": 0.5446768000573764,
  "fber": 6082.492846974259,
  "fwhm_avg": 2.378249941264223,
  "fwhm_x": 2.2142050433048635,
  "fwhm_y": 2.6683192195121954,
  "fwhm_z": 2.2522255609756097,
  "icvs_csf": 0.38125799918640907,
  "icvs_gm": 0.4894087422083783,
  "icvs_wm": 0.12933325860521266,
  "inu_med": 0.9712598621845245,
  "inu_range": 0.2838521242141723,
  "provenance": {
    "md5sum": "dc9b35056cd229d33ea3c4172b64c99a",
    "settings": {
      "testing": false
    },
    "software": "mriqc",
    "version": "22.0.6",
    "warnings": {
      "large_rot_frame": true,
      "small_air_mask": false
    },
    "webapi_port": null,
    "webapi_url": "https://mriqc.nimh.nih.gov/api/v1"
  },
  "qi_1": 0.00014597178110275862,
  "qi_2": 0.015375547441379171,
  "rpve_csf": 9.994020622129797,
  "rpve_gm": 8.616104069483145,
  "rpve_wm": 35.109974608518016,
  "size_x": 224,
  "size_y": 256,
  "size_z": 256,
  "snr_csf": 8.658915824766213,
  "snr_gm": 7.086414264176988,
  "snr_total": 6.343894458440446,
  "snr_wm": 3.2863532863781373,
  "snrd_csf": 47.41346463405821,
  "snrd_gm": 28.3381740748973,
  "snrd_total": 54.743737355523244,
  "snrd_wm": 88.47957335761423,
  "spacing_x": 0.8000026941299438,
  "spacing_y": 0.80078125,
  "spacing_z": 0.80078125,
  "summary_bg_k": 78.07951814107865,
  "summary_bg_mad": 0.0,
  "summary_bg_mean": 4.822944804328143,
  "summary_bg_median": 0.0,
  "summary_bg_n": 4589158.0,
  "summary_bg_p05": 0.0,
  "summary_bg_p95": 17.372950240969658,
  "summary_bg_stdv": 7.404004535784632,
  "summary_csf_k": 0.5671551082427531,
  "summary_csf_mad": 59.15724906909302,
  "summary_csf_mean": 537.3567771301834,
  "summary_csf_median": 535.8418601192534,
  "summary_csf_n": 87247.0,
  "summary_csf_p05": 438.7339687431231,
  "summary_csf_p95": 640.8507906645536,
  "summary_csf_stdv": 61.882896210316495,
  "summary_gm_k": 0.055296066963143264,
  "summary_gm_mad": 45.07505549618583,
  "summary_gm_mean": 320.17380002599333,
  "summary_gm_median": 320.2630313113332,
  "summary_gm_n": 350811.0,
  "summary_gm_p05": 245.88001421652734,
  "summary_gm_p95": 394.40250237472355,
  "summary_gm_stdv": 45.19388267618758,
  "summary_wm_k": 1.975747174264475,
  "summary_wm_mad": 185.37041347413407,
  "summary_wm_mean": 906.0135032784864,
  "summary_wm_median": 999.9492662353441,
  "summary_wm_n": 26650.0,
  "summary_wm_p05": 98.41796607011932,
  "summary_wm_p95": 1167.0228585614823,
  "summary_wm_stdv": 304.2675020454475,
  "tpm_overlap_csf": 0.10617700227045603,
  "tpm_overlap_gm": 0.30181116154776694,
  "tpm_overlap_wm": 0.030959731932980447,
  "wm2max": 0.8789811015985497
}