{
  "bids_meta": {
    "BodyPartExamined": "HEAD",
    "ConversionSoftware": "dcm2niix",
    "ConversionSoftwareVersion": "v1.0.20170411 GCC4.4.7",
    "EchoTime": 0.00374,
    "FlipAngle": 8,
    "ImageType": [
      "ORIGINAL",
      "PRIMARY",
      "M",
      "ND",
      "NORM"
    ],
    "InversionTime": 1,
    "MagneticFieldStrength": 3,
    "Manufacturer": "Siemens",
    "ManufacturersModelName": "TrioTim",
    "PhaseEncodingDirection": "i-",
    "ProcedureStepDescription": "head_Dosenbach_MSC",
    "ProtocolName": "T1_.8x.8x.8_224Slices",
    "RepetitionTime": 2.4,
    "ScanningSequence": "GR_IR",
    "SequenceName": "_tfl3d1_ns",
    "SequenceVariant": "SP_MP_OSP",
    "SeriesDescription": "T1_.8x.8x.8_224Slices",
    "dataset": "ds000224",
    "modality": "T1w",
    "run_id": 2,
    "session_id": "struct02",
    "subject_id": "MSC03"
  },
  "cjv": 0.4981181843881626,
  "cnr": 2.7296474910637882,
  "efc": 0.5708748340025114,
  "fber": 9977.591043455528,
  "fwhm_avg": 3.728430518178746,
  "fwhm_x": 3.8187604325850195,
  "fwhm_y": 3.8686470243902438,
  "fwhm_z": 3.4978840975609757,
  "icvs_csf": 0.16151254790897931,
  "icvs_gm": 0.4351040172057639,
  "icvs_wm": 0.40338343488525674,
  "inu_med": 0.6342786550521851,
  "inu_range": 0.3208845794200897,
  "provenance": {
    "md5sum": "f5f1fdb001626ec297a8c4e693f19df9",
    "settings": {
      "testing": false
    },
    "software": "mriqc",
    "version": "22.0.6",
    "warnings": {
      "large_rot_frame": true,
      "small_air_mask": false
    },
    "webapi_port": null,
    "webapi_url": "https://mriqc.nimh.nih.gov/api/v1"
  },
  "qi_1": 0.0,
  "qi_2": 0.004520989686874007,
  "rpve_csf": 23.33795102989629,
  "rpve_gm": 9.112193325039286,
  "rpve_wm": 10.763507057361027,
  "size_x": 224,
  "size_y": 256,
  "size_z": 256,
  "snr_csf": 1.976771732598694,
  "snr_gm": 10.902276918266445,
  "snr_total": 9.35072219823236,
  "snr_wm": 15.173117943831938,
  "snrd_csf": 22.050195194476316,
  "snrd_gm": 56.46822573607587,
  "snrd_total": 51.668548615577585,
  "snrd_wm": 76.48722491618058,
  "spacing_x": 0.8000030517578125,
  "spacing_y": 0.80078125,
  "spacing_z": 0.80078125,
  "summary_bg_k": 9.69905463458218,
  "summary_bg_mad": 8.565851186491859,
  "summary_bg_mean": 10.792527619033288,
  "summary_bg_median": 5.777578826993704,
  "summary_bg_n": 4580896.0,
  "summary_bg_p05": 0.0,
  "summary_bg_p95": 44.688455015420914,
  "summary_bg_stdv": 16.26875149085918,
  "summary_csf_k": 0.7292564628639924,
  "summary_csf_mad": 130.8540250312154,
  "summary_csf_mean": 293.43684628267,
  "summary_csf_median": 288.3043754994869,
  "summary_csf_n": 45345.0,
  "summary_csf_p05": 59.882529720664024,
  "summary_csf_p95": 552.879181385785,
  "summary_csf_stdv": 145.84445523885114,
  "summary_gm_k": 0.09362431233859381,
  "summary_gm_mad": 66.91775457292535,
  "summary_gm_mean": 738.3860039088501,
  "summary_gm_median": 738.3171175047755,
  "summary_gm_n": 77774.0,
  "summary_gm_p05": 626.6598206162453,
  "summary_gm_p95": 849.6232908181846,
  "summary_gm_stdv": 67.72093356917246,
  "summary_wm_k": 0.4431637266997899,
  "summary_wm_mad": 63.463019011522555,
  "summary_wm_mean": 1003.6287609334894,
  "summary_wm_median": 1000.063782595098,
  "summary_wm_n": 421309.0,
  "summary_wm_p05": 901.5257392860949,
  "summary_wm_p95": 1117.466737985611,
  "summary_wm_stdv": 65.91015765140315,
  "tpm_overlap_csf": 0.13786181048124574,
  "tpm_overlap_gm": 0.4374163179435695,
  "tpm_overlap_wm": 0.4868154379423473,
  "wm2max": 0.5907088994179556
}