{
  "bids_meta": {
    "BodyPartExamined": "HEAD",
    "ConversionSoftware": "dcm2niix",
    "ConversionSoftwareVersion": "v1.0.20170411 GCC4.4.7",
    "EchoTime": 0.479,
    "FlipAngle": 120,
    "ImageType": [
      "ORIGINAL",
      "PRIMARY",
      "M",
      "ND",
      "NORM"
    ],
    "MagneticFieldStrength": 3,
    "Manufacturer": "Siemens",
    "ManufacturersModelName": "TrioTim",
    "PhaseEncodingDirection": "i-",
    "ProcedureStepDescription": "head_Dosenbach_MSC",
    "ProtocolName": "T2_.8x.8x.8_224Slices",
    "RepetitionTime": 3.2,
    "ScanningSequence": "SE",
    "SequenceName": "_spc3d1_282ns",
    "SequenceVariant": "SK_SP",
    "SeriesDescription": "T2_.8x.8x.8_224Slices",
    "dataset": "ds000224",
    "modality": "T2w",
    "run_id": 2,
    "session_id": "struct02",
    "subject_id": "MSC03"
  },
  "cjv": 0.3461715356165543,
  "cnr": 2.1108172921526926,
  "efc": 0.5462119071514006,
  "fber": 6123.829680891964,
  "fwhm_avg": 2.396857244120314,
  "fwhm_x": 2.2413549518731366,
  "fwhm_y": 2.6834669268292686,
  "fwhm_z": 2.2657498536585368,
  "icvs_csf": 0.38310360100167223,
  "icvs_gm": 0.4869093348993384,
  "icvs_wm": 0.12998706409898936,
  "inu_med": 0.9669348001480103,
  "inu_range": 0.28749476671218877,
  "provenance": {
    "md5sum": "0c0d9dcdc772c4f5355e113e4f62c83d",
    "settings": {
      "testing": false
    },
    "software": "mriqc",
    "version": "22.0.6",
    "warnings": {
      "large_rot_frame": true,
      "small_air_mask": false
    },
    "webapi_port": null,
    "webapi_url": "https://mriqc.nimh.nih.gov/api/v1"
  },
  "qi_1": 0.00036057216556055466,
  "qi_2": 0.017337001359501735,
  "rpve_csf": 9.929673563117055,
  "rpve_gm": 8.590295504114694,
  "rpve_wm": 34.8957079775712,
  "size_x": 224,
  "size_y": 256,
  "size_z": 256,
  "snr_csf": 8.496142723534463,
  "snr_gm": 7.040410713414909,
  "snr_total": 6.221876166079799,
  "snr_wm": 3.1290750612900236,
  "snrd_csf": 45.18303384068787,
  "snrd_gm": 26.816841539373975,
  "snrd_total": 52.06505459691882,
  "snrd_wm": 84.19528841069463,
  "spacing_x": 0.8000026941299438,
  "spacing_y": 0.80078125,
  "spacing_z": 0.80078125,
  "summary_bg_k": 56.04478693411585,
  "summary_bg_mad": 0.0,
  "summary_bg_mean": 5.071167375325698,
  "summary_bg_median": 0.0,
  "summary_bg_n": 4541094.0,
  "summary_bg_p05": 0.0,
  "summary_bg_p95": 20.054731842130423,
  "summary_bg_stdv": 7.781629473546153,
  "summary_csf_k": 0.5369140369784939,
  "summary_csf_mad": 60.55639495046334,
  "summary_csf_mean": 537.9278299350088,
  "summary_csf_median": 536.6785112824291,
  "summary_csf_n": 89619.0,
  "summary_csf_p05": 437.750683872588,
  "summary_csf_p95": 642.7725356407464,
  "summary_csf_stdv": 63.1669611157364,
  "summary_gm_k": 0.06882339291331396,
  "summary_gm_mad": 45.023679645669496,
  "summary_gm_mean": 318.46102662766873,
  "summary_gm_median": 318.52714108116925,
  "summary_gm_n": 343225.0,
  "summary_gm_p05": 244.14900119416416,
  "summary_gm_p95": 392.83992949984946,
  "summary_gm_stdv": 45.24262717415248,
  "summary_wm_k": 1.550914903437457,
  "summary_wm_mad": 190.90403508133568,
  "summary_wm_mean": 896.0062265520942,
  "summary_wm_median": 1000.0612663719803,
  "summary_wm_n": 25955.0,
  "summary_wm_p05": 73.48772613108159,
  "summary_wm_p95": 1171.9621770998463,
  "summary_wm_stdv": 319.596679947627,
  "tpm_overlap_csf": 0.10618404074939308,
  "tpm_overlap_gm": 0.3011360614187861,
  "tpm_overlap_wm": 0.03035040320529792,
  "wm2max": 0.8798675359954397
}