{
  "aor": 0.002989903846153846,
  "aqi": 0.0035531914423076925,
  "bids_meta": {
    "BodyPartExamined": "HEAD",
    "CogAtlasID": "http://www.cognitiveatlas.org/term/id/trm_550b53d7dd674",
    "ConversionSoftware": "dcm2niix",
    "ConversionSoftwareVersion": "v1.0.20170411 GCC4.4.7",
    "EchoTime": 0.027,
    "EffectiveEchoSpacing": 0.000590001,
    "FlipAngle": 90,
    "ImageType": [
      "ORIGINAL",
      "PRIMARY",
      "M",
      "ND",
      "NORM",
      "MOSAIC"
    ],
    "Instructions": "In this next scan you'll be prompted to move your hands, feet, or tongue. You'll only move one of these at once. Instructions are presented on the screen. Let?s review them now. [Read on-screen instructions to participant.] Do you have any questions?",
    "MagneticFieldStrength": 3,
    "Manufacturer": "Siemens",
    "ManufacturersModelName": "TrioTim",
    "PhaseEncodingDirection": "j-",
    "ProcedureStepDescription": "head_Dosenbach_MSC",
    "ProtocolName": "Motor_104Frames_36Slices_TR2.2",
    "RepetitionTime": 2.2,
    "ScanningSequence": "EP",
    "SequenceName": "_epfid2d1_64",
    "SequenceVariant": "SK",
    "SeriesDescription": "Motor_104Frames_36Slices_TR2.2",
    "SliceTiming": [
      1.105,
      0,
      1.1675,
      0.0625,
      1.2275,
      0.1225,
      1.29,
      0.185,
      1.35,
      0.245,
      1.4125,
      0.3075,
      1.4725,
      0.37,
      1.535,
      0.43,
      1.595,
      0.4925,
      1.6575,
      0.5525,
      1.7175,
      0.615,
      1.78,
      0.675,
      1.84,
      0.7375,
      1.9025,
      0.7975,
      1.965,
      0.86,
      2.025,
      0.92,
      2.0875,
      0.9825,
      2.1475,
      1.0425
    ],
    "SoftwareVersion": "syngo MR B17",
    "TaskName": "motor",
    "dataset": "ds000224",
    "modality": "bold",
    "run_id": 1,
    "session_id": "func09",
    "subject_id": "MSC04",
    "task_id": "motor"
  },
  "dummy_trs": 0,
  "dvars_nstd": 16.282201710873785,
  "dvars_std": 1.349899124951456,
  "dvars_vstd": 1.0141306226213598,
  "efc": 0.3662217435423657,
  "fber": 52072.91796875,
  "fd_mean": 0.09307633391127308,
  "fd_num": 4,
  "fd_perc": 3.8461538461538463,
  "fwhm_avg": 1.7403342992826623,
  "fwhm_x": 1.6154375,
  "fwhm_y": 1.93687,
  "fwhm_z": 1.6686953978479857,
  "gcor": 0.0429519,
  "gsr_x": -0.027568180114030838,
  "gsr_y": 0.010264098644256592,
  "provenance": {
    "md5sum": "8fba86f5f753b6764f1adee8a6d4bdf8",
    "settings": {
      "fd_thres": 0.2,
      "testing": false
    },
    "software": "mriqc",
    "version": "22.0.6",
    "webapi_port": null,
    "webapi_url": "https://mriqc.nimh.nih.gov/api/v1"
  },
  "size_t": 104,
  "size_x": 64,
  "size_y": 64,
  "size_z": 36,
  "snr": 7.930836013764062,
  "spacing_tr": 2.200000047683716,
  "spacing_x": 4.0,
  "spacing_y": 4.0,
  "spacing_z": 3.9999990463256836,
  "summary_bg_k": 46.380678325776586,
  "summary_bg_mad": 2.209647482814324,
  "summary_bg_mean": 16.537668228149414,
  "summary_bg_median": 3.442307710647583,
  "summary_bg_n": 106338.0,
  "summary_bg_p05": 1.375,
  "summary_bg_p95": 78.85577392578125,
  "summary_bg_stdv": 44.90593719482422,
  "summary_fg_k": 2.1952066599632394,
  "summary_fg_mad": 89.9254711819079,
  "summary_fg_mean": 792.8955078125,
  "summary_fg_median": 793.9135131835938,
  "summary_fg_n": 13531.0,
  "summary_fg_p05": 635.1827087402344,
  "summary_fg_p95": 947.5865783691406,
  "summary_fg_stdv": 100.10094451904297,
  "tsnr": 119.23947092378512
}