{
  "aor": 0.0012452689486552567,
  "aqi": 0.009008130525672372,
  "bids_meta": {
    "BodyPartExamined": "HEAD",
    "CogAtlasID": "http://www.cognitiveatlas.org/term/id/trm_4c8a834779883",
    "ConversionSoftware": "dcm2niix",
    "ConversionSoftwareVersion": "v1.0.20170411 GCC4.4.7",
    "EchoTime": 0.027,
    "EffectiveEchoSpacing": 0.000590001,
    "FlipAngle": 90,
    "ImageType": [
      "ORIGINAL",
      "PRIMARY",
      "M",
      "ND",
      "NORM",
      "MOSAIC"
    ],
    "Instructions": "During this first scan, a plus sign will be presented on the screen.  All you need to do is simply relax and look at the plus sign. Please keep your eyes open the entire time, and be as still as possible. It's extremely important that you stay awake for the entire duration of this scan. This scan will last ~30 minutes.",
    "MagneticFieldStrength": 3,
    "Manufacturer": "Siemens",
    "ManufacturersModelName": "TrioTim",
    "PhaseEncodingDirection": "j-",
    "ProcedureStepDescription": "head_Dosenbach_MSC",
    "ProtocolName": "RSFC_818Frames_36Slices_TR2.2",
    "RepetitionTime": 2.2,
    "ScanningSequence": "EP",
    "SequenceName": "_epfid2d1_64",
    "SequenceVariant": "SK",
    "SeriesDescription": "RSFC_818Frames_36Slices_TR2.2",
    "SliceTiming": [
      1.105,
      0,
      1.165,
      0.06,
      1.2275,
      0.1225,
      1.2875,
      0.185,
      1.35,
      0.245,
      1.41,
      0.3075,
      1.4725,
      0.3675,
      1.5325,
      0.43,
      1.595,
      0.49,
      1.655,
      0.5525,
      1.7175,
      0.6125,
      1.78,
      0.675,
      1.84,
      0.735,
      1.9025,
      0.7975,
      1.9625,
      0.8575,
      2.025,
      0.92,
      2.085,
      0.9825,
      2.1475,
      1.0425
    ],
    "SoftwareVersion": "syngo MR B17",
    "TaskName": "rest",
    "dataset": "ds000224",
    "modality": "bold",
    "session_id": "func03",
    "subject_id": "MSC04",
    "task_id": "rest"
  },
  "dummy_trs": 0,
  "dvars_nstd": 19.68345493727049,
  "dvars_std": 1.2418049019216655,
  "dvars_vstd": 0.9575005605630363,
  "efc": 0.36891054760955483,
  "fber": 53337.546875,
  "fd_mean": 0.2146293032531524,
  "fd_num": 418,
  "fd_perc": 51.100244498777506,
  "fwhm_avg": 1.7760322972667941,
  "fwhm_x": 1.6497475,
  "fwhm_y": 1.9777,
  "fwhm_z": 1.7006493918003827,
  "gcor": 0.0521723,
  "gsr_x": -0.027555180713534355,
  "gsr_y": 0.011036116629838943,
  "provenance": {
    "md5sum": "4ddb1428c68f031099af3880e902f428",
    "settings": {
      "fd_thres": 0.2,
      "testing": false
    },
    "software": "mriqc",
    "version": "22.0.6",
    "webapi_port": null,
    "webapi_url": "https://mriqc.nimh.nih.gov/api/v1"
  },
  "size_t": 818,
  "size_x": 64,
  "size_y": 64,
  "size_z": 36,
  "snr": 7.953179811453921,
  "spacing_tr": 2.200000047683716,
  "spacing_x": 4.0,
  "spacing_y": 4.0,
  "spacing_z": 4.000001430511475,
  "summary_bg_k": 50.08760035857213,
  "summary_bg_mad": 2.1604669386367368,
  "summary_bg_mean": 16.550085067749023,
  "summary_bg_median": 3.273838758468628,
  "summary_bg_n": 106230.0,
  "summary_bg_p05": 1.3520783185958862,
  "summary_bg_p95": 79.49939041137681,
  "summary_bg_stdv": 46.47731399536133,
  "summary_fg_k": 2.1578861987604707,
  "summary_fg_mad": 82.96138523623085,
  "summary_fg_mean": 758.5296630859375,
  "summary_fg_median": 760.8600463867188,
  "summary_fg_n": 13760.0,
  "summary_fg_p05": 599.9475341796875,
  "summary_fg_p95": 905.4657012939452,
  "summary_fg_stdv": 95.66392517089844,
  "tsnr": 72.24185481085442
}