{
  "aor": 0.0013862135922330099,
  "aqi": 0.004608875339805826,
  "bids_meta": {
    "BodyPartExamined": "HEAD",
    "CogAtlasID": "http://www.cognitiveatlas.org/term/id/trm_550b53d7dd674",
    "ConversionSoftware": "dcm2niix",
    "ConversionSoftwareVersion": "v1.0.20170411 GCC4.4.7",
    "EchoTime": 0.027,
    "EffectiveEchoSpacing": 0.000590001,
    "FlipAngle": 90,
    "ImageType": [
      "ORIGINAL",
      "PRIMARY",
      "M",
      "ND",
      "NORM",
      "MOSAIC"
    ],
    "Instructions": "In this next scan you'll be prompted to move your hands, feet, or tongue. You'll only move one of these at once. Instructions are presented on the screen. Let?s review them now. [Read on-screen instructions to participant.] Do you have any questions?",
    "MagneticFieldStrength": 3,
    "Manufacturer": "Siemens",
    "ManufacturersModelName": "TrioTim",
    "PhaseEncodingDirection": "j-",
    "ProcedureStepDescription": "head_Dosenbach_MSC",
    "ProtocolName": "Motor_104Frames_36Slices_TR2.2",
    "RepetitionTime": 2.2,
    "ScanningSequence": "EP",
    "SequenceName": "_epfid2d1_64",
    "SequenceVariant": "SK",
    "SeriesDescription": "Motor_104Frames_36Slices_TR2.2",
    "SliceTiming": [
      1.105,
      0,
      1.1675,
      0.0625,
      1.2275,
      0.1225,
      1.29,
      0.185,
      1.35,
      0.245,
      1.4125,
      0.3075,
      1.4725,
      0.37,
      1.535,
      0.43,
      1.595,
      0.4925,
      1.6575,
      0.5525,
      1.7175,
      0.615,
      1.78,
      0.675,
      1.84,
      0.7375,
      1.9025,
      0.7975,
      1.965,
      0.86,
      2.025,
      0.92,
      2.0875,
      0.9825,
      2.1475,
      1.0425
    ],
    "SoftwareVersion": "syngo MR B17",
    "TaskName": "motor",
    "dataset": "ds000224",
    "modality": "bold",
    "run_id": 1,
    "session_id": "func03",
    "subject_id": "MSC04",
    "task_id": "motor"
  },
  "dummy_trs": 1,
  "dvars_nstd": 18.769755185882353,
  "dvars_std": 1.2588466548039219,
  "dvars_vstd": 0.9942547581372545,
  "efc": 0.3636157960099499,
  "fber": 60360.8984375,
  "fd_mean": 0.16689498811864448,
  "fd_num": 31,
  "fd_perc": 30.097087378640776,
  "fwhm_avg": 1.7388981347784116,
  "fwhm_x": 1.60197,
  "fwhm_y": 1.949125,
  "fwhm_z": 1.665599404335235,
  "gcor": 0.0385275,
  "gsr_x": -0.025466235354542732,
  "gsr_y": 0.013192960992455482,
  "provenance": {
    "md5sum": "eda188da5367d8c42732485d512bf0e5",
    "settings": {
      "fd_thres": 0.2,
      "testing": false
    },
    "software": "mriqc",
    "version": "22.0.6",
    "webapi_port": null,
    "webapi_url": "https://mriqc.nimh.nih.gov/api/v1"
  },
  "size_t": 103,
  "size_x": 64,
  "size_y": 64,
  "size_z": 36,
  "snr": 7.932496149269173,
  "spacing_tr": 2.200000047683716,
  "spacing_x": 4.0,
  "spacing_y": 4.0,
  "spacing_z": 4.000001430511475,
  "summary_bg_k": 52.12500031890752,
  "summary_bg_mad": 2.029581633146126,
  "summary_bg_mean": 15.952435493469238,
  "summary_bg_median": 3.126213550567627,
  "summary_bg_n": 106848.0,
  "summary_bg_p05": 1.3398058414459229,
  "summary_bg_p95": 77.61164855957031,
  "summary_bg_stdv": 45.28408432006836,
  "summary_fg_k": 2.185135284062431,
  "summary_fg_mad": 86.17806376779937,
  "summary_fg_mean": 769.8836059570312,
  "summary_fg_median": 772.6553955078125,
  "summary_fg_n": 13554.0,
  "summary_fg_p05": 610.2510040283204,
  "summary_fg_p95": 920.9417724609375,
  "summary_fg_stdv": 97.40022277832031,
  "tsnr": 101.68656764784828
}