{
  "aor": 0.002702788461538461,
  "aqi": 0.005113789230769231,
  "bids_meta": {
    "BodyPartExamined": "HEAD",
    "CogAtlasID": "http://www.cognitiveatlas.org/term/id/trm_550b53d7dd674",
    "ConversionSoftware": "dcm2niix",
    "ConversionSoftwareVersion": "v1.0.20170411 GCC4.4.7",
    "EchoTime": 0.027,
    "EffectiveEchoSpacing": 0.000590001,
    "FlipAngle": 90,
    "ImageType": [
      "ORIGINAL",
      "PRIMARY",
      "M",
      "ND",
      "NORM",
      "MOSAIC"
    ],
    "Instructions": "In this next scan you'll be prompted to move your hands, feet, or tongue. You'll only move one of these at once. Instructions are presented on the screen. Let?s review them now. [Read on-screen instructions to participant.] Do you have any questions?",
    "MagneticFieldStrength": 3,
    "Manufacturer": "Siemens",
    "ManufacturersModelName": "TrioTim",
    "PhaseEncodingDirection": "j-",
    "ProcedureStepDescription": "head_Dosenbach_MSC",
    "ProtocolName": "Motor_104Frames_36Slices_TR2.2",
    "RepetitionTime": 2.2,
    "ScanningSequence": "EP",
    "SequenceName": "_epfid2d1_64",
    "SequenceVariant": "SK",
    "SeriesDescription": "Motor_104Frames_36Slices_TR2.2",
    "SliceTiming": [
      1.105,
      0,
      1.1675,
      0.0625,
      1.2275,
      0.1225,
      1.29,
      0.185,
      1.35,
      0.245,
      1.4125,
      0.3075,
      1.4725,
      0.37,
      1.535,
      0.43,
      1.595,
      0.4925,
      1.6575,
      0.5525,
      1.7175,
      0.615,
      1.78,
      0.675,
      1.84,
      0.7375,
      1.9025,
      0.7975,
      1.965,
      0.86,
      2.025,
      0.92,
      2.0875,
      0.9825,
      2.1475,
      1.0425
    ],
    "SoftwareVersion": "syngo MR B17",
    "TaskName": "motor",
    "dataset": "ds000224",
    "modality": "bold",
    "run_id": 2,
    "session_id": "func03",
    "subject_id": "MSC04",
    "task_id": "motor"
  },
  "dummy_trs": 0,
  "dvars_nstd": 18.21083056854369,
  "dvars_std": 1.201717336893204,
  "dvars_vstd": 0.9847603403883495,
  "efc": 0.36537875442649026,
  "fber": 57430.58203125,
  "fd_mean": 0.1752774925205358,
  "fd_num": 30,
  "fd_perc": 28.846153846153847,
  "fwhm_avg": 1.7542573003885862,
  "fwhm_x": 1.6319075,
  "fwhm_y": 1.9564025,
  "fwhm_z": 1.674461901165759,
  "gcor": 0.045591,
  "gsr_x": -0.02600080519914627,
  "gsr_y": 0.013285321183502674,
  "provenance": {
    "md5sum": "a081efd9655d4893bdc1738598a5510c",
    "settings": {
      "fd_thres": 0.2,
      "testing": false
    },
    "software": "mriqc",
    "version": "22.0.6",
    "webapi_port": null,
    "webapi_url": "https://mriqc.nimh.nih.gov/api/v1"
  },
  "size_t": 104,
  "size_x": 64,
  "size_y": 64,
  "size_z": 36,
  "snr": 8.068202492525051,
  "spacing_tr": 2.200000047683716,
  "spacing_x": 4.0,
  "spacing_y": 4.0,
  "spacing_z": 4.000001430511475,
  "summary_bg_k": 49.520269545591866,
  "summary_bg_mad": 2.2951821989988845,
  "summary_bg_mean": 16.140626907348633,
  "summary_bg_median": 3.201923131942749,
  "summary_bg_n": 106752.0,
  "summary_bg_p05": 1.2211538553237915,
  "summary_bg_p95": 78.65192756652822,
  "summary_bg_stdv": 45.06532287597656,
  "summary_fg_k": 2.167236937251298,
  "summary_fg_mad": 83.39637479094011,
  "summary_fg_mean": 766.1224975585938,
  "summary_fg_median": 768.6923217773438,
  "summary_fg_n": 13554.0,
  "summary_fg_p05": 609.5620239257812,
  "summary_fg_p95": 911.5457031249999,
  "summary_fg_stdv": 95.27078247070312,
  "tsnr": 94.60303115844727
}