{
  "aor": 0.00238260391198044,
  "aqi": 0.020188915378973105,
  "bids_meta": {
    "BodyPartExamined": "HEAD",
    "CogAtlasID": "http://www.cognitiveatlas.org/term/id/trm_4c8a834779883",
    "ConversionSoftware": "dcm2niix",
    "ConversionSoftwareVersion": "v1.0.20170411 GCC4.4.7",
    "EchoTime": 0.027,
    "EffectiveEchoSpacing": 0.000590001,
    "FlipAngle": 90,
    "ImageType": [
      "ORIGINAL",
      "PRIMARY",
      "M",
      "ND",
      "NORM",
      "MOSAIC"
    ],
    "Instructions": "During this first scan, a plus sign will be presented on the screen.  All you need to do is simply relax and look at the plus sign. Please keep your eyes open the entire time, and be as still as possible. It's extremely important that you stay awake for the entire duration of this scan. This scan will last ~30 minutes.",
    "MagneticFieldStrength": 3,
    "Manufacturer": "Siemens",
    "ManufacturersModelName": "TrioTim",
    "PhaseEncodingDirection": "j-",
    "ProcedureStepDescription": "head_Dosenbach_MSC",
    "ProtocolName": "RSFC_818Frames_36Slices_TR2.2",
    "RepetitionTime": 2.2,
    "ScanningSequence": "EP",
    "SequenceName": "_epfid2d1_64",
    "SequenceVariant": "SK",
    "SeriesDescription": "RSFC_818Frames_36Slices_TR2.2",
    "SliceTiming": [
      1.105,
      0,
      1.165,
      0.06,
      1.2275,
      0.1225,
      1.2875,
      0.185,
      1.35,
      0.245,
      1.41,
      0.3075,
      1.4725,
      0.3675,
      1.5325,
      0.43,
      1.595,
      0.49,
      1.655,
      0.5525,
      1.7175,
      0.6125,
      1.78,
      0.675,
      1.84,
      0.735,
      1.9025,
      0.7975,
      1.9625,
      0.8575,
      2.025,
      0.92,
      2.085,
      0.9825,
      2.1475,
      1.0425
    ],
    "SoftwareVersion": "syngo MR B17",
    "TaskName": "rest",
    "dataset": "ds000224",
    "modality": "bold",
    "session_id": "func06",
    "subject_id": "MSC07",
    "task_id": "rest"
  },
  "dummy_trs": 0,
  "dvars_nstd": 19.261523302839656,
  "dvars_std": 1.2424271185312128,
  "dvars_vstd": 0.9535208251897175,
  "efc": 0.402142375195908,
  "fber": 29487.43359375,
  "fd_mean": 0.20034285440799782,
  "fd_num": 310,
  "fd_perc": 37.89731051344743,
  "fwhm_avg": 1.6697993588496935,
  "fwhm_x": 1.53936,
  "fwhm_y": 1.85789,
  "fwhm_z": 1.6121480765490805,
  "gcor": 0.0414716,
  "gsr_x": -0.02807759866118431,
  "gsr_y": 0.01787835918366909,
  "provenance": {
    "md5sum": "5a79ad6ef914c10892c6020e28dd180b",
    "settings": {
      "fd_thres": 0.2,
      "testing": false
    },
    "software": "mriqc",
    "version": "22.0.6",
    "webapi_port": null,
    "webapi_url": "https://mriqc.nimh.nih.gov/api/v1"
  },
  "size_t": 818,
  "size_x": 64,
  "size_y": 64,
  "size_z": 36,
  "snr": 8.063005277242173,
  "spacing_tr": 2.200000047683716,
  "spacing_x": 4.0,
  "spacing_y": 4.0,
  "spacing_z": 3.9999985694885254,
  "summary_bg_k": 28.015569158437447,
  "summary_bg_mad": 4.099811865778165,
  "summary_bg_mean": 21.695533752441406,
  "summary_bg_median": 4.4254279136657715,
  "summary_bg_n": 103068.0,
  "summary_bg_p05": 1.030562400817871,
  "summary_bg_p95": 108.80220451354961,
  "summary_bg_stdv": 50.504764556884766,
  "summary_fg_k": 1.4327974223766855,
  "summary_fg_mad": 87.44181384607941,
  "summary_fg_mean": 763.7577514648438,
  "summary_fg_median": 759.5923461914062,
  "summary_fg_n": 15952.0,
  "summary_fg_p05": 618.5985778808594,
  "summary_fg_p95": 916.105401611328,
  "summary_fg_stdv": 94.20414733886719,
  "tsnr": 47.24393544800114
}