{
  "aor": 0.0025805769230769224,
  "aqi": 0.004994542403846154,
  "bids_meta": {
    "BodyPartExamined": "HEAD",
    "CogAtlasID": "http://www.cognitiveatlas.org/term/id/trm_550b53d7dd674",
    "ConversionSoftware": "dcm2niix",
    "ConversionSoftwareVersion": "v1.0.20170411 GCC4.4.7",
    "EchoTime": 0.027,
    "EffectiveEchoSpacing": 0.000590001,
    "FlipAngle": 90,
    "ImageType": [
      "ORIGINAL",
      "PRIMARY",
      "M",
      "ND",
      "NORM",
      "MOSAIC"
    ],
    "Instructions": "In this next scan you'll be prompted to move your hands, feet, or tongue. You'll only move one of these at once. Instructions are presented on the screen. Let?s review them now. [Read on-screen instructions to participant.] Do you have any questions?",
    "MagneticFieldStrength": 3,
    "Manufacturer": "Siemens",
    "ManufacturersModelName": "TrioTim",
    "PhaseEncodingDirection": "j-",
    "ProcedureStepDescription": "head_Dosenbach_MSC",
    "ProtocolName": "Motor_104Frames_36Slices_TR2.2",
    "RepetitionTime": 2.2,
    "ScanningSequence": "EP",
    "SequenceName": "_epfid2d1_64",
    "SequenceVariant": "SK",
    "SeriesDescription": "Motor_104Frames_36Slices_TR2.2",
    "SliceTiming": [
      1.105,
      0,
      1.1675,
      0.0625,
      1.2275,
      0.1225,
      1.29,
      0.185,
      1.35,
      0.245,
      1.4125,
      0.3075,
      1.4725,
      0.37,
      1.535,
      0.43,
      1.595,
      0.4925,
      1.6575,
      0.5525,
      1.7175,
      0.615,
      1.78,
      0.675,
      1.84,
      0.7375,
      1.9025,
      0.7975,
      1.965,
      0.86,
      2.025,
      0.92,
      2.0875,
      0.9825,
      2.1475,
      1.0425
    ],
    "SoftwareVersion": "syngo MR B17",
    "TaskName": "motor",
    "dataset": "ds000224",
    "modality": "bold",
    "run_id": 2,
    "session_id": "func04",
    "subject_id": "MSC10",
    "task_id": "motor"
  },
  "dummy_trs": 0,
  "dvars_nstd": 17.880359631165053,
  "dvars_std": 1.2254005235922325,
  "dvars_vstd": 1.0005394217475732,
  "efc": 0.41906076074916615,
  "fber": 30916.38671875,
  "fd_mean": 0.2034564077510936,
  "fd_num": 39,
  "fd_perc": 37.5,
  "fwhm_avg": 1.7155044338720324,
  "fwhm_x": 1.5836175,
  "fwhm_y": 1.881785,
  "fwhm_z": 1.6811108016160974,
  "gcor": 0.070336,
  "gsr_x": -0.018796848133206367,
  "gsr_y": 0.01584426686167717,
  "provenance": {
    "md5sum": "95c8670541a91a61b15ec1a3a299c401",
    "settings": {
      "fd_thres": 0.2,
      "testing": false
    },
    "software": "mriqc",
    "version": "22.0.6",
    "webapi_port": null,
    "webapi_url": "https://mriqc.nimh.nih.gov/api/v1"
  },
  "size_t": 104,
  "size_x": 64,
  "size_y": 64,
  "size_z": 36,
  "snr": 7.209333676675157,
  "spacing_tr": 2.200000047683716,
  "spacing_x": 4.0,
  "spacing_y": 4.0,
  "spacing_z": 3.999998092651367,
  "summary_bg_k": 30.43663559872263,
  "summary_bg_mad": 2.979460281955283,
  "summary_bg_mean": 21.000682830810547,
  "summary_bg_median": 4.038461685180664,
  "summary_bg_n": 100642.0,
  "summary_bg_p05": 1.6250001192092896,
  "summary_bg_p95": 114.16298637390133,
  "summary_bg_stdv": 49.099884033203125,
  "summary_fg_k": 1.5789778861260002,
  "summary_fg_mad": 91.7787239550399,
  "summary_fg_mean": 725.6207275390625,
  "summary_fg_median": 720.7885131835938,
  "summary_fg_n": 17547.0,
  "summary_fg_p05": 572.4653930664062,
  "summary_fg_p95": 885.7086730957031,
  "summary_fg_stdv": 99.97705841064453,
  "tsnr": 87.24673981731758
}