{
  "aor": 0.0060735452322738396,
  "aqi": 0.0124374011002445,
  "bids_meta": {
    "BodyPartExamined": "HEAD",
    "CogAtlasID": "http://www.cognitiveatlas.org/term/id/trm_4c8a834779883",
    "ConversionSoftware": "dcm2niix",
    "ConversionSoftwareVersion": "v1.0.20170411 GCC4.4.7",
    "EchoTime": 0.027,
    "EffectiveEchoSpacing": 0.000590001,
    "FlipAngle": 90,
    "ImageType": [
      "ORIGINAL",
      "PRIMARY",
      "M",
      "ND",
      "NORM",
      "MOSAIC"
    ],
    "Instructions": "During this first scan, a plus sign will be presented on the screen.  All you need to do is simply relax and look at the plus sign. Please keep your eyes open the entire time, and be as still as possible. It's extremely important that you stay awake for the entire duration of this scan. This scan will last ~30 minutes.",
    "MagneticFieldStrength": 3,
    "Manufacturer": "Siemens",
    "ManufacturersModelName": "TrioTim",
    "PhaseEncodingDirection": "j-",
    "ProcedureStepDescription": "head_Dosenbach_MSC",
    "ProtocolName": "RSFC_818Frames_36Slices_TR2.2",
    "RepetitionTime": 2.2,
    "ScanningSequence": "EP",
    "SequenceName": "_epfid2d1_64",
    "SequenceVariant": "SK",
    "SeriesDescription": "RSFC_818Frames_36Slices_TR2.2",
    "SliceTiming": [
      1.105,
      0,
      1.165,
      0.06,
      1.2275,
      0.1225,
      1.2875,
      0.185,
      1.35,
      0.245,
      1.41,
      0.3075,
      1.4725,
      0.3675,
      1.5325,
      0.43,
      1.595,
      0.49,
      1.655,
      0.5525,
      1.7175,
      0.6125,
      1.78,
      0.675,
      1.84,
      0.735,
      1.9025,
      0.7975,
      1.9625,
      0.8575,
      2.025,
      0.92,
      2.085,
      0.9825,
      2.1475,
      1.0425
    ],
    "SoftwareVersion": "syngo MR B17",
    "TaskName": "rest",
    "dataset": "ds000224",
    "modality": "bold",
    "session_id": "func04",
    "subject_id": "MSC10",
    "task_id": "rest"
  },
  "dummy_trs": 0,
  "dvars_nstd": 20.597015810440624,
  "dvars_std": 1.2942179524602198,
  "dvars_vstd": 1.0207967923255814,
  "efc": 0.41869933851447316,
  "fber": 28404.7109375,
  "fd_mean": 0.2519626502642219,
  "fd_num": 503,
  "fd_perc": 61.49144254278728,
  "fwhm_avg": 1.7091027618699528,
  "fwhm_x": 1.574605,
  "fwhm_y": 1.90516,
  "fwhm_z": 1.6475432856098582,
  "gcor": 0.0530444,
  "gsr_x": -0.018265822902321815,
  "gsr_y": 0.0154394106939435,
  "provenance": {
    "md5sum": "5271f483b88342abb90b88984599cde9",
    "settings": {
      "fd_thres": 0.2,
      "testing": false
    },
    "software": "mriqc",
    "version": "22.0.6",
    "webapi_port": null,
    "webapi_url": "https://mriqc.nimh.nih.gov/api/v1"
  },
  "size_t": 818,
  "size_x": 64,
  "size_y": 64,
  "size_z": 36,
  "snr": 7.158847098020945,
  "spacing_tr": 2.200000047683716,
  "spacing_x": 4.0,
  "spacing_y": 4.0,
  "spacing_z": 3.999998092651367,
  "summary_bg_k": 29.22285616617308,
  "summary_bg_mad": 3.8660031066783946,
  "summary_bg_mean": 21.15749740600586,
  "summary_bg_median": 4.24083137512207,
  "summary_bg_n": 100730.0,
  "summary_bg_p05": 1.118582010269165,
  "summary_bg_p95": 113.43423461914057,
  "summary_bg_stdv": 49.32102966308594,
  "summary_fg_k": 1.5721531654453829,
  "summary_fg_mad": 93.52447358879294,
  "summary_fg_mean": 728.6480712890625,
  "summary_fg_median": 723.8759765625,
  "summary_fg_n": 17446.0,
  "summary_fg_p05": 575.7411651611328,
  "summary_fg_p95": 892.0605773925781,
  "summary_fg_stdv": 101.1133804321289,
  "tsnr": 53.5203895973973
}