{
  "aor": 0.001571553398058252,
  "aqi": 0.0054425986407767,
  "bids_meta": {
    "BodyPartExamined": "HEAD",
    "CogAtlasID": "http://www.cognitiveatlas.org/term/id/trm_550b53d7dd674",
    "ConversionSoftware": "dcm2niix",
    "ConversionSoftwareVersion": "v1.0.20170411 GCC4.4.7",
    "EchoTime": 0.027,
    "EffectiveEchoSpacing": 0.000590001,
    "FlipAngle": 90,
    "ImageType": [
      "ORIGINAL",
      "PRIMARY",
      "M",
      "ND",
      "NORM",
      "MOSAIC"
    ],
    "Instructions": "In this next scan you'll be prompted to move your hands, feet, or tongue. You'll only move one of these at once. Instructions are presented on the screen. Let?s review them now. [Read on-screen instructions to participant.] Do you have any questions?",
    "MagneticFieldStrength": 3,
    "Manufacturer": "Siemens",
    "ManufacturersModelName": "TrioTim",
    "PhaseEncodingDirection": "j-",
    "ProcedureStepDescription": "head_Dosenbach_MSC",
    "ProtocolName": "Motor_104Frames_36Slices_TR2.2",
    "RepetitionTime": 2.2,
    "ScanningSequence": "EP",
    "SequenceName": "_epfid2d1_64",
    "SequenceVariant": "SK",
    "SeriesDescription": "Motor_104Frames_36Slices_TR2.2",
    "SliceTiming": [
      1.105,
      0,
      1.1675,
      0.0625,
      1.2275,
      0.1225,
      1.29,
      0.185,
      1.35,
      0.245,
      1.4125,
      0.3075,
      1.4725,
      0.37,
      1.535,
      0.43,
      1.595,
      0.4925,
      1.6575,
      0.5525,
      1.7175,
      0.615,
      1.78,
      0.675,
      1.84,
      0.7375,
      1.9025,
      0.7975,
      1.965,
      0.86,
      2.025,
      0.92,
      2.0875,
      0.9825,
      2.1475,
      1.0425
    ],
    "SoftwareVersion": "syngo MR B17",
    "TaskName": "motor",
    "dataset": "ds000224",
    "modality": "bold",
    "run_id": 1,
    "session_id": "func04",
    "subject_id": "MSC10",
    "task_id": "motor"
  },
  "dummy_trs": 1,
  "dvars_nstd": 18.123236281862745,
  "dvars_std": 1.223240122058824,
  "dvars_vstd": 0.9940651405882355,
  "efc": 0.4174736921719173,
  "fber": 32052.376953125,
  "fd_mean": 0.19642058040907243,
  "fd_num": 42,
  "fd_perc": 40.77669902912621,
  "fwhm_avg": 1.7104619328786212,
  "fwhm_x": 1.581335,
  "fwhm_y": 1.87519,
  "fwhm_z": 1.6748607986358637,
  "gcor": 0.026311,
  "gsr_x": -0.018955372273921967,
  "gsr_y": 0.016741009429097176,
  "provenance": {
    "md5sum": "62e8338ce5b4d0dbf21569ef8fe6625e",
    "settings": {
      "fd_thres": 0.2,
      "testing": false
    },
    "software": "mriqc",
    "version": "22.0.6",
    "webapi_port": null,
    "webapi_url": "https://mriqc.nimh.nih.gov/api/v1"
  },
  "size_t": 103,
  "size_x": 64,
  "size_y": 64,
  "size_z": 36,
  "snr": 7.16056040927525,
  "spacing_tr": 2.200000047683716,
  "spacing_x": 4.0,
  "spacing_y": 4.0,
  "spacing_z": 3.999998092651367,
  "summary_bg_k": 29.32912281009478,
  "summary_bg_mad": 2.9076275076890794,
  "summary_bg_mean": 20.642879486083984,
  "summary_bg_median": 3.9708738327026367,
  "summary_bg_n": 100699.0,
  "summary_bg_p05": 1.6213592290878296,
  "summary_bg_p95": 112.86505279541007,
  "summary_bg_stdv": 48.058101654052734,
  "summary_fg_k": 1.5564836254704764,
  "summary_fg_mad": 93.77820995480185,
  "summary_fg_mean": 728.8828125,
  "summary_fg_median": 724.1359252929688,
  "summary_fg_n": 17489.0,
  "summary_fg_p05": 575.5553710937501,
  "summary_fg_p95": 893.0776733398437,
  "summary_fg_stdv": 101.12549591064453,
  "tsnr": 87.00613227498252
}