{
  "bids_meta": {
    "BodyPartExamined": "HEAD",
    "ConversionSoftware": "dcm2niix",
    "ConversionSoftwareVersion": "v1.0.20170411 GCC4.4.7",
    "EchoTime": 0.00374,
    "FlipAngle": 8,
    "ImageType": [
      "ORIGINAL",
      "PRIMARY",
      "M",
      "ND",
      "NORM"
    ],
    "InversionTime": 1,
    "MagneticFieldStrength": 3,
    "Manufacturer": "Siemens",
    "ManufacturersModelName": "TrioTim",
    "PhaseEncodingDirection": "i-",
    "ProcedureStepDescription": "head_Dosenbach_MSC",
    "ProtocolName": "T1_.8x.8x.8_224Slices",
    "RepetitionTime": 2.4,
    "ScanningSequence": "GR_IR",
    "SequenceName": "_tfl3d1_ns",
    "SequenceVariant": "SP_MP_OSP",
    "SeriesDescription": "T1_.8x.8x.8_224Slices",
    "dataset": "ds000224",
    "modality": "T1w",
    "run_id": 1,
    "session_id": "struct02",
    "subject_id": "MSC08"
  },
  "cjv": 0.5306587047397866,
  "cnr": 2.5344654605445176,
  "efc": 0.6261478598898128,
  "fber": 4047.4368392199867,
  "fwhm_avg": 3.841977498808067,
  "fwhm_x": 3.9586723988632246,
  "fwhm_y": 3.97568,
  "fwhm_z": 3.5915800975609753,
  "icvs_csf": 0.17393114661441808,
  "icvs_gm": 0.4147023849437589,
  "icvs_wm": 0.411366468441823,
  "inu_med": 0.6975660920143127,
  "inu_range": 0.4092546045780182,
  "provenance": {
    "md5sum": "75d5824f70b2cef9f41b0ccfdc75de04",
    "settings": {
      "testing": false
    },
    "software": "mriqc",
    "version": "22.0.6",
    "warnings": {
      "large_rot_frame": true,
      "small_air_mask": false
    },
    "webapi_port": null,
    "webapi_url": "https://mriqc.nimh.nih.gov/api/v1"
  },
  "qi_1": 0.0,
  "qi_2": 0.0036550055386402464,
  "rpve_csf": 20.262444552939165,
  "rpve_gm": 8.614339521924176,
  "rpve_wm": 9.658244528551148,
  "size_x": 224,
  "size_y": 256,
  "size_z": 256,
  "snr_csf": 2.1224037812426046,
  "snr_gm": 10.682450736485345,
  "snr_total": 9.019265124621064,
  "snr_wm": 14.252940856135242,
  "snrd_csf": 20.160621764375016,
  "snrd_gm": 49.4863859997376,
  "snrd_total": 45.38682031459933,
  "snrd_wm": 66.5134531796854,
  "spacing_x": 0.8000030517578125,
  "spacing_y": 0.80078125,
  "spacing_z": 0.80078125,
  "summary_bg_k": 9.166415701612191,
  "summary_bg_mad": 9.85067874736538,
  "summary_bg_mean": 14.118406538563146,
  "summary_bg_median": 6.644181847572327,
  "summary_bg_n": 2954880.0,
  "summary_bg_p05": 0.0,
  "summary_bg_p95": 55.75041925907135,
  "summary_bg_stdv": 20.71020244029686,
  "summary_csf_k": 0.5474621855235093,
  "summary_csf_mad": 135.48433536033755,
  "summary_csf_mean": 307.1021210116636,
  "summary_csf_median": 303.1365809440613,
  "summary_csf_n": 66694.0,
  "summary_csf_p05": 74.46879959106445,
  "summary_csf_p95": 552.647531747818,
  "summary_csf_stdv": 142.82593680900445,
  "summary_gm_k": 0.06682969674454853,
  "summary_gm_mad": 68.60472711363097,
  "summary_gm_mean": 743.9572720699746,
  "summary_gm_median": 744.0809133052826,
  "summary_gm_n": 58248.0,
  "summary_gm_p05": 627.6340378940106,
  "summary_gm_p95": 858.178716301918,
  "summary_gm_stdv": 69.65391598358511,
  "summary_wm_k": 0.4431683114230065,
  "summary_wm_mad": 67.25463408734232,
  "summary_wm_mean": 1004.052097257787,
  "summary_wm_median": 1000.1011387109756,
  "summary_wm_n": 455341.0,
  "summary_wm_p05": 895.6154769659042,
  "summary_wm_p95": 1125.868418455124,
  "summary_wm_stdv": 70.16797800649495,
  "tpm_overlap_csf": 0.1300293277292843,
  "tpm_overlap_gm": 0.437863462009547,
  "tpm_overlap_wm": 0.49288055129042435,
  "wm2max": 0.6185698193499938
}