{
  "bids_meta": {
    "BodyPartExamined": "HEAD",
    "ConversionSoftware": "dcm2niix",
    "ConversionSoftwareVersion": "v1.0.20170411 GCC4.4.7",
    "EchoTime": 0.479,
    "FlipAngle": 120,
    "ImageType": [
      "ORIGINAL",
      "PRIMARY",
      "M",
      "ND",
      "NORM"
    ],
    "MagneticFieldStrength": 3,
    "Manufacturer": "Siemens",
    "ManufacturersModelName": "TrioTim",
    "PhaseEncodingDirection": "i-",
    "ProcedureStepDescription": "head_Dosenbach_MSC",
    "ProtocolName": "T2_.8x.8x.8_224Slices",
    "RepetitionTime": 3.2,
    "ScanningSequence": "SE",
    "SequenceName": "_spc3d1_282ns",
    "SequenceVariant": "SK_SP",
    "SeriesDescription": "T2_.8x.8x.8_224Slices",
    "dataset": "ds000224",
    "modality": "T2w",
    "run_id": 1,
    "session_id": "struct02",
    "subject_id": "MSC08"
  },
  "cjv": 0.2857875282972779,
  "cnr": 2.2294002770829606,
  "efc": 0.5945486438534446,
  "fber": 7068.587106289661,
  "fwhm_avg": 2.290757095364668,
  "fwhm_x": 2.146611188533027,
  "fwhm_y": 2.5706520975609757,
  "fwhm_z": 2.155008,
  "icvs_csf": 0.3539291380393683,
  "icvs_gm": 0.5174215401321803,
  "icvs_wm": 0.12864932182845137,
  "inu_med": 0.9924541711807251,
  "inu_range": 0.34339746832847595,
  "provenance": {
    "md5sum": "9a77320d46755baf5d287b776bae0400",
    "settings": {
      "testing": false
    },
    "software": "mriqc",
    "version": "22.0.6",
    "warnings": {
      "large_rot_frame": true,
      "small_air_mask": false
    },
    "webapi_port": null,
    "webapi_url": "https://mriqc.nimh.nih.gov/api/v1"
  },
  "qi_1": 0.0002492425741229959,
  "qi_2": 0.02089181468208229,
  "rpve_csf": 9.512076598686303,
  "rpve_gm": 7.350048557899356,
  "rpve_wm": 32.905603500559316,
  "size_x": 224,
  "size_y": 256,
  "size_z": 256,
  "snr_csf": 8.233901674267786,
  "snr_gm": 6.9362343572302585,
  "snr_total": 6.31789507910081,
  "snr_wm": 3.783549205804384,
  "snrd_csf": 67.63072703312744,
  "snrd_gm": 40.84809802309115,
  "snrd_total": 70.4874803657827,
  "snrd_wm": 102.9836160411295,
  "spacing_x": 0.8000004887580872,
  "spacing_y": 0.80078125,
  "spacing_z": 0.80078125,
  "summary_bg_k": 57.283777739592686,
  "summary_bg_mad": 6.361559501545738,
  "summary_bg_mean": 6.8329707476051835,
  "summary_bg_median": 4.290806679055095,
  "summary_bg_n": 2814218.0,
  "summary_bg_p05": 0.0,
  "summary_bg_p95": 26.008889716118574,
  "summary_bg_stdv": 10.952309411341748,
  "summary_csf_k": 0.6518175916762976,
  "summary_csf_mad": 75.7841165235423,
  "summary_csf_mean": 658.7671739402709,
  "summary_csf_median": 656.7134632635862,
  "summary_csf_n": 88759.0,
  "summary_csf_p05": 533.2042433172464,
  "summary_csf_p95": 791.8210637254639,
  "summary_csf_stdv": 79.75681393991852,
  "summary_gm_k": 0.08227707302793963,
  "summary_gm_mad": 56.96042507537876,
  "summary_gm_mean": 397.5019420301211,
  "summary_gm_median": 396.6465702392161,
  "summary_gm_n": 368941.0,
  "summary_gm_p05": 305.08735694922507,
  "summary_gm_p95": 492.5185943450779,
  "summary_gm_stdv": 57.18463538908046,
  "summary_wm_k": 3.135715126501748,
  "summary_wm_mad": 115.47046079856995,
  "summary_wm_mean": 910.7100192880309,
  "summary_wm_median": 1000.0000017248094,
  "summary_wm_n": 29004.0,
  "summary_wm_p05": 193.58029342899098,
  "summary_wm_p95": 1146.9370261387899,
  "summary_wm_stdv": 264.29754396760165,
  "tpm_overlap_csf": 0.10764915760459146,
  "tpm_overlap_gm": 0.32360862560043047,
  "tpm_overlap_wm": 0.02603890924534047,
  "wm2max": 0.8625662340014653
}