{
  "bids_meta": {
    "BodyPartExamined": "HEAD",
    "ConversionSoftware": "dcm2niix",
    "ConversionSoftwareVersion": "v1.0.20170411 GCC4.4.7",
    "EchoTime": 0.479,
    "FlipAngle": 120,
    "ImageType": [
      "ORIGINAL",
      "PRIMARY",
      "M",
      "ND",
      "NORM"
    ],
    "MagneticFieldStrength": 3,
    "Manufacturer": "Siemens",
    "ManufacturersModelName": "TrioTim",
    "PhaseEncodingDirection": "i-",
    "ProcedureStepDescription": "head_Dosenbach_MSC",
    "ProtocolName": "T2_.8x.8x.8_224Slices",
    "RepetitionTime": 3.2,
    "ScanningSequence": "SE",
    "SequenceName": "_spc3d1_282ns",
    "SequenceVariant": "SK_SP",
    "SeriesDescription": "T2_.8x.8x.8_224Slices",
    "dataset": "ds000224",
    "modality": "T2w",
    "run_id": 2,
    "session_id": "struct02",
    "subject_id": "MSC08"
  },
  "cjv": 0.305384636063956,
  "cnr": 2.04605309416507,
  "efc": 0.598362392289994,
  "fber": 7840.297520661156,
  "fwhm_avg": 2.381094409436662,
  "fwhm_x": 2.2510607892855963,
  "fwhm_y": 2.618343024390244,
  "fwhm_z": 2.2738794146341466,
  "icvs_csf": 0.3548459184031231,
  "icvs_gm": 0.5197898853058973,
  "icvs_wm": 0.12536419629097956,
  "inu_med": 0.9684534966945648,
  "inu_range": 0.35897907614707947,
  "provenance": {
    "md5sum": "027d67c8470e6be9506a578c8ad2d91c",
    "settings": {
      "testing": false
    },
    "software": "mriqc",
    "version": "22.0.6",
    "warnings": {
      "large_rot_frame": true,
      "small_air_mask": false
    },
    "webapi_port": null,
    "webapi_url": "https://mriqc.nimh.nih.gov/api/v1"
  },
  "qi_1": 3.972142865565928e-05,
  "qi_2": 0.021373315998666598,
  "rpve_csf": 9.495204411901476,
  "rpve_gm": 7.310719375662101,
  "rpve_wm": 33.541580046339966,
  "size_x": 224,
  "size_y": 256,
  "size_z": 256,
  "snr_csf": 8.03194349727344,
  "snr_gm": 6.967549598144681,
  "snr_total": 6.168992570773686,
  "snr_wm": 3.507484616902937,
  "snrd_csf": 68.72207613985718,
  "snrd_gm": 41.63698700909889,
  "snrd_total": 71.11328220270634,
  "snrd_wm": 102.98078345916296,
  "spacing_x": 0.8000006079673767,
  "spacing_y": 0.80078125,
  "spacing_z": 0.80078125,
  "summary_bg_k": 36.53941377762598,
  "summary_bg_mad": 6.361734515526748,
  "summary_bg_mean": 6.82277087873546,
  "summary_bg_median": 4.290924724191427,
  "summary_bg_n": 2939539.0,
  "summary_bg_p05": 0.0,
  "summary_bg_p95": 26.829571433365345,
  "summary_bg_stdv": 10.56769453683969,
  "summary_csf_k": 0.5447123770964426,
  "summary_csf_mad": 79.52168144408435,
  "summary_csf_mean": 669.943090546648,
  "summary_csf_median": 667.3291298691183,
  "summary_csf_n": 88614.0,
  "summary_csf_p05": 539.278902573511,
  "summary_csf_p95": 808.8618943244219,
  "summary_csf_stdv": 83.08392168274888,
  "summary_gm_k": 0.0693692999989941,
  "summary_gm_mad": 57.72437002509533,
  "summary_gm_mean": 404.896958172028,
  "summary_gm_median": 404.3180280905217,
  "summary_gm_n": 369323.0,
  "summary_gm_p05": 310.3693604450673,
  "summary_gm_p95": 501.4261713618405,
  "summary_gm_stdv": 58.02864766410084,
  "summary_wm_k": 2.255326520702816,
  "summary_wm_mad": 124.18775430573004,
  "summary_wm_mean": 898.9800989119374,
  "summary_wm_median": 1000.0000069728121,
  "summary_wm_n": 28832.0,
  "summary_wm_p05": 148.86911654295403,
  "summary_wm_p95": 1154.9565906705334,
  "summary_wm_stdv": 285.0996580743077,
  "tpm_overlap_csf": 0.10999395302307349,
  "tpm_overlap_gm": 0.32560372803225723,
  "tpm_overlap_wm": 0.023840498077221012,
  "wm2max": 0.8628453953778401
}