{
  "aor": 0.0007351589242053791,
  "aqi": 0.01444416649144254,
  "bids_meta": {
    "BodyPartExamined": "HEAD",
    "CogAtlasID": "http://www.cognitiveatlas.org/term/id/trm_4c8a834779883",
    "ConversionSoftware": "dcm2niix",
    "ConversionSoftwareVersion": "v1.0.20170411 GCC4.4.7",
    "EchoTime": 0.027,
    "EffectiveEchoSpacing": 0.000590001,
    "FlipAngle": 90,
    "ImageType": [
      "ORIGINAL",
      "PRIMARY",
      "M",
      "ND",
      "NORM",
      "MOSAIC"
    ],
    "Instructions": "During this first scan, a plus sign will be presented on the screen.  All you need to do is simply relax and look at the plus sign. Please keep your eyes open the entire time, and be as still as possible. It's extremely important that you stay awake for the entire duration of this scan. This scan will last ~30 minutes.",
    "MagneticFieldStrength": 3,
    "Manufacturer": "Siemens",
    "ManufacturersModelName": "TrioTim",
    "PhaseEncodingDirection": "j-",
    "ProcedureStepDescription": "head_Dosenbach_MSC",
    "ProtocolName": "RSFC_818Frames_36Slices_TR2.2",
    "RepetitionTime": 2.2,
    "ScanningSequence": "EP",
    "SequenceName": "_epfid2d1_64",
    "SequenceVariant": "SK",
    "SeriesDescription": "RSFC_818Frames_36Slices_TR2.2",
    "SliceTiming": [
      1.105,
      0,
      1.165,
      0.06,
      1.2275,
      0.1225,
      1.2875,
      0.185,
      1.35,
      0.245,
      1.41,
      0.3075,
      1.4725,
      0.3675,
      1.5325,
      0.43,
      1.595,
      0.49,
      1.655,
      0.5525,
      1.7175,
      0.6125,
      1.78,
      0.675,
      1.84,
      0.735,
      1.9025,
      0.7975,
      1.9625,
      0.8575,
      2.025,
      0.92,
      2.085,
      0.9825,
      2.1475,
      1.0425
    ],
    "SoftwareVersion": "syngo MR B17",
    "TaskName": "rest",
    "dataset": "ds000224",
    "modality": "bold",
    "session_id": "func02",
    "subject_id": "MSC09",
    "task_id": "rest"
  },
  "dummy_trs": 0,
  "dvars_nstd": 18.823916908017146,
  "dvars_std": 1.1569274880905756,
  "dvars_vstd": 0.8981976830354963,
  "efc": 0.4349453360761618,
  "fber": 25024.31640625,
  "fd_mean": 0.16988556524634726,
  "fd_num": 249,
  "fd_perc": 30.440097799511,
  "fwhm_avg": 1.7911920057219302,
  "fwhm_x": 1.6354875,
  "fwhm_y": 2.0315675,
  "fwhm_z": 1.7065210171657903,
  "gcor": 0.062159,
  "gsr_x": -0.025650791823863983,
  "gsr_y": 0.020369399338960648,
  "provenance": {
    "md5sum": "9c2f3c9f1442de8069d4d627eff6053a",
    "settings": {
      "fd_thres": 0.2,
      "testing": false
    },
    "software": "mriqc",
    "version": "22.0.6",
    "webapi_port": null,
    "webapi_url": "https://mriqc.nimh.nih.gov/api/v1"
  },
  "size_t": 818,
  "size_x": 64,
  "size_y": 64,
  "size_z": 36,
  "snr": 8.045171612991378,
  "spacing_tr": 2.200000047683716,
  "spacing_x": 4.0,
  "spacing_y": 4.0,
  "spacing_z": 3.999997615814209,
  "summary_bg_k": 24.526875964153994,
  "summary_bg_mad": 4.049062577740875,
  "summary_bg_mean": 22.874448776245117,
  "summary_bg_median": 4.5,
  "summary_bg_n": 98892.0,
  "summary_bg_p05": 1.3288508653640747,
  "summary_bg_p95": 115.89749870300277,
  "summary_bg_stdv": 49.37497329711914,
  "summary_fg_k": 3.0112736524695363,
  "summary_fg_mad": 77.33366828242947,
  "summary_fg_mean": 722.556884765625,
  "summary_fg_median": 721.3588256835938,
  "summary_fg_n": 18972.0,
  "summary_fg_p05": 583.470947265625,
  "summary_fg_p95": 860.3647735595704,
  "summary_fg_stdv": 89.66120910644531,
  "tsnr": 59.12744680792093
}