{
  "bids_meta": {
    "BodyPartExamined": "HEAD",
    "ConversionSoftware": "dcm2niix",
    "ConversionSoftwareVersion": "v1.0.20170411 GCC4.4.7",
    "EchoTime": 0.479,
    "FlipAngle": 120,
    "ImageType": [
      "ORIGINAL",
      "PRIMARY",
      "M",
      "ND",
      "NORM"
    ],
    "MagneticFieldStrength": 3,
    "Manufacturer": "Siemens",
    "ManufacturersModelName": "TrioTim",
    "PhaseEncodingDirection": "i-",
    "ProcedureStepDescription": "head_Dosenbach_MSC",
    "ProtocolName": "T2_.8x.8x.8_224Slices",
    "RepetitionTime": 3.2,
    "ScanningSequence": "SE",
    "SequenceName": "_spc3d1_282ns",
    "SequenceVariant": "SK_SP",
    "SeriesDescription": "T2_.8x.8x.8_224Slices",
    "dataset": "ds000224",
    "modality": "T2w",
    "run_id": 2,
    "session_id": "struct02",
    "subject_id": "MSC10"
  },
  "cjv": 0.24022828486018355,
  "cnr": 2.569326668575024,
  "efc": 0.5954378104827505,
  "fber": 3950.858615372129,
  "fwhm_avg": 2.4986605438236036,
  "fwhm_x": 2.333922704641543,
  "fwhm_y": 2.7607164878048778,
  "fwhm_z": 2.4013424390243903,
  "icvs_csf": 0.30192031769863936,
  "icvs_gm": 0.6121372275286292,
  "icvs_wm": 0.08594245477273145,
  "inu_med": 1.030455470085144,
  "inu_range": 0.5800961136817931,
  "provenance": {
    "md5sum": "9b57188e885b331d99eb3ec8d8dda611",
    "settings": {
      "testing": false
    },
    "software": "mriqc",
    "version": "22.0.6",
    "warnings": {
      "large_rot_frame": true,
      "small_air_mask": false
    },
    "webapi_port": null,
    "webapi_url": "https://mriqc.nimh.nih.gov/api/v1"
  },
  "qi_1": 0.0,
  "qi_2": 0.013692313576724763,
  "rpve_csf": 9.316719776904597,
  "rpve_gm": 5.812534451272485,
  "rpve_wm": 40.49110462946324,
  "size_x": 224,
  "size_y": 256,
  "size_z": 256,
  "snr_csf": 5.202551848416176,
  "snr_gm": 5.749762792867484,
  "snr_total": 4.907447262453446,
  "snr_wm": 3.7700271460766785,
  "snrd_csf": 37.908420997077016,
  "snrd_gm": 18.289255369073082,
  "snrd_total": 38.75450609520802,
  "snrd_wm": 60.06584191947396,
  "spacing_x": 0.800000786781311,
  "spacing_y": 0.80078125,
  "spacing_z": 0.80078125,
  "summary_bg_k": 17.78578677563782,
  "summary_bg_mad": 0.0,
  "summary_bg_mean": 6.292926466559981,
  "summary_bg_median": 0.0,
  "summary_bg_n": 2811643.0,
  "summary_bg_p05": 0.0,
  "summary_bg_p95": 28.489901274442673,
  "summary_bg_stdv": 10.907332501872238,
  "summary_csf_k": 0.2295674837917372,
  "summary_csf_mad": 124.32358109749055,
  "summary_csf_mean": 630.7480323156225,
  "summary_csf_median": 631.1353672854602,
  "summary_csf_n": 83066.0,
  "summary_csf_p05": 440.1612328691408,
  "summary_csf_p95": 833.4180902317166,
  "summary_csf_stdv": 121.31192281471822,
  "summary_gm_k": 0.09055544960627282,
  "summary_gm_mad": 52.17589488950342,
  "summary_gm_mean": 305.2475279332717,
  "summary_gm_median": 304.4968796148896,
  "summary_gm_n": 624926.0,
  "summary_gm_p05": 219.22625118866563,
  "summary_gm_p95": 393.726896494627,
  "summary_gm_stdv": 52.95812139696749,
  "summary_wm_k": 4.514702606449642,
  "summary_wm_mad": 114.91158748763041,
  "summary_wm_mean": 919.0181094017972,
  "summary_wm_median": 1000.0331378635019,
  "summary_wm_n": 22022.0,
  "summary_wm_p05": 118.05171048268676,
  "summary_wm_p95": 1115.0423126937822,
  "summary_wm_stdv": 265.252846607715,
  "tpm_overlap_csf": 0.11679691193376569,
  "tpm_overlap_gm": 0.3762352804260767,
  "tpm_overlap_wm": 0.02946509996354202,
  "wm2max": 0.9136202889764575
}