{
  "aor": 0.0015459223300970878,
  "aqi": 0.014163235145631064,
  "bids_meta": {
    "BodyPartExamined": "HEAD",
    "CogAtlasID": "http://www.cognitiveatlas.org/term/id/trm_550b53d7dd674",
    "ConversionSoftware": "dcm2niix",
    "ConversionSoftwareVersion": "v1.0.20170411 GCC4.4.7",
    "EchoTime": 0.027,
    "EffectiveEchoSpacing": 0.000590001,
    "FlipAngle": 90,
    "ImageType": [
      "ORIGINAL",
      "PRIMARY",
      "M",
      "ND",
      "NORM",
      "MOSAIC"
    ],
    "Instructions": "In this next scan you'll be prompted to move your hands, feet, or tongue. You'll only move one of these at once. Instructions are presented on the screen. Let?s review them now. [Read on-screen instructions to participant.] Do you have any questions?",
    "MagneticFieldStrength": 3,
    "Manufacturer": "Siemens",
    "ManufacturersModelName": "TrioTim",
    "PhaseEncodingDirection": "j-",
    "ProcedureStepDescription": "head_Dosenbach_MSC",
    "ProtocolName": "Motor_104Frames_36Slices_TR2.2",
    "RepetitionTime": 2.2,
    "ScanningSequence": "EP",
    "SequenceName": "_epfid2d1_64",
    "SequenceVariant": "SK",
    "SeriesDescription": "Motor_104Frames_36Slices_TR2.2",
    "SliceTiming": [
      1.105,
      0,
      1.1675,
      0.0625,
      1.2275,
      0.1225,
      1.29,
      0.185,
      1.35,
      0.245,
      1.4125,
      0.3075,
      1.4725,
      0.37,
      1.535,
      0.43,
      1.595,
      0.4925,
      1.6575,
      0.5525,
      1.7175,
      0.615,
      1.78,
      0.675,
      1.84,
      0.7375,
      1.9025,
      0.7975,
      1.965,
      0.86,
      2.025,
      0.92,
      2.0875,
      0.9825,
      2.1475,
      1.0425
    ],
    "SoftwareVersion": "syngo MR B17",
    "TaskName": "motor",
    "dataset": "ds000224",
    "modality": "bold",
    "run_id": 1,
    "session_id": "func02",
    "subject_id": "MSC08",
    "task_id": "motor"
  },
  "dummy_trs": 1,
  "dvars_nstd": 20.395285550000008,
  "dvars_std": 1.2550497150980389,
  "dvars_vstd": 0.9189191150980391,
  "efc": 0.39647800118231435,
  "fber": 26200.21875,
  "fd_mean": 0.1986943671710968,
  "fd_num": 49,
  "fd_perc": 47.57281553398058,
  "fwhm_avg": 1.7225820362441258,
  "fwhm_x": 1.6070675,
  "fwhm_y": 1.88948261262194,
  "fwhm_z": 1.671195996110437,
  "gcor": 0.0149713,
  "gsr_x": -0.02377955988049507,
  "gsr_y": 0.007645087782293558,
  "provenance": {
    "md5sum": "4b30f9872dc9bb74a76b794f5c2dcf68",
    "settings": {
      "fd_thres": 0.2,
      "testing": false
    },
    "software": "mriqc",
    "version": "22.0.6",
    "webapi_port": null,
    "webapi_url": "https://mriqc.nimh.nih.gov/api/v1"
  },
  "size_t": 103,
  "size_x": 64,
  "size_y": 64,
  "size_z": 36,
  "snr": 8.518588884790342,
  "spacing_tr": 2.200000047683716,
  "spacing_x": 4.0,
  "spacing_y": 3.999999761581421,
  "spacing_z": 3.999997615814209,
  "summary_bg_k": 45.49461292233498,
  "summary_bg_mad": 3.656125821477125,
  "summary_bg_mean": 16.841989517211914,
  "summary_bg_median": 3.7281553745269775,
  "summary_bg_n": 104216.0,
  "summary_bg_p05": 0.8349514603614807,
  "summary_bg_p95": 82.07038879394531,
  "summary_bg_stdv": 38.21696853637695,
  "summary_fg_k": 2.438908518984939,
  "summary_fg_mad": 62.54284704115999,
  "summary_fg_mean": 609.258056640625,
  "summary_fg_median": 609.6602172851562,
  "summary_fg_n": 15163.0,
  "summary_fg_p05": 496.26214904785155,
  "summary_fg_p95": 721.0757568359375,
  "summary_fg_stdv": 71.56585693359375,
  "tsnr": 64.33530645724386
}