{
  "aor": 0.002223520782396088,
  "aqi": 0.018321240244498778,
  "bids_meta": {
    "BodyPartExamined": "HEAD",
    "CogAtlasID": "http://www.cognitiveatlas.org/term/id/trm_4c8a834779883",
    "ConversionSoftware": "dcm2niix",
    "ConversionSoftwareVersion": "v1.0.20170411 GCC4.4.7",
    "EchoTime": 0.027,
    "EffectiveEchoSpacing": 0.000590001,
    "FlipAngle": 90,
    "ImageType": [
      "ORIGINAL",
      "PRIMARY",
      "M",
      "ND",
      "NORM",
      "MOSAIC"
    ],
    "Instructions": "During this first scan, a plus sign will be presented on the screen.  All you need to do is simply relax and look at the plus sign. Please keep your eyes open the entire time, and be as still as possible. It's extremely important that you stay awake for the entire duration of this scan. This scan will last ~30 minutes.",
    "MagneticFieldStrength": 3,
    "Manufacturer": "Siemens",
    "ManufacturersModelName": "TrioTim",
    "PhaseEncodingDirection": "j-",
    "ProcedureStepDescription": "head_Dosenbach_MSC",
    "ProtocolName": "RSFC_818Frames_36Slices_TR2.2",
    "RepetitionTime": 2.2,
    "ScanningSequence": "EP",
    "SequenceName": "_epfid2d1_64",
    "SequenceVariant": "SK",
    "SeriesDescription": "RSFC_818Frames_36Slices_TR2.2",
    "SliceTiming": [
      1.105,
      0,
      1.165,
      0.06,
      1.2275,
      0.1225,
      1.2875,
      0.185,
      1.35,
      0.245,
      1.41,
      0.3075,
      1.4725,
      0.3675,
      1.5325,
      0.43,
      1.595,
      0.49,
      1.655,
      0.5525,
      1.7175,
      0.6125,
      1.78,
      0.675,
      1.84,
      0.735,
      1.9025,
      0.7975,
      1.9625,
      0.8575,
      2.025,
      0.92,
      2.085,
      0.9825,
      2.1475,
      1.0425
    ],
    "SoftwareVersion": "syngo MR B17",
    "TaskName": "rest",
    "dataset": "ds000224",
    "modality": "bold",
    "session_id": "func07",
    "subject_id": "MSC05",
    "task_id": "rest"
  },
  "dummy_trs": 0,
  "dvars_nstd": 14.913421923867817,
  "dvars_std": 1.04043310630355,
  "dvars_vstd": 0.9037820438188486,
  "efc": 0.42472078092163534,
  "fber": 24481.345703125,
  "fd_mean": 0.1517530416992084,
  "fd_num": 181,
  "fd_perc": 22.12713936430318,
  "fwhm_avg": 1.7121625,
  "fwhm_x": 1.56825,
  "fwhm_y": 1.9343975,
  "fwhm_z": 1.63384,
  "gcor": 0.0501925,
  "gsr_x": -0.021126030012965202,
  "gsr_y": 0.013118394650518894,
  "provenance": {
    "md5sum": "5c02c9d5600c63362564c484c56e19e0",
    "settings": {
      "fd_thres": 0.2,
      "testing": false
    },
    "software": "mriqc",
    "version": "22.0.6",
    "webapi_port": null,
    "webapi_url": "https://mriqc.nimh.nih.gov/api/v1"
  },
  "size_t": 818,
  "size_x": 64,
  "size_y": 64,
  "size_z": 36,
  "snr": 8.209475443784914,
  "spacing_tr": 2.200000047683716,
  "spacing_x": 4.0,
  "spacing_y": 4.0,
  "spacing_z": 4.0,
  "summary_bg_k": 31.330300932473968,
  "summary_bg_mad": 4.835675746989065,
  "summary_bg_mean": 24.19989013671875,
  "summary_bg_median": 5.046454906463623,
  "summary_bg_n": 100154.0,
  "summary_bg_p05": 1.2746332585811622,
  "summary_bg_p95": 114.30734062194799,
  "summary_bg_stdv": 56.94257354736328,
  "summary_fg_k": 2.729059038392796,
  "summary_fg_mad": 87.8378470863925,
  "summary_fg_mean": 794.3523559570312,
  "summary_fg_median": 792.5929565429688,
  "summary_fg_n": 18165.0,
  "summary_fg_p05": 644.9839111328125,
  "summary_fg_p95": 943.4210571289062,
  "summary_fg_stdv": 96.54345703125,
  "tsnr": 49.92558717681095
}