{
  "aor": 0.0024808653846153843,
  "aqi": 0.006052890673076922,
  "bids_meta": {
    "BodyPartExamined": "HEAD",
    "CogAtlasID": "http://www.cognitiveatlas.org/term/id/trm_550b53d7dd674",
    "ConversionSoftware": "dcm2niix",
    "ConversionSoftwareVersion": "v1.0.20170411 GCC4.4.7",
    "EchoTime": 0.027,
    "EffectiveEchoSpacing": 0.000590001,
    "FlipAngle": 90,
    "ImageType": [
      "ORIGINAL",
      "PRIMARY",
      "M",
      "ND",
      "NORM",
      "MOSAIC"
    ],
    "Instructions": "In this next scan you'll be prompted to move your hands, feet, or tongue. You'll only move one of these at once. Instructions are presented on the screen. Let?s review them now. [Read on-screen instructions to participant.] Do you have any questions?",
    "MagneticFieldStrength": 3,
    "Manufacturer": "Siemens",
    "ManufacturersModelName": "TrioTim",
    "PhaseEncodingDirection": "j-",
    "ProcedureStepDescription": "head_Dosenbach_MSC",
    "ProtocolName": "Motor_104Frames_36Slices_TR2.2",
    "RepetitionTime": 2.2,
    "ScanningSequence": "EP",
    "SequenceName": "_epfid2d1_64",
    "SequenceVariant": "SK",
    "SeriesDescription": "Motor_104Frames_36Slices_TR2.2",
    "SliceTiming": [
      1.105,
      0,
      1.1675,
      0.0625,
      1.2275,
      0.1225,
      1.29,
      0.185,
      1.35,
      0.245,
      1.4125,
      0.3075,
      1.4725,
      0.37,
      1.535,
      0.43,
      1.595,
      0.4925,
      1.6575,
      0.5525,
      1.7175,
      0.615,
      1.78,
      0.675,
      1.84,
      0.7375,
      1.9025,
      0.7975,
      1.965,
      0.86,
      2.025,
      0.92,
      2.0875,
      0.9825,
      2.1475,
      1.0425
    ],
    "SoftwareVersion": "syngo MR B17",
    "TaskName": "motor",
    "dataset": "ds000224",
    "modality": "bold",
    "run_id": 2,
    "session_id": "func07",
    "subject_id": "MSC05",
    "task_id": "motor"
  },
  "dummy_trs": 0,
  "dvars_nstd": 15.167451682912628,
  "dvars_std": 1.1335087274757276,
  "dvars_vstd": 0.9909843921359227,
  "efc": 0.4229478861314859,
  "fber": 30712.1796875,
  "fd_mean": 0.15781306068190062,
  "fd_num": 23,
  "fd_perc": 22.115384615384617,
  "fwhm_avg": 1.7160008333333332,
  "fwhm_x": 1.5916825,
  "fwhm_y": 1.9095,
  "fwhm_z": 1.64682,
  "gcor": 0.0281082,
  "gsr_x": -0.020734751597046852,
  "gsr_y": 0.01598282717168331,
  "provenance": {
    "md5sum": "8c9838e3abc819386bb45b0542176a30",
    "settings": {
      "fd_thres": 0.2,
      "testing": false
    },
    "software": "mriqc",
    "version": "22.0.6",
    "webapi_port": null,
    "webapi_url": "https://mriqc.nimh.nih.gov/api/v1"
  },
  "size_t": 104,
  "size_x": 64,
  "size_y": 64,
  "size_z": 36,
  "snr": 8.065465008828482,
  "spacing_tr": 2.200000047683716,
  "spacing_x": 4.0,
  "spacing_y": 4.0,
  "spacing_z": 4.0,
  "summary_bg_k": 30.467682006865594,
  "summary_bg_mad": 3.635227028503438,
  "summary_bg_mean": 23.495376586914062,
  "summary_bg_median": 4.461538791656494,
  "summary_bg_n": 100416.0,
  "summary_bg_p05": 1.519230842590332,
  "summary_bg_p95": 114.65625190734863,
  "summary_bg_stdv": 55.32060241699219,
  "summary_fg_k": 3.123852838461069,
  "summary_fg_mad": 88.6353882639315,
  "summary_fg_mean": 791.918701171875,
  "summary_fg_median": 791.1827392578125,
  "summary_fg_n": 18250.0,
  "summary_fg_p05": 641.5856170654297,
  "summary_fg_p95": 939.913018798828,
  "summary_fg_stdv": 98.0924301147461,
  "tsnr": 89.05775432707742
}