{
  "aor": 0.0027009926470588238,
  "aqi": 0.015436279779411765,
  "bids_meta": {
    "BodyPartExamined": "HEAD",
    "CogAtlasID": "http://www.cognitiveatlas.org/term/id/trm_4c8a834779883",
    "ConversionSoftware": "dcm2niix",
    "ConversionSoftwareVersion": "v1.0.20170411 GCC4.4.7",
    "EchoTime": 0.027,
    "EffectiveEchoSpacing": 0.000590001,
    "FlipAngle": 90,
    "ImageType": [
      "ORIGINAL",
      "PRIMARY",
      "M",
      "ND",
      "NORM",
      "MOSAIC"
    ],
    "Instructions": "During this first scan, a plus sign will be presented on the screen.  All you need to do is simply relax and look at the plus sign. Please keep your eyes open the entire time, and be as still as possible. It's extremely important that you stay awake for the entire duration of this scan. This scan will last ~30 minutes.",
    "MagneticFieldStrength": 3,
    "Manufacturer": "Siemens",
    "ManufacturersModelName": "TrioTim",
    "PhaseEncodingDirection": "j-",
    "ProcedureStepDescription": "head_Dosenbach_MSC",
    "ProtocolName": "RSFC_818Frames_36Slices_TR2.2",
    "RepetitionTime": 2.2,
    "ScanningSequence": "EP",
    "SequenceName": "_epfid2d1_64",
    "SequenceVariant": "SK",
    "SeriesDescription": "RSFC_818Frames_36Slices_TR2.2",
    "SliceTiming": [
      1.105,
      0,
      1.165,
      0.06,
      1.2275,
      0.1225,
      1.2875,
      0.185,
      1.35,
      0.245,
      1.41,
      0.3075,
      1.4725,
      0.3675,
      1.5325,
      0.43,
      1.595,
      0.49,
      1.655,
      0.5525,
      1.7175,
      0.6125,
      1.78,
      0.675,
      1.84,
      0.735,
      1.9025,
      0.7975,
      1.9625,
      0.8575,
      2.025,
      0.92,
      2.085,
      0.9825,
      2.1475,
      1.0425
    ],
    "SoftwareVersion": "syngo MR B17",
    "TaskName": "rest",
    "dataset": "ds000224",
    "modality": "bold",
    "session_id": "func01",
    "subject_id": "MSC09",
    "task_id": "rest"
  },
  "dummy_trs": 2,
  "dvars_nstd": 18.86297629776688,
  "dvars_std": 1.1770613874846634,
  "dvars_vstd": 0.9447495657300613,
  "efc": 0.4351180740550074,
  "fber": 25290.828125,
  "fd_mean": 0.23513972421897394,
  "fd_num": 443,
  "fd_perc": 54.28921568627451,
  "fwhm_avg": 1.7830018003956798,
  "fwhm_x": 1.6498075,
  "fwhm_y": 2.0164975,
  "fwhm_z": 1.6827004011870388,
  "gcor": 0.051178,
  "gsr_x": -0.025019677355885506,
  "gsr_y": 0.02192593924701214,
  "provenance": {
    "md5sum": "05c88f6e1e755472f4f158d2463cb37c",
    "settings": {
      "fd_thres": 0.2,
      "testing": false
    },
    "software": "mriqc",
    "version": "22.0.6",
    "webapi_port": null,
    "webapi_url": "https://mriqc.nimh.nih.gov/api/v1"
  },
  "size_t": 816,
  "size_x": 64,
  "size_y": 64,
  "size_z": 36,
  "snr": 8.003111812507662,
  "spacing_tr": 2.200000047683716,
  "spacing_x": 4.0,
  "spacing_y": 4.0,
  "spacing_z": 3.9999990463256836,
  "summary_bg_k": 25.167399108787897,
  "summary_bg_mad": 3.9172674149508326,
  "summary_bg_mean": 23.070510864257812,
  "summary_bg_median": 4.470588207244873,
  "summary_bg_n": 98938.0,
  "summary_bg_p05": 1.454656958580017,
  "summary_bg_p95": 116.46532173156726,
  "summary_bg_stdv": 50.01853942871094,
  "summary_fg_k": 3.195673633367833,
  "summary_fg_mad": 79.33378771819787,
  "summary_fg_mean": 724.388916015625,
  "summary_fg_median": 722.8523559570312,
  "summary_fg_n": 18848.0,
  "summary_fg_p05": 585.5633544921875,
  "summary_fg_p95": 863.843667602539,
  "summary_fg_stdv": 90.31901550292969,
  "tsnr": 57.51031818741467
}