{
  "aor": 0.002675339805825243,
  "aqi": 0.006591419514563107,
  "bids_meta": {
    "BodyPartExamined": "HEAD",
    "CogAtlasID": "http://www.cognitiveatlas.org/term/id/trm_550b53d7dd674",
    "ConversionSoftware": "dcm2niix",
    "ConversionSoftwareVersion": "v1.0.20170411 GCC4.4.7",
    "EchoTime": 0.027,
    "EffectiveEchoSpacing": 0.000590001,
    "FlipAngle": 90,
    "ImageType": [
      "ORIGINAL",
      "PRIMARY",
      "M",
      "ND",
      "NORM",
      "MOSAIC"
    ],
    "Instructions": "In this next scan you'll be prompted to move your hands, feet, or tongue. You'll only move one of these at once. Instructions are presented on the screen. Let?s review them now. [Read on-screen instructions to participant.] Do you have any questions?",
    "MagneticFieldStrength": 3,
    "Manufacturer": "Siemens",
    "ManufacturersModelName": "TrioTim",
    "PhaseEncodingDirection": "j-",
    "ProcedureStepDescription": "head_Dosenbach_MSC",
    "ProtocolName": "Motor_104Frames_36Slices_TR2.2",
    "RepetitionTime": 2.2,
    "ScanningSequence": "EP",
    "SequenceName": "_epfid2d1_64",
    "SequenceVariant": "SK",
    "SeriesDescription": "Motor_104Frames_36Slices_TR2.2",
    "SliceTiming": [
      1.105,
      0,
      1.1675,
      0.0625,
      1.2275,
      0.1225,
      1.29,
      0.185,
      1.35,
      0.245,
      1.4125,
      0.3075,
      1.4725,
      0.37,
      1.535,
      0.43,
      1.595,
      0.4925,
      1.6575,
      0.5525,
      1.7175,
      0.615,
      1.78,
      0.675,
      1.84,
      0.7375,
      1.9025,
      0.7975,
      1.965,
      0.86,
      2.025,
      0.92,
      2.0875,
      0.9825,
      2.1475,
      1.0425
    ],
    "SoftwareVersion": "syngo MR B17",
    "TaskName": "motor",
    "dataset": "ds000224",
    "modality": "bold",
    "run_id": 2,
    "session_id": "func01",
    "subject_id": "MSC09",
    "task_id": "motor"
  },
  "dummy_trs": 1,
  "dvars_nstd": 20.437564204411768,
  "dvars_std": 1.3239580275490193,
  "dvars_vstd": 1.0079407299019607,
  "efc": 0.43031875218041066,
  "fber": 30849.04296875,
  "fd_mean": 0.23266012100580571,
  "fd_num": 58,
  "fd_perc": 56.310679611650485,
  "fwhm_avg": 1.801525968781543,
  "fwhm_x": 1.6698,
  "fwhm_y": 2.030445,
  "fwhm_z": 1.70433290634463,
  "gcor": 0.0302657,
  "gsr_x": -0.021758686751127243,
  "gsr_y": 0.02451847307384014,
  "provenance": {
    "md5sum": "f2c88a5b6cad560fdc1a60b764d6a413",
    "settings": {
      "fd_thres": 0.2,
      "testing": false
    },
    "software": "mriqc",
    "version": "22.0.6",
    "webapi_port": null,
    "webapi_url": "https://mriqc.nimh.nih.gov/api/v1"
  },
  "size_t": 103,
  "size_x": 64,
  "size_y": 64,
  "size_z": 36,
  "snr": 7.924821455120598,
  "spacing_tr": 2.200000047683716,
  "spacing_x": 4.0,
  "spacing_y": 4.0,
  "spacing_z": 3.9999990463256836,
  "summary_bg_k": 26.610409902390252,
  "summary_bg_mad": 3.209906033150318,
  "summary_bg_mean": 22.100561141967773,
  "summary_bg_median": 4.1067962646484375,
  "summary_bg_n": 99296.0,
  "summary_bg_p05": 1.6310679912567139,
  "summary_bg_p95": 112.94174766540527,
  "summary_bg_stdv": 48.9864616394043,
  "summary_fg_k": 2.5022888981030986,
  "summary_fg_mad": 81.19762792172324,
  "summary_fg_mean": 734.4993286132812,
  "summary_fg_median": 732.4271850585938,
  "summary_fg_n": 18904.0,
  "summary_fg_p05": 592.6626525878906,
  "summary_fg_p95": 878.7937072753904,
  "summary_fg_stdv": 92.41947174072266,
  "tsnr": 86.11279465211555
}