{
  "aor": 0.0038233653846153843,
  "aqi": 0.006267810961538462,
  "bids_meta": {
    "BodyPartExamined": "HEAD",
    "CogAtlasID": "http://www.cognitiveatlas.org/term/id/trm_550b53d7dd674",
    "ConversionSoftware": "dcm2niix",
    "ConversionSoftwareVersion": "v1.0.20170411 GCC4.4.7",
    "EchoTime": 0.027,
    "EffectiveEchoSpacing": 0.000590001,
    "FlipAngle": 90,
    "ImageType": [
      "ORIGINAL",
      "PRIMARY",
      "M",
      "ND",
      "NORM",
      "MOSAIC"
    ],
    "Instructions": "In this next scan you'll be prompted to move your hands, feet, or tongue. You'll only move one of these at once. Instructions are presented on the screen. Let?s review them now. [Read on-screen instructions to participant.] Do you have any questions?",
    "MagneticFieldStrength": 3,
    "Manufacturer": "Siemens",
    "ManufacturersModelName": "TrioTim",
    "PhaseEncodingDirection": "j-",
    "ProcedureStepDescription": "head_Dosenbach_MSC",
    "ProtocolName": "Motor_104Frames_36Slices_TR2.2",
    "RepetitionTime": 2.2,
    "ScanningSequence": "EP",
    "SequenceName": "_epfid2d1_64",
    "SequenceVariant": "SK",
    "SeriesDescription": "Motor_104Frames_36Slices_TR2.2",
    "SliceTiming": [
      1.105,
      0,
      1.1675,
      0.0625,
      1.2275,
      0.1225,
      1.29,
      0.185,
      1.35,
      0.245,
      1.4125,
      0.3075,
      1.4725,
      0.37,
      1.535,
      0.43,
      1.595,
      0.4925,
      1.6575,
      0.5525,
      1.7175,
      0.615,
      1.78,
      0.675,
      1.84,
      0.7375,
      1.9025,
      0.7975,
      1.965,
      0.86,
      2.025,
      0.92,
      2.0875,
      0.9825,
      2.1475,
      1.0425
    ],
    "SoftwareVersion": "syngo MR B17",
    "TaskName": "motor",
    "dataset": "ds000224",
    "modality": "bold",
    "run_id": 1,
    "session_id": "func08",
    "subject_id": "MSC02",
    "task_id": "motor"
  },
  "dummy_trs": 0,
  "dvars_nstd": 18.953886902718455,
  "dvars_std": 1.287528475825243,
  "dvars_vstd": 0.9633470295145633,
  "efc": 0.4278872521104722,
  "fber": 23590.630859375,
  "fd_mean": 0.10984765478566799,
  "fd_num": 6,
  "fd_perc": 5.769230769230769,
  "fwhm_avg": 1.7599901659413675,
  "fwhm_x": 1.621045,
  "fwhm_y": 1.988505,
  "fwhm_z": 1.670420497824102,
  "gcor": 0.0295714,
  "gsr_x": -0.028227582573890686,
  "gsr_y": 0.03310656175017357,
  "provenance": {
    "md5sum": "2359064808b3eab80f8cad74f1f75322",
    "settings": {
      "fd_thres": 0.2,
      "testing": false
    },
    "software": "mriqc",
    "version": "22.0.6",
    "webapi_port": null,
    "webapi_url": "https://mriqc.nimh.nih.gov/api/v1"
  },
  "size_t": 104,
  "size_x": 64,
  "size_y": 64,
  "size_z": 36,
  "snr": 6.663085457854746,
  "spacing_tr": 2.200000047683716,
  "spacing_x": 4.0,
  "spacing_y": 4.0,
  "spacing_z": 3.9999988079071045,
  "summary_bg_k": 20.268221188204027,
  "summary_bg_mad": 4.034389273017997,
  "summary_bg_mean": 22.964452743530273,
  "summary_bg_median": 4.375,
  "summary_bg_n": 100498.0,
  "summary_bg_p05": 1.259615421295166,
  "summary_bg_p95": 119.65673828124989,
  "summary_bg_stdv": 48.34062957763672,
  "summary_fg_k": 2.027215833257533,
  "summary_fg_mad": 93.05464505372942,
  "summary_fg_mean": 679.158447265625,
  "summary_fg_median": 676.2403564453125,
  "summary_fg_n": 18060.0,
  "summary_fg_p05": 524.5086822509766,
  "summary_fg_p95": 839.9524444580078,
  "summary_fg_stdv": 101.48776245117188,
  "tsnr": 76.81417712010443
}