{
  "aor": 0.001708076923076923,
  "aqi": 0.00606223923076923,
  "bids_meta": {
    "BodyPartExamined": "HEAD",
    "CogAtlasID": "http://www.cognitiveatlas.org/term/id/trm_550b53d7dd674",
    "ConversionSoftware": "dcm2niix",
    "ConversionSoftwareVersion": "v1.0.20170411 GCC4.4.7",
    "EchoTime": 0.027,
    "EffectiveEchoSpacing": 0.000590001,
    "FlipAngle": 90,
    "ImageType": [
      "ORIGINAL",
      "PRIMARY",
      "M",
      "ND",
      "NORM",
      "MOSAIC"
    ],
    "Instructions": "In this next scan you'll be prompted to move your hands, feet, or tongue. You'll only move one of these at once. Instructions are presented on the screen. Let?s review them now. [Read on-screen instructions to participant.] Do you have any questions?",
    "MagneticFieldStrength": 3,
    "Manufacturer": "Siemens",
    "ManufacturersModelName": "TrioTim",
    "PhaseEncodingDirection": "j-",
    "ProcedureStepDescription": "head_Dosenbach_MSC",
    "ProtocolName": "Motor_104Frames_36Slices_TR2.2",
    "RepetitionTime": 2.2,
    "ScanningSequence": "EP",
    "SequenceName": "_epfid2d1_64",
    "SequenceVariant": "SK",
    "SeriesDescription": "Motor_104Frames_36Slices_TR2.2",
    "SliceTiming": [
      1.105,
      0,
      1.1675,
      0.0625,
      1.2275,
      0.1225,
      1.29,
      0.185,
      1.35,
      0.245,
      1.4125,
      0.3075,
      1.4725,
      0.37,
      1.535,
      0.43,
      1.595,
      0.4925,
      1.6575,
      0.5525,
      1.7175,
      0.615,
      1.78,
      0.675,
      1.84,
      0.7375,
      1.9025,
      0.7975,
      1.965,
      0.86,
      2.025,
      0.92,
      2.0875,
      0.9825,
      2.1475,
      1.0425
    ],
    "SoftwareVersion": "syngo MR B17",
    "TaskName": "motor",
    "dataset": "ds000224",
    "modality": "bold",
    "run_id": 1,
    "session_id": "func01",
    "subject_id": "MSC08",
    "task_id": "motor"
  },
  "dummy_trs": 0,
  "dvars_nstd": 21.336617386990298,
  "dvars_std": 1.4010987012621356,
  "dvars_vstd": 0.9967145622330095,
  "efc": 0.39889024285071467,
  "fber": 31938.294921875,
  "fd_mean": 0.14353312803722762,
  "fd_num": 16,
  "fd_perc": 15.384615384615385,
  "fwhm_avg": 1.6768851302487846,
  "fwhm_x": 1.5588425929142589,
  "fwhm_y": 1.806215,
  "fwhm_z": 1.6655977978320953,
  "gcor": 0.0208484,
  "gsr_x": -0.024644112214446068,
  "gsr_y": 0.008883636444807053,
  "provenance": {
    "md5sum": "2325bc1e3a5c946c7458b3bb0dc9dba7",
    "settings": {
      "fd_thres": 0.2,
      "testing": false
    },
    "software": "mriqc",
    "version": "22.0.6",
    "webapi_port": null,
    "webapi_url": "https://mriqc.nimh.nih.gov/api/v1"
  },
  "size_t": 104,
  "size_x": 64,
  "size_y": 64,
  "size_z": 36,
  "snr": 8.655770255174273,
  "spacing_tr": 2.200000047683716,
  "spacing_x": 3.999999761581421,
  "spacing_y": 4.0,
  "spacing_z": 3.9999992847442627,
  "summary_bg_k": 41.92916574167669,
  "summary_bg_mad": 2.537530679348444,
  "summary_bg_mean": 17.73333168029785,
  "summary_bg_median": 3.461538553237915,
  "summary_bg_n": 103997.0,
  "summary_bg_p05": 1.451923131942749,
  "summary_bg_p95": 89.27500305175772,
  "summary_bg_stdv": 40.047088623046875,
  "summary_fg_k": 2.0926645499018646,
  "summary_fg_mad": 63.73764308559595,
  "summary_fg_mean": 624.4161376953125,
  "summary_fg_median": 624.764404296875,
  "summary_fg_n": 15246.0,
  "summary_fg_p05": 510.204345703125,
  "summary_fg_p95": 739.4254913330078,
  "summary_fg_stdv": 72.17658233642578,
  "tsnr": 99.5069759087637
}