{
  "aor": 0.006248639705882353,
  "aqi": 0.0342638618872549,
  "bids_meta": {
    "BodyPartExamined": "HEAD",
    "CogAtlasID": "http://www.cognitiveatlas.org/term/id/trm_4c8a834779883",
    "ConversionSoftware": "dcm2niix",
    "ConversionSoftwareVersion": "v1.0.20170411 GCC4.4.7",
    "EchoTime": 0.027,
    "EffectiveEchoSpacing": 0.000590001,
    "FlipAngle": 90,
    "ImageType": [
      "ORIGINAL",
      "PRIMARY",
      "M",
      "ND",
      "NORM",
      "MOSAIC"
    ],
    "Instructions": "During this first scan, a plus sign will be presented on the screen.  All you need to do is simply relax and look at the plus sign. Please keep your eyes open the entire time, and be as still as possible. It's extremely important that you stay awake for the entire duration of this scan. This scan will last ~30 minutes.",
    "MagneticFieldStrength": 3,
    "Manufacturer": "Siemens",
    "ManufacturersModelName": "TrioTim",
    "PhaseEncodingDirection": "j-",
    "ProcedureStepDescription": "head_Dosenbach_MSC",
    "ProtocolName": "RSFC_818Frames_36Slices_TR2.2",
    "RepetitionTime": 2.2,
    "ScanningSequence": "EP",
    "SequenceName": "_epfid2d1_64",
    "SequenceVariant": "SK",
    "SeriesDescription": "RSFC_818Frames_36Slices_TR2.2",
    "SliceTiming": [
      1.105,
      0,
      1.165,
      0.06,
      1.2275,
      0.1225,
      1.2875,
      0.185,
      1.35,
      0.245,
      1.41,
      0.3075,
      1.4725,
      0.3675,
      1.5325,
      0.43,
      1.595,
      0.49,
      1.655,
      0.5525,
      1.7175,
      0.6125,
      1.78,
      0.675,
      1.84,
      0.735,
      1.9025,
      0.7975,
      1.9625,
      0.8575,
      2.025,
      0.92,
      2.085,
      0.9825,
      2.1475,
      1.0425
    ],
    "SoftwareVersion": "syngo MR B17",
    "TaskName": "rest",
    "dataset": "ds000224",
    "modality": "bold",
    "session_id": "func01",
    "subject_id": "MSC08",
    "task_id": "rest"
  },
  "dummy_trs": 2,
  "dvars_nstd": 29.867605485766855,
  "dvars_std": 1.07255487428221,
  "dvars_vstd": 0.8898332435337427,
  "efc": 0.39814434706298263,
  "fber": 26906.21484375,
  "fd_mean": 0.4123061213282111,
  "fd_num": 457,
  "fd_perc": 56.004901960784316,
  "fwhm_avg": 1.7167659660901826,
  "fwhm_x": 1.5995400953400192,
  "fwhm_y": 1.8566475,
  "fwhm_z": 1.6941103029305284,
  "gcor": 0.0363773,
  "gsr_x": -0.02406168542802334,
  "gsr_y": 0.008595908060669899,
  "provenance": {
    "md5sum": "a66471b7a846475860fe0759df5e4ca9",
    "settings": {
      "fd_thres": 0.2,
      "testing": false
    },
    "software": "mriqc",
    "version": "22.0.6",
    "webapi_port": null,
    "webapi_url": "https://mriqc.nimh.nih.gov/api/v1"
  },
  "size_t": 816,
  "size_x": 64,
  "size_y": 64,
  "size_z": 36,
  "snr": 8.806013400257267,
  "spacing_tr": 2.200000047683716,
  "spacing_x": 3.999999761581421,
  "spacing_y": 4.0,
  "spacing_z": 3.9999992847442627,
  "summary_bg_k": 40.70953267927916,
  "summary_bg_mad": 3.1905019299942867,
  "summary_bg_mean": 17.897611618041992,
  "summary_bg_median": 3.8345589637756348,
  "summary_bg_n": 104148.0,
  "summary_bg_p05": 1.3823529481887817,
  "summary_bg_p95": 88.20539321899412,
  "summary_bg_stdv": 40.19968795776367,
  "summary_fg_k": 2.205603441082589,
  "summary_fg_mad": 63.655613122761764,
  "summary_fg_mean": 627.7949829101562,
  "summary_fg_median": 628.3535766601562,
  "summary_fg_n": 15190.0,
  "summary_fg_p05": 516.8271087646484,
  "summary_fg_p95": 740.8267547607422,
  "summary_fg_stdv": 71.35270690917969,
  "tsnr": 36.69675904349424
}