{
  "aor": 0.0018056234718826405,
  "aqi": 0.008619422628361859,
  "bids_meta": {
    "BodyPartExamined": "HEAD",
    "CogAtlasID": "http://www.cognitiveatlas.org/term/id/trm_4c8a834779883",
    "ConversionSoftware": "dcm2niix",
    "ConversionSoftwareVersion": "v1.0.20170411 GCC4.4.7",
    "EchoTime": 0.027,
    "EffectiveEchoSpacing": 0.000590001,
    "FlipAngle": 90,
    "ImageType": [
      "ORIGINAL",
      "PRIMARY",
      "M",
      "ND",
      "NORM",
      "MOSAIC"
    ],
    "Instructions": "During this first scan, a plus sign will be presented on the screen.  All you need to do is simply relax and look at the plus sign. Please keep your eyes open the entire time, and be as still as possible. It's extremely important that you stay awake for the entire duration of this scan. This scan will last ~30 minutes.",
    "MagneticFieldStrength": 3,
    "Manufacturer": "Siemens",
    "ManufacturersModelName": "TrioTim",
    "PhaseEncodingDirection": "j-",
    "ProcedureStepDescription": "head_Dosenbach_MSC",
    "ProtocolName": "RSFC_818Frames_36Slices_TR2.2",
    "RepetitionTime": 2.2,
    "ScanningSequence": "EP",
    "SequenceName": "_epfid2d1_64",
    "SequenceVariant": "SK",
    "SeriesDescription": "RSFC_818Frames_36Slices_TR2.2",
    "SliceTiming": [
      1.105,
      0,
      1.165,
      0.06,
      1.2275,
      0.1225,
      1.2875,
      0.185,
      1.35,
      0.245,
      1.41,
      0.3075,
      1.4725,
      0.3675,
      1.5325,
      0.43,
      1.595,
      0.49,
      1.655,
      0.5525,
      1.7175,
      0.6125,
      1.78,
      0.675,
      1.84,
      0.735,
      1.9025,
      0.7975,
      1.9625,
      0.8575,
      2.025,
      0.92,
      2.085,
      0.9825,
      2.1475,
      1.0425
    ],
    "SoftwareVersion": "syngo MR B17",
    "TaskName": "rest",
    "dataset": "ds000224",
    "modality": "bold",
    "session_id": "func01",
    "subject_id": "MSC03",
    "task_id": "rest"
  },
  "dummy_trs": 0,
  "dvars_nstd": 14.622552642705038,
  "dvars_std": 1.0561363598653604,
  "dvars_vstd": 0.9423009817503053,
  "efc": 0.36708273565773736,
  "fber": 42355.53515625,
  "fd_mean": 0.18731470391900817,
  "fd_num": 300,
  "fd_perc": 36.67481662591687,
  "fwhm_avg": 1.7622000332582015,
  "fwhm_x": 1.6283375,
  "fwhm_y": 1.9843225,
  "fwhm_z": 1.673940099774605,
  "gcor": 0.0623903,
  "gsr_x": -0.02307240664958954,
  "gsr_y": 0.013727323152124882,
  "provenance": {
    "md5sum": "a8cbe6cbe419eee9bdf37047476aed20",
    "settings": {
      "fd_thres": 0.2,
      "testing": false
    },
    "software": "mriqc",
    "version": "22.0.6",
    "webapi_port": null,
    "webapi_url": "https://mriqc.nimh.nih.gov/api/v1"
  },
  "size_t": 818,
  "size_x": 64,
  "size_y": 64,
  "size_z": 36,
  "snr": 7.877746938056689,
  "spacing_tr": 2.200000047683716,
  "spacing_x": 4.0,
  "spacing_y": 4.0,
  "spacing_z": 3.999999761581421,
  "summary_bg_k": 38.16848227133576,
  "summary_bg_mad": 2.2601526929707836,
  "summary_bg_mean": 12.818513870239258,
  "summary_bg_median": 2.916870594024658,
  "summary_bg_n": 106772.0,
  "summary_bg_p05": 0.952322781085968,
  "summary_bg_p95": 62.876285171508776,
  "summary_bg_stdv": 30.544307708740234,
  "summary_fg_k": 2.103156800682119,
  "summary_fg_mad": 66.98712455321234,
  "summary_fg_mean": 601.6585083007812,
  "summary_fg_median": 600.9279174804688,
  "summary_fg_n": 13519.0,
  "summary_fg_p05": 478.1167694091797,
  "summary_fg_p95": 720.30419921875,
  "summary_fg_stdv": 76.27887725830078,
  "tsnr": 70.79057204071432
}