{
  "aor": 0.024358041615667073,
  "aqi": 0.01847893652386781,
  "bids_meta": {
    "BodyPartExamined": "HEAD",
    "CogAtlasID": "http://www.cognitiveatlas.org/term/id/trm_4c8a834779883",
    "ConversionSoftware": "dcm2niix",
    "ConversionSoftwareVersion": "v1.0.20170411 GCC4.4.7",
    "EchoTime": 0.027,
    "EffectiveEchoSpacing": 0.000590001,
    "FlipAngle": 90,
    "ImageType": [
      "ORIGINAL",
      "PRIMARY",
      "M",
      "ND",
      "NORM",
      "MOSAIC"
    ],
    "Instructions": "During this first scan, a plus sign will be presented on the screen.  All you need to do is simply relax and look at the plus sign. Please keep your eyes open the entire time, and be as still as possible. It's extremely important that you stay awake for the entire duration of this scan. This scan will last ~30 minutes.",
    "MagneticFieldStrength": 3,
    "Manufacturer": "Siemens",
    "ManufacturersModelName": "TrioTim",
    "PhaseEncodingDirection": "j-",
    "ProcedureStepDescription": "head_Dosenbach_MSC",
    "ProtocolName": "RSFC_818Frames_36Slices_TR2.2",
    "RepetitionTime": 2.2,
    "ScanningSequence": "EP",
    "SequenceName": "_epfid2d1_64",
    "SequenceVariant": "SK",
    "SeriesDescription": "RSFC_818Frames_36Slices_TR2.2",
    "SliceTiming": [
      1.105,
      0,
      1.165,
      0.06,
      1.2275,
      0.1225,
      1.2875,
      0.185,
      1.35,
      0.245,
      1.41,
      0.3075,
      1.4725,
      0.3675,
      1.5325,
      0.43,
      1.595,
      0.49,
      1.655,
      0.5525,
      1.7175,
      0.6125,
      1.78,
      0.675,
      1.84,
      0.735,
      1.9025,
      0.7975,
      1.9625,
      0.8575,
      2.025,
      0.92,
      2.085,
      0.9825,
      2.1475,
      1.0425
    ],
    "SoftwareVersion": "syngo MR B17",
    "TaskName": "rest",
    "dataset": "ds000224",
    "modality": "bold",
    "session_id": "func09",
    "subject_id": "MSC08",
    "task_id": "rest"
  },
  "dummy_trs": 1,
  "dvars_nstd": 24.11753016583332,
  "dvars_std": 1.534798385968137,
  "dvars_vstd": 1.2061714600490192,
  "efc": 0.39012208761834,
  "fber": 33183.09765625,
  "fd_mean": 0.245658056590936,
  "fd_num": 414,
  "fd_perc": 50.673194614443084,
  "fwhm_avg": 1.6632475,
  "fwhm_x": 1.5688825,
  "fwhm_y": 1.79609,
  "fwhm_z": 1.62477,
  "gcor": 0.0341747,
  "gsr_x": -0.022795960307121277,
  "gsr_y": 0.008615916594862938,
  "provenance": {
    "md5sum": "00e4a84feb1cf039ab7121c77d011bf9",
    "settings": {
      "fd_thres": 0.2,
      "testing": false
    },
    "software": "mriqc",
    "version": "22.0.6",
    "webapi_port": null,
    "webapi_url": "https://mriqc.nimh.nih.gov/api/v1"
  },
  "size_t": 817,
  "size_x": 64,
  "size_y": 64,
  "size_z": 36,
  "snr": 8.617059993017001,
  "spacing_tr": 2.200000047683716,
  "spacing_x": 4.0,
  "spacing_y": 4.0,
  "spacing_z": 4.0,
  "summary_bg_k": 52.96920224617705,
  "summary_bg_mad": 2.5133464673112127,
  "summary_bg_mean": 14.49039077758789,
  "summary_bg_median": 3.134639024734497,
  "summary_bg_n": 104336.0,
  "summary_bg_p05": 1.104039192199707,
  "summary_bg_p95": 70.47796821594238,
  "summary_bg_stdv": 34.148048400878906,
  "summary_fg_k": 2.2115426615439198,
  "summary_fg_mad": 59.206087140941754,
  "summary_fg_mean": 574.0543212890625,
  "summary_fg_median": 573.5581665039062,
  "summary_fg_n": 15015.0,
  "summary_fg_p05": 469.9495819091797,
  "summary_fg_p95": 680.4286499023438,
  "summary_fg_stdv": 66.55855560302734,
  "tsnr": 52.84945936873555
}