{
  "aor": 0.003675,
  "aqi": 0.011440017884615385,
  "bids_meta": {
    "BodyPartExamined": "HEAD",
    "CogAtlasID": "http://www.cognitiveatlas.org/term/id/trm_550b53d7dd674",
    "ConversionSoftware": "dcm2niix",
    "ConversionSoftwareVersion": "v1.0.20170411 GCC4.4.7",
    "EchoTime": 0.027,
    "EffectiveEchoSpacing": 0.000590001,
    "FlipAngle": 90,
    "ImageType": [
      "ORIGINAL",
      "PRIMARY",
      "M",
      "ND",
      "NORM",
      "MOSAIC"
    ],
    "Instructions": "In this next scan you'll be prompted to move your hands, feet, or tongue. You'll only move one of these at once. Instructions are presented on the screen. Let?s review them now. [Read on-screen instructions to participant.] Do you have any questions?",
    "MagneticFieldStrength": 3,
    "Manufacturer": "Siemens",
    "ManufacturersModelName": "TrioTim",
    "PhaseEncodingDirection": "j-",
    "ProcedureStepDescription": "head_Dosenbach_MSC",
    "ProtocolName": "Motor_104Frames_36Slices_TR2.2",
    "RepetitionTime": 2.2,
    "ScanningSequence": "EP",
    "SequenceName": "_epfid2d1_64",
    "SequenceVariant": "SK",
    "SeriesDescription": "Motor_104Frames_36Slices_TR2.2",
    "SliceTiming": [
      1.105,
      0,
      1.1675,
      0.0625,
      1.2275,
      0.1225,
      1.29,
      0.185,
      1.35,
      0.245,
      1.4125,
      0.3075,
      1.4725,
      0.37,
      1.535,
      0.43,
      1.595,
      0.4925,
      1.6575,
      0.5525,
      1.7175,
      0.615,
      1.78,
      0.675,
      1.84,
      0.7375,
      1.9025,
      0.7975,
      1.965,
      0.86,
      2.025,
      0.92,
      2.0875,
      0.9825,
      2.1475,
      1.0425
    ],
    "SoftwareVersion": "syngo MR B17",
    "TaskName": "motor",
    "dataset": "ds000224",
    "modality": "bold",
    "run_id": 2,
    "session_id": "func09",
    "subject_id": "MSC08",
    "task_id": "motor"
  },
  "dummy_trs": 0,
  "dvars_nstd": 24.153070116116492,
  "dvars_std": 1.33857249223301,
  "dvars_vstd": 0.9919285781553402,
  "efc": 0.38683045017484563,
  "fber": 33588.578125,
  "fd_mean": 0.27899083553244813,
  "fd_num": 76,
  "fd_perc": 73.07692307692308,
  "fwhm_avg": 1.6708241666666668,
  "fwhm_x": 1.565495,
  "fwhm_y": 1.8082775,
  "fwhm_z": 1.6387,
  "gcor": 0.0330829,
  "gsr_x": -0.021384721621870995,
  "gsr_y": 0.008201505057513714,
  "provenance": {
    "md5sum": "e90e974c4a6f5a0ea6385611230d6f6e",
    "settings": {
      "fd_thres": 0.2,
      "testing": false
    },
    "software": "mriqc",
    "version": "22.0.6",
    "webapi_port": null,
    "webapi_url": "https://mriqc.nimh.nih.gov/api/v1"
  },
  "size_t": 104,
  "size_x": 64,
  "size_y": 64,
  "size_z": 36,
  "snr": 8.537488657650618,
  "spacing_tr": 2.200000047683716,
  "spacing_x": 4.0,
  "spacing_y": 4.0,
  "spacing_z": 4.0,
  "summary_bg_k": 51.72812530143682,
  "summary_bg_mad": 2.665833107105199,
  "summary_bg_mean": 14.182363510131836,
  "summary_bg_median": 3.134615421295166,
  "summary_bg_n": 104707.0,
  "summary_bg_p05": 0.9903846383094788,
  "summary_bg_p95": 69.17403945922842,
  "summary_bg_stdv": 33.07769775390625,
  "summary_fg_k": 2.8566431090865283,
  "summary_fg_mad": 59.14726808320075,
  "summary_fg_mean": 574.9678344726562,
  "summary_fg_median": 575.0769653320312,
  "summary_fg_n": 14767.0,
  "summary_fg_p05": 472.0894317626953,
  "summary_fg_p95": 680.8509887695312,
  "summary_fg_stdv": 67.35675048828125,
  "tsnr": 65.76925388281234
}