{
  "aor": 0.0018556730769230768,
  "aqi": 0.010720304134615385,
  "bids_meta": {
    "BodyPartExamined": "HEAD",
    "CogAtlasID": "http://www.cognitiveatlas.org/term/id/trm_550b53d7dd674",
    "ConversionSoftware": "dcm2niix",
    "ConversionSoftwareVersion": "v1.0.20170411 GCC4.4.7",
    "EchoTime": 0.027,
    "EffectiveEchoSpacing": 0.000590001,
    "FlipAngle": 90,
    "ImageType": [
      "ORIGINAL",
      "PRIMARY",
      "M",
      "ND",
      "NORM",
      "MOSAIC"
    ],
    "Instructions": "In this next scan you'll be prompted to move your hands, feet, or tongue. You'll only move one of these at once. Instructions are presented on the screen. Let?s review them now. [Read on-screen instructions to participant.] Do you have any questions?",
    "MagneticFieldStrength": 3,
    "Manufacturer": "Siemens",
    "ManufacturersModelName": "TrioTim",
    "PhaseEncodingDirection": "j-",
    "ProcedureStepDescription": "head_Dosenbach_MSC",
    "ProtocolName": "Motor_104Frames_36Slices_TR2.2",
    "RepetitionTime": 2.2,
    "ScanningSequence": "EP",
    "SequenceName": "_epfid2d1_64",
    "SequenceVariant": "SK",
    "SeriesDescription": "Motor_104Frames_36Slices_TR2.2",
    "SliceTiming": [
      1.105,
      0,
      1.1675,
      0.0625,
      1.2275,
      0.1225,
      1.29,
      0.185,
      1.35,
      0.245,
      1.4125,
      0.3075,
      1.4725,
      0.37,
      1.535,
      0.43,
      1.595,
      0.4925,
      1.6575,
      0.5525,
      1.7175,
      0.615,
      1.78,
      0.675,
      1.84,
      0.7375,
      1.9025,
      0.7975,
      1.965,
      0.86,
      2.025,
      0.92,
      2.0875,
      0.9825,
      2.1475,
      1.0425
    ],
    "SoftwareVersion": "syngo MR B17",
    "TaskName": "motor",
    "dataset": "ds000224",
    "modality": "bold",
    "run_id": 1,
    "session_id": "func09",
    "subject_id": "MSC08",
    "task_id": "motor"
  },
  "dummy_trs": 0,
  "dvars_nstd": 23.611913125339814,
  "dvars_std": 1.2899325540776696,
  "dvars_vstd": 0.9645920463106795,
  "efc": 0.3886541753923561,
  "fber": 33362.16796875,
  "fd_mean": 0.26856865053090745,
  "fd_num": 75,
  "fd_perc": 72.11538461538461,
  "fwhm_avg": 1.67225,
  "fwhm_x": 1.5635125,
  "fwhm_y": 1.8079525,
  "fwhm_z": 1.645285,
  "gcor": 0.0266962,
  "gsr_x": -0.02192201279103756,
  "gsr_y": 0.0082154031842947,
  "provenance": {
    "md5sum": "4f1ab73940c91cdd000f2a3bb91e17bb",
    "settings": {
      "fd_thres": 0.2,
      "testing": false
    },
    "software": "mriqc",
    "version": "22.0.6",
    "webapi_port": null,
    "webapi_url": "https://mriqc.nimh.nih.gov/api/v1"
  },
  "size_t": 104,
  "size_x": 64,
  "size_y": 64,
  "size_z": 36,
  "snr": 8.556146936362772,
  "spacing_tr": 2.200000047683716,
  "spacing_x": 4.0,
  "spacing_y": 4.0,
  "spacing_z": 4.0,
  "summary_bg_k": 49.80102635704909,
  "summary_bg_mad": 2.5945538823848033,
  "summary_bg_mean": 14.277642250061035,
  "summary_bg_median": 3.125,
  "summary_bg_n": 104472.0,
  "summary_bg_p05": 1.0384615659713745,
  "summary_bg_p95": 69.44663581848141,
  "summary_bg_stdv": 33.262115478515625,
  "summary_fg_k": 2.799724391830921,
  "summary_fg_mad": 58.862176634872995,
  "summary_fg_mean": 573.328857421875,
  "summary_fg_median": 572.97119140625,
  "summary_fg_n": 14904.0,
  "summary_fg_p05": 468.72501068115236,
  "summary_fg_p95": 678.9764526367187,
  "summary_fg_stdv": 66.96378326416016,
  "tsnr": 69.9752101355698
}