{
  "aor": 0.002681249999999999,
  "aqi": 0.003577776923076923,
  "bids_meta": {
    "BodyPartExamined": "HEAD",
    "CogAtlasID": "http://www.cognitiveatlas.org/term/id/trm_550b53d7dd674",
    "ConversionSoftware": "dcm2niix",
    "ConversionSoftwareVersion": "v1.0.20170411 GCC4.4.7",
    "EchoTime": 0.027,
    "EffectiveEchoSpacing": 0.000590001,
    "FlipAngle": 90,
    "ImageType": [
      "ORIGINAL",
      "PRIMARY",
      "M",
      "ND",
      "NORM",
      "MOSAIC"
    ],
    "Instructions": "In this next scan you'll be prompted to move your hands, feet, or tongue. You'll only move one of these at once. Instructions are presented on the screen. Let?s review them now. [Read on-screen instructions to participant.] Do you have any questions?",
    "MagneticFieldStrength": 3,
    "Manufacturer": "Siemens",
    "ManufacturersModelName": "TrioTim",
    "PhaseEncodingDirection": "j-",
    "ProcedureStepDescription": "head_Dosenbach_MSC",
    "ProtocolName": "Motor_104Frames_36Slices_TR2.2",
    "RepetitionTime": 2.2,
    "ScanningSequence": "EP",
    "SequenceName": "_epfid2d1_64",
    "SequenceVariant": "SK",
    "SeriesDescription": "Motor_104Frames_36Slices_TR2.2",
    "SliceTiming": [
      1.105,
      0,
      1.1675,
      0.0625,
      1.2275,
      0.1225,
      1.29,
      0.185,
      1.35,
      0.245,
      1.4125,
      0.3075,
      1.4725,
      0.37,
      1.535,
      0.43,
      1.595,
      0.4925,
      1.6575,
      0.5525,
      1.7175,
      0.615,
      1.78,
      0.675,
      1.84,
      0.7375,
      1.9025,
      0.7975,
      1.965,
      0.86,
      2.025,
      0.92,
      2.0875,
      0.9825,
      2.1475,
      1.0425
    ],
    "SoftwareVersion": "syngo MR B17",
    "TaskName": "motor",
    "dataset": "ds000224",
    "modality": "bold",
    "run_id": 2,
    "session_id": "func04",
    "subject_id": "MSC06",
    "task_id": "motor"
  },
  "dummy_trs": 0,
  "dvars_nstd": 21.614238497767,
  "dvars_std": 1.5556771397087379,
  "dvars_vstd": 1.0161913965048546,
  "efc": 0.4019242824794592,
  "fber": 35022.23046875,
  "fd_mean": 0.08441473203741665,
  "fd_num": 3,
  "fd_perc": 2.8846153846153846,
  "fwhm_avg": 1.7273975335856795,
  "fwhm_x": 1.5947475,
  "fwhm_y": 1.8970225,
  "fwhm_z": 1.6904226007570387,
  "gcor": 0.0388973,
  "gsr_x": -0.022410651668906212,
  "gsr_y": 0.01754455268383026,
  "provenance": {
    "md5sum": "3463ef0257d8eefcaf96eb6cc53eb2a8",
    "settings": {
      "fd_thres": 0.2,
      "testing": false
    },
    "software": "mriqc",
    "version": "22.0.6",
    "webapi_port": null,
    "webapi_url": "https://mriqc.nimh.nih.gov/api/v1"
  },
  "size_t": 104,
  "size_x": 64,
  "size_y": 64,
  "size_z": 36,
  "snr": 7.6651103349900485,
  "spacing_tr": 2.200000047683716,
  "spacing_x": 4.0,
  "spacing_y": 4.0,
  "spacing_z": 3.999999761581421,
  "summary_bg_k": 40.090136038279645,
  "summary_bg_mad": 2.4234844500156822,
  "summary_bg_mean": 17.10155487060547,
  "summary_bg_median": 3.576923131942749,
  "summary_bg_n": 102428.0,
  "summary_bg_p05": 1.576923131942749,
  "summary_bg_p95": 80.00913734436018,
  "summary_bg_stdv": 40.12842559814453,
  "summary_fg_k": 1.7291403756694548,
  "summary_fg_mad": 82.63371783918441,
  "summary_fg_mean": 679.0686645507812,
  "summary_fg_median": 676.951904296875,
  "summary_fg_n": 16580.0,
  "summary_fg_p05": 540.34619140625,
  "summary_fg_p95": 817.4913787841797,
  "summary_fg_stdv": 88.31333923339844,
  "tsnr": 112.81933903461322
}