{
  "aor": 0.0006108924205378973,
  "aqi": 0.007799051381418094,
  "bids_meta": {
    "BodyPartExamined": "HEAD",
    "CogAtlasID": "http://www.cognitiveatlas.org/term/id/trm_4c8a834779883",
    "ConversionSoftware": "dcm2niix",
    "ConversionSoftwareVersion": "v1.0.20170411 GCC4.4.7",
    "EchoTime": 0.027,
    "EffectiveEchoSpacing": 0.000590001,
    "FlipAngle": 90,
    "ImageType": [
      "ORIGINAL",
      "PRIMARY",
      "M",
      "ND",
      "NORM",
      "MOSAIC"
    ],
    "Instructions": "During this first scan, a plus sign will be presented on the screen.  All you need to do is simply relax and look at the plus sign. Please keep your eyes open the entire time, and be as still as possible. It's extremely important that you stay awake for the entire duration of this scan. This scan will last ~30 minutes.",
    "MagneticFieldStrength": 3,
    "Manufacturer": "Siemens",
    "ManufacturersModelName": "TrioTim",
    "PhaseEncodingDirection": "j-",
    "ProcedureStepDescription": "head_Dosenbach_MSC",
    "ProtocolName": "RSFC_818Frames_36Slices_TR2.2",
    "RepetitionTime": 2.2,
    "ScanningSequence": "EP",
    "SequenceName": "_epfid2d1_64",
    "SequenceVariant": "SK",
    "SeriesDescription": "RSFC_818Frames_36Slices_TR2.2",
    "SliceTiming": [
      1.105,
      0,
      1.165,
      0.06,
      1.2275,
      0.1225,
      1.2875,
      0.185,
      1.35,
      0.245,
      1.41,
      0.3075,
      1.4725,
      0.3675,
      1.5325,
      0.43,
      1.595,
      0.49,
      1.655,
      0.5525,
      1.7175,
      0.6125,
      1.78,
      0.675,
      1.84,
      0.735,
      1.9025,
      0.7975,
      1.9625,
      0.8575,
      2.025,
      0.92,
      2.085,
      0.9825,
      2.1475,
      1.0425
    ],
    "SoftwareVersion": "syngo MR B17",
    "TaskName": "rest",
    "dataset": "ds000224",
    "modality": "bold",
    "session_id": "func04",
    "subject_id": "MSC06",
    "task_id": "rest"
  },
  "dummy_trs": 0,
  "dvars_nstd": 21.03782082648713,
  "dvars_std": 1.5018610437943696,
  "dvars_vstd": 0.9376835714443078,
  "efc": 0.40287200417845725,
  "fber": 33970.9765625,
  "fd_mean": 0.05997320911932456,
  "fd_num": 4,
  "fd_perc": 0.4889975550122249,
  "fwhm_avg": 1.7084642001253882,
  "fwhm_x": 1.5461375,
  "fwhm_y": 1.8952225,
  "fwhm_z": 1.684032600376165,
  "gcor": 0.0992922,
  "gsr_x": -0.02311239205300808,
  "gsr_y": 0.017672520130872726,
  "provenance": {
    "md5sum": "b448e324f78ae66e2ab22049eb90f5d7",
    "settings": {
      "fd_thres": 0.2,
      "testing": false
    },
    "software": "mriqc",
    "version": "22.0.6",
    "webapi_port": null,
    "webapi_url": "https://mriqc.nimh.nih.gov/api/v1"
  },
  "size_t": 818,
  "size_x": 64,
  "size_y": 64,
  "size_z": 36,
  "snr": 7.695661584111801,
  "spacing_tr": 2.200000047683716,
  "spacing_x": 4.0,
  "spacing_y": 4.0,
  "spacing_z": 3.999999761581421,
  "summary_bg_k": 38.823596234572925,
  "summary_bg_mad": 2.5465235618483772,
  "summary_bg_mean": 17.004789352416992,
  "summary_bg_median": 3.6075797080993652,
  "summary_bg_n": 102377.0,
  "summary_bg_p05": 1.564792275428772,
  "summary_bg_p95": 78.11931762695312,
  "summary_bg_stdv": 40.15127944946289,
  "summary_fg_k": 1.8862559969707942,
  "summary_fg_mad": 80.06956888510881,
  "summary_fg_mean": 673.0484619140625,
  "summary_fg_median": 670.8056640625,
  "summary_fg_n": 16521.0,
  "summary_fg_p05": 538.3411254882812,
  "summary_fg_p95": 811.3606567382812,
  "summary_fg_stdv": 87.16409301757812,
  "tsnr": 75.22928468941245
}