{
  "aor": 0.0029025,
  "aqi": 0.003561514519230769,
  "bids_meta": {
    "BodyPartExamined": "HEAD",
    "CogAtlasID": "http://www.cognitiveatlas.org/term/id/trm_550b53d7dd674",
    "ConversionSoftware": "dcm2niix",
    "ConversionSoftwareVersion": "v1.0.20170411 GCC4.4.7",
    "EchoTime": 0.027,
    "EffectiveEchoSpacing": 0.000590001,
    "FlipAngle": 90,
    "ImageType": [
      "ORIGINAL",
      "PRIMARY",
      "M",
      "ND",
      "NORM",
      "MOSAIC"
    ],
    "Instructions": "In this next scan you'll be prompted to move your hands, feet, or tongue. You'll only move one of these at once. Instructions are presented on the screen. Let?s review them now. [Read on-screen instructions to participant.] Do you have any questions?",
    "MagneticFieldStrength": 3,
    "Manufacturer": "Siemens",
    "ManufacturersModelName": "TrioTim",
    "PhaseEncodingDirection": "j-",
    "ProcedureStepDescription": "head_Dosenbach_MSC",
    "ProtocolName": "Motor_104Frames_36Slices_TR2.2",
    "RepetitionTime": 2.2,
    "ScanningSequence": "EP",
    "SequenceName": "_epfid2d1_64",
    "SequenceVariant": "SK",
    "SeriesDescription": "Motor_104Frames_36Slices_TR2.2",
    "SliceTiming": [
      1.105,
      0,
      1.1675,
      0.0625,
      1.2275,
      0.1225,
      1.29,
      0.185,
      1.35,
      0.245,
      1.4125,
      0.3075,
      1.4725,
      0.37,
      1.535,
      0.43,
      1.595,
      0.4925,
      1.6575,
      0.5525,
      1.7175,
      0.615,
      1.78,
      0.675,
      1.84,
      0.7375,
      1.9025,
      0.7975,
      1.965,
      0.86,
      2.025,
      0.92,
      2.0875,
      0.9825,
      2.1475,
      1.0425
    ],
    "SoftwareVersion": "syngo MR B17",
    "TaskName": "motor",
    "dataset": "ds000224",
    "modality": "bold",
    "run_id": 1,
    "session_id": "func04",
    "subject_id": "MSC06",
    "task_id": "motor"
  },
  "dummy_trs": 0,
  "dvars_nstd": 19.93284268951456,
  "dvars_std": 1.4718454694174754,
  "dvars_vstd": 1.0188313300970877,
  "efc": 0.40327245071917983,
  "fber": 34952.78125,
  "fd_mean": 0.09102199664524824,
  "fd_num": 5,
  "fd_perc": 4.8076923076923075,
  "fwhm_avg": 1.7259025335921365,
  "fwhm_x": 1.58832,
  "fwhm_y": 1.89864,
  "fwhm_z": 1.6907476007764102,
  "gcor": 0.0590478,
  "gsr_x": -0.023043552413582802,
  "gsr_y": 0.018969833850860596,
  "provenance": {
    "md5sum": "021a6c211955ce4a156ba2ad2277cfd0",
    "settings": {
      "fd_thres": 0.2,
      "testing": false
    },
    "software": "mriqc",
    "version": "22.0.6",
    "webapi_port": null,
    "webapi_url": "https://mriqc.nimh.nih.gov/api/v1"
  },
  "size_t": 104,
  "size_x": 64,
  "size_y": 64,
  "size_z": 36,
  "snr": 7.665279436107633,
  "spacing_tr": 2.200000047683716,
  "spacing_x": 4.0,
  "spacing_y": 4.0,
  "spacing_z": 3.999999761581421,
  "summary_bg_k": 38.042949067176,
  "summary_bg_mad": 2.409228605071603,
  "summary_bg_mean": 17.378225326538086,
  "summary_bg_median": 3.586538553237915,
  "summary_bg_n": 102442.0,
  "summary_bg_p05": 1.586538553237915,
  "summary_bg_p95": 81.875,
  "summary_bg_stdv": 40.71041488647461,
  "summary_fg_k": 1.3802698750922806,
  "summary_fg_mad": 83.01857545852673,
  "summary_fg_mean": 677.4482421875,
  "summary_fg_median": 676.1827392578125,
  "summary_fg_n": 16640.0,
  "summary_fg_p05": 539.548095703125,
  "summary_fg_p95": 815.6712036132811,
  "summary_fg_stdv": 88.2110595703125,
  "tsnr": 106.01661567413248
}