{
  "aor": 0.002514230769230769,
  "aqi": 0.004650990480769231,
  "bids_meta": {
    "BodyPartExamined": "HEAD",
    "CogAtlasID": "http://www.cognitiveatlas.org/term/id/trm_550b53d7dd674",
    "ConversionSoftware": "dcm2niix",
    "ConversionSoftwareVersion": "v1.0.20170411 GCC4.4.7",
    "EchoTime": 0.027,
    "EffectiveEchoSpacing": 0.000590001,
    "FlipAngle": 90,
    "ImageType": [
      "ORIGINAL",
      "PRIMARY",
      "M",
      "ND",
      "NORM",
      "MOSAIC"
    ],
    "Instructions": "In this next scan you'll be prompted to move your hands, feet, or tongue. You'll only move one of these at once. Instructions are presented on the screen. Let?s review them now. [Read on-screen instructions to participant.] Do you have any questions?",
    "MagneticFieldStrength": 3,
    "Manufacturer": "Siemens",
    "ManufacturersModelName": "TrioTim",
    "PhaseEncodingDirection": "j-",
    "ProcedureStepDescription": "head_Dosenbach_MSC",
    "ProtocolName": "Motor_104Frames_36Slices_TR2.2",
    "RepetitionTime": 2.2,
    "ScanningSequence": "EP",
    "SequenceName": "_epfid2d1_64",
    "SequenceVariant": "SK",
    "SeriesDescription": "Motor_104Frames_36Slices_TR2.2",
    "SliceTiming": [
      1.105,
      0,
      1.1675,
      0.0625,
      1.2275,
      0.1225,
      1.29,
      0.185,
      1.35,
      0.245,
      1.4125,
      0.3075,
      1.4725,
      0.37,
      1.535,
      0.43,
      1.595,
      0.4925,
      1.6575,
      0.5525,
      1.7175,
      0.615,
      1.78,
      0.675,
      1.84,
      0.7375,
      1.9025,
      0.7975,
      1.965,
      0.86,
      2.025,
      0.92,
      2.0875,
      0.9825,
      2.1475,
      1.0425
    ],
    "SoftwareVersion": "syngo MR B17",
    "TaskName": "motor",
    "dataset": "ds000224",
    "modality": "bold",
    "run_id": 2,
    "session_id": "func02",
    "subject_id": "MSC05",
    "task_id": "motor"
  },
  "dummy_trs": 0,
  "dvars_nstd": 12.93725518330097,
  "dvars_std": 1.1210148369902908,
  "dvars_vstd": 0.9877087311650483,
  "efc": 0.40786246769162193,
  "fber": 39093.43359375,
  "fd_mean": 0.11606394152004418,
  "fd_num": 3,
  "fd_perc": 2.8846153846153846,
  "fwhm_avg": 1.6982291014573054,
  "fwhm_x": 1.56633,
  "fwhm_y": 1.88731,
  "fwhm_z": 1.6410473043719167,
  "gcor": 0.0222356,
  "gsr_x": -0.017490729689598083,
  "gsr_y": 0.017499849200248718,
  "provenance": {
    "md5sum": "f42f454f9e89900710e2da980f287063",
    "settings": {
      "fd_thres": 0.2,
      "testing": false
    },
    "software": "mriqc",
    "version": "22.0.6",
    "webapi_port": null,
    "webapi_url": "https://mriqc.nimh.nih.gov/api/v1"
  },
  "size_t": 104,
  "size_x": 64,
  "size_y": 64,
  "size_z": 36,
  "snr": 8.168840609846047,
  "spacing_tr": 2.200000047683716,
  "spacing_x": 4.0,
  "spacing_y": 4.0,
  "spacing_z": 4.000000476837158,
  "summary_bg_k": 41.05066151444584,
  "summary_bg_mad": 2.5660421924966452,
  "summary_bg_mean": 18.437335968017578,
  "summary_bg_median": 3.634615421295166,
  "summary_bg_n": 101724.0,
  "summary_bg_p05": 1.586538553237915,
  "summary_bg_p95": 87.2596206665039,
  "summary_bg_stdv": 45.10739517211914,
  "summary_fg_k": 3.4487294343643526,
  "summary_fg_mad": 79.59720660601951,
  "summary_fg_mean": 724.9242553710938,
  "summary_fg_median": 724.09619140625,
  "summary_fg_n": 17388.0,
  "summary_fg_p05": 592.7029266357422,
  "summary_fg_p95": 861.2500610351562,
  "summary_fg_stdv": 88.6386947631836,
  "tsnr": 101.9112847354263
}