{
  "aor": 0.0026442787286063574,
  "aqi": 0.016640907982885086,
  "bids_meta": {
    "BodyPartExamined": "HEAD",
    "CogAtlasID": "http://www.cognitiveatlas.org/term/id/trm_4c8a834779883",
    "ConversionSoftware": "dcm2niix",
    "ConversionSoftwareVersion": "v1.0.20170411 GCC4.4.7",
    "EchoTime": 0.027,
    "EffectiveEchoSpacing": 0.000590001,
    "FlipAngle": 90,
    "ImageType": [
      "ORIGINAL",
      "PRIMARY",
      "M",
      "ND",
      "NORM",
      "MOSAIC"
    ],
    "Instructions": "During this first scan, a plus sign will be presented on the screen.  All you need to do is simply relax and look at the plus sign. Please keep your eyes open the entire time, and be as still as possible. It's extremely important that you stay awake for the entire duration of this scan. This scan will last ~30 minutes.",
    "MagneticFieldStrength": 3,
    "Manufacturer": "Siemens",
    "ManufacturersModelName": "TrioTim",
    "PhaseEncodingDirection": "j-",
    "ProcedureStepDescription": "head_Dosenbach_MSC",
    "ProtocolName": "RSFC_818Frames_36Slices_TR2.2",
    "RepetitionTime": 2.2,
    "ScanningSequence": "EP",
    "SequenceName": "_epfid2d1_64",
    "SequenceVariant": "SK",
    "SeriesDescription": "RSFC_818Frames_36Slices_TR2.2",
    "SliceTiming": [
      1.105,
      0,
      1.165,
      0.06,
      1.2275,
      0.1225,
      1.2875,
      0.185,
      1.35,
      0.245,
      1.41,
      0.3075,
      1.4725,
      0.3675,
      1.5325,
      0.43,
      1.595,
      0.49,
      1.655,
      0.5525,
      1.7175,
      0.6125,
      1.78,
      0.675,
      1.84,
      0.735,
      1.9025,
      0.7975,
      1.9625,
      0.8575,
      2.025,
      0.92,
      2.085,
      0.9825,
      2.1475,
      1.0425
    ],
    "SoftwareVersion": "syngo MR B17",
    "TaskName": "rest",
    "dataset": "ds000224",
    "modality": "bold",
    "session_id": "func02",
    "subject_id": "MSC05",
    "task_id": "rest"
  },
  "dummy_trs": 0,
  "dvars_nstd": 13.385190839853122,
  "dvars_std": 1.0599052918359853,
  "dvars_vstd": 0.9484431894369649,
  "efc": 0.4198994227345989,
  "fber": 29182.845703125,
  "fd_mean": 0.1387001444015325,
  "fd_num": 139,
  "fd_perc": 16.992665036674815,
  "fwhm_avg": 1.7425582666626653,
  "fwhm_x": 1.607935,
  "fwhm_y": 1.9419175,
  "fwhm_z": 1.6778222999879957,
  "gcor": 0.0263372,
  "gsr_x": -0.020423488691449165,
  "gsr_y": 0.015724847093224525,
  "provenance": {
    "md5sum": "2e874fb3a33d296d7034b4fac819f834",
    "settings": {
      "fd_thres": 0.2,
      "testing": false
    },
    "software": "mriqc",
    "version": "22.0.6",
    "webapi_port": null,
    "webapi_url": "https://mriqc.nimh.nih.gov/api/v1"
  },
  "size_t": 818,
  "size_x": 64,
  "size_y": 64,
  "size_z": 36,
  "snr": 8.221460893260675,
  "spacing_tr": 2.200000047683716,
  "spacing_x": 4.0,
  "spacing_y": 4.0,
  "spacing_z": 4.000000476837158,
  "summary_bg_k": 33.747416330471,
  "summary_bg_mad": 3.4201348541263683,
  "summary_bg_mean": 19.577571868896484,
  "summary_bg_median": 4.050122261047363,
  "summary_bg_n": 100553.0,
  "summary_bg_p05": 1.3545233011245728,
  "summary_bg_p95": 90.55134887695309,
  "summary_bg_stdv": 45.515098571777344,
  "summary_fg_k": 3.0239874201683783,
  "summary_fg_mad": 75.872783869859,
  "summary_fg_mean": 701.1162109375,
  "summary_fg_median": 700.970703125,
  "summary_fg_n": 18062.0,
  "summary_fg_p05": 570.4582000732422,
  "summary_fg_p95": 832.3901947021485,
  "summary_fg_stdv": 85.25872802734375,
  "tsnr": 53.12049108091742
}