{
  "bids_meta": {
    "BodyPartExamined": "HEAD",
    "ConversionSoftware": "dcm2niix",
    "ConversionSoftwareVersion": "v1.0.20170411 GCC4.4.7",
    "EchoTime": 0.479,
    "FlipAngle": 120,
    "ImageType": [
      "ORIGINAL",
      "PRIMARY",
      "M",
      "ND",
      "NORM"
    ],
    "MagneticFieldStrength": 3,
    "Manufacturer": "Siemens",
    "ManufacturersModelName": "TrioTim",
    "PhaseEncodingDirection": "i-",
    "ProcedureStepDescription": "head_Dosenbach_MSC",
    "ProtocolName": "T2_.8x.8x.8_224Slices",
    "RepetitionTime": 3.2,
    "ScanningSequence": "SE",
    "SequenceName": "_spc3d1_282ns",
    "SequenceVariant": "SK_SP",
    "SeriesDescription": "T2_.8x.8x.8_224Slices",
    "dataset": "ds000224",
    "modality": "T2w",
    "run_id": 2,
    "session_id": "struct01",
    "subject_id": "MSC01"
  },
  "cjv": 0.19216275145212167,
  "cnr": 2.1309185575407654,
  "efc": 0.617729818747344,
  "fber": 5660.523890412288,
  "fwhm_avg": 2.495354270788447,
  "fwhm_x": 2.3568218367555858,
  "fwhm_y": 2.696429268292683,
  "fwhm_z": 2.4328117073170734,
  "icvs_csf": 0.3392508445253246,
  "icvs_gm": 0.5602762324636938,
  "icvs_wm": 0.10047292301098157,
  "inu_med": 0.9616122841835022,
  "inu_range": 0.3345118463039398,
  "provenance": {
    "md5sum": "ae3e323299b097f4d206813ea18c1cd5",
    "settings": {
      "testing": false
    },
    "software": "mriqc",
    "version": "22.0.6",
    "warnings": {
      "large_rot_frame": true,
      "small_air_mask": false
    },
    "webapi_port": null,
    "webapi_url": "https://mriqc.nimh.nih.gov/api/v1"
  },
  "qi_1": 0.00012355090320049367,
  "qi_2": 0.00726934654822415,
  "rpve_csf": 9.029688537783642,
  "rpve_gm": 6.41210327050644,
  "rpve_wm": 36.774836398687675,
  "size_x": 224,
  "size_y": 256,
  "size_z": 256,
  "snr_csf": 5.747799018667894,
  "snr_gm": 5.899211664820196,
  "snr_total": 4.935524023594662,
  "snr_wm": 3.159561387295896,
  "snrd_csf": 35.790584664344436,
  "snrd_gm": 19.228638443151517,
  "snrd_total": 38.64697318663388,
  "snrd_wm": 60.92169645240569,
  "spacing_x": 0.800005316734314,
  "spacing_y": 0.80078125,
  "spacing_z": 0.80078125,
  "summary_bg_k": 92.58407641055074,
  "summary_bg_mad": 0.0,
  "summary_bg_mean": 5.269913324323375,
  "summary_bg_median": 0.0,
  "summary_bg_n": 4060061.0,
  "summary_bg_p05": 0.0,
  "summary_bg_p95": 22.87151224538684,
  "summary_bg_stdv": 10.752457397658661,
  "summary_csf_k": 0.40275362895478883,
  "summary_csf_mad": 96.81623812492653,
  "summary_csf_mean": 595.5893561594238,
  "summary_csf_median": 587.4146770667285,
  "summary_csf_n": 92124.0,
  "summary_csf_p05": 440.86536256596446,
  "summary_csf_p95": 773.6797938086092,
  "summary_csf_stdv": 102.1976389529792,
  "summary_gm_k": 0.06383859897192012,
  "summary_gm_mad": 53.02405217599888,
  "summary_gm_mean": 316.4226607637398,
  "summary_gm_median": 315.59094514511526,
  "summary_gm_n": 536713.0,
  "summary_gm_p05": 229.4735146574676,
  "summary_gm_p95": 405.7797443047166,
  "summary_gm_stdv": 53.49708894555309,
  "summary_wm_k": 1.5889231251446914,
  "summary_wm_mad": 78.47086293010548,
  "summary_wm_mean": 865.060374699031,
  "summary_wm_median": 999.8802473768592,
  "summary_wm_n": 20479.0,
  "summary_wm_p05": 87.95353792794049,
  "summary_wm_p95": 1095.4616142578423,
  "summary_wm_stdv": 316.4539985734221,
  "tpm_overlap_csf": 0.11958773545871734,
  "tpm_overlap_gm": 0.34000481130234667,
  "tpm_overlap_wm": 0.022579581186364803,
  "wm2max": 0.9405448025982316
}