{
  "bids_meta": {
    "BodyPartExamined": "HEAD",
    "ConversionSoftware": "dcm2niix",
    "ConversionSoftwareVersion": "v1.0.20170411 GCC4.4.7",
    "EchoTime": 0.479,
    "FlipAngle": 120,
    "ImageType": [
      "ORIGINAL",
      "PRIMARY",
      "M",
      "ND",
      "NORM"
    ],
    "MagneticFieldStrength": 3,
    "Manufacturer": "Siemens",
    "ManufacturersModelName": "TrioTim",
    "PhaseEncodingDirection": "i-",
    "ProcedureStepDescription": "head_Dosenbach_MSC",
    "ProtocolName": "T2_.8x.8x.8_224Slices",
    "RepetitionTime": 3.2,
    "ScanningSequence": "SE",
    "SequenceName": "_spc3d1_282ns",
    "SequenceVariant": "SK_SP",
    "SeriesDescription": "T2_.8x.8x.8_224Slices",
    "dataset": "ds000224",
    "modality": "T2w",
    "run_id": 1,
    "session_id": "struct01",
    "subject_id": "MSC01"
  },
  "cjv": 0.30882593204773706,
  "cnr": 2.3645419605185207,
  "efc": 0.61157177826795,
  "fber": 5485.165736961451,
  "fwhm_avg": 2.392294634577605,
  "fwhm_x": 2.2348101476352538,
  "fwhm_y": 2.6509611707317076,
  "fwhm_z": 2.2911125853658536,
  "icvs_csf": 0.3106431303339406,
  "icvs_gm": 0.5725742276622103,
  "icvs_wm": 0.11678264200384901,
  "inu_med": 0.9443552196025848,
  "inu_range": 0.29205307364463806,
  "provenance": {
    "md5sum": "ef8576212abf39ea652fd9a477d8adf3",
    "settings": {
      "testing": false
    },
    "software": "mriqc",
    "version": "22.0.6",
    "warnings": {
      "large_rot_frame": true,
      "small_air_mask": false
    },
    "webapi_port": null,
    "webapi_url": "https://mriqc.nimh.nih.gov/api/v1"
  },
  "qi_1": 0.0001284258413415907,
  "qi_2": 0.009079529192477925,
  "rpve_csf": 9.42014294928604,
  "rpve_gm": 6.3257617269746405,
  "rpve_wm": 32.728187304834954,
  "size_x": 224,
  "size_y": 256,
  "size_z": 256,
  "snr_csf": 6.308848508385213,
  "snr_gm": 6.095583600281385,
  "snr_total": 5.31905843475196,
  "snr_wm": 3.5527431955892825,
  "snrd_csf": 37.79183724547238,
  "snrd_gm": 21.02360391468902,
  "snrd_total": 41.34213460692394,
  "snrd_wm": 65.21096266061043,
  "spacing_x": 0.800005316734314,
  "spacing_y": 0.80078125,
  "spacing_z": 0.80078125,
  "summary_bg_k": 131.65268488265068,
  "summary_bg_mad": 0.0,
  "summary_bg_mean": 5.02580779915463,
  "summary_bg_median": 0.0,
  "summary_bg_n": 3951116.0,
  "summary_bg_p05": 0.0,
  "summary_bg_p95": 21.336496483534575,
  "summary_bg_stdv": 10.04035378632588,
  "summary_csf_k": 0.8618816795910322,
  "summary_csf_mad": 83.33245615027597,
  "summary_csf_mean": 587.1974362524204,
  "summary_csf_median": 579.1823140643537,
  "summary_csf_n": 72953.0,
  "summary_csf_p05": 451.7465193271637,
  "summary_csf_p95": 751.4227404370904,
  "summary_csf_stdv": 91.80412934675154,
  "summary_gm_k": 0.06805161224616407,
  "summary_gm_mad": 52.62317892852848,
  "summary_gm_mean": 323.52290541472627,
  "summary_gm_median": 322.1991957202554,
  "summary_gm_n": 578575.0,
  "summary_gm_p05": 238.92451905831695,
  "summary_gm_p95": 412.2508745640516,
  "summary_gm_stdv": 52.8577636542022,
  "summary_wm_k": 2.4491150623508604,
  "summary_wm_mad": 156.51296191802282,
  "summary_wm_mean": 897.0847489022698,
  "summary_wm_median": 999.3966689370573,
  "summary_wm_n": 27806.0,
  "summary_wm_p05": 144.64475502539426,
  "summary_wm_p95": 1142.0304440865293,
  "summary_wm_stdv": 281.2977586262301,
  "tpm_overlap_csf": 0.11497080549121161,
  "tpm_overlap_gm": 0.34776303741299924,
  "tpm_overlap_wm": 0.025600269137279152,
  "wm2max": 0.8850914530980071
}