{
  "bids_meta": {
    "BodyPartExamined": "HEAD",
    "ConversionSoftware": "dcm2niix",
    "ConversionSoftwareVersion": "v1.0.20170411 GCC4.4.7",
    "EchoTime": 0.00374,
    "FlipAngle": 8,
    "ImageType": [
      "ORIGINAL",
      "PRIMARY",
      "M",
      "ND",
      "NORM"
    ],
    "InversionTime": 1,
    "MagneticFieldStrength": 3,
    "Manufacturer": "Siemens",
    "ManufacturersModelName": "TrioTim",
    "PhaseEncodingDirection": "i-",
    "ProcedureStepDescription": "head_Dosenbach_MSC",
    "ProtocolName": "T1_.8x.8x.8_224Slices",
    "RepetitionTime": 2.4,
    "ScanningSequence": "GR_IR",
    "SequenceName": "_tfl3d1_ns",
    "SequenceVariant": "SP_MP_OSP",
    "SeriesDescription": "T1_.8x.8x.8_224Slices",
    "dataset": "ds000224",
    "modality": "T1w",
    "run_id": 1,
    "session_id": "struct01",
    "subject_id": "MSC01"
  },
  "cjv": 0.5491035185608397,
  "cnr": 2.490489808506931,
  "efc": 0.6463213892502472,
  "fber": 10135.684433109504,
  "fwhm_avg": 3.6125517498621833,
  "fwhm_x": 3.7259877373914287,
  "fwhm_y": 3.7409966829268293,
  "fwhm_z": 3.3706708292682928,
  "icvs_csf": 0.18598741276758077,
  "icvs_gm": 0.41463694418438063,
  "icvs_wm": 0.3993756430480386,
  "inu_med": 0.7235378623008728,
  "inu_range": 0.40786771774291997,
  "provenance": {
    "md5sum": "219ea6efabd35602bed2838f729705f2",
    "settings": {
      "testing": false
    },
    "software": "mriqc",
    "version": "22.0.6",
    "warnings": {
      "large_rot_frame": true,
      "small_air_mask": false
    },
    "webapi_port": null,
    "webapi_url": "https://mriqc.nimh.nih.gov/api/v1"
  },
  "qi_1": 0.0,
  "qi_2": 0.00299800676228899,
  "rpve_csf": 17.46244519057002,
  "rpve_gm": 7.945824949448004,
  "rpve_wm": 9.17785992666092,
  "size_x": 224,
  "size_y": 256,
  "size_z": 256,
  "snr_csf": 2.290494368525774,
  "snr_gm": 9.796238911928327,
  "snr_total": 8.62075737556436,
  "snr_wm": 13.775538846238979,
  "snrd_csf": 9.245546315119952,
  "snrd_gm": 23.737750115273244,
  "snrd_total": 21.758184367526884,
  "snrd_wm": 32.29125667218745,
  "spacing_x": 0.800005316734314,
  "spacing_y": 0.80078125,
  "spacing_z": 0.80078125,
  "summary_bg_k": 9.899123722328483,
  "summary_bg_mad": 0.0,
  "summary_bg_mean": 12.140657242547835,
  "summary_bg_median": 0.0,
  "summary_bg_n": 3844959.0,
  "summary_bg_p05": 0.0,
  "summary_bg_p95": 53.74467100203037,
  "summary_bg_stdv": 20.289999219330397,
  "summary_csf_k": 1.1989103847108096,
  "summary_csf_mad": 110.79645312365112,
  "summary_csf_mean": 295.803103656221,
  "summary_csf_median": 286.34056589752436,
  "summary_csf_n": 75559.0,
  "summary_csf_p05": 103.6289808165282,
  "summary_csf_p95": 517.4832438580685,
  "summary_csf_stdv": 125.01173327971466,
  "summary_gm_k": 0.04115364789401754,
  "summary_gm_mad": 74.26552045333268,
  "summary_gm_mean": 734.6955503342308,
  "summary_gm_median": 735.1735170073807,
  "summary_gm_n": 66554.0,
  "summary_gm_p05": 609.3768890351057,
  "summary_gm_p95": 856.8296944946051,
  "summary_gm_stdv": 75.04594369947273,
  "summary_wm_k": 0.20155391940444645,
  "summary_wm_mad": 71.19619991595832,
  "summary_wm_mean": 1002.713840884557,
  "summary_wm_median": 1000.0811627469957,
  "summary_wm_n": 503693.0,
  "summary_wm_p05": 887.680109873414,
  "summary_wm_p95": 1126.4460878446698,
  "summary_wm_stdv": 72.59826139366054,
  "tpm_overlap_csf": 0.1518027797274873,
  "tpm_overlap_gm": 0.4336383421062165,
  "tpm_overlap_wm": 0.49868297861590816,
  "wm2max": 0.52269049463774
}