{
  "bids_meta": {
    "BodyPartExamined": "HEAD",
    "ConversionSoftware": "dcm2niix",
    "ConversionSoftwareVersion": "v1.0.20170411 GCC4.4.7",
    "EchoTime": 0.00374,
    "FlipAngle": 8,
    "ImageType": [
      "ORIGINAL",
      "PRIMARY",
      "M",
      "ND",
      "NORM"
    ],
    "InversionTime": 1,
    "MagneticFieldStrength": 3,
    "Manufacturer": "Siemens",
    "ManufacturersModelName": "TrioTim",
    "PhaseEncodingDirection": "i-",
    "ProcedureStepDescription": "head_Dosenbach_MSC",
    "ProtocolName": "T1_.8x.8x.8_224Slices",
    "RepetitionTime": 2.4,
    "ScanningSequence": "GR_IR",
    "SequenceName": "_tfl3d1_ns",
    "SequenceVariant": "SP_MP_OSP",
    "SeriesDescription": "T1_.8x.8x.8_224Slices",
    "dataset": "ds000224",
    "modality": "T1w",
    "run_id": 2,
    "session_id": "struct01",
    "subject_id": "MSC01"
  },
  "cjv": 0.5567471873407811,
  "cnr": 2.4193025058552964,
  "efc": 0.6517815716297035,
  "fber": 4007.645856538204,
  "fwhm_avg": 3.704994677200443,
  "fwhm_x": 3.7771373974549878,
  "fwhm_y": 3.9074091707317073,
  "fwhm_z": 3.430437463414634,
  "icvs_csf": 0.18426978977184336,
  "icvs_gm": 0.3968279571137654,
  "icvs_wm": 0.4189022531143913,
  "inu_med": 0.794410914182663,
  "inu_range": 0.4767894178628922,
  "provenance": {
    "md5sum": "a5f94cb6fd8dd5d21ac1a78ddf20671e",
    "settings": {
      "testing": false
    },
    "software": "mriqc",
    "version": "22.0.6",
    "warnings": {
      "large_rot_frame": true,
      "small_air_mask": false
    },
    "webapi_port": null,
    "webapi_url": "https://mriqc.nimh.nih.gov/api/v1"
  },
  "qi_1": 0.0,
  "qi_2": 0.002311607471664473,
  "rpve_csf": 17.697307987972792,
  "rpve_gm": 8.070757893813688,
  "rpve_wm": 8.710585292971288,
  "size_x": 224,
  "size_y": 256,
  "size_z": 256,
  "snr_csf": 2.213060375255635,
  "snr_gm": 9.402668578505462,
  "snr_total": 7.998106880707354,
  "snr_wm": 12.378591688360963,
  "snrd_csf": 18.396065406968958,
  "snrd_gm": 45.885755237009356,
  "snrd_total": 42.5487318746467,
  "snrd_wm": 63.36437497996178,
  "spacing_x": 0.800005316734314,
  "spacing_y": 0.80078125,
  "spacing_z": 0.80078125,
  "summary_bg_k": 9.014318331977119,
  "summary_bg_mad": 10.340070871303793,
  "summary_bg_mean": 15.471283678862498,
  "summary_bg_median": 6.974271818995476,
  "summary_bg_n": 3929442.0,
  "summary_bg_p05": 0.0,
  "summary_bg_p95": 62.13055565580726,
  "summary_bg_stdv": 23.293325573868245,
  "summary_csf_k": 0.6168327723314695,
  "summary_csf_mad": 123.98627663670065,
  "summary_csf_mean": 298.7362328208828,
  "summary_csf_median": 290.3465905133635,
  "summary_csf_n": 76580.0,
  "summary_csf_p05": 94.83096001688392,
  "summary_csf_p95": 528.9411073064433,
  "summary_csf_stdv": 131.19601166142695,
  "summary_gm_k": 0.06475056861391826,
  "summary_gm_mad": 75.78515358114122,
  "summary_gm_mean": 724.2241475237954,
  "summary_gm_median": 724.2185919359326,
  "summary_gm_n": 56453.0,
  "summary_gm_p05": 596.0025581903756,
  "summary_gm_p95": 850.580490002781,
  "summary_gm_stdv": 77.02198280317566,
  "summary_wm_k": 0.3877780539791824,
  "summary_wm_mad": 77.80272838529805,
  "summary_wm_mean": 1005.2828965944467,
  "summary_wm_median": 1000.0850632153451,
  "summary_wm_n": 505535.0,
  "summary_wm_p05": 881.4799162447453,
  "summary_wm_p95": 1146.8849797956645,
  "summary_wm_stdv": 80.7914259761759,
  "tpm_overlap_csf": 0.14858524450568517,
  "tpm_overlap_gm": 0.4260257728891959,
  "tpm_overlap_wm": 0.490519266696007,
  "wm2max": 0.4877331797330609
}