{
  "aor": 0.0033067307692307693,
  "aqi": 0.009302869326923077,
  "bids_meta": {
    "BodyPartExamined": "HEAD",
    "CogAtlasID": "http://www.cognitiveatlas.org/term/id/trm_550b53d7dd674",
    "ConversionSoftware": "dcm2niix",
    "ConversionSoftwareVersion": "v1.0.20170411 GCC4.4.7",
    "EchoTime": 0.027,
    "EffectiveEchoSpacing": 0.000590001,
    "FlipAngle": 90,
    "ImageType": [
      "ORIGINAL",
      "PRIMARY",
      "M",
      "ND",
      "NORM",
      "MOSAIC"
    ],
    "Instructions": "In this next scan you'll be prompted to move your hands, feet, or tongue. You'll only move one of these at once. Instructions are presented on the screen. Let?s review them now. [Read on-screen instructions to participant.] Do you have any questions?",
    "MagneticFieldStrength": 3,
    "Manufacturer": "Siemens",
    "ManufacturersModelName": "TrioTim",
    "PhaseEncodingDirection": "j-",
    "ProcedureStepDescription": "head_Dosenbach_MSC",
    "ProtocolName": "Motor_104Frames_36Slices_TR2.2",
    "RepetitionTime": 2.2,
    "ScanningSequence": "EP",
    "SequenceName": "_epfid2d1_64",
    "SequenceVariant": "SK",
    "SeriesDescription": "Motor_104Frames_36Slices_TR2.2",
    "SliceTiming": [
      1.105,
      0,
      1.1675,
      0.0625,
      1.2275,
      0.1225,
      1.29,
      0.185,
      1.35,
      0.245,
      1.4125,
      0.3075,
      1.4725,
      0.37,
      1.535,
      0.43,
      1.595,
      0.4925,
      1.6575,
      0.5525,
      1.7175,
      0.615,
      1.78,
      0.675,
      1.84,
      0.7375,
      1.9025,
      0.7975,
      1.965,
      0.86,
      2.025,
      0.92,
      2.0875,
      0.9825,
      2.1475,
      1.0425
    ],
    "SoftwareVersion": "syngo MR B17",
    "TaskName": "motor",
    "dataset": "ds000224",
    "modality": "bold",
    "run_id": 1,
    "session_id": "func06",
    "subject_id": "MSC05",
    "task_id": "motor"
  },
  "dummy_trs": 0,
  "dvars_nstd": 17.451976063106795,
  "dvars_std": 1.1047133313592232,
  "dvars_vstd": 0.9607264537864079,
  "efc": 0.41105872129060456,
  "fber": 40670.4609375,
  "fd_mean": 0.20533995229271212,
  "fd_num": 40,
  "fd_perc": 38.46153846153846,
  "fwhm_avg": 1.7507764636342458,
  "fwhm_x": 1.613635,
  "fwhm_y": 1.935535,
  "fwhm_z": 1.7031593909027372,
  "gcor": 0.0167049,
  "gsr_x": -0.013706519268453121,
  "gsr_y": 0.028613410890102386,
  "provenance": {
    "md5sum": "8a9717b83f61a49be4522eff90611940",
    "settings": {
      "fd_thres": 0.2,
      "testing": false
    },
    "software": "mriqc",
    "version": "22.0.6",
    "webapi_port": null,
    "webapi_url": "https://mriqc.nimh.nih.gov/api/v1"
  },
  "size_t": 104,
  "size_x": 64,
  "size_y": 64,
  "size_z": 36,
  "snr": 7.92502577462938,
  "spacing_tr": 2.200000047683716,
  "spacing_x": 4.0,
  "spacing_y": 4.0,
  "spacing_z": 4.000001430511475,
  "summary_bg_k": 34.77241891133713,
  "summary_bg_mad": 3.4356457295062013,
  "summary_bg_mean": 19.948619842529297,
  "summary_bg_median": 3.875000238418579,
  "summary_bg_n": 101373.0,
  "summary_bg_p05": 1.067307710647583,
  "summary_bg_p95": 98.6461593627928,
  "summary_bg_stdv": 48.49588394165039,
  "summary_fg_k": 2.5264319786043687,
  "summary_fg_mad": 89.69743421958893,
  "summary_fg_mean": 781.4223022460938,
  "summary_fg_median": 781.831787109375,
  "summary_fg_n": 18070.0,
  "summary_fg_p05": 626.2885131835938,
  "summary_fg_p95": 931.2370697021485,
  "summary_fg_stdv": 98.65080261230469,
  "tsnr": 73.14564272062853
}