{
  "aor": 0.010057933985330073,
  "aqi": 0.019899525929095354,
  "bids_meta": {
    "BodyPartExamined": "HEAD",
    "CogAtlasID": "http://www.cognitiveatlas.org/term/id/trm_4c8a834779883",
    "ConversionSoftware": "dcm2niix",
    "ConversionSoftwareVersion": "v1.0.20170411 GCC4.4.7",
    "EchoTime": 0.027,
    "EffectiveEchoSpacing": 0.000590001,
    "FlipAngle": 90,
    "ImageType": [
      "ORIGINAL",
      "PRIMARY",
      "M",
      "ND",
      "NORM",
      "MOSAIC"
    ],
    "Instructions": "During this first scan, a plus sign will be presented on the screen.  All you need to do is simply relax and look at the plus sign. Please keep your eyes open the entire time, and be as still as possible. It's extremely important that you stay awake for the entire duration of this scan. This scan will last ~30 minutes.",
    "MagneticFieldStrength": 3,
    "Manufacturer": "Siemens",
    "ManufacturersModelName": "TrioTim",
    "PhaseEncodingDirection": "j-",
    "ProcedureStepDescription": "head_Dosenbach_MSC",
    "ProtocolName": "RSFC_818Frames_36Slices_TR2.2",
    "RepetitionTime": 2.2,
    "ScanningSequence": "EP",
    "SequenceName": "_epfid2d1_64",
    "SequenceVariant": "SK",
    "SeriesDescription": "RSFC_818Frames_36Slices_TR2.2",
    "SliceTiming": [
      1.105,
      0,
      1.165,
      0.06,
      1.2275,
      0.1225,
      1.2875,
      0.185,
      1.35,
      0.245,
      1.41,
      0.3075,
      1.4725,
      0.3675,
      1.5325,
      0.43,
      1.595,
      0.49,
      1.655,
      0.5525,
      1.7175,
      0.6125,
      1.78,
      0.675,
      1.84,
      0.735,
      1.9025,
      0.7975,
      1.9625,
      0.8575,
      2.025,
      0.92,
      2.085,
      0.9825,
      2.1475,
      1.0425
    ],
    "SoftwareVersion": "syngo MR B17",
    "TaskName": "rest",
    "dataset": "ds000224",
    "modality": "bold",
    "session_id": "func06",
    "subject_id": "MSC05",
    "task_id": "rest"
  },
  "dummy_trs": 0,
  "dvars_nstd": 15.688788136156669,
  "dvars_std": 1.075314194026928,
  "dvars_vstd": 0.9414297877356186,
  "efc": 0.4173952963209955,
  "fber": 32440.47265625,
  "fd_mean": 0.1784568714378513,
  "fd_num": 250,
  "fd_perc": 30.56234718826406,
  "fwhm_avg": 1.7485914656467958,
  "fwhm_x": 1.62589,
  "fwhm_y": 1.9336075,
  "fwhm_z": 1.6862768969403874,
  "gcor": 0.0529779,
  "gsr_x": -0.01766284555196762,
  "gsr_y": 0.020943135023117065,
  "provenance": {
    "md5sum": "de743a7b13fafdd7345b8d7b292f1f3d",
    "settings": {
      "fd_thres": 0.2,
      "testing": false
    },
    "software": "mriqc",
    "version": "22.0.6",
    "webapi_port": null,
    "webapi_url": "https://mriqc.nimh.nih.gov/api/v1"
  },
  "size_t": 818,
  "size_x": 64,
  "size_y": 64,
  "size_z": 36,
  "snr": 7.90033813566356,
  "spacing_tr": 2.200000047683716,
  "spacing_x": 4.0,
  "spacing_y": 4.0,
  "spacing_z": 4.000001430511475,
  "summary_bg_k": 33.4496272689807,
  "summary_bg_mad": 4.0019387564446935,
  "summary_bg_mean": 21.424699783325195,
  "summary_bg_median": 4.377750873565674,
  "summary_bg_n": 100781.0,
  "summary_bg_p05": 1.209046483039856,
  "summary_bg_p95": 102.87408447265625,
  "summary_bg_stdv": 50.394351959228516,
  "summary_fg_k": 2.8845586454545895,
  "summary_fg_mad": 91.22718217514539,
  "summary_fg_mean": 788.3623657226562,
  "summary_fg_median": 788.13818359375,
  "summary_fg_n": 18252.0,
  "summary_fg_p05": 635.7333435058594,
  "summary_fg_p95": 941.620571899414,
  "summary_fg_stdv": 99.75732421875,
  "tsnr": 50.594234531745315
}