{
  "aor": 0.003294854368932039,
  "aqi": 0.019657455436893206,
  "bids_meta": {
    "BodyPartExamined": "HEAD",
    "CogAtlasID": "http://www.cognitiveatlas.org/term/id/trm_550b53d7dd674",
    "ConversionSoftware": "dcm2niix",
    "ConversionSoftwareVersion": "v1.0.20170411 GCC4.4.7",
    "EchoTime": 0.027,
    "EffectiveEchoSpacing": 0.000590001,
    "FlipAngle": 90,
    "ImageType": [
      "ORIGINAL",
      "PRIMARY",
      "M",
      "ND",
      "NORM",
      "MOSAIC"
    ],
    "Instructions": "In this next scan you'll be prompted to move your hands, feet, or tongue. You'll only move one of these at once. Instructions are presented on the screen. Let?s review them now. [Read on-screen instructions to participant.] Do you have any questions?",
    "MagneticFieldStrength": 3,
    "Manufacturer": "Siemens",
    "ManufacturersModelName": "TrioTim",
    "PhaseEncodingDirection": "j-",
    "ProcedureStepDescription": "head_Dosenbach_MSC",
    "ProtocolName": "Motor_104Frames_36Slices_TR2.2",
    "RepetitionTime": 2.2,
    "ScanningSequence": "EP",
    "SequenceName": "_epfid2d1_64",
    "SequenceVariant": "SK",
    "SeriesDescription": "Motor_104Frames_36Slices_TR2.2",
    "SliceTiming": [
      1.105,
      0,
      1.1675,
      0.0625,
      1.2275,
      0.1225,
      1.29,
      0.185,
      1.35,
      0.245,
      1.4125,
      0.3075,
      1.4725,
      0.37,
      1.535,
      0.43,
      1.595,
      0.4925,
      1.6575,
      0.5525,
      1.7175,
      0.615,
      1.78,
      0.675,
      1.84,
      0.7375,
      1.9025,
      0.7975,
      1.965,
      0.86,
      2.025,
      0.92,
      2.0875,
      0.9825,
      2.1475,
      1.0425
    ],
    "SoftwareVersion": "syngo MR B17",
    "TaskName": "motor",
    "dataset": "ds000224",
    "modality": "bold",
    "run_id": 2,
    "session_id": "func06",
    "subject_id": "MSC05",
    "task_id": "motor"
  },
  "dummy_trs": 1,
  "dvars_nstd": 17.23077750666667,
  "dvars_std": 1.0127229630392152,
  "dvars_vstd": 0.8822298727450977,
  "efc": 0.42440241630591546,
  "fber": 25570.451171875,
  "fd_mean": 0.2169350999402492,
  "fd_num": 52,
  "fd_perc": 50.48543689320388,
  "fwhm_avg": 1.7254664702363518,
  "fwhm_x": 1.6003725,
  "fwhm_y": 1.92825,
  "fwhm_z": 1.6477769107090554,
  "gcor": 0.00836425,
  "gsr_x": -0.022862132638692856,
  "gsr_y": 0.01680503971874714,
  "provenance": {
    "md5sum": "41255b1450aa5ed20f00d1022a088b10",
    "settings": {
      "fd_thres": 0.2,
      "testing": false
    },
    "software": "mriqc",
    "version": "22.0.6",
    "webapi_port": null,
    "webapi_url": "https://mriqc.nimh.nih.gov/api/v1"
  },
  "size_t": 103,
  "size_x": 64,
  "size_y": 64,
  "size_z": 36,
  "snr": 8.100081709701483,
  "spacing_tr": 2.200000047683716,
  "spacing_x": 4.0,
  "spacing_y": 4.0,
  "spacing_z": 4.000001430511475,
  "summary_bg_k": 28.212108306568833,
  "summary_bg_mad": 4.6637194335149434,
  "summary_bg_mean": 24.439666748046875,
  "summary_bg_median": 4.8932037353515625,
  "summary_bg_n": 100426.0,
  "summary_bg_p05": 1.184466004371643,
  "summary_bg_p95": 117.35922241210938,
  "summary_bg_stdv": 55.63606643676758,
  "summary_fg_k": 2.8233888499202813,
  "summary_fg_mad": 87.48791893826254,
  "summary_fg_mean": 787.1829223632812,
  "summary_fg_median": 786.3689575195312,
  "summary_fg_n": 17997.0,
  "summary_fg_p05": 638.2271850585938,
  "summary_fg_p95": 936.4990600585937,
  "summary_fg_stdv": 97.07891082763672,
  "tsnr": 50.40831923298538
}