{
  "aor": 0.0014788984088127297,
  "aqi": 0.0194127035373317,
  "bids_meta": {
    "BodyPartExamined": "HEAD",
    "CogAtlasID": "http://www.cognitiveatlas.org/term/id/trm_4c8a834779883",
    "ConversionSoftware": "dcm2niix",
    "ConversionSoftwareVersion": "v1.0.20170411 GCC4.4.7",
    "EchoTime": 0.027,
    "EffectiveEchoSpacing": 0.000590001,
    "FlipAngle": 90,
    "ImageType": [
      "ORIGINAL",
      "PRIMARY",
      "M",
      "ND",
      "NORM",
      "MOSAIC"
    ],
    "Instructions": "During this first scan, a plus sign will be presented on the screen.  All you need to do is simply relax and look at the plus sign. Please keep your eyes open the entire time, and be as still as possible. It's extremely important that you stay awake for the entire duration of this scan. This scan will last ~30 minutes.",
    "MagneticFieldStrength": 3,
    "Manufacturer": "Siemens",
    "ManufacturersModelName": "TrioTim",
    "PhaseEncodingDirection": "j-",
    "ProcedureStepDescription": "head_Dosenbach_MSC",
    "ProtocolName": "RSFC_818Frames_36Slices_TR2.2",
    "RepetitionTime": 2.2,
    "ScanningSequence": "EP",
    "SequenceName": "_epfid2d1_64",
    "SequenceVariant": "SK",
    "SeriesDescription": "RSFC_818Frames_36Slices_TR2.2",
    "SliceTiming": [
      1.105,
      0,
      1.165,
      0.06,
      1.2275,
      0.1225,
      1.2875,
      0.185,
      1.35,
      0.245,
      1.41,
      0.3075,
      1.4725,
      0.3675,
      1.5325,
      0.43,
      1.595,
      0.49,
      1.655,
      0.5525,
      1.7175,
      0.6125,
      1.78,
      0.675,
      1.84,
      0.735,
      1.9025,
      0.7975,
      1.9625,
      0.8575,
      2.025,
      0.92,
      2.085,
      0.9825,
      2.1475,
      1.0425
    ],
    "SoftwareVersion": "syngo MR B17",
    "TaskName": "rest",
    "dataset": "ds000224",
    "modality": "bold",
    "session_id": "func08",
    "subject_id": "MSC07",
    "task_id": "rest"
  },
  "dummy_trs": 1,
  "dvars_nstd": 14.352645210171554,
  "dvars_std": 1.0988399431127462,
  "dvars_vstd": 0.8906067288235295,
  "efc": 0.4033652169168806,
  "fber": 30007.595703125,
  "fd_mean": 0.1496550478595433,
  "fd_num": 169,
  "fd_perc": 20.685434516523866,
  "fwhm_avg": 1.658900901541714,
  "fwhm_x": 1.5436625,
  "fwhm_y": 1.8153551082035964,
  "fwhm_z": 1.6176850964215457,
  "gcor": 0.0179981,
  "gsr_x": -0.030309505760669708,
  "gsr_y": 0.015846973285079002,
  "provenance": {
    "md5sum": "8336ab89890df30cb2b16fb783da3e09",
    "settings": {
      "fd_thres": 0.2,
      "testing": false
    },
    "software": "mriqc",
    "version": "22.0.6",
    "webapi_port": null,
    "webapi_url": "https://mriqc.nimh.nih.gov/api/v1"
  },
  "size_t": 817,
  "size_x": 64,
  "size_y": 64,
  "size_z": 36,
  "snr": 7.992342641417842,
  "spacing_tr": 2.200000047683716,
  "spacing_x": 4.0,
  "spacing_y": 3.999999761581421,
  "spacing_z": 3.999999761581421,
  "summary_bg_k": 27.891241416028205,
  "summary_bg_mad": 3.781815325707308,
  "summary_bg_mean": 22.77281379699707,
  "summary_bg_median": 4.383109092712402,
  "summary_bg_n": 103226.0,
  "summary_bg_p05": 1.3684210777282715,
  "summary_bg_p95": 114.61628341674805,
  "summary_bg_stdv": 54.31721115112305,
  "summary_fg_k": 1.355814259401071,
  "summary_fg_mad": 87.94896986009397,
  "summary_fg_mean": 761.6387329101562,
  "summary_fg_median": 757.7882690429688,
  "summary_fg_n": 15883.0,
  "summary_fg_p05": 613.1455200195312,
  "summary_fg_p95": 911.818115234375,
  "summary_fg_stdv": 94.8113021850586,
  "tsnr": 50.231924230698496
}