{
  "aor": 0.0059075,
  "aqi": 0.008306029903846154,
  "bids_meta": {
    "BodyPartExamined": "HEAD",
    "CogAtlasID": "http://www.cognitiveatlas.org/term/id/trm_550b53d7dd674",
    "ConversionSoftware": "dcm2niix",
    "ConversionSoftwareVersion": "v1.0.20170411 GCC4.4.7",
    "EchoTime": 0.027,
    "EffectiveEchoSpacing": 0.000590001,
    "FlipAngle": 90,
    "ImageType": [
      "ORIGINAL",
      "PRIMARY",
      "M",
      "ND",
      "NORM",
      "MOSAIC"
    ],
    "Instructions": "In this next scan you'll be prompted to move your hands, feet, or tongue. You'll only move one of these at once. Instructions are presented on the screen. Let?s review them now. [Read on-screen instructions to participant.] Do you have any questions?",
    "MagneticFieldStrength": 3,
    "Manufacturer": "Siemens",
    "ManufacturersModelName": "TrioTim",
    "PhaseEncodingDirection": "j-",
    "ProcedureStepDescription": "head_Dosenbach_MSC",
    "ProtocolName": "Motor_104Frames_36Slices_TR2.2",
    "RepetitionTime": 2.2,
    "ScanningSequence": "EP",
    "SequenceName": "_epfid2d1_64",
    "SequenceVariant": "SK",
    "SeriesDescription": "Motor_104Frames_36Slices_TR2.2",
    "SliceTiming": [
      1.105,
      0,
      1.1675,
      0.0625,
      1.2275,
      0.1225,
      1.29,
      0.185,
      1.35,
      0.245,
      1.4125,
      0.3075,
      1.4725,
      0.37,
      1.535,
      0.43,
      1.595,
      0.4925,
      1.6575,
      0.5525,
      1.7175,
      0.615,
      1.78,
      0.675,
      1.84,
      0.7375,
      1.9025,
      0.7975,
      1.965,
      0.86,
      2.025,
      0.92,
      2.0875,
      0.9825,
      2.1475,
      1.0425
    ],
    "SoftwareVersion": "syngo MR B17",
    "TaskName": "motor",
    "dataset": "ds000224",
    "modality": "bold",
    "run_id": 2,
    "session_id": "func08",
    "subject_id": "MSC07",
    "task_id": "motor"
  },
  "dummy_trs": 0,
  "dvars_nstd": 16.037498168543685,
  "dvars_std": 1.189934870776699,
  "dvars_vstd": 0.9817114454368936,
  "efc": 0.4032092265354892,
  "fber": 33431.4609375,
  "fd_mean": 0.1965184417729919,
  "fd_num": 42,
  "fd_perc": 40.38461538461539,
  "fwhm_avg": 1.6431584010845464,
  "fwhm_x": 1.519445,
  "fwhm_y": 1.8093676078467136,
  "fwhm_z": 1.6006625954069256,
  "gcor": 0.0379387,
  "gsr_x": -0.031039925292134285,
  "gsr_y": 0.015988528728485107,
  "provenance": {
    "md5sum": "ebbca727575bac99c1bb6045bb21ed1b",
    "settings": {
      "fd_thres": 0.2,
      "testing": false
    },
    "software": "mriqc",
    "version": "22.0.6",
    "webapi_port": null,
    "webapi_url": "https://mriqc.nimh.nih.gov/api/v1"
  },
  "size_t": 104,
  "size_x": 64,
  "size_y": 64,
  "size_z": 36,
  "snr": 7.959645981692769,
  "spacing_tr": 2.200000047683716,
  "spacing_x": 4.0,
  "spacing_y": 3.999999761581421,
  "spacing_z": 3.999999761581421,
  "summary_bg_k": 26.844903795536275,
  "summary_bg_mad": 3.4926687558026033,
  "summary_bg_mean": 23.302154541015625,
  "summary_bg_median": 4.153846263885498,
  "summary_bg_n": 103289.0,
  "summary_bg_p05": 1.384615421295166,
  "summary_bg_p95": 120.63077545166007,
  "summary_bg_stdv": 55.4973030090332,
  "summary_fg_k": 1.4272884401377048,
  "summary_fg_mad": 89.7401459045947,
  "summary_fg_mean": 766.861572265625,
  "summary_fg_median": 763.25,
  "summary_fg_n": 15805.0,
  "summary_fg_p05": 619.6019653320312,
  "summary_fg_p95": 920.3962036132812,
  "summary_fg_stdv": 95.88690948486328,
  "tsnr": 77.0138475112617
}