{
  "aor": 0.0026391346153846152,
  "aqi": 0.004406011634615384,
  "bids_meta": {
    "BodyPartExamined": "HEAD",
    "CogAtlasID": "http://www.cognitiveatlas.org/term/id/trm_550b53d7dd674",
    "ConversionSoftware": "dcm2niix",
    "ConversionSoftwareVersion": "v1.0.20170411 GCC4.4.7",
    "EchoTime": 0.027,
    "EffectiveEchoSpacing": 0.000590001,
    "FlipAngle": 90,
    "ImageType": [
      "ORIGINAL",
      "PRIMARY",
      "M",
      "ND",
      "NORM",
      "MOSAIC"
    ],
    "Instructions": "In this next scan you'll be prompted to move your hands, feet, or tongue. You'll only move one of these at once. Instructions are presented on the screen. Let?s review them now. [Read on-screen instructions to participant.] Do you have any questions?",
    "MagneticFieldStrength": 3,
    "Manufacturer": "Siemens",
    "ManufacturersModelName": "TrioTim",
    "PhaseEncodingDirection": "j-",
    "ProcedureStepDescription": "head_Dosenbach_MSC",
    "ProtocolName": "Motor_104Frames_36Slices_TR2.2",
    "RepetitionTime": 2.2,
    "ScanningSequence": "EP",
    "SequenceName": "_epfid2d1_64",
    "SequenceVariant": "SK",
    "SeriesDescription": "Motor_104Frames_36Slices_TR2.2",
    "SliceTiming": [
      1.105,
      0,
      1.1675,
      0.0625,
      1.2275,
      0.1225,
      1.29,
      0.185,
      1.35,
      0.245,
      1.4125,
      0.3075,
      1.4725,
      0.37,
      1.535,
      0.43,
      1.595,
      0.4925,
      1.6575,
      0.5525,
      1.7175,
      0.615,
      1.78,
      0.675,
      1.84,
      0.7375,
      1.9025,
      0.7975,
      1.965,
      0.86,
      2.025,
      0.92,
      2.0875,
      0.9825,
      2.1475,
      1.0425
    ],
    "SoftwareVersion": "syngo MR B17",
    "TaskName": "motor",
    "dataset": "ds000224",
    "modality": "bold",
    "run_id": 1,
    "session_id": "func06",
    "subject_id": "MSC04",
    "task_id": "motor"
  },
  "dummy_trs": 0,
  "dvars_nstd": 15.373141057572811,
  "dvars_std": 1.1909814615533976,
  "dvars_vstd": 0.9916597478640774,
  "efc": 0.35665176035468477,
  "fber": 57085.3359375,
  "fd_mean": 0.13583252172610877,
  "fd_num": 16,
  "fd_perc": 15.384615384615385,
  "fwhm_avg": 1.7861242333943725,
  "fwhm_x": 1.644455,
  "fwhm_y": 2.03466,
  "fwhm_z": 1.6792577001831175,
  "gcor": 0.0427326,
  "gsr_x": -0.02323283813893795,
  "gsr_y": 0.013496875762939453,
  "provenance": {
    "md5sum": "2be18a71b07397bf61cba68b0edf5f7f",
    "settings": {
      "fd_thres": 0.2,
      "testing": false
    },
    "software": "mriqc",
    "version": "22.0.6",
    "webapi_port": null,
    "webapi_url": "https://mriqc.nimh.nih.gov/api/v1"
  },
  "size_t": 104,
  "size_x": 64,
  "size_y": 64,
  "size_z": 36,
  "snr": 7.7455345419217965,
  "spacing_tr": 2.200000047683716,
  "spacing_x": 4.0,
  "spacing_y": 4.0,
  "spacing_z": 3.999999523162842,
  "summary_bg_k": 62.98357678716755,
  "summary_bg_mad": 2.0243222055011234,
  "summary_bg_mean": 14.093828201293945,
  "summary_bg_median": 3.269230842590332,
  "summary_bg_n": 107188.0,
  "summary_bg_p05": 1.519230842590332,
  "summary_bg_p95": 65.34904212951649,
  "summary_bg_stdv": 39.338077545166016,
  "summary_fg_k": 2.435483212348988,
  "summary_fg_mad": 88.05801134405999,
  "summary_fg_mean": 784.8961181640625,
  "summary_fg_median": 787.7404174804688,
  "summary_fg_n": 13243.0,
  "summary_fg_p05": 617.6356201171875,
  "summary_fg_p95": 941.0894287109375,
  "summary_fg_stdv": 101.69868469238281,
  "tsnr": 99.58628094755113
}