{
  "aor": 0.006641826923076923,
  "aqi": 0.011449448269230769,
  "bids_meta": {
    "BodyPartExamined": "HEAD",
    "CogAtlasID": "http://www.cognitiveatlas.org/term/id/trm_550b53d7dd674",
    "ConversionSoftware": "dcm2niix",
    "ConversionSoftwareVersion": "v1.0.20170411 GCC4.4.7",
    "EchoTime": 0.027,
    "EffectiveEchoSpacing": 0.000590001,
    "FlipAngle": 90,
    "ImageType": [
      "ORIGINAL",
      "PRIMARY",
      "M",
      "ND",
      "NORM",
      "MOSAIC"
    ],
    "Instructions": "In this next scan you'll be prompted to move your hands, feet, or tongue. You'll only move one of these at once. Instructions are presented on the screen. Let?s review them now. [Read on-screen instructions to participant.] Do you have any questions?",
    "MagneticFieldStrength": 3,
    "Manufacturer": "Siemens",
    "ManufacturersModelName": "TrioTim",
    "PhaseEncodingDirection": "j-",
    "ProcedureStepDescription": "head_Dosenbach_MSC",
    "ProtocolName": "Motor_104Frames_36Slices_TR2.2",
    "RepetitionTime": 2.2,
    "ScanningSequence": "EP",
    "SequenceName": "_epfid2d1_64",
    "SequenceVariant": "SK",
    "SeriesDescription": "Motor_104Frames_36Slices_TR2.2",
    "SliceTiming": [
      1.105,
      0,
      1.1675,
      0.0625,
      1.2275,
      0.1225,
      1.29,
      0.185,
      1.35,
      0.245,
      1.4125,
      0.3075,
      1.4725,
      0.37,
      1.535,
      0.43,
      1.595,
      0.4925,
      1.6575,
      0.5525,
      1.7175,
      0.615,
      1.78,
      0.675,
      1.84,
      0.7375,
      1.9025,
      0.7975,
      1.965,
      0.86,
      2.025,
      0.92,
      2.0875,
      0.9825,
      2.1475,
      1.0425
    ],
    "SoftwareVersion": "syngo MR B17",
    "TaskName": "motor",
    "dataset": "ds000224",
    "modality": "bold",
    "run_id": 2,
    "session_id": "func03",
    "subject_id": "MSC08",
    "task_id": "motor"
  },
  "dummy_trs": 0,
  "dvars_nstd": 18.204232160582517,
  "dvars_std": 1.1987133357281563,
  "dvars_vstd": 0.9624733974757288,
  "efc": 0.38606673836238964,
  "fber": 36471.609375,
  "fd_mean": 0.22615102620058894,
  "fd_num": 60,
  "fd_perc": 57.69230769230769,
  "fwhm_avg": 1.6906993652023588,
  "fwhm_x": 1.55683,
  "fwhm_y": 1.84983,
  "fwhm_z": 1.6654380956070765,
  "gcor": 0.0181426,
  "gsr_x": -0.01797333173453808,
  "gsr_y": 0.011233646422624588,
  "provenance": {
    "md5sum": "f93824b88b732c68877917b07326707f",
    "settings": {
      "fd_thres": 0.2,
      "testing": false
    },
    "software": "mriqc",
    "version": "22.0.6",
    "webapi_port": null,
    "webapi_url": "https://mriqc.nimh.nih.gov/api/v1"
  },
  "size_t": 104,
  "size_x": 64,
  "size_y": 64,
  "size_z": 36,
  "snr": 8.444780554931985,
  "spacing_tr": 2.200000047683716,
  "spacing_x": 4.0,
  "spacing_y": 4.0,
  "spacing_z": 3.9999985694885254,
  "summary_bg_k": 44.31437501135304,
  "summary_bg_mad": 2.722855956661644,
  "summary_bg_mean": 13.237143516540527,
  "summary_bg_median": 3.009615421295166,
  "summary_bg_n": 104453.0,
  "summary_bg_p05": 0.7115384936332703,
  "summary_bg_p95": 65.99038696289062,
  "summary_bg_stdv": 29.334625244140625,
  "summary_fg_k": 2.611336646609855,
  "summary_fg_mad": 59.97408305332317,
  "summary_fg_mean": 571.1688232421875,
  "summary_fg_median": 571.3798217773438,
  "summary_fg_n": 14972.0,
  "summary_fg_p05": 462.61924896240237,
  "summary_fg_p95": 678.0269470214844,
  "summary_fg_stdv": 67.658447265625,
  "tsnr": 67.11578373564407
}