{
  "aor": 0.001822019230769231,
  "aqi": 0.007787883942307692,
  "bids_meta": {
    "BodyPartExamined": "HEAD",
    "CogAtlasID": "http://www.cognitiveatlas.org/term/id/trm_550b53d7dd674",
    "ConversionSoftware": "dcm2niix",
    "ConversionSoftwareVersion": "v1.0.20170411 GCC4.4.7",
    "EchoTime": 0.027,
    "EffectiveEchoSpacing": 0.000590001,
    "FlipAngle": 90,
    "ImageType": [
      "ORIGINAL",
      "PRIMARY",
      "M",
      "ND",
      "NORM",
      "MOSAIC"
    ],
    "Instructions": "In this next scan you'll be prompted to move your hands, feet, or tongue. You'll only move one of these at once. Instructions are presented on the screen. Let?s review them now. [Read on-screen instructions to participant.] Do you have any questions?",
    "MagneticFieldStrength": 3,
    "Manufacturer": "Siemens",
    "ManufacturersModelName": "TrioTim",
    "PhaseEncodingDirection": "j-",
    "ProcedureStepDescription": "head_Dosenbach_MSC",
    "ProtocolName": "Motor_104Frames_36Slices_TR2.2",
    "RepetitionTime": 2.2,
    "ScanningSequence": "EP",
    "SequenceName": "_epfid2d1_64",
    "SequenceVariant": "SK",
    "SeriesDescription": "Motor_104Frames_36Slices_TR2.2",
    "SliceTiming": [
      1.105,
      0,
      1.1675,
      0.0625,
      1.2275,
      0.1225,
      1.29,
      0.185,
      1.35,
      0.245,
      1.4125,
      0.3075,
      1.4725,
      0.37,
      1.535,
      0.43,
      1.595,
      0.4925,
      1.6575,
      0.5525,
      1.7175,
      0.615,
      1.78,
      0.675,
      1.84,
      0.7375,
      1.9025,
      0.7975,
      1.965,
      0.86,
      2.025,
      0.92,
      2.0875,
      0.9825,
      2.1475,
      1.0425
    ],
    "SoftwareVersion": "syngo MR B17",
    "TaskName": "motor",
    "dataset": "ds000224",
    "modality": "bold",
    "run_id": 1,
    "session_id": "func03",
    "subject_id": "MSC08",
    "task_id": "motor"
  },
  "dummy_trs": 0,
  "dvars_nstd": 17.385213407475717,
  "dvars_std": 1.1965335470873792,
  "dvars_vstd": 0.9708042120388352,
  "efc": 0.38574818677189754,
  "fber": 39486.98046875,
  "fd_mean": 0.16728740508940504,
  "fd_num": 26,
  "fd_perc": 25.0,
  "fwhm_avg": 1.687437695786129,
  "fwhm_x": 1.5952775,
  "fwhm_y": 1.8246625,
  "fwhm_z": 1.6423730873583868,
  "gcor": 0.0235272,
  "gsr_x": -0.019161375239491463,
  "gsr_y": 0.012940982356667519,
  "provenance": {
    "md5sum": "fd8f4e3f3d508f2e7c8d0b66a0c84fa8",
    "settings": {
      "fd_thres": 0.2,
      "testing": false
    },
    "software": "mriqc",
    "version": "22.0.6",
    "webapi_port": null,
    "webapi_url": "https://mriqc.nimh.nih.gov/api/v1"
  },
  "size_t": 104,
  "size_x": 64,
  "size_y": 64,
  "size_z": 36,
  "snr": 8.556104600550764,
  "spacing_tr": 2.200000047683716,
  "spacing_x": 4.0,
  "spacing_y": 4.0,
  "spacing_z": 3.9999985694885254,
  "summary_bg_k": 55.743034194214836,
  "summary_bg_mad": 2.109857275165598,
  "summary_bg_mean": 13.17212963104248,
  "summary_bg_median": 2.865384817123413,
  "summary_bg_n": 104469.0,
  "summary_bg_p05": 1.1826924085617065,
  "summary_bg_p95": 65.24423370361295,
  "summary_bg_stdv": 30.31235122680664,
  "summary_fg_k": 2.5343887914615504,
  "summary_fg_mad": 59.78884826686803,
  "summary_fg_mean": 570.5571899414062,
  "summary_fg_median": 570.625,
  "summary_fg_n": 15004.0,
  "summary_fg_p05": 466.7336624145508,
  "summary_fg_p95": 675.3831970214843,
  "summary_fg_stdv": 66.68992614746094,
  "tsnr": 87.67693623667583
}