{
  "aor": 0.00035577017114914427,
  "aqi": 0.010998086491442542,
  "bids_meta": {
    "BodyPartExamined": "HEAD",
    "CogAtlasID": "http://www.cognitiveatlas.org/term/id/trm_4c8a834779883",
    "ConversionSoftware": "dcm2niix",
    "ConversionSoftwareVersion": "v1.0.20170411 GCC4.4.7",
    "EchoTime": 0.027,
    "EffectiveEchoSpacing": 0.000590001,
    "FlipAngle": 90,
    "ImageType": [
      "ORIGINAL",
      "PRIMARY",
      "M",
      "ND",
      "NORM",
      "MOSAIC"
    ],
    "Instructions": "During this first scan, a plus sign will be presented on the screen.  All you need to do is simply relax and look at the plus sign. Please keep your eyes open the entire time, and be as still as possible. It's extremely important that you stay awake for the entire duration of this scan. This scan will last ~30 minutes.",
    "MagneticFieldStrength": 3,
    "Manufacturer": "Siemens",
    "ManufacturersModelName": "TrioTim",
    "PhaseEncodingDirection": "j-",
    "ProcedureStepDescription": "head_Dosenbach_MSC",
    "ProtocolName": "RSFC_818Frames_36Slices_TR2.2",
    "RepetitionTime": 2.2,
    "ScanningSequence": "EP",
    "SequenceName": "_epfid2d1_64",
    "SequenceVariant": "SK",
    "SeriesDescription": "RSFC_818Frames_36Slices_TR2.2",
    "SliceTiming": [
      1.105,
      0,
      1.165,
      0.06,
      1.2275,
      0.1225,
      1.2875,
      0.185,
      1.35,
      0.245,
      1.41,
      0.3075,
      1.4725,
      0.3675,
      1.5325,
      0.43,
      1.595,
      0.49,
      1.655,
      0.5525,
      1.7175,
      0.6125,
      1.78,
      0.675,
      1.84,
      0.735,
      1.9025,
      0.7975,
      1.9625,
      0.8575,
      2.025,
      0.92,
      2.085,
      0.9825,
      2.1475,
      1.0425
    ],
    "SoftwareVersion": "syngo MR B17",
    "TaskName": "rest",
    "dataset": "ds000224",
    "modality": "bold",
    "session_id": "func09",
    "subject_id": "MSC05",
    "task_id": "rest"
  },
  "dummy_trs": 0,
  "dvars_nstd": 17.407389426034268,
  "dvars_std": 1.221638391982865,
  "dvars_vstd": 0.9202938968421046,
  "efc": 0.4174754550769125,
  "fber": 30903.791015625,
  "fd_mean": 0.12889353028789724,
  "fd_num": 104,
  "fd_perc": 12.71393643031785,
  "fwhm_avg": 1.7207761300819222,
  "fwhm_x": 1.5795925,
  "fwhm_y": 1.9231975,
  "fwhm_z": 1.6595383902457663,
  "gcor": 0.034265,
  "gsr_x": -0.018890900537371635,
  "gsr_y": 0.015163404867053032,
  "provenance": {
    "md5sum": "15fda5d42ce38cf7095fd240a66a853c",
    "settings": {
      "fd_thres": 0.2,
      "testing": false
    },
    "software": "mriqc",
    "version": "22.0.6",
    "webapi_port": null,
    "webapi_url": "https://mriqc.nimh.nih.gov/api/v1"
  },
  "size_t": 818,
  "size_x": 64,
  "size_y": 64,
  "size_z": 36,
  "snr": 8.108049835102985,
  "spacing_tr": 2.200000047683716,
  "spacing_x": 4.0,
  "spacing_y": 4.0,
  "spacing_z": 3.999997854232788,
  "summary_bg_k": 35.96017507084342,
  "summary_bg_mad": 3.889565194066442,
  "summary_bg_mean": 20.75641632080078,
  "summary_bg_median": 4.389975547790527,
  "summary_bg_n": 100563.0,
  "summary_bg_p05": 1.3471883535385132,
  "summary_bg_p95": 95.8689552307128,
  "summary_bg_stdv": 49.78496551513672,
  "summary_fg_k": 3.417013809912869,
  "summary_fg_mad": 85.6465204675368,
  "summary_fg_mean": 782.2406005859375,
  "summary_fg_median": 780.814208984375,
  "summary_fg_n": 18175.0,
  "summary_fg_p05": 637.2946594238281,
  "summary_fg_p95": 929.0448974609375,
  "summary_fg_stdv": 96.2984619140625,
  "tsnr": 68.93265182967298
}