{
  "aor": 0.0015141346153846153,
  "aqi": 0.004699432980769231,
  "bids_meta": {
    "BodyPartExamined": "HEAD",
    "CogAtlasID": "http://www.cognitiveatlas.org/term/id/trm_550b53d7dd674",
    "ConversionSoftware": "dcm2niix",
    "ConversionSoftwareVersion": "v1.0.20170411 GCC4.4.7",
    "EchoTime": 0.027,
    "EffectiveEchoSpacing": 0.000590001,
    "FlipAngle": 90,
    "ImageType": [
      "ORIGINAL",
      "PRIMARY",
      "M",
      "ND",
      "NORM",
      "MOSAIC"
    ],
    "Instructions": "In this next scan you'll be prompted to move your hands, feet, or tongue. You'll only move one of these at once. Instructions are presented on the screen. Let?s review them now. [Read on-screen instructions to participant.] Do you have any questions?",
    "MagneticFieldStrength": 3,
    "Manufacturer": "Siemens",
    "ManufacturersModelName": "TrioTim",
    "PhaseEncodingDirection": "j-",
    "ProcedureStepDescription": "head_Dosenbach_MSC",
    "ProtocolName": "Motor_104Frames_36Slices_TR2.2",
    "RepetitionTime": 2.2,
    "ScanningSequence": "EP",
    "SequenceName": "_epfid2d1_64",
    "SequenceVariant": "SK",
    "SeriesDescription": "Motor_104Frames_36Slices_TR2.2",
    "SliceTiming": [
      1.105,
      0,
      1.1675,
      0.0625,
      1.2275,
      0.1225,
      1.29,
      0.185,
      1.35,
      0.245,
      1.4125,
      0.3075,
      1.4725,
      0.37,
      1.535,
      0.43,
      1.595,
      0.4925,
      1.6575,
      0.5525,
      1.7175,
      0.615,
      1.78,
      0.675,
      1.84,
      0.7375,
      1.9025,
      0.7975,
      1.965,
      0.86,
      2.025,
      0.92,
      2.0875,
      0.9825,
      2.1475,
      1.0425
    ],
    "SoftwareVersion": "syngo MR B17",
    "TaskName": "motor",
    "dataset": "ds000224",
    "modality": "bold",
    "run_id": 1,
    "session_id": "func09",
    "subject_id": "MSC05",
    "task_id": "motor"
  },
  "dummy_trs": 0,
  "dvars_nstd": 15.86312753252427,
  "dvars_std": 1.1760976487378643,
  "dvars_vstd": 0.9891671350485434,
  "efc": 0.41737681252922787,
  "fber": 35121.48828125,
  "fd_mean": 0.15225983123146342,
  "fd_num": 21,
  "fd_perc": 20.192307692307693,
  "fwhm_avg": 1.7079894290674984,
  "fwhm_x": 1.5682975,
  "fwhm_y": 1.9047875,
  "fwhm_z": 1.6508832872024952,
  "gcor": 0.0617378,
  "gsr_x": -0.02028508670628071,
  "gsr_y": 0.016808586195111275,
  "provenance": {
    "md5sum": "cc3ba23f8a2995cf542f612b342d0941",
    "settings": {
      "fd_thres": 0.2,
      "testing": false
    },
    "software": "mriqc",
    "version": "22.0.6",
    "webapi_port": null,
    "webapi_url": "https://mriqc.nimh.nih.gov/api/v1"
  },
  "size_t": 104,
  "size_x": 64,
  "size_y": 64,
  "size_z": 36,
  "snr": 8.167108844233379,
  "spacing_tr": 2.200000047683716,
  "spacing_x": 4.0,
  "spacing_y": 4.0,
  "spacing_z": 3.999998092651367,
  "summary_bg_k": 36.83840614197324,
  "summary_bg_mad": 3.0079719718434412,
  "summary_bg_mean": 21.178739547729492,
  "summary_bg_median": 4.105769157409668,
  "summary_bg_n": 100714.0,
  "summary_bg_p05": 1.5961538553237915,
  "summary_bg_p95": 100.5769271850586,
  "summary_bg_stdv": 50.82551574707031,
  "summary_fg_k": 3.5773431523230297,
  "summary_fg_mad": 85.7200895351421,
  "summary_fg_mean": 782.1414184570312,
  "summary_fg_median": 780.6394653320312,
  "summary_fg_n": 18036.0,
  "summary_fg_p05": 639.3654174804688,
  "summary_fg_p95": 928.2716827392578,
  "summary_fg_stdv": 95.58068084716797,
  "tsnr": 98.3535558693111
}