{
  "aor": 0.0029977884615384615,
  "aqi": 0.006020372499999999,
  "bids_meta": {
    "BodyPartExamined": "HEAD",
    "CogAtlasID": "http://www.cognitiveatlas.org/term/id/trm_550b53d7dd674",
    "ConversionSoftware": "dcm2niix",
    "ConversionSoftwareVersion": "v1.0.20170411 GCC4.4.7",
    "EchoTime": 0.027,
    "EffectiveEchoSpacing": 0.000590001,
    "FlipAngle": 90,
    "ImageType": [
      "ORIGINAL",
      "PRIMARY",
      "M",
      "ND",
      "NORM",
      "MOSAIC"
    ],
    "Instructions": "In this next scan you'll be prompted to move your hands, feet, or tongue. You'll only move one of these at once. Instructions are presented on the screen. Let?s review them now. [Read on-screen instructions to participant.] Do you have any questions?",
    "MagneticFieldStrength": 3,
    "Manufacturer": "Siemens",
    "ManufacturersModelName": "TrioTim",
    "PhaseEncodingDirection": "j-",
    "ProcedureStepDescription": "head_Dosenbach_MSC",
    "ProtocolName": "Motor_104Frames_36Slices_TR2.2",
    "RepetitionTime": 2.2,
    "ScanningSequence": "EP",
    "SequenceName": "_epfid2d1_64",
    "SequenceVariant": "SK",
    "SeriesDescription": "Motor_104Frames_36Slices_TR2.2",
    "SliceTiming": [
      1.105,
      0,
      1.1675,
      0.0625,
      1.2275,
      0.1225,
      1.29,
      0.185,
      1.35,
      0.245,
      1.4125,
      0.3075,
      1.4725,
      0.37,
      1.535,
      0.43,
      1.595,
      0.4925,
      1.6575,
      0.5525,
      1.7175,
      0.615,
      1.78,
      0.675,
      1.84,
      0.7375,
      1.9025,
      0.7975,
      1.965,
      0.86,
      2.025,
      0.92,
      2.0875,
      0.9825,
      2.1475,
      1.0425
    ],
    "SoftwareVersion": "syngo MR B17",
    "TaskName": "motor",
    "dataset": "ds000224",
    "modality": "bold",
    "run_id": 1,
    "session_id": "func10",
    "subject_id": "MSC06",
    "task_id": "motor"
  },
  "dummy_trs": 0,
  "dvars_nstd": 20.133720592524266,
  "dvars_std": 1.3560071413592232,
  "dvars_vstd": 0.9980055131067961,
  "efc": 0.4012334106961221,
  "fber": 35982.57421875,
  "fd_mean": 0.10941709485799656,
  "fd_num": 10,
  "fd_perc": 9.615384615384615,
  "fwhm_avg": 1.6733241666666665,
  "fwhm_x": 1.51976,
  "fwhm_y": 1.85658,
  "fwhm_z": 1.6436325,
  "gcor": 0.0289656,
  "gsr_x": -0.02490854449570179,
  "gsr_y": 0.017674462869763374,
  "provenance": {
    "md5sum": "0931f814fa768352686ea580f2ee2f35",
    "settings": {
      "fd_thres": 0.2,
      "testing": false
    },
    "software": "mriqc",
    "version": "22.0.6",
    "webapi_port": null,
    "webapi_url": "https://mriqc.nimh.nih.gov/api/v1"
  },
  "size_t": 104,
  "size_x": 64,
  "size_y": 64,
  "size_z": 36,
  "snr": 7.822568894852733,
  "spacing_tr": 2.200000047683716,
  "spacing_x": 4.0,
  "spacing_y": 4.0,
  "spacing_z": 4.0,
  "summary_bg_k": 39.97758656581116,
  "summary_bg_mad": 2.4947633212561637,
  "summary_bg_mean": 17.472074508666992,
  "summary_bg_median": 3.567307710647583,
  "summary_bg_n": 102478.0,
  "summary_bg_p05": 1.394230842590332,
  "summary_bg_p95": 80.82981109619129,
  "summary_bg_stdv": 41.1956901550293,
  "summary_fg_k": 1.7320253230759617,
  "summary_fg_mad": 81.23667472697747,
  "summary_fg_mean": 684.3093872070312,
  "summary_fg_median": 681.1683349609375,
  "summary_fg_n": 16190.0,
  "summary_fg_p05": 552.2480773925781,
  "summary_fg_p95": 825.1495574951172,
  "summary_fg_stdv": 87.07463073730469,
  "tsnr": 91.36612970335409
}