{
  "aor": 0.0008993023255813953,
  "aqi": 0.007098189926560589,
  "bids_meta": {
    "BodyPartExamined": "HEAD",
    "CogAtlasID": "http://www.cognitiveatlas.org/term/id/trm_4c8a834779883",
    "ConversionSoftware": "dcm2niix",
    "ConversionSoftwareVersion": "v1.0.20170411 GCC4.4.7",
    "EchoTime": 0.027,
    "EffectiveEchoSpacing": 0.000590001,
    "FlipAngle": 90,
    "ImageType": [
      "ORIGINAL",
      "PRIMARY",
      "M",
      "ND",
      "NORM",
      "MOSAIC"
    ],
    "Instructions": "During this first scan, a plus sign will be presented on the screen.  All you need to do is simply relax and look at the plus sign. Please keep your eyes open the entire time, and be as still as possible. It's extremely important that you stay awake for the entire duration of this scan. This scan will last ~30 minutes.",
    "MagneticFieldStrength": 3,
    "Manufacturer": "Siemens",
    "ManufacturersModelName": "TrioTim",
    "PhaseEncodingDirection": "j-",
    "ProcedureStepDescription": "head_Dosenbach_MSC",
    "ProtocolName": "RSFC_818Frames_36Slices_TR2.2",
    "RepetitionTime": 2.2,
    "ScanningSequence": "EP",
    "SequenceName": "_epfid2d1_64",
    "SequenceVariant": "SK",
    "SeriesDescription": "RSFC_818Frames_36Slices_TR2.2",
    "SliceTiming": [
      1.105,
      0,
      1.165,
      0.06,
      1.2275,
      0.1225,
      1.2875,
      0.185,
      1.35,
      0.245,
      1.41,
      0.3075,
      1.4725,
      0.3675,
      1.5325,
      0.43,
      1.595,
      0.49,
      1.655,
      0.5525,
      1.7175,
      0.6125,
      1.78,
      0.675,
      1.84,
      0.735,
      1.9025,
      0.7975,
      1.9625,
      0.8575,
      2.025,
      0.92,
      2.085,
      0.9825,
      2.1475,
      1.0425
    ],
    "SoftwareVersion": "syngo MR B17",
    "TaskName": "rest",
    "dataset": "ds000224",
    "modality": "bold",
    "session_id": "func10",
    "subject_id": "MSC06",
    "task_id": "rest"
  },
  "dummy_trs": 1,
  "dvars_nstd": 21.2007487721691,
  "dvars_std": 1.4468944018259793,
  "dvars_vstd": 0.9710580141176467,
  "efc": 0.4036704398771819,
  "fber": 33719.61328125,
  "fd_mean": 0.10846593489943031,
  "fd_num": 57,
  "fd_perc": 6.976744186046512,
  "fwhm_avg": 1.6957133333333332,
  "fwhm_x": 1.553965,
  "fwhm_y": 1.8636225,
  "fwhm_z": 1.6695525,
  "gcor": 0.0978063,
  "gsr_x": -0.025861581787467003,
  "gsr_y": 0.01719685085117817,
  "provenance": {
    "md5sum": "31b3964b5fe95ff00776d5400bcf87eb",
    "settings": {
      "fd_thres": 0.2,
      "testing": false
    },
    "software": "mriqc",
    "version": "22.0.6",
    "webapi_port": null,
    "webapi_url": "https://mriqc.nimh.nih.gov/api/v1"
  },
  "size_t": 817,
  "size_x": 64,
  "size_y": 64,
  "size_z": 36,
  "snr": 7.705994106327897,
  "spacing_tr": 2.200000047683716,
  "spacing_x": 4.0,
  "spacing_y": 4.0,
  "spacing_z": 4.0,
  "summary_bg_k": 38.990330644946894,
  "summary_bg_mad": 2.820028999024826,
  "summary_bg_mean": 17.800025939941406,
  "summary_bg_median": 3.6768665313720703,
  "summary_bg_n": 102262.0,
  "summary_bg_p05": 1.357405185699463,
  "summary_bg_p95": 81.95201911926254,
  "summary_bg_stdv": 42.202728271484375,
  "summary_fg_k": 2.066419826167805,
  "summary_fg_mad": 81.12392311783086,
  "summary_fg_mean": 682.30029296875,
  "summary_fg_median": 679.69091796875,
  "summary_fg_n": 16392.0,
  "summary_fg_p05": 549.5680603027344,
  "summary_fg_p95": 821.6431823730468,
  "summary_fg_stdv": 88.2001953125,
  "tsnr": 78.25021174550056
}