{
  "aor": 0.004127019230769231,
  "aqi": 0.005193369519230768,
  "bids_meta": {
    "BodyPartExamined": "HEAD",
    "CogAtlasID": "http://www.cognitiveatlas.org/term/id/trm_550b53d7dd674",
    "ConversionSoftware": "dcm2niix",
    "ConversionSoftwareVersion": "v1.0.20170411 GCC4.4.7",
    "EchoTime": 0.027,
    "EffectiveEchoSpacing": 0.000590001,
    "FlipAngle": 90,
    "ImageType": [
      "ORIGINAL",
      "PRIMARY",
      "M",
      "ND",
      "NORM",
      "MOSAIC"
    ],
    "Instructions": "In this next scan you'll be prompted to move your hands, feet, or tongue. You'll only move one of these at once. Instructions are presented on the screen. Let?s review them now. [Read on-screen instructions to participant.] Do you have any questions?",
    "MagneticFieldStrength": 3,
    "Manufacturer": "Siemens",
    "ManufacturersModelName": "TrioTim",
    "PhaseEncodingDirection": "j-",
    "ProcedureStepDescription": "head_Dosenbach_MSC",
    "ProtocolName": "Motor_104Frames_36Slices_TR2.2",
    "RepetitionTime": 2.2,
    "ScanningSequence": "EP",
    "SequenceName": "_epfid2d1_64",
    "SequenceVariant": "SK",
    "SeriesDescription": "Motor_104Frames_36Slices_TR2.2",
    "SliceTiming": [
      1.105,
      0,
      1.1675,
      0.0625,
      1.2275,
      0.1225,
      1.29,
      0.185,
      1.35,
      0.245,
      1.4125,
      0.3075,
      1.4725,
      0.37,
      1.535,
      0.43,
      1.595,
      0.4925,
      1.6575,
      0.5525,
      1.7175,
      0.615,
      1.78,
      0.675,
      1.84,
      0.7375,
      1.9025,
      0.7975,
      1.965,
      0.86,
      2.025,
      0.92,
      2.0875,
      0.9825,
      2.1475,
      1.0425
    ],
    "SoftwareVersion": "syngo MR B17",
    "TaskName": "motor",
    "dataset": "ds000224",
    "modality": "bold",
    "run_id": 2,
    "session_id": "func10",
    "subject_id": "MSC06",
    "task_id": "motor"
  },
  "dummy_trs": 0,
  "dvars_nstd": 21.193309292912623,
  "dvars_std": 1.4785571657281558,
  "dvars_vstd": 1.0240008831067962,
  "efc": 0.4002163213566321,
  "fber": 36196.87890625,
  "fd_mean": 0.09844608383712397,
  "fd_num": 6,
  "fd_perc": 5.769230769230769,
  "fwhm_avg": 1.6638374999999999,
  "fwhm_x": 1.5260375,
  "fwhm_y": 1.8264325,
  "fwhm_z": 1.6390425,
  "gcor": 0.0367212,
  "gsr_x": -0.024600030854344368,
  "gsr_y": 0.018175533041357994,
  "provenance": {
    "md5sum": "aeb44352e6f57fdac942bf0eb0cb50ee",
    "settings": {
      "fd_thres": 0.2,
      "testing": false
    },
    "software": "mriqc",
    "version": "22.0.6",
    "webapi_port": null,
    "webapi_url": "https://mriqc.nimh.nih.gov/api/v1"
  },
  "size_t": 104,
  "size_x": 64,
  "size_y": 64,
  "size_z": 36,
  "snr": 7.837962783704689,
  "spacing_tr": 2.200000047683716,
  "spacing_x": 4.0,
  "spacing_y": 4.0,
  "spacing_z": 4.0,
  "summary_bg_k": 39.93394387466826,
  "summary_bg_mad": 2.480507829791999,
  "summary_bg_mean": 17.373870849609375,
  "summary_bg_median": 3.557692527770996,
  "summary_bg_n": 102573.0,
  "summary_bg_p05": 1.442307710647583,
  "summary_bg_p95": 81.23461914062494,
  "summary_bg_stdv": 41.03248596191406,
  "summary_fg_k": 1.8537780576530567,
  "summary_fg_mad": 80.95864156557863,
  "summary_fg_mean": 686.0676879882812,
  "summary_fg_median": 682.75,
  "summary_fg_n": 16167.0,
  "summary_fg_p05": 554.5211791992188,
  "summary_fg_p95": 825.7423400878905,
  "summary_fg_stdv": 87.10540008544922,
  "tsnr": 100.93263392522931
}