{
  "aor": 0.014063630806845969,
  "aqi": 0.011918065085574575,
  "bids_meta": {
    "BodyPartExamined": "HEAD",
    "CogAtlasID": "http://www.cognitiveatlas.org/term/id/trm_4c8a834779883",
    "ConversionSoftware": "dcm2niix",
    "ConversionSoftwareVersion": "v1.0.20170411 GCC4.4.7",
    "EchoTime": 0.027,
    "EffectiveEchoSpacing": 0.000590001,
    "FlipAngle": 90,
    "ImageType": [
      "ORIGINAL",
      "PRIMARY",
      "M",
      "ND",
      "NORM",
      "MOSAIC"
    ],
    "Instructions": "During this first scan, a plus sign will be presented on the screen.  All you need to do is simply relax and look at the plus sign. Please keep your eyes open the entire time, and be as still as possible. It's extremely important that you stay awake for the entire duration of this scan. This scan will last ~30 minutes.",
    "MagneticFieldStrength": 3,
    "Manufacturer": "Siemens",
    "ManufacturersModelName": "TrioTim",
    "PhaseEncodingDirection": "j-",
    "ProcedureStepDescription": "head_Dosenbach_MSC",
    "ProtocolName": "RSFC_818Frames_36Slices_TR2.2",
    "RepetitionTime": 2.2,
    "ScanningSequence": "EP",
    "SequenceName": "_epfid2d1_64",
    "SequenceVariant": "SK",
    "SeriesDescription": "RSFC_818Frames_36Slices_TR2.2",
    "SliceTiming": [
      1.105,
      0,
      1.165,
      0.06,
      1.2275,
      0.1225,
      1.2875,
      0.185,
      1.35,
      0.245,
      1.41,
      0.3075,
      1.4725,
      0.3675,
      1.5325,
      0.43,
      1.595,
      0.49,
      1.655,
      0.5525,
      1.7175,
      0.6125,
      1.78,
      0.675,
      1.84,
      0.735,
      1.9025,
      0.7975,
      1.9625,
      0.8575,
      2.025,
      0.92,
      2.085,
      0.9825,
      2.1475,
      1.0425
    ],
    "SoftwareVersion": "syngo MR B17",
    "TaskName": "rest",
    "dataset": "ds000224",
    "modality": "bold",
    "session_id": "func09",
    "subject_id": "MSC04",
    "task_id": "rest"
  },
  "dummy_trs": 0,
  "dvars_nstd": 15.718486799951048,
  "dvars_std": 1.3145249652264377,
  "dvars_vstd": 1.1473231064137082,
  "efc": 0.3721830869156014,
  "fber": 43420.234375,
  "fd_mean": 0.14792147092187938,
  "fd_num": 161,
  "fd_perc": 19.682151589242054,
  "fwhm_avg": 1.7455518281764275,
  "fwhm_x": 1.6058475,
  "fwhm_y": 2.0049975,
  "fwhm_z": 1.625810484529282,
  "gcor": 0.0396406,
  "gsr_x": -0.02928103692829609,
  "gsr_y": 0.009149566292762756,
  "provenance": {
    "md5sum": "ed8c4241571f914daf53283bbd538633",
    "settings": {
      "fd_thres": 0.2,
      "testing": false
    },
    "software": "mriqc",
    "version": "22.0.6",
    "webapi_port": null,
    "webapi_url": "https://mriqc.nimh.nih.gov/api/v1"
  },
  "size_t": 818,
  "size_x": 64,
  "size_y": 64,
  "size_z": 36,
  "snr": 7.96323847485322,
  "spacing_tr": 2.200000047683716,
  "spacing_x": 4.0,
  "spacing_y": 4.0,
  "spacing_z": 3.9999988079071045,
  "summary_bg_k": 40.532165151144284,
  "summary_bg_mad": 3.3349488458772734,
  "summary_bg_mean": 18.73048210144043,
  "summary_bg_median": 3.8166260719299316,
  "summary_bg_n": 106231.0,
  "summary_bg_p05": 0.9865525960922241,
  "summary_bg_p95": 90.52201080322266,
  "summary_bg_stdv": 49.358612060546875,
  "summary_fg_k": 1.775250555318494,
  "summary_fg_mad": 88.54467117872326,
  "summary_fg_mean": 785.0401000976562,
  "summary_fg_median": 786.1259765625,
  "summary_fg_n": 13685.0,
  "summary_fg_p05": 623.2435546875,
  "summary_fg_p95": 938.2858642578125,
  "summary_fg_stdv": 98.71577453613281,
  "tsnr": 59.966795679414645
}