{
  "aor": 0.0029708737864077676,
  "aqi": 0.009860373300970872,
  "bids_meta": {
    "BodyPartExamined": "HEAD",
    "CogAtlasID": "http://www.cognitiveatlas.org/term/id/trm_550b53d7dd674",
    "ConversionSoftware": "dcm2niix",
    "ConversionSoftwareVersion": "v1.0.20170411 GCC4.4.7",
    "EchoTime": 0.027,
    "EffectiveEchoSpacing": 0.000590001,
    "FlipAngle": 90,
    "ImageType": [
      "ORIGINAL",
      "PRIMARY",
      "M",
      "ND",
      "NORM",
      "MOSAIC"
    ],
    "Instructions": "In this next scan you'll be prompted to move your hands, feet, or tongue. You'll only move one of these at once. Instructions are presented on the screen. Let?s review them now. [Read on-screen instructions to participant.] Do you have any questions?",
    "MagneticFieldStrength": 3,
    "Manufacturer": "Siemens",
    "ManufacturersModelName": "TrioTim",
    "PhaseEncodingDirection": "j-",
    "ProcedureStepDescription": "head_Dosenbach_MSC",
    "ProtocolName": "Motor_104Frames_36Slices_TR2.2",
    "RepetitionTime": 2.2,
    "ScanningSequence": "EP",
    "SequenceName": "_epfid2d1_64",
    "SequenceVariant": "SK",
    "SeriesDescription": "Motor_104Frames_36Slices_TR2.2",
    "SliceTiming": [
      1.105,
      0,
      1.1675,
      0.0625,
      1.2275,
      0.1225,
      1.29,
      0.185,
      1.35,
      0.245,
      1.4125,
      0.3075,
      1.4725,
      0.37,
      1.535,
      0.43,
      1.595,
      0.4925,
      1.6575,
      0.5525,
      1.7175,
      0.615,
      1.78,
      0.675,
      1.84,
      0.7375,
      1.9025,
      0.7975,
      1.965,
      0.86,
      2.025,
      0.92,
      2.0875,
      0.9825,
      2.1475,
      1.0425
    ],
    "SoftwareVersion": "syngo MR B17",
    "TaskName": "motor",
    "dataset": "ds000224",
    "modality": "bold",
    "run_id": 2,
    "session_id": "func04",
    "subject_id": "MSC07",
    "task_id": "motor"
  },
  "dummy_trs": 1,
  "dvars_nstd": 17.28547609578432,
  "dvars_std": 1.1569756428431373,
  "dvars_vstd": 0.934893272254902,
  "efc": 0.39224657511230027,
  "fber": 36849.81640625,
  "fd_mean": 0.21397215596770316,
  "fd_num": 41,
  "fd_perc": 39.80582524271845,
  "fwhm_avg": 1.6393000000000002,
  "fwhm_x": 1.568545,
  "fwhm_y": 1.7652725,
  "fwhm_z": 1.5840825,
  "gcor": 0.0302041,
  "gsr_x": -0.024697216227650642,
  "gsr_y": 0.016876904293894768,
  "provenance": {
    "md5sum": "7e4f6777c5a0b47c887680dfb9d13463",
    "settings": {
      "fd_thres": 0.2,
      "testing": false
    },
    "software": "mriqc",
    "version": "22.0.6",
    "webapi_port": null,
    "webapi_url": "https://mriqc.nimh.nih.gov/api/v1"
  },
  "size_t": 103,
  "size_x": 64,
  "size_y": 64,
  "size_z": 36,
  "snr": 7.982917702182445,
  "spacing_tr": 2.200000047683716,
  "spacing_x": 4.0,
  "spacing_y": 4.0,
  "spacing_z": 4.0,
  "summary_bg_k": 30.722512405879037,
  "summary_bg_mad": 3.0659638865849645,
  "summary_bg_mean": 19.267906188964844,
  "summary_bg_median": 3.9708738327026367,
  "summary_bg_n": 103642.0,
  "summary_bg_p05": 1.4854369163513184,
  "summary_bg_p95": 98.01796073913566,
  "summary_bg_stdv": 45.718929290771484,
  "summary_fg_k": 1.7405950329961728,
  "summary_fg_mad": 89.24407502069286,
  "summary_fg_mean": 771.6447143554688,
  "summary_fg_median": 768.6116333007812,
  "summary_fg_n": 15655.0,
  "summary_fg_p05": 620.6931945800782,
  "summary_fg_p95": 922.1902893066406,
  "summary_fg_stdv": 96.27896881103516,
  "tsnr": 74.38241079216823
}