{
  "aor": 0.0015609413202933983,
  "aqi": 0.015636096797066016,
  "bids_meta": {
    "BodyPartExamined": "HEAD",
    "CogAtlasID": "http://www.cognitiveatlas.org/term/id/trm_4c8a834779883",
    "ConversionSoftware": "dcm2niix",
    "ConversionSoftwareVersion": "v1.0.20170411 GCC4.4.7",
    "EchoTime": 0.027,
    "EffectiveEchoSpacing": 0.000590001,
    "FlipAngle": 90,
    "ImageType": [
      "ORIGINAL",
      "PRIMARY",
      "M",
      "ND",
      "NORM",
      "MOSAIC"
    ],
    "Instructions": "During this first scan, a plus sign will be presented on the screen.  All you need to do is simply relax and look at the plus sign. Please keep your eyes open the entire time, and be as still as possible. It's extremely important that you stay awake for the entire duration of this scan. This scan will last ~30 minutes.",
    "MagneticFieldStrength": 3,
    "Manufacturer": "Siemens",
    "ManufacturersModelName": "TrioTim",
    "PhaseEncodingDirection": "j-",
    "ProcedureStepDescription": "head_Dosenbach_MSC",
    "ProtocolName": "RSFC_818Frames_36Slices_TR2.2",
    "RepetitionTime": 2.2,
    "ScanningSequence": "EP",
    "SequenceName": "_epfid2d1_64",
    "SequenceVariant": "SK",
    "SeriesDescription": "RSFC_818Frames_36Slices_TR2.2",
    "SliceTiming": [
      1.105,
      0,
      1.165,
      0.06,
      1.2275,
      0.1225,
      1.2875,
      0.185,
      1.35,
      0.245,
      1.41,
      0.3075,
      1.4725,
      0.3675,
      1.5325,
      0.43,
      1.595,
      0.49,
      1.655,
      0.5525,
      1.7175,
      0.6125,
      1.78,
      0.675,
      1.84,
      0.735,
      1.9025,
      0.7975,
      1.9625,
      0.8575,
      2.025,
      0.92,
      2.085,
      0.9825,
      2.1475,
      1.0425
    ],
    "SoftwareVersion": "syngo MR B17",
    "TaskName": "rest",
    "dataset": "ds000224",
    "modality": "bold",
    "session_id": "func04",
    "subject_id": "MSC07",
    "task_id": "rest"
  },
  "dummy_trs": 0,
  "dvars_nstd": 20.06487088237454,
  "dvars_std": 1.3381386573684206,
  "dvars_vstd": 0.9681468610036719,
  "efc": 0.389736038135078,
  "fber": 34084.0859375,
  "fd_mean": 0.18835985214385004,
  "fd_num": 315,
  "fd_perc": 38.50855745721272,
  "fwhm_avg": 1.6155908333333333,
  "fwhm_x": 1.54128,
  "fwhm_y": 1.729745,
  "fwhm_z": 1.5757475,
  "gcor": 0.0776495,
  "gsr_x": -0.024038420990109444,
  "gsr_y": 0.015147414058446884,
  "provenance": {
    "md5sum": "293e6bc8cd9f69ff46ae2b5de84f57c8",
    "settings": {
      "fd_thres": 0.2,
      "testing": false
    },
    "software": "mriqc",
    "version": "22.0.6",
    "webapi_port": null,
    "webapi_url": "https://mriqc.nimh.nih.gov/api/v1"
  },
  "size_t": 818,
  "size_x": 64,
  "size_y": 64,
  "size_z": 36,
  "snr": 7.9921199069302915,
  "spacing_tr": 2.200000047683716,
  "spacing_x": 4.0,
  "spacing_y": 4.0,
  "spacing_z": 4.0,
  "summary_bg_k": 33.34326727843249,
  "summary_bg_mad": 3.380260905872664,
  "summary_bg_mean": 18.867277145385742,
  "summary_bg_median": 4.138142108917236,
  "summary_bg_n": 103997.0,
  "summary_bg_p05": 1.39486563205719,
  "summary_bg_p95": 93.14450225830069,
  "summary_bg_stdv": 45.044044494628906,
  "summary_fg_k": 1.625144155351169,
  "summary_fg_mad": 87.9665250865582,
  "summary_fg_mean": 771.4480590820312,
  "summary_fg_median": 768.4505615234375,
  "summary_fg_n": 15414.0,
  "summary_fg_p05": 622.6340881347656,
  "summary_fg_p95": 924.2994812011718,
  "summary_fg_stdv": 96.14791107177734,
  "tsnr": 54.32174631697126
}