{
  "bids_meta": {
    "BodyPartExamined": "HEAD",
    "ConversionSoftware": "dcm2niix",
    "ConversionSoftwareVersion": "v1.0.20170411 GCC4.4.7",
    "EchoTime": 0.479,
    "FlipAngle": 120,
    "ImageType": [
      "ORIGINAL",
      "PRIMARY",
      "M",
      "ND",
      "NORM"
    ],
    "MagneticFieldStrength": 3,
    "Manufacturer": "Siemens",
    "ManufacturersModelName": "TrioTim",
    "PhaseEncodingDirection": "i-",
    "ProcedureStepDescription": "head_Dosenbach_MSC",
    "ProtocolName": "T2_.8x.8x.8_224Slices",
    "RepetitionTime": 3.2,
    "ScanningSequence": "SE",
    "SequenceName": "_spc3d1_282ns",
    "SequenceVariant": "SK_SP",
    "SeriesDescription": "T2_.8x.8x.8_224Slices",
    "dataset": "ds000224",
    "modality": "T2w",
    "run_id": 2,
    "session_id": "struct01",
    "subject_id": "MSC02"
  },
  "cjv": 0.3475288636950054,
  "cnr": 2.761142076349013,
  "efc": 0.5954853930142314,
  "fber": 4049.4727850712225,
  "fwhm_avg": 2.5402499696366214,
  "fwhm_x": 2.34942268939767,
  "fwhm_y": 2.8545498536585368,
  "fwhm_z": 2.4167773658536587,
  "icvs_csf": 0.32020868284536613,
  "icvs_gm": 0.5427871417152187,
  "icvs_wm": 0.13700417543941515,
  "inu_med": 1.0402334928512573,
  "inu_range": 0.5168565958738327,
  "provenance": {
    "md5sum": "e30b8346113b1a39a92e12be00821b43",
    "settings": {
      "testing": false
    },
    "software": "mriqc",
    "version": "22.0.6",
    "warnings": {
      "large_rot_frame": true,
      "small_air_mask": false
    },
    "webapi_port": null,
    "webapi_url": "https://mriqc.nimh.nih.gov/api/v1"
  },
  "qi_1": 0.0,
  "qi_2": 0.007928361422776241,
  "rpve_csf": 8.795823971459864,
  "rpve_gm": 6.185319180100462,
  "rpve_wm": 26.44854923215899,
  "size_x": 224,
  "size_y": 256,
  "size_z": 256,
  "snr_csf": 7.18478399513217,
  "snr_gm": 5.6063483692189715,
  "snr_total": 5.580282336578954,
  "snr_wm": 3.949714645385721,
  "snrd_csf": 35.322476291400214,
  "snrd_gm": 19.70298631354873,
  "snrd_total": 41.27660433254619,
  "snrd_wm": 68.80435039268964,
  "spacing_x": 0.800000786781311,
  "spacing_y": 0.80078125,
  "spacing_z": 0.80078125,
  "summary_bg_k": 39.72233054981542,
  "summary_bg_mad": 0.0,
  "summary_bg_mean": 5.498812178993758,
  "summary_bg_median": 0.0,
  "summary_bg_n": 4186292.0,
  "summary_bg_p05": 0.0,
  "summary_bg_p95": 23.18284383788705,
  "summary_bg_stdv": 9.521084333985984,
  "summary_csf_k": 0.5408438809481004,
  "summary_csf_mad": 68.54106750194342,
  "summary_csf_mean": 515.6303123830736,
  "summary_csf_median": 513.3408487997949,
  "summary_csf_n": 87114.0,
  "summary_csf_p05": 402.81376269888136,
  "summary_csf_p95": 634.9209821112454,
  "summary_csf_stdv": 71.44792421945299,
  "summary_gm_k": 0.12387786458066286,
  "summary_gm_mad": 50.334846446739704,
  "summary_gm_mean": 287.41847602185237,
  "summary_gm_median": 286.3431101106107,
  "summary_gm_n": 535175.0,
  "summary_gm_p05": 205.10157654434443,
  "summary_gm_p95": 373.11511762067676,
  "summary_gm_stdv": 51.074750217047395,
  "summary_wm_k": 2.458420844195186,
  "summary_wm_mad": 197.65798079417866,
  "summary_wm_mean": 912.2716659545018,
  "summary_wm_median": 999.9322624020278,
  "summary_wm_n": 64490.0,
  "summary_wm_p05": 351.3927703712136,
  "summary_wm_p95": 1164.7979480030015,
  "summary_wm_stdv": 253.16373448023634,
  "tpm_overlap_csf": 0.11081732338512323,
  "tpm_overlap_gm": 0.3305453994682957,
  "tpm_overlap_wm": 0.030836112200755095,
  "wm2max": 0.8658860784237069
}