{
  "bids_meta": {
    "BodyPartExamined": "HEAD",
    "ConversionSoftware": "dcm2niix",
    "ConversionSoftwareVersion": "v1.0.20170411 GCC4.4.7",
    "EchoTime": 0.00374,
    "FlipAngle": 8,
    "ImageType": [
      "ORIGINAL",
      "PRIMARY",
      "M",
      "ND",
      "NORM"
    ],
    "InversionTime": 1,
    "MagneticFieldStrength": 3,
    "Manufacturer": "Siemens",
    "ManufacturersModelName": "TrioTim",
    "PhaseEncodingDirection": "i-",
    "ProcedureStepDescription": "head_Dosenbach_MSC",
    "ProtocolName": "T1_.8x.8x.8_224Slices",
    "RepetitionTime": 2.4,
    "ScanningSequence": "GR_IR",
    "SequenceName": "_tfl3d1_ns",
    "SequenceVariant": "SP_MP_OSP",
    "SeriesDescription": "T1_.8x.8x.8_224Slices",
    "dataset": "ds000224",
    "modality": "T1w",
    "run_id": 2,
    "session_id": "struct01",
    "subject_id": "MSC02"
  },
  "cjv": 0.534912280714269,
  "cnr": 2.5691607602075095,
  "efc": 0.6298801128005278,
  "fber": 6269.49568825692,
  "fwhm_avg": 3.6805795331740985,
  "fwhm_x": 3.7663309897661983,
  "fwhm_y": 3.8286985365853656,
  "fwhm_z": 3.446709073170732,
  "icvs_csf": 0.18948801932822917,
  "icvs_gm": 0.39014837656411194,
  "icvs_wm": 0.4203636041076589,
  "inu_med": 0.5790514349937439,
  "inu_range": 0.32451987564563745,
  "provenance": {
    "md5sum": "8299f9b53be9899bb9892b2d18001f0a",
    "settings": {
      "testing": false
    },
    "software": "mriqc",
    "version": "22.0.6",
    "warnings": {
      "large_rot_frame": true,
      "small_air_mask": false
    },
    "webapi_port": null,
    "webapi_url": "https://mriqc.nimh.nih.gov/api/v1"
  },
  "qi_1": 0.0,
  "qi_2": 0.0028037414227840324,
  "rpve_csf": 16.193936789223926,
  "rpve_gm": 7.823928559369938,
  "rpve_wm": 8.329413001673657,
  "size_x": 224,
  "size_y": 256,
  "size_z": 256,
  "snr_csf": 2.178555625352215,
  "snr_gm": 9.553687943603563,
  "snr_total": 8.744688206921625,
  "snr_wm": 14.501821051809095,
  "snrd_csf": 25.547729494448262,
  "snrd_gm": 65.6665438829789,
  "snrd_total": 60.328507759758246,
  "snrd_wm": 89.77124990184755,
  "spacing_x": 0.8000013828277588,
  "spacing_y": 0.80078125,
  "spacing_z": 0.80078125,
  "summary_bg_k": 25.715639329568035,
  "summary_bg_mad": 7.2982909537386185,
  "summary_bg_mean": 11.56343082365549,
  "summary_bg_median": 4.922622442245483,
  "summary_bg_n": 4125143.0,
  "summary_bg_p05": 0.0,
  "summary_bg_p95": 47.56483934819698,
  "summary_bg_stdv": 17.48860652970195,
  "summary_csf_k": 0.9768436880869671,
  "summary_csf_mad": 116.0200190052136,
  "summary_csf_mean": 292.69454705281737,
  "summary_csf_median": 284.604493137449,
  "summary_csf_n": 104874.0,
  "summary_csf_p05": 87.56114669144154,
  "summary_csf_p95": 526.7513677105308,
  "summary_csf_stdv": 130.6384528053743,
  "summary_gm_k": 0.07902751418070375,
  "summary_gm_mad": 75.30923977889036,
  "summary_gm_mean": 731.241414573225,
  "summary_gm_median": 731.5324613079429,
  "summary_gm_n": 67892.0,
  "summary_gm_p05": 603.7457976657897,
  "summary_gm_p95": 857.7669605612755,
  "summary_gm_stdv": 76.5701243472319,
  "summary_wm_k": 0.25625619351215034,
  "summary_wm_mad": 68.33024905437782,
  "summary_wm_mean": 1000.0240694336719,
  "summary_wm_median": 1000.061515532434,
  "summary_wm_n": 607566.0,
  "summary_wm_p05": 887.9795558005571,
  "summary_wm_p95": 1113.7433275580406,
  "summary_wm_stdv": 68.96104213069529,
  "tpm_overlap_csf": 0.1478249826553944,
  "tpm_overlap_gm": 0.42364915741729464,
  "tpm_overlap_wm": 0.5005843098057978,
  "wm2max": 0.6645200858632322
}