{
  "bids_meta": {
    "BodyPartExamined": "HEAD",
    "ConversionSoftware": "dcm2niix",
    "ConversionSoftwareVersion": "v1.0.20170411 GCC4.4.7",
    "EchoTime": 0.00374,
    "FlipAngle": 8,
    "ImageType": [
      "ORIGINAL",
      "PRIMARY",
      "M",
      "ND",
      "NORM"
    ],
    "InversionTime": 1,
    "MagneticFieldStrength": 3,
    "Manufacturer": "Siemens",
    "ManufacturersModelName": "TrioTim",
    "PhaseEncodingDirection": "i-",
    "ProcedureStepDescription": "head_Dosenbach_MSC",
    "ProtocolName": "T1_.8x.8x.8_224Slices",
    "RepetitionTime": 2.4,
    "ScanningSequence": "GR_IR",
    "SequenceName": "_tfl3d1_ns",
    "SequenceVariant": "SP_MP_OSP",
    "SeriesDescription": "T1_.8x.8x.8_224Slices",
    "dataset": "ds000224",
    "modality": "T1w",
    "run_id": 1,
    "session_id": "struct01",
    "subject_id": "MSC02"
  },
  "cjv": 0.5525579007204316,
  "cnr": 2.4947514187244137,
  "efc": 0.643336527178943,
  "fber": 4096.0,
  "fwhm_avg": 3.7692210366310515,
  "fwhm_x": 3.853904670868763,
  "fwhm_y": 3.935531707317073,
  "fwhm_z": 3.5182267317073173,
  "icvs_csf": 0.1915627345448665,
  "icvs_gm": 0.38730234514106526,
  "icvs_wm": 0.4211349203140682,
  "inu_med": 0.6538899838924408,
  "inu_range": 0.37784697115421295,
  "provenance": {
    "md5sum": "7629252e7e3f7e9343b4be8778067982",
    "settings": {
      "testing": false
    },
    "software": "mriqc",
    "version": "22.0.6",
    "warnings": {
      "large_rot_frame": true,
      "small_air_mask": false
    },
    "webapi_port": null,
    "webapi_url": "https://mriqc.nimh.nih.gov/api/v1"
  },
  "qi_1": 0.0,
  "qi_2": 0.0026948659761258844,
  "rpve_csf": 15.992237430367286,
  "rpve_gm": 7.824607073066264,
  "rpve_wm": 8.297511439158335,
  "size_x": 224,
  "size_y": 256,
  "size_z": 256,
  "snr_csf": 2.2268464373564574,
  "snr_gm": 9.453064137972822,
  "snr_total": 8.614933119909397,
  "snr_wm": 14.164888784398912,
  "snrd_csf": 22.458042810484187,
  "snrd_gm": 57.94902852047853,
  "snrd_total": 53.11864315518341,
  "snrd_wm": 78.94885813458752,
  "spacing_x": 0.7999964356422424,
  "spacing_y": 0.80078125,
  "spacing_z": 0.80078125,
  "summary_bg_k": 12.858767839257908,
  "summary_bg_mad": 8.298784093228994,
  "summary_bg_mean": 12.714800505235647,
  "summary_bg_median": 5.59744480997324,
  "summary_bg_n": 3485003.0,
  "summary_bg_p05": 0.0,
  "summary_bg_p95": 50.01481568440795,
  "summary_bg_stdv": 18.843811202474022,
  "summary_csf_k": 1.011179622369978,
  "summary_csf_mad": 114.03505671637016,
  "summary_csf_mean": 293.4992463218897,
  "summary_csf_median": 284.48190093040466,
  "summary_csf_n": 104801.0,
  "summary_csf_p05": 93.70781134814024,
  "summary_csf_p95": 521.9123393110931,
  "summary_csf_stdv": 127.75040923650477,
  "summary_gm_k": 0.06665260819327612,
  "summary_gm_mad": 76.69052829683969,
  "summary_gm_mean": 733.7822442703916,
  "summary_gm_median": 734.0554976090789,
  "summary_gm_n": 64928.0,
  "summary_gm_p05": 604.4697113363072,
  "summary_gm_p95": 861.4467562548816,
  "summary_gm_stdv": 77.6520537712512,
  "summary_wm_k": 0.18900499660214853,
  "summary_wm_mad": 70.29558290735147,
  "summary_wm_mean": 1001.7907480999227,
  "summary_wm_median": 1000.0658306665719,
  "summary_wm_n": 611531.0,
  "summary_wm_p05": 888.6766789481044,
  "summary_wm_p95": 1119.390183556825,
  "summary_wm_stdv": 70.60168478652916,
  "tpm_overlap_csf": 0.15423880531671288,
  "tpm_overlap_gm": 0.4305889466668824,
  "tpm_overlap_wm": 0.5068400059074127,
  "wm2max": 0.6290229051899101
}