{
  "aor": 0.002275232273838631,
  "aqi": 0.007458518875305624,
  "bids_meta": {
    "BodyPartExamined": "HEAD",
    "CogAtlasID": "http://www.cognitiveatlas.org/term/id/trm_4c8a834779883",
    "ConversionSoftware": "dcm2niix",
    "ConversionSoftwareVersion": "v1.0.20170411 GCC4.4.7",
    "EchoTime": 0.027,
    "EffectiveEchoSpacing": 0.000590001,
    "FlipAngle": 90,
    "ImageType": [
      "ORIGINAL",
      "PRIMARY",
      "M",
      "ND",
      "NORM",
      "MOSAIC"
    ],
    "Instructions": "During this first scan, a plus sign will be presented on the screen.  All you need to do is simply relax and look at the plus sign. Please keep your eyes open the entire time, and be as still as possible. It's extremely important that you stay awake for the entire duration of this scan. This scan will last ~30 minutes.",
    "MagneticFieldStrength": 3,
    "Manufacturer": "Siemens",
    "ManufacturersModelName": "TrioTim",
    "PhaseEncodingDirection": "j-",
    "ProcedureStepDescription": "head_Dosenbach_MSC",
    "ProtocolName": "RSFC_818Frames_36Slices_TR2.2",
    "RepetitionTime": 2.2,
    "ScanningSequence": "EP",
    "SequenceName": "_epfid2d1_64",
    "SequenceVariant": "SK",
    "SeriesDescription": "RSFC_818Frames_36Slices_TR2.2",
    "SliceTiming": [
      1.105,
      0,
      1.165,
      0.06,
      1.2275,
      0.1225,
      1.2875,
      0.185,
      1.35,
      0.245,
      1.41,
      0.3075,
      1.4725,
      0.3675,
      1.5325,
      0.43,
      1.595,
      0.49,
      1.655,
      0.5525,
      1.7175,
      0.6125,
      1.78,
      0.675,
      1.84,
      0.735,
      1.9025,
      0.7975,
      1.9625,
      0.8575,
      2.025,
      0.92,
      2.085,
      0.9825,
      2.1475,
      1.0425
    ],
    "SoftwareVersion": "syngo MR B17",
    "TaskName": "rest",
    "dataset": "ds000224",
    "modality": "bold",
    "session_id": "func04",
    "subject_id": "MSC03",
    "task_id": "rest"
  },
  "dummy_trs": 0,
  "dvars_nstd": 16.79038613580171,
  "dvars_std": 1.174996104944919,
  "dvars_vstd": 0.99027882995104,
  "efc": 0.3666860286124591,
  "fber": 43724.52734375,
  "fd_mean": 0.20142423487931196,
  "fd_num": 349,
  "fd_perc": 42.665036674816626,
  "fwhm_avg": 1.7730617000028512,
  "fwhm_x": 1.6514475,
  "fwhm_y": 1.9898725,
  "fwhm_z": 1.6778651000085532,
  "gcor": 0.0590919,
  "gsr_x": -0.023052290081977844,
  "gsr_y": 0.014318800531327724,
  "provenance": {
    "md5sum": "59a16efd715215c403b9c0e84ff17a7e",
    "settings": {
      "fd_thres": 0.2,
      "testing": false
    },
    "software": "mriqc",
    "version": "22.0.6",
    "webapi_port": null,
    "webapi_url": "https://mriqc.nimh.nih.gov/api/v1"
  },
  "size_t": 818,
  "size_x": 64,
  "size_y": 64,
  "size_z": 36,
  "snr": 7.77784468929884,
  "spacing_tr": 2.200000047683716,
  "spacing_x": 4.0,
  "spacing_y": 4.0,
  "spacing_z": 3.999999761581421,
  "summary_bg_k": 36.69953099392763,
  "summary_bg_mad": 2.25109088188756,
  "summary_bg_mean": 12.959174156188965,
  "summary_bg_median": 2.875305652618408,
  "summary_bg_n": 106883.0,
  "summary_bg_p05": 0.9535452723503113,
  "summary_bg_p95": 64.04670562744136,
  "summary_bg_stdv": 30.381990432739258,
  "summary_fg_k": 2.05644907520582,
  "summary_fg_mad": 66.19415316400551,
  "summary_fg_mean": 598.5048217773438,
  "summary_fg_median": 597.8423461914062,
  "summary_fg_n": 13438.0,
  "summary_fg_p05": 470.18626098632814,
  "summary_fg_p95": 719.3864837646485,
  "summary_fg_stdv": 76.86192321777344,
  "tsnr": 74.35286058438942
}