{
  "bids_meta": {
    "BodyPartExamined": "HEAD",
    "ConversionSoftware": "dcm2niix",
    "ConversionSoftwareVersion": "v1.0.20170411 GCC4.4.7",
    "EchoTime": 0.479,
    "FlipAngle": 120,
    "ImageType": [
      "ORIGINAL",
      "PRIMARY",
      "M",
      "ND",
      "NORM"
    ],
    "MagneticFieldStrength": 3,
    "Manufacturer": "Siemens",
    "ManufacturersModelName": "TrioTim",
    "PhaseEncodingDirection": "i-",
    "ProcedureStepDescription": "head_Dosenbach_MSC",
    "ProtocolName": "T2_.8x.8x.8_224Slices",
    "RepetitionTime": 3.2,
    "ScanningSequence": "SE",
    "SequenceName": "_spc3d1_282ns",
    "SequenceVariant": "SK_SP",
    "SeriesDescription": "T2_.8x.8x.8_224Slices",
    "dataset": "ds000224",
    "modality": "T2w",
    "run_id": 1,
    "session_id": "struct01",
    "subject_id": "MSC02"
  },
  "cjv": 0.33878858105710374,
  "cnr": 2.8347466812353814,
  "efc": 0.5979529930161551,
  "fber": 4066.903342809529,
  "fwhm_avg": 2.5698682387602494,
  "fwhm_x": 2.391523155305139,
  "fwhm_y": 2.8802497560975606,
  "fwhm_z": 2.4378318048780487,
  "icvs_csf": 0.328901033425876,
  "icvs_gm": 0.5379388290910355,
  "icvs_wm": 0.13316013748308844,
  "inu_med": 1.0350474119186401,
  "inu_range": 0.5491322815418244,
  "provenance": {
    "md5sum": "840f26feff9830074ef4de4680ef7953",
    "settings": {
      "testing": false
    },
    "software": "mriqc",
    "version": "22.0.6",
    "warnings": {
      "large_rot_frame": true,
      "small_air_mask": false
    },
    "webapi_port": null,
    "webapi_url": "https://mriqc.nimh.nih.gov/api/v1"
  },
  "qi_1": 0.0,
  "qi_2": 0.012757177535919009,
  "rpve_csf": 8.652475557100505,
  "rpve_gm": 6.281592232975747,
  "rpve_wm": 26.788105286661274,
  "size_x": 224,
  "size_y": 256,
  "size_z": 256,
  "snr_csf": 7.180183121330155,
  "snr_gm": 5.7809502599574545,
  "snr_total": 5.685156579370184,
  "snr_wm": 4.094336356822945,
  "snrd_csf": 35.77367181405331,
  "snrd_gm": 19.997023364757535,
  "snrd_total": 41.38412194303701,
  "snrd_wm": 68.38167065030018,
  "spacing_x": 0.7999964356422424,
  "spacing_y": 0.80078125,
  "spacing_z": 0.80078125,
  "summary_bg_k": 39.99427342257304,
  "summary_bg_mad": 0.0,
  "summary_bg_mean": 5.560744952573591,
  "summary_bg_median": 0.0,
  "summary_bg_n": 3902491.0,
  "summary_bg_p05": 0.0,
  "summary_bg_p95": 22.916331887245178,
  "summary_bg_stdv": 9.579925982158912,
  "summary_csf_k": 0.6229095186110425,
  "summary_csf_mad": 69.61642341238672,
  "summary_csf_mean": 525.0109443181951,
  "summary_csf_median": 523.1111079901457,
  "summary_csf_n": 96014.0,
  "summary_csf_p05": 410.08775912225246,
  "summary_csf_p95": 646.4468062072992,
  "summary_csf_stdv": 72.85446276283751,
  "summary_gm_k": 0.10814274120717515,
  "summary_gm_mad": 50.046360022667464,
  "summary_gm_mean": 293.24109196426275,
  "summary_gm_median": 292.4123948812485,
  "summary_gm_n": 542249.0,
  "summary_gm_p05": 211.44899432361126,
  "summary_gm_p95": 377.86739648878574,
  "summary_gm_stdv": 50.58201716027473,
  "summary_wm_k": 3.077877327718488,
  "summary_wm_mad": 189.65294069689733,
  "summary_wm_mean": 932.6235504683254,
  "summary_wm_median": 999.9312255680561,
  "summary_wm_n": 58472.0,
  "summary_wm_p05": 422.6986165598035,
  "summary_wm_p95": 1175.8243851520122,
  "summary_wm_stdv": 244.2209403123187,
  "tpm_overlap_csf": 0.11018541332490273,
  "tpm_overlap_gm": 0.3254628354613329,
  "tpm_overlap_wm": 0.03044898326389766,
  "wm2max": 0.8612942328569742
}