{
  "bids_meta": {
    "BodyPartExamined": "HEAD",
    "ConversionSoftware": "dcm2niix",
    "ConversionSoftwareVersion": "v1.0.20170411 GCC4.4.7",
    "EchoTime": 0.479,
    "FlipAngle": 120,
    "ImageType": [
      "ORIGINAL",
      "PRIMARY",
      "M",
      "ND",
      "NORM"
    ],
    "MagneticFieldStrength": 3,
    "Manufacturer": "Siemens",
    "ManufacturersModelName": "TrioTim",
    "PhaseEncodingDirection": "i-",
    "ProcedureStepDescription": "head_Dosenbach_MSC",
    "ProtocolName": "T2_.8x.8x.8_224Slices",
    "RepetitionTime": 3.2,
    "ScanningSequence": "SE",
    "SequenceName": "_spc3d1_282ns",
    "SequenceVariant": "SK_SP",
    "SeriesDescription": "T2_.8x.8x.8_224Slices",
    "dataset": "ds000224",
    "modality": "T2w",
    "run_id": 2,
    "session_id": "struct02",
    "subject_id": "MSC02"
  },
  "cjv": 0.28425122395307056,
  "cnr": 3.101109201595237,
  "efc": 0.6134639692229212,
  "fber": 764.2101678892177,
  "fwhm_avg": 2.566971797892499,
  "fwhm_x": 2.3200701253848126,
  "fwhm_y": 2.8640280975609755,
  "fwhm_z": 2.5168171707317075,
  "icvs_csf": 0.32687523430069165,
  "icvs_gm": 0.5531356056531715,
  "icvs_wm": 0.11998916004613683,
  "inu_med": 1.0725384950637817,
  "inu_range": 0.6855596780776978,
  "provenance": {
    "md5sum": "c8d81a3862becdae4cc6a8cf036ba9c5",
    "settings": {
      "testing": false
    },
    "software": "mriqc",
    "version": "22.0.6",
    "warnings": {
      "large_rot_frame": true,
      "small_air_mask": false
    },
    "webapi_port": null,
    "webapi_url": "https://mriqc.nimh.nih.gov/api/v1"
  },
  "qi_1": 1.6923104074430713e-06,
  "qi_2": 0.01040310329070534,
  "rpve_csf": 8.722560997826061,
  "rpve_gm": 5.970093006803854,
  "rpve_wm": 29.21856420675327,
  "size_x": 224,
  "size_y": 256,
  "size_z": 256,
  "snr_csf": 6.193155861570395,
  "snr_gm": 4.7724929509677825,
  "snr_total": 5.109162284190057,
  "snr_wm": 4.361838040031991,
  "snrd_csf": 49.24584706701503,
  "snrd_gm": 26.251188304700545,
  "snrd_total": 58.04161817828285,
  "snrd_wm": 98.627819163133,
  "spacing_x": 0.8000016808509827,
  "spacing_y": 0.80078125,
  "spacing_z": 0.80078125,
  "summary_bg_k": 30.047297796187095,
  "summary_bg_mad": 6.6416650107428135,
  "summary_bg_mean": 10.812658048924318,
  "summary_bg_median": 4.4797349739819765,
  "summary_bg_n": 3819908.0,
  "summary_bg_p05": 0.0,
  "summary_bg_p95": 45.43427888303995,
  "summary_bg_stdv": 18.079897266923805,
  "summary_csf_k": 0.4949505026346417,
  "summary_csf_mad": 77.24476747091404,
  "summary_csf_mean": 501.24078537658164,
  "summary_csf_median": 499.24629342742264,
  "summary_csf_n": 79170.0,
  "summary_csf_p05": 372.37956203510987,
  "summary_csf_p95": 635.751885853801,
  "summary_csf_stdv": 80.61207429214393,
  "summary_gm_k": 0.0826664305099345,
  "summary_gm_mad": 54.89603686604487,
  "summary_gm_mean": 266.8935324864828,
  "summary_gm_median": 266.1302270088345,
  "summary_gm_n": 473772.0,
  "summary_gm_p05": 176.08967712894082,
  "summary_gm_p95": 360.1197375766933,
  "summary_gm_stdv": 55.76329789895933,
  "summary_wm_k": 4.031062479894385,
  "summary_wm_mad": 153.67113072249487,
  "summary_wm_mean": 932.2810050250627,
  "summary_wm_median": 999.872599998489,
  "summary_wm_n": 47393.0,
  "summary_wm_p05": 486.0109058313072,
  "summary_wm_p95": 1151.6528148278594,
  "summary_wm_stdv": 229.22952251531902,
  "tpm_overlap_csf": 0.11131855911578416,
  "tpm_overlap_gm": 0.33772463555782717,
  "tpm_overlap_wm": 0.03495981609744713,
  "wm2max": 0.888015235509296
}