{
  "aor": 0.006397980769230769,
  "aqi": 0.016950832596153844,
  "bids_meta": {
    "BodyPartExamined": "HEAD",
    "CogAtlasID": "http://www.cognitiveatlas.org/term/id/trm_550b53d7dd674",
    "ConversionSoftware": "dcm2niix",
    "ConversionSoftwareVersion": "v1.0.20170411 GCC4.4.7",
    "EchoTime": 0.027,
    "EffectiveEchoSpacing": 0.000590001,
    "FlipAngle": 90,
    "ImageType": [
      "ORIGINAL",
      "PRIMARY",
      "M",
      "ND",
      "NORM",
      "MOSAIC"
    ],
    "Instructions": "In this next scan you'll be prompted to move your hands, feet, or tongue. You'll only move one of these at once. Instructions are presented on the screen. Let?s review them now. [Read on-screen instructions to participant.] Do you have any questions?",
    "MagneticFieldStrength": 3,
    "Manufacturer": "Siemens",
    "ManufacturersModelName": "TrioTim",
    "PhaseEncodingDirection": "j-",
    "ProcedureStepDescription": "head_Dosenbach_MSC",
    "ProtocolName": "Motor_104Frames_36Slices_TR2.2",
    "RepetitionTime": 2.2,
    "ScanningSequence": "EP",
    "SequenceName": "_epfid2d1_64",
    "SequenceVariant": "SK",
    "SeriesDescription": "Motor_104Frames_36Slices_TR2.2",
    "SliceTiming": [
      1.105,
      0,
      1.1675,
      0.0625,
      1.2275,
      0.1225,
      1.29,
      0.185,
      1.35,
      0.245,
      1.4125,
      0.3075,
      1.4725,
      0.37,
      1.535,
      0.43,
      1.595,
      0.4925,
      1.6575,
      0.5525,
      1.7175,
      0.615,
      1.78,
      0.675,
      1.84,
      0.7375,
      1.9025,
      0.7975,
      1.965,
      0.86,
      2.025,
      0.92,
      2.0875,
      0.9825,
      2.1475,
      1.0425
    ],
    "SoftwareVersion": "syngo MR B17",
    "TaskName": "motor",
    "dataset": "ds000224",
    "modality": "bold",
    "run_id": 1,
    "session_id": "func07",
    "subject_id": "MSC09",
    "task_id": "motor"
  },
  "dummy_trs": 0,
  "dvars_nstd": 25.402933046796118,
  "dvars_std": 1.19307258223301,
  "dvars_vstd": 0.9804962848543687,
  "efc": 0.43818852034297057,
  "fber": 27257.33203125,
  "fd_mean": 0.39077974546341177,
  "fd_num": 78,
  "fd_perc": 75.0,
  "fwhm_avg": 1.8301867354898735,
  "fwhm_x": 1.686865,
  "fwhm_y": 2.0717025,
  "fwhm_z": 1.7319927064696201,
  "gcor": 0.0301341,
  "gsr_x": -0.02567969635128975,
  "gsr_y": 0.025663921609520912,
  "provenance": {
    "md5sum": "fa097d37d394911d9195c10c88e146fb",
    "settings": {
      "fd_thres": 0.2,
      "testing": false
    },
    "software": "mriqc",
    "version": "22.0.6",
    "webapi_port": null,
    "webapi_url": "https://mriqc.nimh.nih.gov/api/v1"
  },
  "size_t": 104,
  "size_x": 64,
  "size_y": 64,
  "size_z": 36,
  "snr": 7.917783630595043,
  "spacing_tr": 2.200000047683716,
  "spacing_x": 4.0,
  "spacing_y": 4.0,
  "spacing_z": 3.999999523162842,
  "summary_bg_k": 21.011124621335966,
  "summary_bg_mad": 3.4213895310822076,
  "summary_bg_mean": 23.560115814208984,
  "summary_bg_median": 4.230769157409668,
  "summary_bg_n": 98768.0,
  "summary_bg_p05": 1.509615421295166,
  "summary_bg_p95": 122.2596206665039,
  "summary_bg_stdv": 49.92042541503906,
  "summary_fg_k": 2.2412290978399163,
  "summary_fg_mad": 80.17453828046199,
  "summary_fg_mean": 711.2774658203125,
  "summary_fg_median": 710.5,
  "summary_fg_n": 19118.0,
  "summary_fg_p05": 567.815884399414,
  "summary_fg_p95": 851.4370605468749,
  "summary_fg_stdv": 89.73236083984375,
  "tsnr": 52.46917097247206
}