{
  "aor": 0.002501211750305997,
  "aqi": 0.007125654920440636,
  "bids_meta": {
    "BodyPartExamined": "HEAD",
    "CogAtlasID": "http://www.cognitiveatlas.org/term/id/trm_4c8a834779883",
    "ConversionSoftware": "dcm2niix",
    "ConversionSoftwareVersion": "v1.0.20170411 GCC4.4.7",
    "EchoTime": 0.027,
    "EffectiveEchoSpacing": 0.000590001,
    "FlipAngle": 90,
    "ImageType": [
      "ORIGINAL",
      "PRIMARY",
      "M",
      "ND",
      "NORM",
      "MOSAIC"
    ],
    "Instructions": "During this first scan, a plus sign will be presented on the screen.  All you need to do is simply relax and look at the plus sign. Please keep your eyes open the entire time, and be as still as possible. It's extremely important that you stay awake for the entire duration of this scan. This scan will last ~30 minutes.",
    "MagneticFieldStrength": 3,
    "Manufacturer": "Siemens",
    "ManufacturersModelName": "TrioTim",
    "PhaseEncodingDirection": "j-",
    "ProcedureStepDescription": "head_Dosenbach_MSC",
    "ProtocolName": "RSFC_818Frames_36Slices_TR2.2",
    "RepetitionTime": 2.2,
    "ScanningSequence": "EP",
    "SequenceName": "_epfid2d1_64",
    "SequenceVariant": "SK",
    "SeriesDescription": "RSFC_818Frames_36Slices_TR2.2",
    "SliceTiming": [
      1.105,
      0,
      1.165,
      0.06,
      1.2275,
      0.1225,
      1.2875,
      0.185,
      1.35,
      0.245,
      1.41,
      0.3075,
      1.4725,
      0.3675,
      1.5325,
      0.43,
      1.595,
      0.49,
      1.655,
      0.5525,
      1.7175,
      0.6125,
      1.78,
      0.675,
      1.84,
      0.735,
      1.9025,
      0.7975,
      1.9625,
      0.8575,
      2.025,
      0.92,
      2.085,
      0.9825,
      2.1475,
      1.0425
    ],
    "SoftwareVersion": "syngo MR B17",
    "TaskName": "rest",
    "dataset": "ds000224",
    "modality": "bold",
    "session_id": "func03",
    "subject_id": "MSC06",
    "task_id": "rest"
  },
  "dummy_trs": 1,
  "dvars_nstd": 22.435147265674015,
  "dvars_std": 1.5899250395098024,
  "dvars_vstd": 1.0000849464093133,
  "efc": 0.4028078718315873,
  "fber": 34921.515625,
  "fd_mean": 0.0733106992258351,
  "fd_num": 6,
  "fd_perc": 0.7343941248470012,
  "fwhm_avg": 1.7338736055121131,
  "fwhm_x": 1.5739225,
  "fwhm_y": 1.9152975,
  "fwhm_z": 1.712400816536339,
  "gcor": 0.0823693,
  "gsr_x": -0.023606209084391594,
  "gsr_y": 0.01922823302447796,
  "provenance": {
    "md5sum": "08a0d253ec6e92353abe64cacbc99c0c",
    "settings": {
      "fd_thres": 0.2,
      "testing": false
    },
    "software": "mriqc",
    "version": "22.0.6",
    "webapi_port": null,
    "webapi_url": "https://mriqc.nimh.nih.gov/api/v1"
  },
  "size_t": 817,
  "size_x": 64,
  "size_y": 64,
  "size_z": 36,
  "snr": 7.644742485583644,
  "spacing_tr": 2.200000047683716,
  "spacing_x": 4.0,
  "spacing_y": 4.0,
  "spacing_z": 3.999998092651367,
  "summary_bg_k": 41.677104757758364,
  "summary_bg_mad": 2.7347390676809247,
  "summary_bg_mean": 16.836532592773438,
  "summary_bg_median": 3.5740513801574707,
  "summary_bg_n": 102166.0,
  "summary_bg_p05": 1.3476132154464722,
  "summary_bg_p95": 77.78916549682617,
  "summary_bg_stdv": 40.01953887939453,
  "summary_fg_k": 1.6926467962056098,
  "summary_fg_mad": 82.87333763133547,
  "summary_fg_mean": 674.7772827148438,
  "summary_fg_median": 672.4136962890625,
  "summary_fg_n": 16659.0,
  "summary_fg_p05": 539.2177551269531,
  "summary_fg_p95": 815.1598571777344,
  "summary_fg_stdv": 87.95502471923828,
  "tsnr": 78.2399068493396
}