{
  "aor": 0.0035696153846153846,
  "aqi": 0.003660365865384615,
  "bids_meta": {
    "BodyPartExamined": "HEAD",
    "CogAtlasID": "http://www.cognitiveatlas.org/term/id/trm_550b53d7dd674",
    "ConversionSoftware": "dcm2niix",
    "ConversionSoftwareVersion": "v1.0.20170411 GCC4.4.7",
    "EchoTime": 0.027,
    "EffectiveEchoSpacing": 0.000590001,
    "FlipAngle": 90,
    "ImageType": [
      "ORIGINAL",
      "PRIMARY",
      "M",
      "ND",
      "NORM",
      "MOSAIC"
    ],
    "Instructions": "In this next scan you'll be prompted to move your hands, feet, or tongue. You'll only move one of these at once. Instructions are presented on the screen. Let?s review them now. [Read on-screen instructions to participant.] Do you have any questions?",
    "MagneticFieldStrength": 3,
    "Manufacturer": "Siemens",
    "ManufacturersModelName": "TrioTim",
    "PhaseEncodingDirection": "j-",
    "ProcedureStepDescription": "head_Dosenbach_MSC",
    "ProtocolName": "Motor_104Frames_36Slices_TR2.2",
    "RepetitionTime": 2.2,
    "ScanningSequence": "EP",
    "SequenceName": "_epfid2d1_64",
    "SequenceVariant": "SK",
    "SeriesDescription": "Motor_104Frames_36Slices_TR2.2",
    "SliceTiming": [
      1.105,
      0,
      1.1675,
      0.0625,
      1.2275,
      0.1225,
      1.29,
      0.185,
      1.35,
      0.245,
      1.4125,
      0.3075,
      1.4725,
      0.37,
      1.535,
      0.43,
      1.595,
      0.4925,
      1.6575,
      0.5525,
      1.7175,
      0.615,
      1.78,
      0.675,
      1.84,
      0.7375,
      1.9025,
      0.7975,
      1.965,
      0.86,
      2.025,
      0.92,
      2.0875,
      0.9825,
      2.1475,
      1.0425
    ],
    "SoftwareVersion": "syngo MR B17",
    "TaskName": "motor",
    "dataset": "ds000224",
    "modality": "bold",
    "run_id": 2,
    "session_id": "func03",
    "subject_id": "MSC06",
    "task_id": "motor"
  },
  "dummy_trs": 0,
  "dvars_nstd": 20.274662211941745,
  "dvars_std": 1.4925569337864075,
  "dvars_vstd": 1.027034873592233,
  "efc": 0.40021298252141396,
  "fber": 38007.62109375,
  "fd_mean": 0.09165505393370843,
  "fd_num": 2,
  "fd_perc": 1.9230769230769231,
  "fwhm_avg": 1.6942452674719972,
  "fwhm_x": 1.5391225,
  "fwhm_y": 1.860825,
  "fwhm_z": 1.682788302415992,
  "gcor": 0.0402395,
  "gsr_x": -0.022880161181092262,
  "gsr_y": 0.017922639846801758,
  "provenance": {
    "md5sum": "dea71025bdd0531ce61f85c9fbebb16c",
    "settings": {
      "fd_thres": 0.2,
      "testing": false
    },
    "software": "mriqc",
    "version": "22.0.6",
    "webapi_port": null,
    "webapi_url": "https://mriqc.nimh.nih.gov/api/v1"
  },
  "size_t": 104,
  "size_x": 64,
  "size_y": 64,
  "size_z": 36,
  "snr": 7.659470860824345,
  "spacing_tr": 2.200000047683716,
  "spacing_x": 4.0,
  "spacing_y": 4.0,
  "spacing_z": 3.999998092651367,
  "summary_bg_k": 41.49023404102178,
  "summary_bg_mad": 2.380717091923402,
  "summary_bg_mean": 17.00190544128418,
  "summary_bg_median": 3.471153974533081,
  "summary_bg_n": 102459.0,
  "summary_bg_p05": 1.4711538553237915,
  "summary_bg_p95": 79.69231414794922,
  "summary_bg_stdv": 40.46220779418945,
  "summary_fg_k": 1.2990732764436217,
  "summary_fg_mad": 84.95734209252834,
  "summary_fg_mean": 688.7045288085938,
  "summary_fg_median": 685.8509521484375,
  "summary_fg_n": 16476.0,
  "summary_fg_p05": 553.2644195556641,
  "summary_fg_p95": 832.5120544433594,
  "summary_fg_stdv": 89.54014587402344,
  "tsnr": 112.21176535449922
}