{
  "aor": 0.002658543689320388,
  "aqi": 0.0040050302912621365,
  "bids_meta": {
    "BodyPartExamined": "HEAD",
    "CogAtlasID": "http://www.cognitiveatlas.org/term/id/trm_550b53d7dd674",
    "ConversionSoftware": "dcm2niix",
    "ConversionSoftwareVersion": "v1.0.20170411 GCC4.4.7",
    "EchoTime": 0.027,
    "EffectiveEchoSpacing": 0.000590001,
    "FlipAngle": 90,
    "ImageType": [
      "ORIGINAL",
      "PRIMARY",
      "M",
      "ND",
      "NORM",
      "MOSAIC"
    ],
    "Instructions": "In this next scan you'll be prompted to move your hands, feet, or tongue. You'll only move one of these at once. Instructions are presented on the screen. Let?s review them now. [Read on-screen instructions to participant.] Do you have any questions?",
    "MagneticFieldStrength": 3,
    "Manufacturer": "Siemens",
    "ManufacturersModelName": "TrioTim",
    "PhaseEncodingDirection": "j-",
    "ProcedureStepDescription": "head_Dosenbach_MSC",
    "ProtocolName": "Motor_104Frames_36Slices_TR2.2",
    "RepetitionTime": 2.2,
    "ScanningSequence": "EP",
    "SequenceName": "_epfid2d1_64",
    "SequenceVariant": "SK",
    "SeriesDescription": "Motor_104Frames_36Slices_TR2.2",
    "SliceTiming": [
      1.105,
      0,
      1.1675,
      0.0625,
      1.2275,
      0.1225,
      1.29,
      0.185,
      1.35,
      0.245,
      1.4125,
      0.3075,
      1.4725,
      0.37,
      1.535,
      0.43,
      1.595,
      0.4925,
      1.6575,
      0.5525,
      1.7175,
      0.615,
      1.78,
      0.675,
      1.84,
      0.7375,
      1.9025,
      0.7975,
      1.965,
      0.86,
      2.025,
      0.92,
      2.0875,
      0.9825,
      2.1475,
      1.0425
    ],
    "SoftwareVersion": "syngo MR B17",
    "TaskName": "motor",
    "dataset": "ds000224",
    "modality": "bold",
    "run_id": 1,
    "session_id": "func02",
    "subject_id": "MSC06",
    "task_id": "motor"
  },
  "dummy_trs": 1,
  "dvars_nstd": 22.031882192450983,
  "dvars_std": 1.5709883300000003,
  "dvars_vstd": 1.0277464073529405,
  "efc": 0.4052413217812932,
  "fber": 35338.00390625,
  "fd_mean": 0.1373957990702931,
  "fd_num": 23,
  "fd_perc": 22.33009708737864,
  "fwhm_avg": 1.6930491666666665,
  "fwhm_x": 1.558095,
  "fwhm_y": 1.8668125,
  "fwhm_z": 1.65424,
  "gcor": 0.0403643,
  "gsr_x": -0.02519393153488636,
  "gsr_y": 0.017474817112088203,
  "provenance": {
    "md5sum": "47c5c7fcc12d9a2123e3d11630ed76e9",
    "settings": {
      "fd_thres": 0.2,
      "testing": false
    },
    "software": "mriqc",
    "version": "22.0.6",
    "webapi_port": null,
    "webapi_url": "https://mriqc.nimh.nih.gov/api/v1"
  },
  "size_t": 103,
  "size_x": 64,
  "size_y": 64,
  "size_z": 36,
  "snr": 7.693849358656051,
  "spacing_tr": 2.200000047683716,
  "spacing_x": 4.0,
  "spacing_y": 4.0,
  "spacing_z": 4.0,
  "summary_bg_k": 39.78203798590725,
  "summary_bg_mad": 2.547772936605502,
  "summary_bg_mean": 18.3216609954834,
  "summary_bg_median": 3.669903039932251,
  "summary_bg_n": 102094.0,
  "summary_bg_p05": 1.524271845817566,
  "summary_bg_p95": 84.79660263061498,
  "summary_bg_stdv": 43.1480827331543,
  "summary_fg_k": 2.1302447457665563,
  "summary_fg_mad": 85.27125487914918,
  "summary_fg_mean": 701.3522338867188,
  "summary_fg_median": 699.3883666992188,
  "summary_fg_n": 16676.0,
  "summary_fg_p05": 563.9514770507812,
  "summary_fg_p95": 847.1650390625,
  "summary_fg_stdv": 90.89954376220703,
  "tsnr": 110.69496301189065
}