{
  "bids_meta": {
    "BodyPartExamined": "HEAD",
    "ConversionSoftware": "dcm2niix",
    "ConversionSoftwareVersion": "v1.0.20170411 GCC4.4.7",
    "EchoTime": 0.479,
    "FlipAngle": 120,
    "ImageType": [
      "ORIGINAL",
      "PRIMARY",
      "M",
      "ND",
      "NORM"
    ],
    "MagneticFieldStrength": 3,
    "Manufacturer": "Siemens",
    "ManufacturersModelName": "TrioTim",
    "PhaseEncodingDirection": "i-",
    "ProcedureStepDescription": "head_Dosenbach_MSC",
    "ProtocolName": "T2_.8x.8x.8_224Slices",
    "RepetitionTime": 3.2,
    "ScanningSequence": "SE",
    "SequenceName": "_spc3d1_282ns",
    "SequenceVariant": "SK_SP",
    "SeriesDescription": "T2_.8x.8x.8_224Slices",
    "dataset": "ds000224",
    "modality": "T2w",
    "run_id": 1,
    "session_id": "struct01",
    "subject_id": "MSC03"
  },
  "cjv": 0.30756169199233474,
  "cnr": 2.2113747683626146,
  "efc": 0.5394275754309037,
  "fber": 5931.85219478738,
  "fwhm_avg": 2.387023346363042,
  "fwhm_x": 2.2280749171379064,
  "fwhm_y": 2.6598150243902436,
  "fwhm_z": 2.2731800975609757,
  "icvs_csf": 0.36846328929091116,
  "icvs_gm": 0.5000618732680245,
  "icvs_wm": 0.13147483744106434,
  "inu_med": 0.9552584290504456,
  "inu_range": 0.27519160509109497,
  "provenance": {
    "md5sum": "1bbf95a7ac61ec8f071e52329e0d698c",
    "settings": {
      "testing": false
    },
    "software": "mriqc",
    "version": "22.0.6",
    "warnings": {
      "large_rot_frame": true,
      "small_air_mask": false
    },
    "webapi_port": null,
    "webapi_url": "https://mriqc.nimh.nih.gov/api/v1"
  },
  "qi_1": 0.00014595885395979192,
  "qi_2": 0.02706488233029448,
  "rpve_csf": 10.180201483021229,
  "rpve_gm": 8.458926614911038,
  "rpve_wm": 34.79583826345627,
  "size_x": 224,
  "size_y": 256,
  "size_z": 256,
  "snr_csf": 8.490430864189944,
  "snr_gm": 7.131581175617736,
  "snr_total": 6.32371527286224,
  "snr_wm": 3.34913377877904,
  "snrd_csf": 45.72020664734739,
  "snrd_gm": 27.515956056992586,
  "snrd_total": 52.07635854062833,
  "snrd_wm": 82.99291291754501,
  "spacing_x": 0.7999955415725708,
  "spacing_y": 0.80078125,
  "spacing_z": 0.80078125,
  "summary_bg_k": 86.53671550001853,
  "summary_bg_mad": 0.0,
  "summary_bg_mean": 5.176543189929469,
  "summary_bg_median": 0.0,
  "summary_bg_n": 5117690.0,
  "summary_bg_p05": 0.0,
  "summary_bg_p95": 17.446422401815653,
  "summary_bg_stdv": 7.894280433773155,
  "summary_csf_k": 0.4670430428510075,
  "summary_csf_mad": 62.80063448029619,
  "summary_csf_mean": 552.1910581337796,
  "summary_csf_median": 550.9205911383033,
  "summary_csf_n": 79177.0,
  "summary_csf_p05": 447.88809750303625,
  "summary_csf_p95": 659.6639206185937,
  "summary_csf_stdv": 64.88682622769541,
  "summary_gm_k": 0.06687023256294156,
  "summary_gm_mad": 46.332249571448926,
  "summary_gm_mean": 331.74917173525824,
  "summary_gm_median": 331.5625166259706,
  "summary_gm_n": 360169.0,
  "summary_gm_p05": 255.55889792740345,
  "summary_gm_p95": 408.31067699566483,
  "summary_gm_stdv": 46.49208193434261,
  "summary_wm_k": 2.1696341067855958,
  "summary_wm_mad": 159.26897252877018,
  "summary_wm_mean": 893.7470450551871,
  "summary_wm_median": 1000.0502621848136,
  "summary_wm_n": 27220.0,
  "summary_wm_p05": 91.79494508821517,
  "summary_wm_p95": 1149.0904004087672,
  "summary_wm_stdv": 298.59419130488465,
  "tpm_overlap_csf": 0.1055383685764459,
  "tpm_overlap_gm": 0.3072314952696626,
  "tpm_overlap_wm": 0.030910606201994803,
  "wm2max": 0.8870603460026666
}