{
  "bids_meta": {
    "BodyPartExamined": "HEAD",
    "ConversionSoftware": "dcm2niix",
    "ConversionSoftwareVersion": "v1.0.20170411 GCC4.4.7",
    "EchoTime": 0.00374,
    "FlipAngle": 8,
    "ImageType": [
      "ORIGINAL",
      "PRIMARY",
      "M",
      "ND",
      "NORM"
    ],
    "InversionTime": 1,
    "MagneticFieldStrength": 3,
    "Manufacturer": "Siemens",
    "ManufacturersModelName": "TrioTim",
    "PhaseEncodingDirection": "i-",
    "ProcedureStepDescription": "head_Dosenbach_MSC",
    "ProtocolName": "T1_.8x.8x.8_224Slices",
    "RepetitionTime": 2.4,
    "ScanningSequence": "GR_IR",
    "SequenceName": "_tfl3d1_ns",
    "SequenceVariant": "SP_MP_OSP",
    "SeriesDescription": "T1_.8x.8x.8_224Slices",
    "dataset": "ds000224",
    "modality": "T1w",
    "run_id": 1,
    "session_id": "struct01",
    "subject_id": "MSC03"
  },
  "cjv": 0.4857076850914879,
  "cnr": 2.7975804095921624,
  "efc": 0.5608702069233669,
  "fber": 5654.306365258774,
  "fwhm_avg": 3.8340344371368977,
  "fwhm_x": 3.930447506532644,
  "fwhm_y": 3.95308956097561,
  "fwhm_z": 3.6185662439024386,
  "icvs_csf": 0.17676986452822055,
  "icvs_gm": 0.4287944417209556,
  "icvs_wm": 0.3944356937508239,
  "inu_med": 0.6573959589004517,
  "inu_range": 0.32859588265418993,
  "provenance": {
    "md5sum": "b2b64fda406c0dda0cbf7f8f6e372101",
    "settings": {
      "testing": false
    },
    "software": "mriqc",
    "version": "22.0.6",
    "warnings": {
      "large_rot_frame": true,
      "small_air_mask": false
    },
    "webapi_port": null,
    "webapi_url": "https://mriqc.nimh.nih.gov/api/v1"
  },
  "qi_1": 0.0,
  "qi_2": 0.00356928374957155,
  "rpve_csf": 21.44837443310866,
  "rpve_gm": 9.131617827263476,
  "rpve_wm": 10.961272731526307,
  "size_x": 224,
  "size_y": 256,
  "size_z": 256,
  "snr_csf": 1.8417117095744886,
  "snr_gm": 10.701012037290413,
  "snr_total": 9.37526146770294,
  "snr_wm": 15.583060656243912,
  "snrd_csf": 19.56675683896738,
  "snrd_gm": 53.16621466341477,
  "snrd_total": 48.45123960164903,
  "snrd_wm": 72.62074730256492,
  "spacing_x": 0.8000030517578125,
  "spacing_y": 0.80078125,
  "spacing_z": 0.80078125,
  "summary_bg_k": 49.09090707578284,
  "summary_bg_mad": 9.02192005194854,
  "summary_bg_mean": 11.958163376221572,
  "summary_bg_median": 6.0851926021277905,
  "summary_bg_n": 4868440.0,
  "summary_bg_p05": 0.0,
  "summary_bg_p95": 44.302777886390686,
  "summary_bg_stdv": 19.26535964194877,
  "summary_csf_k": 0.2934810531851215,
  "summary_csf_mad": 140.43644863932593,
  "summary_csf_mean": 273.29257035064785,
  "summary_csf_median": 269.45490416511893,
  "summary_csf_n": 56684.0,
  "summary_csf_p05": 47.876621160656214,
  "summary_csf_p95": 534.5535831499844,
  "summary_csf_stdv": 146.30548632426562,
  "summary_gm_k": 0.12594794729058112,
  "summary_gm_mad": 67.49732779605944,
  "summary_gm_mean": 731.7181951226656,
  "summary_gm_median": 732.1549194306135,
  "summary_gm_n": 73925.0,
  "summary_gm_p05": 617.8949643701314,
  "summary_gm_p95": 843.652390230447,
  "summary_gm_stdv": 68.41875935200086,
  "summary_wm_k": 0.30616506468982463,
  "summary_wm_mad": 62.62835506961102,
  "summary_wm_mean": 1002.3372732286823,
  "summary_wm_median": 1000.0643778555095,
  "summary_wm_n": 426248.0,
  "summary_wm_p05": 900.8982761912048,
  "summary_wm_p95": 1111.3364711515605,
  "summary_wm_stdv": 64.17630187126055,
  "tpm_overlap_csf": 0.13523303680026408,
  "tpm_overlap_gm": 0.43863654038434324,
  "tpm_overlap_wm": 0.49078500213378595,
  "wm2max": 0.5873535635579762
}