{
  "bids_meta": {
    "BodyPartExamined": "HEAD",
    "ConversionSoftware": "dcm2niix",
    "ConversionSoftwareVersion": "v1.0.20170411 GCC4.4.7",
    "EchoTime": 0.479,
    "FlipAngle": 120,
    "ImageType": [
      "ORIGINAL",
      "PRIMARY",
      "M",
      "ND",
      "NORM"
    ],
    "MagneticFieldStrength": 3,
    "Manufacturer": "Siemens",
    "ManufacturersModelName": "TrioTim",
    "PhaseEncodingDirection": "i-",
    "ProcedureStepDescription": "head_Dosenbach_MSC",
    "ProtocolName": "T2_.8x.8x.8_224Slices",
    "RepetitionTime": 3.2,
    "ScanningSequence": "SE",
    "SequenceName": "_spc3d1_282ns",
    "SequenceVariant": "SK_SP",
    "SeriesDescription": "T2_.8x.8x.8_224Slices",
    "dataset": "ds000224",
    "modality": "T2w",
    "run_id": 2,
    "session_id": "struct01",
    "subject_id": "MSC03"
  },
  "cjv": 0.3031719820750127,
  "cnr": 2.2488572612806963,
  "efc": 0.5368851785753949,
  "fber": 5608.031683873264,
  "fwhm_avg": 2.3655254196852247,
  "fwhm_x": 2.2084623078361623,
  "fwhm_y": 2.6463406829268292,
  "fwhm_z": 2.241773268292683,
  "icvs_csf": 0.3635360987298063,
  "icvs_gm": 0.5074311239286838,
  "icvs_wm": 0.12903277734150984,
  "inu_med": 0.9579409062862396,
  "inu_range": 0.29641908109188064,
  "provenance": {
    "md5sum": "970708a938bcd16f5140bbf3d8229068",
    "settings": {
      "testing": false
    },
    "software": "mriqc",
    "version": "22.0.6",
    "warnings": {
      "large_rot_frame": true,
      "small_air_mask": false
    },
    "webapi_port": null,
    "webapi_url": "https://mriqc.nimh.nih.gov/api/v1"
  },
  "qi_1": 0.0002951317387794184,
  "qi_2": 0.02506912383999808,
  "rpve_csf": 10.260399645872594,
  "rpve_gm": 8.318743483155398,
  "rpve_wm": 35.65081354735856,
  "size_x": 224,
  "size_y": 256,
  "size_z": 256,
  "snr_csf": 8.058855322521199,
  "snr_gm": 6.597322964739836,
  "snr_total": 5.999742835095488,
  "snr_wm": 3.3430502180254282,
  "snrd_csf": 60.84999303524394,
  "snrd_gm": 35.61939700861481,
  "snrd_total": 69.44848540687208,
  "snrd_wm": 111.87606617675749,
  "spacing_x": 0.7999955415725708,
  "spacing_y": 0.80078125,
  "spacing_z": 0.80078125,
  "summary_bg_k": 87.09191141165128,
  "summary_bg_mad": 5.857283523125802,
  "summary_bg_mean": 5.2306573799786875,
  "summary_bg_median": 3.950677700340748,
  "summary_bg_n": 5063200.0,
  "summary_bg_p05": 0.0,
  "summary_bg_p95": 17.3503989726305,
  "summary_bg_stdv": 7.96634595548487,
  "summary_csf_k": 0.54037803137222,
  "summary_csf_mad": 65.03396241656175,
  "summary_csf_mean": 545.52140712058,
  "summary_csf_median": 544.0327565185726,
  "summary_csf_n": 74675.0,
  "summary_csf_p05": 438.39692953415215,
  "summary_csf_p95": 657.5231009721756,
  "summary_csf_stdv": 67.50699597697113,
  "summary_gm_k": 0.08571601395254191,
  "summary_gm_mad": 47.61307276272882,
  "summary_gm_mean": 318.5448126736465,
  "summary_gm_median": 318.45720555633307,
  "summary_gm_n": 361739.0,
  "summary_gm_p05": 239.09745814278722,
  "summary_gm_p95": 398.2242393307388,
  "summary_gm_stdv": 48.27060416515541,
  "summary_wm_k": 2.2282987133817294,
  "summary_wm_mad": 159.08261280077244,
  "summary_wm_mean": 894.1260271423594,
  "summary_wm_median": 1000.234209317714,
  "summary_wm_n": 26351.0,
  "summary_wm_p05": 79.89940184168518,
  "summary_wm_p95": 1142.275327667594,
  "summary_wm_stdv": 299.1924035985398,
  "tpm_overlap_csf": 0.10675369449939372,
  "tpm_overlap_gm": 0.3132698787917886,
  "tpm_overlap_wm": 0.03055634337627425,
  "wm2max": 0.8929876552188063
}