{
  "bids_meta": {
    "BodyPartExamined": "HEAD",
    "ConversionSoftware": "dcm2niix",
    "ConversionSoftwareVersion": "v1.0.20170411 GCC4.4.7",
    "EchoTime": 0.00374,
    "FlipAngle": 8,
    "ImageType": [
      "ORIGINAL",
      "PRIMARY",
      "M",
      "ND",
      "NORM"
    ],
    "InversionTime": 1,
    "MagneticFieldStrength": 3,
    "Manufacturer": "Siemens",
    "ManufacturersModelName": "TrioTim",
    "PhaseEncodingDirection": "i-",
    "ProcedureStepDescription": "head_Dosenbach_MSC",
    "ProtocolName": "T1_.8x.8x.8_224Slices",
    "RepetitionTime": 2.4,
    "ScanningSequence": "GR_IR",
    "SequenceName": "_tfl3d1_ns",
    "SequenceVariant": "SP_MP_OSP",
    "SeriesDescription": "T1_.8x.8x.8_224Slices",
    "dataset": "ds000224",
    "modality": "T1w",
    "run_id": 2,
    "session_id": "struct01",
    "subject_id": "MSC03"
  },
  "cjv": 0.4933939752349566,
  "cnr": 2.759707679258131,
  "efc": 0.5651007386185936,
  "fber": 5486.330448891293,
  "fwhm_avg": 3.7552237309637637,
  "fwhm_x": 3.8528228026473896,
  "fwhm_y": 3.8808226341463414,
  "fwhm_z": 3.532025756097561,
  "icvs_csf": 0.1745217275770386,
  "icvs_gm": 0.4276465897554547,
  "icvs_wm": 0.3978316826675067,
  "inu_med": 0.6515353918075562,
  "inu_range": 0.32087153792381284,
  "provenance": {
    "md5sum": "c70591cb474c66b2f5ca0b1105324ace",
    "settings": {
      "testing": false
    },
    "software": "mriqc",
    "version": "22.0.6",
    "warnings": {
      "large_rot_frame": true,
      "small_air_mask": false
    },
    "webapi_port": null,
    "webapi_url": "https://mriqc.nimh.nih.gov/api/v1"
  },
  "qi_1": 0.0,
  "qi_2": 0.0031825093690457133,
  "rpve_csf": 21.76424744713169,
  "rpve_gm": 9.182985213393279,
  "rpve_wm": 10.922799948561876,
  "size_x": 224,
  "size_y": 256,
  "size_z": 256,
  "snr_csf": 1.920859706572497,
  "snr_gm": 10.659231167268217,
  "snr_total": 9.301750616616738,
  "snr_wm": 15.325160976009498,
  "snrd_csf": 21.002291394962835,
  "snrd_gm": 55.05064601867916,
  "snrd_total": 50.38476904433346,
  "snrd_wm": 75.10136971935837,
  "spacing_x": 0.8000030517578125,
  "spacing_y": 0.80078125,
  "spacing_z": 0.80078125,
  "summary_bg_k": 36.61437991664606,
  "summary_bg_mad": 8.723904455592,
  "summary_bg_mean": 12.006181998035538,
  "summary_bg_median": 5.8841841369867325,
  "summary_bg_n": 4815455.0,
  "summary_bg_p05": 0.0,
  "summary_bg_p95": 46.41967485845089,
  "summary_bg_stdv": 19.297185803541023,
  "summary_csf_k": 0.5187879599856005,
  "summary_csf_mad": 133.62806031184573,
  "summary_csf_mean": 285.4202203722097,
  "summary_csf_median": 279.66997937858105,
  "summary_csf_n": 54173.0,
  "summary_csf_p05": 55.96512912511827,
  "summary_csf_p95": 544.2714660465717,
  "summary_csf_stdv": 145.59491104036172,
  "summary_gm_k": 0.09668549284757422,
  "summary_gm_mad": 68.12953955795658,
  "summary_gm_mean": 732.9203334094929,
  "summary_gm_median": 733.0634904205799,
  "summary_gm_n": 68460.0,
  "summary_gm_p05": 618.8044651150703,
  "summary_gm_p95": 845.2054547667503,
  "summary_gm_stdv": 68.7721398422495,
  "summary_wm_k": 0.33027412389000776,
  "summary_wm_mad": 63.606033543945905,
  "summary_wm_mean": 1002.7621519384586,
  "summary_wm_median": 1000.0622372925282,
  "summary_wm_n": 424153.0,
  "summary_wm_p05": 900.4358392059803,
  "summary_wm_p95": 1113.8667171567668,
  "summary_wm_stdv": 65.25615358716868,
  "tpm_overlap_csf": 0.13976796902623323,
  "tpm_overlap_gm": 0.4378907189279287,
  "tpm_overlap_wm": 0.48971049821242557,
  "wm2max": 0.5971630941979141
}