{
  "aor": 0.00428798076923077,
  "aqi": 0.005677546634615385,
  "bids_meta": {
    "BodyPartExamined": "HEAD",
    "CogAtlasID": "http://www.cognitiveatlas.org/term/id/trm_550b53d7dd674",
    "ConversionSoftware": "dcm2niix",
    "ConversionSoftwareVersion": "v1.0.20170411 GCC4.4.7",
    "EchoTime": 0.027,
    "EffectiveEchoSpacing": 0.000590001,
    "FlipAngle": 90,
    "ImageType": [
      "ORIGINAL",
      "PRIMARY",
      "M",
      "ND",
      "NORM",
      "MOSAIC"
    ],
    "Instructions": "In this next scan you'll be prompted to move your hands, feet, or tongue. You'll only move one of these at once. Instructions are presented on the screen. Let?s review them now. [Read on-screen instructions to participant.] Do you have any questions?",
    "MagneticFieldStrength": 3,
    "Manufacturer": "Siemens",
    "ManufacturersModelName": "TrioTim",
    "PhaseEncodingDirection": "j-",
    "ProcedureStepDescription": "head_Dosenbach_MSC",
    "ProtocolName": "Motor_104Frames_36Slices_TR2.2",
    "RepetitionTime": 2.2,
    "ScanningSequence": "EP",
    "SequenceName": "_epfid2d1_64",
    "SequenceVariant": "SK",
    "SeriesDescription": "Motor_104Frames_36Slices_TR2.2",
    "SliceTiming": [
      1.105,
      0,
      1.1675,
      0.0625,
      1.2275,
      0.1225,
      1.29,
      0.185,
      1.35,
      0.245,
      1.4125,
      0.3075,
      1.4725,
      0.37,
      1.535,
      0.43,
      1.595,
      0.4925,
      1.6575,
      0.5525,
      1.7175,
      0.615,
      1.78,
      0.675,
      1.84,
      0.7375,
      1.9025,
      0.7975,
      1.965,
      0.86,
      2.025,
      0.92,
      2.0875,
      0.9825,
      2.1475,
      1.0425
    ],
    "SoftwareVersion": "syngo MR B17",
    "TaskName": "motor",
    "dataset": "ds000224",
    "modality": "bold",
    "run_id": 2,
    "session_id": "func02",
    "subject_id": "MSC04",
    "task_id": "motor"
  },
  "dummy_trs": 0,
  "dvars_nstd": 19.134955507864085,
  "dvars_std": 1.2815701122330099,
  "dvars_vstd": 1.0036421863106804,
  "efc": 0.36623734258050483,
  "fber": 54083.484375,
  "fd_mean": 0.18520857483631886,
  "fd_num": 43,
  "fd_perc": 41.34615384615385,
  "fwhm_avg": 1.7739916666666666,
  "fwhm_x": 1.64111,
  "fwhm_y": 1.9920775,
  "fwhm_z": 1.6887875,
  "gcor": 0.045513,
  "gsr_x": -0.025648778304457664,
  "gsr_y": 0.011910762637853622,
  "provenance": {
    "md5sum": "dfba9a75f0a7353b9f2b5fc1f42620a4",
    "settings": {
      "fd_thres": 0.2,
      "testing": false
    },
    "software": "mriqc",
    "version": "22.0.6",
    "webapi_port": null,
    "webapi_url": "https://mriqc.nimh.nih.gov/api/v1"
  },
  "size_t": 104,
  "size_x": 64,
  "size_y": 64,
  "size_z": 36,
  "snr": 7.868058242599734,
  "spacing_tr": 2.200000047683716,
  "spacing_x": 4.0,
  "spacing_y": 4.0,
  "spacing_z": 4.0,
  "summary_bg_k": 51.00853551151746,
  "summary_bg_mad": 2.3522055787752008,
  "summary_bg_mean": 16.405542373657227,
  "summary_bg_median": 3.42307710647583,
  "summary_bg_n": 106343.0,
  "summary_bg_p05": 1.326923131942749,
  "summary_bg_p95": 79.11442565917963,
  "summary_bg_stdv": 45.21738815307617,
  "summary_fg_k": 1.704323558477629,
  "summary_fg_mad": 89.96831860320077,
  "summary_fg_mean": 797.5816040039062,
  "summary_fg_median": 799.65869140625,
  "summary_fg_n": 13886.0,
  "summary_fg_p05": 627.7427978515625,
  "summary_fg_p95": 954.1611022949219,
  "summary_fg_stdv": 101.62989044189453,
  "tsnr": 89.51353487488814
}