{
  "aor": 0.0038456793145654838,
  "aqi": 0.010640459963280292,
  "bids_meta": {
    "BodyPartExamined": "HEAD",
    "CogAtlasID": "http://www.cognitiveatlas.org/term/id/trm_4c8a834779883",
    "ConversionSoftware": "dcm2niix",
    "ConversionSoftwareVersion": "v1.0.20170411 GCC4.4.7",
    "EchoTime": 0.027,
    "EffectiveEchoSpacing": 0.000590001,
    "FlipAngle": 90,
    "ImageType": [
      "ORIGINAL",
      "PRIMARY",
      "M",
      "ND",
      "NORM",
      "MOSAIC"
    ],
    "Instructions": "During this first scan, a plus sign will be presented on the screen.  All you need to do is simply relax and look at the plus sign. Please keep your eyes open the entire time, and be as still as possible. It's extremely important that you stay awake for the entire duration of this scan. This scan will last ~30 minutes.",
    "MagneticFieldStrength": 3,
    "Manufacturer": "Siemens",
    "ManufacturersModelName": "TrioTim",
    "PhaseEncodingDirection": "j-",
    "ProcedureStepDescription": "head_Dosenbach_MSC",
    "ProtocolName": "RSFC_818Frames_36Slices_TR2.2",
    "RepetitionTime": 2.2,
    "ScanningSequence": "EP",
    "SequenceName": "_epfid2d1_64",
    "SequenceVariant": "SK",
    "SeriesDescription": "RSFC_818Frames_36Slices_TR2.2",
    "SliceTiming": [
      1.105,
      0,
      1.165,
      0.06,
      1.2275,
      0.1225,
      1.2875,
      0.185,
      1.35,
      0.245,
      1.41,
      0.3075,
      1.4725,
      0.3675,
      1.5325,
      0.43,
      1.595,
      0.49,
      1.655,
      0.5525,
      1.7175,
      0.6125,
      1.78,
      0.675,
      1.84,
      0.735,
      1.9025,
      0.7975,
      1.9625,
      0.8575,
      2.025,
      0.92,
      2.085,
      0.9825,
      2.1475,
      1.0425
    ],
    "SoftwareVersion": "syngo MR B17",
    "TaskName": "rest",
    "dataset": "ds000224",
    "modality": "bold",
    "session_id": "func02",
    "subject_id": "MSC04",
    "task_id": "rest"
  },
  "dummy_trs": 1,
  "dvars_nstd": 19.592959701936284,
  "dvars_std": 1.3118210331372546,
  "dvars_vstd": 0.9764648664583319,
  "efc": 0.3688402985165652,
  "fber": 52262.9453125,
  "fd_mean": 0.13964417077345773,
  "fd_num": 166,
  "fd_perc": 20.318237454100366,
  "fwhm_avg": 1.7857591666666668,
  "fwhm_x": 1.65158,
  "fwhm_y": 1.9987125,
  "fwhm_z": 1.706985,
  "gcor": 0.0360617,
  "gsr_x": -0.02713066339492798,
  "gsr_y": 0.00951351784169674,
  "provenance": {
    "md5sum": "b4e8e9b51e39da2f0f452e201e1c4374",
    "settings": {
      "fd_thres": 0.2,
      "testing": false
    },
    "software": "mriqc",
    "version": "22.0.6",
    "webapi_port": null,
    "webapi_url": "https://mriqc.nimh.nih.gov/api/v1"
  },
  "size_t": 817,
  "size_x": 64,
  "size_y": 64,
  "size_z": 36,
  "snr": 7.938354170385853,
  "spacing_tr": 2.200000047683716,
  "spacing_x": 4.0,
  "spacing_y": 4.0,
  "spacing_z": 4.0,
  "summary_bg_k": 48.47824298588334,
  "summary_bg_mad": 2.5333081850320665,
  "summary_bg_mean": 16.966304779052734,
  "summary_bg_median": 3.489596128463745,
  "summary_bg_n": 106075.0,
  "summary_bg_p05": 1.3353732824325562,
  "summary_bg_p95": 79.87784423828106,
  "summary_bg_stdv": 46.3477897644043,
  "summary_fg_k": 1.9626928350592827,
  "summary_fg_mad": 90.17920754791679,
  "summary_fg_mean": 800.9220581054688,
  "summary_fg_median": 803.7662353515625,
  "summary_fg_n": 13766.0,
  "summary_fg_p05": 633.1009826660156,
  "summary_fg_p95": 955.8620147705078,
  "summary_fg_stdv": 101.247314453125,
  "tsnr": 70.82622966729105
}