{
  "aor": 0.003291346153846154,
  "aqi": 0.004523843269230769,
  "bids_meta": {
    "BodyPartExamined": "HEAD",
    "CogAtlasID": "http://www.cognitiveatlas.org/term/id/trm_550b53d7dd674",
    "ConversionSoftware": "dcm2niix",
    "ConversionSoftwareVersion": "v1.0.20170411 GCC4.4.7",
    "EchoTime": 0.027,
    "EffectiveEchoSpacing": 0.000590001,
    "FlipAngle": 90,
    "ImageType": [
      "ORIGINAL",
      "PRIMARY",
      "M",
      "ND",
      "NORM",
      "MOSAIC"
    ],
    "Instructions": "In this next scan you'll be prompted to move your hands, feet, or tongue. You'll only move one of these at once. Instructions are presented on the screen. Let?s review them now. [Read on-screen instructions to participant.] Do you have any questions?",
    "MagneticFieldStrength": 3,
    "Manufacturer": "Siemens",
    "ManufacturersModelName": "TrioTim",
    "PhaseEncodingDirection": "j-",
    "ProcedureStepDescription": "head_Dosenbach_MSC",
    "ProtocolName": "Motor_104Frames_36Slices_TR2.2",
    "RepetitionTime": 2.2,
    "ScanningSequence": "EP",
    "SequenceName": "_epfid2d1_64",
    "SequenceVariant": "SK",
    "SeriesDescription": "Motor_104Frames_36Slices_TR2.2",
    "SliceTiming": [
      1.105,
      0,
      1.1675,
      0.0625,
      1.2275,
      0.1225,
      1.29,
      0.185,
      1.35,
      0.245,
      1.4125,
      0.3075,
      1.4725,
      0.37,
      1.535,
      0.43,
      1.595,
      0.4925,
      1.6575,
      0.5525,
      1.7175,
      0.615,
      1.78,
      0.675,
      1.84,
      0.7375,
      1.9025,
      0.7975,
      1.965,
      0.86,
      2.025,
      0.92,
      2.0875,
      0.9825,
      2.1475,
      1.0425
    ],
    "SoftwareVersion": "syngo MR B17",
    "TaskName": "motor",
    "dataset": "ds000224",
    "modality": "bold",
    "run_id": 1,
    "session_id": "func04",
    "subject_id": "MSC02",
    "task_id": "motor"
  },
  "dummy_trs": 0,
  "dvars_nstd": 17.80103648252427,
  "dvars_std": 1.3306328426213592,
  "dvars_vstd": 0.9864843119417477,
  "efc": 0.4229335424953887,
  "fber": 27865.48046875,
  "fd_mean": 0.086372601551144,
  "fd_num": 4,
  "fd_perc": 3.8461538461538463,
  "fwhm_avg": 1.7509388383182853,
  "fwhm_x": 1.6088275,
  "fwhm_y": 1.9913575,
  "fwhm_z": 1.652631514954856,
  "gcor": 0.0371933,
  "gsr_x": -0.02765386924147606,
  "gsr_y": 0.029680373147130013,
  "provenance": {
    "md5sum": "c13ee6ef92cc886e4abd06d0c83a7931",
    "settings": {
      "fd_thres": 0.2,
      "testing": false
    },
    "software": "mriqc",
    "version": "22.0.6",
    "webapi_port": null,
    "webapi_url": "https://mriqc.nimh.nih.gov/api/v1"
  },
  "size_t": 104,
  "size_x": 64,
  "size_y": 64,
  "size_z": 36,
  "snr": 6.954825415257119,
  "spacing_tr": 2.200000047683716,
  "spacing_x": 4.0,
  "spacing_y": 4.0,
  "spacing_z": 4.000002384185791,
  "summary_bg_k": 23.038274911003832,
  "summary_bg_mad": 3.335854814897647,
  "summary_bg_mean": 21.8431453704834,
  "summary_bg_median": 4.115384578704834,
  "summary_bg_n": 100631.0,
  "summary_bg_p05": 1.451923131942749,
  "summary_bg_p95": 112.83654403686523,
  "summary_bg_stdv": 47.37742614746094,
  "summary_fg_k": 2.0576653858210543,
  "summary_fg_mad": 91.64334963137753,
  "summary_fg_mean": 701.1439819335938,
  "summary_fg_median": 696.8077392578125,
  "summary_fg_n": 17846.0,
  "summary_fg_p05": 553.2716369628906,
  "summary_fg_p95": 863.1466674804688,
  "summary_fg_stdv": 100.18773651123047,
  "tsnr": 88.82807285897434
}