{
  "aor": 0.0019938461538461538,
  "aqi": 0.008301652884615384,
  "bids_meta": {
    "BodyPartExamined": "HEAD",
    "CogAtlasID": "http://www.cognitiveatlas.org/term/id/trm_550b53d7dd674",
    "ConversionSoftware": "dcm2niix",
    "ConversionSoftwareVersion": "v1.0.20170411 GCC4.4.7",
    "EchoTime": 0.027,
    "EffectiveEchoSpacing": 0.000590001,
    "FlipAngle": 90,
    "ImageType": [
      "ORIGINAL",
      "PRIMARY",
      "M",
      "ND",
      "NORM",
      "MOSAIC"
    ],
    "Instructions": "In this next scan you'll be prompted to move your hands, feet, or tongue. You'll only move one of these at once. Instructions are presented on the screen. Let?s review them now. [Read on-screen instructions to participant.] Do you have any questions?",
    "MagneticFieldStrength": 3,
    "Manufacturer": "Siemens",
    "ManufacturersModelName": "TrioTim",
    "PhaseEncodingDirection": "j-",
    "ProcedureStepDescription": "head_Dosenbach_MSC",
    "ProtocolName": "Motor_104Frames_36Slices_TR2.2",
    "RepetitionTime": 2.2,
    "ScanningSequence": "EP",
    "SequenceName": "_epfid2d1_64",
    "SequenceVariant": "SK",
    "SeriesDescription": "Motor_104Frames_36Slices_TR2.2",
    "SliceTiming": [
      1.105,
      0,
      1.1675,
      0.0625,
      1.2275,
      0.1225,
      1.29,
      0.185,
      1.35,
      0.245,
      1.4125,
      0.3075,
      1.4725,
      0.37,
      1.535,
      0.43,
      1.595,
      0.4925,
      1.6575,
      0.5525,
      1.7175,
      0.615,
      1.78,
      0.675,
      1.84,
      0.7375,
      1.9025,
      0.7975,
      1.965,
      0.86,
      2.025,
      0.92,
      2.0875,
      0.9825,
      2.1475,
      1.0425
    ],
    "SoftwareVersion": "syngo MR B17",
    "TaskName": "motor",
    "dataset": "ds000224",
    "modality": "bold",
    "run_id": 1,
    "session_id": "func08",
    "subject_id": "MSC06",
    "task_id": "motor"
  },
  "dummy_trs": 0,
  "dvars_nstd": 21.936751856213583,
  "dvars_std": 1.2605987169902912,
  "dvars_vstd": 0.97314585776699,
  "efc": 0.39953415725554386,
  "fber": 33071.12109375,
  "fd_mean": 0.269022959849497,
  "fd_num": 61,
  "fd_perc": 58.65384615384615,
  "fwhm_avg": 1.695731467773787,
  "fwhm_x": 1.5492025,
  "fwhm_y": 1.8695575,
  "fwhm_z": 1.6684344033213603,
  "gcor": 0.0543488,
  "gsr_x": -0.02407493069767952,
  "gsr_y": 0.015451728366315365,
  "provenance": {
    "md5sum": "e271c42a4d3b822ea56253df8da68b88",
    "settings": {
      "fd_thres": 0.2,
      "testing": false
    },
    "software": "mriqc",
    "version": "22.0.6",
    "webapi_port": null,
    "webapi_url": "https://mriqc.nimh.nih.gov/api/v1"
  },
  "size_t": 104,
  "size_x": 64,
  "size_y": 64,
  "size_z": 36,
  "snr": 7.744181532162066,
  "spacing_tr": 2.200000047683716,
  "spacing_x": 4.0,
  "spacing_y": 4.0,
  "spacing_z": 4.000001430511475,
  "summary_bg_k": 37.013315514022366,
  "summary_bg_mad": 2.6230653955330046,
  "summary_bg_mean": 16.752286911010742,
  "summary_bg_median": 3.644230842590332,
  "summary_bg_n": 102662.0,
  "summary_bg_p05": 1.442307710647583,
  "summary_bg_p95": 76.71057891845697,
  "summary_bg_stdv": 39.27052307128906,
  "summary_fg_k": 1.642293389592595,
  "summary_fg_mad": 80.6164956312421,
  "summary_fg_mean": 671.1093139648438,
  "summary_fg_median": 667.0192260742188,
  "summary_fg_n": 16165.0,
  "summary_fg_p05": 542.9538818359375,
  "summary_fg_p95": 811.4750122070312,
  "summary_fg_stdv": 86.12899780273438,
  "tsnr": 74.53262597601861
}