{
  "aor": 0.006220586797066015,
  "aqi": 0.025558952322738387,
  "bids_meta": {
    "BodyPartExamined": "HEAD",
    "CogAtlasID": "http://www.cognitiveatlas.org/term/id/trm_4c8a834779883",
    "ConversionSoftware": "dcm2niix",
    "ConversionSoftwareVersion": "v1.0.20170411 GCC4.4.7",
    "EchoTime": 0.027,
    "EffectiveEchoSpacing": 0.000590001,
    "FlipAngle": 90,
    "ImageType": [
      "ORIGINAL",
      "PRIMARY",
      "M",
      "ND",
      "NORM",
      "MOSAIC"
    ],
    "Instructions": "During this first scan, a plus sign will be presented on the screen.  All you need to do is simply relax and look at the plus sign. Please keep your eyes open the entire time, and be as still as possible. It's extremely important that you stay awake for the entire duration of this scan. This scan will last ~30 minutes.",
    "MagneticFieldStrength": 3,
    "Manufacturer": "Siemens",
    "ManufacturersModelName": "TrioTim",
    "PhaseEncodingDirection": "j-",
    "ProcedureStepDescription": "head_Dosenbach_MSC",
    "ProtocolName": "RSFC_818Frames_36Slices_TR2.2",
    "RepetitionTime": 2.2,
    "ScanningSequence": "EP",
    "SequenceName": "_epfid2d1_64",
    "SequenceVariant": "SK",
    "SeriesDescription": "RSFC_818Frames_36Slices_TR2.2",
    "SliceTiming": [
      1.105,
      0,
      1.165,
      0.06,
      1.2275,
      0.1225,
      1.2875,
      0.185,
      1.35,
      0.245,
      1.41,
      0.3075,
      1.4725,
      0.3675,
      1.5325,
      0.43,
      1.595,
      0.49,
      1.655,
      0.5525,
      1.7175,
      0.6125,
      1.78,
      0.675,
      1.84,
      0.735,
      1.9025,
      0.7975,
      1.9625,
      0.8575,
      2.025,
      0.92,
      2.085,
      0.9825,
      2.1475,
      1.0425
    ],
    "SoftwareVersion": "syngo MR B17",
    "TaskName": "rest",
    "dataset": "ds000224",
    "modality": "bold",
    "session_id": "func09",
    "subject_id": "MSC09",
    "task_id": "rest"
  },
  "dummy_trs": 0,
  "dvars_nstd": 17.76498237883719,
  "dvars_std": 1.0014765324357409,
  "dvars_vstd": 0.8746868589963281,
  "efc": 0.43767233641824643,
  "fber": 22549.625,
  "fd_mean": 0.24827413683549973,
  "fd_num": 448,
  "fd_perc": 54.76772616136919,
  "fwhm_avg": 1.7472417324640432,
  "fwhm_x": 1.572985,
  "fwhm_y": 2.012895,
  "fwhm_z": 1.6558451973921295,
  "gcor": 0.0620951,
  "gsr_x": -0.023121770471334457,
  "gsr_y": 0.02376132644712925,
  "provenance": {
    "md5sum": "f2c906630d7fca56afdd9a7abd4947a4",
    "settings": {
      "fd_thres": 0.2,
      "testing": false
    },
    "software": "mriqc",
    "version": "22.0.6",
    "webapi_port": null,
    "webapi_url": "https://mriqc.nimh.nih.gov/api/v1"
  },
  "size_t": 818,
  "size_x": 64,
  "size_y": 64,
  "size_z": 36,
  "snr": 8.197266559773212,
  "spacing_tr": 2.200000047683716,
  "spacing_x": 4.0,
  "spacing_y": 4.0,
  "spacing_z": 3.999999523162842,
  "summary_bg_k": 23.56640331874841,
  "summary_bg_mad": 4.480431437687863,
  "summary_bg_mean": 23.1580810546875,
  "summary_bg_median": 4.748166561126709,
  "summary_bg_n": 98714.0,
  "summary_bg_p05": 1.1968215703964233,
  "summary_bg_p95": 116.31051940917948,
  "summary_bg_stdv": 48.318687438964844,
  "summary_fg_k": 3.3607512011768126,
  "summary_fg_mad": 74.88317584608109,
  "summary_fg_mean": 714.8757934570312,
  "summary_fg_median": 713.7799682617188,
  "summary_fg_n": 19080.0,
  "summary_fg_p05": 578.7293640136719,
  "summary_fg_p95": 848.4746124267577,
  "summary_fg_stdv": 87.07308197021484,
  "tsnr": 41.02340665063821
}