{
  "aor": 0.004353300970873787,
  "aqi": 0.01772767582524272,
  "bids_meta": {
    "BodyPartExamined": "HEAD",
    "CogAtlasID": "http://www.cognitiveatlas.org/term/id/trm_550b53d7dd674",
    "ConversionSoftware": "dcm2niix",
    "ConversionSoftwareVersion": "v1.0.20170411 GCC4.4.7",
    "EchoTime": 0.027,
    "EffectiveEchoSpacing": 0.000590001,
    "FlipAngle": 90,
    "ImageType": [
      "ORIGINAL",
      "PRIMARY",
      "M",
      "ND",
      "NORM",
      "MOSAIC"
    ],
    "Instructions": "In this next scan you'll be prompted to move your hands, feet, or tongue. You'll only move one of these at once. Instructions are presented on the screen. Let?s review them now. [Read on-screen instructions to participant.] Do you have any questions?",
    "MagneticFieldStrength": 3,
    "Manufacturer": "Siemens",
    "ManufacturersModelName": "TrioTim",
    "PhaseEncodingDirection": "j-",
    "ProcedureStepDescription": "head_Dosenbach_MSC",
    "ProtocolName": "Motor_104Frames_36Slices_TR2.2",
    "RepetitionTime": 2.2,
    "ScanningSequence": "EP",
    "SequenceName": "_epfid2d1_64",
    "SequenceVariant": "SK",
    "SeriesDescription": "Motor_104Frames_36Slices_TR2.2",
    "SliceTiming": [
      1.105,
      0,
      1.1675,
      0.0625,
      1.2275,
      0.1225,
      1.29,
      0.185,
      1.35,
      0.245,
      1.4125,
      0.3075,
      1.4725,
      0.37,
      1.535,
      0.43,
      1.595,
      0.4925,
      1.6575,
      0.5525,
      1.7175,
      0.615,
      1.78,
      0.675,
      1.84,
      0.7375,
      1.9025,
      0.7975,
      1.965,
      0.86,
      2.025,
      0.92,
      2.0875,
      0.9825,
      2.1475,
      1.0425
    ],
    "SoftwareVersion": "syngo MR B17",
    "TaskName": "motor",
    "dataset": "ds000224",
    "modality": "bold",
    "run_id": 1,
    "session_id": "func09",
    "subject_id": "MSC09",
    "task_id": "motor"
  },
  "dummy_trs": 1,
  "dvars_nstd": 21.579527433627455,
  "dvars_std": 1.163146584313726,
  "dvars_vstd": 0.9754430954901964,
  "efc": 0.43323008293721826,
  "fber": 25596.466796875,
  "fd_mean": 0.3701228895967487,
  "fd_num": 84,
  "fd_perc": 81.55339805825243,
  "fwhm_avg": 1.7210250648093302,
  "fwhm_x": 1.5836875,
  "fwhm_y": 1.9484075,
  "fwhm_z": 1.6309801944279902,
  "gcor": 0.0229539,
  "gsr_x": -0.022983698174357414,
  "gsr_y": 0.02225126512348652,
  "provenance": {
    "md5sum": "771297ec62384c2fd0d7112d1b09c153",
    "settings": {
      "fd_thres": 0.2,
      "testing": false
    },
    "software": "mriqc",
    "version": "22.0.6",
    "webapi_port": null,
    "webapi_url": "https://mriqc.nimh.nih.gov/api/v1"
  },
  "size_t": 103,
  "size_x": 64,
  "size_y": 64,
  "size_z": 36,
  "snr": 8.246755853774438,
  "spacing_tr": 2.200000047683716,
  "spacing_x": 4.0,
  "spacing_y": 4.0,
  "spacing_z": 3.999999523162842,
  "summary_bg_k": 23.69615565155266,
  "summary_bg_mad": 3.9008268873963674,
  "summary_bg_mean": 22.869348526000977,
  "summary_bg_median": 4.407766819000244,
  "summary_bg_n": 99295.0,
  "summary_bg_p05": 1.3592233657836914,
  "summary_bg_p95": 117.02524185180641,
  "summary_bg_stdv": 48.93672180175781,
  "summary_fg_k": 3.5912398825010072,
  "summary_fg_mad": 72.53231384446019,
  "summary_fg_mean": 715.1530151367188,
  "summary_fg_median": 715.0194091796875,
  "summary_fg_n": 18661.0,
  "summary_fg_p05": 579.038818359375,
  "summary_fg_p95": 846.8349609375,
  "summary_fg_stdv": 86.70079040527344,
  "tsnr": 56.42454398679547
}