{
  "aor": 0.0028905012224938876,
  "aqi": 0.02882197762836186,
  "bids_meta": {
    "BodyPartExamined": "HEAD",
    "CogAtlasID": "http://www.cognitiveatlas.org/term/id/trm_4c8a834779883",
    "ConversionSoftware": "dcm2niix",
    "ConversionSoftwareVersion": "v1.0.20170411 GCC4.4.7",
    "EchoTime": 0.027,
    "EffectiveEchoSpacing": 0.000590001,
    "FlipAngle": 90,
    "ImageType": [
      "ORIGINAL",
      "PRIMARY",
      "M",
      "ND",
      "NORM",
      "MOSAIC"
    ],
    "Instructions": "During this first scan, a plus sign will be presented on the screen.  All you need to do is simply relax and look at the plus sign. Please keep your eyes open the entire time, and be as still as possible. It's extremely important that you stay awake for the entire duration of this scan. This scan will last ~30 minutes.",
    "MagneticFieldStrength": 3,
    "Manufacturer": "Siemens",
    "ManufacturersModelName": "TrioTim",
    "PhaseEncodingDirection": "j-",
    "ProcedureStepDescription": "head_Dosenbach_MSC",
    "ProtocolName": "RSFC_818Frames_36Slices_TR2.2",
    "RepetitionTime": 2.2,
    "ScanningSequence": "EP",
    "SequenceName": "_epfid2d1_64",
    "SequenceVariant": "SK",
    "SeriesDescription": "RSFC_818Frames_36Slices_TR2.2",
    "SliceTiming": [
      1.105,
      0,
      1.165,
      0.06,
      1.2275,
      0.1225,
      1.2875,
      0.185,
      1.35,
      0.245,
      1.41,
      0.3075,
      1.4725,
      0.3675,
      1.5325,
      0.43,
      1.595,
      0.49,
      1.655,
      0.5525,
      1.7175,
      0.6125,
      1.78,
      0.675,
      1.84,
      0.735,
      1.9025,
      0.7975,
      1.9625,
      0.8575,
      2.025,
      0.92,
      2.085,
      0.9825,
      2.1475,
      1.0425
    ],
    "SoftwareVersion": "syngo MR B17",
    "TaskName": "rest",
    "dataset": "ds000224",
    "modality": "bold",
    "session_id": "func10",
    "subject_id": "MSC08",
    "task_id": "rest"
  },
  "dummy_trs": 0,
  "dvars_nstd": 23.212155537111386,
  "dvars_std": 1.0898862023990201,
  "dvars_vstd": 0.9100989922766215,
  "efc": 0.39140657759278025,
  "fber": 30648.8515625,
  "fd_mean": 0.2891894476837731,
  "fd_num": 449,
  "fd_perc": 54.88997555012225,
  "fwhm_avg": 1.7558675,
  "fwhm_x": 1.65985,
  "fwhm_y": 1.908355,
  "fwhm_z": 1.6993975,
  "gcor": 0.0159631,
  "gsr_x": -0.022673506289720535,
  "gsr_y": 0.008612355217337608,
  "provenance": {
    "md5sum": "9e7d9fdde6e6463255d534e921ed9f44",
    "settings": {
      "fd_thres": 0.2,
      "testing": false
    },
    "software": "mriqc",
    "version": "22.0.6",
    "webapi_port": null,
    "webapi_url": "https://mriqc.nimh.nih.gov/api/v1"
  },
  "size_t": 818,
  "size_x": 64,
  "size_y": 64,
  "size_z": 36,
  "snr": 8.68769587312605,
  "spacing_tr": 2.200000047683716,
  "spacing_x": 4.0,
  "spacing_y": 4.0,
  "spacing_z": 4.0,
  "summary_bg_k": 41.40909649023864,
  "summary_bg_mad": 2.777613706927198,
  "summary_bg_mean": 15.58460521697998,
  "summary_bg_median": 3.4559903144836426,
  "summary_bg_n": 104308.0,
  "summary_bg_p05": 1.2738386392593384,
  "summary_bg_p95": 75.01008796691876,
  "summary_bg_stdv": 35.22568130493164,
  "summary_fg_k": 2.750055538588919,
  "summary_fg_mad": 60.9579901530431,
  "summary_fg_mean": 603.57666015625,
  "summary_fg_median": 605.0171508789062,
  "summary_fg_n": 14976.0,
  "summary_fg_p05": 490.55626678466797,
  "summary_fg_p95": 709.8683013916016,
  "summary_fg_stdv": 69.63836669921875,
  "tsnr": 41.884568540845066
}