{
  "bids_meta": {
    "BodyPartExamined": "HEAD",
    "ConversionSoftware": "dcm2niix",
    "ConversionSoftwareVersion": "v1.0.20170411 GCC4.4.7",
    "EchoTime": 0.479,
    "FlipAngle": 120,
    "ImageType": [
      "ORIGINAL",
      "PRIMARY",
      "M",
      "ND",
      "NORM"
    ],
    "MagneticFieldStrength": 3,
    "Manufacturer": "Siemens",
    "ManufacturersModelName": "TrioTim",
    "PhaseEncodingDirection": "i-",
    "ProcedureStepDescription": "head_Dosenbach_MSC",
    "ProtocolName": "T2_.8x.8x.8_224Slices",
    "RepetitionTime": 3.2,
    "ScanningSequence": "SE",
    "SequenceName": "_spc3d1_282ns",
    "SequenceVariant": "SK_SP",
    "SeriesDescription": "T2_.8x.8x.8_224Slices",
    "dataset": "ds000224",
    "modality": "T2w",
    "run_id": 2,
    "session_id": "struct02",
    "subject_id": "MSC06"
  },
  "cjv": 0.25338982445202257,
  "cnr": 2.259187549881195,
  "efc": 0.5891589876289394,
  "fber": 6909.323477818018,
  "fwhm_avg": 2.3179317779502138,
  "fwhm_x": 2.165234163118934,
  "fwhm_y": 2.5547551219512195,
  "fwhm_z": 2.233806048780488,
  "icvs_csf": 0.31454837888423975,
  "icvs_gm": 0.5887955250289297,
  "icvs_wm": 0.09665609608683054,
  "inu_med": 0.9276047945022583,
  "inu_range": 0.28154464364051823,
  "provenance": {
    "md5sum": "3849e1db06b9d0e2d69bfafc7457074d",
    "settings": {
      "testing": false
    },
    "software": "mriqc",
    "version": "22.0.6",
    "warnings": {
      "large_rot_frame": true,
      "small_air_mask": false
    },
    "webapi_port": null,
    "webapi_url": "https://mriqc.nimh.nih.gov/api/v1"
  },
  "qi_1": 0.0,
  "qi_2": 0.014151552839685085,
  "rpve_csf": 9.309267645783466,
  "rpve_gm": 6.203541816461807,
  "rpve_wm": 39.94516619690667,
  "size_x": 224,
  "size_y": 256,
  "size_z": 256,
  "snr_csf": 5.85620247912616,
  "snr_gm": 6.367171084552481,
  "snr_total": 5.266461813413215,
  "snr_wm": 3.576011876561003,
  "snrd_csf": 54.111555579620614,
  "snrd_gm": 29.304302505639193,
  "snrd_total": 55.27990665745327,
  "snrd_wm": 82.4238618871,
  "spacing_x": 0.7999966144561768,
  "spacing_y": 0.80078125,
  "spacing_z": 0.80078125,
  "summary_bg_k": 27.155031341824245,
  "summary_bg_mad": 0.0,
  "summary_bg_mean": 4.966478936400544,
  "summary_bg_median": 0.0,
  "summary_bg_n": 3637303.0,
  "summary_bg_p05": 0.0,
  "summary_bg_p95": 20.975903740152717,
  "summary_bg_stdv": 7.949623121085616,
  "summary_csf_k": 0.20644822860370393,
  "summary_csf_mad": 112.7625078492019,
  "summary_csf_mean": 670.2012669418765,
  "summary_csf_median": 656.6059729754925,
  "summary_csf_n": 77052.0,
  "summary_csf_p05": 506.56473166309297,
  "summary_csf_p95": 860.9928607475013,
  "summary_csf_stdv": 112.12073259152682,
  "summary_gm_k": 0.07771472817816338,
  "summary_gm_mad": 55.389789904824845,
  "summary_gm_mean": 357.6749530625737,
  "summary_gm_median": 355.5872651040554,
  "summary_gm_n": 553327.0,
  "summary_gm_p05": 269.3207959495485,
  "summary_gm_p95": 452.6359283490096,
  "summary_gm_stdv": 55.84692779013512,
  "summary_wm_k": 3.3945940322334636,
  "summary_wm_mad": 107.9373829529582,
  "summary_wm_mean": 912.2239265797691,
  "summary_wm_median": 1000.1560563370585,
  "summary_wm_n": 20307.0,
  "summary_wm_p05": 125.72167597711086,
  "summary_wm_p95": 1121.5242849173023,
  "summary_wm_stdv": 279.67788269812905,
  "tpm_overlap_csf": 0.11558164263581698,
  "tpm_overlap_gm": 0.3638122430478233,
  "tpm_overlap_wm": 0.026000895598459722,
  "wm2max": 0.8819961821642693
}