{
  "aor": 0.004966346153846154,
  "aqi": 0.004955194423076922,
  "bids_meta": {
    "BodyPartExamined": "HEAD",
    "CogAtlasID": "http://www.cognitiveatlas.org/term/id/trm_550b53d7dd674",
    "ConversionSoftware": "dcm2niix",
    "ConversionSoftwareVersion": "v1.0.20170411 GCC4.4.7",
    "EchoTime": 0.027,
    "EffectiveEchoSpacing": 0.000590001,
    "FlipAngle": 90,
    "ImageType": [
      "ORIGINAL",
      "PRIMARY",
      "M",
      "ND",
      "NORM",
      "MOSAIC"
    ],
    "Instructions": "In this next scan you'll be prompted to move your hands, feet, or tongue. You'll only move one of these at once. Instructions are presented on the screen. Let?s review them now. [Read on-screen instructions to participant.] Do you have any questions?",
    "MagneticFieldStrength": 3,
    "Manufacturer": "Siemens",
    "ManufacturersModelName": "TrioTim",
    "PhaseEncodingDirection": "j-",
    "ProcedureStepDescription": "head_Dosenbach_MSC",
    "ProtocolName": "Motor_104Frames_36Slices_TR2.2",
    "RepetitionTime": 2.2,
    "ScanningSequence": "EP",
    "SequenceName": "_epfid2d1_64",
    "SequenceVariant": "SK",
    "SeriesDescription": "Motor_104Frames_36Slices_TR2.2",
    "SliceTiming": [
      1.105,
      0,
      1.1675,
      0.0625,
      1.2275,
      0.1225,
      1.29,
      0.185,
      1.35,
      0.245,
      1.4125,
      0.3075,
      1.4725,
      0.37,
      1.535,
      0.43,
      1.595,
      0.4925,
      1.6575,
      0.5525,
      1.7175,
      0.615,
      1.78,
      0.675,
      1.84,
      0.7375,
      1.9025,
      0.7975,
      1.965,
      0.86,
      2.025,
      0.92,
      2.0875,
      0.9825,
      2.1475,
      1.0425
    ],
    "SoftwareVersion": "syngo MR B17",
    "TaskName": "motor",
    "dataset": "ds000224",
    "modality": "bold",
    "run_id": 2,
    "session_id": "func06",
    "subject_id": "MSC06",
    "task_id": "motor"
  },
  "dummy_trs": 0,
  "dvars_nstd": 20.482480965533977,
  "dvars_std": 1.4773830222330104,
  "dvars_vstd": 1.0378751316504857,
  "efc": 0.397365196476478,
  "fber": 37276.1953125,
  "fd_mean": 0.09431407139051748,
  "fd_num": 2,
  "fd_perc": 1.9230769230769231,
  "fwhm_avg": 1.7143035660546004,
  "fwhm_x": 1.5769375,
  "fwhm_y": 1.8926525,
  "fwhm_z": 1.6733206981638007,
  "gcor": 0.084232,
  "gsr_x": -0.019703015685081482,
  "gsr_y": 0.021381301805377007,
  "provenance": {
    "md5sum": "eeada47ccaf6cf4cf93a3e495fe7b654",
    "settings": {
      "fd_thres": 0.2,
      "testing": false
    },
    "software": "mriqc",
    "version": "22.0.6",
    "webapi_port": null,
    "webapi_url": "https://mriqc.nimh.nih.gov/api/v1"
  },
  "size_t": 104,
  "size_x": 64,
  "size_y": 64,
  "size_z": 36,
  "snr": 7.716105416144061,
  "spacing_tr": 2.200000047683716,
  "spacing_x": 4.0,
  "spacing_y": 4.0,
  "spacing_z": 3.9999983310699463,
  "summary_bg_k": 43.11231659347556,
  "summary_bg_mad": 2.394972760127524,
  "summary_bg_mean": 16.604616165161133,
  "summary_bg_median": 3.519230842590332,
  "summary_bg_n": 102843.0,
  "summary_bg_p05": 1.5384615659713745,
  "summary_bg_p95": 77.9509658813476,
  "summary_bg_stdv": 39.56865692138672,
  "summary_fg_k": 1.8684087974024255,
  "summary_fg_mad": 82.2273233956231,
  "summary_fg_mean": 686.7244873046875,
  "summary_fg_median": 684.0192260742188,
  "summary_fg_n": 16451.0,
  "summary_fg_p05": 553.9808044433594,
  "summary_fg_p95": 828.7548217773438,
  "summary_fg_stdv": 88.64555358886719,
  "tsnr": 93.54840778559446
}