{
  "aor": 0.0007629411764705882,
  "aqi": 0.014181089007352942,
  "bids_meta": {
    "BodyPartExamined": "HEAD",
    "CogAtlasID": "http://www.cognitiveatlas.org/term/id/trm_4c8a834779883",
    "ConversionSoftware": "dcm2niix",
    "ConversionSoftwareVersion": "v1.0.20170411 GCC4.4.7",
    "EchoTime": 0.027,
    "EffectiveEchoSpacing": 0.000590001,
    "FlipAngle": 90,
    "ImageType": [
      "ORIGINAL",
      "PRIMARY",
      "M",
      "ND",
      "NORM",
      "MOSAIC"
    ],
    "Instructions": "During this first scan, a plus sign will be presented on the screen.  All you need to do is simply relax and look at the plus sign. Please keep your eyes open the entire time, and be as still as possible. It's extremely important that you stay awake for the entire duration of this scan. This scan will last ~30 minutes.",
    "MagneticFieldStrength": 3,
    "Manufacturer": "Siemens",
    "ManufacturersModelName": "TrioTim",
    "PhaseEncodingDirection": "j-",
    "ProcedureStepDescription": "head_Dosenbach_MSC",
    "ProtocolName": "RSFC_818Frames_36Slices_TR2.2",
    "RepetitionTime": 2.2,
    "ScanningSequence": "EP",
    "SequenceName": "_epfid2d1_64",
    "SequenceVariant": "SK",
    "SeriesDescription": "RSFC_818Frames_36Slices_TR2.2",
    "SliceTiming": [
      1.105,
      0,
      1.165,
      0.06,
      1.2275,
      0.1225,
      1.2875,
      0.185,
      1.35,
      0.245,
      1.41,
      0.3075,
      1.4725,
      0.3675,
      1.5325,
      0.43,
      1.595,
      0.49,
      1.655,
      0.5525,
      1.7175,
      0.6125,
      1.78,
      0.675,
      1.84,
      0.735,
      1.9025,
      0.7975,
      1.9625,
      0.8575,
      2.025,
      0.92,
      2.085,
      0.9825,
      2.1475,
      1.0425
    ],
    "SoftwareVersion": "syngo MR B17",
    "TaskName": "rest",
    "dataset": "ds000224",
    "modality": "bold",
    "session_id": "func03",
    "subject_id": "MSC09",
    "task_id": "rest"
  },
  "dummy_trs": 2,
  "dvars_nstd": 19.85711451563187,
  "dvars_std": 1.1836759751042925,
  "dvars_vstd": 0.9430058096809816,
  "efc": 0.4380567298392402,
  "fber": 24003.486328125,
  "fd_mean": 0.23088053122556412,
  "fd_num": 381,
  "fd_perc": 46.69117647058823,
  "fwhm_avg": 1.736118437806825,
  "fwhm_x": 1.5975,
  "fwhm_y": 1.9633876170270215,
  "fwhm_z": 1.6474676963934538,
  "gcor": 0.0539991,
  "gsr_x": -0.02583261765539646,
  "gsr_y": 0.023510731756687164,
  "provenance": {
    "md5sum": "fdd1110fa45505d6c3be5b28b7daa5dc",
    "settings": {
      "fd_thres": 0.2,
      "testing": false
    },
    "software": "mriqc",
    "version": "22.0.6",
    "webapi_port": null,
    "webapi_url": "https://mriqc.nimh.nih.gov/api/v1"
  },
  "size_t": 816,
  "size_x": 64,
  "size_y": 64,
  "size_z": 36,
  "snr": 8.096571863697047,
  "spacing_tr": 2.200000047683716,
  "spacing_x": 4.0,
  "spacing_y": 3.999999761581421,
  "spacing_z": 3.999999523162842,
  "summary_bg_k": 24.031945533005253,
  "summary_bg_mad": 3.8627602819445244,
  "summary_bg_mean": 24.650924682617188,
  "summary_bg_median": 4.623774528503418,
  "summary_bg_n": 98919.0,
  "summary_bg_p05": 1.6482843160629272,
  "summary_bg_p95": 126.93358078002856,
  "summary_bg_stdv": 53.08332824707031,
  "summary_fg_k": 3.4175145769949262,
  "summary_fg_mad": 77.21530624008295,
  "summary_fg_mean": 731.5075073242188,
  "summary_fg_median": 729.2022094726562,
  "summary_fg_n": 18907.0,
  "summary_fg_p05": 592.9235412597657,
  "summary_fg_p95": 870.4885070800782,
  "summary_fg_stdv": 90.06069946289062,
  "tsnr": 58.869008251000196
}