{
  "aor": 0.008789519230769231,
  "aqi": 0.01859887298076923,
  "bids_meta": {
    "BodyPartExamined": "HEAD",
    "CogAtlasID": "http://www.cognitiveatlas.org/term/id/trm_550b53d7dd674",
    "ConversionSoftware": "dcm2niix",
    "ConversionSoftwareVersion": "v1.0.20170411 GCC4.4.7",
    "EchoTime": 0.027,
    "EffectiveEchoSpacing": 0.000590001,
    "FlipAngle": 90,
    "ImageType": [
      "ORIGINAL",
      "PRIMARY",
      "M",
      "ND",
      "NORM",
      "MOSAIC"
    ],
    "Instructions": "In this next scan you'll be prompted to move your hands, feet, or tongue. You'll only move one of these at once. Instructions are presented on the screen. Let?s review them now. [Read on-screen instructions to participant.] Do you have any questions?",
    "MagneticFieldStrength": 3,
    "Manufacturer": "Siemens",
    "ManufacturersModelName": "TrioTim",
    "PhaseEncodingDirection": "j-",
    "ProcedureStepDescription": "head_Dosenbach_MSC",
    "ProtocolName": "Motor_104Frames_36Slices_TR2.2",
    "RepetitionTime": 2.2,
    "ScanningSequence": "EP",
    "SequenceName": "_epfid2d1_64",
    "SequenceVariant": "SK",
    "SeriesDescription": "Motor_104Frames_36Slices_TR2.2",
    "SliceTiming": [
      1.105,
      0,
      1.1675,
      0.0625,
      1.2275,
      0.1225,
      1.29,
      0.185,
      1.35,
      0.245,
      1.4125,
      0.3075,
      1.4725,
      0.37,
      1.535,
      0.43,
      1.595,
      0.4925,
      1.6575,
      0.5525,
      1.7175,
      0.615,
      1.78,
      0.675,
      1.84,
      0.7375,
      1.9025,
      0.7975,
      1.965,
      0.86,
      2.025,
      0.92,
      2.0875,
      0.9825,
      2.1475,
      1.0425
    ],
    "SoftwareVersion": "syngo MR B17",
    "TaskName": "motor",
    "dataset": "ds000224",
    "modality": "bold",
    "run_id": 2,
    "session_id": "func03",
    "subject_id": "MSC09",
    "task_id": "motor"
  },
  "dummy_trs": 0,
  "dvars_nstd": 25.35159716553399,
  "dvars_std": 1.1919046826213593,
  "dvars_vstd": 0.9478531185436894,
  "efc": 0.4402102785549392,
  "fber": 21175.84765625,
  "fd_mean": 0.3820248894772945,
  "fd_num": 76,
  "fd_perc": 73.07692307692308,
  "fwhm_avg": 1.7569067725136482,
  "fwhm_x": 1.61588,
  "fwhm_y": 1.9822276181499732,
  "fwhm_z": 1.6726126993909716,
  "gcor": 0.0140669,
  "gsr_x": -0.0247679241001606,
  "gsr_y": 0.02288622222840786,
  "provenance": {
    "md5sum": "9bf01cd690e5a330149e58df2a9fa73c",
    "settings": {
      "fd_thres": 0.2,
      "testing": false
    },
    "software": "mriqc",
    "version": "22.0.6",
    "webapi_port": null,
    "webapi_url": "https://mriqc.nimh.nih.gov/api/v1"
  },
  "size_t": 104,
  "size_x": 64,
  "size_y": 64,
  "size_z": 36,
  "snr": 7.871133997052069,
  "spacing_tr": 2.200000047683716,
  "spacing_x": 4.0,
  "spacing_y": 3.999999761581421,
  "spacing_z": 3.999999523162842,
  "summary_bg_k": 21.305904599896635,
  "summary_bg_mad": 4.761434007106847,
  "summary_bg_mean": 25.592500686645508,
  "summary_bg_median": 5.009615421295166,
  "summary_bg_n": 98889.0,
  "summary_bg_p05": 1.2788461446762085,
  "summary_bg_p95": 130.81923828124982,
  "summary_bg_stdv": 53.6435661315918,
  "summary_fg_k": 2.5321219905357006,
  "summary_fg_mad": 83.1183868749703,
  "summary_fg_mean": 744.0955200195312,
  "summary_fg_median": 741.6298217773438,
  "summary_fg_n": 18964.0,
  "summary_fg_p05": 600.3913818359375,
  "summary_fg_p95": 893.0231018066406,
  "summary_fg_stdv": 94.21898651123047,
  "tsnr": 49.90464121638797
}