{
  "aor": 0.0011500244798041616,
  "aqi": 0.0044889653855569155,
  "bids_meta": {
    "BodyPartExamined": "HEAD",
    "CogAtlasID": "http://www.cognitiveatlas.org/term/id/trm_4c8a834779883",
    "ConversionSoftware": "dcm2niix",
    "ConversionSoftwareVersion": "v1.0.20170411 GCC4.4.7",
    "EchoTime": 0.027,
    "EffectiveEchoSpacing": 0.000590001,
    "FlipAngle": 90,
    "ImageType": [
      "ORIGINAL",
      "PRIMARY",
      "M",
      "ND",
      "NORM",
      "MOSAIC"
    ],
    "Instructions": "During this first scan, a plus sign will be presented on the screen.  All you need to do is simply relax and look at the plus sign. Please keep your eyes open the entire time, and be as still as possible. It's extremely important that you stay awake for the entire duration of this scan. This scan will last ~30 minutes.",
    "MagneticFieldStrength": 3,
    "Manufacturer": "Siemens",
    "ManufacturersModelName": "TrioTim",
    "PhaseEncodingDirection": "j-",
    "ProcedureStepDescription": "head_Dosenbach_MSC",
    "ProtocolName": "RSFC_818Frames_36Slices_TR2.2",
    "RepetitionTime": 2.2,
    "ScanningSequence": "EP",
    "SequenceName": "_epfid2d1_64",
    "SequenceVariant": "SK",
    "SeriesDescription": "RSFC_818Frames_36Slices_TR2.2",
    "SliceTiming": [
      1.105,
      0,
      1.165,
      0.06,
      1.2275,
      0.1225,
      1.2875,
      0.185,
      1.35,
      0.245,
      1.41,
      0.3075,
      1.4725,
      0.3675,
      1.5325,
      0.43,
      1.595,
      0.49,
      1.655,
      0.5525,
      1.7175,
      0.6125,
      1.78,
      0.675,
      1.84,
      0.735,
      1.9025,
      0.7975,
      1.9625,
      0.8575,
      2.025,
      0.92,
      2.085,
      0.9825,
      2.1475,
      1.0425
    ],
    "SoftwareVersion": "syngo MR B17",
    "TaskName": "rest",
    "dataset": "ds000224",
    "modality": "bold",
    "session_id": "func07",
    "subject_id": "MSC04",
    "task_id": "rest"
  },
  "dummy_trs": 1,
  "dvars_nstd": 16.13069737406862,
  "dvars_std": 1.2846229836642156,
  "dvars_vstd": 0.9959186496691177,
  "efc": 0.3686462187030053,
  "fber": 48401.6171875,
  "fd_mean": 0.094396448299715,
  "fd_num": 45,
  "fd_perc": 5.507955936352509,
  "fwhm_avg": 1.8449232638960167,
  "fwhm_x": 1.7137,
  "fwhm_y": 2.0736225,
  "fwhm_z": 1.74744729168805,
  "gcor": 0.0808825,
  "gsr_x": -0.02778555639088154,
  "gsr_y": 0.009707823395729065,
  "provenance": {
    "md5sum": "e35e5b7e99a4c08b6a6d098eaa07a85b",
    "settings": {
      "fd_thres": 0.2,
      "testing": false
    },
    "software": "mriqc",
    "version": "22.0.6",
    "webapi_port": null,
    "webapi_url": "https://mriqc.nimh.nih.gov/api/v1"
  },
  "size_t": 817,
  "size_x": 64,
  "size_y": 64,
  "size_z": 36,
  "snr": 7.500658838680101,
  "spacing_tr": 2.200000047683716,
  "spacing_x": 4.0,
  "spacing_y": 4.0,
  "spacing_z": 4.000000476837158,
  "summary_bg_k": 46.38694744410611,
  "summary_bg_mad": 2.3845033920255223,
  "summary_bg_mean": 16.47248649597168,
  "summary_bg_median": 3.385556936264038,
  "summary_bg_n": 106168.0,
  "summary_bg_p05": 1.3329253196716309,
  "summary_bg_p95": 77.5429634094238,
  "summary_bg_stdv": 44.74656295776367,
  "summary_fg_k": 1.8991984074034196,
  "summary_fg_mad": 84.38765689559219,
  "summary_fg_mean": 744.4180297851562,
  "summary_fg_median": 749.2393188476562,
  "summary_fg_n": 13582.0,
  "summary_fg_p05": 565.6147674560547,
  "summary_fg_p95": 894.5463073730467,
  "summary_fg_stdv": 99.88612365722656,
  "tsnr": 92.66198324644938
}