{
  "aor": 0.0028604807692307697,
  "aqi": 0.0034319467307692307,
  "bids_meta": {
    "BodyPartExamined": "HEAD",
    "CogAtlasID": "http://www.cognitiveatlas.org/term/id/trm_550b53d7dd674",
    "ConversionSoftware": "dcm2niix",
    "ConversionSoftwareVersion": "v1.0.20170411 GCC4.4.7",
    "EchoTime": 0.027,
    "EffectiveEchoSpacing": 0.000590001,
    "FlipAngle": 90,
    "ImageType": [
      "ORIGINAL",
      "PRIMARY",
      "M",
      "ND",
      "NORM",
      "MOSAIC"
    ],
    "Instructions": "In this next scan you'll be prompted to move your hands, feet, or tongue. You'll only move one of these at once. Instructions are presented on the screen. Let?s review them now. [Read on-screen instructions to participant.] Do you have any questions?",
    "MagneticFieldStrength": 3,
    "Manufacturer": "Siemens",
    "ManufacturersModelName": "TrioTim",
    "PhaseEncodingDirection": "j-",
    "ProcedureStepDescription": "head_Dosenbach_MSC",
    "ProtocolName": "Motor_104Frames_36Slices_TR2.2",
    "RepetitionTime": 2.2,
    "ScanningSequence": "EP",
    "SequenceName": "_epfid2d1_64",
    "SequenceVariant": "SK",
    "SeriesDescription": "Motor_104Frames_36Slices_TR2.2",
    "SliceTiming": [
      1.105,
      0,
      1.1675,
      0.0625,
      1.2275,
      0.1225,
      1.29,
      0.185,
      1.35,
      0.245,
      1.4125,
      0.3075,
      1.4725,
      0.37,
      1.535,
      0.43,
      1.595,
      0.4925,
      1.6575,
      0.5525,
      1.7175,
      0.615,
      1.78,
      0.675,
      1.84,
      0.7375,
      1.9025,
      0.7975,
      1.965,
      0.86,
      2.025,
      0.92,
      2.0875,
      0.9825,
      2.1475,
      1.0425
    ],
    "SoftwareVersion": "syngo MR B17",
    "TaskName": "motor",
    "dataset": "ds000224",
    "modality": "bold",
    "run_id": 1,
    "session_id": "func07",
    "subject_id": "MSC04",
    "task_id": "motor"
  },
  "dummy_trs": 0,
  "dvars_nstd": 16.36838346310679,
  "dvars_std": 1.2704353662135925,
  "dvars_vstd": 1.00083272592233,
  "efc": 0.3706773790749482,
  "fber": 47148.53125,
  "fd_mean": 0.10501406447305685,
  "fd_num": 9,
  "fd_perc": 8.653846153846153,
  "fwhm_avg": 1.852145763295798,
  "fwhm_x": 1.714935,
  "fwhm_y": 2.07895,
  "fwhm_z": 1.7625522898873938,
  "gcor": 0.0385977,
  "gsr_x": -0.028908804059028625,
  "gsr_y": 0.010499536991119385,
  "provenance": {
    "md5sum": "e0215dec2cdb0f675f668a814c327317",
    "settings": {
      "fd_thres": 0.2,
      "testing": false
    },
    "software": "mriqc",
    "version": "22.0.6",
    "webapi_port": null,
    "webapi_url": "https://mriqc.nimh.nih.gov/api/v1"
  },
  "size_t": 104,
  "size_x": 64,
  "size_y": 64,
  "size_z": 36,
  "snr": 7.507980371114387,
  "spacing_tr": 2.200000047683716,
  "spacing_x": 4.0,
  "spacing_y": 4.0,
  "spacing_z": 4.000000476837158,
  "summary_bg_k": 43.067572514555636,
  "summary_bg_mad": 2.26667086259064,
  "summary_bg_mean": 16.788545608520508,
  "summary_bg_median": 3.413461685180664,
  "summary_bg_n": 106148.0,
  "summary_bg_p05": 1.4903846979141235,
  "summary_bg_p95": 81.86827087402332,
  "summary_bg_stdv": 44.345767974853516,
  "summary_fg_k": 2.1653829063966468,
  "summary_fg_mad": 84.20183391855963,
  "summary_fg_mean": 740.9254150390625,
  "summary_fg_median": 746.8365478515625,
  "summary_fg_n": 13680.0,
  "summary_fg_p05": 565.0673217773438,
  "summary_fg_p95": 888.7505401611328,
  "summary_fg_stdv": 99.4687271118164,
  "tsnr": 111.6252083061263
}