{
  "aor": 0.0018126732673267327,
  "aqi": 0.008321123861386137,
  "bids_meta": {
    "BodyPartExamined": "HEAD",
    "CogAtlasID": "http://www.cognitiveatlas.org/term/id/trm_550b53d7dd674",
    "ConversionSoftware": "dcm2niix",
    "ConversionSoftwareVersion": "v1.0.20170411 GCC4.4.7",
    "EchoTime": 0.027,
    "EffectiveEchoSpacing": 0.000590001,
    "FlipAngle": 90,
    "ImageType": [
      "ORIGINAL",
      "PRIMARY",
      "M",
      "ND",
      "NORM",
      "MOSAIC"
    ],
    "Instructions": "In this next scan you'll be prompted to move your hands, feet, or tongue. You'll only move one of these at once. Instructions are presented on the screen. Let?s review them now. [Read on-screen instructions to participant.] Do you have any questions?",
    "MagneticFieldStrength": 3,
    "Manufacturer": "Siemens",
    "ManufacturersModelName": "TrioTim",
    "PhaseEncodingDirection": "j-",
    "ProcedureStepDescription": "head_Dosenbach_MSC",
    "ProtocolName": "Motor_104Frames_36Slices_TR2.2",
    "RepetitionTime": 2.2,
    "ScanningSequence": "EP",
    "SequenceName": "_epfid2d1_64",
    "SequenceVariant": "SK",
    "SeriesDescription": "Motor_104Frames_36Slices_TR2.2",
    "SliceTiming": [
      1.105,
      0,
      1.1675,
      0.0625,
      1.2275,
      0.1225,
      1.29,
      0.185,
      1.35,
      0.245,
      1.4125,
      0.3075,
      1.4725,
      0.37,
      1.535,
      0.43,
      1.595,
      0.4925,
      1.6575,
      0.5525,
      1.7175,
      0.615,
      1.78,
      0.675,
      1.84,
      0.7375,
      1.9025,
      0.7975,
      1.965,
      0.86,
      2.025,
      0.92,
      2.0875,
      0.9825,
      2.1475,
      1.0425
    ],
    "SoftwareVersion": "syngo MR B17",
    "TaskName": "motor",
    "dataset": "ds000224",
    "modality": "bold",
    "run_id": 2,
    "session_id": "func04",
    "subject_id": "MSC01",
    "task_id": "motor"
  },
  "dummy_trs": 3,
  "dvars_nstd": 17.419626264499996,
  "dvars_std": 1.1407762251000002,
  "dvars_vstd": 0.9529143204000003,
  "efc": 0.4115551393108373,
  "fber": 27017.82421875,
  "fd_mean": 0.19522867032688634,
  "fd_num": 37,
  "fd_perc": 36.633663366336634,
  "fwhm_avg": 1.6406402209699082,
  "fwhm_x": 1.4867375,
  "fwhm_y": 1.8463575,
  "fwhm_z": 1.5888256629097246,
  "gcor": 0.0263122,
  "gsr_x": -0.017113693058490753,
  "gsr_y": 0.011933015659451485,
  "provenance": {
    "md5sum": "2ee15030d5423282a22a603c57d3197e",
    "settings": {
      "fd_thres": 0.2,
      "testing": false
    },
    "software": "mriqc",
    "version": "22.0.6",
    "webapi_port": null,
    "webapi_url": "https://mriqc.nimh.nih.gov/api/v1"
  },
  "size_t": 101,
  "size_x": 64,
  "size_y": 64,
  "size_z": 36,
  "snr": 7.468756616729454,
  "spacing_tr": 2.200000047683716,
  "spacing_x": 4.0,
  "spacing_y": 4.0,
  "spacing_z": 3.9999983310699463,
  "summary_bg_k": 29.843007525493014,
  "summary_bg_mad": 3.1413549664085587,
  "summary_bg_mean": 19.46628761291504,
  "summary_bg_median": 4.05940580368042,
  "summary_bg_n": 102115.0,
  "summary_bg_p05": 1.485148549079895,
  "summary_bg_p95": 88.0,
  "summary_bg_stdv": 43.745819091796875,
  "summary_fg_k": 2.830290225901245,
  "summary_fg_mad": 80.50084831463748,
  "summary_fg_mean": 676.2464599609375,
  "summary_fg_median": 672.4306640625,
  "summary_fg_n": 16862.0,
  "summary_fg_p05": 543.4321563720703,
  "summary_fg_p95": 819.0376312255859,
  "summary_fg_stdv": 90.0298080444336,
  "tsnr": 75.95902344677597
}