{
  "aor": 0.0007854034229828849,
  "aqi": 0.01066479206601467,
  "bids_meta": {
    "BodyPartExamined": "HEAD",
    "CogAtlasID": "http://www.cognitiveatlas.org/term/id/trm_4c8a834779883",
    "ConversionSoftware": "dcm2niix",
    "ConversionSoftwareVersion": "v1.0.20170411 GCC4.4.7",
    "EchoTime": 0.027,
    "EffectiveEchoSpacing": 0.000590001,
    "FlipAngle": 90,
    "ImageType": [
      "ORIGINAL",
      "PRIMARY",
      "M",
      "ND",
      "NORM",
      "MOSAIC"
    ],
    "Instructions": "During this first scan, a plus sign will be presented on the screen.  All you need to do is simply relax and look at the plus sign. Please keep your eyes open the entire time, and be as still as possible. It's extremely important that you stay awake for the entire duration of this scan. This scan will last ~30 minutes.",
    "MagneticFieldStrength": 3,
    "Manufacturer": "Siemens",
    "ManufacturersModelName": "TrioTim",
    "PhaseEncodingDirection": "j-",
    "ProcedureStepDescription": "head_Dosenbach_MSC",
    "ProtocolName": "RSFC_818Frames_36Slices_TR2.2",
    "RepetitionTime": 2.2,
    "ScanningSequence": "EP",
    "SequenceName": "_epfid2d1_64",
    "SequenceVariant": "SK",
    "SeriesDescription": "RSFC_818Frames_36Slices_TR2.2",
    "SliceTiming": [
      1.105,
      0,
      1.165,
      0.06,
      1.2275,
      0.1225,
      1.2875,
      0.185,
      1.35,
      0.245,
      1.41,
      0.3075,
      1.4725,
      0.3675,
      1.5325,
      0.43,
      1.595,
      0.49,
      1.655,
      0.5525,
      1.7175,
      0.6125,
      1.78,
      0.675,
      1.84,
      0.735,
      1.9025,
      0.7975,
      1.9625,
      0.8575,
      2.025,
      0.92,
      2.085,
      0.9825,
      2.1475,
      1.0425
    ],
    "SoftwareVersion": "syngo MR B17",
    "TaskName": "rest",
    "dataset": "ds000224",
    "modality": "bold",
    "session_id": "func01",
    "subject_id": "MSC06",
    "task_id": "rest"
  },
  "dummy_trs": 0,
  "dvars_nstd": 22.693417551481048,
  "dvars_std": 1.4661547077600958,
  "dvars_vstd": 0.9250429128641375,
  "efc": 0.40565608524743113,
  "fber": 31451.109375,
  "fd_mean": 0.15136238305523414,
  "fd_num": 224,
  "fd_perc": 27.383863080684595,
  "fwhm_avg": 1.7116231331267675,
  "fwhm_x": 1.5618725,
  "fwhm_y": 1.8935425,
  "fwhm_z": 1.6794543993803026,
  "gcor": 0.0779845,
  "gsr_x": -0.025113185867667198,
  "gsr_y": 0.018211521208286285,
  "provenance": {
    "md5sum": "18cbdfc79902770b89c17b3f5e8ab3e2",
    "settings": {
      "fd_thres": 0.2,
      "testing": false
    },
    "software": "mriqc",
    "version": "22.0.6",
    "webapi_port": null,
    "webapi_url": "https://mriqc.nimh.nih.gov/api/v1"
  },
  "size_t": 818,
  "size_x": 64,
  "size_y": 64,
  "size_z": 36,
  "snr": 7.858735131052396,
  "spacing_tr": 2.200000047683716,
  "spacing_x": 4.0,
  "spacing_y": 4.0,
  "spacing_z": 4.000001430511475,
  "summary_bg_k": 39.91113096046942,
  "summary_bg_mad": 3.235262738063312,
  "summary_bg_mean": 18.75897216796875,
  "summary_bg_median": 3.9352080821990967,
  "summary_bg_n": 102211.0,
  "summary_bg_p05": 1.3105134963989258,
  "summary_bg_p95": 85.86186218261719,
  "summary_bg_stdv": 44.29625701904297,
  "summary_fg_k": 1.7181973390676353,
  "summary_fg_mad": 84.14672498599921,
  "summary_fg_mean": 701.1212158203125,
  "summary_fg_median": 698.4462280273438,
  "summary_fg_n": 16544.0,
  "summary_fg_p05": 565.6576629638672,
  "summary_fg_p95": 844.569091796875,
  "summary_fg_stdv": 88.8724594116211,
  "tsnr": 66.0033861574484
}