{
  "aor": 0.00024056234718826408,
  "aqi": 0.004619818740831296,
  "bids_meta": {
    "BodyPartExamined": "HEAD",
    "CogAtlasID": "http://www.cognitiveatlas.org/term/id/trm_4c8a834779883",
    "ConversionSoftware": "dcm2niix",
    "ConversionSoftwareVersion": "v1.0.20170411 GCC4.4.7",
    "EchoTime": 0.027,
    "EffectiveEchoSpacing": 0.000590001,
    "FlipAngle": 90,
    "ImageType": [
      "ORIGINAL",
      "PRIMARY",
      "M",
      "ND",
      "NORM",
      "MOSAIC"
    ],
    "Instructions": "During this first scan, a plus sign will be presented on the screen.  All you need to do is simply relax and look at the plus sign. Please keep your eyes open the entire time, and be as still as possible. It's extremely important that you stay awake for the entire duration of this scan. This scan will last ~30 minutes.",
    "MagneticFieldStrength": 3,
    "Manufacturer": "Siemens",
    "ManufacturersModelName": "TrioTim",
    "PhaseEncodingDirection": "j-",
    "ProcedureStepDescription": "head_Dosenbach_MSC",
    "ProtocolName": "RSFC_818Frames_36Slices_TR2.2",
    "RepetitionTime": 2.2,
    "ScanningSequence": "EP",
    "SequenceName": "_epfid2d1_64",
    "SequenceVariant": "SK",
    "SeriesDescription": "RSFC_818Frames_36Slices_TR2.2",
    "SliceTiming": [
      1.105,
      0,
      1.165,
      0.06,
      1.2275,
      0.1225,
      1.2875,
      0.185,
      1.35,
      0.245,
      1.41,
      0.3075,
      1.4725,
      0.3675,
      1.5325,
      0.43,
      1.595,
      0.49,
      1.655,
      0.5525,
      1.7175,
      0.6125,
      1.78,
      0.675,
      1.84,
      0.735,
      1.9025,
      0.7975,
      1.9625,
      0.8575,
      2.025,
      0.92,
      2.085,
      0.9825,
      2.1475,
      1.0425
    ],
    "SoftwareVersion": "syngo MR B17",
    "TaskName": "rest",
    "dataset": "ds000224",
    "modality": "bold",
    "session_id": "func02",
    "subject_id": "MSC01",
    "task_id": "rest"
  },
  "dummy_trs": 0,
  "dvars_nstd": 18.518392485838454,
  "dvars_std": 1.1376427580538555,
  "dvars_vstd": 0.9434695076499388,
  "efc": 0.4125352610667921,
  "fber": 25662.765625,
  "fd_mean": 0.2586963477178335,
  "fd_num": 574,
  "fd_perc": 70.17114914425427,
  "fwhm_avg": 1.6806157030644329,
  "fwhm_x": 1.52057,
  "fwhm_y": 1.882115,
  "fwhm_z": 1.639162109193299,
  "gcor": 0.210593,
  "gsr_x": -0.01911911554634571,
  "gsr_y": 0.010151422582566738,
  "provenance": {
    "md5sum": "88338b426a161d916abc62e4b0178dab",
    "settings": {
      "fd_thres": 0.2,
      "testing": false
    },
    "software": "mriqc",
    "version": "22.0.6",
    "webapi_port": null,
    "webapi_url": "https://mriqc.nimh.nih.gov/api/v1"
  },
  "size_t": 818,
  "size_x": 64,
  "size_y": 64,
  "size_z": 36,
  "snr": 7.354524406705621,
  "spacing_tr": 2.200000047683716,
  "spacing_x": 4.0,
  "spacing_y": 4.0,
  "spacing_z": 4.000000953674316,
  "summary_bg_k": 29.726093957304975,
  "summary_bg_mad": 3.1301399324273222,
  "summary_bg_mean": 19.53825569152832,
  "summary_bg_median": 4.123472213745117,
  "summary_bg_n": 101872.0,
  "summary_bg_p05": 1.559902310371399,
  "summary_bg_p95": 88.58386917114255,
  "summary_bg_stdv": 44.5598258972168,
  "summary_fg_k": 1.9179901267109631,
  "summary_fg_mad": 83.48243159695811,
  "summary_fg_mean": 675.3895874023438,
  "summary_fg_median": 671.0929565429688,
  "summary_fg_n": 16789.0,
  "summary_fg_p05": 539.2575073242188,
  "summary_fg_p95": 824.7680053710938,
  "summary_fg_stdv": 91.24627685546875,
  "tsnr": 78.25361633207649
}