{
  "aor": 0.0015312621359223303,
  "aqi": 0.005444473689320386,
  "bids_meta": {
    "BodyPartExamined": "HEAD",
    "CogAtlasID": "http://www.cognitiveatlas.org/term/id/trm_550b53d7dd674",
    "ConversionSoftware": "dcm2niix",
    "ConversionSoftwareVersion": "v1.0.20170411 GCC4.4.7",
    "EchoTime": 0.027,
    "EffectiveEchoSpacing": 0.000590001,
    "FlipAngle": 90,
    "ImageType": [
      "ORIGINAL",
      "PRIMARY",
      "M",
      "ND",
      "NORM",
      "MOSAIC"
    ],
    "Instructions": "In this next scan you'll be prompted to move your hands, feet, or tongue. You'll only move one of these at once. Instructions are presented on the screen. Let?s review them now. [Read on-screen instructions to participant.] Do you have any questions?",
    "MagneticFieldStrength": 3,
    "Manufacturer": "Siemens",
    "ManufacturersModelName": "TrioTim",
    "PhaseEncodingDirection": "j-",
    "ProcedureStepDescription": "head_Dosenbach_MSC",
    "ProtocolName": "Motor_104Frames_36Slices_TR2.2",
    "RepetitionTime": 2.2,
    "ScanningSequence": "EP",
    "SequenceName": "_epfid2d1_64",
    "SequenceVariant": "SK",
    "SeriesDescription": "Motor_104Frames_36Slices_TR2.2",
    "SliceTiming": [
      1.105,
      0,
      1.1675,
      0.0625,
      1.2275,
      0.1225,
      1.29,
      0.185,
      1.35,
      0.245,
      1.4125,
      0.3075,
      1.4725,
      0.37,
      1.535,
      0.43,
      1.595,
      0.4925,
      1.6575,
      0.5525,
      1.7175,
      0.615,
      1.78,
      0.675,
      1.84,
      0.7375,
      1.9025,
      0.7975,
      1.965,
      0.86,
      2.025,
      0.92,
      2.0875,
      0.9825,
      2.1475,
      1.0425
    ],
    "SoftwareVersion": "syngo MR B17",
    "TaskName": "motor",
    "dataset": "ds000224",
    "modality": "bold",
    "run_id": 1,
    "session_id": "func02",
    "subject_id": "MSC01",
    "task_id": "motor"
  },
  "dummy_trs": 1,
  "dvars_nstd": 17.529970570784315,
  "dvars_std": 1.2046192299019605,
  "dvars_vstd": 0.9858568673529411,
  "efc": 0.4121507875137531,
  "fber": 26223.224609375,
  "fd_mean": 0.18070218361564166,
  "fd_num": 41,
  "fd_perc": 39.80582524271845,
  "fwhm_avg": 1.6754423732865158,
  "fwhm_x": 1.5290425,
  "fwhm_y": 1.90286,
  "fwhm_z": 1.5944246198595475,
  "gcor": 0.0266049,
  "gsr_x": -0.01917368359863758,
  "gsr_y": 0.011693242006003857,
  "provenance": {
    "md5sum": "4d2b36a383a773ade06d8ec323368b9c",
    "settings": {
      "fd_thres": 0.2,
      "testing": false
    },
    "software": "mriqc",
    "version": "22.0.6",
    "webapi_port": null,
    "webapi_url": "https://mriqc.nimh.nih.gov/api/v1"
  },
  "size_t": 103,
  "size_x": 64,
  "size_y": 64,
  "size_z": 36,
  "snr": 7.307136683581562,
  "spacing_tr": 2.200000047683716,
  "spacing_x": 4.0,
  "spacing_y": 4.0,
  "spacing_z": 4.000000953674316,
  "summary_bg_k": 29.206479397967108,
  "summary_bg_mad": 3.0803582956554525,
  "summary_bg_mean": 19.641258239746094,
  "summary_bg_median": 4.1067962646484375,
  "summary_bg_n": 102020.0,
  "summary_bg_p05": 1.5631067752838135,
  "summary_bg_p95": 90.7674762725829,
  "summary_bg_stdv": 43.948997497558594,
  "summary_fg_k": 2.3780329289285946,
  "summary_fg_mad": 83.29208407702241,
  "summary_fg_mean": 675.6727294921875,
  "summary_fg_median": 672.6650390625,
  "summary_fg_n": 16766.0,
  "summary_fg_p05": 538.9247894287109,
  "summary_fg_p95": 823.5533905029297,
  "summary_fg_stdv": 92.05315399169922,
  "tsnr": 90.66409803461283
}