{
  "aor": 0.0005965483476132192,
  "aqi": 0.02343878898408813,
  "bids_meta": {
    "BodyPartExamined": "HEAD",
    "CogAtlasID": "http://www.cognitiveatlas.org/term/id/trm_4c8a834779883",
    "ConversionSoftware": "dcm2niix",
    "ConversionSoftwareVersion": "v1.0.20170411 GCC4.4.7",
    "EchoTime": 0.027,
    "EffectiveEchoSpacing": 0.000590001,
    "FlipAngle": 90,
    "ImageType": [
      "ORIGINAL",
      "PRIMARY",
      "M",
      "ND",
      "NORM",
      "MOSAIC"
    ],
    "Instructions": "During this first scan, a plus sign will be presented on the screen.  All you need to do is simply relax and look at the plus sign. Please keep your eyes open the entire time, and be as still as possible. It's extremely important that you stay awake for the entire duration of this scan. This scan will last ~30 minutes.",
    "MagneticFieldStrength": 3,
    "Manufacturer": "Siemens",
    "ManufacturersModelName": "TrioTim",
    "PhaseEncodingDirection": "j-",
    "ProcedureStepDescription": "head_Dosenbach_MSC",
    "ProtocolName": "RSFC_818Frames_36Slices_TR2.2",
    "RepetitionTime": 2.2,
    "ScanningSequence": "EP",
    "SequenceName": "_epfid2d1_64",
    "SequenceVariant": "SK",
    "SeriesDescription": "RSFC_818Frames_36Slices_TR2.2",
    "SliceTiming": [
      1.105,
      0,
      1.165,
      0.06,
      1.2275,
      0.1225,
      1.2875,
      0.185,
      1.35,
      0.245,
      1.41,
      0.3075,
      1.4725,
      0.3675,
      1.5325,
      0.43,
      1.595,
      0.49,
      1.655,
      0.5525,
      1.7175,
      0.6125,
      1.78,
      0.675,
      1.84,
      0.735,
      1.9025,
      0.7975,
      1.9625,
      0.8575,
      2.025,
      0.92,
      2.085,
      0.9825,
      2.1475,
      1.0425
    ],
    "SoftwareVersion": "syngo MR B17",
    "TaskName": "rest",
    "dataset": "ds000224",
    "modality": "bold",
    "session_id": "func06",
    "subject_id": "MSC10",
    "task_id": "rest"
  },
  "dummy_trs": 1,
  "dvars_nstd": 22.20704014637253,
  "dvars_std": 1.147606626740196,
  "dvars_vstd": 0.9003710794240202,
  "efc": 0.42520774336053035,
  "fber": 23090.3359375,
  "fd_mean": 0.3007624714896043,
  "fd_num": 547,
  "fd_perc": 66.95226438188494,
  "fwhm_avg": 1.7300317336809714,
  "fwhm_x": 1.5880025,
  "fwhm_y": 1.9156225,
  "fwhm_z": 1.6864702010429145,
  "gcor": 0.0126983,
  "gsr_x": -0.02072012983262539,
  "gsr_y": 0.013439124450087547,
  "provenance": {
    "md5sum": "ae6aae76f5b91a8c60d249b5eb04de46",
    "settings": {
      "fd_thres": 0.2,
      "testing": false
    },
    "software": "mriqc",
    "version": "22.0.6",
    "webapi_port": null,
    "webapi_url": "https://mriqc.nimh.nih.gov/api/v1"
  },
  "size_t": 817,
  "size_x": 64,
  "size_y": 64,
  "size_z": 36,
  "snr": 7.265524991550237,
  "spacing_tr": 2.200000047683716,
  "spacing_x": 4.0,
  "spacing_y": 4.0,
  "spacing_z": 3.999999523162842,
  "summary_bg_k": 27.185008088513896,
  "summary_bg_mad": 4.066721373820005,
  "summary_bg_mean": 21.849546432495117,
  "summary_bg_median": 4.492043972015381,
  "summary_bg_n": 100421.0,
  "summary_bg_p05": 1.1884945631027222,
  "summary_bg_p95": 114.09547424316406,
  "summary_bg_stdv": 50.368873596191406,
  "summary_fg_k": 2.053053113573058,
  "summary_fg_mad": 85.46282402566874,
  "summary_fg_mean": 696.1779174804688,
  "summary_fg_median": 690.9694213867188,
  "summary_fg_n": 17665.0,
  "summary_fg_p05": 555.17431640625,
  "summary_fg_p95": 849.8325927734375,
  "summary_fg_stdv": 95.09978485107422,
  "tsnr": 41.420680155046284
}