{
  "aor": 0.0035268269230769233,
  "aqi": 0.015854675865384617,
  "bids_meta": {
    "BodyPartExamined": "HEAD",
    "CogAtlasID": "http://www.cognitiveatlas.org/term/id/trm_550b53d7dd674",
    "ConversionSoftware": "dcm2niix",
    "ConversionSoftwareVersion": "v1.0.20170411 GCC4.4.7",
    "EchoTime": 0.027,
    "EffectiveEchoSpacing": 0.000590001,
    "FlipAngle": 90,
    "ImageType": [
      "ORIGINAL",
      "PRIMARY",
      "M",
      "ND",
      "NORM",
      "MOSAIC"
    ],
    "Instructions": "In this next scan you'll be prompted to move your hands, feet, or tongue. You'll only move one of these at once. Instructions are presented on the screen. Let?s review them now. [Read on-screen instructions to participant.] Do you have any questions?",
    "MagneticFieldStrength": 3,
    "Manufacturer": "Siemens",
    "ManufacturersModelName": "TrioTim",
    "PhaseEncodingDirection": "j-",
    "ProcedureStepDescription": "head_Dosenbach_MSC",
    "ProtocolName": "Motor_104Frames_36Slices_TR2.2",
    "RepetitionTime": 2.2,
    "ScanningSequence": "EP",
    "SequenceName": "_epfid2d1_64",
    "SequenceVariant": "SK",
    "SeriesDescription": "Motor_104Frames_36Slices_TR2.2",
    "SliceTiming": [
      1.105,
      0,
      1.1675,
      0.0625,
      1.2275,
      0.1225,
      1.29,
      0.185,
      1.35,
      0.245,
      1.4125,
      0.3075,
      1.4725,
      0.37,
      1.535,
      0.43,
      1.595,
      0.4925,
      1.6575,
      0.5525,
      1.7175,
      0.615,
      1.78,
      0.675,
      1.84,
      0.7375,
      1.9025,
      0.7975,
      1.965,
      0.86,
      2.025,
      0.92,
      2.0875,
      0.9825,
      2.1475,
      1.0425
    ],
    "SoftwareVersion": "syngo MR B17",
    "TaskName": "motor",
    "dataset": "ds000224",
    "modality": "bold",
    "run_id": 2,
    "session_id": "func06",
    "subject_id": "MSC08",
    "task_id": "motor"
  },
  "dummy_trs": 0,
  "dvars_nstd": 18.50842935165049,
  "dvars_std": 1.121824266601942,
  "dvars_vstd": 0.9355320895145628,
  "efc": 0.38917340433479913,
  "fber": 36340.9921875,
  "fd_mean": 0.26066498776930924,
  "fd_num": 70,
  "fd_perc": 67.3076923076923,
  "fwhm_avg": 1.6913311275914895,
  "fwhm_x": 1.591085,
  "fwhm_y": 1.8372975,
  "fwhm_z": 1.6456108827744689,
  "gcor": 0.0108941,
  "gsr_x": -0.020753080025315285,
  "gsr_y": 0.011904650367796421,
  "provenance": {
    "md5sum": "384a4c4ffe238b4b783a3021c3259ca5",
    "settings": {
      "fd_thres": 0.2,
      "testing": false
    },
    "software": "mriqc",
    "version": "22.0.6",
    "webapi_port": null,
    "webapi_url": "https://mriqc.nimh.nih.gov/api/v1"
  },
  "size_t": 104,
  "size_x": 64,
  "size_y": 64,
  "size_z": 36,
  "snr": 8.726103509588553,
  "spacing_tr": 2.200000047683716,
  "spacing_x": 4.0,
  "spacing_y": 4.0,
  "spacing_z": 3.999997854232788,
  "summary_bg_k": 49.67393406002843,
  "summary_bg_mad": 2.8939255657707226,
  "summary_bg_mean": 15.574195861816406,
  "summary_bg_median": 3.336538553237915,
  "summary_bg_n": 104416.0,
  "summary_bg_p05": 0.9903846383094788,
  "summary_bg_p95": 76.53125190734863,
  "summary_bg_stdv": 35.6033935546875,
  "summary_fg_k": 2.4568303131758915,
  "summary_fg_mad": 63.28858220245789,
  "summary_fg_mean": 630.9365844726562,
  "summary_fg_median": 630.6202392578125,
  "summary_fg_n": 15026.0,
  "summary_fg_p05": 518.1274261474609,
  "summary_fg_p95": 745.9543609619141,
  "summary_fg_stdv": 72.2658462524414,
  "tsnr": 60.37666125688702
}