{
  "aor": 0.005869987775061124,
  "aqi": 0.008767193190709047,
  "bids_meta": {
    "BodyPartExamined": "HEAD",
    "CogAtlasID": "http://www.cognitiveatlas.org/term/id/trm_4c8a834779883",
    "ConversionSoftware": "dcm2niix",
    "ConversionSoftwareVersion": "v1.0.20170411 GCC4.4.7",
    "EchoTime": 0.027,
    "EffectiveEchoSpacing": 0.000590001,
    "FlipAngle": 90,
    "ImageType": [
      "ORIGINAL",
      "PRIMARY",
      "M",
      "ND",
      "NORM",
      "MOSAIC"
    ],
    "Instructions": "During this first scan, a plus sign will be presented on the screen.  All you need to do is simply relax and look at the plus sign. Please keep your eyes open the entire time, and be as still as possible. It's extremely important that you stay awake for the entire duration of this scan. This scan will last ~30 minutes.",
    "MagneticFieldStrength": 3,
    "Manufacturer": "Siemens",
    "ManufacturersModelName": "TrioTim",
    "PhaseEncodingDirection": "j-",
    "ProcedureStepDescription": "head_Dosenbach_MSC",
    "ProtocolName": "RSFC_818Frames_36Slices_TR2.2",
    "RepetitionTime": 2.2,
    "ScanningSequence": "EP",
    "SequenceName": "_epfid2d1_64",
    "SequenceVariant": "SK",
    "SeriesDescription": "RSFC_818Frames_36Slices_TR2.2",
    "SliceTiming": [
      1.105,
      0,
      1.165,
      0.06,
      1.2275,
      0.1225,
      1.2875,
      0.185,
      1.35,
      0.245,
      1.41,
      0.3075,
      1.4725,
      0.3675,
      1.5325,
      0.43,
      1.595,
      0.49,
      1.655,
      0.5525,
      1.7175,
      0.6125,
      1.78,
      0.675,
      1.84,
      0.735,
      1.9025,
      0.7975,
      1.9625,
      0.8575,
      2.025,
      0.92,
      2.085,
      0.9825,
      2.1475,
      1.0425
    ],
    "SoftwareVersion": "syngo MR B17",
    "TaskName": "rest",
    "dataset": "ds000224",
    "modality": "bold",
    "session_id": "func06",
    "subject_id": "MSC04",
    "task_id": "rest"
  },
  "dummy_trs": 0,
  "dvars_nstd": 17.279143736315792,
  "dvars_std": 1.2982549492900861,
  "dvars_vstd": 1.0287271399388007,
  "efc": 0.36559054342204717,
  "fber": 51384.6328125,
  "fd_mean": 0.14451895934543368,
  "fd_num": 148,
  "fd_perc": 18.09290953545232,
  "fwhm_avg": 1.8100959004466812,
  "fwhm_x": 1.6543075,
  "fwhm_y": 2.0870175,
  "fwhm_z": 1.6889627013400437,
  "gcor": 0.0898556,
  "gsr_x": -0.025807179510593414,
  "gsr_y": 0.011974500492215157,
  "provenance": {
    "md5sum": "087bae0bac13f90f4d0ebfbada9ed54c",
    "settings": {
      "fd_thres": 0.2,
      "testing": false
    },
    "software": "mriqc",
    "version": "22.0.6",
    "webapi_port": null,
    "webapi_url": "https://mriqc.nimh.nih.gov/api/v1"
  },
  "size_t": 818,
  "size_x": 64,
  "size_y": 64,
  "size_z": 36,
  "snr": 7.592936764400178,
  "spacing_tr": 2.200000047683716,
  "spacing_x": 4.0,
  "spacing_y": 4.0,
  "spacing_z": 3.999999523162842,
  "summary_bg_k": 54.63863359570312,
  "summary_bg_mad": 2.673396516831667,
  "summary_bg_mean": 16.003244400024414,
  "summary_bg_median": 3.4058680534362793,
  "summary_bg_n": 106448.0,
  "summary_bg_p05": 1.1149144172668457,
  "summary_bg_p95": 74.43020095825192,
  "summary_bg_stdv": 43.61833190917969,
  "summary_fg_k": 2.115376602414268,
  "summary_fg_mad": 88.38337122422581,
  "summary_fg_mean": 768.96142578125,
  "summary_fg_median": 772.1259765625,
  "summary_fg_n": 13552.0,
  "summary_fg_p05": 600.4829895019532,
  "summary_fg_p95": 925.7708282470701,
  "summary_fg_stdv": 101.686279296875,
  "tsnr": 66.76372847892344
}