{
  "aor": 0.0006260049019607843,
  "aqi": 0.006433673553921568,
  "bids_meta": {
    "BodyPartExamined": "HEAD",
    "CogAtlasID": "http://www.cognitiveatlas.org/term/id/trm_4c8a834779883",
    "ConversionSoftware": "dcm2niix",
    "ConversionSoftwareVersion": "v1.0.20170411 GCC4.4.7",
    "EchoTime": 0.027,
    "EffectiveEchoSpacing": 0.000590001,
    "FlipAngle": 90,
    "ImageType": [
      "ORIGINAL",
      "PRIMARY",
      "M",
      "ND",
      "NORM",
      "MOSAIC"
    ],
    "Instructions": "During this first scan, a plus sign will be presented on the screen.  All you need to do is simply relax and look at the plus sign. Please keep your eyes open the entire time, and be as still as possible. It's extremely important that you stay awake for the entire duration of this scan. This scan will last ~30 minutes.",
    "MagneticFieldStrength": 3,
    "Manufacturer": "Siemens",
    "ManufacturersModelName": "TrioTim",
    "PhaseEncodingDirection": "j-",
    "ProcedureStepDescription": "head_Dosenbach_MSC",
    "ProtocolName": "RSFC_818Frames_36Slices_TR2.2",
    "RepetitionTime": 2.2,
    "ScanningSequence": "EP",
    "SequenceName": "_epfid2d1_64",
    "SequenceVariant": "SK",
    "SeriesDescription": "RSFC_818Frames_36Slices_TR2.2",
    "SliceTiming": [
      1.105,
      0,
      1.165,
      0.06,
      1.2275,
      0.1225,
      1.2875,
      0.185,
      1.35,
      0.245,
      1.41,
      0.3075,
      1.4725,
      0.3675,
      1.5325,
      0.43,
      1.595,
      0.49,
      1.655,
      0.5525,
      1.7175,
      0.6125,
      1.78,
      0.675,
      1.84,
      0.735,
      1.9025,
      0.7975,
      1.9625,
      0.8575,
      2.025,
      0.92,
      2.085,
      0.9825,
      2.1475,
      1.0425
    ],
    "SoftwareVersion": "syngo MR B17",
    "TaskName": "rest",
    "dataset": "ds000224",
    "modality": "bold",
    "session_id": "func03",
    "subject_id": "MSC01",
    "task_id": "rest"
  },
  "dummy_trs": 2,
  "dvars_nstd": 18.527141707987727,
  "dvars_std": 1.196618381202454,
  "dvars_vstd": 0.9611575375092027,
  "efc": 0.4130930602336751,
  "fber": 22903.68359375,
  "fd_mean": 0.17469446794805205,
  "fd_num": 274,
  "fd_perc": 33.57843137254902,
  "fwhm_avg": 1.6778553505074794,
  "fwhm_x": 1.524495,
  "fwhm_y": 1.9052875,
  "fwhm_z": 1.603783551522438,
  "gcor": 0.112435,
  "gsr_x": -0.01903121918439865,
  "gsr_y": 0.010672801174223423,
  "provenance": {
    "md5sum": "c315fa76140c421d7bb146ca01fda879",
    "settings": {
      "fd_thres": 0.2,
      "testing": false
    },
    "software": "mriqc",
    "version": "22.0.6",
    "webapi_port": null,
    "webapi_url": "https://mriqc.nimh.nih.gov/api/v1"
  },
  "size_t": 816,
  "size_x": 64,
  "size_y": 64,
  "size_z": 36,
  "snr": 7.08198507989481,
  "spacing_tr": 2.200000047683716,
  "spacing_x": 4.0,
  "spacing_y": 4.0,
  "spacing_z": 3.99999737739563,
  "summary_bg_k": 29.64308915446663,
  "summary_bg_mad": 3.1796003443270635,
  "summary_bg_mean": 18.524778366088867,
  "summary_bg_median": 4.129901885986328,
  "summary_bg_n": 101904.0,
  "summary_bg_p05": 1.5012255907058716,
  "summary_bg_p95": 81.81152191162097,
  "summary_bg_stdv": 41.45582962036133,
  "summary_fg_k": 2.5523168429250633,
  "summary_fg_mad": 81.61949630201335,
  "summary_fg_mean": 638.496337890625,
  "summary_fg_median": 633.9044189453125,
  "summary_fg_n": 16931.0,
  "summary_fg_p05": 510.13787841796875,
  "summary_fg_p95": 785.6244201660156,
  "summary_fg_stdv": 89.50678253173828,
  "tsnr": 72.99997658003122
}