{
  "aor": 0.0018429411764705886,
  "aqi": 0.004605868431372548,
  "bids_meta": {
    "BodyPartExamined": "HEAD",
    "CogAtlasID": "http://www.cognitiveatlas.org/term/id/trm_550b53d7dd674",
    "ConversionSoftware": "dcm2niix",
    "ConversionSoftwareVersion": "v1.0.20170411 GCC4.4.7",
    "EchoTime": 0.027,
    "EffectiveEchoSpacing": 0.000590001,
    "FlipAngle": 90,
    "ImageType": [
      "ORIGINAL",
      "PRIMARY",
      "M",
      "ND",
      "NORM",
      "MOSAIC"
    ],
    "Instructions": "In this next scan you'll be prompted to move your hands, feet, or tongue. You'll only move one of these at once. Instructions are presented on the screen. Let?s review them now. [Read on-screen instructions to participant.] Do you have any questions?",
    "MagneticFieldStrength": 3,
    "Manufacturer": "Siemens",
    "ManufacturersModelName": "TrioTim",
    "PhaseEncodingDirection": "j-",
    "ProcedureStepDescription": "head_Dosenbach_MSC",
    "ProtocolName": "Motor_104Frames_36Slices_TR2.2",
    "RepetitionTime": 2.2,
    "ScanningSequence": "EP",
    "SequenceName": "_epfid2d1_64",
    "SequenceVariant": "SK",
    "SeriesDescription": "Motor_104Frames_36Slices_TR2.2",
    "SliceTiming": [
      1.105,
      0,
      1.1675,
      0.0625,
      1.2275,
      0.1225,
      1.29,
      0.185,
      1.35,
      0.245,
      1.4125,
      0.3075,
      1.4725,
      0.37,
      1.535,
      0.43,
      1.595,
      0.4925,
      1.6575,
      0.5525,
      1.7175,
      0.615,
      1.78,
      0.675,
      1.84,
      0.7375,
      1.9025,
      0.7975,
      1.965,
      0.86,
      2.025,
      0.92,
      2.0875,
      0.9825,
      2.1475,
      1.0425
    ],
    "SoftwareVersion": "syngo MR B17",
    "TaskName": "motor",
    "dataset": "ds000224",
    "modality": "bold",
    "run_id": 2,
    "session_id": "func03",
    "subject_id": "MSC01",
    "task_id": "motor"
  },
  "dummy_trs": 2,
  "dvars_nstd": 19.69947316376238,
  "dvars_std": 1.311952362871287,
  "dvars_vstd": 1.0258285269306926,
  "efc": 0.4145373067956329,
  "fber": 21889.658203125,
  "fd_mean": 0.1586305693768978,
  "fd_num": 24,
  "fd_perc": 23.529411764705884,
  "fwhm_avg": 1.6688553499441652,
  "fwhm_x": 1.522855,
  "fwhm_y": 1.882505,
  "fwhm_z": 1.601206049832496,
  "gcor": 0.0337489,
  "gsr_x": -0.018748845905065536,
  "gsr_y": 0.012053577229380608,
  "provenance": {
    "md5sum": "001a5d7479a6d01268931e64e8b135e6",
    "settings": {
      "fd_thres": 0.2,
      "testing": false
    },
    "software": "mriqc",
    "version": "22.0.6",
    "webapi_port": null,
    "webapi_url": "https://mriqc.nimh.nih.gov/api/v1"
  },
  "size_t": 102,
  "size_x": 64,
  "size_y": 64,
  "size_z": 36,
  "snr": 7.1722065131971355,
  "spacing_tr": 2.200000047683716,
  "spacing_x": 4.0,
  "spacing_y": 4.0,
  "spacing_z": 3.99999737739563,
  "summary_bg_k": 28.516733186946748,
  "summary_bg_mad": 3.197769477032478,
  "summary_bg_mean": 18.777868270874023,
  "summary_bg_median": 4.156862735748291,
  "summary_bg_n": 101991.0,
  "summary_bg_p05": 1.5196079015731812,
  "summary_bg_p95": 85.50490188598633,
  "summary_bg_stdv": 41.36453628540039,
  "summary_fg_k": 2.7905298944520043,
  "summary_fg_mad": 77.22607465219247,
  "summary_fg_mean": 625.1611938476562,
  "summary_fg_median": 622.3333740234375,
  "summary_fg_n": 16875.0,
  "summary_fg_p05": 498.4539428710938,
  "summary_fg_p95": 764.2676879882812,
  "summary_fg_stdv": 86.76757049560547,
  "tsnr": 93.25313367065974
}