{
  "aor": 0.003251538461538461,
  "aqi": 0.0056539550000000004,
  "bids_meta": {
    "BodyPartExamined": "HEAD",
    "CogAtlasID": "http://www.cognitiveatlas.org/term/id/trm_550b53d7dd674",
    "ConversionSoftware": "dcm2niix",
    "ConversionSoftwareVersion": "v1.0.20170411 GCC4.4.7",
    "EchoTime": 0.027,
    "EffectiveEchoSpacing": 0.000590001,
    "FlipAngle": 90,
    "ImageType": [
      "ORIGINAL",
      "PRIMARY",
      "M",
      "ND",
      "NORM",
      "MOSAIC"
    ],
    "Instructions": "In this next scan you'll be prompted to move your hands, feet, or tongue. You'll only move one of these at once. Instructions are presented on the screen. Let?s review them now. [Read on-screen instructions to participant.] Do you have any questions?",
    "MagneticFieldStrength": 3,
    "Manufacturer": "Siemens",
    "ManufacturersModelName": "TrioTim",
    "PhaseEncodingDirection": "j-",
    "ProcedureStepDescription": "head_Dosenbach_MSC",
    "ProtocolName": "Motor_104Frames_36Slices_TR2.2",
    "RepetitionTime": 2.2,
    "ScanningSequence": "EP",
    "SequenceName": "_epfid2d1_64",
    "SequenceVariant": "SK",
    "SeriesDescription": "Motor_104Frames_36Slices_TR2.2",
    "SliceTiming": [
      1.105,
      0,
      1.1675,
      0.0625,
      1.2275,
      0.1225,
      1.29,
      0.185,
      1.35,
      0.245,
      1.4125,
      0.3075,
      1.4725,
      0.37,
      1.535,
      0.43,
      1.595,
      0.4925,
      1.6575,
      0.5525,
      1.7175,
      0.615,
      1.78,
      0.675,
      1.84,
      0.7375,
      1.9025,
      0.7975,
      1.965,
      0.86,
      2.025,
      0.92,
      2.0875,
      0.9825,
      2.1475,
      1.0425
    ],
    "SoftwareVersion": "syngo MR B17",
    "TaskName": "motor",
    "dataset": "ds000224",
    "modality": "bold",
    "run_id": 1,
    "session_id": "func03",
    "subject_id": "MSC01",
    "task_id": "motor"
  },
  "dummy_trs": 0,
  "dvars_nstd": 20.77931128213591,
  "dvars_std": 1.3010820198058255,
  "dvars_vstd": 1.0051669417475726,
  "efc": 0.41572916412578115,
  "fber": 21452.169921875,
  "fd_mean": 0.16291113178041522,
  "fd_num": 31,
  "fd_perc": 29.807692307692307,
  "fwhm_avg": 1.6643595139100942,
  "fwhm_x": 1.5076425,
  "fwhm_y": 1.8965875,
  "fwhm_z": 1.5888485417302822,
  "gcor": 0.0278503,
  "gsr_x": -0.019473113119602203,
  "gsr_y": 0.011106605641543865,
  "provenance": {
    "md5sum": "9e138dcb29fd741f9c8340004b096c39",
    "settings": {
      "fd_thres": 0.2,
      "testing": false
    },
    "software": "mriqc",
    "version": "22.0.6",
    "webapi_port": null,
    "webapi_url": "https://mriqc.nimh.nih.gov/api/v1"
  },
  "size_t": 104,
  "size_x": 64,
  "size_y": 64,
  "size_z": 36,
  "snr": 7.131428702171201,
  "spacing_tr": 2.200000047683716,
  "spacing_x": 4.0,
  "spacing_y": 4.0,
  "spacing_z": 3.99999737739563,
  "summary_bg_k": 27.922378382073283,
  "summary_bg_mad": 3.2788323188211166,
  "summary_bg_mean": 19.092615127563477,
  "summary_bg_median": 4.211538791656494,
  "summary_bg_n": 101831.0,
  "summary_bg_p05": 1.509615421295166,
  "summary_bg_p95": 86.375,
  "summary_bg_stdv": 42.03136444091797,
  "summary_fg_k": 2.6268942989575335,
  "summary_fg_mad": 79.14819096831047,
  "summary_fg_mean": 628.03466796875,
  "summary_fg_median": 624.9904174804688,
  "summary_fg_n": 16935.0,
  "summary_fg_p05": 499.9971466064453,
  "summary_fg_p95": 770.3077392578125,
  "summary_fg_stdv": 87.63629150390625,
  "tsnr": 85.7708857851103
}