{
  "aor": 0.0017846153846153845,
  "aqi": 0.003683493365384616,
  "bids_meta": {
    "BodyPartExamined": "HEAD",
    "CogAtlasID": "http://www.cognitiveatlas.org/term/id/trm_550b53d7dd674",
    "ConversionSoftware": "dcm2niix",
    "ConversionSoftwareVersion": "v1.0.20170411 GCC4.4.7",
    "EchoTime": 0.027,
    "EffectiveEchoSpacing": 0.000590001,
    "FlipAngle": 90,
    "ImageType": [
      "ORIGINAL",
      "PRIMARY",
      "M",
      "ND",
      "NORM",
      "MOSAIC"
    ],
    "Instructions": "In this next scan you'll be prompted to move your hands, feet, or tongue. You'll only move one of these at once. Instructions are presented on the screen. Let?s review them now. [Read on-screen instructions to participant.] Do you have any questions?",
    "MagneticFieldStrength": 3,
    "Manufacturer": "Siemens",
    "ManufacturersModelName": "TrioTim",
    "PhaseEncodingDirection": "j-",
    "ProcedureStepDescription": "head_Dosenbach_MSC",
    "ProtocolName": "Motor_104Frames_36Slices_TR2.2",
    "RepetitionTime": 2.2,
    "ScanningSequence": "EP",
    "SequenceName": "_epfid2d1_64",
    "SequenceVariant": "SK",
    "SeriesDescription": "Motor_104Frames_36Slices_TR2.2",
    "SliceTiming": [
      1.105,
      0,
      1.1675,
      0.0625,
      1.2275,
      0.1225,
      1.29,
      0.185,
      1.35,
      0.245,
      1.4125,
      0.3075,
      1.4725,
      0.37,
      1.535,
      0.43,
      1.595,
      0.4925,
      1.6575,
      0.5525,
      1.7175,
      0.615,
      1.78,
      0.675,
      1.84,
      0.7375,
      1.9025,
      0.7975,
      1.965,
      0.86,
      2.025,
      0.92,
      2.0875,
      0.9825,
      2.1475,
      1.0425
    ],
    "SoftwareVersion": "syngo MR B17",
    "TaskName": "motor",
    "dataset": "ds000224",
    "modality": "bold",
    "run_id": 2,
    "session_id": "func09",
    "subject_id": "MSC05",
    "task_id": "motor"
  },
  "dummy_trs": 0,
  "dvars_nstd": 16.175909783009704,
  "dvars_std": 1.2290178782524273,
  "dvars_vstd": 1.0045670200970873,
  "efc": 0.4162024239849409,
  "fber": 36511.85546875,
  "fd_mean": 0.16940406843524666,
  "fd_num": 33,
  "fd_perc": 31.73076923076923,
  "fwhm_avg": 1.7159810966175062,
  "fwhm_x": 1.5801875,
  "fwhm_y": 1.911315,
  "fwhm_z": 1.6564407898525189,
  "gcor": 0.0407196,
  "gsr_x": -0.01808946020901203,
  "gsr_y": 0.019434338435530663,
  "provenance": {
    "md5sum": "d24ebbcb40f284ed07880421937af882",
    "settings": {
      "fd_thres": 0.2,
      "testing": false
    },
    "software": "mriqc",
    "version": "22.0.6",
    "webapi_port": null,
    "webapi_url": "https://mriqc.nimh.nih.gov/api/v1"
  },
  "size_t": 104,
  "size_x": 64,
  "size_y": 64,
  "size_z": 36,
  "snr": 8.089743439218188,
  "spacing_tr": 2.200000047683716,
  "spacing_x": 4.0,
  "spacing_y": 4.0,
  "spacing_z": 3.999998092651367,
  "summary_bg_k": 35.856941110616766,
  "summary_bg_mad": 3.122018554656117,
  "summary_bg_mean": 20.917325973510742,
  "summary_bg_median": 4.086538791656494,
  "summary_bg_n": 100745.0,
  "summary_bg_p05": 1.5384615659713745,
  "summary_bg_p95": 101.36538696289062,
  "summary_bg_stdv": 49.7403450012207,
  "summary_fg_k": 2.8145148787044327,
  "summary_fg_mad": 88.9133761799013,
  "summary_fg_mean": 789.2183837890625,
  "summary_fg_median": 787.0240478515625,
  "summary_fg_n": 18168.0,
  "summary_fg_p05": 642.6125030517578,
  "summary_fg_p95": 940.3298187255859,
  "summary_fg_stdv": 97.28397369384766,
  "tsnr": 110.53003134392202
}