{
  "aor": 0.0035468269230769234,
  "aqi": 0.007947031826923077,
  "bids_meta": {
    "BodyPartExamined": "HEAD",
    "CogAtlasID": "http://www.cognitiveatlas.org/term/id/trm_550b53d7dd674",
    "ConversionSoftware": "dcm2niix",
    "ConversionSoftwareVersion": "v1.0.20170411 GCC4.4.7",
    "EchoTime": 0.027,
    "EffectiveEchoSpacing": 0.000590001,
    "FlipAngle": 90,
    "ImageType": [
      "ORIGINAL",
      "PRIMARY",
      "M",
      "ND",
      "NORM",
      "MOSAIC"
    ],
    "Instructions": "In this next scan you'll be prompted to move your hands, feet, or tongue. You'll only move one of these at once. Instructions are presented on the screen. Let?s review them now. [Read on-screen instructions to participant.] Do you have any questions?",
    "MagneticFieldStrength": 3,
    "Manufacturer": "Siemens",
    "ManufacturersModelName": "TrioTim",
    "PhaseEncodingDirection": "j-",
    "ProcedureStepDescription": "head_Dosenbach_MSC",
    "ProtocolName": "Motor_104Frames_36Slices_TR2.2",
    "RepetitionTime": 2.2,
    "ScanningSequence": "EP",
    "SequenceName": "_epfid2d1_64",
    "SequenceVariant": "SK",
    "SeriesDescription": "Motor_104Frames_36Slices_TR2.2",
    "SliceTiming": [
      1.105,
      0,
      1.1675,
      0.0625,
      1.2275,
      0.1225,
      1.29,
      0.185,
      1.35,
      0.245,
      1.4125,
      0.3075,
      1.4725,
      0.37,
      1.535,
      0.43,
      1.595,
      0.4925,
      1.6575,
      0.5525,
      1.7175,
      0.615,
      1.78,
      0.675,
      1.84,
      0.7375,
      1.9025,
      0.7975,
      1.965,
      0.86,
      2.025,
      0.92,
      2.0875,
      0.9825,
      2.1475,
      1.0425
    ],
    "SoftwareVersion": "syngo MR B17",
    "TaskName": "motor",
    "dataset": "ds000224",
    "modality": "bold",
    "run_id": 2,
    "session_id": "func01",
    "subject_id": "MSC07",
    "task_id": "motor"
  },
  "dummy_trs": 0,
  "dvars_nstd": 19.61609168174758,
  "dvars_std": 1.2209886587378638,
  "dvars_vstd": 0.9643698147572819,
  "efc": 0.3958420999820087,
  "fber": 37293.484375,
  "fd_mean": 0.23537768774372908,
  "fd_num": 64,
  "fd_perc": 61.53846153846154,
  "fwhm_avg": 1.6272760893950096,
  "fwhm_x": 1.5194125,
  "fwhm_y": 1.751415,
  "fwhm_z": 1.6110007681850282,
  "gcor": 0.0334516,
  "gsr_x": -0.027534864842891693,
  "gsr_y": 0.02028753235936165,
  "provenance": {
    "md5sum": "989a40b62c292d573c24bc0bdca58cd5",
    "settings": {
      "fd_thres": 0.2,
      "testing": false
    },
    "software": "mriqc",
    "version": "22.0.6",
    "webapi_port": null,
    "webapi_url": "https://mriqc.nimh.nih.gov/api/v1"
  },
  "size_t": 104,
  "size_x": 64,
  "size_y": 64,
  "size_z": 36,
  "snr": 7.8076006940351945,
  "spacing_tr": 2.200000047683716,
  "spacing_x": 4.0,
  "spacing_y": 4.0,
  "spacing_z": 3.999998092651367,
  "summary_bg_k": 30.27296969179406,
  "summary_bg_mad": 3.4213895310822076,
  "summary_bg_mean": 21.906856536865234,
  "summary_bg_median": 4.240384578704834,
  "summary_bg_n": 103447.0,
  "summary_bg_p05": 1.461538553237915,
  "summary_bg_p95": 110.4750038146972,
  "summary_bg_stdv": 52.45532989501953,
  "summary_fg_k": 1.0083485198703048,
  "summary_fg_mad": 101.62946827292939,
  "summary_fg_mean": 824.2376708984375,
  "summary_fg_median": 820.7500610351562,
  "summary_fg_n": 15811.0,
  "summary_fg_p05": 660.4086608886719,
  "summary_fg_p95": 993.0865783691406,
  "summary_fg_stdv": 105.11860656738281,
  "tsnr": 74.96135565172881
}