{
  "aor": 0.006426760391198044,
  "aqi": 0.025420741845965773,
  "bids_meta": {
    "BodyPartExamined": "HEAD",
    "CogAtlasID": "http://www.cognitiveatlas.org/term/id/trm_4c8a834779883",
    "ConversionSoftware": "dcm2niix",
    "ConversionSoftwareVersion": "v1.0.20170411 GCC4.4.7",
    "EchoTime": 0.027,
    "EffectiveEchoSpacing": 0.000590001,
    "FlipAngle": 90,
    "ImageType": [
      "ORIGINAL",
      "PRIMARY",
      "M",
      "ND",
      "NORM",
      "MOSAIC"
    ],
    "Instructions": "During this first scan, a plus sign will be presented on the screen.  All you need to do is simply relax and look at the plus sign. Please keep your eyes open the entire time, and be as still as possible. It's extremely important that you stay awake for the entire duration of this scan. This scan will last ~30 minutes.",
    "MagneticFieldStrength": 3,
    "Manufacturer": "Siemens",
    "ManufacturersModelName": "TrioTim",
    "PhaseEncodingDirection": "j-",
    "ProcedureStepDescription": "head_Dosenbach_MSC",
    "ProtocolName": "RSFC_818Frames_36Slices_TR2.2",
    "RepetitionTime": 2.2,
    "ScanningSequence": "EP",
    "SequenceName": "_epfid2d1_64",
    "SequenceVariant": "SK",
    "SeriesDescription": "RSFC_818Frames_36Slices_TR2.2",
    "SliceTiming": [
      1.105,
      0,
      1.165,
      0.06,
      1.2275,
      0.1225,
      1.2875,
      0.185,
      1.35,
      0.245,
      1.41,
      0.3075,
      1.4725,
      0.3675,
      1.5325,
      0.43,
      1.595,
      0.49,
      1.655,
      0.5525,
      1.7175,
      0.6125,
      1.78,
      0.675,
      1.84,
      0.735,
      1.9025,
      0.7975,
      1.9625,
      0.8575,
      2.025,
      0.92,
      2.085,
      0.9825,
      2.1475,
      1.0425
    ],
    "SoftwareVersion": "syngo MR B17",
    "TaskName": "rest",
    "dataset": "ds000224",
    "modality": "bold",
    "session_id": "func01",
    "subject_id": "MSC07",
    "task_id": "rest"
  },
  "dummy_trs": 0,
  "dvars_nstd": 18.765485239449216,
  "dvars_std": 1.128532050171361,
  "dvars_vstd": 0.9273425419094243,
  "efc": 0.3992850801482708,
  "fber": 33184.23046875,
  "fd_mean": 0.2331245815340291,
  "fd_num": 436,
  "fd_perc": 53.30073349633252,
  "fwhm_avg": 1.6868069291219374,
  "fwhm_x": 1.5653975,
  "fwhm_y": 1.8437975,
  "fwhm_z": 1.651225787365812,
  "gcor": 0.0188169,
  "gsr_x": -0.026855528354644775,
  "gsr_y": 0.020558152347803116,
  "provenance": {
    "md5sum": "92914a3cf0ef454e714addc26a4d3dd8",
    "settings": {
      "fd_thres": 0.2,
      "testing": false
    },
    "software": "mriqc",
    "version": "22.0.6",
    "webapi_port": null,
    "webapi_url": "https://mriqc.nimh.nih.gov/api/v1"
  },
  "size_t": 818,
  "size_x": 64,
  "size_y": 64,
  "size_z": 36,
  "snr": 7.931708298053156,
  "spacing_tr": 2.200000047683716,
  "spacing_x": 4.0,
  "spacing_y": 4.0,
  "spacing_z": 3.999998092651367,
  "summary_bg_k": 31.265731665026237,
  "summary_bg_mad": 3.8605657018965376,
  "summary_bg_mean": 21.37551498413086,
  "summary_bg_median": 4.4462103843688965,
  "summary_bg_n": 102969.0,
  "summary_bg_p05": 1.2909536361694336,
  "summary_bg_p95": 104.13692474365234,
  "summary_bg_stdv": 50.61192321777344,
  "summary_fg_k": 0.8923948696516648,
  "summary_fg_mad": 97.03072286616334,
  "summary_fg_mean": 802.08935546875,
  "summary_fg_median": 799.2824096679688,
  "summary_fg_n": 16137.0,
  "summary_fg_p05": 642.7799682617188,
  "summary_fg_p95": 962.0829101562499,
  "summary_fg_stdv": 100.76740264892578,
  "tsnr": 41.87985074147582
}