{
  "aor": 0.0011030684596577017,
  "aqi": 0.00746418628361858,
  "bids_meta": {
    "BodyPartExamined": "HEAD",
    "CogAtlasID": "http://www.cognitiveatlas.org/term/id/trm_4c8a834779883",
    "ConversionSoftware": "dcm2niix",
    "ConversionSoftwareVersion": "v1.0.20170411 GCC4.4.7",
    "EchoTime": 0.027,
    "EffectiveEchoSpacing": 0.000590001,
    "FlipAngle": 90,
    "ImageType": [
      "ORIGINAL",
      "PRIMARY",
      "M",
      "ND",
      "NORM",
      "MOSAIC"
    ],
    "Instructions": "During this first scan, a plus sign will be presented on the screen.  All you need to do is simply relax and look at the plus sign. Please keep your eyes open the entire time, and be as still as possible. It's extremely important that you stay awake for the entire duration of this scan. This scan will last ~30 minutes.",
    "MagneticFieldStrength": 3,
    "Manufacturer": "Siemens",
    "ManufacturersModelName": "TrioTim",
    "PhaseEncodingDirection": "j-",
    "ProcedureStepDescription": "head_Dosenbach_MSC",
    "ProtocolName": "RSFC_818Frames_36Slices_TR2.2",
    "RepetitionTime": 2.2,
    "ScanningSequence": "EP",
    "SequenceName": "_epfid2d1_64",
    "SequenceVariant": "SK",
    "SeriesDescription": "RSFC_818Frames_36Slices_TR2.2",
    "SliceTiming": [
      1.105,
      0,
      1.165,
      0.06,
      1.2275,
      0.1225,
      1.2875,
      0.185,
      1.35,
      0.245,
      1.41,
      0.3075,
      1.4725,
      0.3675,
      1.5325,
      0.43,
      1.595,
      0.49,
      1.655,
      0.5525,
      1.7175,
      0.6125,
      1.78,
      0.675,
      1.84,
      0.735,
      1.9025,
      0.7975,
      1.9625,
      0.8575,
      2.025,
      0.92,
      2.085,
      0.9825,
      2.1475,
      1.0425
    ],
    "SoftwareVersion": "syngo MR B17",
    "TaskName": "rest",
    "dataset": "ds000224",
    "modality": "bold",
    "session_id": "func05",
    "subject_id": "MSC09",
    "task_id": "rest"
  },
  "dummy_trs": 0,
  "dvars_nstd": 14.157855767013457,
  "dvars_std": 1.1953371478947374,
  "dvars_vstd": 0.9643810259853124,
  "efc": 0.4388407417698225,
  "fber": 24148.388671875,
  "fd_mean": 0.13492454676689583,
  "fd_num": 129,
  "fd_perc": 15.770171149144254,
  "fwhm_avg": 1.7637122985727316,
  "fwhm_x": 1.60534,
  "fwhm_y": 1.9961025,
  "fwhm_z": 1.6896943957181945,
  "gcor": 0.15776,
  "gsr_x": -0.026432424783706665,
  "gsr_y": 0.02115178108215332,
  "provenance": {
    "md5sum": "06f955694a3ab42aaeaa9dea1d63c744",
    "settings": {
      "fd_thres": 0.2,
      "testing": false
    },
    "software": "mriqc",
    "version": "22.0.6",
    "webapi_port": null,
    "webapi_url": "https://mriqc.nimh.nih.gov/api/v1"
  },
  "size_t": 818,
  "size_x": 64,
  "size_y": 64,
  "size_z": 36,
  "snr": 8.140890564081673,
  "spacing_tr": 2.200000047683716,
  "spacing_x": 4.0,
  "spacing_y": 4.0,
  "spacing_z": 4.000001430511475,
  "summary_bg_k": 23.100261332231916,
  "summary_bg_mad": 4.058125095783927,
  "summary_bg_mean": 23.704370498657227,
  "summary_bg_median": 4.515892505645752,
  "summary_bg_n": 98688.0,
  "summary_bg_p05": 1.3361859321594238,
  "summary_bg_p95": 121.99835205078125,
  "summary_bg_stdv": 50.63740921020508,
  "summary_fg_k": 2.958748759687646,
  "summary_fg_mad": 76.90501308778462,
  "summary_fg_mean": 717.4022827148438,
  "summary_fg_median": 716.0917358398438,
  "summary_fg_n": 19085.0,
  "summary_fg_p05": 581.0736083984375,
  "summary_fg_p95": 854.8797485351562,
  "summary_fg_stdv": 87.96002960205078,
  "tsnr": 75.75429343804717
}