{
  "aor": 0.0013683618581907093,
  "aqi": 0.011122050880195598,
  "bids_meta": {
    "BodyPartExamined": "HEAD",
    "CogAtlasID": "http://www.cognitiveatlas.org/term/id/trm_4c8a834779883",
    "ConversionSoftware": "dcm2niix",
    "ConversionSoftwareVersion": "v1.0.20170411 GCC4.4.7",
    "EchoTime": 0.027,
    "EffectiveEchoSpacing": 0.000590001,
    "FlipAngle": 90,
    "ImageType": [
      "ORIGINAL",
      "PRIMARY",
      "M",
      "ND",
      "NORM",
      "MOSAIC"
    ],
    "Instructions": "During this first scan, a plus sign will be presented on the screen.  All you need to do is simply relax and look at the plus sign. Please keep your eyes open the entire time, and be as still as possible. It's extremely important that you stay awake for the entire duration of this scan. This scan will last ~30 minutes.",
    "MagneticFieldStrength": 3,
    "Manufacturer": "Siemens",
    "ManufacturersModelName": "TrioTim",
    "PhaseEncodingDirection": "j-",
    "ProcedureStepDescription": "head_Dosenbach_MSC",
    "ProtocolName": "RSFC_818Frames_36Slices_TR2.2",
    "RepetitionTime": 2.2,
    "ScanningSequence": "EP",
    "SequenceName": "_epfid2d1_64",
    "SequenceVariant": "SK",
    "SeriesDescription": "RSFC_818Frames_36Slices_TR2.2",
    "SliceTiming": [
      1.105,
      0,
      1.165,
      0.06,
      1.2275,
      0.1225,
      1.2875,
      0.185,
      1.35,
      0.245,
      1.41,
      0.3075,
      1.4725,
      0.3675,
      1.5325,
      0.43,
      1.595,
      0.49,
      1.655,
      0.5525,
      1.7175,
      0.6125,
      1.78,
      0.675,
      1.84,
      0.735,
      1.9025,
      0.7975,
      1.9625,
      0.8575,
      2.025,
      0.92,
      2.085,
      0.9825,
      2.1475,
      1.0425
    ],
    "SoftwareVersion": "syngo MR B17",
    "TaskName": "rest",
    "dataset": "ds000224",
    "modality": "bold",
    "session_id": "func08",
    "subject_id": "MSC05",
    "task_id": "rest"
  },
  "dummy_trs": 0,
  "dvars_nstd": 16.743179142705035,
  "dvars_std": 1.2057367009424715,
  "dvars_vstd": 0.949624134981641,
  "efc": 0.4241815189678835,
  "fber": 27883.576171875,
  "fd_mean": 0.17199258361880285,
  "fd_num": 279,
  "fd_perc": 34.10757946210269,
  "fwhm_avg": 1.7330284990864493,
  "fwhm_x": 1.607645,
  "fwhm_y": 1.922915,
  "fwhm_z": 1.668525497259348,
  "gcor": 0.0659041,
  "gsr_x": -0.022567203268408775,
  "gsr_y": 0.015372848138213158,
  "provenance": {
    "md5sum": "8e28f0f5c4e9d0f2bec66b2e73e89543",
    "settings": {
      "fd_thres": 0.2,
      "testing": false
    },
    "software": "mriqc",
    "version": "22.0.6",
    "webapi_port": null,
    "webapi_url": "https://mriqc.nimh.nih.gov/api/v1"
  },
  "size_t": 818,
  "size_x": 64,
  "size_y": 64,
  "size_z": 36,
  "snr": 8.147290914202813,
  "spacing_tr": 2.200000047683716,
  "spacing_x": 4.0,
  "spacing_y": 4.0,
  "spacing_z": 3.9999988079071045,
  "summary_bg_k": 29.48903917514042,
  "summary_bg_mad": 4.244810033587516,
  "summary_bg_mean": 22.53697967529297,
  "summary_bg_median": 4.542787551879883,
  "summary_bg_n": 100163.0,
  "summary_bg_p05": 1.1797066926956177,
  "summary_bg_p95": 107.2929145812988,
  "summary_bg_stdv": 52.61178970336914,
  "summary_fg_k": 2.9489472906515486,
  "summary_fg_mad": 84.83459124356577,
  "summary_fg_mean": 769.2238159179688,
  "summary_fg_median": 769.134521484375,
  "summary_fg_n": 18326.0,
  "summary_fg_p05": 624.0966186523438,
  "summary_fg_p95": 912.9658050537109,
  "summary_fg_stdv": 94.40113830566406,
  "tsnr": 67.45237242663279
}