{
  "aor": 0.0024965384615384615,
  "aqi": 0.009084947403846154,
  "bids_meta": {
    "BodyPartExamined": "HEAD",
    "CogAtlasID": "http://www.cognitiveatlas.org/term/id/trm_550b53d7dd674",
    "ConversionSoftware": "dcm2niix",
    "ConversionSoftwareVersion": "v1.0.20170411 GCC4.4.7",
    "EchoTime": 0.027,
    "EffectiveEchoSpacing": 0.000590001,
    "FlipAngle": 90,
    "ImageType": [
      "ORIGINAL",
      "PRIMARY",
      "M",
      "ND",
      "NORM",
      "MOSAIC"
    ],
    "Instructions": "In this next scan you'll be prompted to move your hands, feet, or tongue. You'll only move one of these at once. Instructions are presented on the screen. Let?s review them now. [Read on-screen instructions to participant.] Do you have any questions?",
    "MagneticFieldStrength": 3,
    "Manufacturer": "Siemens",
    "ManufacturersModelName": "TrioTim",
    "PhaseEncodingDirection": "j-",
    "ProcedureStepDescription": "head_Dosenbach_MSC",
    "ProtocolName": "Motor_104Frames_36Slices_TR2.2",
    "RepetitionTime": 2.2,
    "ScanningSequence": "EP",
    "SequenceName": "_epfid2d1_64",
    "SequenceVariant": "SK",
    "SeriesDescription": "Motor_104Frames_36Slices_TR2.2",
    "SliceTiming": [
      1.105,
      0,
      1.1675,
      0.0625,
      1.2275,
      0.1225,
      1.29,
      0.185,
      1.35,
      0.245,
      1.4125,
      0.3075,
      1.4725,
      0.37,
      1.535,
      0.43,
      1.595,
      0.4925,
      1.6575,
      0.5525,
      1.7175,
      0.615,
      1.78,
      0.675,
      1.84,
      0.7375,
      1.9025,
      0.7975,
      1.965,
      0.86,
      2.025,
      0.92,
      2.0875,
      0.9825,
      2.1475,
      1.0425
    ],
    "SoftwareVersion": "syngo MR B17",
    "TaskName": "motor",
    "dataset": "ds000224",
    "modality": "bold",
    "run_id": 1,
    "session_id": "func08",
    "subject_id": "MSC05",
    "task_id": "motor"
  },
  "dummy_trs": 0,
  "dvars_nstd": 17.6967434838835,
  "dvars_std": 1.1485379897087378,
  "dvars_vstd": 0.9418357172815538,
  "efc": 0.4256907793292088,
  "fber": 29980.966796875,
  "fd_mean": 0.1971456967811636,
  "fd_num": 43,
  "fd_perc": 41.34615384615385,
  "fwhm_avg": 1.7187068304135888,
  "fwhm_x": 1.5930175,
  "fwhm_y": 1.9147725,
  "fwhm_z": 1.648330491240767,
  "gcor": 0.0188835,
  "gsr_x": -0.023260068148374557,
  "gsr_y": 0.015387584455311298,
  "provenance": {
    "md5sum": "98c29261a3d4f833b3677e32aecc0add",
    "settings": {
      "fd_thres": 0.2,
      "testing": false
    },
    "software": "mriqc",
    "version": "22.0.6",
    "webapi_port": null,
    "webapi_url": "https://mriqc.nimh.nih.gov/api/v1"
  },
  "size_t": 104,
  "size_x": 64,
  "size_y": 64,
  "size_z": 36,
  "snr": 8.072708903206449,
  "spacing_tr": 2.200000047683716,
  "spacing_x": 4.0,
  "spacing_y": 4.0,
  "spacing_z": 3.9999988079071045,
  "summary_bg_k": 29.11261995388523,
  "summary_bg_mad": 3.4926685790626464,
  "summary_bg_mean": 23.28571891784668,
  "summary_bg_median": 4.355769157409668,
  "summary_bg_n": 100096.0,
  "summary_bg_p05": 1.5480769872665405,
  "summary_bg_p95": 112.25241088867188,
  "summary_bg_stdv": 54.42200469970703,
  "summary_fg_k": 3.220926042525657,
  "summary_fg_mad": 84.3800556635149,
  "summary_fg_mean": 768.2501220703125,
  "summary_fg_median": 767.7259521484375,
  "summary_fg_n": 18318.0,
  "summary_fg_p05": 624.4202117919922,
  "summary_fg_p95": 912.8466461181639,
  "summary_fg_stdv": 95.09880828857422,
  "tsnr": 75.72602646891028
}