{
  "bids_meta": {
    "BodyPartExamined": "HEAD",
    "ConversionSoftware": "dcm2niix",
    "ConversionSoftwareVersion": "v1.0.20170411 GCC4.4.7",
    "EchoTime": 0.00374,
    "FlipAngle": 8,
    "ImageType": [
      "ORIGINAL",
      "PRIMARY",
      "M",
      "ND",
      "NORM"
    ],
    "InversionTime": 1,
    "MagneticFieldStrength": 3,
    "Manufacturer": "Siemens",
    "ManufacturersModelName": "TrioTim",
    "PhaseEncodingDirection": "i-",
    "ProcedureStepDescription": "head_Dosenbach_MSC",
    "ProtocolName": "T1_.8x.8x.8_224Slices",
    "RepetitionTime": 2.4,
    "ScanningSequence": "GR_IR",
    "SequenceName": "_tfl3d1_ns",
    "SequenceVariant": "SP_MP_OSP",
    "SeriesDescription": "T1_.8x.8x.8_224Slices",
    "dataset": "ds000224",
    "modality": "T1w",
    "run_id": 1,
    "session_id": "struct02",
    "subject_id": "MSC05"
  },
  "cjv": 0.503892094818738,
  "cnr": 2.727735417300553,
  "efc": 0.6267400209963314,
  "fber": 11997.482222321112,
  "fwhm_avg": 3.8167131322138044,
  "fwhm_x": 3.8932816405438526,
  "fwhm_y": 3.958172097560976,
  "fwhm_z": 3.5986856585365854,
  "icvs_csf": 0.16045527193542808,
  "icvs_gm": 0.40571473026789207,
  "icvs_wm": 0.43382999779667986,
  "inu_med": 0.4959746450185776,
  "inu_range": 0.2568976506590844,
  "provenance": {
    "md5sum": "6653e837c8c0a2d29e32cf86d7205b63",
    "settings": {
      "testing": false
    },
    "software": "mriqc",
    "version": "22.0.6",
    "warnings": {
      "large_rot_frame": true,
      "small_air_mask": false
    },
    "webapi_port": null,
    "webapi_url": "https://mriqc.nimh.nih.gov/api/v1"
  },
  "qi_1": 0.0,
  "qi_2": 0.003936937578041772,
  "rpve_csf": 18.414961190069924,
  "rpve_gm": 7.714099225819819,
  "rpve_wm": 8.231855573533169,
  "size_x": 224,
  "size_y": 256,
  "size_z": 256,
  "snr_csf": 2.0962647752639234,
  "snr_gm": 10.580676804723767,
  "snr_total": 9.670991786304116,
  "snr_wm": 16.336033778924662,
  "snrd_csf": 28.568167013793353,
  "snrd_gm": 72.39760128108828,
  "snrd_total": 66.15588334880373,
  "snrd_wm": 97.50188175152955,
  "spacing_x": 0.8000012040138245,
  "spacing_y": 0.80078125,
  "spacing_z": 0.80078125,
  "summary_bg_k": 9.915222909740864,
  "summary_bg_mad": 6.719626731819792,
  "summary_bg_mean": 10.197251794131844,
  "summary_bg_median": 4.532319355756044,
  "summary_bg_n": 3839686.0,
  "summary_bg_p05": 0.0,
  "summary_bg_p95": 41.91634947806597,
  "summary_bg_stdv": 15.41945170876291,
  "summary_csf_k": 0.6359084659456351,
  "summary_csf_mad": 132.45331349902503,
  "summary_csf_mean": 297.35848445702584,
  "summary_csf_median": 293.01900908723474,
  "summary_csf_n": 58997.0,
  "summary_csf_p05": 72.45627319067717,
  "summary_csf_p95": 537.0402999311684,
  "summary_csf_stdv": 139.7803031354221,
  "summary_gm_k": 0.08962762767969767,
  "summary_gm_mad": 69.40607745148094,
  "summary_gm_mean": 743.0020190333995,
  "summary_gm_median": 742.5703363269567,
  "summary_gm_n": 81130.0,
  "summary_gm_p05": 627.3292726004496,
  "summary_gm_p95": 859.0448601197453,
  "summary_gm_stdv": 70.18131009905736,
  "summary_wm_k": 0.3004036150195093,
  "summary_wm_mad": 60.34134608842202,
  "summary_wm_mean": 999.3229351678388,
  "summary_wm_median": 1000.0608285851777,
  "summary_wm_n": 652718.0,
  "summary_wm_p05": 898.707217220217,
  "summary_wm_p95": 1098.403033129871,
  "summary_wm_stdv": 61.2180457046363,
  "tpm_overlap_csf": 0.13355963927625703,
  "tpm_overlap_gm": 0.4248022500383749,
  "tpm_overlap_wm": 0.4998452193556968,
  "wm2max": 0.6545947360822957
}