{
  "bids_meta": {
    "BodyPartExamined": "HEAD",
    "ConversionSoftware": "dcm2niix",
    "ConversionSoftwareVersion": "v1.0.20170411 GCC4.4.7",
    "EchoTime": 0.479,
    "FlipAngle": 120,
    "ImageType": [
      "ORIGINAL",
      "PRIMARY",
      "M",
      "ND",
      "NORM"
    ],
    "MagneticFieldStrength": 3,
    "Manufacturer": "Siemens",
    "ManufacturersModelName": "TrioTim",
    "PhaseEncodingDirection": "i-",
    "ProcedureStepDescription": "head_Dosenbach_MSC",
    "ProtocolName": "T2_.8x.8x.8_224Slices",
    "RepetitionTime": 3.2,
    "ScanningSequence": "SE",
    "SequenceName": "_spc3d1_282ns",
    "SequenceVariant": "SK_SP",
    "SeriesDescription": "T2_.8x.8x.8_224Slices",
    "dataset": "ds000224",
    "modality": "T2w",
    "run_id": 2,
    "session_id": "struct02",
    "subject_id": "MSC05"
  },
  "cjv": 0.37098820954261447,
  "cnr": 1.9907329407064345,
  "efc": 0.6138393752333136,
  "fber": 7907.750226346762,
  "fwhm_avg": 2.38679107493298,
  "fwhm_x": 2.2229574199208924,
  "fwhm_y": 2.6612136585365853,
  "fwhm_z": 2.2762021463414635,
  "icvs_csf": 0.3872256131821046,
  "icvs_gm": 0.4900008700460023,
  "icvs_wm": 0.12277351677189312,
  "inu_med": 0.9692246913909912,
  "inu_range": 0.42541650533676145,
  "provenance": {
    "md5sum": "b5bbd617db245700a454907abdb236b3",
    "settings": {
      "testing": false
    },
    "software": "mriqc",
    "version": "22.0.6",
    "warnings": {
      "large_rot_frame": true,
      "small_air_mask": false
    },
    "webapi_port": null,
    "webapi_url": "https://mriqc.nimh.nih.gov/api/v1"
  },
  "qi_1": 0.00013963032803134202,
  "qi_2": 0.019180350269322525,
  "rpve_csf": 7.670876112270195,
  "rpve_gm": 6.635183440562131,
  "rpve_wm": 29.223578453098234,
  "size_x": 224,
  "size_y": 256,
  "size_z": 256,
  "snr_csf": 8.854899932491138,
  "snr_gm": 7.294314563557524,
  "snr_total": 6.464881878303309,
  "snr_wm": 3.2454311388612647,
  "snrd_csf": 34.503960031351276,
  "snrd_gm": 21.50636181954878,
  "snrd_total": 37.65540180277454,
  "snrd_wm": 56.955883557423554,
  "spacing_x": 0.7999973297119141,
  "spacing_y": 0.80078125,
  "spacing_z": 0.80078125,
  "summary_bg_k": 287.1476198850255,
  "summary_bg_mad": 0.0,
  "summary_bg_mean": 5.30952992097794,
  "summary_bg_median": 0.0,
  "summary_bg_n": 3395334.0,
  "summary_bg_p05": 0.0,
  "summary_bg_p95": 22.955654248595238,
  "summary_bg_stdv": 11.5043503098247,
  "summary_csf_k": 0.35300673547725836,
  "summary_csf_mad": 67.12655278336446,
  "summary_csf_mean": 607.0314895023716,
  "summary_csf_median": 605.8977081365883,
  "summary_csf_n": 114555.0,
  "summary_csf_p05": 497.38006987050176,
  "summary_csf_p95": 720.6986628323793,
  "summary_csf_stdv": 68.42483463154835,
  "summary_gm_k": 0.08376210675922957,
  "summary_gm_mad": 51.42109178645504,
  "summary_gm_mean": 377.88500724314986,
  "summary_gm_median": 377.65680591389537,
  "summary_gm_n": 423215.0,
  "summary_gm_p05": 293.2063110843301,
  "summary_gm_p95": 463.2187899313867,
  "summary_gm_stdv": 51.774070948947426,
  "summary_wm_k": 1.2637794239327533,
  "summary_wm_mad": 179.51980899679333,
  "summary_wm_mean": 897.0274718454558,
  "summary_wm_median": 1000.1588015109301,
  "summary_wm_n": 30265.0,
  "summary_wm_p05": 144.3212001889944,
  "summary_wm_p95": 1184.2758513182403,
  "summary_wm_stdv": 308.1693110174336,
  "tpm_overlap_csf": 0.10829363122459022,
  "tpm_overlap_gm": 0.30865958954989925,
  "tpm_overlap_wm": 0.025150298996001155,
  "wm2max": 0.8443508234392952
}