{
  "bids_meta": {
    "BodyPartExamined": "HEAD",
    "ConversionSoftware": "dcm2niix",
    "ConversionSoftwareVersion": "v1.0.20170411 GCC4.4.7",
    "EchoTime": 0.00374,
    "FlipAngle": 8,
    "ImageType": [
      "ORIGINAL",
      "PRIMARY",
      "M",
      "ND",
      "NORM"
    ],
    "InversionTime": 1,
    "MagneticFieldStrength": 3,
    "Manufacturer": "Siemens",
    "ManufacturersModelName": "TrioTim",
    "PhaseEncodingDirection": "i-",
    "ProcedureStepDescription": "head_Dosenbach_MSC",
    "ProtocolName": "T1_.8x.8x.8_224Slices",
    "RepetitionTime": 2.4,
    "ScanningSequence": "GR_IR",
    "SequenceName": "_tfl3d1_ns",
    "SequenceVariant": "SP_MP_OSP",
    "SeriesDescription": "T1_.8x.8x.8_224Slices",
    "dataset": "ds000224",
    "modality": "T1w",
    "run_id": 2,
    "session_id": "struct02",
    "subject_id": "MSC05"
  },
  "cjv": 0.5074976203853256,
  "cnr": 2.695570969958848,
  "efc": 0.6306611453583371,
  "fber": 9919.61919289122,
  "fwhm_avg": 3.7799586309174997,
  "fwhm_x": 3.871556673240304,
  "fwhm_y": 3.9157759999999997,
  "fwhm_z": 3.552543219512195,
  "icvs_csf": 0.15654052974944854,
  "icvs_gm": 0.40680796856153745,
  "icvs_wm": 0.436651501689014,
  "inu_med": 0.5037493705749512,
  "inu_range": 0.26249635219573975,
  "provenance": {
    "md5sum": "805ce4a96ed4f7a1c05e9b979d65ceda",
    "settings": {
      "testing": false
    },
    "software": "mriqc",
    "version": "22.0.6",
    "warnings": {
      "large_rot_frame": true,
      "small_air_mask": false
    },
    "webapi_port": null,
    "webapi_url": "https://mriqc.nimh.nih.gov/api/v1"
  },
  "qi_1": 0.0,
  "qi_2": 0.0033990636957070774,
  "rpve_csf": 18.832904478384677,
  "rpve_gm": 7.710366432708001,
  "rpve_wm": 8.17307384405838,
  "size_x": 224,
  "size_y": 256,
  "size_z": 256,
  "snr_csf": 2.097708122785595,
  "snr_gm": 10.600363309834645,
  "snr_total": 9.580655291509018,
  "snr_wm": 16.043894441906815,
  "snrd_csf": 27.453080249837544,
  "snrd_gm": 68.96633695689448,
  "snrd_total": 63.064680945532615,
  "snrd_wm": 92.77462562986582,
  "spacing_x": 0.8000012040138245,
  "spacing_y": 0.80078125,
  "spacing_z": 0.80078125,
  "summary_bg_k": 9.328978876532195,
  "summary_bg_mad": 7.062267466235745,
  "summary_bg_mean": 10.76721183261647,
  "summary_bg_median": 4.763427019119263,
  "summary_bg_n": 3803411.0,
  "summary_bg_p05": 0.0,
  "summary_bg_p95": 43.957799673080444,
  "summary_bg_stdv": 16.15185996383805,
  "summary_csf_k": 0.7758995951549625,
  "summary_csf_mad": 132.47676220220742,
  "summary_csf_mean": 300.1546902145441,
  "summary_csf_median": 295.9398920536041,
  "summary_csf_n": 55589.0,
  "summary_csf_p05": 73.72122621536255,
  "summary_csf_p95": 542.4232633113861,
  "summary_csf_stdv": 141.07645719179473,
  "summary_gm_k": 0.0978239096480431,
  "summary_gm_mad": 69.05854831077504,
  "summary_gm_mean": 743.7630923350898,
  "summary_gm_median": 743.4462773799896,
  "summary_gm_n": 79242.0,
  "summary_gm_p05": 628.196918964386,
  "summary_gm_p95": 859.079267501831,
  "summary_gm_stdv": 70.13359492019693,
  "summary_wm_k": 0.3071600663838647,
  "summary_wm_mad": 61.190518784633205,
  "summary_wm_mean": 999.1422370452483,
  "summary_wm_median": 1000.0958888530731,
  "summary_wm_n": 646218.0,
  "summary_wm_p05": 896.8669905662537,
  "summary_wm_p95": 1100.2557334899902,
  "summary_wm_stdv": 62.334934866787684,
  "tpm_overlap_csf": 0.1346780671278982,
  "tpm_overlap_gm": 0.42296986548081156,
  "tpm_overlap_wm": 0.4983592611305184,
  "wm2max": 0.654059252754605
}