{
  "bids_meta": {
    "BodyPartExamined": "HEAD",
    "ConversionSoftware": "dcm2niix",
    "ConversionSoftwareVersion": "v1.0.20170411 GCC4.4.7",
    "EchoTime": 0.479,
    "FlipAngle": 120,
    "ImageType": [
      "ORIGINAL",
      "PRIMARY",
      "M",
      "ND",
      "NORM"
    ],
    "MagneticFieldStrength": 3,
    "Manufacturer": "Siemens",
    "ManufacturersModelName": "TrioTim",
    "PhaseEncodingDirection": "i-",
    "ProcedureStepDescription": "head_Dosenbach_MSC",
    "ProtocolName": "T2_.8x.8x.8_224Slices",
    "RepetitionTime": 3.2,
    "ScanningSequence": "SE",
    "SequenceName": "_spc3d1_282ns",
    "SequenceVariant": "SK_SP",
    "SeriesDescription": "T2_.8x.8x.8_224Slices",
    "dataset": "ds000224",
    "modality": "T2w",
    "run_id": 1,
    "session_id": "struct02",
    "subject_id": "MSC05"
  },
  "cjv": 0.34108899164713014,
  "cnr": 2.166024092516098,
  "efc": 0.6098263022592437,
  "fber": 7243.605712890625,
  "fwhm_avg": 2.333312545271546,
  "fwhm_x": 2.167069733375613,
  "fwhm_y": 2.606941658536585,
  "fwhm_z": 2.225926243902439,
  "icvs_csf": 0.3801239389473059,
  "icvs_gm": 0.4954936840649423,
  "icvs_wm": 0.12438237698775181,
  "inu_med": 1.0167195796966553,
  "inu_range": 0.3840660482645034,
  "provenance": {
    "md5sum": "c88bd45e9d0381026915e47438cd4e78",
    "settings": {
      "testing": false
    },
    "software": "mriqc",
    "version": "22.0.6",
    "warnings": {
      "large_rot_frame": true,
      "small_air_mask": false
    },
    "webapi_port": null,
    "webapi_url": "https://mriqc.nimh.nih.gov/api/v1"
  },
  "qi_1": 0.00022309110650246377,
  "qi_2": 0.014545565977041049,
  "rpve_csf": 7.767218640451027,
  "rpve_gm": 6.590857364428696,
  "rpve_wm": 28.70368423736326,
  "size_x": 224,
  "size_y": 256,
  "size_z": 256,
  "snr_csf": 8.618713265161686,
  "snr_gm": 7.123333125702632,
  "snr_total": 6.394940681731057,
  "snr_wm": 3.4427756543288512,
  "snrd_csf": 34.588439167421264,
  "snrd_gm": 21.189066524346558,
  "snrd_total": 38.162913738059196,
  "snrd_wm": 58.711235522409766,
  "spacing_x": 0.7999973297119141,
  "spacing_y": 0.80078125,
  "spacing_z": 0.80078125,
  "summary_bg_k": 134.78821888852335,
  "summary_bg_mad": 0.0,
  "summary_bg_mean": 5.661429964427869,
  "summary_bg_median": 0.0,
  "summary_bg_n": 3429990.0,
  "summary_bg_p05": 0.0,
  "summary_bg_p95": 25.18610956147313,
  "summary_bg_stdv": 11.15911790014649,
  "summary_csf_k": 0.3957255730908593,
  "summary_csf_mad": 66.12327858817858,
  "summary_csf_mean": 590.6862394653452,
  "summary_csf_median": 589.1543664056808,
  "summary_csf_n": 108446.0,
  "summary_csf_p05": 481.50046447478235,
  "summary_csf_p95": 705.0550475735217,
  "summary_csf_stdv": 68.35726307683012,
  "summary_gm_k": 0.10605340659337648,
  "summary_gm_mad": 50.195532321560854,
  "summary_gm_mean": 361.1655544411108,
  "summary_gm_median": 360.9191788751632,
  "summary_gm_n": 421759.0,
  "summary_gm_p05": 278.40680932067335,
  "summary_gm_p95": 444.8580183517188,
  "summary_gm_stdv": 50.66711673204191,
  "summary_wm_k": 1.8001791469551138,
  "summary_wm_mad": 167.80310278399344,
  "summary_wm_mean": 897.6751056090403,
  "summary_wm_median": 1000.0445697382092,
  "summary_wm_n": 30790.0,
  "summary_wm_p05": 146.9018845209852,
  "summary_wm_p95": 1165.96085254848,
  "summary_wm_stdv": 290.47153525281885,
  "tpm_overlap_csf": 0.10844041679941414,
  "tpm_overlap_gm": 0.3116360262920639,
  "tpm_overlap_wm": 0.026985497232068032,
  "wm2max": 0.8593920588404298
}