{
  "aor": 0.005947884615384615,
  "aqi": 0.004597545769230769,
  "bids_meta": {
    "BodyPartExamined": "HEAD",
    "CogAtlasID": "http://www.cognitiveatlas.org/term/id/trm_550b53d7dd674",
    "ConversionSoftware": "dcm2niix",
    "ConversionSoftwareVersion": "v1.0.20170411 GCC4.4.7",
    "EchoTime": 0.027,
    "EffectiveEchoSpacing": 0.000590001,
    "FlipAngle": 90,
    "ImageType": [
      "ORIGINAL",
      "PRIMARY",
      "M",
      "ND",
      "NORM",
      "MOSAIC"
    ],
    "Instructions": "In this next scan you'll be prompted to move your hands, feet, or tongue. You'll only move one of these at once. Instructions are presented on the screen. Let?s review them now. [Read on-screen instructions to participant.] Do you have any questions?",
    "MagneticFieldStrength": 3,
    "Manufacturer": "Siemens",
    "ManufacturersModelName": "TrioTim",
    "PhaseEncodingDirection": "j-",
    "ProcedureStepDescription": "head_Dosenbach_MSC",
    "ProtocolName": "Motor_104Frames_36Slices_TR2.2",
    "RepetitionTime": 2.2,
    "ScanningSequence": "EP",
    "SequenceName": "_epfid2d1_64",
    "SequenceVariant": "SK",
    "SeriesDescription": "Motor_104Frames_36Slices_TR2.2",
    "SliceTiming": [
      1.105,
      0,
      1.1675,
      0.0625,
      1.2275,
      0.1225,
      1.29,
      0.185,
      1.35,
      0.245,
      1.4125,
      0.3075,
      1.4725,
      0.37,
      1.535,
      0.43,
      1.595,
      0.4925,
      1.6575,
      0.5525,
      1.7175,
      0.615,
      1.78,
      0.675,
      1.84,
      0.7375,
      1.9025,
      0.7975,
      1.965,
      0.86,
      2.025,
      0.92,
      2.0875,
      0.9825,
      2.1475,
      1.0425
    ],
    "SoftwareVersion": "syngo MR B17",
    "TaskName": "motor",
    "dataset": "ds000224",
    "modality": "bold",
    "run_id": 1,
    "session_id": "func10",
    "subject_id": "MSC02",
    "task_id": "motor"
  },
  "dummy_trs": 0,
  "dvars_nstd": 16.325626132621355,
  "dvars_std": 1.2597179362135922,
  "dvars_vstd": 1.0150856066019416,
  "efc": 0.4210249841526558,
  "fber": 28561.80078125,
  "fd_mean": 0.10924514805526662,
  "fd_num": 10,
  "fd_perc": 9.615384615384615,
  "fwhm_avg": 1.7655066666666663,
  "fwhm_x": 1.6102625,
  "fwhm_y": 2.020685,
  "fwhm_z": 1.6655725,
  "gcor": 0.0338548,
  "gsr_x": -0.02446073479950428,
  "gsr_y": 0.032266274094581604,
  "provenance": {
    "md5sum": "fc7f48852ffbf5d695184a8111fd04ea",
    "settings": {
      "fd_thres": 0.2,
      "testing": false
    },
    "software": "mriqc",
    "version": "22.0.6",
    "webapi_port": null,
    "webapi_url": "https://mriqc.nimh.nih.gov/api/v1"
  },
  "size_t": 104,
  "size_x": 64,
  "size_y": 64,
  "size_z": 36,
  "snr": 6.766449499899364,
  "spacing_tr": 2.200000047683716,
  "spacing_x": 4.0,
  "spacing_y": 4.0,
  "spacing_z": 4.0,
  "summary_bg_k": 22.93121752747084,
  "summary_bg_mad": 3.6779938563758465,
  "summary_bg_mean": 21.93511962890625,
  "summary_bg_median": 4.134615421295166,
  "summary_bg_n": 100951.0,
  "summary_bg_p05": 1.1730769872665405,
  "summary_bg_p95": 114.53365707397461,
  "summary_bg_stdv": 47.729270935058594,
  "summary_fg_k": 2.3675135743179148,
  "summary_fg_mad": 92.56291773101461,
  "summary_fg_mean": 703.0367431640625,
  "summary_fg_median": 698.5,
  "summary_fg_n": 17837.0,
  "summary_fg_p05": 547.5173095703125,
  "summary_fg_p95": 868.3538818359375,
  "summary_fg_stdv": 103.22702026367188,
  "tsnr": 87.6086342157796
}