{
  "aor": 0.008974807692307693,
  "aqi": 0.006354081923076923,
  "bids_meta": {
    "BodyPartExamined": "HEAD",
    "CogAtlasID": "http://www.cognitiveatlas.org/term/id/trm_550b53d7dd674",
    "ConversionSoftware": "dcm2niix",
    "ConversionSoftwareVersion": "v1.0.20170411 GCC4.4.7",
    "EchoTime": 0.027,
    "EffectiveEchoSpacing": 0.000590001,
    "FlipAngle": 90,
    "ImageType": [
      "ORIGINAL",
      "PRIMARY",
      "M",
      "ND",
      "NORM",
      "MOSAIC"
    ],
    "Instructions": "In this next scan you'll be prompted to move your hands, feet, or tongue. You'll only move one of these at once. Instructions are presented on the screen. Let?s review them now. [Read on-screen instructions to participant.] Do you have any questions?",
    "MagneticFieldStrength": 3,
    "Manufacturer": "Siemens",
    "ManufacturersModelName": "TrioTim",
    "PhaseEncodingDirection": "j-",
    "ProcedureStepDescription": "head_Dosenbach_MSC",
    "ProtocolName": "Motor_104Frames_36Slices_TR2.2",
    "RepetitionTime": 2.2,
    "ScanningSequence": "EP",
    "SequenceName": "_epfid2d1_64",
    "SequenceVariant": "SK",
    "SeriesDescription": "Motor_104Frames_36Slices_TR2.2",
    "SliceTiming": [
      1.105,
      0,
      1.1675,
      0.0625,
      1.2275,
      0.1225,
      1.29,
      0.185,
      1.35,
      0.245,
      1.4125,
      0.3075,
      1.4725,
      0.37,
      1.535,
      0.43,
      1.595,
      0.4925,
      1.6575,
      0.5525,
      1.7175,
      0.615,
      1.78,
      0.675,
      1.84,
      0.7375,
      1.9025,
      0.7975,
      1.965,
      0.86,
      2.025,
      0.92,
      2.0875,
      0.9825,
      2.1475,
      1.0425
    ],
    "SoftwareVersion": "syngo MR B17",
    "TaskName": "motor",
    "dataset": "ds000224",
    "modality": "bold",
    "run_id": 2,
    "session_id": "func10",
    "subject_id": "MSC02",
    "task_id": "motor"
  },
  "dummy_trs": 0,
  "dvars_nstd": 17.973840491262138,
  "dvars_std": 1.3408200269902917,
  "dvars_vstd": 1.0365211075728156,
  "efc": 0.41742956612567444,
  "fber": 32761.001953125,
  "fd_mean": 0.11597939209731625,
  "fd_num": 8,
  "fd_perc": 7.6923076923076925,
  "fwhm_avg": 1.753145,
  "fwhm_x": 1.6050275,
  "fwhm_y": 2.0002825,
  "fwhm_z": 1.654125,
  "gcor": 0.0242504,
  "gsr_x": -0.0234021358191967,
  "gsr_y": 0.034956857562065125,
  "provenance": {
    "md5sum": "57aac4b537636345f6ed2ef97bef5639",
    "settings": {
      "fd_thres": 0.2,
      "testing": false
    },
    "software": "mriqc",
    "version": "22.0.6",
    "webapi_port": null,
    "webapi_url": "https://mriqc.nimh.nih.gov/api/v1"
  },
  "size_t": 104,
  "size_x": 64,
  "size_y": 64,
  "size_z": 36,
  "snr": 6.777379537059657,
  "spacing_tr": 2.200000047683716,
  "spacing_x": 4.0,
  "spacing_y": 4.0,
  "spacing_z": 4.0,
  "summary_bg_k": 25.22985875504674,
  "summary_bg_mad": 2.979460281955283,
  "summary_bg_mean": 21.738920211791992,
  "summary_bg_median": 3.903846263885498,
  "summary_bg_n": 101348.0,
  "summary_bg_p05": 1.509615421295166,
  "summary_bg_p95": 114.26491012573203,
  "summary_bg_stdv": 48.666080474853516,
  "summary_fg_k": 2.2575055610463304,
  "summary_fg_mad": 92.5771247957305,
  "summary_fg_mean": 712.19580078125,
  "summary_fg_median": 707.4952392578125,
  "summary_fg_n": 17640.0,
  "summary_fg_p05": 557.4134521484375,
  "summary_fg_p95": 882.0779266357422,
  "summary_fg_stdv": 104.3877182006836,
  "tsnr": 79.92198013933375
}