{
  "aor": 0.0008671760391198044,
  "aqi": 0.0065998372493887535,
  "bids_meta": {
    "BodyPartExamined": "HEAD",
    "CogAtlasID": "http://www.cognitiveatlas.org/term/id/trm_4c8a834779883",
    "ConversionSoftware": "dcm2niix",
    "ConversionSoftwareVersion": "v1.0.20170411 GCC4.4.7",
    "EchoTime": 0.027,
    "EffectiveEchoSpacing": 0.000590001,
    "FlipAngle": 90,
    "ImageType": [
      "ORIGINAL",
      "PRIMARY",
      "M",
      "ND",
      "NORM",
      "MOSAIC"
    ],
    "Instructions": "During this first scan, a plus sign will be presented on the screen.  All you need to do is simply relax and look at the plus sign. Please keep your eyes open the entire time, and be as still as possible. It's extremely important that you stay awake for the entire duration of this scan. This scan will last ~30 minutes.",
    "MagneticFieldStrength": 3,
    "Manufacturer": "Siemens",
    "ManufacturersModelName": "TrioTim",
    "PhaseEncodingDirection": "j-",
    "ProcedureStepDescription": "head_Dosenbach_MSC",
    "ProtocolName": "RSFC_818Frames_36Slices_TR2.2",
    "RepetitionTime": 2.2,
    "ScanningSequence": "EP",
    "SequenceName": "_epfid2d1_64",
    "SequenceVariant": "SK",
    "SeriesDescription": "RSFC_818Frames_36Slices_TR2.2",
    "SliceTiming": [
      1.105,
      0,
      1.165,
      0.06,
      1.2275,
      0.1225,
      1.2875,
      0.185,
      1.35,
      0.245,
      1.41,
      0.3075,
      1.4725,
      0.3675,
      1.5325,
      0.43,
      1.595,
      0.49,
      1.655,
      0.5525,
      1.7175,
      0.6125,
      1.78,
      0.675,
      1.84,
      0.735,
      1.9025,
      0.7975,
      1.9625,
      0.8575,
      2.025,
      0.92,
      2.085,
      0.9825,
      2.1475,
      1.0425
    ],
    "SoftwareVersion": "syngo MR B17",
    "TaskName": "rest",
    "dataset": "ds000224",
    "modality": "bold",
    "session_id": "func10",
    "subject_id": "MSC02",
    "task_id": "rest"
  },
  "dummy_trs": 0,
  "dvars_nstd": 18.765473236291335,
  "dvars_std": 1.3301191741738072,
  "dvars_vstd": 0.9796311255079554,
  "efc": 0.4239834592627435,
  "fber": 29358.47265625,
  "fd_mean": 0.11535568126478553,
  "fd_num": 76,
  "fd_perc": 9.290953545232274,
  "fwhm_avg": 1.7832916666666667,
  "fwhm_x": 1.6338175,
  "fwhm_y": 2.019615,
  "fwhm_z": 1.6964425,
  "gcor": 0.0628037,
  "gsr_x": -0.025078650563955307,
  "gsr_y": 0.030293788760900497,
  "provenance": {
    "md5sum": "38f968e05ad16662992c0fa7559b4315",
    "settings": {
      "fd_thres": 0.2,
      "testing": false
    },
    "software": "mriqc",
    "version": "22.0.6",
    "webapi_port": null,
    "webapi_url": "https://mriqc.nimh.nih.gov/api/v1"
  },
  "size_t": 818,
  "size_x": 64,
  "size_y": 64,
  "size_z": 36,
  "snr": 6.878575892182765,
  "spacing_tr": 2.200000047683716,
  "spacing_x": 4.0,
  "spacing_y": 4.0,
  "spacing_z": 4.0,
  "summary_bg_k": 23.205675021945552,
  "summary_bg_mad": 3.13920209699046,
  "summary_bg_mean": 22.10809326171875,
  "summary_bg_median": 4.023227691650391,
  "summary_bg_n": 100596.0,
  "summary_bg_p05": 1.511002540588379,
  "summary_bg_p95": 114.50825691223145,
  "summary_bg_stdv": 48.383819580078125,
  "summary_fg_k": 2.0526097575836566,
  "summary_fg_mad": 92.05273027325492,
  "summary_fg_mean": 700.0328369140625,
  "summary_fg_median": 695.926025390625,
  "summary_fg_n": 18022.0,
  "summary_fg_p05": 547.5681823730469,
  "summary_fg_p95": 863.9149749755859,
  "summary_fg_stdv": 101.17017364501953,
  "tsnr": 73.44478901231196
}