{
  "bids_meta": {
    "BodyPartExamined": "HEAD",
    "ConversionSoftware": "dcm2niix",
    "ConversionSoftwareVersion": "v1.0.20170411 GCC4.4.7",
    "EchoTime": 0.479,
    "FlipAngle": 120,
    "ImageType": [
      "ORIGINAL",
      "PRIMARY",
      "M",
      "ND",
      "NORM"
    ],
    "MagneticFieldStrength": 3,
    "Manufacturer": "Siemens",
    "ManufacturersModelName": "TrioTim",
    "PhaseEncodingDirection": "i-",
    "ProcedureStepDescription": "head_Dosenbach_MSC",
    "ProtocolName": "T2_.8x.8x.8_224Slices",
    "RepetitionTime": 3.2,
    "ScanningSequence": "SE",
    "SequenceName": "_spc3d1_282ns",
    "SequenceVariant": "SK_SP",
    "SeriesDescription": "T2_.8x.8x.8_224Slices",
    "dataset": "ds000224",
    "modality": "T2w",
    "run_id": 2,
    "session_id": "struct01",
    "subject_id": "MSC08"
  },
  "cjv": 0.33704281265555475,
  "cnr": 1.9667182021018963,
  "efc": 0.5850743260009603,
  "fber": 7046.582583631757,
  "fwhm_avg": 2.27379793231888,
  "fwhm_x": 2.1236314554932254,
  "fwhm_y": 2.5035551219512193,
  "fwhm_z": 2.194207219512195,
  "icvs_csf": 0.3659242349569213,
  "icvs_gm": 0.5115913859253068,
  "icvs_wm": 0.12248437911777192,
  "inu_med": 0.9741148948669434,
  "inu_range": 0.3624333143234253,
  "provenance": {
    "md5sum": "588272d4583671e8076d7ecbf91a62d2",
    "settings": {
      "testing": false
    },
    "software": "mriqc",
    "version": "22.0.6",
    "warnings": {
      "large_rot_frame": true,
      "small_air_mask": false
    },
    "webapi_port": null,
    "webapi_url": "https://mriqc.nimh.nih.gov/api/v1"
  },
  "qi_1": 0.0116683526275299,
  "qi_2": 0.0024100944254736956,
  "rpve_csf": 9.30087712099074,
  "rpve_gm": 7.294773077133695,
  "rpve_wm": 34.84475034598209,
  "size_x": 224,
  "size_y": 256,
  "size_z": 256,
  "snr_csf": 7.946776018048638,
  "snr_gm": 6.30806981735798,
  "snr_total": 5.896180696197161,
  "snr_wm": 3.4336962531848623,
  "snrd_csf": 68.16642370308226,
  "snrd_gm": 41.39288974427331,
  "snrd_total": 69.98758917396145,
  "snrd_wm": 100.40345407452881,
  "spacing_x": 0.7999975681304932,
  "spacing_y": 0.80078125,
  "spacing_z": 0.80078125,
  "summary_bg_k": 71.42614828313643,
  "summary_bg_mad": 6.525350431760885,
  "summary_bg_mean": 7.964378086518163,
  "summary_bg_median": 4.401281982660294,
  "summary_bg_n": 3916079.0,
  "summary_bg_p05": 0.0,
  "summary_bg_p95": 28.871453005820513,
  "summary_bg_stdv": 14.880877258111003,
  "summary_csf_k": 0.49808001037351923,
  "summary_csf_mad": 81.58461232753216,
  "summary_csf_mean": 680.9082140508675,
  "summary_csf_median": 678.9575458522886,
  "summary_csf_n": 92592.0,
  "summary_csf_p05": 544.7914014140144,
  "summary_csf_p95": 823.5659709945321,
  "summary_csf_stdv": 85.43765143325336,
  "summary_gm_k": 0.013046897622349896,
  "summary_gm_mad": 65.3244320396932,
  "summary_gm_mean": 412.2217228201756,
  "summary_gm_median": 412.28530572354794,
  "summary_gm_n": 342460.0,
  "summary_gm_p05": 304.836617320776,
  "summary_gm_p95": 519.8787101915103,
  "summary_gm_stdv": 65.35829750044324,
  "summary_wm_k": 2.512472780199767,
  "summary_wm_mad": 132.77669574191714,
  "summary_wm_mean": 906.9619205787131,
  "summary_wm_median": 1000.0478104948997,
  "summary_wm_n": 28559.0,
  "summary_wm_p05": 108.03712066784504,
  "summary_wm_p95": 1167.7294780310242,
  "summary_wm_stdv": 291.2401762273558,
  "tpm_overlap_csf": 0.10678033508000409,
  "tpm_overlap_gm": 0.3234365092711223,
  "tpm_overlap_wm": 0.021743855493164897,
  "wm2max": 0.8536600306278713
}