{
  "bids_meta": {
    "BodyPartExamined": "HEAD",
    "ConversionSoftware": "dcm2niix",
    "ConversionSoftwareVersion": "v1.0.20170411 GCC4.4.7",
    "EchoTime": 0.00374,
    "FlipAngle": 8,
    "ImageType": [
      "ORIGINAL",
      "PRIMARY",
      "M",
      "ND",
      "NORM"
    ],
    "InversionTime": 1,
    "MagneticFieldStrength": 3,
    "Manufacturer": "Siemens",
    "ManufacturersModelName": "TrioTim",
    "PhaseEncodingDirection": "i-",
    "ProcedureStepDescription": "head_Dosenbach_MSC",
    "ProtocolName": "T1_.8x.8x.8_224Slices",
    "RepetitionTime": 2.4,
    "ScanningSequence": "GR_IR",
    "SequenceName": "_tfl3d1_ns",
    "SequenceVariant": "SP_MP_OSP",
    "SeriesDescription": "T1_.8x.8x.8_224Slices",
    "dataset": "ds000224",
    "modality": "T1w",
    "run_id": 3,
    "session_id": "struct01",
    "subject_id": "MSC08"
  },
  "cjv": 0.5337584083141752,
  "cnr": 2.550710727402654,
  "efc": 0.6151706112266754,
  "fber": 10400.23997111852,
  "fwhm_avg": 3.9765767158775103,
  "fwhm_x": 4.061513952510579,
  "fwhm_y": 4.142554536585366,
  "fwhm_z": 3.7256616585365854,
  "icvs_csf": 0.16490736018371838,
  "icvs_gm": 0.40131763235476614,
  "icvs_wm": 0.4337750074615154,
  "inu_med": 0.656217485666275,
  "inu_range": 0.3856222778558731,
  "provenance": {
    "md5sum": "7f38263d4c3a63d276c8c3c36327907e",
    "settings": {
      "testing": false
    },
    "software": "mriqc",
    "version": "22.0.6",
    "warnings": {
      "large_rot_frame": true,
      "small_air_mask": false
    },
    "webapi_port": null,
    "webapi_url": "https://mriqc.nimh.nih.gov/api/v1"
  },
  "qi_1": 0.0,
  "qi_2": 0.003251025861805113,
  "rpve_csf": 21.119673112692617,
  "rpve_gm": 8.635724598106382,
  "rpve_wm": 9.072844927490838,
  "size_x": 224,
  "size_y": 256,
  "size_z": 256,
  "snr_csf": 2.1260477740427732,
  "snr_gm": 10.316162681319017,
  "snr_total": 8.537841648112513,
  "snr_wm": 13.171314488975751,
  "snrd_csf": 25.428844841739366,
  "snrd_gm": 61.2927105240932,
  "snrd_total": 56.87022317151295,
  "snrd_wm": 83.88911414870627,
  "spacing_x": 0.7999997138977051,
  "spacing_y": 0.80078125,
  "spacing_z": 0.80078125,
  "summary_bg_k": 10.134850494729747,
  "summary_bg_mad": 7.810318694209673,
  "summary_bg_mean": 12.005729184714543,
  "summary_bg_median": 5.26797990500927,
  "summary_bg_n": 3424358.0,
  "summary_bg_p05": 0.0,
  "summary_bg_p95": 50.91289895772934,
  "summary_bg_stdv": 19.276472879395556,
  "summary_csf_k": 0.49066350670607584,
  "summary_csf_mad": 139.61551057102758,
  "summary_csf_mean": 305.21529239825514,
  "summary_csf_median": 303.15424732863903,
  "summary_csf_n": 65659.0,
  "summary_csf_p05": 76.26464324593545,
  "summary_csf_p95": 545.2522803544998,
  "summary_csf_stdv": 142.58942930186137,
  "summary_gm_k": 0.06601574196273097,
  "summary_gm_mad": 70.24435695164973,
  "summary_gm_mean": 731.010284779209,
  "summary_gm_median": 730.7113493084908,
  "summary_gm_n": 64851.0,
  "summary_gm_p05": 614.4231469333172,
  "summary_gm_p95": 848.1938452646136,
  "summary_gm_stdv": 70.83115477028088,
  "summary_wm_k": 0.45580590283244815,
  "summary_wm_mad": 73.54312509578799,
  "summary_wm_mean": 1005.3584357409509,
  "summary_wm_median": 1000.0981726497412,
  "summary_wm_n": 477991.0,
  "summary_wm_p05": 890.2886039465666,
  "summary_wm_p95": 1138.7016687840223,
  "summary_wm_stdv": 75.92994057948972,
  "tpm_overlap_csf": 0.12815277263728667,
  "tpm_overlap_gm": 0.4329347741196301,
  "tpm_overlap_wm": 0.49004229736026506,
  "wm2max": 0.6294019979852988
}