{
  "bids_meta": {
    "BodyPartExamined": "HEAD",
    "ConversionSoftware": "dcm2niix",
    "ConversionSoftwareVersion": "v1.0.20170411 GCC4.4.7",
    "EchoTime": 0.00374,
    "FlipAngle": 8,
    "ImageType": [
      "ORIGINAL",
      "PRIMARY",
      "M",
      "ND",
      "NORM"
    ],
    "InversionTime": 1,
    "MagneticFieldStrength": 3,
    "Manufacturer": "Siemens",
    "ManufacturersModelName": "TrioTim",
    "PhaseEncodingDirection": "i-",
    "ProcedureStepDescription": "head_Dosenbach_MSC",
    "ProtocolName": "T1_.8x.8x.8_224Slices",
    "RepetitionTime": 2.4,
    "ScanningSequence": "GR_IR",
    "SequenceName": "_tfl3d1_ns",
    "SequenceVariant": "SP_MP_OSP",
    "SeriesDescription": "T1_.8x.8x.8_224Slices",
    "dataset": "ds000224",
    "modality": "T1w",
    "run_id": 2,
    "session_id": "struct01",
    "subject_id": "MSC08"
  },
  "cjv": 0.5364802704478445,
  "cnr": 2.543428564505768,
  "efc": 0.6122345744632444,
  "fber": 4660.9332692811595,
  "fwhm_avg": 3.8057795049513814,
  "fwhm_x": 3.9289389050980468,
  "fwhm_y": 3.9238056585365855,
  "fwhm_z": 3.5645939512195124,
  "icvs_csf": 0.16604985716775275,
  "icvs_gm": 0.4215076162818143,
  "icvs_wm": 0.4124425265504329,
  "inu_med": 0.6556222438812256,
  "inu_range": 0.3778759002685547,
  "provenance": {
    "md5sum": "f2614398addc5f1aa92d244fe9e8e689",
    "settings": {
      "testing": false
    },
    "software": "mriqc",
    "version": "22.0.6",
    "warnings": {
      "large_rot_frame": true,
      "small_air_mask": false
    },
    "webapi_port": null,
    "webapi_url": "https://mriqc.nimh.nih.gov/api/v1"
  },
  "qi_1": 0.0,
  "qi_2": 0.003327525148809127,
  "rpve_csf": 21.02785839323571,
  "rpve_gm": 8.490248358704704,
  "rpve_wm": 9.551729702245149,
  "size_x": 224,
  "size_y": 256,
  "size_z": 256,
  "snr_csf": 2.066951171457538,
  "snr_gm": 10.489169323550735,
  "snr_total": 8.851348492070924,
  "snr_wm": 13.997924981204495,
  "snrd_csf": 21.059203338400852,
  "snrd_gm": 52.19565991427171,
  "snrd_total": 47.933429104239394,
  "snrd_wm": 70.54542406004562,
  "spacing_x": 0.7999997138977051,
  "spacing_y": 0.80078125,
  "spacing_z": 0.80078125,
  "summary_bg_k": 9.000029390037824,
  "summary_bg_mad": 9.287343364193642,
  "summary_bg_mean": 13.690318545337654,
  "summary_bg_median": 6.264217905700207,
  "summary_bg_n": 3485483.0,
  "summary_bg_p05": 0.0,
  "summary_bg_p95": 52.42161300033331,
  "summary_bg_stdv": 19.48827167539001,
  "summary_csf_k": 0.49978941262548693,
  "summary_csf_mad": 138.1614527310175,
  "summary_csf_mean": 302.04887288431695,
  "summary_csf_median": 298.53943755850196,
  "summary_csf_n": 61938.0,
  "summary_csf_p05": 67.78543165326118,
  "summary_csf_p95": 548.453707863204,
  "summary_csf_stdv": 144.43351719439104,
  "summary_gm_k": 0.06562963225098395,
  "summary_gm_mad": 69.89947900419425,
  "summary_gm_mean": 739.7535339898205,
  "summary_gm_median": 739.9360129348934,
  "summary_gm_n": 72622.0,
  "summary_gm_p05": 622.4984119869769,
  "summary_gm_p95": 855.2965311035514,
  "summary_gm_stdv": 70.54237525003515,
  "summary_wm_k": 0.37402799536049214,
  "summary_wm_mad": 69.65507523145232,
  "summary_wm_mean": 1003.6558445824662,
  "summary_wm_median": 1000.0659038610756,
  "summary_wm_n": 463569.0,
  "summary_wm_p05": 892.58511242643,
  "summary_wm_p95": 1125.811835926026,
  "summary_wm_stdv": 71.44379088644551,
  "tpm_overlap_csf": 0.12794498540179702,
  "tpm_overlap_gm": 0.4418011666287655,
  "tpm_overlap_wm": 0.4950604311696558,
  "wm2max": 0.6259260023524071
}