{
  "bids_meta": {
    "BodyPartExamined": "HEAD",
    "ConversionSoftware": "dcm2niix",
    "ConversionSoftwareVersion": "v1.0.20170411 GCC4.4.7",
    "EchoTime": 0.479,
    "FlipAngle": 120,
    "ImageType": [
      "ORIGINAL",
      "PRIMARY",
      "M",
      "ND",
      "NORM"
    ],
    "MagneticFieldStrength": 3,
    "Manufacturer": "Siemens",
    "ManufacturersModelName": "TrioTim",
    "PhaseEncodingDirection": "i-",
    "ProcedureStepDescription": "head_Dosenbach_MSC",
    "ProtocolName": "T2_.8x.8x.8_224Slices",
    "RepetitionTime": 3.2,
    "ScanningSequence": "SE",
    "SequenceName": "_spc3d1_282ns",
    "SequenceVariant": "SK_SP",
    "SeriesDescription": "T2_.8x.8x.8_224Slices",
    "dataset": "ds000224",
    "modality": "T2w",
    "run_id": 1,
    "session_id": "struct01",
    "subject_id": "MSC08"
  },
  "cjv": 0.3872009385915726,
  "cnr": 1.9014539469760032,
  "efc": 0.5855395420557395,
  "fber": 8781.174419174591,
  "fwhm_avg": 2.2428294332851215,
  "fwhm_x": 2.0764438120504862,
  "fwhm_y": 2.490867512195122,
  "fwhm_z": 2.161176975609756,
  "icvs_csf": 0.3684149337788038,
  "icvs_gm": 0.5068608615976841,
  "icvs_wm": 0.12472420462351211,
  "inu_med": 0.9428073465824127,
  "inu_range": 0.37188062965869884,
  "provenance": {
    "md5sum": "c20256c42e773590532fb7c0b26d1e59",
    "settings": {
      "testing": false
    },
    "software": "mriqc",
    "version": "22.0.6",
    "warnings": {
      "large_rot_frame": true,
      "small_air_mask": false
    },
    "webapi_port": null,
    "webapi_url": "https://mriqc.nimh.nih.gov/api/v1"
  },
  "qi_1": 0.011667412229739294,
  "qi_2": 0.004809340167433741,
  "rpve_csf": 9.16113069297722,
  "rpve_gm": 7.321587702172428,
  "rpve_wm": 34.6611658798263,
  "size_x": 224,
  "size_y": 256,
  "size_z": 256,
  "snr_csf": 8.454286117829461,
  "snr_gm": 6.747834005133662,
  "snr_total": 6.199279131114557,
  "snr_wm": 3.3957172703805476,
  "snrd_csf": 70.85663323845073,
  "snrd_gm": 43.751251746055445,
  "snrd_total": 72.38825077321599,
  "snrd_wm": 102.55686733514179,
  "spacing_x": 0.7999975681304932,
  "spacing_y": 0.80078125,
  "spacing_z": 0.80078125,
  "summary_bg_k": 98.59567058087714,
  "summary_bg_mad": 6.388635331167917,
  "summary_bg_mean": 7.330467850907328,
  "summary_bg_median": 4.30906904861331,
  "summary_bg_n": 3847182.0,
  "summary_bg_p05": 0.0,
  "summary_bg_p95": 25.75970947742462,
  "summary_bg_stdv": 14.789275183577137,
  "summary_csf_k": 0.5413847056226508,
  "summary_csf_mad": 78.13792443505375,
  "summary_csf_mean": 693.3996330130855,
  "summary_csf_median": 690.9663248062134,
  "summary_csf_n": 96735.0,
  "summary_csf_p05": 564.3696643505245,
  "summary_csf_p95": 830.9873926825821,
  "summary_csf_stdv": 81.72928426217837,
  "summary_gm_k": 0.03741012478189143,
  "summary_gm_mad": 63.359817432736754,
  "summary_gm_mean": 427.03052241432175,
  "summary_gm_median": 426.6451882198453,
  "summary_gm_n": 337023.0,
  "summary_gm_p05": 324.011213391088,
  "summary_gm_p95": 531.4834176003933,
  "summary_gm_stdv": 63.2268895371847,
  "summary_wm_k": 2.3501298514536284,
  "summary_wm_mad": 158.68036271727783,
  "summary_wm_mean": 928.7539271698847,
  "summary_wm_median": 1000.0946766370907,
  "summary_wm_n": 29284.0,
  "summary_wm_p05": 136.84608897846192,
  "summary_wm_p95": 1207.7669447665103,
  "summary_wm_stdv": 294.5114451747377,
  "tpm_overlap_csf": 0.10857656558018032,
  "tpm_overlap_gm": 0.32587885745182177,
  "tpm_overlap_wm": 0.022360488971382493,
  "wm2max": 0.8242048780487805
}