{
  "bids_meta": {
    "BodyPartExamined": "HEAD",
    "ConversionSoftware": "dcm2niix",
    "ConversionSoftwareVersion": "v1.0.20170411 GCC4.4.7",
    "EchoTime": 0.00374,
    "FlipAngle": 8,
    "ImageType": [
      "ORIGINAL",
      "PRIMARY",
      "M",
      "ND",
      "NORM"
    ],
    "InversionTime": 1,
    "MagneticFieldStrength": 3,
    "Manufacturer": "Siemens",
    "ManufacturersModelName": "TrioTim",
    "PhaseEncodingDirection": "i-",
    "ProcedureStepDescription": "head_Dosenbach_MSC",
    "ProtocolName": "T1_.8x.8x.8_224Slices",
    "RepetitionTime": 2.4,
    "ScanningSequence": "GR_IR",
    "SequenceName": "_tfl3d1_ns",
    "SequenceVariant": "SP_MP_OSP",
    "SeriesDescription": "T1_.8x.8x.8_224Slices",
    "dataset": "ds000224",
    "modality": "T1w",
    "run_id": 2,
    "session_id": "struct02",
    "subject_id": "MSC08"
  },
  "cjv": 0.5380364419344954,
  "cnr": 2.5061084896047308,
  "efc": 0.6288721903577144,
  "fber": 4823.850805055402,
  "fwhm_avg": 3.936560784628751,
  "fwhm_x": 3.9992347441301566,
  "fwhm_y": 4.068689170731707,
  "fwhm_z": 3.74175843902439,
  "icvs_csf": 0.17631006046373593,
  "icvs_gm": 0.4052091883130409,
  "icvs_wm": 0.41848075122322315,
  "inu_med": 0.6989708244800568,
  "inu_range": 0.4093393549323081,
  "provenance": {
    "md5sum": "124712ea38651cb4ff9d8a6d984ebb64",
    "settings": {
      "testing": false
    },
    "software": "mriqc",
    "version": "22.0.6",
    "warnings": {
      "large_rot_frame": true,
      "small_air_mask": false
    },
    "webapi_port": null,
    "webapi_url": "https://mriqc.nimh.nih.gov/api/v1"
  },
  "qi_1": 0.0,
  "qi_2": 0.0035711048275767496,
  "rpve_csf": 19.984905722515037,
  "rpve_gm": 8.683567933396322,
  "rpve_wm": 9.471413357377134,
  "size_x": 224,
  "size_y": 256,
  "size_z": 256,
  "snr_csf": 2.164959220266807,
  "snr_gm": 10.379012636641498,
  "snr_total": 8.732430283750597,
  "snr_wm": 13.653318994343485,
  "snrd_csf": 20.388425991083462,
  "snrd_gm": 49.522925793052806,
  "snrd_total": 45.65358947357712,
  "snrd_wm": 67.04941663659508,
  "spacing_x": 0.8000030517578125,
  "spacing_y": 0.80078125,
  "spacing_z": 0.80078125,
  "summary_bg_k": 8.972502962329493,
  "summary_bg_mad": 9.77228280106773,
  "summary_bg_mean": 14.363179146815611,
  "summary_bg_median": 6.591304585337639,
  "summary_bg_n": 3042404.0,
  "summary_bg_p05": 0.0,
  "summary_bg_p95": 56.41883510351181,
  "summary_bg_stdv": 21.234110492016836,
  "summary_csf_k": 0.6202077522589429,
  "summary_csf_mad": 134.73598203959187,
  "summary_csf_mean": 307.71071796632185,
  "summary_csf_median": 304.12211053073406,
  "summary_csf_n": 70687.0,
  "summary_csf_p05": 79.40302155911922,
  "summary_csf_p95": 546.32694016397,
  "summary_csf_stdv": 140.47375880698328,
  "summary_gm_k": 0.0884352040786398,
  "summary_gm_mad": 70.33005601390195,
  "summary_gm_mean": 738.3747452538631,
  "summary_gm_median": 738.7042392790318,
  "summary_gm_n": 52280.0,
  "summary_gm_p05": 620.2656677663326,
  "summary_gm_p95": 854.9229413717985,
  "summary_gm_stdv": 71.17220107755676,
  "summary_wm_k": 0.4981992774217039,
  "summary_wm_mad": 70.33005601390195,
  "summary_wm_mean": 1004.9603882677728,
  "summary_wm_median": 1000.1365532726049,
  "summary_wm_n": 461985.0,
  "summary_wm_p05": 893.1729990690947,
  "summary_wm_p95": 1133.0896556079388,
  "summary_wm_stdv": 73.2521866113551,
  "tpm_overlap_csf": 0.1329844089459216,
  "tpm_overlap_gm": 0.4378985947296739,
  "tpm_overlap_wm": 0.4935634469923426,
  "wm2max": 0.6277468816108104
}