{
  "aor": 0.0025058653846153846,
  "aqi": 0.004385893653846154,
  "bids_meta": {
    "BodyPartExamined": "HEAD",
    "CogAtlasID": "http://www.cognitiveatlas.org/term/id/trm_550b53d7dd674",
    "ConversionSoftware": "dcm2niix",
    "ConversionSoftwareVersion": "v1.0.20170411 GCC4.4.7",
    "EchoTime": 0.027,
    "EffectiveEchoSpacing": 0.000590001,
    "FlipAngle": 90,
    "ImageType": [
      "ORIGINAL",
      "PRIMARY",
      "M",
      "ND",
      "NORM",
      "MOSAIC"
    ],
    "Instructions": "In this next scan you'll be prompted to move your hands, feet, or tongue. You'll only move one of these at once. Instructions are presented on the screen. Let?s review them now. [Read on-screen instructions to participant.] Do you have any questions?",
    "MagneticFieldStrength": 3,
    "Manufacturer": "Siemens",
    "ManufacturersModelName": "TrioTim",
    "PhaseEncodingDirection": "j-",
    "ProcedureStepDescription": "head_Dosenbach_MSC",
    "ProtocolName": "Motor_104Frames_36Slices_TR2.2",
    "RepetitionTime": 2.2,
    "ScanningSequence": "EP",
    "SequenceName": "_epfid2d1_64",
    "SequenceVariant": "SK",
    "SeriesDescription": "Motor_104Frames_36Slices_TR2.2",
    "SliceTiming": [
      1.105,
      0,
      1.1675,
      0.0625,
      1.2275,
      0.1225,
      1.29,
      0.185,
      1.35,
      0.245,
      1.4125,
      0.3075,
      1.4725,
      0.37,
      1.535,
      0.43,
      1.595,
      0.4925,
      1.6575,
      0.5525,
      1.7175,
      0.615,
      1.78,
      0.675,
      1.84,
      0.7375,
      1.9025,
      0.7975,
      1.965,
      0.86,
      2.025,
      0.92,
      2.0875,
      0.9825,
      2.1475,
      1.0425
    ],
    "SoftwareVersion": "syngo MR B17",
    "TaskName": "motor",
    "dataset": "ds000224",
    "modality": "bold",
    "run_id": 1,
    "session_id": "func02",
    "subject_id": "MSC03",
    "task_id": "motor"
  },
  "dummy_trs": 0,
  "dvars_nstd": 14.415233010485442,
  "dvars_std": 1.1295588526213591,
  "dvars_vstd": 0.9941659425242718,
  "efc": 0.3651708651904681,
  "fber": 45478.05859375,
  "fd_mean": 0.20987218057390908,
  "fd_num": 43,
  "fd_perc": 41.34615384615385,
  "fwhm_avg": 1.776289268138079,
  "fwhm_x": 1.646575,
  "fwhm_y": 1.979885,
  "fwhm_z": 1.7024078044142374,
  "gcor": 0.0141065,
  "gsr_x": -0.02324448525905609,
  "gsr_y": 0.014808012172579765,
  "provenance": {
    "md5sum": "ab1d97c243ec911c6ea2e4a0be9b9bf3",
    "settings": {
      "fd_thres": 0.2,
      "testing": false
    },
    "software": "mriqc",
    "version": "22.0.6",
    "webapi_port": null,
    "webapi_url": "https://mriqc.nimh.nih.gov/api/v1"
  },
  "size_t": 104,
  "size_x": 64,
  "size_y": 64,
  "size_z": 36,
  "snr": 7.82012906420422,
  "spacing_tr": 2.200000047683716,
  "spacing_x": 4.0,
  "spacing_y": 4.0,
  "spacing_z": 3.9999992847442627,
  "summary_bg_k": 37.10262766568701,
  "summary_bg_mad": 1.9815550241488005,
  "summary_bg_mean": 13.312246322631836,
  "summary_bg_median": 2.92307710647583,
  "summary_bg_n": 107038.0,
  "summary_bg_p05": 1.1826924085617065,
  "summary_bg_p95": 66.41635131835926,
  "summary_bg_stdv": 31.46014976501465,
  "summary_fg_k": 2.003212586736983,
  "summary_fg_mad": 71.15775771048192,
  "summary_fg_mean": 627.6467895507812,
  "summary_fg_median": 625.75,
  "summary_fg_n": 13274.0,
  "summary_fg_p05": 500.1625213623047,
  "summary_fg_p95": 753.6707031249999,
  "summary_fg_stdv": 80.01484680175781,
  "tsnr": 95.9658856568858
}