{
  "aor": 0.0035601222493887533,
  "aqi": 0.005202492677261613,
  "bids_meta": {
    "BodyPartExamined": "HEAD",
    "CogAtlasID": "http://www.cognitiveatlas.org/term/id/trm_4c8a834779883",
    "ConversionSoftware": "dcm2niix",
    "ConversionSoftwareVersion": "v1.0.20170411 GCC4.4.7",
    "EchoTime": 0.027,
    "EffectiveEchoSpacing": 0.000590001,
    "FlipAngle": 90,
    "ImageType": [
      "ORIGINAL",
      "PRIMARY",
      "M",
      "ND",
      "NORM",
      "MOSAIC"
    ],
    "Instructions": "During this first scan, a plus sign will be presented on the screen.  All you need to do is simply relax and look at the plus sign. Please keep your eyes open the entire time, and be as still as possible. It's extremely important that you stay awake for the entire duration of this scan. This scan will last ~30 minutes.",
    "MagneticFieldStrength": 3,
    "Manufacturer": "Siemens",
    "ManufacturersModelName": "TrioTim",
    "PhaseEncodingDirection": "j-",
    "ProcedureStepDescription": "head_Dosenbach_MSC",
    "ProtocolName": "RSFC_818Frames_36Slices_TR2.2",
    "RepetitionTime": 2.2,
    "ScanningSequence": "EP",
    "SequenceName": "_epfid2d1_64",
    "SequenceVariant": "SK",
    "SeriesDescription": "RSFC_818Frames_36Slices_TR2.2",
    "SliceTiming": [
      1.105,
      0,
      1.165,
      0.06,
      1.2275,
      0.1225,
      1.2875,
      0.185,
      1.35,
      0.245,
      1.41,
      0.3075,
      1.4725,
      0.3675,
      1.5325,
      0.43,
      1.595,
      0.49,
      1.655,
      0.5525,
      1.7175,
      0.6125,
      1.78,
      0.675,
      1.84,
      0.735,
      1.9025,
      0.7975,
      1.9625,
      0.8575,
      2.025,
      0.92,
      2.085,
      0.9825,
      2.1475,
      1.0425
    ],
    "SoftwareVersion": "syngo MR B17",
    "TaskName": "rest",
    "dataset": "ds000224",
    "modality": "bold",
    "session_id": "func02",
    "subject_id": "MSC03",
    "task_id": "rest"
  },
  "dummy_trs": 0,
  "dvars_nstd": 13.15722809760099,
  "dvars_std": 1.1548003512362308,
  "dvars_vstd": 1.0268031131823756,
  "efc": 0.36684121767339817,
  "fber": 45379.84375,
  "fd_mean": 0.1662191859428251,
  "fd_num": 269,
  "fd_perc": 32.88508557457213,
  "fwhm_avg": 1.7789717673472747,
  "fwhm_x": 1.6412875,
  "fwhm_y": 2.0064875,
  "fwhm_z": 1.6891403020418232,
  "gcor": 0.103854,
  "gsr_x": -0.02345024235546589,
  "gsr_y": 0.015325626358389854,
  "provenance": {
    "md5sum": "4842dc9fc5f0942f9a6d4e4a776230c5",
    "settings": {
      "fd_thres": 0.2,
      "testing": false
    },
    "software": "mriqc",
    "version": "22.0.6",
    "webapi_port": null,
    "webapi_url": "https://mriqc.nimh.nih.gov/api/v1"
  },
  "size_t": 818,
  "size_x": 64,
  "size_y": 64,
  "size_z": 36,
  "snr": 7.866052970432877,
  "spacing_tr": 2.200000047683716,
  "spacing_x": 4.0,
  "spacing_y": 4.0,
  "spacing_z": 3.9999992847442627,
  "summary_bg_k": 38.032538520152976,
  "summary_bg_mad": 1.9320952308389092,
  "summary_bg_mean": 13.234971046447754,
  "summary_bg_median": 2.8801956176757812,
  "summary_bg_n": 106828.0,
  "summary_bg_p05": 1.1968215703964233,
  "summary_bg_p95": 65.02310676574703,
  "summary_bg_stdv": 31.56487274169922,
  "summary_fg_k": 1.8698257704001424,
  "summary_fg_mad": 69.20559842948695,
  "summary_fg_mean": 616.3151245117188,
  "summary_fg_median": 615.0256958007812,
  "summary_fg_n": 13485.0,
  "summary_fg_p05": 487.8980712890625,
  "summary_fg_p95": 738.1073852539062,
  "summary_fg_stdv": 78.18443298339844,
  "tsnr": 86.10391181241721
}