{
  "aor": 0.003935673076923077,
  "aqi": 0.004274315865384615,
  "bids_meta": {
    "BodyPartExamined": "HEAD",
    "CogAtlasID": "http://www.cognitiveatlas.org/term/id/trm_550b53d7dd674",
    "ConversionSoftware": "dcm2niix",
    "ConversionSoftwareVersion": "v1.0.20170411 GCC4.4.7",
    "EchoTime": 0.027,
    "EffectiveEchoSpacing": 0.000590001,
    "FlipAngle": 90,
    "ImageType": [
      "ORIGINAL",
      "PRIMARY",
      "M",
      "ND",
      "NORM",
      "MOSAIC"
    ],
    "Instructions": "In this next scan you'll be prompted to move your hands, feet, or tongue. You'll only move one of these at once. Instructions are presented on the screen. Let?s review them now. [Read on-screen instructions to participant.] Do you have any questions?",
    "MagneticFieldStrength": 3,
    "Manufacturer": "Siemens",
    "ManufacturersModelName": "TrioTim",
    "PhaseEncodingDirection": "j-",
    "ProcedureStepDescription": "head_Dosenbach_MSC",
    "ProtocolName": "Motor_104Frames_36Slices_TR2.2",
    "RepetitionTime": 2.2,
    "ScanningSequence": "EP",
    "SequenceName": "_epfid2d1_64",
    "SequenceVariant": "SK",
    "SeriesDescription": "Motor_104Frames_36Slices_TR2.2",
    "SliceTiming": [
      1.105,
      0,
      1.1675,
      0.0625,
      1.2275,
      0.1225,
      1.29,
      0.185,
      1.35,
      0.245,
      1.4125,
      0.3075,
      1.4725,
      0.37,
      1.535,
      0.43,
      1.595,
      0.4925,
      1.6575,
      0.5525,
      1.7175,
      0.615,
      1.78,
      0.675,
      1.84,
      0.7375,
      1.9025,
      0.7975,
      1.965,
      0.86,
      2.025,
      0.92,
      2.0875,
      0.9825,
      2.1475,
      1.0425
    ],
    "SoftwareVersion": "syngo MR B17",
    "TaskName": "motor",
    "dataset": "ds000224",
    "modality": "bold",
    "run_id": 1,
    "session_id": "func05",
    "subject_id": "MSC02",
    "task_id": "motor"
  },
  "dummy_trs": 0,
  "dvars_nstd": 19.601169622718448,
  "dvars_std": 1.421474121067961,
  "dvars_vstd": 1.020485851456311,
  "efc": 0.42828112782348543,
  "fber": 25328.154296875,
  "fd_mean": 0.08376229296555546,
  "fd_num": 2,
  "fd_perc": 1.9230769230769231,
  "fwhm_avg": 1.688901666666667,
  "fwhm_x": 1.550005,
  "fwhm_y": 1.88471,
  "fwhm_z": 1.63199,
  "gcor": 0.0286806,
  "gsr_x": -0.02923205867409706,
  "gsr_y": 0.03364570811390877,
  "provenance": {
    "md5sum": "9e8b85c0cca6903d91142a627d465a63",
    "settings": {
      "fd_thres": 0.2,
      "testing": false
    },
    "software": "mriqc",
    "version": "22.0.6",
    "webapi_port": null,
    "webapi_url": "https://mriqc.nimh.nih.gov/api/v1"
  },
  "size_t": 104,
  "size_x": 64,
  "size_y": 64,
  "size_z": 36,
  "snr": 7.195544674540222,
  "spacing_tr": 2.200000047683716,
  "spacing_x": 4.0,
  "spacing_y": 4.0,
  "spacing_z": 4.0,
  "summary_bg_k": 22.20067141657893,
  "summary_bg_mad": 3.5782038254670785,
  "summary_bg_mean": 23.474660873413086,
  "summary_bg_median": 4.336538791656494,
  "summary_bg_n": 100003.0,
  "summary_bg_p05": 1.509615421295166,
  "summary_bg_p95": 119.24038696289062,
  "summary_bg_stdv": 51.31636047363281,
  "summary_fg_k": 2.034242717446517,
  "summary_fg_mad": 88.21483200108331,
  "summary_fg_mean": 708.3803100585938,
  "summary_fg_median": 704.4519653320312,
  "summary_fg_n": 17967.0,
  "summary_fg_p05": 559.8471435546875,
  "summary_fg_p95": 865.8173217773438,
  "summary_fg_stdv": 97.89840698242188,
  "tsnr": 98.48440688615665
}