{
  "aor": 0.0003135171568627451,
  "aqi": 0.008298206164215687,
  "bids_meta": {
    "BodyPartExamined": "HEAD",
    "CogAtlasID": "http://www.cognitiveatlas.org/term/id/trm_4c8a834779883",
    "ConversionSoftware": "dcm2niix",
    "ConversionSoftwareVersion": "v1.0.20170411 GCC4.4.7",
    "EchoTime": 0.027,
    "EffectiveEchoSpacing": 0.000590001,
    "FlipAngle": 90,
    "ImageType": [
      "ORIGINAL",
      "PRIMARY",
      "M",
      "ND",
      "NORM",
      "MOSAIC"
    ],
    "Instructions": "During this first scan, a plus sign will be presented on the screen.  All you need to do is simply relax and look at the plus sign. Please keep your eyes open the entire time, and be as still as possible. It's extremely important that you stay awake for the entire duration of this scan. This scan will last ~30 minutes.",
    "MagneticFieldStrength": 3,
    "Manufacturer": "Siemens",
    "ManufacturersModelName": "TrioTim",
    "PhaseEncodingDirection": "j-",
    "ProcedureStepDescription": "head_Dosenbach_MSC",
    "ProtocolName": "RSFC_818Frames_36Slices_TR2.2",
    "RepetitionTime": 2.2,
    "ScanningSequence": "EP",
    "SequenceName": "_epfid2d1_64",
    "SequenceVariant": "SK",
    "SeriesDescription": "RSFC_818Frames_36Slices_TR2.2",
    "SliceTiming": [
      1.105,
      0,
      1.165,
      0.06,
      1.2275,
      0.1225,
      1.2875,
      0.185,
      1.35,
      0.245,
      1.41,
      0.3075,
      1.4725,
      0.3675,
      1.5325,
      0.43,
      1.595,
      0.49,
      1.655,
      0.5525,
      1.7175,
      0.6125,
      1.78,
      0.675,
      1.84,
      0.735,
      1.9025,
      0.7975,
      1.9625,
      0.8575,
      2.025,
      0.92,
      2.085,
      0.9825,
      2.1475,
      1.0425
    ],
    "SoftwareVersion": "syngo MR B17",
    "TaskName": "rest",
    "dataset": "ds000224",
    "modality": "bold",
    "session_id": "func05",
    "subject_id": "MSC02",
    "task_id": "rest"
  },
  "dummy_trs": 2,
  "dvars_nstd": 21.52921632520246,
  "dvars_std": 1.3584972475950916,
  "dvars_vstd": 0.9334250901595086,
  "efc": 0.42930393324886895,
  "fber": 25333.99609375,
  "fd_mean": 0.16059200991688746,
  "fd_num": 229,
  "fd_perc": 28.063725490196077,
  "fwhm_avg": 1.7097058333333335,
  "fwhm_x": 1.5791025,
  "fwhm_y": 1.91648,
  "fwhm_z": 1.633535,
  "gcor": 0.0285918,
  "gsr_x": -0.02962275967001915,
  "gsr_y": 0.036679722368717194,
  "provenance": {
    "md5sum": "c4604bf62dbb200d7c64895f60b3f456",
    "settings": {
      "fd_thres": 0.2,
      "testing": false
    },
    "software": "mriqc",
    "version": "22.0.6",
    "webapi_port": null,
    "webapi_url": "https://mriqc.nimh.nih.gov/api/v1"
  },
  "size_t": 816,
  "size_x": 64,
  "size_y": 64,
  "size_z": 36,
  "snr": 7.037124143727931,
  "spacing_tr": 2.200000047683716,
  "spacing_x": 4.0,
  "spacing_y": 4.0,
  "spacing_z": 4.0,
  "summary_bg_k": 21.911920818997924,
  "summary_bg_mad": 3.4830256470002987,
  "summary_bg_mean": 25.89192008972168,
  "summary_bg_median": 4.63235330581665,
  "summary_bg_n": 100141.0,
  "summary_bg_p05": 1.9460785388946533,
  "summary_bg_p95": 132.75735473632812,
  "summary_bg_stdv": 55.829254150390625,
  "summary_fg_k": 1.7789060976426576,
  "summary_fg_mad": 98.23606109556366,
  "summary_fg_mean": 758.6549682617188,
  "summary_fg_median": 752.8799438476562,
  "summary_fg_n": 17882.0,
  "summary_fg_p05": 599.2783264160156,
  "summary_fg_p95": 933.663818359375,
  "summary_fg_stdv": 106.98388671875,
  "tsnr": 73.06986058573239
}