{
  "aor": 0.004502115384615385,
  "aqi": 0.004909807307692308,
  "bids_meta": {
    "BodyPartExamined": "HEAD",
    "CogAtlasID": "http://www.cognitiveatlas.org/term/id/trm_550b53d7dd674",
    "ConversionSoftware": "dcm2niix",
    "ConversionSoftwareVersion": "v1.0.20170411 GCC4.4.7",
    "EchoTime": 0.027,
    "EffectiveEchoSpacing": 0.000590001,
    "FlipAngle": 90,
    "ImageType": [
      "ORIGINAL",
      "PRIMARY",
      "M",
      "ND",
      "NORM",
      "MOSAIC"
    ],
    "Instructions": "In this next scan you'll be prompted to move your hands, feet, or tongue. You'll only move one of these at once. Instructions are presented on the screen. Let?s review them now. [Read on-screen instructions to participant.] Do you have any questions?",
    "MagneticFieldStrength": 3,
    "Manufacturer": "Siemens",
    "ManufacturersModelName": "TrioTim",
    "PhaseEncodingDirection": "j-",
    "ProcedureStepDescription": "head_Dosenbach_MSC",
    "ProtocolName": "Motor_104Frames_36Slices_TR2.2",
    "RepetitionTime": 2.2,
    "ScanningSequence": "EP",
    "SequenceName": "_epfid2d1_64",
    "SequenceVariant": "SK",
    "SeriesDescription": "Motor_104Frames_36Slices_TR2.2",
    "SliceTiming": [
      1.105,
      0,
      1.1675,
      0.0625,
      1.2275,
      0.1225,
      1.29,
      0.185,
      1.35,
      0.245,
      1.4125,
      0.3075,
      1.4725,
      0.37,
      1.535,
      0.43,
      1.595,
      0.4925,
      1.6575,
      0.5525,
      1.7175,
      0.615,
      1.78,
      0.675,
      1.84,
      0.7375,
      1.9025,
      0.7975,
      1.965,
      0.86,
      2.025,
      0.92,
      2.0875,
      0.9825,
      2.1475,
      1.0425
    ],
    "SoftwareVersion": "syngo MR B17",
    "TaskName": "motor",
    "dataset": "ds000224",
    "modality": "bold",
    "run_id": 2,
    "session_id": "func09",
    "subject_id": "MSC10",
    "task_id": "motor"
  },
  "dummy_trs": 0,
  "dvars_nstd": 16.895139999708736,
  "dvars_std": 1.2550126073786407,
  "dvars_vstd": 1.0306640789320387,
  "efc": 0.4250928607183447,
  "fber": 27234.427734375,
  "fd_mean": 0.13884344412560407,
  "fd_num": 18,
  "fd_perc": 17.307692307692307,
  "fwhm_avg": 1.7658008333333333,
  "fwhm_x": 1.63322,
  "fwhm_y": 1.9459,
  "fwhm_z": 1.7182825,
  "gcor": 0.0253241,
  "gsr_x": -0.021986620500683784,
  "gsr_y": 0.01754247583448887,
  "provenance": {
    "md5sum": "cbe77846c8c7015c5bda285d8f363339",
    "settings": {
      "fd_thres": 0.2,
      "testing": false
    },
    "software": "mriqc",
    "version": "22.0.6",
    "webapi_port": null,
    "webapi_url": "https://mriqc.nimh.nih.gov/api/v1"
  },
  "size_t": 104,
  "size_x": 64,
  "size_y": 64,
  "size_z": 36,
  "snr": 7.044294411057508,
  "spacing_tr": 2.200000047683716,
  "spacing_x": 4.0,
  "spacing_y": 4.0,
  "spacing_z": 4.0,
  "summary_bg_k": 29.194149216394862,
  "summary_bg_mad": 2.9081814107148016,
  "summary_bg_mean": 21.279447555541992,
  "summary_bg_median": 4.028846263885498,
  "summary_bg_n": 100170.0,
  "summary_bg_p05": 1.567307710647583,
  "summary_bg_p95": 119.06490745544377,
  "summary_bg_stdv": 48.93510437011719,
  "summary_fg_k": 1.5195636692327374,
  "summary_fg_mad": 86.71082869464578,
  "summary_fg_mean": 681.9693603515625,
  "summary_fg_median": 678.7019653320312,
  "summary_fg_n": 17878.0,
  "summary_fg_p05": 530.2110931396485,
  "summary_fg_p95": 838.545718383789,
  "summary_fg_stdv": 96.34506225585938,
  "tsnr": 91.33890919247642
}