{
  "aor": 0.00041646266829865365,
  "aqi": 0.01511522417380661,
  "bids_meta": {
    "BodyPartExamined": "HEAD",
    "CogAtlasID": "http://www.cognitiveatlas.org/term/id/trm_4c8a834779883",
    "ConversionSoftware": "dcm2niix",
    "ConversionSoftwareVersion": "v1.0.20170411 GCC4.4.7",
    "EchoTime": 0.027,
    "EffectiveEchoSpacing": 0.000590001,
    "FlipAngle": 90,
    "ImageType": [
      "ORIGINAL",
      "PRIMARY",
      "M",
      "ND",
      "NORM",
      "MOSAIC"
    ],
    "Instructions": "During this first scan, a plus sign will be presented on the screen.  All you need to do is simply relax and look at the plus sign. Please keep your eyes open the entire time, and be as still as possible. It's extremely important that you stay awake for the entire duration of this scan. This scan will last ~30 minutes.",
    "MagneticFieldStrength": 3,
    "Manufacturer": "Siemens",
    "ManufacturersModelName": "TrioTim",
    "PhaseEncodingDirection": "j-",
    "ProcedureStepDescription": "head_Dosenbach_MSC",
    "ProtocolName": "RSFC_818Frames_36Slices_TR2.2",
    "RepetitionTime": 2.2,
    "ScanningSequence": "EP",
    "SequenceName": "_epfid2d1_64",
    "SequenceVariant": "SK",
    "SeriesDescription": "RSFC_818Frames_36Slices_TR2.2",
    "SliceTiming": [
      1.105,
      0,
      1.165,
      0.06,
      1.2275,
      0.1225,
      1.2875,
      0.185,
      1.35,
      0.245,
      1.41,
      0.3075,
      1.4725,
      0.3675,
      1.5325,
      0.43,
      1.595,
      0.49,
      1.655,
      0.5525,
      1.7175,
      0.6125,
      1.78,
      0.675,
      1.84,
      0.735,
      1.9025,
      0.7975,
      1.9625,
      0.8575,
      2.025,
      0.92,
      2.085,
      0.9825,
      2.1475,
      1.0425
    ],
    "SoftwareVersion": "syngo MR B17",
    "TaskName": "rest",
    "dataset": "ds000224",
    "modality": "bold",
    "session_id": "func09",
    "subject_id": "MSC10",
    "task_id": "rest"
  },
  "dummy_trs": 1,
  "dvars_nstd": 20.174138009460783,
  "dvars_std": 1.1331052794730396,
  "dvars_vstd": 0.8979719120465682,
  "efc": 0.4229331151244808,
  "fber": 24648.91015625,
  "fd_mean": 0.21983885009671683,
  "fd_num": 444,
  "fd_perc": 54.34516523867809,
  "fwhm_avg": 1.76054,
  "fwhm_x": 1.626275,
  "fwhm_y": 1.9427525,
  "fwhm_z": 1.7125925,
  "gcor": 0.0329372,
  "gsr_x": -0.020518502220511436,
  "gsr_y": 0.016604559496045113,
  "provenance": {
    "md5sum": "779419040b05b5ecb0ddd838de0ee8ae",
    "settings": {
      "fd_thres": 0.2,
      "testing": false
    },
    "software": "mriqc",
    "version": "22.0.6",
    "webapi_port": null,
    "webapi_url": "https://mriqc.nimh.nih.gov/api/v1"
  },
  "size_t": 817,
  "size_x": 64,
  "size_y": 64,
  "size_z": 36,
  "snr": 7.1305107189428085,
  "spacing_tr": 2.200000047683716,
  "spacing_x": 4.0,
  "spacing_y": 4.0,
  "spacing_z": 4.0,
  "summary_bg_k": 29.4161846528064,
  "summary_bg_mad": 3.593087627478927,
  "summary_bg_mean": 20.515562057495117,
  "summary_bg_median": 4.280293941497803,
  "summary_bg_n": 100240.0,
  "summary_bg_p05": 1.3353732824325562,
  "summary_bg_p95": 112.22332153320299,
  "summary_bg_stdv": 46.98092269897461,
  "summary_fg_k": 1.3776678890978902,
  "summary_fg_mad": 87.88463086001111,
  "summary_fg_mean": 687.3099365234375,
  "summary_fg_median": 682.8445434570312,
  "summary_fg_n": 17828.0,
  "summary_fg_p05": 539.1897399902343,
  "summary_fg_p95": 844.075274658203,
  "summary_fg_stdv": 95.76107788085938,
  "tsnr": 51.90789926610887
}