{
  "aor": 0.00205875,
  "aqi": 0.004040938461538462,
  "bids_meta": {
    "BodyPartExamined": "HEAD",
    "CogAtlasID": "http://www.cognitiveatlas.org/term/id/trm_550b53d7dd674",
    "ConversionSoftware": "dcm2niix",
    "ConversionSoftwareVersion": "v1.0.20170411 GCC4.4.7",
    "EchoTime": 0.027,
    "EffectiveEchoSpacing": 0.000590001,
    "FlipAngle": 90,
    "ImageType": [
      "ORIGINAL",
      "PRIMARY",
      "M",
      "ND",
      "NORM",
      "MOSAIC"
    ],
    "Instructions": "In this next scan you'll be prompted to move your hands, feet, or tongue. You'll only move one of these at once. Instructions are presented on the screen. Let?s review them now. [Read on-screen instructions to participant.] Do you have any questions?",
    "MagneticFieldStrength": 3,
    "Manufacturer": "Siemens",
    "ManufacturersModelName": "TrioTim",
    "PhaseEncodingDirection": "j-",
    "ProcedureStepDescription": "head_Dosenbach_MSC",
    "ProtocolName": "Motor_104Frames_36Slices_TR2.2",
    "RepetitionTime": 2.2,
    "ScanningSequence": "EP",
    "SequenceName": "_epfid2d1_64",
    "SequenceVariant": "SK",
    "SeriesDescription": "Motor_104Frames_36Slices_TR2.2",
    "SliceTiming": [
      1.105,
      0,
      1.1675,
      0.0625,
      1.2275,
      0.1225,
      1.29,
      0.185,
      1.35,
      0.245,
      1.4125,
      0.3075,
      1.4725,
      0.37,
      1.535,
      0.43,
      1.595,
      0.4925,
      1.6575,
      0.5525,
      1.7175,
      0.615,
      1.78,
      0.675,
      1.84,
      0.7375,
      1.9025,
      0.7975,
      1.965,
      0.86,
      2.025,
      0.92,
      2.0875,
      0.9825,
      2.1475,
      1.0425
    ],
    "SoftwareVersion": "syngo MR B17",
    "TaskName": "motor",
    "dataset": "ds000224",
    "modality": "bold",
    "run_id": 1,
    "session_id": "func09",
    "subject_id": "MSC10",
    "task_id": "motor"
  },
  "dummy_trs": 0,
  "dvars_nstd": 19.446287646019417,
  "dvars_std": 1.277347526796117,
  "dvars_vstd": 1.010282814466019,
  "efc": 0.42435035718719427,
  "fber": 26675.208984375,
  "fd_mean": 0.15939132492783561,
  "fd_num": 26,
  "fd_perc": 25.0,
  "fwhm_avg": 1.7679491666666667,
  "fwhm_x": 1.6423525,
  "fwhm_y": 1.93908,
  "fwhm_z": 1.722415,
  "gcor": 0.0304483,
  "gsr_x": -0.021838238462805748,
  "gsr_y": 0.018484700471162796,
  "provenance": {
    "md5sum": "d1112ab9ac2b2f4ba671c2c562b08fef",
    "settings": {
      "fd_thres": 0.2,
      "testing": false
    },
    "software": "mriqc",
    "version": "22.0.6",
    "webapi_port": null,
    "webapi_url": "https://mriqc.nimh.nih.gov/api/v1"
  },
  "size_t": 104,
  "size_x": 64,
  "size_y": 64,
  "size_z": 36,
  "snr": 7.03202640121805,
  "spacing_tr": 2.200000047683716,
  "spacing_x": 4.0,
  "spacing_y": 4.0,
  "spacing_z": 4.0,
  "summary_bg_k": 29.601850148220088,
  "summary_bg_mad": 3.107762709712038,
  "summary_bg_mean": 20.857738494873047,
  "summary_bg_median": 4.076923370361328,
  "summary_bg_n": 100146.0,
  "summary_bg_p05": 1.4903846979141235,
  "summary_bg_p95": 116.15384674072266,
  "summary_bg_stdv": 47.89904022216797,
  "summary_fg_k": 1.346512213999791,
  "summary_fg_mad": 87.14563726763893,
  "summary_fg_mean": 680.8455200195312,
  "summary_fg_median": 677.706787109375,
  "summary_fg_n": 17876.0,
  "summary_fg_p05": 527.8726196289062,
  "summary_fg_p95": 836.5529327392578,
  "summary_fg_stdv": 96.37162780761719,
  "tsnr": 98.95672078244388
}