{
  "bids_meta": {
    "BodyPartExamined": "HEAD",
    "ConversionSoftware": "dcm2niix",
    "ConversionSoftwareVersion": "v1.0.20170411 GCC4.4.7",
    "EchoTime": 0.00374,
    "FlipAngle": 8,
    "ImageType": [
      "ORIGINAL",
      "PRIMARY",
      "M",
      "ND",
      "NORM"
    ],
    "InversionTime": 1,
    "MagneticFieldStrength": 3,
    "Manufacturer": "Siemens",
    "ManufacturersModelName": "TrioTim",
    "PhaseEncodingDirection": "i-",
    "ProcedureStepDescription": "head_Dosenbach_MSC",
    "ProtocolName": "T1_.8x.8x.8_224Slices",
    "RepetitionTime": 2.4,
    "ScanningSequence": "GR_IR",
    "SequenceName": "_tfl3d1_ns",
    "SequenceVariant": "SP_MP_OSP",
    "SeriesDescription": "T1_.8x.8x.8_224Slices",
    "dataset": "ds000224",
    "modality": "T1w",
    "run_id": 1,
    "session_id": "struct01",
    "subject_id": "MSC10"
  },
  "cjv": 0.49666586052420975,
  "cnr": 2.739860984333395,
  "efc": 0.6301707257241862,
  "fber": 3989.4969831069684,
  "fwhm_avg": 3.786319032424725,
  "fwhm_x": 3.906534853371735,
  "fwhm_y": 3.8867418536585365,
  "fwhm_z": 3.5656803902439025,
  "icvs_csf": 0.22208794561554585,
  "icvs_gm": 0.39699154554365584,
  "icvs_wm": 0.38092050884079837,
  "inu_med": 0.5705788731575012,
  "inu_range": 0.2909530967473984,
  "provenance": {
    "md5sum": "85b72c976291afb04e3bd9a87980ff10",
    "settings": {
      "testing": false
    },
    "software": "mriqc",
    "version": "22.0.6",
    "warnings": {
      "large_rot_frame": true,
      "small_air_mask": false
    },
    "webapi_port": null,
    "webapi_url": "https://mriqc.nimh.nih.gov/api/v1"
  },
  "qi_1": 0.0,
  "qi_2": 0.0037400476448472076,
  "rpve_csf": 14.750589996379395,
  "rpve_gm": 8.004888809230126,
  "rpve_wm": 9.41125797449588,
  "size_x": 224,
  "size_y": 256,
  "size_z": 256,
  "snr_csf": 2.3217041419633864,
  "snr_gm": 10.394308513667763,
  "snr_total": 9.502346767237023,
  "snr_wm": 15.791027646079922,
  "snrd_csf": 26.43745559135915,
  "snrd_gm": 68.74074060933212,
  "snrd_total": 62.862953751420356,
  "snrd_wm": 93.41066505356982,
  "spacing_x": 0.7999954223632812,
  "spacing_y": 0.80078125,
  "spacing_z": 0.80078125,
  "summary_bg_k": 8.637995590477109,
  "summary_bg_mad": 7.013927508340632,
  "summary_bg_mean": 10.85363641646539,
  "summary_bg_median": 4.730822212994099,
  "summary_bg_n": 2951252.0,
  "summary_bg_p05": 0.0,
  "summary_bg_p95": 43.74513451382518,
  "summary_bg_stdv": 16.39839345054959,
  "summary_csf_k": 1.1258867301445568,
  "summary_csf_mad": 110.40277033698197,
  "summary_csf_mean": 293.5722934253714,
  "summary_csf_median": 283.04090113565326,
  "summary_csf_n": 153551.0,
  "summary_csf_p05": 108.62925942242146,
  "summary_csf_p95": 509.5065581481904,
  "summary_csf_stdv": 121.91044257847557,
  "summary_gm_k": 0.10651911931469638,
  "summary_gm_mad": 69.25143615829991,
  "summary_gm_mean": 735.5550121474153,
  "summary_gm_median": 735.942273247987,
  "summary_gm_n": 65717.0,
  "summary_gm_p05": 617.9112532250583,
  "summary_gm_p95": 852.8953844122589,
  "summary_gm_stdv": 70.80188864218186,
  "summary_wm_k": 0.3356492839930749,
  "summary_wm_mad": 61.926765026172035,
  "summary_wm_mean": 999.1229207671214,
  "summary_wm_median": 1000.0598855316639,
  "summary_wm_n": 522601.0,
  "summary_wm_p05": 894.9637718126178,
  "summary_wm_p95": 1101.4731439836323,
  "summary_wm_stdv": 63.330832618060484,
  "tpm_overlap_csf": 0.15779088369892635,
  "tpm_overlap_gm": 0.4331671464988791,
  "tpm_overlap_wm": 0.4974538334464652,
  "wm2max": 0.7273840958360128
}