{
  "aor": 0.01099536674816626,
  "aqi": 0.015519503044009779,
  "bids_meta": {
    "BodyPartExamined": "HEAD",
    "CogAtlasID": "http://www.cognitiveatlas.org/term/id/trm_4c8a834779883",
    "ConversionSoftware": "dcm2niix",
    "ConversionSoftwareVersion": "v1.0.20170411 GCC4.4.7",
    "EchoTime": 0.027,
    "EffectiveEchoSpacing": 0.000590001,
    "FlipAngle": 90,
    "ImageType": [
      "ORIGINAL",
      "PRIMARY",
      "M",
      "ND",
      "NORM",
      "MOSAIC"
    ],
    "Instructions": "During this first scan, a plus sign will be presented on the screen.  All you need to do is simply relax and look at the plus sign. Please keep your eyes open the entire time, and be as still as possible. It's extremely important that you stay awake for the entire duration of this scan. This scan will last ~30 minutes.",
    "MagneticFieldStrength": 3,
    "Manufacturer": "Siemens",
    "ManufacturersModelName": "TrioTim",
    "PhaseEncodingDirection": "j-",
    "ProcedureStepDescription": "head_Dosenbach_MSC",
    "ProtocolName": "RSFC_818Frames_36Slices_TR2.2",
    "RepetitionTime": 2.2,
    "ScanningSequence": "EP",
    "SequenceName": "_epfid2d1_64",
    "SequenceVariant": "SK",
    "SeriesDescription": "RSFC_818Frames_36Slices_TR2.2",
    "SliceTiming": [
      1.105,
      0,
      1.165,
      0.06,
      1.2275,
      0.1225,
      1.2875,
      0.185,
      1.35,
      0.245,
      1.41,
      0.3075,
      1.4725,
      0.3675,
      1.5325,
      0.43,
      1.595,
      0.49,
      1.655,
      0.5525,
      1.7175,
      0.6125,
      1.78,
      0.675,
      1.84,
      0.735,
      1.9025,
      0.7975,
      1.9625,
      0.8575,
      2.025,
      0.92,
      2.085,
      0.9825,
      2.1475,
      1.0425
    ],
    "SoftwareVersion": "syngo MR B17",
    "TaskName": "rest",
    "dataset": "ds000224",
    "modality": "bold",
    "session_id": "func03",
    "subject_id": "MSC07",
    "task_id": "rest"
  },
  "dummy_trs": 0,
  "dvars_nstd": 17.70614329854345,
  "dvars_std": 1.334820667735618,
  "dvars_vstd": 1.0345656371358631,
  "efc": 0.3918931126607673,
  "fber": 36002.85546875,
  "fd_mean": 0.17811350115863223,
  "fd_num": 300,
  "fd_perc": 36.67481662591687,
  "fwhm_avg": 1.5944266666666664,
  "fwhm_x": 1.500795,
  "fwhm_y": 1.721875,
  "fwhm_z": 1.56061,
  "gcor": 0.0278466,
  "gsr_x": -0.025367943570017815,
  "gsr_y": 0.01920526847243309,
  "provenance": {
    "md5sum": "189ce7558cb5faa53c16243d204d1fb5",
    "settings": {
      "fd_thres": 0.2,
      "testing": false
    },
    "software": "mriqc",
    "version": "22.0.6",
    "webapi_port": null,
    "webapi_url": "https://mriqc.nimh.nih.gov/api/v1"
  },
  "size_t": 818,
  "size_x": 64,
  "size_y": 64,
  "size_z": 36,
  "snr": 7.809425550466628,
  "spacing_tr": 2.200000047683716,
  "spacing_x": 4.0,
  "spacing_y": 4.0,
  "spacing_z": 4.0,
  "summary_bg_k": 36.40086713094292,
  "summary_bg_mad": 3.753630074520014,
  "summary_bg_mean": 20.33012580871582,
  "summary_bg_median": 4.172371864318848,
  "summary_bg_n": 103852.0,
  "summary_bg_p05": 1.069682240486145,
  "summary_bg_p95": 102.0435249328613,
  "summary_bg_stdv": 49.6131477355957,
  "summary_fg_k": 1.3779052314282696,
  "summary_fg_mad": 94.15976465782484,
  "summary_fg_mean": 795.357666015625,
  "summary_fg_median": 788.709716796875,
  "summary_fg_n": 15550.0,
  "summary_fg_p05": 646.2456329345703,
  "summary_fg_p95": 961.1079772949219,
  "summary_fg_stdv": 100.99134063720703,
  "tsnr": 56.47347999038175
}