{
  "aor": 0.0033007692307692313,
  "aqi": 0.005717106153846153,
  "bids_meta": {
    "BodyPartExamined": "HEAD",
    "CogAtlasID": "http://www.cognitiveatlas.org/term/id/trm_550b53d7dd674",
    "ConversionSoftware": "dcm2niix",
    "ConversionSoftwareVersion": "v1.0.20170411 GCC4.4.7",
    "EchoTime": 0.027,
    "EffectiveEchoSpacing": 0.000590001,
    "FlipAngle": 90,
    "ImageType": [
      "ORIGINAL",
      "PRIMARY",
      "M",
      "ND",
      "NORM",
      "MOSAIC"
    ],
    "Instructions": "In this next scan you'll be prompted to move your hands, feet, or tongue. You'll only move one of these at once. Instructions are presented on the screen. Let?s review them now. [Read on-screen instructions to participant.] Do you have any questions?",
    "MagneticFieldStrength": 3,
    "Manufacturer": "Siemens",
    "ManufacturersModelName": "TrioTim",
    "PhaseEncodingDirection": "j-",
    "ProcedureStepDescription": "head_Dosenbach_MSC",
    "ProtocolName": "Motor_104Frames_36Slices_TR2.2",
    "RepetitionTime": 2.2,
    "ScanningSequence": "EP",
    "SequenceName": "_epfid2d1_64",
    "SequenceVariant": "SK",
    "SeriesDescription": "Motor_104Frames_36Slices_TR2.2",
    "SliceTiming": [
      1.105,
      0,
      1.1675,
      0.0625,
      1.2275,
      0.1225,
      1.29,
      0.185,
      1.35,
      0.245,
      1.4125,
      0.3075,
      1.4725,
      0.37,
      1.535,
      0.43,
      1.595,
      0.4925,
      1.6575,
      0.5525,
      1.7175,
      0.615,
      1.78,
      0.675,
      1.84,
      0.7375,
      1.9025,
      0.7975,
      1.965,
      0.86,
      2.025,
      0.92,
      2.0875,
      0.9825,
      2.1475,
      1.0425
    ],
    "SoftwareVersion": "syngo MR B17",
    "TaskName": "motor",
    "dataset": "ds000224",
    "modality": "bold",
    "run_id": 2,
    "session_id": "func06",
    "subject_id": "MSC09",
    "task_id": "motor"
  },
  "dummy_trs": 0,
  "dvars_nstd": 18.80870061679611,
  "dvars_std": 1.2875853731067968,
  "dvars_vstd": 1.0127265092233013,
  "efc": 0.44245742149947304,
  "fber": 26190.876953125,
  "fd_mean": 0.23314528538550358,
  "fd_num": 61,
  "fd_perc": 58.65384615384615,
  "fwhm_avg": 1.7267741017716205,
  "fwhm_x": 1.6083525,
  "fwhm_y": 1.9388325,
  "fwhm_z": 1.633137305314862,
  "gcor": 0.0285358,
  "gsr_x": -0.027126487344503403,
  "gsr_y": 0.0222963597625494,
  "provenance": {
    "md5sum": "c85b2c3ac519152936e231466e65a863",
    "settings": {
      "fd_thres": 0.2,
      "testing": false
    },
    "software": "mriqc",
    "version": "22.0.6",
    "webapi_port": null,
    "webapi_url": "https://mriqc.nimh.nih.gov/api/v1"
  },
  "size_t": 104,
  "size_x": 64,
  "size_y": 64,
  "size_z": 36,
  "snr": 7.949243452972913,
  "spacing_tr": 2.200000047683716,
  "spacing_x": 4.0,
  "spacing_y": 4.0,
  "spacing_z": 4.000000476837158,
  "summary_bg_k": 19.734439990410127,
  "summary_bg_mad": 3.3643666815257625,
  "summary_bg_mean": 25.67664337158203,
  "summary_bg_median": 4.269230842590332,
  "summary_bg_n": 98931.0,
  "summary_bg_p05": 1.5576924085617065,
  "summary_bg_p95": 133.87981414794922,
  "summary_bg_stdv": 54.629249572753906,
  "summary_fg_k": 2.530123008888955,
  "summary_fg_mad": 79.3050116253338,
  "summary_fg_mean": 707.6406860351562,
  "summary_fg_median": 705.1346435546875,
  "summary_fg_n": 18915.0,
  "summary_fg_p05": 573.4365539550781,
  "summary_fg_p95": 847.9644409179688,
  "summary_fg_stdv": 88.70227813720703,
  "tsnr": 93.51169471861795
}