{
  "aor": 0.0005657772337821298,
  "aqi": 0.020465823990208076,
  "bids_meta": {
    "BodyPartExamined": "HEAD",
    "CogAtlasID": "http://www.cognitiveatlas.org/term/id/trm_4c8a834779883",
    "ConversionSoftware": "dcm2niix",
    "ConversionSoftwareVersion": "v1.0.20170411 GCC4.4.7",
    "EchoTime": 0.027,
    "EffectiveEchoSpacing": 0.000590001,
    "FlipAngle": 90,
    "ImageType": [
      "ORIGINAL",
      "PRIMARY",
      "M",
      "ND",
      "NORM",
      "MOSAIC"
    ],
    "Instructions": "During this first scan, a plus sign will be presented on the screen.  All you need to do is simply relax and look at the plus sign. Please keep your eyes open the entire time, and be as still as possible. It's extremely important that you stay awake for the entire duration of this scan. This scan will last ~30 minutes.",
    "MagneticFieldStrength": 3,
    "Manufacturer": "Siemens",
    "ManufacturersModelName": "TrioTim",
    "PhaseEncodingDirection": "j-",
    "ProcedureStepDescription": "head_Dosenbach_MSC",
    "ProtocolName": "RSFC_818Frames_36Slices_TR2.2",
    "RepetitionTime": 2.2,
    "ScanningSequence": "EP",
    "SequenceName": "_epfid2d1_64",
    "SequenceVariant": "SK",
    "SeriesDescription": "RSFC_818Frames_36Slices_TR2.2",
    "SliceTiming": [
      1.105,
      0,
      1.165,
      0.06,
      1.2275,
      0.1225,
      1.2875,
      0.185,
      1.35,
      0.245,
      1.41,
      0.3075,
      1.4725,
      0.3675,
      1.5325,
      0.43,
      1.595,
      0.49,
      1.655,
      0.5525,
      1.7175,
      0.6125,
      1.78,
      0.675,
      1.84,
      0.735,
      1.9025,
      0.7975,
      1.9625,
      0.8575,
      2.025,
      0.92,
      2.085,
      0.9825,
      2.1475,
      1.0425
    ],
    "SoftwareVersion": "syngo MR B17",
    "TaskName": "rest",
    "dataset": "ds000224",
    "modality": "bold",
    "session_id": "func06",
    "subject_id": "MSC09",
    "task_id": "rest"
  },
  "dummy_trs": 1,
  "dvars_nstd": 18.154646429424012,
  "dvars_std": 1.1207132127573534,
  "dvars_vstd": 0.8908409369240202,
  "efc": 0.4424160733641316,
  "fber": 20897.154296875,
  "fd_mean": 0.1826087331100857,
  "fd_num": 273,
  "fd_perc": 33.414932680538556,
  "fwhm_avg": 1.7574199334859928,
  "fwhm_x": 1.61191,
  "fwhm_y": 1.98647,
  "fwhm_z": 1.6738798004579782,
  "gcor": 0.0334871,
  "gsr_x": -0.026726266369223595,
  "gsr_y": 0.022006230428814888,
  "provenance": {
    "md5sum": "221a1ad497c8581c9d2b186f531a2eda",
    "settings": {
      "fd_thres": 0.2,
      "testing": false
    },
    "software": "mriqc",
    "version": "22.0.6",
    "webapi_port": null,
    "webapi_url": "https://mriqc.nimh.nih.gov/api/v1"
  },
  "size_t": 817,
  "size_x": 64,
  "size_y": 64,
  "size_z": 36,
  "snr": 7.937790968516461,
  "spacing_tr": 2.200000047683716,
  "spacing_x": 4.0,
  "spacing_y": 4.0,
  "spacing_z": 4.000000476837158,
  "summary_bg_k": 20.388849102852554,
  "summary_bg_mad": 4.580279085822664,
  "summary_bg_mean": 25.33005714416504,
  "summary_bg_median": 4.829865455627441,
  "summary_bg_n": 98877.0,
  "summary_bg_p05": 1.2470012426376345,
  "summary_bg_p95": 128.7001251220703,
  "summary_bg_stdv": 52.73859786987305,
  "summary_fg_k": 2.121261248995636,
  "summary_fg_mad": 79.99790012552285,
  "summary_fg_mean": 706.3126220703125,
  "summary_fg_median": 704.2772216796875,
  "summary_fg_n": 19002.0,
  "summary_fg_p05": 568.644906616211,
  "summary_fg_p95": 847.268490600586,
  "summary_fg_stdv": 88.72225189208984,
  "tsnr": 48.21221832279116
}