{
  "aor": 0.002133076923076923,
  "aqi": 0.0040877378846153846,
  "bids_meta": {
    "BodyPartExamined": "HEAD",
    "CogAtlasID": "http://www.cognitiveatlas.org/term/id/trm_550b53d7dd674",
    "ConversionSoftware": "dcm2niix",
    "ConversionSoftwareVersion": "v1.0.20170411 GCC4.4.7",
    "EchoTime": 0.027,
    "EffectiveEchoSpacing": 0.000590001,
    "FlipAngle": 90,
    "ImageType": [
      "ORIGINAL",
      "PRIMARY",
      "M",
      "ND",
      "NORM",
      "MOSAIC"
    ],
    "Instructions": "In this next scan you'll be prompted to move your hands, feet, or tongue. You'll only move one of these at once. Instructions are presented on the screen. Let?s review them now. [Read on-screen instructions to participant.] Do you have any questions?",
    "MagneticFieldStrength": 3,
    "Manufacturer": "Siemens",
    "ManufacturersModelName": "TrioTim",
    "PhaseEncodingDirection": "j-",
    "ProcedureStepDescription": "head_Dosenbach_MSC",
    "ProtocolName": "Motor_104Frames_36Slices_TR2.2",
    "RepetitionTime": 2.2,
    "ScanningSequence": "EP",
    "SequenceName": "_epfid2d1_64",
    "SequenceVariant": "SK",
    "SeriesDescription": "Motor_104Frames_36Slices_TR2.2",
    "SliceTiming": [
      1.105,
      0,
      1.1675,
      0.0625,
      1.2275,
      0.1225,
      1.29,
      0.185,
      1.35,
      0.245,
      1.4125,
      0.3075,
      1.4725,
      0.37,
      1.535,
      0.43,
      1.595,
      0.4925,
      1.6575,
      0.5525,
      1.7175,
      0.615,
      1.78,
      0.675,
      1.84,
      0.7375,
      1.9025,
      0.7975,
      1.965,
      0.86,
      2.025,
      0.92,
      2.0875,
      0.9825,
      2.1475,
      1.0425
    ],
    "SoftwareVersion": "syngo MR B17",
    "TaskName": "motor",
    "dataset": "ds000224",
    "modality": "bold",
    "run_id": 1,
    "session_id": "func01",
    "subject_id": "MSC04",
    "task_id": "motor"
  },
  "dummy_trs": 0,
  "dvars_nstd": 18.809744686893197,
  "dvars_std": 1.3133151383495145,
  "dvars_vstd": 1.0088953885436898,
  "efc": 0.36319147011974723,
  "fber": 54824.921875,
  "fd_mean": 0.15198833848474086,
  "fd_num": 21,
  "fd_perc": 20.192307692307693,
  "fwhm_avg": 1.8282866666666664,
  "fwhm_x": 1.68469,
  "fwhm_y": 2.0708975,
  "fwhm_z": 1.7292725,
  "gcor": 0.0619364,
  "gsr_x": -0.025708412751555443,
  "gsr_y": 0.011525220237672329,
  "provenance": {
    "md5sum": "3573103f42773178170411806572f5be",
    "settings": {
      "fd_thres": 0.2,
      "testing": false
    },
    "software": "mriqc",
    "version": "22.0.6",
    "webapi_port": null,
    "webapi_url": "https://mriqc.nimh.nih.gov/api/v1"
  },
  "size_t": 104,
  "size_x": 64,
  "size_y": 64,
  "size_z": 36,
  "snr": 7.695567811334218,
  "spacing_tr": 2.200000047683716,
  "spacing_x": 4.0,
  "spacing_y": 4.0,
  "spacing_z": 4.0,
  "summary_bg_k": 51.837743343803446,
  "summary_bg_mad": 2.0243225589810376,
  "summary_bg_mean": 14.936601638793945,
  "summary_bg_median": 3.182692527770996,
  "summary_bg_n": 106679.0,
  "summary_bg_p05": 1.3653846979141235,
  "summary_bg_p95": 69.3759620666503,
  "summary_bg_stdv": 41.43996810913086,
  "summary_fg_k": 2.228669749667083,
  "summary_fg_mad": 83.01147192616877,
  "summary_fg_mean": 746.2584228515625,
  "summary_fg_median": 750.47119140625,
  "summary_fg_n": 13554.0,
  "summary_fg_p05": 580.9649322509766,
  "summary_fg_p95": 892.7380249023437,
  "summary_fg_stdv": 97.51632690429688,
  "tsnr": 106.12489506602287
}