{
  "aor": 0.0023811650485436897,
  "aqi": 0.00523665058252427,
  "bids_meta": {
    "BodyPartExamined": "HEAD",
    "CogAtlasID": "http://www.cognitiveatlas.org/term/id/trm_550b53d7dd674",
    "ConversionSoftware": "dcm2niix",
    "ConversionSoftwareVersion": "v1.0.20170411 GCC4.4.7",
    "EchoTime": 0.027,
    "EffectiveEchoSpacing": 0.000590001,
    "FlipAngle": 90,
    "ImageType": [
      "ORIGINAL",
      "PRIMARY",
      "M",
      "ND",
      "NORM",
      "MOSAIC"
    ],
    "Instructions": "In this next scan you'll be prompted to move your hands, feet, or tongue. You'll only move one of these at once. Instructions are presented on the screen. Let?s review them now. [Read on-screen instructions to participant.] Do you have any questions?",
    "MagneticFieldStrength": 3,
    "Manufacturer": "Siemens",
    "ManufacturersModelName": "TrioTim",
    "PhaseEncodingDirection": "j-",
    "ProcedureStepDescription": "head_Dosenbach_MSC",
    "ProtocolName": "Motor_104Frames_36Slices_TR2.2",
    "RepetitionTime": 2.2,
    "ScanningSequence": "EP",
    "SequenceName": "_epfid2d1_64",
    "SequenceVariant": "SK",
    "SeriesDescription": "Motor_104Frames_36Slices_TR2.2",
    "SliceTiming": [
      1.105,
      0,
      1.1675,
      0.0625,
      1.2275,
      0.1225,
      1.29,
      0.185,
      1.35,
      0.245,
      1.4125,
      0.3075,
      1.4725,
      0.37,
      1.535,
      0.43,
      1.595,
      0.4925,
      1.6575,
      0.5525,
      1.7175,
      0.615,
      1.78,
      0.675,
      1.84,
      0.7375,
      1.9025,
      0.7975,
      1.965,
      0.86,
      2.025,
      0.92,
      2.0875,
      0.9825,
      2.1475,
      1.0425
    ],
    "SoftwareVersion": "syngo MR B17",
    "TaskName": "motor",
    "dataset": "ds000224",
    "modality": "bold",
    "run_id": 1,
    "session_id": "func05",
    "subject_id": "MSC04",
    "task_id": "motor"
  },
  "dummy_trs": 1,
  "dvars_nstd": 15.408048695490203,
  "dvars_std": 1.200683591470588,
  "dvars_vstd": 0.9754493321568632,
  "efc": 0.3600970643502587,
  "fber": 59561.53125,
  "fd_mean": 0.09750532373289289,
  "fd_num": 1,
  "fd_perc": 0.970873786407767,
  "fwhm_avg": 1.7954056968961485,
  "fwhm_x": 1.6565125,
  "fwhm_y": 2.0129275,
  "fwhm_z": 1.7167770906884454,
  "gcor": 0.040056,
  "gsr_x": -0.02433689311146736,
  "gsr_y": 0.014363772235810757,
  "provenance": {
    "md5sum": "2e616b50271028ec510b70a24004a84c",
    "settings": {
      "fd_thres": 0.2,
      "testing": false
    },
    "software": "mriqc",
    "version": "22.0.6",
    "webapi_port": null,
    "webapi_url": "https://mriqc.nimh.nih.gov/api/v1"
  },
  "size_t": 103,
  "size_x": 64,
  "size_y": 64,
  "size_z": 36,
  "snr": 7.890837495685679,
  "spacing_tr": 2.200000047683716,
  "spacing_x": 4.0,
  "spacing_y": 4.0,
  "spacing_z": 4.000000953674316,
  "summary_bg_k": 55.24841169586382,
  "summary_bg_mad": 2.3030715172063454,
  "summary_bg_mean": 14.387864112854004,
  "summary_bg_median": 3.213592290878296,
  "summary_bg_n": 106728.0,
  "summary_bg_p05": 1.184466004371643,
  "summary_bg_p95": 66.48543548583984,
  "summary_bg_stdv": 39.66741943359375,
  "summary_fg_k": 2.3031783111085975,
  "summary_fg_mad": 86.11322706799717,
  "summary_fg_mean": 782.8001708984375,
  "summary_fg_median": 787.801025390625,
  "summary_fg_n": 13600.0,
  "summary_fg_p05": 613.5000244140625,
  "summary_fg_p95": 931.3519744873047,
  "summary_fg_stdv": 99.83377075195312,
  "tsnr": 97.09105653688312
}