{
  "aor": 0.004253106796116505,
  "aqi": 0.011763734271844661,
  "bids_meta": {
    "BodyPartExamined": "HEAD",
    "CogAtlasID": "http://www.cognitiveatlas.org/term/id/trm_550b53d7dd674",
    "ConversionSoftware": "dcm2niix",
    "ConversionSoftwareVersion": "v1.0.20170411 GCC4.4.7",
    "EchoTime": 0.027,
    "EffectiveEchoSpacing": 0.000590001,
    "FlipAngle": 90,
    "ImageType": [
      "ORIGINAL",
      "PRIMARY",
      "M",
      "ND",
      "NORM",
      "MOSAIC"
    ],
    "Instructions": "In this next scan you'll be prompted to move your hands, feet, or tongue. You'll only move one of these at once. Instructions are presented on the screen. Let?s review them now. [Read on-screen instructions to participant.] Do you have any questions?",
    "MagneticFieldStrength": 3,
    "Manufacturer": "Siemens",
    "ManufacturersModelName": "TrioTim",
    "PhaseEncodingDirection": "j-",
    "ProcedureStepDescription": "head_Dosenbach_MSC",
    "ProtocolName": "Motor_104Frames_36Slices_TR2.2",
    "RepetitionTime": 2.2,
    "ScanningSequence": "EP",
    "SequenceName": "_epfid2d1_64",
    "SequenceVariant": "SK",
    "SeriesDescription": "Motor_104Frames_36Slices_TR2.2",
    "SliceTiming": [
      1.105,
      0,
      1.1675,
      0.0625,
      1.2275,
      0.1225,
      1.29,
      0.185,
      1.35,
      0.245,
      1.4125,
      0.3075,
      1.4725,
      0.37,
      1.535,
      0.43,
      1.595,
      0.4925,
      1.6575,
      0.5525,
      1.7175,
      0.615,
      1.78,
      0.675,
      1.84,
      0.7375,
      1.9025,
      0.7975,
      1.965,
      0.86,
      2.025,
      0.92,
      2.0875,
      0.9825,
      2.1475,
      1.0425
    ],
    "SoftwareVersion": "syngo MR B17",
    "TaskName": "motor",
    "dataset": "ds000224",
    "modality": "bold",
    "run_id": 1,
    "session_id": "func07",
    "subject_id": "MSC08",
    "task_id": "motor"
  },
  "dummy_trs": 1,
  "dvars_nstd": 21.125779955784314,
  "dvars_std": 1.293659174509804,
  "dvars_vstd": 0.9779574235294122,
  "efc": 0.3886964851122403,
  "fber": 35769.34375,
  "fd_mean": 0.2588984970094287,
  "fd_num": 66,
  "fd_perc": 64.07766990291262,
  "fwhm_avg": 1.6803189696727898,
  "fwhm_x": 1.57117,
  "fwhm_y": 1.8172825,
  "fwhm_z": 1.6525044090183703,
  "gcor": 0.0236255,
  "gsr_x": -0.02083832584321499,
  "gsr_y": 0.00879402831196785,
  "provenance": {
    "md5sum": "8ad1b69d77caa0ce7cd1a57b2a358d86",
    "settings": {
      "fd_thres": 0.2,
      "testing": false
    },
    "software": "mriqc",
    "version": "22.0.6",
    "webapi_port": null,
    "webapi_url": "https://mriqc.nimh.nih.gov/api/v1"
  },
  "size_t": 103,
  "size_x": 64,
  "size_y": 64,
  "size_z": 36,
  "snr": 8.660103160396456,
  "spacing_tr": 2.200000047683716,
  "spacing_x": 4.0,
  "spacing_y": 4.0,
  "spacing_z": 4.000001430511475,
  "summary_bg_k": 48.66620692379463,
  "summary_bg_mad": 2.5909554568571385,
  "summary_bg_mean": 14.113557815551758,
  "summary_bg_median": 3.009708881378174,
  "summary_bg_n": 104445.0,
  "summary_bg_p05": 0.8737863898277283,
  "summary_bg_p95": 69.3301010131836,
  "summary_bg_stdv": 32.65287780761719,
  "summary_fg_k": 2.4046363897796477,
  "summary_fg_mad": 58.685221761930634,
  "summary_fg_mean": 570.5068969726562,
  "summary_fg_median": 570.6408081054688,
  "summary_fg_n": 14951.0,
  "summary_fg_p05": 466.73301696777344,
  "summary_fg_p95": 673.9951477050781,
  "summary_fg_stdv": 65.890869140625,
  "tsnr": 66.7957237509545
}