{
  "aor": 0.0018940464547677262,
  "aqi": 0.027971854278728604,
  "bids_meta": {
    "BodyPartExamined": "HEAD",
    "CogAtlasID": "http://www.cognitiveatlas.org/term/id/trm_4c8a834779883",
    "ConversionSoftware": "dcm2niix",
    "ConversionSoftwareVersion": "v1.0.20170411 GCC4.4.7",
    "EchoTime": 0.027,
    "EffectiveEchoSpacing": 0.000590001,
    "FlipAngle": 90,
    "ImageType": [
      "ORIGINAL",
      "PRIMARY",
      "M",
      "ND",
      "NORM",
      "MOSAIC"
    ],
    "Instructions": "During this first scan, a plus sign will be presented on the screen.  All you need to do is simply relax and look at the plus sign. Please keep your eyes open the entire time, and be as still as possible. It's extremely important that you stay awake for the entire duration of this scan. This scan will last ~30 minutes.",
    "MagneticFieldStrength": 3,
    "Manufacturer": "Siemens",
    "ManufacturersModelName": "TrioTim",
    "PhaseEncodingDirection": "j-",
    "ProcedureStepDescription": "head_Dosenbach_MSC",
    "ProtocolName": "RSFC_818Frames_36Slices_TR2.2",
    "RepetitionTime": 2.2,
    "ScanningSequence": "EP",
    "SequenceName": "_epfid2d1_64",
    "SequenceVariant": "SK",
    "SeriesDescription": "RSFC_818Frames_36Slices_TR2.2",
    "SliceTiming": [
      1.105,
      0,
      1.165,
      0.06,
      1.2275,
      0.1225,
      1.2875,
      0.185,
      1.35,
      0.245,
      1.41,
      0.3075,
      1.4725,
      0.3675,
      1.5325,
      0.43,
      1.595,
      0.49,
      1.655,
      0.5525,
      1.7175,
      0.6125,
      1.78,
      0.675,
      1.84,
      0.735,
      1.9025,
      0.7975,
      1.9625,
      0.8575,
      2.025,
      0.92,
      2.085,
      0.9825,
      2.1475,
      1.0425
    ],
    "SoftwareVersion": "syngo MR B17",
    "TaskName": "rest",
    "dataset": "ds000224",
    "modality": "bold",
    "session_id": "func07",
    "subject_id": "MSC08",
    "task_id": "rest"
  },
  "dummy_trs": 0,
  "dvars_nstd": 25.833740927674462,
  "dvars_std": 1.1061707161689096,
  "dvars_vstd": 0.9337118376988979,
  "efc": 0.3889126813702852,
  "fber": 35418.8671875,
  "fd_mean": 0.42999178315812314,
  "fd_num": 667,
  "fd_perc": 81.54034229828851,
  "fwhm_avg": 1.7201098005164381,
  "fwhm_x": 1.6223375,
  "fwhm_y": 1.8646025,
  "fwhm_z": 1.673389401549315,
  "gcor": 0.032873,
  "gsr_x": -0.02084517851471901,
  "gsr_y": 0.011717173270881176,
  "provenance": {
    "md5sum": "0f58b8ec9f9452b9f4a6c840942ccba0",
    "settings": {
      "fd_thres": 0.2,
      "testing": false
    },
    "software": "mriqc",
    "version": "22.0.6",
    "webapi_port": null,
    "webapi_url": "https://mriqc.nimh.nih.gov/api/v1"
  },
  "size_t": 818,
  "size_x": 64,
  "size_y": 64,
  "size_z": 36,
  "snr": 8.831203370673807,
  "spacing_tr": 2.200000047683716,
  "spacing_x": 4.0,
  "spacing_y": 4.0,
  "spacing_z": 4.000001430511475,
  "summary_bg_k": 56.540995375993646,
  "summary_bg_mad": 2.709646058784005,
  "summary_bg_mean": 14.721479415893555,
  "summary_bg_median": 3.0843522548675537,
  "summary_bg_n": 104482.0,
  "summary_bg_p05": 0.8691931962966919,
  "summary_bg_p95": 71.19156608581541,
  "summary_bg_stdv": 35.01194381713867,
  "summary_fg_k": 2.254188010821938,
  "summary_fg_mad": 57.651092235985686,
  "summary_fg_mean": 574.2013549804688,
  "summary_fg_median": 574.6155395507812,
  "summary_fg_n": 14912.0,
  "summary_fg_p05": 470.9197113037109,
  "summary_fg_p95": 676.9027709960938,
  "summary_fg_stdv": 65.06432342529297,
  "tsnr": 40.426186616998166
}