{
  "aor": 0.0030376254589963283,
  "aqi": 0.012025633219094247,
  "bids_meta": {
    "BodyPartExamined": "HEAD",
    "CogAtlasID": "http://www.cognitiveatlas.org/term/id/trm_4c8a834779883",
    "ConversionSoftware": "dcm2niix",
    "ConversionSoftwareVersion": "v1.0.20170411 GCC4.4.7",
    "EchoTime": 0.027,
    "EffectiveEchoSpacing": 0.000590001,
    "FlipAngle": 90,
    "ImageType": [
      "ORIGINAL",
      "PRIMARY",
      "M",
      "ND",
      "NORM",
      "MOSAIC"
    ],
    "Instructions": "During this first scan, a plus sign will be presented on the screen.  All you need to do is simply relax and look at the plus sign. Please keep your eyes open the entire time, and be as still as possible. It's extremely important that you stay awake for the entire duration of this scan. This scan will last ~30 minutes.",
    "MagneticFieldStrength": 3,
    "Manufacturer": "Siemens",
    "ManufacturersModelName": "TrioTim",
    "PhaseEncodingDirection": "j-",
    "ProcedureStepDescription": "head_Dosenbach_MSC",
    "ProtocolName": "RSFC_818Frames_36Slices_TR2.2",
    "RepetitionTime": 2.2,
    "ScanningSequence": "EP",
    "SequenceName": "_epfid2d1_64",
    "SequenceVariant": "SK",
    "SeriesDescription": "RSFC_818Frames_36Slices_TR2.2",
    "SliceTiming": [
      1.105,
      0,
      1.165,
      0.06,
      1.2275,
      0.1225,
      1.2875,
      0.185,
      1.35,
      0.245,
      1.41,
      0.3075,
      1.4725,
      0.3675,
      1.5325,
      0.43,
      1.595,
      0.49,
      1.655,
      0.5525,
      1.7175,
      0.6125,
      1.78,
      0.675,
      1.84,
      0.735,
      1.9025,
      0.7975,
      1.9625,
      0.8575,
      2.025,
      0.92,
      2.085,
      0.9825,
      2.1475,
      1.0425
    ],
    "SoftwareVersion": "syngo MR B17",
    "TaskName": "rest",
    "dataset": "ds000224",
    "modality": "bold",
    "session_id": "func04",
    "subject_id": "MSC05",
    "task_id": "rest"
  },
  "dummy_trs": 1,
  "dvars_nstd": 14.983781474522075,
  "dvars_std": 1.1542377849754892,
  "dvars_vstd": 0.9947881505392145,
  "efc": 0.41997891372347235,
  "fber": 34887.3125,
  "fd_mean": 0.13816906301341825,
  "fd_num": 133,
  "fd_perc": 16.27906976744186,
  "fwhm_avg": 1.6865107058076367,
  "fwhm_x": 1.580385,
  "fwhm_y": 1.8745025,
  "fwhm_z": 1.6046446174229105,
  "gcor": 0.0533484,
  "gsr_x": -0.02100672572851181,
  "gsr_y": 0.017233047634363174,
  "provenance": {
    "md5sum": "bc5f157040395789c18a0eed13aacce5",
    "settings": {
      "fd_thres": 0.2,
      "testing": false
    },
    "software": "mriqc",
    "version": "22.0.6",
    "webapi_port": null,
    "webapi_url": "https://mriqc.nimh.nih.gov/api/v1"
  },
  "size_t": 817,
  "size_x": 64,
  "size_y": 64,
  "size_z": 36,
  "snr": 8.131902740574924,
  "spacing_tr": 2.200000047683716,
  "spacing_x": 4.0,
  "spacing_y": 4.0,
  "spacing_z": 4.000000953674316,
  "summary_bg_k": 33.28106937169851,
  "summary_bg_mad": 2.761958788482284,
  "summary_bg_mean": 19.613948822021484,
  "summary_bg_median": 3.709914445877075,
  "summary_bg_n": 100459.0,
  "summary_bg_p05": 1.3782130479812622,
  "summary_bg_p95": 96.02081298828125,
  "summary_bg_stdv": 46.501277923583984,
  "summary_fg_k": 3.585094064412634,
  "summary_fg_mad": 76.55182726876441,
  "summary_fg_mean": 702.5596313476562,
  "summary_fg_median": 701.455322265625,
  "summary_fg_n": 18314.0,
  "summary_fg_p05": 573.998291015625,
  "summary_fg_p95": 835.1359527587888,
  "summary_fg_stdv": 86.25732421875,
  "tsnr": 63.443805530201644
}