{
  "aor": 0.01986573349633252,
  "aqi": 0.009691737933985329,
  "bids_meta": {
    "BodyPartExamined": "HEAD",
    "CogAtlasID": "http://www.cognitiveatlas.org/term/id/trm_4c8a834779883",
    "ConversionSoftware": "dcm2niix",
    "ConversionSoftwareVersion": "v1.0.20170411 GCC4.4.7",
    "EchoTime": 0.027,
    "EffectiveEchoSpacing": 0.000590001,
    "FlipAngle": 90,
    "ImageType": [
      "ORIGINAL",
      "PRIMARY",
      "M",
      "ND",
      "NORM",
      "MOSAIC"
    ],
    "Instructions": "During this first scan, a plus sign will be presented on the screen.  All you need to do is simply relax and look at the plus sign. Please keep your eyes open the entire time, and be as still as possible. It's extremely important that you stay awake for the entire duration of this scan. This scan will last ~30 minutes.",
    "MagneticFieldStrength": 3,
    "Manufacturer": "Siemens",
    "ManufacturersModelName": "TrioTim",
    "PhaseEncodingDirection": "j-",
    "ProcedureStepDescription": "head_Dosenbach_MSC",
    "ProtocolName": "RSFC_818Frames_36Slices_TR2.2",
    "RepetitionTime": 2.2,
    "ScanningSequence": "EP",
    "SequenceName": "_epfid2d1_64",
    "SequenceVariant": "SK",
    "SeriesDescription": "RSFC_818Frames_36Slices_TR2.2",
    "SliceTiming": [
      1.105,
      0,
      1.165,
      0.06,
      1.2275,
      0.1225,
      1.2875,
      0.185,
      1.35,
      0.245,
      1.41,
      0.3075,
      1.4725,
      0.3675,
      1.5325,
      0.43,
      1.595,
      0.49,
      1.655,
      0.5525,
      1.7175,
      0.6125,
      1.78,
      0.675,
      1.84,
      0.735,
      1.9025,
      0.7975,
      1.9625,
      0.8575,
      2.025,
      0.92,
      2.085,
      0.9825,
      2.1475,
      1.0425
    ],
    "SoftwareVersion": "syngo MR B17",
    "TaskName": "rest",
    "dataset": "ds000224",
    "modality": "bold",
    "session_id": "func01",
    "subject_id": "MSC05",
    "task_id": "rest"
  },
  "dummy_trs": 0,
  "dvars_nstd": 17.685903318164023,
  "dvars_std": 1.4968839711505522,
  "dvars_vstd": 1.244023925165239,
  "efc": 0.41570210620517334,
  "fber": 35525.515625,
  "fd_mean": 0.13809181427416628,
  "fd_num": 127,
  "fd_perc": 15.525672371638143,
  "fwhm_avg": 1.7545592673150878,
  "fwhm_x": 1.6293875,
  "fwhm_y": 1.94569,
  "fwhm_z": 1.6886003019452636,
  "gcor": 0.114324,
  "gsr_x": -0.020154181867837906,
  "gsr_y": 0.017868509516119957,
  "provenance": {
    "md5sum": "a6f5353994848e0014d0295d95dc6d11",
    "settings": {
      "fd_thres": 0.2,
      "testing": false
    },
    "software": "mriqc",
    "version": "22.0.6",
    "webapi_port": null,
    "webapi_url": "https://mriqc.nimh.nih.gov/api/v1"
  },
  "size_t": 818,
  "size_x": 64,
  "size_y": 64,
  "size_z": 36,
  "snr": 8.050659201724235,
  "spacing_tr": 2.200000047683716,
  "spacing_x": 4.0,
  "spacing_y": 4.0,
  "spacing_z": 3.9999992847442627,
  "summary_bg_k": 38.95246279193806,
  "summary_bg_mad": 2.7241458048689573,
  "summary_bg_mean": 19.511398315429688,
  "summary_bg_median": 3.73716402053833,
  "summary_bg_n": 100877.0,
  "summary_bg_p05": 1.4227384328842165,
  "summary_bg_p95": 92.60440216064453,
  "summary_bg_stdv": 47.768089294433594,
  "summary_fg_k": 3.2741151420480934,
  "summary_fg_mad": 78.82260486099949,
  "summary_fg_mean": 715.7706298828125,
  "summary_fg_median": 716.0623779296875,
  "summary_fg_n": 17937.0,
  "summary_fg_p05": 580.172412109375,
  "summary_fg_p95": 850.8491821289062,
  "summary_fg_stdv": 88.94208526611328,
  "tsnr": 66.82732602837496
}