{
  "aor": 0.0015378846153846157,
  "aqi": 0.006735871634615384,
  "bids_meta": {
    "BodyPartExamined": "HEAD",
    "CogAtlasID": "http://www.cognitiveatlas.org/term/id/trm_550b53d7dd674",
    "ConversionSoftware": "dcm2niix",
    "ConversionSoftwareVersion": "v1.0.20170411 GCC4.4.7",
    "EchoTime": 0.027,
    "EffectiveEchoSpacing": 0.000590001,
    "FlipAngle": 90,
    "ImageType": [
      "ORIGINAL",
      "PRIMARY",
      "M",
      "ND",
      "NORM",
      "MOSAIC"
    ],
    "Instructions": "In this next scan you'll be prompted to move your hands, feet, or tongue. You'll only move one of these at once. Instructions are presented on the screen. Let?s review them now. [Read on-screen instructions to participant.] Do you have any questions?",
    "MagneticFieldStrength": 3,
    "Manufacturer": "Siemens",
    "ManufacturersModelName": "TrioTim",
    "PhaseEncodingDirection": "j-",
    "ProcedureStepDescription": "head_Dosenbach_MSC",
    "ProtocolName": "Motor_104Frames_36Slices_TR2.2",
    "RepetitionTime": 2.2,
    "ScanningSequence": "EP",
    "SequenceName": "_epfid2d1_64",
    "SequenceVariant": "SK",
    "SeriesDescription": "Motor_104Frames_36Slices_TR2.2",
    "SliceTiming": [
      1.105,
      0,
      1.1675,
      0.0625,
      1.2275,
      0.1225,
      1.29,
      0.185,
      1.35,
      0.245,
      1.4125,
      0.3075,
      1.4725,
      0.37,
      1.535,
      0.43,
      1.595,
      0.4925,
      1.6575,
      0.5525,
      1.7175,
      0.615,
      1.78,
      0.675,
      1.84,
      0.7375,
      1.9025,
      0.7975,
      1.965,
      0.86,
      2.025,
      0.92,
      2.0875,
      0.9825,
      2.1475,
      1.0425
    ],
    "SoftwareVersion": "syngo MR B17",
    "TaskName": "motor",
    "dataset": "ds000224",
    "modality": "bold",
    "run_id": 1,
    "session_id": "func01",
    "subject_id": "MSC05",
    "task_id": "motor"
  },
  "dummy_trs": 0,
  "dvars_nstd": 15.03996263873786,
  "dvars_std": 1.1190526577669901,
  "dvars_vstd": 0.9486212724271847,
  "efc": 0.4059691878588473,
  "fber": 44338.796875,
  "fd_mean": 0.13450610927280512,
  "fd_num": 16,
  "fd_perc": 15.384615384615385,
  "fwhm_avg": 1.7402350991007864,
  "fwhm_x": 1.60066,
  "fwhm_y": 1.95741,
  "fwhm_z": 1.662635297302359,
  "gcor": 0.0305145,
  "gsr_x": -0.013643716461956501,
  "gsr_y": 0.02327386476099491,
  "provenance": {
    "md5sum": "6051c5866da1507d4e4b37acc261ca4a",
    "settings": {
      "fd_thres": 0.2,
      "testing": false
    },
    "software": "mriqc",
    "version": "22.0.6",
    "webapi_port": null,
    "webapi_url": "https://mriqc.nimh.nih.gov/api/v1"
  },
  "size_t": 104,
  "size_x": 64,
  "size_y": 64,
  "size_z": 36,
  "snr": 8.099279379019569,
  "spacing_tr": 2.200000047683716,
  "spacing_x": 4.0,
  "spacing_y": 4.0,
  "spacing_z": 3.9999992847442627,
  "summary_bg_k": 39.18534080638091,
  "summary_bg_mad": 2.6373212404770836,
  "summary_bg_mean": 18.069459915161133,
  "summary_bg_median": 3.461538553237915,
  "summary_bg_n": 101784.0,
  "summary_bg_p05": 1.2307692766189575,
  "summary_bg_p95": 90.47933197021476,
  "summary_bg_stdv": 45.482513427734375,
  "summary_fg_k": 2.7768207994034446,
  "summary_fg_mad": 81.08691235688306,
  "summary_fg_mean": 730.6931762695312,
  "summary_fg_median": 730.0385131835938,
  "summary_fg_n": 17686.0,
  "summary_fg_p05": 591.2668609619141,
  "summary_fg_p95": 868.4759979248047,
  "summary_fg_stdv": 90.13368225097656,
  "tsnr": 88.89864900195971
}