{
  "aor": 0.0025337500000000004,
  "aqi": 0.0038702729807692307,
  "bids_meta": {
    "BodyPartExamined": "HEAD",
    "CogAtlasID": "http://www.cognitiveatlas.org/term/id/trm_550b53d7dd674",
    "ConversionSoftware": "dcm2niix",
    "ConversionSoftwareVersion": "v1.0.20170411 GCC4.4.7",
    "EchoTime": 0.027,
    "EffectiveEchoSpacing": 0.000590001,
    "FlipAngle": 90,
    "ImageType": [
      "ORIGINAL",
      "PRIMARY",
      "M",
      "ND",
      "NORM",
      "MOSAIC"
    ],
    "Instructions": "In this next scan you'll be prompted to move your hands, feet, or tongue. You'll only move one of these at once. Instructions are presented on the screen. Let?s review them now. [Read on-screen instructions to participant.] Do you have any questions?",
    "MagneticFieldStrength": 3,
    "Manufacturer": "Siemens",
    "ManufacturersModelName": "TrioTim",
    "PhaseEncodingDirection": "j-",
    "ProcedureStepDescription": "head_Dosenbach_MSC",
    "ProtocolName": "Motor_104Frames_36Slices_TR2.2",
    "RepetitionTime": 2.2,
    "ScanningSequence": "EP",
    "SequenceName": "_epfid2d1_64",
    "SequenceVariant": "SK",
    "SeriesDescription": "Motor_104Frames_36Slices_TR2.2",
    "SliceTiming": [
      1.105,
      0,
      1.1675,
      0.0625,
      1.2275,
      0.1225,
      1.29,
      0.185,
      1.35,
      0.245,
      1.4125,
      0.3075,
      1.4725,
      0.37,
      1.535,
      0.43,
      1.595,
      0.4925,
      1.6575,
      0.5525,
      1.7175,
      0.615,
      1.78,
      0.675,
      1.84,
      0.7375,
      1.9025,
      0.7975,
      1.965,
      0.86,
      2.025,
      0.92,
      2.0875,
      0.9825,
      2.1475,
      1.0425
    ],
    "SoftwareVersion": "syngo MR B17",
    "TaskName": "motor",
    "dataset": "ds000224",
    "modality": "bold",
    "run_id": 1,
    "session_id": "func01",
    "subject_id": "MSC01",
    "task_id": "motor"
  },
  "dummy_trs": 0,
  "dvars_nstd": 20.694523432233005,
  "dvars_std": 1.305037387281553,
  "dvars_vstd": 1.0216120697087385,
  "efc": 0.4154945909186956,
  "fber": 18151.330078125,
  "fd_mean": 0.13605963152789063,
  "fd_num": 23,
  "fd_perc": 22.115384615384617,
  "fwhm_avg": 1.673038556977703,
  "fwhm_x": 1.52717,
  "fwhm_y": 1.88389,
  "fwhm_z": 1.6080556709331093,
  "gcor": 0.020988,
  "gsr_x": -0.019244199618697166,
  "gsr_y": 0.010520653799176216,
  "provenance": {
    "md5sum": "ee58841098958fc98e6ac1b60f41701a",
    "settings": {
      "fd_thres": 0.2,
      "testing": false
    },
    "software": "mriqc",
    "version": "22.0.6",
    "webapi_port": null,
    "webapi_url": "https://mriqc.nimh.nih.gov/api/v1"
  },
  "size_t": 104,
  "size_x": 64,
  "size_y": 64,
  "size_z": 36,
  "snr": 7.039567515912782,
  "spacing_tr": 2.200000047683716,
  "spacing_x": 4.0,
  "spacing_y": 4.0,
  "spacing_z": 3.9999983310699463,
  "summary_bg_k": 30.874156088682405,
  "summary_bg_mad": 3.0649949981398437,
  "summary_bg_mean": 18.31757164001465,
  "summary_bg_median": 4.394230842590332,
  "summary_bg_n": 102017.0,
  "summary_bg_p05": 1.836538553237915,
  "summary_bg_p95": 82.68461761474606,
  "summary_bg_stdv": 39.949005126953125,
  "summary_fg_k": 1.901084861267666,
  "summary_fg_mad": 78.29278088704012,
  "summary_fg_mean": 601.0592651367188,
  "summary_fg_median": 597.3173217773438,
  "summary_fg_n": 16713.0,
  "summary_fg_p05": 477.3481018066406,
  "summary_fg_p95": 739.7730834960937,
  "summary_fg_stdv": 84.84888458251953,
  "tsnr": 99.18543073907495
}