{
  "aor": 0.0025992233009708744,
  "aqi": 0.006320435339805826,
  "bids_meta": {
    "BodyPartExamined": "HEAD",
    "CogAtlasID": "http://www.cognitiveatlas.org/term/id/trm_550b53d7dd674",
    "ConversionSoftware": "dcm2niix",
    "ConversionSoftwareVersion": "v1.0.20170411 GCC4.4.7",
    "EchoTime": 0.027,
    "EffectiveEchoSpacing": 0.000590001,
    "FlipAngle": 90,
    "ImageType": [
      "ORIGINAL",
      "PRIMARY",
      "M",
      "ND",
      "NORM",
      "MOSAIC"
    ],
    "Instructions": "In this next scan you'll be prompted to move your hands, feet, or tongue. You'll only move one of these at once. Instructions are presented on the screen. Let?s review them now. [Read on-screen instructions to participant.] Do you have any questions?",
    "MagneticFieldStrength": 3,
    "Manufacturer": "Siemens",
    "ManufacturersModelName": "TrioTim",
    "PhaseEncodingDirection": "j-",
    "ProcedureStepDescription": "head_Dosenbach_MSC",
    "ProtocolName": "Motor_104Frames_36Slices_TR2.2",
    "RepetitionTime": 2.2,
    "ScanningSequence": "EP",
    "SequenceName": "_epfid2d1_64",
    "SequenceVariant": "SK",
    "SeriesDescription": "Motor_104Frames_36Slices_TR2.2",
    "SliceTiming": [
      1.105,
      0,
      1.1675,
      0.0625,
      1.2275,
      0.1225,
      1.29,
      0.185,
      1.35,
      0.245,
      1.4125,
      0.3075,
      1.4725,
      0.37,
      1.535,
      0.43,
      1.595,
      0.4925,
      1.6575,
      0.5525,
      1.7175,
      0.615,
      1.78,
      0.675,
      1.84,
      0.7375,
      1.9025,
      0.7975,
      1.965,
      0.86,
      2.025,
      0.92,
      2.0875,
      0.9825,
      2.1475,
      1.0425
    ],
    "SoftwareVersion": "syngo MR B17",
    "TaskName": "motor",
    "dataset": "ds000224",
    "modality": "bold",
    "run_id": 2,
    "session_id": "func01",
    "subject_id": "MSC01",
    "task_id": "motor"
  },
  "dummy_trs": 1,
  "dvars_nstd": 21.42265334833335,
  "dvars_std": 1.282642810686274,
  "dvars_vstd": 1.0075013049999997,
  "efc": 0.4152724915999851,
  "fber": 18679.009765625,
  "fd_mean": 0.16870328323667533,
  "fd_num": 31,
  "fd_perc": 30.097087378640776,
  "fwhm_avg": 1.7194227315025998,
  "fwhm_x": 1.560865,
  "fwhm_y": 1.932845,
  "fwhm_z": 1.6645581945077992,
  "gcor": 0.0271111,
  "gsr_x": -0.018780389800667763,
  "gsr_y": 0.011550525203347206,
  "provenance": {
    "md5sum": "76e0e15fa368b417aafe603cbea64e47",
    "settings": {
      "fd_thres": 0.2,
      "testing": false
    },
    "software": "mriqc",
    "version": "22.0.6",
    "webapi_port": null,
    "webapi_url": "https://mriqc.nimh.nih.gov/api/v1"
  },
  "size_t": 103,
  "size_x": 64,
  "size_y": 64,
  "size_z": 36,
  "snr": 6.896888014825086,
  "spacing_tr": 2.200000047683716,
  "spacing_x": 4.0,
  "spacing_y": 4.0,
  "spacing_z": 3.9999983310699463,
  "summary_bg_k": 29.98200826085538,
  "summary_bg_mad": 3.1091464068366004,
  "summary_bg_mean": 18.626527786254883,
  "summary_bg_median": 4.349514484405518,
  "summary_bg_n": 102135.0,
  "summary_bg_p05": 1.7766990661621094,
  "summary_bg_p95": 84.3786392211914,
  "summary_bg_stdv": 40.85662078857422,
  "summary_fg_k": 1.9542648559452207,
  "summary_fg_mad": 79.48472646944708,
  "summary_fg_mean": 602.6478271484375,
  "summary_fg_median": 598.621337890625,
  "summary_fg_n": 16771.0,
  "summary_fg_p05": 475.6844787597656,
  "summary_fg_p95": 745.543701171875,
  "summary_fg_stdv": 86.79327392578125,
  "tsnr": 79.24263651901856
}