{
  "aor": 0.008337058823529413,
  "aqi": 0.016550839264705883,
  "bids_meta": {
    "BodyPartExamined": "HEAD",
    "CogAtlasID": "http://www.cognitiveatlas.org/term/id/trm_4c8a834779883",
    "ConversionSoftware": "dcm2niix",
    "ConversionSoftwareVersion": "v1.0.20170411 GCC4.4.7",
    "EchoTime": 0.027,
    "EffectiveEchoSpacing": 0.000590001,
    "FlipAngle": 90,
    "ImageType": [
      "ORIGINAL",
      "PRIMARY",
      "M",
      "ND",
      "NORM",
      "MOSAIC"
    ],
    "Instructions": "During this first scan, a plus sign will be presented on the screen.  All you need to do is simply relax and look at the plus sign. Please keep your eyes open the entire time, and be as still as possible. It's extremely important that you stay awake for the entire duration of this scan. This scan will last ~30 minutes.",
    "MagneticFieldStrength": 3,
    "Manufacturer": "Siemens",
    "ManufacturersModelName": "TrioTim",
    "PhaseEncodingDirection": "j-",
    "ProcedureStepDescription": "head_Dosenbach_MSC",
    "ProtocolName": "RSFC_818Frames_36Slices_TR2.2",
    "RepetitionTime": 2.2,
    "ScanningSequence": "EP",
    "SequenceName": "_epfid2d1_64",
    "SequenceVariant": "SK",
    "SeriesDescription": "RSFC_818Frames_36Slices_TR2.2",
    "SliceTiming": [
      1.105,
      0,
      1.165,
      0.06,
      1.2275,
      0.1225,
      1.2875,
      0.185,
      1.35,
      0.245,
      1.41,
      0.3075,
      1.4725,
      0.3675,
      1.5325,
      0.43,
      1.595,
      0.49,
      1.655,
      0.5525,
      1.7175,
      0.6125,
      1.78,
      0.675,
      1.84,
      0.735,
      1.9025,
      0.7975,
      1.9625,
      0.8575,
      2.025,
      0.92,
      2.085,
      0.9825,
      2.1475,
      1.0425
    ],
    "SoftwareVersion": "syngo MR B17",
    "TaskName": "rest",
    "dataset": "ds000224",
    "modality": "bold",
    "session_id": "func01",
    "subject_id": "MSC01",
    "task_id": "rest"
  },
  "dummy_trs": 2,
  "dvars_nstd": 20.610476664736186,
  "dvars_std": 1.1968993966625774,
  "dvars_vstd": 1.027702504503067,
  "efc": 0.417294009415818,
  "fber": 16074.669921875,
  "fd_mean": 0.23552488141539576,
  "fd_num": 456,
  "fd_perc": 55.88235294117647,
  "fwhm_avg": 1.6485458960535204,
  "fwhm_x": 1.484085,
  "fwhm_y": 1.8831475,
  "fwhm_z": 1.5784051881605612,
  "gcor": 0.0267838,
  "gsr_x": -0.018272360786795616,
  "gsr_y": 0.012193658389151096,
  "provenance": {
    "md5sum": "189c28b6f216af59264df68c6e0e6092",
    "settings": {
      "fd_thres": 0.2,
      "testing": false
    },
    "software": "mriqc",
    "version": "22.0.6",
    "webapi_port": null,
    "webapi_url": "https://mriqc.nimh.nih.gov/api/v1"
  },
  "size_t": 816,
  "size_x": 64,
  "size_y": 64,
  "size_z": 36,
  "snr": 7.226968499387628,
  "spacing_tr": 2.200000047683716,
  "spacing_x": 4.0,
  "spacing_y": 4.0,
  "spacing_z": 3.999999523162842,
  "summary_bg_k": 30.853925903879748,
  "summary_bg_mad": 3.7591959692507224,
  "summary_bg_mean": 19.877975463867188,
  "summary_bg_median": 4.930147171020508,
  "summary_bg_n": 102027.0,
  "summary_bg_p05": 1.9742647409439087,
  "summary_bg_p95": 86.94559097290036,
  "summary_bg_stdv": 43.57647705078125,
  "summary_fg_k": 2.7709449069997296,
  "summary_fg_mad": 79.48092585340844,
  "summary_fg_mean": 637.014892578125,
  "summary_fg_median": 632.7083740234375,
  "summary_fg_n": 16829.0,
  "summary_fg_p05": 510.12109375,
  "summary_fg_p95": 777.6493041992186,
  "summary_fg_stdv": 87.54563903808594,
  "tsnr": 52.03402383602224
}