{
  "aor": 0.0026375,
  "aqi": 0.003905500673076923,
  "bids_meta": {
    "BodyPartExamined": "HEAD",
    "CogAtlasID": "http://www.cognitiveatlas.org/term/id/trm_550b53d7dd674",
    "ConversionSoftware": "dcm2niix",
    "ConversionSoftwareVersion": "v1.0.20170411 GCC4.4.7",
    "EchoTime": 0.027,
    "EffectiveEchoSpacing": 0.000590001,
    "FlipAngle": 90,
    "ImageType": [
      "ORIGINAL",
      "PRIMARY",
      "M",
      "ND",
      "NORM",
      "MOSAIC"
    ],
    "Instructions": "In this next scan you'll be prompted to move your hands, feet, or tongue. You'll only move one of these at once. Instructions are presented on the screen. Let?s review them now. [Read on-screen instructions to participant.] Do you have any questions?",
    "MagneticFieldStrength": 3,
    "Manufacturer": "Siemens",
    "ManufacturersModelName": "TrioTim",
    "PhaseEncodingDirection": "j-",
    "ProcedureStepDescription": "head_Dosenbach_MSC",
    "ProtocolName": "Motor_104Frames_36Slices_TR2.2",
    "RepetitionTime": 2.2,
    "ScanningSequence": "EP",
    "SequenceName": "_epfid2d1_64",
    "SequenceVariant": "SK",
    "SeriesDescription": "Motor_104Frames_36Slices_TR2.2",
    "SliceTiming": [
      1.105,
      0,
      1.1675,
      0.0625,
      1.2275,
      0.1225,
      1.29,
      0.185,
      1.35,
      0.245,
      1.4125,
      0.3075,
      1.4725,
      0.37,
      1.535,
      0.43,
      1.595,
      0.4925,
      1.6575,
      0.5525,
      1.7175,
      0.615,
      1.78,
      0.675,
      1.84,
      0.7375,
      1.9025,
      0.7975,
      1.965,
      0.86,
      2.025,
      0.92,
      2.0875,
      0.9825,
      2.1475,
      1.0425
    ],
    "SoftwareVersion": "syngo MR B17",
    "TaskName": "motor",
    "dataset": "ds000224",
    "modality": "bold",
    "run_id": 1,
    "session_id": "func06",
    "subject_id": "MSC06",
    "task_id": "motor"
  },
  "dummy_trs": 0,
  "dvars_nstd": 18.958052163009704,
  "dvars_std": 1.397900090388349,
  "dvars_vstd": 1.0184198365048545,
  "efc": 0.3992018763746348,
  "fber": 36532.01953125,
  "fd_mean": 0.09517600325480925,
  "fd_num": 5,
  "fd_perc": 4.8076923076923075,
  "fwhm_avg": 1.7237469049997134,
  "fwhm_x": 1.560985,
  "fwhm_y": 1.896585,
  "fwhm_z": 1.7136707149991397,
  "gcor": 0.0679835,
  "gsr_x": -0.021409058943390846,
  "gsr_y": 0.01994277350604534,
  "provenance": {
    "md5sum": "679def6d6238e779ff04719c724ed0a1",
    "settings": {
      "fd_thres": 0.2,
      "testing": false
    },
    "software": "mriqc",
    "version": "22.0.6",
    "webapi_port": null,
    "webapi_url": "https://mriqc.nimh.nih.gov/api/v1"
  },
  "size_t": 104,
  "size_x": 64,
  "size_y": 64,
  "size_z": 36,
  "snr": 7.791848293606654,
  "spacing_tr": 2.200000047683716,
  "spacing_x": 4.0,
  "spacing_y": 4.0,
  "spacing_z": 3.9999983310699463,
  "summary_bg_k": 43.12028647567574,
  "summary_bg_mad": 2.3522055787752008,
  "summary_bg_mean": 17.018856048583984,
  "summary_bg_median": 3.567307710647583,
  "summary_bg_n": 102684.0,
  "summary_bg_p05": 1.576923131942749,
  "summary_bg_p95": 79.13317756652823,
  "summary_bg_stdv": 40.477943420410156,
  "summary_fg_k": 1.5228342466044742,
  "summary_fg_mad": 82.08484553960277,
  "summary_fg_mean": 689.6495361328125,
  "summary_fg_median": 686.798095703125,
  "summary_fg_n": 16426.0,
  "summary_fg_p05": 555.4927978515625,
  "summary_fg_p95": 832.1322479248047,
  "summary_fg_stdv": 88.14047241210938,
  "tsnr": 105.70147781539708
}