{
  "aor": 0.00931619804400978,
  "aqi": 0.01313683707823961,
  "bids_meta": {
    "BodyPartExamined": "HEAD",
    "CogAtlasID": "http://www.cognitiveatlas.org/term/id/trm_4c8a834779883",
    "ConversionSoftware": "dcm2niix",
    "ConversionSoftwareVersion": "v1.0.20170411 GCC4.4.7",
    "EchoTime": 0.027,
    "EffectiveEchoSpacing": 0.000590001,
    "FlipAngle": 90,
    "ImageType": [
      "ORIGINAL",
      "PRIMARY",
      "M",
      "ND",
      "NORM",
      "MOSAIC"
    ],
    "Instructions": "During this first scan, a plus sign will be presented on the screen.  All you need to do is simply relax and look at the plus sign. Please keep your eyes open the entire time, and be as still as possible. It's extremely important that you stay awake for the entire duration of this scan. This scan will last ~30 minutes.",
    "MagneticFieldStrength": 3,
    "Manufacturer": "Siemens",
    "ManufacturersModelName": "TrioTim",
    "PhaseEncodingDirection": "j-",
    "ProcedureStepDescription": "head_Dosenbach_MSC",
    "ProtocolName": "RSFC_818Frames_36Slices_TR2.2",
    "RepetitionTime": 2.2,
    "ScanningSequence": "EP",
    "SequenceName": "_epfid2d1_64",
    "SequenceVariant": "SK",
    "SeriesDescription": "RSFC_818Frames_36Slices_TR2.2",
    "SliceTiming": [
      1.105,
      0,
      1.165,
      0.06,
      1.2275,
      0.1225,
      1.2875,
      0.185,
      1.35,
      0.245,
      1.41,
      0.3075,
      1.4725,
      0.3675,
      1.5325,
      0.43,
      1.595,
      0.49,
      1.655,
      0.5525,
      1.7175,
      0.6125,
      1.78,
      0.675,
      1.84,
      0.735,
      1.9025,
      0.7975,
      1.9625,
      0.8575,
      2.025,
      0.92,
      2.085,
      0.9825,
      2.1475,
      1.0425
    ],
    "SoftwareVersion": "syngo MR B17",
    "TaskName": "rest",
    "dataset": "ds000224",
    "modality": "bold",
    "session_id": "func06",
    "subject_id": "MSC06",
    "task_id": "rest"
  },
  "dummy_trs": 0,
  "dvars_nstd": 16.82647321971845,
  "dvars_std": 1.3283754447490816,
  "dvars_vstd": 1.0232832207588738,
  "efc": 0.4031754642337634,
  "fber": 31340.984375,
  "fd_mean": 0.10313461425476603,
  "fd_num": 57,
  "fd_perc": 6.968215158924205,
  "fwhm_avg": 1.7314502396793172,
  "fwhm_x": 1.5660525,
  "fwhm_y": 1.9049475,
  "fwhm_z": 1.723350719037952,
  "gcor": 0.0578853,
  "gsr_x": -0.022825591266155243,
  "gsr_y": 0.01912490837275982,
  "provenance": {
    "md5sum": "70234c51b4bbe15cb31ef7b4bdd89ad0",
    "settings": {
      "fd_thres": 0.2,
      "testing": false
    },
    "software": "mriqc",
    "version": "22.0.6",
    "webapi_port": null,
    "webapi_url": "https://mriqc.nimh.nih.gov/api/v1"
  },
  "size_t": 818,
  "size_x": 64,
  "size_y": 64,
  "size_z": 36,
  "snr": 7.753064067494223,
  "spacing_tr": 2.200000047683716,
  "spacing_x": 4.0,
  "spacing_y": 4.0,
  "spacing_z": 3.9999983310699463,
  "summary_bg_k": 40.30296566409682,
  "summary_bg_mad": 3.1247021741655505,
  "summary_bg_mean": 17.8087158203125,
  "summary_bg_median": 3.8594133853912354,
  "summary_bg_n": 102469.0,
  "summary_bg_p05": 1.3887531757354736,
  "summary_bg_p95": 81.95379638671851,
  "summary_bg_stdv": 41.779151916503906,
  "summary_fg_k": 1.5765225890791887,
  "summary_fg_mad": 82.51644168713466,
  "summary_fg_mean": 687.2898559570312,
  "summary_fg_median": 683.3013916015625,
  "summary_fg_n": 16472.0,
  "summary_fg_p05": 554.2530242919922,
  "summary_fg_p95": 829.43017578125,
  "summary_fg_stdv": 88.13040161132812,
  "tsnr": 60.02069182007108
}