{
  "aor": 0.0025688461538461533,
  "aqi": 0.00425787625,
  "bids_meta": {
    "BodyPartExamined": "HEAD",
    "CogAtlasID": "http://www.cognitiveatlas.org/term/id/trm_550b53d7dd674",
    "ConversionSoftware": "dcm2niix",
    "ConversionSoftwareVersion": "v1.0.20170411 GCC4.4.7",
    "EchoTime": 0.027,
    "EffectiveEchoSpacing": 0.000590001,
    "FlipAngle": 90,
    "ImageType": [
      "ORIGINAL",
      "PRIMARY",
      "M",
      "ND",
      "NORM",
      "MOSAIC"
    ],
    "Instructions": "In this next scan you'll be prompted to move your hands, feet, or tongue. You'll only move one of these at once. Instructions are presented on the screen. Let?s review them now. [Read on-screen instructions to participant.] Do you have any questions?",
    "MagneticFieldStrength": 3,
    "Manufacturer": "Siemens",
    "ManufacturersModelName": "TrioTim",
    "PhaseEncodingDirection": "j-",
    "ProcedureStepDescription": "head_Dosenbach_MSC",
    "ProtocolName": "Motor_104Frames_36Slices_TR2.2",
    "RepetitionTime": 2.2,
    "ScanningSequence": "EP",
    "SequenceName": "_epfid2d1_64",
    "SequenceVariant": "SK",
    "SeriesDescription": "Motor_104Frames_36Slices_TR2.2",
    "SliceTiming": [
      1.105,
      0,
      1.1675,
      0.0625,
      1.2275,
      0.1225,
      1.29,
      0.185,
      1.35,
      0.245,
      1.4125,
      0.3075,
      1.4725,
      0.37,
      1.535,
      0.43,
      1.595,
      0.4925,
      1.6575,
      0.5525,
      1.7175,
      0.615,
      1.78,
      0.675,
      1.84,
      0.7375,
      1.9025,
      0.7975,
      1.965,
      0.86,
      2.025,
      0.92,
      2.0875,
      0.9825,
      2.1475,
      1.0425
    ],
    "SoftwareVersion": "syngo MR B17",
    "TaskName": "motor",
    "dataset": "ds000224",
    "modality": "bold",
    "run_id": 2,
    "session_id": "func04",
    "subject_id": "MSC04",
    "task_id": "motor"
  },
  "dummy_trs": 0,
  "dvars_nstd": 18.49601316951456,
  "dvars_std": 1.3024337282524274,
  "dvars_vstd": 1.0104253918446606,
  "efc": 0.3675737046988941,
  "fber": 53440.8125,
  "fd_mean": 0.12729702966215795,
  "fd_num": 14,
  "fd_perc": 13.461538461538462,
  "fwhm_avg": 1.7734958333333335,
  "fwhm_x": 1.65072,
  "fwhm_y": 1.9890775,
  "fwhm_z": 1.68069,
  "gcor": 0.0686141,
  "gsr_x": -0.027398372069001198,
  "gsr_y": 0.014019007794559002,
  "provenance": {
    "md5sum": "aaa17a0bbd6036b531b704e7159c6ea7",
    "settings": {
      "fd_thres": 0.2,
      "testing": false
    },
    "software": "mriqc",
    "version": "22.0.6",
    "webapi_port": null,
    "webapi_url": "https://mriqc.nimh.nih.gov/api/v1"
  },
  "size_t": 104,
  "size_x": 64,
  "size_y": 64,
  "size_z": 36,
  "snr": 7.920212371079215,
  "spacing_tr": 2.200000047683716,
  "spacing_x": 4.0,
  "spacing_y": 4.0,
  "spacing_z": 4.0,
  "summary_bg_k": 49.47583264685389,
  "summary_bg_mad": 2.2809267075347193,
  "summary_bg_mean": 16.924951553344727,
  "summary_bg_median": 3.500000238418579,
  "summary_bg_n": 106251.0,
  "summary_bg_p05": 1.4326924085617065,
  "summary_bg_p95": 82.55769729614258,
  "summary_bg_stdv": 46.616004943847656,
  "summary_fg_k": 2.3890723134038847,
  "summary_fg_mad": 89.64042497900917,
  "summary_fg_mean": 811.7669067382812,
  "summary_fg_median": 814.798095703125,
  "summary_fg_n": 13833.0,
  "summary_fg_p05": 641.9307983398437,
  "summary_fg_p95": 967.6865844726562,
  "summary_fg_stdv": 102.8720703125,
  "tsnr": 106.11797808553092
}