{
  "aor": 0.0007300122249388753,
  "aqi": 0.007618626112469437,
  "bids_meta": {
    "BodyPartExamined": "HEAD",
    "CogAtlasID": "http://www.cognitiveatlas.org/term/id/trm_4c8a834779883",
    "ConversionSoftware": "dcm2niix",
    "ConversionSoftwareVersion": "v1.0.20170411 GCC4.4.7",
    "EchoTime": 0.027,
    "EffectiveEchoSpacing": 0.000590001,
    "FlipAngle": 90,
    "ImageType": [
      "ORIGINAL",
      "PRIMARY",
      "M",
      "ND",
      "NORM",
      "MOSAIC"
    ],
    "Instructions": "During this first scan, a plus sign will be presented on the screen.  All you need to do is simply relax and look at the plus sign. Please keep your eyes open the entire time, and be as still as possible. It's extremely important that you stay awake for the entire duration of this scan. This scan will last ~30 minutes.",
    "MagneticFieldStrength": 3,
    "Manufacturer": "Siemens",
    "ManufacturersModelName": "TrioTim",
    "PhaseEncodingDirection": "j-",
    "ProcedureStepDescription": "head_Dosenbach_MSC",
    "ProtocolName": "RSFC_818Frames_36Slices_TR2.2",
    "RepetitionTime": 2.2,
    "ScanningSequence": "EP",
    "SequenceName": "_epfid2d1_64",
    "SequenceVariant": "SK",
    "SeriesDescription": "RSFC_818Frames_36Slices_TR2.2",
    "SliceTiming": [
      1.105,
      0,
      1.165,
      0.06,
      1.2275,
      0.1225,
      1.2875,
      0.185,
      1.35,
      0.245,
      1.41,
      0.3075,
      1.4725,
      0.3675,
      1.5325,
      0.43,
      1.595,
      0.49,
      1.655,
      0.5525,
      1.7175,
      0.6125,
      1.78,
      0.675,
      1.84,
      0.735,
      1.9025,
      0.7975,
      1.9625,
      0.8575,
      2.025,
      0.92,
      2.085,
      0.9825,
      2.1475,
      1.0425
    ],
    "SoftwareVersion": "syngo MR B17",
    "TaskName": "rest",
    "dataset": "ds000224",
    "modality": "bold",
    "session_id": "func04",
    "subject_id": "MSC04",
    "task_id": "rest"
  },
  "dummy_trs": 0,
  "dvars_nstd": 19.065426330391652,
  "dvars_std": 1.2468781950795598,
  "dvars_vstd": 0.9416475350795602,
  "efc": 0.3678347214809073,
  "fber": 54072.12890625,
  "fd_mean": 0.18735343126976878,
  "fd_num": 360,
  "fd_perc": 44.00977995110024,
  "fwhm_avg": 1.750205262962308,
  "fwhm_x": 1.625205,
  "fwhm_y": 1.970995,
  "fwhm_z": 1.6544157888869233,
  "gcor": 0.0784956,
  "gsr_x": -0.02725362777709961,
  "gsr_y": 0.011711332015693188,
  "provenance": {
    "md5sum": "6598dfa2baccdb086de95153064506ce",
    "settings": {
      "fd_thres": 0.2,
      "testing": false
    },
    "software": "mriqc",
    "version": "22.0.6",
    "webapi_port": null,
    "webapi_url": "https://mriqc.nimh.nih.gov/api/v1"
  },
  "size_t": 818,
  "size_x": 64,
  "size_y": 64,
  "size_z": 36,
  "snr": 8.026961862127761,
  "spacing_tr": 2.200000047683716,
  "spacing_x": 4.0,
  "spacing_y": 4.0,
  "spacing_z": 3.999998092651367,
  "summary_bg_k": 50.47715088046769,
  "summary_bg_mad": 2.52296147446033,
  "summary_bg_mean": 16.95820426940918,
  "summary_bg_median": 3.48533034324646,
  "summary_bg_n": 106180.0,
  "summary_bg_p05": 1.3080685138702393,
  "summary_bg_p95": 80.66816024780258,
  "summary_bg_stdv": 46.60795974731445,
  "summary_fg_k": 2.170987511604878,
  "summary_fg_mad": 90.23485942562559,
  "summary_fg_mean": 809.8665771484375,
  "summary_fg_median": 812.5122680664062,
  "summary_fg_n": 13778.0,
  "summary_fg_p05": 643.2467987060547,
  "summary_fg_p95": 963.875079345703,
  "summary_fg_stdv": 101.2192153930664,
  "tsnr": 75.07177774328738
}