{
  "aor": 0.001891346153846154,
  "aqi": 0.008498567596153845,
  "bids_meta": {
    "BodyPartExamined": "HEAD",
    "CogAtlasID": "http://www.cognitiveatlas.org/term/id/trm_550b53d7dd674",
    "ConversionSoftware": "dcm2niix",
    "ConversionSoftwareVersion": "v1.0.20170411 GCC4.4.7",
    "EchoTime": 0.027,
    "EffectiveEchoSpacing": 0.000590001,
    "FlipAngle": 90,
    "ImageType": [
      "ORIGINAL",
      "PRIMARY",
      "M",
      "ND",
      "NORM",
      "MOSAIC"
    ],
    "Instructions": "In this next scan you'll be prompted to move your hands, feet, or tongue. You'll only move one of these at once. Instructions are presented on the screen. Let?s review them now. [Read on-screen instructions to participant.] Do you have any questions?",
    "MagneticFieldStrength": 3,
    "Manufacturer": "Siemens",
    "ManufacturersModelName": "TrioTim",
    "PhaseEncodingDirection": "j-",
    "ProcedureStepDescription": "head_Dosenbach_MSC",
    "ProtocolName": "Motor_104Frames_36Slices_TR2.2",
    "RepetitionTime": 2.2,
    "ScanningSequence": "EP",
    "SequenceName": "_epfid2d1_64",
    "SequenceVariant": "SK",
    "SeriesDescription": "Motor_104Frames_36Slices_TR2.2",
    "SliceTiming": [
      1.105,
      0,
      1.1675,
      0.0625,
      1.2275,
      0.1225,
      1.29,
      0.185,
      1.35,
      0.245,
      1.4125,
      0.3075,
      1.4725,
      0.37,
      1.535,
      0.43,
      1.595,
      0.4925,
      1.6575,
      0.5525,
      1.7175,
      0.615,
      1.78,
      0.675,
      1.84,
      0.7375,
      1.9025,
      0.7975,
      1.965,
      0.86,
      2.025,
      0.92,
      2.0875,
      0.9825,
      2.1475,
      1.0425
    ],
    "SoftwareVersion": "syngo MR B17",
    "TaskName": "motor",
    "dataset": "ds000224",
    "modality": "bold",
    "run_id": 1,
    "session_id": "func04",
    "subject_id": "MSC07",
    "task_id": "motor"
  },
  "dummy_trs": 0,
  "dvars_nstd": 17.009196494174763,
  "dvars_std": 1.1790672369902908,
  "dvars_vstd": 0.9391248085436892,
  "efc": 0.39269662338902356,
  "fber": 33828.92578125,
  "fd_mean": 0.21209569091063196,
  "fd_num": 47,
  "fd_perc": 45.19230769230769,
  "fwhm_avg": 1.6277650000000001,
  "fwhm_x": 1.5376575,
  "fwhm_y": 1.7577125,
  "fwhm_z": 1.587925,
  "gcor": 0.0241414,
  "gsr_x": -0.025302957743406296,
  "gsr_y": 0.016125762835144997,
  "provenance": {
    "md5sum": "c4ee4e6a0682f82409c09b2006aa6c2a",
    "settings": {
      "fd_thres": 0.2,
      "testing": false
    },
    "software": "mriqc",
    "version": "22.0.6",
    "webapi_port": null,
    "webapi_url": "https://mriqc.nimh.nih.gov/api/v1"
  },
  "size_t": 104,
  "size_x": 64,
  "size_y": 64,
  "size_z": 36,
  "snr": 7.958503124360074,
  "spacing_tr": 2.200000047683716,
  "spacing_x": 4.0,
  "spacing_y": 4.0,
  "spacing_z": 4.0,
  "summary_bg_k": 31.082707441403237,
  "summary_bg_mad": 3.3358549916376043,
  "summary_bg_mean": 19.75011444091797,
  "summary_bg_median": 4.144230842590332,
  "summary_bg_n": 103850.0,
  "summary_bg_p05": 1.451923131942749,
  "summary_bg_p95": 99.1687545776366,
  "summary_bg_stdv": 46.599884033203125,
  "summary_fg_k": 1.7538284657644816,
  "summary_fg_mad": 89.16285947558123,
  "summary_fg_mean": 772.1533813476562,
  "summary_fg_median": 769.6009521484375,
  "summary_fg_n": 15532.0,
  "summary_fg_p05": 621.9062896728516,
  "summary_fg_p95": 923.3735687255856,
  "summary_fg_stdv": 96.6986083984375,
  "tsnr": 78.62028026208282
}