{
  "aor": 0.0051283168316831685,
  "aqi": 0.011285080000000003,
  "bids_meta": {
    "BodyPartExamined": "HEAD",
    "CogAtlasID": "http://www.cognitiveatlas.org/term/id/trm_550b53d7dd674",
    "ConversionSoftware": "dcm2niix",
    "ConversionSoftwareVersion": "v1.0.20170411 GCC4.4.7",
    "EchoTime": 0.027,
    "EffectiveEchoSpacing": 0.000590001,
    "FlipAngle": 90,
    "ImageType": [
      "ORIGINAL",
      "PRIMARY",
      "M",
      "ND",
      "NORM",
      "MOSAIC"
    ],
    "Instructions": "In this next scan you'll be prompted to move your hands, feet, or tongue. You'll only move one of these at once. Instructions are presented on the screen. Let?s review them now. [Read on-screen instructions to participant.] Do you have any questions?",
    "MagneticFieldStrength": 3,
    "Manufacturer": "Siemens",
    "ManufacturersModelName": "TrioTim",
    "PhaseEncodingDirection": "j-",
    "ProcedureStepDescription": "head_Dosenbach_MSC",
    "ProtocolName": "Motor_104Frames_36Slices_TR2.2",
    "RepetitionTime": 2.2,
    "ScanningSequence": "EP",
    "SequenceName": "_epfid2d1_64",
    "SequenceVariant": "SK",
    "SeriesDescription": "Motor_104Frames_36Slices_TR2.2",
    "SliceTiming": [
      1.105,
      0,
      1.1675,
      0.0625,
      1.2275,
      0.1225,
      1.29,
      0.185,
      1.35,
      0.245,
      1.4125,
      0.3075,
      1.4725,
      0.37,
      1.535,
      0.43,
      1.595,
      0.4925,
      1.6575,
      0.5525,
      1.7175,
      0.615,
      1.78,
      0.675,
      1.84,
      0.7375,
      1.9025,
      0.7975,
      1.965,
      0.86,
      2.025,
      0.92,
      2.0875,
      0.9825,
      2.1475,
      1.0425
    ],
    "SoftwareVersion": "syngo MR B17",
    "TaskName": "motor",
    "dataset": "ds000224",
    "modality": "bold",
    "run_id": 1,
    "session_id": "func05",
    "subject_id": "MSC09",
    "task_id": "motor"
  },
  "dummy_trs": 3,
  "dvars_nstd": 19.771699848199994,
  "dvars_std": 1.2433429729999999,
  "dvars_vstd": 1.0141399416999997,
  "efc": 0.43777835111409275,
  "fber": 24622.666015625,
  "fd_mean": 0.2502744220064834,
  "fd_num": 52,
  "fd_perc": 51.48514851485149,
  "fwhm_avg": 1.771904796761943,
  "fwhm_x": 1.6105375,
  "fwhm_y": 2.0002925,
  "fwhm_z": 1.7048843902858293,
  "gcor": 0.0334063,
  "gsr_x": -0.02586093172430992,
  "gsr_y": 0.02103705145418644,
  "provenance": {
    "md5sum": "8d4a9496f6e1de5067d6378cf7293864",
    "settings": {
      "fd_thres": 0.2,
      "testing": false
    },
    "software": "mriqc",
    "version": "22.0.6",
    "webapi_port": null,
    "webapi_url": "https://mriqc.nimh.nih.gov/api/v1"
  },
  "size_t": 101,
  "size_x": 64,
  "size_y": 64,
  "size_z": 36,
  "snr": 8.111001616818752,
  "spacing_tr": 2.200000047683716,
  "spacing_x": 4.0,
  "spacing_y": 4.0,
  "spacing_z": 4.000001430511475,
  "summary_bg_k": 23.168532168808017,
  "summary_bg_mad": 3.934033497506377,
  "summary_bg_mean": 23.87609100341797,
  "summary_bg_median": 4.4851484298706055,
  "summary_bg_n": 98928.0,
  "summary_bg_p05": 1.396039605140686,
  "summary_bg_p95": 123.27376327514642,
  "summary_bg_stdv": 51.05875015258789,
  "summary_fg_k": 2.8730109938282977,
  "summary_fg_mad": 76.80171777330563,
  "summary_fg_mean": 717.9905395507812,
  "summary_fg_median": 716.4901123046875,
  "summary_fg_n": 18954.0,
  "summary_fg_p05": 580.1083923339844,
  "summary_fg_p95": 856.007891845703,
  "summary_fg_stdv": 88.33325958251953,
  "tsnr": 67.21658504602965
}