{
  "aor": 0.0035062500000000003,
  "aqi": 0.006681461634615386,
  "bids_meta": {
    "BodyPartExamined": "HEAD",
    "CogAtlasID": "http://www.cognitiveatlas.org/term/id/trm_550b53d7dd674",
    "ConversionSoftware": "dcm2niix",
    "ConversionSoftwareVersion": "v1.0.20170411 GCC4.4.7",
    "EchoTime": 0.027,
    "EffectiveEchoSpacing": 0.000590001,
    "FlipAngle": 90,
    "ImageType": [
      "ORIGINAL",
      "PRIMARY",
      "M",
      "ND",
      "NORM",
      "MOSAIC"
    ],
    "Instructions": "In this next scan you'll be prompted to move your hands, feet, or tongue. You'll only move one of these at once. Instructions are presented on the screen. Let?s review them now. [Read on-screen instructions to participant.] Do you have any questions?",
    "MagneticFieldStrength": 3,
    "Manufacturer": "Siemens",
    "ManufacturersModelName": "TrioTim",
    "PhaseEncodingDirection": "j-",
    "ProcedureStepDescription": "head_Dosenbach_MSC",
    "ProtocolName": "Motor_104Frames_36Slices_TR2.2",
    "RepetitionTime": 2.2,
    "ScanningSequence": "EP",
    "SequenceName": "_epfid2d1_64",
    "SequenceVariant": "SK",
    "SeriesDescription": "Motor_104Frames_36Slices_TR2.2",
    "SliceTiming": [
      1.105,
      0,
      1.1675,
      0.0625,
      1.2275,
      0.1225,
      1.29,
      0.185,
      1.35,
      0.245,
      1.4125,
      0.3075,
      1.4725,
      0.37,
      1.535,
      0.43,
      1.595,
      0.4925,
      1.6575,
      0.5525,
      1.7175,
      0.615,
      1.78,
      0.675,
      1.84,
      0.7375,
      1.9025,
      0.7975,
      1.965,
      0.86,
      2.025,
      0.92,
      2.0875,
      0.9825,
      2.1475,
      1.0425
    ],
    "SoftwareVersion": "syngo MR B17",
    "TaskName": "motor",
    "dataset": "ds000224",
    "modality": "bold",
    "run_id": 2,
    "session_id": "func05",
    "subject_id": "MSC09",
    "task_id": "motor"
  },
  "dummy_trs": 0,
  "dvars_nstd": 18.816992046893194,
  "dvars_std": 1.2653782942718454,
  "dvars_vstd": 1.0035005810679607,
  "efc": 0.43820609597155885,
  "fber": 27303.6640625,
  "fd_mean": 0.24026565419850332,
  "fd_num": 51,
  "fd_perc": 49.03846153846154,
  "fwhm_avg": 1.774662299507332,
  "fwhm_x": 1.6360575,
  "fwhm_y": 2.006075,
  "fwhm_z": 1.6818543985219963,
  "gcor": 0.0424039,
  "gsr_x": -0.02654239907860756,
  "gsr_y": 0.021171344444155693,
  "provenance": {
    "md5sum": "780f055a70d9c9e4c73824990326d8b0",
    "settings": {
      "fd_thres": 0.2,
      "testing": false
    },
    "software": "mriqc",
    "version": "22.0.6",
    "webapi_port": null,
    "webapi_url": "https://mriqc.nimh.nih.gov/api/v1"
  },
  "size_t": 104,
  "size_x": 64,
  "size_y": 64,
  "size_z": 36,
  "snr": 8.065533332172865,
  "spacing_tr": 2.200000047683716,
  "spacing_x": 4.0,
  "spacing_y": 4.0,
  "spacing_z": 4.000001430511475,
  "summary_bg_k": 22.41415343696329,
  "summary_bg_mad": 3.3643665047858056,
  "summary_bg_mean": 24.064125061035156,
  "summary_bg_median": 4.259615421295166,
  "summary_bg_n": 98889.0,
  "summary_bg_p05": 1.5576924085617065,
  "summary_bg_p95": 124.94808197021476,
  "summary_bg_stdv": 51.806907653808594,
  "summary_fg_k": 2.841523218451444,
  "summary_fg_mad": 78.29278088704012,
  "summary_fg_mean": 721.05322265625,
  "summary_fg_median": 719.5096435546875,
  "summary_fg_n": 18945.0,
  "summary_fg_p05": 583.7404174804688,
  "summary_fg_p95": 860.6884765625,
  "summary_fg_stdv": 89.2055892944336,
  "tsnr": 89.06138098798692
}