{
  "aor": 0.00985382640586797,
  "aqi": 0.014354704755501225,
  "bids_meta": {
    "BodyPartExamined": "HEAD",
    "CogAtlasID": "http://www.cognitiveatlas.org/term/id/trm_4c8a834779883",
    "ConversionSoftware": "dcm2niix",
    "ConversionSoftwareVersion": "v1.0.20170411 GCC4.4.7",
    "EchoTime": 0.027,
    "EffectiveEchoSpacing": 0.000590001,
    "FlipAngle": 90,
    "ImageType": [
      "ORIGINAL",
      "PRIMARY",
      "M",
      "ND",
      "NORM",
      "MOSAIC"
    ],
    "Instructions": "During this first scan, a plus sign will be presented on the screen.  All you need to do is simply relax and look at the plus sign. Please keep your eyes open the entire time, and be as still as possible. It's extremely important that you stay awake for the entire duration of this scan. This scan will last ~30 minutes.",
    "MagneticFieldStrength": 3,
    "Manufacturer": "Siemens",
    "ManufacturersModelName": "TrioTim",
    "PhaseEncodingDirection": "j-",
    "ProcedureStepDescription": "head_Dosenbach_MSC",
    "ProtocolName": "RSFC_818Frames_36Slices_TR2.2",
    "RepetitionTime": 2.2,
    "ScanningSequence": "EP",
    "SequenceName": "_epfid2d1_64",
    "SequenceVariant": "SK",
    "SeriesDescription": "RSFC_818Frames_36Slices_TR2.2",
    "SliceTiming": [
      1.105,
      0,
      1.165,
      0.06,
      1.2275,
      0.1225,
      1.2875,
      0.185,
      1.35,
      0.245,
      1.41,
      0.3075,
      1.4725,
      0.3675,
      1.5325,
      0.43,
      1.595,
      0.49,
      1.655,
      0.5525,
      1.7175,
      0.6125,
      1.78,
      0.675,
      1.84,
      0.735,
      1.9025,
      0.7975,
      1.9625,
      0.8575,
      2.025,
      0.92,
      2.085,
      0.9825,
      2.1475,
      1.0425
    ],
    "SoftwareVersion": "syngo MR B17",
    "TaskName": "rest",
    "dataset": "ds000224",
    "modality": "bold",
    "session_id": "func10",
    "subject_id": "MSC03",
    "task_id": "rest"
  },
  "dummy_trs": 0,
  "dvars_nstd": 15.59903204494491,
  "dvars_std": 1.1511451989106491,
  "dvars_vstd": 1.0778714334149329,
  "efc": 0.367874680660798,
  "fber": 42423.4453125,
  "fd_mean": 0.2506169808851086,
  "fd_num": 478,
  "fd_perc": 58.43520782396088,
  "fwhm_avg": 1.752490997129181,
  "fwhm_x": 1.6054375,
  "fwhm_y": 2.0032125,
  "fwhm_z": 1.6488229913875436,
  "gcor": 0.0253722,
  "gsr_x": -0.023411313071846962,
  "gsr_y": 0.0143346656113863,
  "provenance": {
    "md5sum": "f9ad3d91f641c70149785d4a0e47949f",
    "settings": {
      "fd_thres": 0.2,
      "testing": false
    },
    "software": "mriqc",
    "version": "22.0.6",
    "webapi_port": null,
    "webapi_url": "https://mriqc.nimh.nih.gov/api/v1"
  },
  "size_t": 818,
  "size_x": 64,
  "size_y": 64,
  "size_z": 36,
  "snr": 7.835281267821935,
  "spacing_tr": 2.200000047683716,
  "spacing_x": 4.0,
  "spacing_y": 4.0,
  "spacing_z": 3.9999988079071045,
  "summary_bg_k": 38.59250776816101,
  "summary_bg_mad": 2.789394662251243,
  "summary_bg_mean": 14.285926818847656,
  "summary_bg_median": 3.118582010269165,
  "summary_bg_n": 106897.0,
  "summary_bg_p05": 0.7946210503578186,
  "summary_bg_p95": 70.05892639160152,
  "summary_bg_stdv": 33.86363220214844,
  "summary_fg_k": 1.6685254344170035,
  "summary_fg_mad": 70.20977548141303,
  "summary_fg_mean": 625.9937133789062,
  "summary_fg_median": 623.9370727539062,
  "summary_fg_n": 13406.0,
  "summary_fg_p05": 497.4419403076172,
  "summary_fg_p95": 752.7482147216797,
  "summary_fg_stdv": 79.62876892089844,
  "tsnr": 53.09291626513004
}