{
  "aor": 0.0014079611650485435,
  "aqi": 0.003995426116504854,
  "bids_meta": {
    "BodyPartExamined": "HEAD",
    "CogAtlasID": "http://www.cognitiveatlas.org/term/id/trm_550b53d7dd674",
    "ConversionSoftware": "dcm2niix",
    "ConversionSoftwareVersion": "v1.0.20170411 GCC4.4.7",
    "EchoTime": 0.027,
    "EffectiveEchoSpacing": 0.000590001,
    "FlipAngle": 90,
    "ImageType": [
      "ORIGINAL",
      "PRIMARY",
      "M",
      "ND",
      "NORM",
      "MOSAIC"
    ],
    "Instructions": "In this next scan you'll be prompted to move your hands, feet, or tongue. You'll only move one of these at once. Instructions are presented on the screen. Let?s review them now. [Read on-screen instructions to participant.] Do you have any questions?",
    "MagneticFieldStrength": 3,
    "Manufacturer": "Siemens",
    "ManufacturersModelName": "TrioTim",
    "PhaseEncodingDirection": "j-",
    "ProcedureStepDescription": "head_Dosenbach_MSC",
    "ProtocolName": "Motor_104Frames_36Slices_TR2.2",
    "RepetitionTime": 2.2,
    "ScanningSequence": "EP",
    "SequenceName": "_epfid2d1_64",
    "SequenceVariant": "SK",
    "SeriesDescription": "Motor_104Frames_36Slices_TR2.2",
    "SliceTiming": [
      1.105,
      0,
      1.1675,
      0.0625,
      1.2275,
      0.1225,
      1.29,
      0.185,
      1.35,
      0.245,
      1.4125,
      0.3075,
      1.4725,
      0.37,
      1.535,
      0.43,
      1.595,
      0.4925,
      1.6575,
      0.5525,
      1.7175,
      0.615,
      1.78,
      0.675,
      1.84,
      0.7375,
      1.9025,
      0.7975,
      1.965,
      0.86,
      2.025,
      0.92,
      2.0875,
      0.9825,
      2.1475,
      1.0425
    ],
    "SoftwareVersion": "syngo MR B17",
    "TaskName": "motor",
    "dataset": "ds000224",
    "modality": "bold",
    "run_id": 2,
    "session_id": "func10",
    "subject_id": "MSC03",
    "task_id": "motor"
  },
  "dummy_trs": 1,
  "dvars_nstd": 14.942804430588232,
  "dvars_std": 1.110809220784314,
  "dvars_vstd": 0.9815393766666668,
  "efc": 0.3624601850749298,
  "fber": 46241.48046875,
  "fd_mean": 0.25628309076855654,
  "fd_num": 63,
  "fd_perc": 61.16504854368932,
  "fwhm_avg": 1.741860999913464,
  "fwhm_x": 1.60325,
  "fwhm_y": 1.9454825,
  "fwhm_z": 1.676850499740392,
  "gcor": 0.0183883,
  "gsr_x": -0.023907508701086044,
  "gsr_y": 0.012040936388075352,
  "provenance": {
    "md5sum": "65e362ed5b0512f506ecd4932e06727b",
    "settings": {
      "fd_thres": 0.2,
      "testing": false
    },
    "software": "mriqc",
    "version": "22.0.6",
    "webapi_port": null,
    "webapi_url": "https://mriqc.nimh.nih.gov/api/v1"
  },
  "size_t": 103,
  "size_x": 64,
  "size_y": 64,
  "size_z": 36,
  "snr": 7.8488300882420985,
  "spacing_tr": 2.200000047683716,
  "spacing_x": 4.0,
  "spacing_y": 4.0,
  "spacing_z": 3.9999988079071045,
  "summary_bg_k": 40.089813458319526,
  "summary_bg_mad": 2.015187400815595,
  "summary_bg_mean": 13.5808744430542,
  "summary_bg_median": 2.951456308364868,
  "summary_bg_n": 107475.0,
  "summary_bg_p05": 1.1165049076080322,
  "summary_bg_p95": 67.1456298828125,
  "summary_bg_stdv": 32.39585876464844,
  "summary_fg_k": 2.2396279044681817,
  "summary_fg_mad": 70.92021920806631,
  "summary_fg_mean": 641.5427856445312,
  "summary_fg_median": 639.1165161132812,
  "summary_fg_n": 13020.0,
  "summary_fg_p05": 513.1640686035156,
  "summary_fg_p95": 769.5252624511719,
  "summary_fg_stdv": 81.42512512207031,
  "tsnr": 100.97792521119118
}