{
  "aor": 0.0052215686274509785,
  "aqi": 0.011575245588235295,
  "bids_meta": {
    "BodyPartExamined": "HEAD",
    "CogAtlasID": "http://www.cognitiveatlas.org/term/id/trm_550b53d7dd674",
    "ConversionSoftware": "dcm2niix",
    "ConversionSoftwareVersion": "v1.0.20170411 GCC4.4.7",
    "EchoTime": 0.027,
    "EffectiveEchoSpacing": 0.000590001,
    "FlipAngle": 90,
    "ImageType": [
      "ORIGINAL",
      "PRIMARY",
      "M",
      "ND",
      "NORM",
      "MOSAIC"
    ],
    "Instructions": "In this next scan you'll be prompted to move your hands, feet, or tongue. You'll only move one of these at once. Instructions are presented on the screen. Let?s review them now. [Read on-screen instructions to participant.] Do you have any questions?",
    "MagneticFieldStrength": 3,
    "Manufacturer": "Siemens",
    "ManufacturersModelName": "TrioTim",
    "PhaseEncodingDirection": "j-",
    "ProcedureStepDescription": "head_Dosenbach_MSC",
    "ProtocolName": "Motor_104Frames_36Slices_TR2.2",
    "RepetitionTime": 2.2,
    "ScanningSequence": "EP",
    "SequenceName": "_epfid2d1_64",
    "SequenceVariant": "SK",
    "SeriesDescription": "Motor_104Frames_36Slices_TR2.2",
    "SliceTiming": [
      1.105,
      0,
      1.1675,
      0.0625,
      1.2275,
      0.1225,
      1.29,
      0.185,
      1.35,
      0.245,
      1.4125,
      0.3075,
      1.4725,
      0.37,
      1.535,
      0.43,
      1.595,
      0.4925,
      1.6575,
      0.5525,
      1.7175,
      0.615,
      1.78,
      0.675,
      1.84,
      0.7375,
      1.9025,
      0.7975,
      1.965,
      0.86,
      2.025,
      0.92,
      2.0875,
      0.9825,
      2.1475,
      1.0425
    ],
    "SoftwareVersion": "syngo MR B17",
    "TaskName": "motor",
    "dataset": "ds000224",
    "modality": "bold",
    "run_id": 1,
    "session_id": "func10",
    "subject_id": "MSC08",
    "task_id": "motor"
  },
  "dummy_trs": 2,
  "dvars_nstd": 23.06678498207921,
  "dvars_std": 1.2629847552475246,
  "dvars_vstd": 1.025680252673267,
  "efc": 0.3890672827962258,
  "fber": 32223.455078125,
  "fd_mean": 0.32961819704675754,
  "fd_num": 77,
  "fd_perc": 75.49019607843137,
  "fwhm_avg": 1.7135916666666666,
  "fwhm_x": 1.63532,
  "fwhm_y": 1.871305,
  "fwhm_z": 1.63415,
  "gcor": 0.0261011,
  "gsr_x": -0.022033067420125008,
  "gsr_y": 0.007449759170413017,
  "provenance": {
    "md5sum": "b944a62af3446e0daa8ac8942d9b22c0",
    "settings": {
      "fd_thres": 0.2,
      "testing": false
    },
    "software": "mriqc",
    "version": "22.0.6",
    "webapi_port": null,
    "webapi_url": "https://mriqc.nimh.nih.gov/api/v1"
  },
  "size_t": 102,
  "size_x": 64,
  "size_y": 64,
  "size_z": 36,
  "snr": 8.500892516465187,
  "spacing_tr": 2.200000047683716,
  "spacing_x": 4.0,
  "spacing_y": 4.0,
  "spacing_z": 4.0,
  "summary_bg_k": 41.931058319935424,
  "summary_bg_mad": 2.790780833735205,
  "summary_bg_mean": 15.060324668884277,
  "summary_bg_median": 3.3333334922790527,
  "summary_bg_n": 104398.0,
  "summary_bg_p05": 1.0784313678741455,
  "summary_bg_p95": 73.6289272308349,
  "summary_bg_stdv": 34.039947509765625,
  "summary_fg_k": 3.0428497384885382,
  "summary_fg_mad": 60.30699892013726,
  "summary_fg_mean": 601.4595947265625,
  "summary_fg_median": 603.4804077148438,
  "summary_fg_n": 14871.0,
  "summary_fg_p05": 486.3137512207031,
  "summary_fg_p95": 709.5245361328125,
  "summary_fg_stdv": 70.98785400390625,
  "tsnr": 66.51326107699424
}