{
  "aor": 0.003397961165048544,
  "aqi": 0.005083008737864077,
  "bids_meta": {
    "BodyPartExamined": "HEAD",
    "CogAtlasID": "http://www.cognitiveatlas.org/term/id/trm_550b53d7dd674",
    "ConversionSoftware": "dcm2niix",
    "ConversionSoftwareVersion": "v1.0.20170411 GCC4.4.7",
    "EchoTime": 0.027,
    "EffectiveEchoSpacing": 0.000590001,
    "FlipAngle": 90,
    "ImageType": [
      "ORIGINAL",
      "PRIMARY",
      "M",
      "ND",
      "NORM",
      "MOSAIC"
    ],
    "Instructions": "In this next scan you'll be prompted to move your hands, feet, or tongue. You'll only move one of these at once. Instructions are presented on the screen. Let?s review them now. [Read on-screen instructions to participant.] Do you have any questions?",
    "MagneticFieldStrength": 3,
    "Manufacturer": "Siemens",
    "ManufacturersModelName": "TrioTim",
    "PhaseEncodingDirection": "j-",
    "ProcedureStepDescription": "head_Dosenbach_MSC",
    "ProtocolName": "Motor_104Frames_36Slices_TR2.2",
    "RepetitionTime": 2.2,
    "ScanningSequence": "EP",
    "SequenceName": "_epfid2d1_64",
    "SequenceVariant": "SK",
    "SeriesDescription": "Motor_104Frames_36Slices_TR2.2",
    "SliceTiming": [
      1.105,
      0,
      1.1675,
      0.0625,
      1.2275,
      0.1225,
      1.29,
      0.185,
      1.35,
      0.245,
      1.4125,
      0.3075,
      1.4725,
      0.37,
      1.535,
      0.43,
      1.595,
      0.4925,
      1.6575,
      0.5525,
      1.7175,
      0.615,
      1.78,
      0.675,
      1.84,
      0.7375,
      1.9025,
      0.7975,
      1.965,
      0.86,
      2.025,
      0.92,
      2.0875,
      0.9825,
      2.1475,
      1.0425
    ],
    "SoftwareVersion": "syngo MR B17",
    "TaskName": "motor",
    "dataset": "ds000224",
    "modality": "bold",
    "run_id": 1,
    "session_id": "func06",
    "subject_id": "MSC09",
    "task_id": "motor"
  },
  "dummy_trs": 1,
  "dvars_nstd": 18.298399242941183,
  "dvars_std": 1.3228783901960786,
  "dvars_vstd": 1.0279995149019612,
  "efc": 0.44227616281315074,
  "fber": 25233.607421875,
  "fd_mean": 0.16265698456209735,
  "fd_num": 26,
  "fd_perc": 25.24271844660194,
  "fwhm_avg": 1.7635182664361675,
  "fwhm_x": 1.618685,
  "fwhm_y": 1.9883475,
  "fwhm_z": 1.6835222993085028,
  "gcor": 0.028286,
  "gsr_x": -0.02699393592774868,
  "gsr_y": 0.022763965651392937,
  "provenance": {
    "md5sum": "340edca709a1354629ce8f3228c45442",
    "settings": {
      "fd_thres": 0.2,
      "testing": false
    },
    "software": "mriqc",
    "version": "22.0.6",
    "webapi_port": null,
    "webapi_url": "https://mriqc.nimh.nih.gov/api/v1"
  },
  "size_t": 103,
  "size_x": 64,
  "size_y": 64,
  "size_z": 36,
  "snr": 7.822697841774895,
  "spacing_tr": 2.200000047683716,
  "spacing_x": 4.0,
  "spacing_y": 4.0,
  "spacing_z": 4.000000476837158,
  "summary_bg_k": 20.402471712876334,
  "summary_bg_mad": 3.5553667253832786,
  "summary_bg_mean": 24.952289581298828,
  "summary_bg_median": 4.320388317108154,
  "summary_bg_n": 98722.0,
  "summary_bg_p05": 1.4951456785202026,
  "summary_bg_p95": 129.69466629028295,
  "summary_bg_stdv": 52.90107727050781,
  "summary_fg_k": 2.650236474298622,
  "summary_fg_mad": 79.58553328532936,
  "summary_fg_mean": 702.1436157226562,
  "summary_fg_median": 700.5339965820312,
  "summary_fg_n": 19074.0,
  "summary_fg_p05": 563.2927154541015,
  "summary_fg_p95": 842.971856689453,
  "summary_fg_stdv": 89.54911041259766,
  "tsnr": 101.0745960813947
}