{
  "aor": 0.0027431740196078433,
  "aqi": 0.012729138308823528,
  "bids_meta": {
    "BodyPartExamined": "HEAD",
    "CogAtlasID": "http://www.cognitiveatlas.org/term/id/trm_4c8a834779883",
    "ConversionSoftware": "dcm2niix",
    "ConversionSoftwareVersion": "v1.0.20170411 GCC4.4.7",
    "EchoTime": 0.027,
    "EffectiveEchoSpacing": 0.000590001,
    "FlipAngle": 90,
    "ImageType": [
      "ORIGINAL",
      "PRIMARY",
      "M",
      "ND",
      "NORM",
      "MOSAIC"
    ],
    "Instructions": "During this first scan, a plus sign will be presented on the screen.  All you need to do is simply relax and look at the plus sign. Please keep your eyes open the entire time, and be as still as possible. It's extremely important that you stay awake for the entire duration of this scan. This scan will last ~30 minutes.",
    "MagneticFieldStrength": 3,
    "Manufacturer": "Siemens",
    "ManufacturersModelName": "TrioTim",
    "PhaseEncodingDirection": "j-",
    "ProcedureStepDescription": "head_Dosenbach_MSC",
    "ProtocolName": "RSFC_818Frames_36Slices_TR2.2",
    "RepetitionTime": 2.2,
    "ScanningSequence": "EP",
    "SequenceName": "_epfid2d1_64",
    "SequenceVariant": "SK",
    "SeriesDescription": "RSFC_818Frames_36Slices_TR2.2",
    "SliceTiming": [
      1.105,
      0,
      1.165,
      0.06,
      1.2275,
      0.1225,
      1.2875,
      0.185,
      1.35,
      0.245,
      1.41,
      0.3075,
      1.4725,
      0.3675,
      1.5325,
      0.43,
      1.595,
      0.49,
      1.655,
      0.5525,
      1.7175,
      0.6125,
      1.78,
      0.675,
      1.84,
      0.735,
      1.9025,
      0.7975,
      1.9625,
      0.8575,
      2.025,
      0.92,
      2.085,
      0.9825,
      2.1475,
      1.0425
    ],
    "SoftwareVersion": "syngo MR B17",
    "TaskName": "rest",
    "dataset": "ds000224",
    "modality": "bold",
    "session_id": "func08",
    "subject_id": "MSC06",
    "task_id": "rest"
  },
  "dummy_trs": 1,
  "dvars_nstd": 20.724009310331272,
  "dvars_std": 1.348205603803683,
  "dvars_vstd": 0.9469423479631899,
  "efc": 0.40165602710269316,
  "fber": 29614.71484375,
  "fd_mean": 0.10050301785721896,
  "fd_num": 62,
  "fd_perc": 7.598039215686274,
  "fwhm_avg": 1.7122906333553514,
  "fwhm_x": 1.5464725,
  "fwhm_y": 1.9128625,
  "fwhm_z": 1.6775369000660538,
  "gcor": 0.100447,
  "gsr_x": -0.02422265149652958,
  "gsr_y": 0.015833145007491112,
  "provenance": {
    "md5sum": "96fdae68ea11bb28d491f6b11daec43c",
    "settings": {
      "fd_thres": 0.2,
      "testing": false
    },
    "software": "mriqc",
    "version": "22.0.6",
    "webapi_port": null,
    "webapi_url": "https://mriqc.nimh.nih.gov/api/v1"
  },
  "size_t": 816,
  "size_x": 64,
  "size_y": 64,
  "size_z": 36,
  "snr": 7.696317238062913,
  "spacing_tr": 2.200000047683716,
  "spacing_x": 4.0,
  "spacing_y": 4.0,
  "spacing_z": 4.000001430511475,
  "summary_bg_k": 37.3288644513175,
  "summary_bg_mad": 3.20503702407067,
  "summary_bg_mean": 16.52166748046875,
  "summary_bg_median": 3.805147171020508,
  "summary_bg_n": 102343.0,
  "summary_bg_p05": 1.214460849761963,
  "summary_bg_p95": 74.74975891113252,
  "summary_bg_stdv": 38.47401428222656,
  "summary_fg_k": 1.4966122745968216,
  "summary_fg_mad": 80.36212582922677,
  "summary_fg_mean": 662.30029296875,
  "summary_fg_median": 659.2193603515625,
  "summary_fg_n": 16408.0,
  "summary_fg_p05": 533.5977600097656,
  "summary_fg_p95": 800.8380920410156,
  "summary_fg_stdv": 85.65126037597656,
  "tsnr": 58.413148620165884
}