{
  "aor": 0.0013631683168316834,
  "aqi": 0.004665011089108911,
  "bids_meta": {
    "BodyPartExamined": "HEAD",
    "CogAtlasID": "http://www.cognitiveatlas.org/term/id/trm_550b53d7dd674",
    "ConversionSoftware": "dcm2niix",
    "ConversionSoftwareVersion": "v1.0.20170411 GCC4.4.7",
    "EchoTime": 0.027,
    "EffectiveEchoSpacing": 0.000590001,
    "FlipAngle": 90,
    "ImageType": [
      "ORIGINAL",
      "PRIMARY",
      "M",
      "ND",
      "NORM",
      "MOSAIC"
    ],
    "Instructions": "In this next scan you'll be prompted to move your hands, feet, or tongue. You'll only move one of these at once. Instructions are presented on the screen. Let?s review them now. [Read on-screen instructions to participant.] Do you have any questions?",
    "MagneticFieldStrength": 3,
    "Manufacturer": "Siemens",
    "ManufacturersModelName": "TrioTim",
    "PhaseEncodingDirection": "j-",
    "ProcedureStepDescription": "head_Dosenbach_MSC",
    "ProtocolName": "Motor_104Frames_36Slices_TR2.2",
    "RepetitionTime": 2.2,
    "ScanningSequence": "EP",
    "SequenceName": "_epfid2d1_64",
    "SequenceVariant": "SK",
    "SeriesDescription": "Motor_104Frames_36Slices_TR2.2",
    "SliceTiming": [
      1.105,
      0,
      1.1675,
      0.0625,
      1.2275,
      0.1225,
      1.29,
      0.185,
      1.35,
      0.245,
      1.4125,
      0.3075,
      1.4725,
      0.37,
      1.535,
      0.43,
      1.595,
      0.4925,
      1.6575,
      0.5525,
      1.7175,
      0.615,
      1.78,
      0.675,
      1.84,
      0.7375,
      1.9025,
      0.7975,
      1.965,
      0.86,
      2.025,
      0.92,
      2.0875,
      0.9825,
      2.1475,
      1.0425
    ],
    "SoftwareVersion": "syngo MR B17",
    "TaskName": "motor",
    "dataset": "ds000224",
    "modality": "bold",
    "run_id": 2,
    "session_id": "func11",
    "subject_id": "MSC10",
    "task_id": "motor"
  },
  "dummy_trs": 3,
  "dvars_nstd": 18.705326318599997,
  "dvars_std": 1.2463671369999996,
  "dvars_vstd": 1.0036716783000004,
  "efc": 0.4247110849441619,
  "fber": 29066.875,
  "fd_mean": 0.21381693658668788,
  "fd_num": 45,
  "fd_perc": 44.554455445544555,
  "fwhm_avg": 1.7064858665668987,
  "fwhm_x": 1.5827575,
  "fwhm_y": 1.864,
  "fwhm_z": 1.6727000997006953,
  "gcor": 0.0287127,
  "gsr_x": -0.022127514705061913,
  "gsr_y": 0.013771966099739075,
  "provenance": {
    "md5sum": "9aedcedcb880217d713c0a9272379dd2",
    "settings": {
      "fd_thres": 0.2,
      "testing": false
    },
    "software": "mriqc",
    "version": "22.0.6",
    "webapi_port": null,
    "webapi_url": "https://mriqc.nimh.nih.gov/api/v1"
  },
  "size_t": 101,
  "size_x": 64,
  "size_y": 64,
  "size_z": 36,
  "snr": 7.178456647927272,
  "spacing_tr": 2.200000047683716,
  "spacing_x": 4.0,
  "spacing_y": 4.0,
  "spacing_z": 3.999999761581421,
  "summary_bg_k": 26.673614780748675,
  "summary_bg_mad": 2.9211668488468545,
  "summary_bg_mean": 21.92251968383789,
  "summary_bg_median": 4.00990104675293,
  "summary_bg_n": 100360.0,
  "summary_bg_p05": 1.4653464555740356,
  "summary_bg_p95": 120.70445022582973,
  "summary_bg_stdv": 50.79296112060547,
  "summary_fg_k": 2.016604459994495,
  "summary_fg_mad": 86.76896907095133,
  "summary_fg_mean": 698.7429809570312,
  "summary_fg_median": 694.1187744140625,
  "summary_fg_n": 17758.0,
  "summary_fg_p05": 552.4554443359375,
  "summary_fg_p95": 855.2098815917967,
  "summary_fg_stdv": 96.69198608398438,
  "tsnr": 93.91330244624987
}