{
  "aor": 0.0023547115384615386,
  "aqi": 0.005240150384615384,
  "bids_meta": {
    "BodyPartExamined": "HEAD",
    "CogAtlasID": "http://www.cognitiveatlas.org/term/id/trm_550b53d7dd674",
    "ConversionSoftware": "dcm2niix",
    "ConversionSoftwareVersion": "v1.0.20170411 GCC4.4.7",
    "EchoTime": 0.027,
    "EffectiveEchoSpacing": 0.000590001,
    "FlipAngle": 90,
    "ImageType": [
      "ORIGINAL",
      "PRIMARY",
      "M",
      "ND",
      "NORM",
      "MOSAIC"
    ],
    "Instructions": "In this next scan you'll be prompted to move your hands, feet, or tongue. You'll only move one of these at once. Instructions are presented on the screen. Let?s review them now. [Read on-screen instructions to participant.] Do you have any questions?",
    "MagneticFieldStrength": 3,
    "Manufacturer": "Siemens",
    "ManufacturersModelName": "TrioTim",
    "PhaseEncodingDirection": "j-",
    "ProcedureStepDescription": "head_Dosenbach_MSC",
    "ProtocolName": "Motor_104Frames_36Slices_TR2.2",
    "RepetitionTime": 2.2,
    "ScanningSequence": "EP",
    "SequenceName": "_epfid2d1_64",
    "SequenceVariant": "SK",
    "SeriesDescription": "Motor_104Frames_36Slices_TR2.2",
    "SliceTiming": [
      1.105,
      0,
      1.1675,
      0.0625,
      1.2275,
      0.1225,
      1.29,
      0.185,
      1.35,
      0.245,
      1.4125,
      0.3075,
      1.4725,
      0.37,
      1.535,
      0.43,
      1.595,
      0.4925,
      1.6575,
      0.5525,
      1.7175,
      0.615,
      1.78,
      0.675,
      1.84,
      0.7375,
      1.9025,
      0.7975,
      1.965,
      0.86,
      2.025,
      0.92,
      2.0875,
      0.9825,
      2.1475,
      1.0425
    ],
    "SoftwareVersion": "syngo MR B17",
    "TaskName": "motor",
    "dataset": "ds000224",
    "modality": "bold",
    "run_id": 1,
    "session_id": "func11",
    "subject_id": "MSC10",
    "task_id": "motor"
  },
  "dummy_trs": 0,
  "dvars_nstd": 18.88691711446602,
  "dvars_std": 1.2240689377669898,
  "dvars_vstd": 1.0004970061165044,
  "efc": 0.4241768713092598,
  "fber": 28676.34375,
  "fd_mean": 0.20186579736159482,
  "fd_num": 44,
  "fd_perc": 42.30769230769231,
  "fwhm_avg": 1.7161517001926423,
  "fwhm_x": 1.5797425,
  "fwhm_y": 1.881295,
  "fwhm_z": 1.6874176005779267,
  "gcor": 0.0280184,
  "gsr_x": -0.022209899500012398,
  "gsr_y": 0.014272538013756275,
  "provenance": {
    "md5sum": "76aac9bbe5ab05efa072c42bb1b2c597",
    "settings": {
      "fd_thres": 0.2,
      "testing": false
    },
    "software": "mriqc",
    "version": "22.0.6",
    "webapi_port": null,
    "webapi_url": "https://mriqc.nimh.nih.gov/api/v1"
  },
  "size_t": 104,
  "size_x": 64,
  "size_y": 64,
  "size_z": 36,
  "snr": 7.206944952212225,
  "spacing_tr": 2.200000047683716,
  "spacing_x": 4.0,
  "spacing_y": 4.0,
  "spacing_z": 3.999999761581421,
  "summary_bg_k": 27.1174292102063,
  "summary_bg_mad": 2.9366927471230455,
  "summary_bg_mean": 21.356090545654297,
  "summary_bg_median": 4.019230842590332,
  "summary_bg_n": 100179.0,
  "summary_bg_p05": 1.4903846979141235,
  "summary_bg_p95": 116.7048118591306,
  "summary_bg_stdv": 49.30902099609375,
  "summary_fg_k": 2.0115029688424126,
  "summary_fg_mad": 85.99092867332492,
  "summary_fg_mean": 698.2295532226562,
  "summary_fg_median": 693.1923217773438,
  "summary_fg_n": 17773.0,
  "summary_fg_p05": 552.8557861328125,
  "summary_fg_p95": 855.4942749023431,
  "summary_fg_stdv": 96.18122863769531,
  "tsnr": 88.41343378834426
}