{
  "bids_meta": {
    "BodyPartExamined": "HEAD",
    "ConversionSoftware": "dcm2niix",
    "ConversionSoftwareVersion": "v1.0.20170411 GCC4.4.7",
    "EchoTime": 0.479,
    "FlipAngle": 120,
    "ImageType": [
      "ORIGINAL",
      "PRIMARY",
      "M",
      "ND",
      "NORM"
    ],
    "MagneticFieldStrength": 3,
    "Manufacturer": "Siemens",
    "ManufacturersModelName": "TrioTim",
    "PhaseEncodingDirection": "i-",
    "ProcedureStepDescription": "head_Dosenbach_MSC",
    "ProtocolName": "T2_.8x.8x.8_224Slices",
    "RepetitionTime": 3.2,
    "ScanningSequence": "SE",
    "SequenceName": "_spc3d1_282ns",
    "SequenceVariant": "SK_SP",
    "SeriesDescription": "T2_.8x.8x.8_224Slices",
    "dataset": "ds000224",
    "modality": "T2w",
    "run_id": 1,
    "session_id": "struct02",
    "subject_id": "MSC01"
  },
  "cjv": 0.34032072118599566,
  "cnr": 2.605952904475753,
  "efc": 0.6357795819603912,
  "fber": 4476.557306758556,
  "fwhm_avg": 2.405654963184782,
  "fwhm_x": 2.2526128895543454,
  "fwhm_y": 2.645079414634146,
  "fwhm_z": 2.319272585365854,
  "icvs_csf": 0.3136560376242822,
  "icvs_gm": 0.565348775974224,
  "icvs_wm": 0.12099518640149383,
  "inu_med": 0.976848304271698,
  "inu_range": 0.3467596590518952,
  "provenance": {
    "md5sum": "230d621745f0a9d37bf83db12be6b243",
    "settings": {
      "testing": false
    },
    "software": "mriqc",
    "version": "22.0.6",
    "warnings": {
      "large_rot_frame": true,
      "small_air_mask": false
    },
    "webapi_port": null,
    "webapi_url": "https://mriqc.nimh.nih.gov/api/v1"
  },
  "qi_1": 0.0,
  "qi_2": 0.00818933118018349,
  "rpve_csf": 9.3766212919177,
  "rpve_gm": 6.353910488445982,
  "rpve_wm": 31.79685265284774,
  "size_x": 224,
  "size_y": 256,
  "size_z": 256,
  "snr_csf": 6.738028290766198,
  "snr_gm": 5.994937880143878,
  "snr_total": 5.563812107334816,
  "snr_wm": 3.9584701510943763,
  "snrd_csf": 41.21440060119295,
  "snrd_gm": 23.057648222022024,
  "snrd_total": 44.988731432957444,
  "snrd_wm": 70.69414547565735,
  "spacing_x": 0.7999954223632812,
  "spacing_y": 0.80078125,
  "spacing_z": 0.80078125,
  "summary_bg_k": 79.84228633872839,
  "summary_bg_mad": 0.0,
  "summary_bg_mean": 5.927186241127738,
  "summary_bg_median": 0.0,
  "summary_bg_n": 3342941.0,
  "summary_bg_p05": 0.0,
  "summary_bg_p95": 22.43753170967102,
  "summary_bg_stdv": 9.265126972503365,
  "summary_csf_k": 1.3017415343819696,
  "summary_csf_mad": 77.55750968118303,
  "summary_csf_mean": 588.4622861313242,
  "summary_csf_median": 582.865880548954,
  "summary_csf_n": 75610.0,
  "summary_csf_p05": 458.7370356172323,
  "summary_csf_p95": 737.3905692186207,
  "summary_csf_stdv": 86.50335097460726,
  "summary_gm_k": 0.04232488789450661,
  "summary_gm_mad": 54.30915787585685,
  "summary_gm_mean": 327.0454676229929,
  "summary_gm_median": 326.0878779813647,
  "summary_gm_n": 552874.0,
  "summary_gm_p05": 239.41866222023964,
  "summary_gm_p95": 418.154000043869,
  "summary_gm_stdv": 54.39382185406058,
  "summary_wm_k": 3.8201384381749133,
  "summary_wm_mad": 174.96117334252259,
  "summary_wm_mean": 927.8630856091411,
  "summary_wm_median": 999.7768923304975,
  "summary_wm_n": 29636.0,
  "summary_wm_p05": 234.79198368825018,
  "summary_wm_p95": 1168.2496091164649,
  "summary_wm_stdv": 252.56222389432057,
  "tpm_overlap_csf": 0.11529851662414337,
  "tpm_overlap_gm": 0.3442136561007757,
  "tpm_overlap_wm": 0.026549744260770475,
  "wm2max": 0.869188140759213
}