{
  "bids_meta": {
    "BodyPartExamined": "HEAD",
    "ConversionSoftware": "dcm2niix",
    "ConversionSoftwareVersion": "v1.0.20170411 GCC4.4.7",
    "EchoTime": 0.479,
    "FlipAngle": 120,
    "ImageType": [
      "ORIGINAL",
      "PRIMARY",
      "M",
      "ND",
      "NORM"
    ],
    "MagneticFieldStrength": 3,
    "Manufacturer": "Siemens",
    "ManufacturersModelName": "TrioTim",
    "PhaseEncodingDirection": "i-",
    "ProcedureStepDescription": "head_Dosenbach_MSC",
    "ProtocolName": "T2_.8x.8x.8_224Slices",
    "RepetitionTime": 3.2,
    "ScanningSequence": "SE",
    "SequenceName": "_spc3d1_282ns",
    "SequenceVariant": "SK_SP",
    "SeriesDescription": "T2_.8x.8x.8_224Slices",
    "dataset": "ds000224",
    "modality": "T2w",
    "run_id": 2,
    "session_id": "struct02",
    "subject_id": "MSC01"
  },
  "cjv": 0.34730853926058297,
  "cnr": 2.6243697431561235,
  "efc": 0.6384160173602443,
  "fber": 4838.593599999999,
  "fwhm_avg": 2.393822723263762,
  "fwhm_x": 2.2333877795473835,
  "fwhm_y": 2.6409834146341464,
  "fwhm_z": 2.307096975609756,
  "icvs_csf": 0.3095615174627688,
  "icvs_gm": 0.5672820660004575,
  "icvs_wm": 0.12315641653677367,
  "inu_med": 0.9763686656951904,
  "inu_range": 0.3456386774778365,
  "provenance": {
    "md5sum": "44d2035fa1bdfd1946e0a79cb0568fd2",
    "settings": {
      "testing": false
    },
    "software": "mriqc",
    "version": "22.0.6",
    "warnings": {
      "large_rot_frame": true,
      "small_air_mask": false
    },
    "webapi_port": null,
    "webapi_url": "https://mriqc.nimh.nih.gov/api/v1"
  },
  "qi_1": 1.9100155680109486e-05,
  "qi_2": 0.006209577135750063,
  "rpve_csf": 9.435003638235889,
  "rpve_gm": 6.323540980544939,
  "rpve_wm": 31.570488843306414,
  "size_x": 224,
  "size_y": 256,
  "size_z": 256,
  "snr_csf": 6.824852611433886,
  "snr_gm": 5.842130707103415,
  "snr_total": 5.560529470470079,
  "snr_wm": 4.014605092872935,
  "snrd_csf": 38.51022346907789,
  "snrd_gm": 21.443271177281243,
  "snrd_total": 41.69302179069073,
  "snrd_wm": 65.12557072571305,
  "spacing_x": 0.7999954223632812,
  "spacing_y": 0.80078125,
  "spacing_z": 0.80078125,
  "summary_bg_k": 195.29570538399884,
  "summary_bg_mad": 0.0,
  "summary_bg_mean": 5.609930814774356,
  "summary_bg_median": 0.0,
  "summary_bg_n": 3317290.0,
  "summary_bg_p05": 0.0,
  "summary_bg_p95": 21.96542836725712,
  "summary_bg_stdv": 10.0553180495671,
  "summary_csf_k": 1.354161613259972,
  "summary_csf_mad": 78.22131224127064,
  "summary_csf_mean": 596.5391020473016,
  "summary_csf_median": 591.071638122201,
  "summary_csf_n": 70438.0,
  "summary_csf_p05": 467.21315042600037,
  "summary_csf_p95": 745.4907218076288,
  "summary_csf_stdv": 86.60515853922152,
  "summary_gm_k": 0.10060722851236514,
  "summary_gm_mad": 56.007214718206654,
  "summary_gm_mean": 330.6591509336597,
  "summary_gm_median": 329.12064069509506,
  "summary_gm_n": 557650.0,
  "summary_gm_p05": 240.64347077906132,
  "summary_gm_p95": 425.5562991499901,
  "summary_gm_stdv": 56.335669655374645,
  "summary_wm_k": 4.053814153667656,
  "summary_wm_mad": 176.84750018184297,
  "summary_wm_mean": 940.2865089095444,
  "summary_wm_median": 999.5755491629243,
  "summary_wm_n": 32308.0,
  "summary_wm_p05": 273.4366880863906,
  "summary_wm_p95": 1186.493916645646,
  "summary_wm_stdv": 248.98092251799724,
  "tpm_overlap_csf": 0.1161276481839962,
  "tpm_overlap_gm": 0.34591765059925267,
  "tpm_overlap_wm": 0.02692862033377612,
  "wm2max": 0.849512594189448
}