{
  "bids_meta": {
    "BodyPartExamined": "HEAD",
    "ConversionSoftware": "dcm2niix",
    "ConversionSoftwareVersion": "v1.0.20170411 GCC4.4.7",
    "EchoTime": 0.00374,
    "FlipAngle": 8,
    "ImageType": [
      "ORIGINAL",
      "PRIMARY",
      "M",
      "ND",
      "NORM"
    ],
    "InversionTime": 1,
    "MagneticFieldStrength": 3,
    "Manufacturer": "Siemens",
    "ManufacturersModelName": "TrioTim",
    "PhaseEncodingDirection": "i-",
    "ProcedureStepDescription": "head_Dosenbach_MSC",
    "ProtocolName": "T1_.8x.8x.8_224Slices",
    "RepetitionTime": 2.4,
    "ScanningSequence": "GR_IR",
    "SequenceName": "_tfl3d1_ns",
    "SequenceVariant": "SP_MP_OSP",
    "SeriesDescription": "T1_.8x.8x.8_224Slices",
    "dataset": "ds000224",
    "modality": "T1w",
    "run_id": 1,
    "session_id": "struct02",
    "subject_id": "MSC01"
  },
  "cjv": 0.547092027914884,
  "cnr": 2.4893599758114138,
  "efc": 0.6739941730015453,
  "fber": 9169.781170282708,
  "fwhm_avg": 3.640684450168797,
  "fwhm_x": 3.748321448067368,
  "fwhm_y": 3.7791719024390242,
  "fwhm_z": 3.3945600000000002,
  "icvs_csf": 0.18030545547969057,
  "icvs_gm": 0.41644901188131744,
  "icvs_wm": 0.403245532638992,
  "inu_med": 0.7217380404472351,
  "inu_range": 0.4139783859252929,
  "provenance": {
    "md5sum": "fe547e6c4ed0a96578492d750176c0ce",
    "settings": {
      "testing": false
    },
    "software": "mriqc",
    "version": "22.0.6",
    "warnings": {
      "large_rot_frame": true,
      "small_air_mask": false
    },
    "webapi_port": null,
    "webapi_url": "https://mriqc.nimh.nih.gov/api/v1"
  },
  "qi_1": 0.0,
  "qi_2": 0.0024764202056546665,
  "rpve_csf": 17.925593786488125,
  "rpve_gm": 7.903192112214578,
  "rpve_wm": 9.066045947943675,
  "size_x": 224,
  "size_y": 256,
  "size_z": 256,
  "snr_csf": 2.2335829258712527,
  "snr_gm": 9.862455111380646,
  "snr_total": 8.514766943749484,
  "snr_wm": 13.448262793996554,
  "snrd_csf": 8.933213286166135,
  "snrd_gm": 22.68177188863315,
  "snrd_total": 20.85253884798121,
  "snrd_wm": 30.94263136914435,
  "spacing_x": 0.7999954223632812,
  "spacing_y": 0.80078125,
  "spacing_z": 0.80078125,
  "summary_bg_k": 9.841536909203196,
  "summary_bg_mad": 0.0,
  "summary_bg_mean": 12.72710635140344,
  "summary_bg_median": 0.0,
  "summary_bg_n": 3291724.0,
  "summary_bg_p05": 0.0,
  "summary_bg_p95": 56.10548307001591,
  "summary_bg_stdv": 21.17425171847066,
  "summary_csf_k": 1.2814241230543812,
  "summary_csf_mad": 115.34280682557365,
  "summary_csf_mean": 298.69125967181634,
  "summary_csf_median": 288.72477056086063,
  "summary_csf_n": 72063.0,
  "summary_csf_p05": 100.42146800905468,
  "summary_csf_p95": 526.3320713639259,
  "summary_csf_stdv": 129.26440470573988,
  "summary_gm_k": 0.045842891531392205,
  "summary_gm_mad": 73.60843139365635,
  "summary_gm_mean": 732.8187144608303,
  "summary_gm_median": 733.0832898169756,
  "summary_gm_n": 73436.0,
  "summary_gm_p05": 609.6879604943097,
  "summary_gm_p95": 854.8062813431025,
  "summary_gm_stdv": 74.33020380967109,
  "summary_wm_k": 0.2570684394558036,
  "summary_wm_mad": 72.46188261805422,
  "summary_wm_mean": 1003.6176930329569,
  "summary_wm_median": 1000.0773357152939,
  "summary_wm_n": 513243.0,
  "summary_wm_p05": 887.2863680273294,
  "summary_wm_p95": 1131.5056864768267,
  "summary_wm_stdv": 74.36472477980698,
  "tpm_overlap_csf": 0.15108604191098876,
  "tpm_overlap_gm": 0.43761840564897636,
  "tpm_overlap_wm": 0.5007748180891363,
  "wm2max": 0.5249232126782044
}