{
  "bids_meta": {
    "BodyPartExamined": "HEAD",
    "ConversionSoftware": "dcm2niix",
    "ConversionSoftwareVersion": "v1.0.20170411 GCC4.4.7",
    "EchoTime": 0.00374,
    "FlipAngle": 8,
    "ImageType": [
      "ORIGINAL",
      "PRIMARY",
      "M",
      "ND",
      "NORM"
    ],
    "InversionTime": 1,
    "MagneticFieldStrength": 3,
    "Manufacturer": "Siemens",
    "ManufacturersModelName": "TrioTim",
    "PhaseEncodingDirection": "i-",
    "ProcedureStepDescription": "head_Dosenbach_MSC",
    "ProtocolName": "T1_.8x.8x.8_224Slices",
    "RepetitionTime": 2.4,
    "ScanningSequence": "GR_IR",
    "SequenceName": "_tfl3d1_ns",
    "SequenceVariant": "SP_MP_OSP",
    "SeriesDescription": "T1_.8x.8x.8_224Slices",
    "dataset": "ds000224",
    "modality": "T1w",
    "run_id": 2,
    "session_id": "struct02",
    "subject_id": "MSC01"
  },
  "cjv": 0.5630679289210283,
  "cnr": 2.4236433670108077,
  "efc": 0.6794989680892087,
  "fber": 3412.269482450922,
  "fwhm_avg": 3.645875553892793,
  "fwhm_x": 3.7366338811905737,
  "fwhm_y": 3.7968171707317073,
  "fwhm_z": 3.4041756097560976,
  "icvs_csf": 0.1782252849818978,
  "icvs_gm": 0.41420343225355893,
  "icvs_wm": 0.40757128276454324,
  "inu_med": 0.7403932809829712,
  "inu_range": 0.4289070725440979,
  "provenance": {
    "md5sum": "70c2491ad67d7248353aa7901c0c8e1e",
    "settings": {
      "testing": false
    },
    "software": "mriqc",
    "version": "22.0.6",
    "warnings": {
      "large_rot_frame": true,
      "small_air_mask": false
    },
    "webapi_port": null,
    "webapi_url": "https://mriqc.nimh.nih.gov/api/v1"
  },
  "qi_1": 0.0,
  "qi_2": 0.002569508285917617,
  "rpve_csf": 18.04794728663327,
  "rpve_gm": 7.898616678136633,
  "rpve_wm": 8.944481509986403,
  "size_x": 224,
  "size_y": 256,
  "size_z": 256,
  "snr_csf": 2.2083072910200743,
  "snr_gm": 9.722341307414014,
  "snr_total": 8.318159650418936,
  "snr_wm": 13.02383035282272,
  "snrd_csf": 20.32660819189657,
  "snrd_gm": 51.47140664577819,
  "snrd_total": 47.32423526166391,
  "snrd_wm": 70.17469094731696,
  "spacing_x": 0.7999954223632812,
  "spacing_y": 0.80078125,
  "spacing_z": 0.80078125,
  "summary_bg_k": 8.226997042744784,
  "summary_bg_mad": 9.336849319771092,
  "summary_bg_mean": 14.941829082671314,
  "summary_bg_median": 6.29760916531086,
  "summary_bg_n": 3266951.0,
  "summary_bg_p05": 0.0,
  "summary_bg_p95": 60.63805711269379,
  "summary_bg_stdv": 22.49968309446028,
  "summary_csf_k": 1.26840873550288,
  "summary_csf_mad": 117.074026800004,
  "summary_csf_mean": 298.10865260631726,
  "summary_csf_median": 289.69002160429955,
  "summary_csf_n": 72846.0,
  "summary_csf_p05": 94.73753667995334,
  "summary_csf_p95": 527.8961455263197,
  "summary_csf_stdv": 131.181033727775,
  "summary_gm_k": 0.01847268408509173,
  "summary_gm_mad": 75.11411413839798,
  "summary_gm_mean": 733.0883052085286,
  "summary_gm_median": 733.5583370551467,
  "summary_gm_n": 72166.0,
  "summary_gm_p05": 607.813560038805,
  "summary_gm_p95": 857.2667614072561,
  "summary_gm_stdv": 75.45026772932498,
  "summary_wm_k": 0.25880340703614513,
  "summary_wm_mad": 74.97434094498824,
  "summary_wm_mean": 1004.3070875485864,
  "summary_wm_median": 1000.1131297796965,
  "summary_wm_n": 512522.0,
  "summary_wm_p05": 885.3231758922338,
  "summary_wm_p95": 1137.5669346153736,
  "summary_wm_stdv": 76.79093838044484,
  "tpm_overlap_csf": 0.15132329584301032,
  "tpm_overlap_gm": 0.4364284714408299,
  "tpm_overlap_wm": 0.49829180783324906,
  "wm2max": 0.5301128685073585
}