{
  "bids_meta": {
    "BodyPartExamined": "HEAD",
    "ConversionSoftware": "dcm2niix",
    "ConversionSoftwareVersion": "v1.0.20170411 GCC4.4.7",
    "EchoTime": 0.479,
    "FlipAngle": 120,
    "ImageType": [
      "ORIGINAL",
      "PRIMARY",
      "M",
      "ND",
      "NORM"
    ],
    "MagneticFieldStrength": 3,
    "Manufacturer": "Siemens",
    "ManufacturersModelName": "TrioTim",
    "PhaseEncodingDirection": "i-",
    "ProcedureStepDescription": "head_Dosenbach_MSC",
    "ProtocolName": "T2_.8x.8x.8_224Slices",
    "RepetitionTime": 3.2,
    "ScanningSequence": "SE",
    "SequenceName": "_spc3d1_282ns",
    "SequenceVariant": "SK_SP",
    "SeriesDescription": "T2_.8x.8x.8_224Slices",
    "dataset": "ds000224",
    "modality": "T2w",
    "run_id": 2,
    "session_id": "struct02",
    "subject_id": "MSC07"
  },
  "cjv": 0.27689884139342963,
  "cnr": 2.824283607804575,
  "efc": 0.5583859413693216,
  "fber": 6740.673425033601,
  "fwhm_avg": 2.351176723908185,
  "fwhm_x": 2.2123578790416283,
  "fwhm_y": 2.6059925853658537,
  "fwhm_z": 2.235179707317073,
  "icvs_csf": 0.301812268750504,
  "icvs_gm": 0.5732869327376666,
  "icvs_wm": 0.12490079851182936,
  "inu_med": 0.9593713581562042,
  "inu_range": 0.3234104126691817,
  "provenance": {
    "md5sum": "c2bbfa08de694b07ead9dcb35c6c70b0",
    "settings": {
      "testing": false
    },
    "software": "mriqc",
    "version": "22.0.6",
    "warnings": {
      "large_rot_frame": true,
      "small_air_mask": false
    },
    "webapi_port": null,
    "webapi_url": "https://mriqc.nimh.nih.gov/api/v1"
  },
  "qi_1": 0.00013528024370485384,
  "qi_2": 0.015092164144290529,
  "rpve_csf": 10.508866672117838,
  "rpve_gm": 6.848353590823462,
  "rpve_wm": 33.74357533407341,
  "size_x": 224,
  "size_y": 256,
  "size_z": 256,
  "snr_csf": 7.072071050694391,
  "snr_gm": 6.317182388541713,
  "snr_total": 5.96987202988225,
  "snr_wm": 4.520362650410647,
  "snrd_csf": 47.44157796973918,
  "snrd_gm": 27.107491801017424,
  "snrd_total": 50.307894148920695,
  "snrd_wm": 76.37461267600547,
  "spacing_x": 0.7999971508979797,
  "spacing_y": 0.80078125,
  "spacing_z": 0.80078125,
  "summary_bg_k": 104.80910866378782,
  "summary_bg_mad": 0.0,
  "summary_bg_mean": 4.525155311858058,
  "summary_bg_median": 0.0,
  "summary_bg_n": 3503156.0,
  "summary_bg_p05": 0.0,
  "summary_bg_p95": 19.340340167284012,
  "summary_bg_stdv": 8.578128945460351,
  "summary_csf_k": 1.1577707003284035,
  "summary_csf_mad": 80.60364415095133,
  "summary_csf_mean": 626.0033781577106,
  "summary_csf_median": 621.1835782602429,
  "summary_csf_n": 59095.0,
  "summary_csf_p05": 493.46923336684705,
  "summary_csf_p95": 775.2094117544591,
  "summary_csf_stdv": 87.83541878756158,
  "summary_gm_k": 0.15320017525342333,
  "summary_gm_mad": 55.46338436775273,
  "summary_gm_mean": 356.51739911972504,
  "summary_gm_median": 354.93610194325447,
  "summary_gm_n": 496836.0,
  "summary_gm_p05": 266.86037442088127,
  "summary_gm_p95": 451.3256787452847,
  "summary_gm_stdv": 56.185768102948295,
  "summary_wm_k": 6.211092075990649,
  "summary_wm_mad": 123.16034896467909,
  "summary_wm_mean": 943.2063106819129,
  "summary_wm_median": 1000.0227062553167,
  "summary_wm_n": 30026.0,
  "summary_wm_p05": 435.70245207846165,
  "summary_wm_p95": 1139.7634739428759,
  "summary_wm_stdv": 221.2225281113184,
  "tpm_overlap_csf": 0.11814170852206368,
  "tpm_overlap_gm": 0.35498938328996477,
  "tpm_overlap_wm": 0.032086740654739085,
  "wm2max": 0.8581340364887116
}