{
  "bids_meta": {
    "BodyPartExamined": "HEAD",
    "ConversionSoftware": "dcm2niix",
    "ConversionSoftwareVersion": "v1.0.20170411 GCC4.4.7",
    "EchoTime": 0.00374,
    "FlipAngle": 8,
    "ImageType": [
      "ORIGINAL",
      "PRIMARY",
      "M",
      "ND",
      "NORM"
    ],
    "InversionTime": 1,
    "MagneticFieldStrength": 3,
    "Manufacturer": "Siemens",
    "ManufacturersModelName": "TrioTim",
    "PhaseEncodingDirection": "i-",
    "ProcedureStepDescription": "head_Dosenbach_MSC",
    "ProtocolName": "T1_.8x.8x.8_224Slices",
    "RepetitionTime": 2.4,
    "ScanningSequence": "GR_IR",
    "SequenceName": "_tfl3d1_ns",
    "SequenceVariant": "SP_MP_OSP",
    "SeriesDescription": "T1_.8x.8x.8_224Slices",
    "dataset": "ds000224",
    "modality": "T1w",
    "run_id": 1,
    "session_id": "struct02",
    "subject_id": "MSC07"
  },
  "cjv": 0.4313680044117201,
  "cnr": 3.096942580598043,
  "efc": 0.6106990714674189,
  "fber": 5807.247445287488,
  "fwhm_avg": 3.98085758385338,
  "fwhm_x": 4.095473434486968,
  "fwhm_y": 4.134100292682927,
  "fwhm_z": 3.712999024390244,
  "icvs_csf": 0.1944916788394072,
  "icvs_gm": 0.42886286702159954,
  "icvs_wm": 0.3766454541389932,
  "inu_med": 0.5188868939876556,
  "inu_range": 0.2619079127907753,
  "provenance": {
    "md5sum": "685809e75e90dde22a4647764f64033c",
    "settings": {
      "testing": false
    },
    "software": "mriqc",
    "version": "22.0.6",
    "warnings": {
      "large_rot_frame": true,
      "small_air_mask": false
    },
    "webapi_port": null,
    "webapi_url": "https://mriqc.nimh.nih.gov/api/v1"
  },
  "qi_1": 0.0,
  "qi_2": 0.0030138529396088434,
  "rpve_csf": 18.48370993168681,
  "rpve_gm": 8.612215298154396,
  "rpve_wm": 10.823016020795007,
  "size_x": 224,
  "size_y": 256,
  "size_z": 256,
  "snr_csf": 2.1615643214695575,
  "snr_gm": 11.401558155547628,
  "snr_total": 10.368162068807782,
  "snr_wm": 17.54136372940616,
  "snrd_csf": 26.878475190948578,
  "snrd_gm": 72.99794530750619,
  "snrd_total": 66.59973713760208,
  "snrd_wm": 99.92279091435147,
  "spacing_x": 0.7999954223632812,
  "spacing_y": 0.80078125,
  "spacing_z": 0.80078125,
  "summary_bg_k": 8.698043008215267,
  "summary_bg_mad": 6.556604982182866,
  "summary_bg_mean": 9.762470005588685,
  "summary_bg_median": 4.422362856566906,
  "summary_bg_n": 2787070.0,
  "summary_bg_p05": 0.0,
  "summary_bg_p95": 39.337190594524145,
  "summary_bg_stdv": 14.660410349088755,
  "summary_csf_k": 0.4787787104774388,
  "summary_csf_mad": 119.19260291684284,
  "summary_csf_mean": 275.7763084846245,
  "summary_csf_median": 268.99977523833513,
  "summary_csf_n": 88313.0,
  "summary_csf_p05": 78.45599289983511,
  "summary_csf_p95": 491.7558302357793,
  "summary_csf_stdv": 124.44610117376968,
  "summary_gm_k": 0.19807663650359686,
  "summary_gm_mad": 62.368693071258,
  "summary_gm_mean": 730.4964690528027,
  "summary_gm_median": 730.5634244903922,
  "summary_gm_n": 86110.0,
  "summary_gm_p05": 624.535910077393,
  "summary_gm_p95": 835.5959072606639,
  "summary_gm_stdv": 64.07538096770568,
  "summary_wm_k": 0.4467598578095697,
  "summary_wm_mad": 53.86939031657651,
  "summary_wm_mean": 998.5683313353811,
  "summary_wm_median": 1000.0272748433053,
  "summary_wm_n": 461092.0,
  "summary_wm_p05": 904.6461895294487,
  "summary_wm_p95": 1091.7776548489928,
  "summary_wm_stdv": 57.009603463977825,
  "tpm_overlap_csf": 0.1296151435472207,
  "tpm_overlap_gm": 0.4447239907400521,
  "tpm_overlap_wm": 0.4975796458643171,
  "wm2max": 0.7496168043734949
}