{
  "bids_meta": {
    "BodyPartExamined": "HEAD",
    "ConversionSoftware": "dcm2niix",
    "ConversionSoftwareVersion": "v1.0.20170411 GCC4.4.7",
    "EchoTime": 0.00374,
    "FlipAngle": 8,
    "ImageType": [
      "ORIGINAL",
      "PRIMARY",
      "M",
      "ND",
      "NORM"
    ],
    "InversionTime": 1,
    "MagneticFieldStrength": 3,
    "Manufacturer": "Siemens",
    "ManufacturersModelName": "TrioTim",
    "PhaseEncodingDirection": "i-",
    "ProcedureStepDescription": "head_Dosenbach_MSC",
    "ProtocolName": "T1_.8x.8x.8_224Slices",
    "RepetitionTime": 2.4,
    "ScanningSequence": "GR_IR",
    "SequenceName": "_tfl3d1_ns",
    "SequenceVariant": "SP_MP_OSP",
    "SeriesDescription": "T1_.8x.8x.8_224Slices",
    "dataset": "ds000224",
    "modality": "T1w",
    "run_id": 2,
    "session_id": "struct02",
    "subject_id": "MSC07"
  },
  "cjv": 0.42466495705939356,
  "cnr": 3.1609782098782904,
  "efc": 0.609135641158317,
  "fber": 5638.600444067406,
  "fwhm_avg": 3.9245568964797664,
  "fwhm_x": 4.065435762610031,
  "fwhm_y": 4.055589463414634,
  "fwhm_z": 3.6526454634146344,
  "icvs_csf": 0.19457870500852717,
  "icvs_gm": 0.42811923029997245,
  "icvs_wm": 0.37730206469150035,
  "inu_med": 0.5046911239624023,
  "inu_range": 0.2480079472064971,
  "provenance": {
    "md5sum": "060595b942dae61b3d2a7448e9793983",
    "settings": {
      "testing": false
    },
    "software": "mriqc",
    "version": "22.0.6",
    "warnings": {
      "large_rot_frame": true,
      "small_air_mask": false
    },
    "webapi_port": null,
    "webapi_url": "https://mriqc.nimh.nih.gov/api/v1"
  },
  "qi_1": 0.0,
  "qi_2": 0.003058126742483742,
  "rpve_csf": 18.49133106495353,
  "rpve_gm": 8.615481273549225,
  "rpve_wm": 10.77736333537052,
  "size_x": 224,
  "size_y": 256,
  "size_z": 256,
  "snr_csf": 2.1898792264891083,
  "snr_gm": 11.478951677628718,
  "snr_total": 10.45474412652836,
  "snr_wm": 17.695401475467254,
  "snrd_csf": 27.577877276826452,
  "snrd_gm": 74.42019728912713,
  "snrd_total": 68.09111836791277,
  "snrd_wm": 102.27528053778474,
  "spacing_x": 0.7999954223632812,
  "spacing_y": 0.80078125,
  "spacing_z": 0.80078125,
  "summary_bg_k": 8.914086824740242,
  "summary_bg_mad": 6.405961839558227,
  "summary_bg_mean": 9.695548707358009,
  "summary_bg_median": 4.32075560092926,
  "summary_bg_n": 2849321.0,
  "summary_bg_p05": 0.0,
  "summary_bg_p95": 38.94047439098358,
  "summary_bg_stdv": 14.560793071258043,
  "summary_csf_k": 0.3672441781576148,
  "summary_csf_mad": 119.20659423177918,
  "summary_csf_mean": 275.8368160154468,
  "summary_csf_median": 269.65808868408203,
  "summary_csf_n": 89426.0,
  "summary_csf_p05": 78.71289551258087,
  "summary_csf_p95": 489.05049264431,
  "summary_csf_stdv": 123.13764964829465,
  "summary_gm_k": 0.17718867584392628,
  "summary_gm_mad": 62.269132167134316,
  "summary_gm_mean": 727.3366874322558,
  "summary_gm_median": 727.6850193738937,
  "summary_gm_n": 87950.0,
  "summary_gm_p05": 622.4960900843143,
  "summary_gm_p95": 830.8464139699936,
  "summary_gm_stdv": 63.39262529136782,
  "summary_wm_k": 0.4383192378966769,
  "summary_wm_mad": 53.396278190603354,
  "summary_wm_mean": 998.0534761107295,
  "summary_wm_median": 1000.0536441802979,
  "summary_wm_n": 462071.0,
  "summary_wm_p05": 904.299259185791,
  "summary_wm_p95": 1089.5281732082367,
  "summary_wm_stdv": 56.514827506080664,
  "tpm_overlap_csf": 0.12175966924439854,
  "tpm_overlap_gm": 0.43738070993575023,
  "tpm_overlap_wm": 0.4938762695945149,
  "wm2max": 0.7717190962370825
}