{
  "bids_meta": {
    "BodyPartExamined": "HEAD",
    "ConversionSoftware": "dcm2niix",
    "ConversionSoftwareVersion": "v1.0.20170411 GCC4.4.7",
    "EchoTime": 0.479,
    "FlipAngle": 120,
    "ImageType": [
      "ORIGINAL",
      "PRIMARY",
      "M",
      "ND",
      "NORM"
    ],
    "MagneticFieldStrength": 3,
    "Manufacturer": "Siemens",
    "ManufacturersModelName": "TrioTim",
    "PhaseEncodingDirection": "i-",
    "ProcedureStepDescription": "head_Dosenbach_MSC",
    "ProtocolName": "T2_.8x.8x.8_224Slices",
    "RepetitionTime": 3.2,
    "ScanningSequence": "SE",
    "SequenceName": "_spc3d1_282ns",
    "SequenceVariant": "SK_SP",
    "SeriesDescription": "T2_.8x.8x.8_224Slices",
    "dataset": "ds000224",
    "modality": "T2w",
    "run_id": 1,
    "session_id": "struct02",
    "subject_id": "MSC07"
  },
  "cjv": 0.277251713338472,
  "cnr": 2.4609725271226077,
  "efc": 0.5583613562787744,
  "fber": 6063.118426775944,
  "fwhm_avg": 2.3990962321517393,
  "fwhm_x": 2.262607720845462,
  "fwhm_y": 2.6484885853658535,
  "fwhm_z": 2.2861923902439023,
  "icvs_csf": 0.3019792888571848,
  "icvs_gm": 0.5715125423841896,
  "icvs_wm": 0.1265081687586257,
  "inu_med": 0.949159562587738,
  "inu_range": 0.30432271361351027,
  "provenance": {
    "md5sum": "1e6846919d144e277039f2381923e560",
    "settings": {
      "testing": false
    },
    "software": "mriqc",
    "version": "22.0.6",
    "warnings": {
      "large_rot_frame": true,
      "small_air_mask": false
    },
    "webapi_port": null,
    "webapi_url": "https://mriqc.nimh.nih.gov/api/v1"
  },
  "qi_1": 4.153517685265247e-05,
  "qi_2": 0.026825167166743012,
  "rpve_csf": 10.484541796802162,
  "rpve_gm": 6.894031889918298,
  "rpve_wm": 33.629852781182436,
  "size_x": 224,
  "size_y": 256,
  "size_z": 256,
  "snr_csf": 7.449966409951058,
  "snr_gm": 6.770691231792309,
  "snr_total": 6.05201187087938,
  "snr_wm": 3.935377970894776,
  "snrd_csf": 60.565692881798945,
  "snrd_gm": 35.565160237459864,
  "snrd_total": 64.90091168769162,
  "snrd_wm": 98.57188194381601,
  "spacing_x": 0.7999972701072693,
  "spacing_y": 0.80078125,
  "spacing_z": 0.80078125,
  "summary_bg_k": 72.96074079283787,
  "summary_bg_mad": 6.646424609504297,
  "summary_bg_mean": 5.288501641972613,
  "summary_bg_median": 4.482945274561644,
  "summary_bg_n": 4056971.0,
  "summary_bg_p05": 0.0,
  "summary_bg_p95": 18.386572647839785,
  "summary_bg_stdv": 7.3460351231220375,
  "summary_csf_k": 1.1411871640797644,
  "summary_csf_mad": 75.00506225991323,
  "summary_csf_mean": 619.9654827594693,
  "summary_csf_median": 614.4450402408838,
  "summary_csf_n": 59574.0,
  "summary_csf_p05": 497.41201481223106,
  "summary_csf_p95": 765.0676701180637,
  "summary_csf_stdv": 82.47552397129733,
  "summary_gm_k": 0.14003744228091186,
  "summary_gm_mad": 52.67371773860773,
  "summary_gm_mean": 362.36211492240596,
  "summary_gm_median": 360.81212438084185,
  "summary_gm_n": 513656.0,
  "summary_gm_p05": 277.5094722136855,
  "summary_gm_p95": 452.5825620666146,
  "summary_gm_stdv": 53.29024183924335,
  "summary_wm_k": 4.769293656767088,
  "summary_wm_mad": 124.5482176824501,
  "summary_wm_mean": 924.1518690415702,
  "summary_wm_median": 1000.0216473340988,
  "summary_wm_n": 33479.0,
  "summary_wm_p05": 175.54737246893347,
  "summary_wm_p95": 1154.4580292057246,
  "summary_wm_stdv": 254.10690397717974,
  "tpm_overlap_csf": 0.11866224044496365,
  "tpm_overlap_gm": 0.35382047178307086,
  "tpm_overlap_wm": 0.031016917519897116,
  "wm2max": 0.8517357140222083
}