{
  "aor": 0.005009615384615384,
  "aqi": 0.011936235576923079,
  "bids_meta": {
    "BodyPartExamined": "HEAD",
    "CogAtlasID": "http://www.cognitiveatlas.org/term/id/trm_550b53d7dd674",
    "ConversionSoftware": "dcm2niix",
    "ConversionSoftwareVersion": "v1.0.20170411 GCC4.4.7",
    "EchoTime": 0.027,
    "EffectiveEchoSpacing": 0.000590001,
    "FlipAngle": 90,
    "ImageType": [
      "ORIGINAL",
      "PRIMARY",
      "M",
      "ND",
      "NORM",
      "MOSAIC"
    ],
    "Instructions": "In this next scan you'll be prompted to move your hands, feet, or tongue. You'll only move one of these at once. Instructions are presented on the screen. Let?s review them now. [Read on-screen instructions to participant.] Do you have any questions?",
    "MagneticFieldStrength": 3,
    "Manufacturer": "Siemens",
    "ManufacturersModelName": "TrioTim",
    "PhaseEncodingDirection": "j-",
    "ProcedureStepDescription": "head_Dosenbach_MSC",
    "ProtocolName": "Motor_104Frames_36Slices_TR2.2",
    "RepetitionTime": 2.2,
    "ScanningSequence": "EP",
    "SequenceName": "_epfid2d1_64",
    "SequenceVariant": "SK",
    "SeriesDescription": "Motor_104Frames_36Slices_TR2.2",
    "SliceTiming": [
      1.105,
      0,
      1.1675,
      0.0625,
      1.2275,
      0.1225,
      1.29,
      0.185,
      1.35,
      0.245,
      1.4125,
      0.3075,
      1.4725,
      0.37,
      1.535,
      0.43,
      1.595,
      0.4925,
      1.6575,
      0.5525,
      1.7175,
      0.615,
      1.78,
      0.675,
      1.84,
      0.7375,
      1.9025,
      0.7975,
      1.965,
      0.86,
      2.025,
      0.92,
      2.0875,
      0.9825,
      2.1475,
      1.0425
    ],
    "SoftwareVersion": "syngo MR B17",
    "TaskName": "motor",
    "dataset": "ds000224",
    "modality": "bold",
    "run_id": 1,
    "session_id": "func09",
    "subject_id": "MSC02",
    "task_id": "motor"
  },
  "dummy_trs": 0,
  "dvars_nstd": 18.366577407572816,
  "dvars_std": 1.1897088574757275,
  "dvars_vstd": 0.9215761109708736,
  "efc": 0.42488275449573765,
  "fber": 27508.251953125,
  "fd_mean": 0.10528456307582855,
  "fd_num": 5,
  "fd_perc": 4.8076923076923075,
  "fwhm_avg": 1.7404210273539722,
  "fwhm_x": 1.5935025,
  "fwhm_y": 2.0001975,
  "fwhm_z": 1.6275630820619162,
  "gcor": 0.02041,
  "gsr_x": -0.02577659860253334,
  "gsr_y": 0.03365527093410492,
  "provenance": {
    "md5sum": "f4c21244c002d2afe1219dcd27583131",
    "settings": {
      "fd_thres": 0.2,
      "testing": false
    },
    "software": "mriqc",
    "version": "22.0.6",
    "webapi_port": null,
    "webapi_url": "https://mriqc.nimh.nih.gov/api/v1"
  },
  "size_t": 104,
  "size_x": 64,
  "size_y": 64,
  "size_z": 36,
  "snr": 7.102735191129818,
  "spacing_tr": 2.200000047683716,
  "spacing_x": 4.0,
  "spacing_y": 4.0,
  "spacing_z": 3.9999985694885254,
  "summary_bg_k": 22.191369073128357,
  "summary_bg_mad": 3.4356451992863297,
  "summary_bg_mean": 22.756145477294922,
  "summary_bg_median": 4.09615421295166,
  "summary_bg_n": 101036.0,
  "summary_bg_p05": 1.403846263885498,
  "summary_bg_p95": 119.40144538879395,
  "summary_bg_stdv": 49.61546325683594,
  "summary_fg_k": 2.5751599015589424,
  "summary_fg_mad": 84.50122292246135,
  "summary_fg_mean": 679.4667358398438,
  "summary_fg_median": 676.3173828125,
  "summary_fg_n": 17808.0,
  "summary_fg_p05": 534.9630096435546,
  "summary_fg_p95": 830.9260101318359,
  "summary_fg_stdv": 95.21661376953125,
  "tsnr": 64.99957207404077
}