{
  "aor": 0.015345384615384615,
  "aqi": 0.009206057596153847,
  "bids_meta": {
    "BodyPartExamined": "HEAD",
    "CogAtlasID": "http://www.cognitiveatlas.org/term/id/trm_550b53d7dd674",
    "ConversionSoftware": "dcm2niix",
    "ConversionSoftwareVersion": "v1.0.20170411 GCC4.4.7",
    "EchoTime": 0.027,
    "EffectiveEchoSpacing": 0.000590001,
    "FlipAngle": 90,
    "ImageType": [
      "ORIGINAL",
      "PRIMARY",
      "M",
      "ND",
      "NORM",
      "MOSAIC"
    ],
    "Instructions": "In this next scan you'll be prompted to move your hands, feet, or tongue. You'll only move one of these at once. Instructions are presented on the screen. Let?s review them now. [Read on-screen instructions to participant.] Do you have any questions?",
    "MagneticFieldStrength": 3,
    "Manufacturer": "Siemens",
    "ManufacturersModelName": "TrioTim",
    "PhaseEncodingDirection": "j-",
    "ProcedureStepDescription": "head_Dosenbach_MSC",
    "ProtocolName": "Motor_104Frames_36Slices_TR2.2",
    "RepetitionTime": 2.2,
    "ScanningSequence": "EP",
    "SequenceName": "_epfid2d1_64",
    "SequenceVariant": "SK",
    "SeriesDescription": "Motor_104Frames_36Slices_TR2.2",
    "SliceTiming": [
      1.105,
      0,
      1.1675,
      0.0625,
      1.2275,
      0.1225,
      1.29,
      0.185,
      1.35,
      0.245,
      1.4125,
      0.3075,
      1.4725,
      0.37,
      1.535,
      0.43,
      1.595,
      0.4925,
      1.6575,
      0.5525,
      1.7175,
      0.615,
      1.78,
      0.675,
      1.84,
      0.7375,
      1.9025,
      0.7975,
      1.965,
      0.86,
      2.025,
      0.92,
      2.0875,
      0.9825,
      2.1475,
      1.0425
    ],
    "SoftwareVersion": "syngo MR B17",
    "TaskName": "motor",
    "dataset": "ds000224",
    "modality": "bold",
    "run_id": 2,
    "session_id": "func09",
    "subject_id": "MSC02",
    "task_id": "motor"
  },
  "dummy_trs": 0,
  "dvars_nstd": 18.119542751553404,
  "dvars_std": 1.292726182427184,
  "dvars_vstd": 1.014024989514563,
  "efc": 0.4220909273290577,
  "fber": 27588.65625,
  "fd_mean": 0.12043614361348298,
  "fd_num": 12,
  "fd_perc": 11.538461538461538,
  "fwhm_avg": 1.7333268621380828,
  "fwhm_x": 1.5740075,
  "fwhm_y": 1.98624,
  "fwhm_z": 1.639733086414249,
  "gcor": 0.040573,
  "gsr_x": -0.023823535069823265,
  "gsr_y": 0.035688772797584534,
  "provenance": {
    "md5sum": "4e6e2e77874cbff7224d8edf6ebe1bf3",
    "settings": {
      "fd_thres": 0.2,
      "testing": false
    },
    "software": "mriqc",
    "version": "22.0.6",
    "webapi_port": null,
    "webapi_url": "https://mriqc.nimh.nih.gov/api/v1"
  },
  "size_t": 104,
  "size_x": 64,
  "size_y": 64,
  "size_z": 36,
  "snr": 7.128503489245054,
  "spacing_tr": 2.200000047683716,
  "spacing_x": 4.0,
  "spacing_y": 4.0,
  "spacing_z": 3.9999985694885254,
  "summary_bg_k": 22.914264776665274,
  "summary_bg_mad": 3.6922495245799687,
  "summary_bg_mean": 22.38740348815918,
  "summary_bg_median": 4.105769157409668,
  "summary_bg_n": 101317.0,
  "summary_bg_p05": 1.2307692766189575,
  "summary_bg_p95": 118.13654327392575,
  "summary_bg_stdv": 48.90908432006836,
  "summary_fg_k": 2.1863216629500535,
  "summary_fg_mad": 84.39430797365982,
  "summary_fg_mean": 680.8675537109375,
  "summary_fg_median": 677.4135131835938,
  "summary_fg_n": 17649.0,
  "summary_fg_p05": 535.0807983398438,
  "summary_fg_p95": 831.567333984375,
  "summary_fg_stdv": 95.02616119384766,
  "tsnr": 70.48496044613421
}