{
  "aor": 0.0013499020807833538,
  "aqi": 0.024850681529987758,
  "bids_meta": {
    "BodyPartExamined": "HEAD",
    "CogAtlasID": "http://www.cognitiveatlas.org/term/id/trm_4c8a834779883",
    "ConversionSoftware": "dcm2niix",
    "ConversionSoftwareVersion": "v1.0.20170411 GCC4.4.7",
    "EchoTime": 0.027,
    "EffectiveEchoSpacing": 0.000590001,
    "FlipAngle": 90,
    "ImageType": [
      "ORIGINAL",
      "PRIMARY",
      "M",
      "ND",
      "NORM",
      "MOSAIC"
    ],
    "Instructions": "During this first scan, a plus sign will be presented on the screen.  All you need to do is simply relax and look at the plus sign. Please keep your eyes open the entire time, and be as still as possible. It's extremely important that you stay awake for the entire duration of this scan. This scan will last ~30 minutes.",
    "MagneticFieldStrength": 3,
    "Manufacturer": "Siemens",
    "ManufacturersModelName": "TrioTim",
    "PhaseEncodingDirection": "j-",
    "ProcedureStepDescription": "head_Dosenbach_MSC",
    "ProtocolName": "RSFC_818Frames_36Slices_TR2.2",
    "RepetitionTime": 2.2,
    "ScanningSequence": "EP",
    "SequenceName": "_epfid2d1_64",
    "SequenceVariant": "SK",
    "SeriesDescription": "RSFC_818Frames_36Slices_TR2.2",
    "SliceTiming": [
      1.105,
      0,
      1.165,
      0.06,
      1.2275,
      0.1225,
      1.2875,
      0.185,
      1.35,
      0.245,
      1.41,
      0.3075,
      1.4725,
      0.3675,
      1.5325,
      0.43,
      1.595,
      0.49,
      1.655,
      0.5525,
      1.7175,
      0.6125,
      1.78,
      0.675,
      1.84,
      0.735,
      1.9025,
      0.7975,
      1.9625,
      0.8575,
      2.025,
      0.92,
      2.085,
      0.9825,
      2.1475,
      1.0425
    ],
    "SoftwareVersion": "syngo MR B17",
    "TaskName": "rest",
    "dataset": "ds000224",
    "modality": "bold",
    "session_id": "func02",
    "subject_id": "MSC08",
    "task_id": "rest"
  },
  "dummy_trs": 1,
  "dvars_nstd": 23.166152246960813,
  "dvars_std": 1.0957578035784314,
  "dvars_vstd": 0.8962680183455888,
  "efc": 0.3967111854339491,
  "fber": 27719.58984375,
  "fd_mean": 0.33895924278409134,
  "fd_num": 505,
  "fd_perc": 61.811505507955935,
  "fwhm_avg": 1.7287653716974487,
  "fwhm_x": 1.6143375,
  "fwhm_y": 1.8901601126623222,
  "fwhm_z": 1.6817985024300233,
  "gcor": 0.0260282,
  "gsr_x": -0.024413282051682472,
  "gsr_y": 0.008915572427213192,
  "provenance": {
    "md5sum": "ead412ae1b102c43b6cf0fa253381c0b",
    "settings": {
      "fd_thres": 0.2,
      "testing": false
    },
    "software": "mriqc",
    "version": "22.0.6",
    "webapi_port": null,
    "webapi_url": "https://mriqc.nimh.nih.gov/api/v1"
  },
  "size_t": 817,
  "size_x": 64,
  "size_y": 64,
  "size_z": 36,
  "snr": 8.578271521166357,
  "spacing_tr": 2.200000047683716,
  "spacing_x": 4.0,
  "spacing_y": 3.999999761581421,
  "spacing_z": 3.999997615814209,
  "summary_bg_k": 43.38868635632193,
  "summary_bg_mad": 3.4642441987133226,
  "summary_bg_mean": 16.89902114868164,
  "summary_bg_median": 3.6499388217926025,
  "summary_bg_n": 104111.0,
  "summary_bg_p05": 0.9173806607723236,
  "summary_bg_p95": 82.12301254272461,
  "summary_bg_stdv": 38.420345306396484,
  "summary_fg_k": 2.217003892726252,
  "summary_fg_mad": 62.70754040283481,
  "summary_fg_mean": 611.568359375,
  "summary_fg_median": 611.7288818359375,
  "summary_fg_n": 15230.0,
  "summary_fg_p05": 497.7183090209961,
  "summary_fg_p95": 724.768798828125,
  "summary_fg_stdv": 71.30909729003906,
  "tsnr": 42.8940253239125
}