{
  "aor": 0.0007641931540342298,
  "aqi": 0.026478630929095356,
  "bids_meta": {
    "BodyPartExamined": "HEAD",
    "CogAtlasID": "http://www.cognitiveatlas.org/term/id/trm_4c8a834779883",
    "ConversionSoftware": "dcm2niix",
    "ConversionSoftwareVersion": "v1.0.20170411 GCC4.4.7",
    "EchoTime": 0.027,
    "EffectiveEchoSpacing": 0.000590001,
    "FlipAngle": 90,
    "ImageType": [
      "ORIGINAL",
      "PRIMARY",
      "M",
      "ND",
      "NORM",
      "MOSAIC"
    ],
    "Instructions": "During this first scan, a plus sign will be presented on the screen.  All you need to do is simply relax and look at the plus sign. Please keep your eyes open the entire time, and be as still as possible. It's extremely important that you stay awake for the entire duration of this scan. This scan will last ~30 minutes.",
    "MagneticFieldStrength": 3,
    "Manufacturer": "Siemens",
    "ManufacturersModelName": "TrioTim",
    "PhaseEncodingDirection": "j-",
    "ProcedureStepDescription": "head_Dosenbach_MSC",
    "ProtocolName": "RSFC_818Frames_36Slices_TR2.2",
    "RepetitionTime": 2.2,
    "ScanningSequence": "EP",
    "SequenceName": "_epfid2d1_64",
    "SequenceVariant": "SK",
    "SeriesDescription": "RSFC_818Frames_36Slices_TR2.2",
    "SliceTiming": [
      1.105,
      0,
      1.165,
      0.06,
      1.2275,
      0.1225,
      1.2875,
      0.185,
      1.35,
      0.245,
      1.41,
      0.3075,
      1.4725,
      0.3675,
      1.5325,
      0.43,
      1.595,
      0.49,
      1.655,
      0.5525,
      1.7175,
      0.6125,
      1.78,
      0.675,
      1.84,
      0.735,
      1.9025,
      0.7975,
      1.9625,
      0.8575,
      2.025,
      0.92,
      2.085,
      0.9825,
      2.1475,
      1.0425
    ],
    "SoftwareVersion": "syngo MR B17",
    "TaskName": "rest",
    "dataset": "ds000224",
    "modality": "bold",
    "session_id": "func07",
    "subject_id": "MSC09",
    "task_id": "rest"
  },
  "dummy_trs": 0,
  "dvars_nstd": 23.606528502851877,
  "dvars_std": 1.099315032815178,
  "dvars_vstd": 0.8884945170991438,
  "efc": 0.4377573030968776,
  "fber": 24029.880859375,
  "fd_mean": 0.32255714576533123,
  "fd_num": 580,
  "fd_perc": 70.90464547677261,
  "fwhm_avg": 1.832050068827379,
  "fwhm_x": 1.676995,
  "fwhm_y": 2.0870575,
  "fwhm_z": 1.732097706482137,
  "gcor": 0.100941,
  "gsr_x": -0.0255618616938591,
  "gsr_y": 0.02295318990945816,
  "provenance": {
    "md5sum": "2ed68918af1bf9bb31475b7cebda12ef",
    "settings": {
      "fd_thres": 0.2,
      "testing": false
    },
    "software": "mriqc",
    "version": "22.0.6",
    "webapi_port": null,
    "webapi_url": "https://mriqc.nimh.nih.gov/api/v1"
  },
  "size_t": 818,
  "size_x": 64,
  "size_y": 64,
  "size_z": 36,
  "snr": 7.9659373570389596,
  "spacing_tr": 2.200000047683716,
  "spacing_x": 4.0,
  "spacing_y": 4.0,
  "spacing_z": 3.999999523162842,
  "summary_bg_k": 22.039862434284686,
  "summary_bg_mad": 4.094374814476222,
  "summary_bg_mean": 23.740041732788086,
  "summary_bg_median": 4.552567481994629,
  "summary_bg_n": 98796.0,
  "summary_bg_p05": 1.3105134963989258,
  "summary_bg_p95": 122.34260940551758,
  "summary_bg_stdv": 49.822998046875,
  "summary_fg_k": 2.3486957084636204,
  "summary_fg_mad": 79.12801150696241,
  "summary_fg_mean": 713.0682373046875,
  "summary_fg_median": 711.5079956054688,
  "summary_fg_n": 19052.0,
  "summary_fg_p05": 572.9989959716797,
  "summary_fg_p95": 851.8665161132812,
  "summary_fg_stdv": 89.31645965576172,
  "tsnr": 40.323850363492966
}