{
  "aor": 0.008193557692307691,
  "aqi": 0.011133582692307693,
  "bids_meta": {
    "BodyPartExamined": "HEAD",
    "CogAtlasID": "http://www.cognitiveatlas.org/term/id/trm_550b53d7dd674",
    "ConversionSoftware": "dcm2niix",
    "ConversionSoftwareVersion": "v1.0.20170411 GCC4.4.7",
    "EchoTime": 0.027,
    "EffectiveEchoSpacing": 0.000590001,
    "FlipAngle": 90,
    "ImageType": [
      "ORIGINAL",
      "PRIMARY",
      "M",
      "ND",
      "NORM",
      "MOSAIC"
    ],
    "Instructions": "In this next scan you'll be prompted to move your hands, feet, or tongue. You'll only move one of these at once. Instructions are presented on the screen. Let?s review them now. [Read on-screen instructions to participant.] Do you have any questions?",
    "MagneticFieldStrength": 3,
    "Manufacturer": "Siemens",
    "ManufacturersModelName": "TrioTim",
    "PhaseEncodingDirection": "j-",
    "ProcedureStepDescription": "head_Dosenbach_MSC",
    "ProtocolName": "Motor_104Frames_36Slices_TR2.2",
    "RepetitionTime": 2.2,
    "ScanningSequence": "EP",
    "SequenceName": "_epfid2d1_64",
    "SequenceVariant": "SK",
    "SeriesDescription": "Motor_104Frames_36Slices_TR2.2",
    "SliceTiming": [
      1.105,
      0,
      1.1675,
      0.0625,
      1.2275,
      0.1225,
      1.29,
      0.185,
      1.35,
      0.245,
      1.4125,
      0.3075,
      1.4725,
      0.37,
      1.535,
      0.43,
      1.595,
      0.4925,
      1.6575,
      0.5525,
      1.7175,
      0.615,
      1.78,
      0.675,
      1.84,
      0.7375,
      1.9025,
      0.7975,
      1.965,
      0.86,
      2.025,
      0.92,
      2.0875,
      0.9825,
      2.1475,
      1.0425
    ],
    "SoftwareVersion": "syngo MR B17",
    "TaskName": "motor",
    "dataset": "ds000224",
    "modality": "bold",
    "run_id": 2,
    "session_id": "func07",
    "subject_id": "MSC09",
    "task_id": "motor"
  },
  "dummy_trs": 0,
  "dvars_nstd": 21.579420682038823,
  "dvars_std": 1.2807922909708744,
  "dvars_vstd": 1.0433900146601947,
  "efc": 0.44152821030292433,
  "fber": 26932.0390625,
  "fd_mean": 0.29613586163641836,
  "fd_num": 72,
  "fd_perc": 69.23076923076923,
  "fwhm_avg": 1.8006659010943853,
  "fwhm_x": 1.66076,
  "fwhm_y": 2.035975,
  "fwhm_z": 1.7052627032831553,
  "gcor": 0.0404669,
  "gsr_x": -0.02635159343481064,
  "gsr_y": 0.028039226308465004,
  "provenance": {
    "md5sum": "f7129ddd0726a77ddfff740088e92e2e",
    "settings": {
      "fd_thres": 0.2,
      "testing": false
    },
    "software": "mriqc",
    "version": "22.0.6",
    "webapi_port": null,
    "webapi_url": "https://mriqc.nimh.nih.gov/api/v1"
  },
  "size_t": 104,
  "size_x": 64,
  "size_y": 64,
  "size_z": 36,
  "snr": 7.86199595612631,
  "spacing_tr": 2.200000047683716,
  "spacing_x": 4.0,
  "spacing_y": 4.0,
  "spacing_z": 3.999999523162842,
  "summary_bg_k": 20.379292211246593,
  "summary_bg_mad": 3.4071343930979574,
  "summary_bg_mean": 23.96178436279297,
  "summary_bg_median": 4.211538791656494,
  "summary_bg_n": 98527.0,
  "summary_bg_p05": 1.509615421295166,
  "summary_bg_p95": 125.33654022216797,
  "summary_bg_stdv": 50.5927734375,
  "summary_fg_k": 2.613761065241582,
  "summary_fg_mad": 78.9343610707074,
  "summary_fg_mean": 702.7950439453125,
  "summary_fg_median": 701.5096435546875,
  "summary_fg_n": 19392.0,
  "summary_fg_p05": 562.2197326660156,
  "summary_fg_p95": 841.8538787841798,
  "summary_fg_stdv": 89.22563171386719,
  "tsnr": 65.07707336451858
}