{
  "bids_meta": {
    "BodyPartExamined": "HEAD",
    "ConversionSoftware": "dcm2niix",
    "ConversionSoftwareVersion": "v1.0.20170411 GCC4.4.7",
    "EchoTime": 0.00374,
    "FlipAngle": 8,
    "ImageType": [
      "ORIGINAL",
      "PRIMARY",
      "M",
      "ND",
      "NORM"
    ],
    "InversionTime": 1,
    "MagneticFieldStrength": 3,
    "Manufacturer": "Siemens",
    "ManufacturersModelName": "TrioTim",
    "PhaseEncodingDirection": "i-",
    "ProcedureStepDescription": "head_Dosenbach_MSC",
    "ProtocolName": "T1_.8x.8x.8_224Slices",
    "RepetitionTime": 2.4,
    "ScanningSequence": "GR_IR",
    "SequenceName": "_tfl3d1_ns",
    "SequenceVariant": "SP_MP_OSP",
    "SeriesDescription": "T1_.8x.8x.8_224Slices",
    "dataset": "ds000224",
    "modality": "T1w",
    "run_id": 2,
    "session_id": "struct02",
    "subject_id": "MSC06"
  },
  "cjv": 0.5234518594309928,
  "cnr": 2.6046130379006303,
  "efc": 0.6329687760980715,
  "fber": 8749.731600000001,
  "fwhm_avg": 3.788606072254162,
  "fwhm_x": 3.9012952899332176,
  "fwhm_y": 3.9003410731707318,
  "fwhm_z": 3.564181853658537,
  "icvs_csf": 0.19939119836722433,
  "icvs_gm": 0.41811391634839873,
  "icvs_wm": 0.3824948852843769,
  "inu_med": 0.723466694355011,
  "inu_range": 0.41407053470611566,
  "provenance": {
    "md5sum": "d32249dbe12dece5d37f9023db431cbd",
    "settings": {
      "testing": false
    },
    "software": "mriqc",
    "version": "22.0.6",
    "warnings": {
      "large_rot_frame": true,
      "small_air_mask": false
    },
    "webapi_port": null,
    "webapi_url": "https://mriqc.nimh.nih.gov/api/v1"
  },
  "qi_1": 0.0,
  "qi_2": 0.0026683009055007397,
  "rpve_csf": 16.84758778785037,
  "rpve_gm": 8.032044875109301,
  "rpve_wm": 9.748586205992995,
  "size_x": 224,
  "size_y": 256,
  "size_z": 256,
  "snr_csf": 2.41333158551954,
  "snr_gm": 10.305377244588966,
  "snr_total": 8.995199774580238,
  "snr_wm": 14.266890493632205,
  "snrd_csf": 9.472289754089992,
  "snrd_gm": 24.250222531022324,
  "snrd_total": 22.245492327769682,
  "snrd_wm": 33.01396469819672,
  "spacing_x": 0.79999840259552,
  "spacing_y": 0.80078125,
  "spacing_z": 0.80078125,
  "summary_bg_k": 10.036351215086475,
  "summary_bg_mad": 0.0,
  "summary_bg_mean": 11.960463973291379,
  "summary_bg_median": 0.0,
  "summary_bg_n": 3513784.0,
  "summary_bg_p05": 0.0,
  "summary_bg_p95": 52.26723164319992,
  "summary_bg_stdv": 19.845673752873,
  "summary_csf_k": 1.0604145631888464,
  "summary_csf_mad": 110.83404291231417,
  "summary_csf_mean": 292.25755344831356,
  "summary_csf_median": 286.9386774301529,
  "summary_csf_n": 101145.0,
  "summary_csf_p05": 103.91912376880649,
  "summary_csf_p95": 493.3264818191524,
  "summary_csf_stdv": 118.89674038006874,
  "summary_gm_k": 0.06309671583485477,
  "summary_gm_mad": 70.43202041022612,
  "summary_gm_mean": 734.313968321779,
  "summary_gm_median": 734.5981764793396,
  "summary_gm_n": 73270.0,
  "summary_gm_p05": 614.4970884919167,
  "summary_gm_p95": 850.8167651295662,
  "summary_gm_stdv": 71.28251068097947,
  "summary_wm_k": 0.24614473415154192,
  "summary_wm_mad": 68.53138763123003,
  "summary_wm_mean": 1002.6369461536277,
  "summary_wm_median": 1000.0732254981995,
  "summary_wm_n": 479551.0,
  "summary_wm_p05": 892.059163749218,
  "summary_wm_p95": 1122.0972494781017,
  "summary_wm_stdv": 70.09741773974521,
  "tpm_overlap_csf": 0.13862503574028465,
  "tpm_overlap_gm": 0.4440668847724994,
  "tpm_overlap_wm": 0.49734816816423466,
  "wm2max": 0.6112927058612815
}