{
  "bids_meta": {
    "BodyPartExamined": "HEAD",
    "ConversionSoftware": "dcm2niix",
    "ConversionSoftwareVersion": "v1.0.20170411 GCC4.4.7",
    "EchoTime": 0.00374,
    "FlipAngle": 8,
    "ImageType": [
      "ORIGINAL",
      "PRIMARY",
      "M",
      "ND",
      "NORM"
    ],
    "InversionTime": 1,
    "MagneticFieldStrength": 3,
    "Manufacturer": "Siemens",
    "ManufacturersModelName": "TrioTim",
    "PhaseEncodingDirection": "i-",
    "ProcedureStepDescription": "head_Dosenbach_MSC",
    "ProtocolName": "T1_.8x.8x.8_224Slices",
    "RepetitionTime": 2.4,
    "ScanningSequence": "GR_IR",
    "SequenceName": "_tfl3d1_ns",
    "SequenceVariant": "SP_MP_OSP",
    "SeriesDescription": "T1_.8x.8x.8_224Slices",
    "dataset": "ds000224",
    "modality": "T1w",
    "run_id": 1,
    "session_id": "struct02",
    "subject_id": "MSC06"
  },
  "cjv": 0.5575452579998101,
  "cnr": 2.4456164138346277,
  "efc": 0.6302407183171437,
  "fber": 7346.938775510203,
  "fwhm_avg": 3.6649450721105374,
  "fwhm_x": 3.791145069990149,
  "fwhm_y": 3.745816975609756,
  "fwhm_z": 3.4578731707317076,
  "icvs_csf": 0.1980875561811113,
  "icvs_gm": 0.41579069655726925,
  "icvs_wm": 0.38612174726161946,
  "inu_med": 0.7657755017280579,
  "inu_range": 0.45450308322906485,
  "provenance": {
    "md5sum": "7721a02a91d956a782a7d9ce9fabf39c",
    "settings": {
      "testing": false
    },
    "software": "mriqc",
    "version": "22.0.6",
    "warnings": {
      "large_rot_frame": true,
      "small_air_mask": false
    },
    "webapi_port": null,
    "webapi_url": "https://mriqc.nimh.nih.gov/api/v1"
  },
  "qi_1": 0.0,
  "qi_2": 0.0025818863756313076,
  "rpve_csf": 17.038032872857357,
  "rpve_gm": 8.005170819632527,
  "rpve_wm": 9.538319167114466,
  "size_x": 224,
  "size_y": 256,
  "size_z": 256,
  "snr_csf": 2.3311858173924027,
  "snr_gm": 9.6879832638378,
  "snr_total": 8.361057460605993,
  "snr_wm": 13.06400330058778,
  "snrd_csf": 8.446654701455723,
  "snrd_gm": 21.83048713055874,
  "snrd_total": 20.038772496916618,
  "snrd_wm": 29.839175658735392,
  "spacing_x": 0.79999840259552,
  "spacing_y": 0.80078125,
  "spacing_z": 0.80078125,
  "summary_bg_k": 9.0675729063685,
  "summary_bg_mad": 0.0,
  "summary_bg_mean": 13.31552153063459,
  "summary_bg_median": 0.0,
  "summary_bg_n": 3579476.0,
  "summary_bg_p05": 0.0,
  "summary_bg_p95": 58.52211228758097,
  "summary_bg_stdv": 21.95727070242216,
  "summary_csf_k": 1.0774518677641094,
  "summary_csf_mad": 112.46893456196032,
  "summary_csf_mean": 289.5132662616517,
  "summary_csf_median": 283.09445759654045,
  "summary_csf_n": 100067.0,
  "summary_csf_p05": 96.47094744443893,
  "summary_csf_p95": 494.9529799595475,
  "summary_csf_stdv": 121.43735645454025,
  "summary_gm_k": 0.0759655569611124,
  "summary_gm_mad": 74.54137105300062,
  "summary_gm_mean": 731.3402156524239,
  "summary_gm_median": 731.6612471714616,
  "summary_gm_n": 65213.0,
  "summary_gm_p05": 605.5324182003736,
  "summary_gm_p95": 855.3705971091986,
  "summary_gm_stdv": 75.52197577594671,
  "summary_wm_k": 0.21014029234517917,
  "summary_wm_mad": 75.11256929861749,
  "summary_wm_mean": 1003.1547252265162,
  "summary_wm_median": 1000.077018275857,
  "summary_wm_n": 463361.0,
  "summary_wm_p05": 882.6475263386965,
  "summary_wm_p95": 1133.9959533065557,
  "summary_wm_stdv": 76.55202743824428,
  "tpm_overlap_csf": 0.13395610222996268,
  "tpm_overlap_gm": 0.4375397526771141,
  "tpm_overlap_wm": 0.4901674173784459,
  "wm2max": 0.5858535704613163
}