{
  "bids_meta": {
    "BodyPartExamined": "HEAD",
    "ConversionSoftware": "dcm2niix",
    "ConversionSoftwareVersion": "v1.0.20170411 GCC4.4.7",
    "EchoTime": 0.479,
    "FlipAngle": 120,
    "ImageType": [
      "ORIGINAL",
      "PRIMARY",
      "M",
      "ND",
      "NORM"
    ],
    "MagneticFieldStrength": 3,
    "Manufacturer": "Siemens",
    "ManufacturersModelName": "TrioTim",
    "PhaseEncodingDirection": "i-",
    "ProcedureStepDescription": "head_Dosenbach_MSC",
    "ProtocolName": "T2_.8x.8x.8_224Slices",
    "RepetitionTime": 3.2,
    "ScanningSequence": "SE",
    "SequenceName": "_spc3d1_282ns",
    "SequenceVariant": "SK_SP",
    "SeriesDescription": "T2_.8x.8x.8_224Slices",
    "dataset": "ds000224",
    "modality": "T2w",
    "run_id": 3,
    "session_id": "struct02",
    "subject_id": "MSC06"
  },
  "cjv": 0.2468153823406037,
  "cnr": 2.3808010683345273,
  "efc": 0.5899335050723434,
  "fber": 6823.586025,
  "fwhm_avg": 2.3234426763746665,
  "fwhm_x": 2.176796712050829,
  "fwhm_y": 2.5638712195121953,
  "fwhm_z": 2.2296600975609753,
  "icvs_csf": 0.30927801325288656,
  "icvs_gm": 0.5880005892273513,
  "icvs_wm": 0.10272139751976214,
  "inu_med": 0.939767599105835,
  "inu_range": 0.28532150685787205,
  "provenance": {
    "md5sum": "bd7719b67bc71d1cfa35113b367c7e73",
    "settings": {
      "testing": false
    },
    "software": "mriqc",
    "version": "22.0.6",
    "warnings": {
      "large_rot_frame": true,
      "small_air_mask": false
    },
    "webapi_port": null,
    "webapi_url": "https://mriqc.nimh.nih.gov/api/v1"
  },
  "qi_1": 0.0,
  "qi_2": 0.008912251559995605,
  "rpve_csf": 9.4300852227785,
  "rpve_gm": 6.2321855949424245,
  "rpve_wm": 37.92126298030022,
  "size_x": 224,
  "size_y": 256,
  "size_z": 256,
  "snr_csf": 6.066737838493058,
  "snr_gm": 6.493163849658662,
  "snr_total": 5.441923468074304,
  "snr_wm": 3.765868716071192,
  "snrd_csf": 56.127353748192704,
  "snrd_gm": 30.85406639743046,
  "snrd_total": 58.018180352994705,
  "snrd_wm": 87.07312091336095,
  "spacing_x": 0.7999966144561768,
  "spacing_y": 0.80078125,
  "spacing_z": 0.80078125,
  "summary_bg_k": 31.654703649568518,
  "summary_bg_mad": 0.0,
  "summary_bg_mean": 4.592177125527968,
  "summary_bg_median": 0.0,
  "summary_bg_n": 3652096.0,
  "summary_bg_p05": 0.0,
  "summary_bg_p95": 20.31331374309957,
  "summary_bg_stdv": 7.522139130139966,
  "summary_csf_k": 0.2490264036491281,
  "summary_csf_mad": 105.91254477862545,
  "summary_csf_mean": 656.6447774549316,
  "summary_csf_median": 644.4425373105332,
  "summary_csf_n": 73304.0,
  "summary_csf_p05": 501.60059129819274,
  "summary_csf_p95": 838.1847553513944,
  "summary_csf_stdv": 106.2248211092886,
  "summary_gm_k": 0.07543767998704354,
  "summary_gm_mad": 54.39902925208542,
  "summary_gm_mean": 356.31876039645636,
  "summary_gm_median": 354.25993758253753,
  "summary_gm_n": 562542.0,
  "summary_gm_p05": 270.0713555980474,
  "summary_gm_p95": 448.99868042208254,
  "summary_gm_stdv": 54.558860812792965,
  "summary_wm_k": 3.7811006538389877,
  "summary_wm_mad": 104.91917120097867,
  "summary_wm_mean": 908.3026650238143,
  "summary_wm_median": 999.7553639300168,
  "summary_wm_n": 24331.0,
  "summary_wm_p05": 152.03079578932375,
  "summary_wm_p95": 1125.5596509808674,
  "summary_wm_stdv": 265.47256269555004,
  "tpm_overlap_csf": 0.11389053041952645,
  "tpm_overlap_gm": 0.36223282869967455,
  "tpm_overlap_wm": 0.02641580750621768,
  "wm2max": 0.8794461596033305
}