{
  "bids_meta": {
    "BodyPartExamined": "HEAD",
    "ConversionSoftware": "dcm2niix",
    "ConversionSoftwareVersion": "v1.0.20170411 GCC4.4.7",
    "EchoTime": 0.479,
    "FlipAngle": 120,
    "ImageType": [
      "ORIGINAL",
      "PRIMARY",
      "M",
      "ND",
      "NORM"
    ],
    "MagneticFieldStrength": 3,
    "Manufacturer": "Siemens",
    "ManufacturersModelName": "TrioTim",
    "PhaseEncodingDirection": "i-",
    "ProcedureStepDescription": "head_Dosenbach_MSC",
    "ProtocolName": "T2_.8x.8x.8_224Slices",
    "RepetitionTime": 3.2,
    "ScanningSequence": "SE",
    "SequenceName": "_spc3d1_282ns",
    "SequenceVariant": "SK_SP",
    "SeriesDescription": "T2_.8x.8x.8_224Slices",
    "dataset": "ds000224",
    "modality": "T2w",
    "run_id": 1,
    "session_id": "struct02",
    "subject_id": "MSC06"
  },
  "cjv": 0.16853704250234006,
  "cnr": 1.9848558924819701,
  "efc": 0.5890444188559905,
  "fber": 5992.099690273669,
  "fwhm_avg": 2.3150078523985114,
  "fwhm_x": 2.166864727927241,
  "fwhm_y": 2.552956878048781,
  "fwhm_z": 2.2252019512195123,
  "icvs_csf": 0.3284934164050555,
  "icvs_gm": 0.5946554497013338,
  "icvs_wm": 0.07685113389361063,
  "inu_med": 0.9156460762023926,
  "inu_range": 0.27212985754013064,
  "provenance": {
    "md5sum": "845f7478b855a7f36309548aebb9e6f0",
    "settings": {
      "testing": false
    },
    "software": "mriqc",
    "version": "22.0.6",
    "warnings": {
      "large_rot_frame": true,
      "small_air_mask": false
    },
    "webapi_port": null,
    "webapi_url": "https://mriqc.nimh.nih.gov/api/v1"
  },
  "qi_1": 0.0,
  "qi_2": 0.01152997604185333,
  "rpve_csf": 9.001957361729598,
  "rpve_gm": 6.159199450657283,
  "rpve_wm": 48.799800143230684,
  "size_x": 224,
  "size_y": 256,
  "size_z": 256,
  "snr_csf": 5.023437994453057,
  "snr_gm": 6.149021988395948,
  "snr_total": 4.741510862662635,
  "snr_wm": 3.052072605138903,
  "snrd_csf": 51.721890479334924,
  "snrd_gm": 26.058551673591467,
  "snrd_total": 51.45416563337337,
  "snrd_wm": 76.58205474719371,
  "spacing_x": 0.7999991774559021,
  "spacing_y": 0.80078125,
  "spacing_z": 0.80078125,
  "summary_bg_k": 24.75817191664936,
  "summary_bg_mad": 0.0,
  "summary_bg_mean": 5.453044337375136,
  "summary_bg_median": 0.0,
  "summary_bg_n": 3305281.0,
  "summary_bg_p05": 0.0,
  "summary_bg_p95": 23.167951131239533,
  "summary_bg_stdv": 8.557458435375734,
  "summary_csf_k": -0.20272481478902415,
  "summary_csf_mad": 144.092369699278,
  "summary_csf_mean": 689.0702899042251,
  "summary_csf_median": 675.5966054946184,
  "summary_csf_n": 95827.0,
  "summary_csf_p05": 492.4386522118002,
  "summary_csf_p95": 926.2746693653985,
  "summary_csf_stdv": 134.48818939272334,
  "summary_gm_k": 0.10197936259130946,
  "summary_gm_mad": 54.65572643765717,
  "summary_gm_mean": 342.18954403697586,
  "summary_gm_median": 340.379458129406,
  "summary_gm_n": 541601.0,
  "summary_gm_p05": 253.8899370599538,
  "summary_gm_p95": 435.84057572856545,
  "summary_gm_stdv": 55.35500515969621,
  "summary_wm_k": 1.3909122557051647,
  "summary_wm_mad": 56.569139785559344,
  "summary_wm_mean": 865.2637674159317,
  "summary_wm_median": 1000.3226051777601,
  "summary_wm_n": 11133.0,
  "summary_wm_p05": 71.74363016076386,
  "summary_wm_p95": 1089.7138444751502,
  "summary_wm_stdv": 327.7371830773848,
  "tpm_overlap_csf": 0.11899338150962191,
  "tpm_overlap_gm": 0.36848556433503643,
  "tpm_overlap_wm": 0.023303983073198146,
  "wm2max": 0.930092126654796
}