{
  "aor": 0.0021672115384615384,
  "aqi": 0.005239974230769231,
  "bids_meta": {
    "BodyPartExamined": "HEAD",
    "CogAtlasID": "http://www.cognitiveatlas.org/term/id/trm_550b53d7dd674",
    "ConversionSoftware": "dcm2niix",
    "ConversionSoftwareVersion": "v1.0.20170411 GCC4.4.7",
    "EchoTime": 0.027,
    "EffectiveEchoSpacing": 0.000590001,
    "FlipAngle": 90,
    "ImageType": [
      "ORIGINAL",
      "PRIMARY",
      "M",
      "ND",
      "NORM",
      "MOSAIC"
    ],
    "Instructions": "In this next scan you'll be prompted to move your hands, feet, or tongue. You'll only move one of these at once. Instructions are presented on the screen. Let?s review them now. [Read on-screen instructions to participant.] Do you have any questions?",
    "MagneticFieldStrength": 3,
    "Manufacturer": "Siemens",
    "ManufacturersModelName": "TrioTim",
    "PhaseEncodingDirection": "j-",
    "ProcedureStepDescription": "head_Dosenbach_MSC",
    "ProtocolName": "Motor_104Frames_36Slices_TR2.2",
    "RepetitionTime": 2.2,
    "ScanningSequence": "EP",
    "SequenceName": "_epfid2d1_64",
    "SequenceVariant": "SK",
    "SeriesDescription": "Motor_104Frames_36Slices_TR2.2",
    "SliceTiming": [
      1.105,
      0,
      1.1675,
      0.0625,
      1.2275,
      0.1225,
      1.29,
      0.185,
      1.35,
      0.245,
      1.4125,
      0.3075,
      1.4725,
      0.37,
      1.535,
      0.43,
      1.595,
      0.4925,
      1.6575,
      0.5525,
      1.7175,
      0.615,
      1.78,
      0.675,
      1.84,
      0.7375,
      1.9025,
      0.7975,
      1.965,
      0.86,
      2.025,
      0.92,
      2.0875,
      0.9825,
      2.1475,
      1.0425
    ],
    "SoftwareVersion": "syngo MR B17",
    "TaskName": "motor",
    "dataset": "ds000224",
    "modality": "bold",
    "run_id": 2,
    "session_id": "func02",
    "subject_id": "MSC10",
    "task_id": "motor"
  },
  "dummy_trs": 0,
  "dvars_nstd": 17.232286407572815,
  "dvars_std": 1.1659367193203887,
  "dvars_vstd": 1.0028523303883496,
  "efc": 0.4261391448329821,
  "fber": 29028.296875,
  "fd_mean": 0.21459772520409473,
  "fd_num": 44,
  "fd_perc": 42.30769230769231,
  "fwhm_avg": 1.692050164892077,
  "fwhm_x": 1.54291,
  "fwhm_y": 1.8733825,
  "fwhm_z": 1.6598579946762306,
  "gcor": 0.0317468,
  "gsr_x": -0.021413546055555344,
  "gsr_y": 0.015993017703294754,
  "provenance": {
    "md5sum": "341947aec06d7f927718fa52a689d774",
    "settings": {
      "fd_thres": 0.2,
      "testing": false
    },
    "software": "mriqc",
    "version": "22.0.6",
    "webapi_port": null,
    "webapi_url": "https://mriqc.nimh.nih.gov/api/v1"
  },
  "size_t": 104,
  "size_x": 64,
  "size_y": 64,
  "size_z": 36,
  "snr": 7.210234719414397,
  "spacing_tr": 2.200000047683716,
  "spacing_x": 4.0,
  "spacing_y": 4.0,
  "spacing_z": 3.9999988079071045,
  "summary_bg_k": 25.220224765468597,
  "summary_bg_mad": 2.65157726216112,
  "summary_bg_mean": 21.05052375793457,
  "summary_bg_median": 3.759615421295166,
  "summary_bg_n": 100230.0,
  "summary_bg_p05": 1.6250001192092896,
  "summary_bg_p95": 117.98173522949196,
  "summary_bg_stdv": 48.79591751098633,
  "summary_fg_k": 1.9673347324953951,
  "summary_fg_mad": 80.9729391211526,
  "summary_fg_mean": 655.3504638671875,
  "summary_fg_median": 649.9615478515625,
  "summary_fg_n": 17771.0,
  "summary_fg_p05": 518.3509826660156,
  "summary_fg_p95": 801.90869140625,
  "summary_fg_stdv": 90.14176177978516,
  "tsnr": 84.96357915643603
}