{
  "aor": 0.002034854368932038,
  "aqi": 0.008531351941747572,
  "bids_meta": {
    "BodyPartExamined": "HEAD",
    "CogAtlasID": "http://www.cognitiveatlas.org/term/id/trm_550b53d7dd674",
    "ConversionSoftware": "dcm2niix",
    "ConversionSoftwareVersion": "v1.0.20170411 GCC4.4.7",
    "EchoTime": 0.027,
    "EffectiveEchoSpacing": 0.000590001,
    "FlipAngle": 90,
    "ImageType": [
      "ORIGINAL",
      "PRIMARY",
      "M",
      "ND",
      "NORM",
      "MOSAIC"
    ],
    "Instructions": "In this next scan you'll be prompted to move your hands, feet, or tongue. You'll only move one of these at once. Instructions are presented on the screen. Let?s review them now. [Read on-screen instructions to participant.] Do you have any questions?",
    "MagneticFieldStrength": 3,
    "Manufacturer": "Siemens",
    "ManufacturersModelName": "TrioTim",
    "PhaseEncodingDirection": "j-",
    "ProcedureStepDescription": "head_Dosenbach_MSC",
    "ProtocolName": "Motor_104Frames_36Slices_TR2.2",
    "RepetitionTime": 2.2,
    "ScanningSequence": "EP",
    "SequenceName": "_epfid2d1_64",
    "SequenceVariant": "SK",
    "SeriesDescription": "Motor_104Frames_36Slices_TR2.2",
    "SliceTiming": [
      1.105,
      0,
      1.1675,
      0.0625,
      1.2275,
      0.1225,
      1.29,
      0.185,
      1.35,
      0.245,
      1.4125,
      0.3075,
      1.4725,
      0.37,
      1.535,
      0.43,
      1.595,
      0.4925,
      1.6575,
      0.5525,
      1.7175,
      0.615,
      1.78,
      0.675,
      1.84,
      0.7375,
      1.9025,
      0.7975,
      1.965,
      0.86,
      2.025,
      0.92,
      2.0875,
      0.9825,
      2.1475,
      1.0425
    ],
    "SoftwareVersion": "syngo MR B17",
    "TaskName": "motor",
    "dataset": "ds000224",
    "modality": "bold",
    "run_id": 1,
    "session_id": "func02",
    "subject_id": "MSC10",
    "task_id": "motor"
  },
  "dummy_trs": 1,
  "dvars_nstd": 20.690671079117646,
  "dvars_std": 1.1486136850980393,
  "dvars_vstd": 0.9763229165686276,
  "efc": 0.42451924882786857,
  "fber": 28559.263671875,
  "fd_mean": 0.25364364722689525,
  "fd_num": 54,
  "fd_perc": 52.42718446601942,
  "fwhm_avg": 1.7016201658969123,
  "fwhm_x": 1.5488125,
  "fwhm_y": 1.886075,
  "fwhm_z": 1.6699729976907367,
  "gcor": 0.0218439,
  "gsr_x": -0.022045282647013664,
  "gsr_y": 0.016395775601267815,
  "provenance": {
    "md5sum": "d6251470b0f75ea3a70044327dd51935",
    "settings": {
      "fd_thres": 0.2,
      "testing": false
    },
    "software": "mriqc",
    "version": "22.0.6",
    "webapi_port": null,
    "webapi_url": "https://mriqc.nimh.nih.gov/api/v1"
  },
  "size_t": 103,
  "size_x": 64,
  "size_y": 64,
  "size_z": 36,
  "snr": 7.2225661465858515,
  "spacing_tr": 2.200000047683716,
  "spacing_x": 4.0,
  "spacing_y": 4.0,
  "spacing_z": 3.9999988079071045,
  "summary_bg_k": 26.084869888452403,
  "summary_bg_mad": 2.792474002524745,
  "summary_bg_mean": 20.48416519165039,
  "summary_bg_median": 3.786407709121704,
  "summary_bg_n": 100259.0,
  "summary_bg_p05": 1.5436893701553345,
  "summary_bg_p95": 114.74854507446281,
  "summary_bg_stdv": 47.0732307434082,
  "summary_fg_k": 1.9528895511626594,
  "summary_fg_mad": 80.46356608111549,
  "summary_fg_mean": 655.3131103515625,
  "summary_fg_median": 650.0582885742188,
  "summary_fg_n": 17763.0,
  "summary_fg_p05": 520.3718688964843,
  "summary_fg_p95": 802.167950439453,
  "summary_fg_stdv": 90.00125122070312,
  "tsnr": 67.86405701027252
}