{
  "aor": 0.0027820388349514566,
  "aqi": 0.004715590873786407,
  "bids_meta": {
    "BodyPartExamined": "HEAD",
    "CogAtlasID": "http://www.cognitiveatlas.org/term/id/trm_550b53d7dd674",
    "ConversionSoftware": "dcm2niix",
    "ConversionSoftwareVersion": "v1.0.20170411 GCC4.4.7",
    "EchoTime": 0.027,
    "EffectiveEchoSpacing": 0.000590001,
    "FlipAngle": 90,
    "ImageType": [
      "ORIGINAL",
      "PRIMARY",
      "M",
      "ND",
      "NORM",
      "MOSAIC"
    ],
    "Instructions": "In this next scan you'll be prompted to move your hands, feet, or tongue. You'll only move one of these at once. Instructions are presented on the screen. Let?s review them now. [Read on-screen instructions to participant.] Do you have any questions?",
    "MagneticFieldStrength": 3,
    "Manufacturer": "Siemens",
    "ManufacturersModelName": "TrioTim",
    "PhaseEncodingDirection": "j-",
    "ProcedureStepDescription": "head_Dosenbach_MSC",
    "ProtocolName": "Motor_104Frames_36Slices_TR2.2",
    "RepetitionTime": 2.2,
    "ScanningSequence": "EP",
    "SequenceName": "_epfid2d1_64",
    "SequenceVariant": "SK",
    "SeriesDescription": "Motor_104Frames_36Slices_TR2.2",
    "SliceTiming": [
      1.105,
      0,
      1.1675,
      0.0625,
      1.2275,
      0.1225,
      1.29,
      0.185,
      1.35,
      0.245,
      1.4125,
      0.3075,
      1.4725,
      0.37,
      1.535,
      0.43,
      1.595,
      0.4925,
      1.6575,
      0.5525,
      1.7175,
      0.615,
      1.78,
      0.675,
      1.84,
      0.7375,
      1.9025,
      0.7975,
      1.965,
      0.86,
      2.025,
      0.92,
      2.0875,
      0.9825,
      2.1475,
      1.0425
    ],
    "SoftwareVersion": "syngo MR B17",
    "TaskName": "motor",
    "dataset": "ds000224",
    "modality": "bold",
    "run_id": 1,
    "session_id": "func07",
    "subject_id": "MSC01",
    "task_id": "motor"
  },
  "dummy_trs": 1,
  "dvars_nstd": 18.93007651509804,
  "dvars_std": 1.3206729000000001,
  "dvars_vstd": 1.0269800624509802,
  "efc": 0.4158299168173237,
  "fber": 23961.193359375,
  "fd_mean": 0.1857536882871186,
  "fd_num": 37,
  "fd_perc": 35.922330097087375,
  "fwhm_avg": 1.6317717596070136,
  "fwhm_x": 1.4827225,
  "fwhm_y": 1.8533125,
  "fwhm_z": 1.5592802788210414,
  "gcor": 0.0312373,
  "gsr_x": -0.020433908328413963,
  "gsr_y": 0.012507670558989048,
  "provenance": {
    "md5sum": "e8cae2a479484947caf9348dd7b8ab38",
    "settings": {
      "fd_thres": 0.2,
      "testing": false
    },
    "software": "mriqc",
    "version": "22.0.6",
    "webapi_port": null,
    "webapi_url": "https://mriqc.nimh.nih.gov/api/v1"
  },
  "size_t": 103,
  "size_x": 64,
  "size_y": 64,
  "size_z": 36,
  "snr": 7.392270352538548,
  "spacing_tr": 2.200000047683716,
  "spacing_x": 4.0,
  "spacing_y": 4.0,
  "spacing_z": 3.9999992847442627,
  "summary_bg_k": 30.31999802785169,
  "summary_bg_mad": 3.5985494223748717,
  "summary_bg_mean": 20.250986099243164,
  "summary_bg_median": 4.242718696594238,
  "summary_bg_n": 101809.0,
  "summary_bg_p05": 1.2524272203445435,
  "summary_bg_p95": 92.52038726806632,
  "summary_bg_stdv": 45.71424102783203,
  "summary_fg_k": 3.2993342999045927,
  "summary_fg_mad": 78.14609520611985,
  "summary_fg_mean": 667.4527587890625,
  "summary_fg_median": 665.621337890625,
  "summary_fg_n": 16869.0,
  "summary_fg_p05": 531.8970703125,
  "summary_fg_p95": 807.5242919921875,
  "summary_fg_stdv": 90.04021453857422,
  "tsnr": 98.67108422890306
}