{
  "aor": 0.0005913219094247247,
  "aqi": 0.006512105899632802,
  "bids_meta": {
    "BodyPartExamined": "HEAD",
    "CogAtlasID": "http://www.cognitiveatlas.org/term/id/trm_4c8a834779883",
    "ConversionSoftware": "dcm2niix",
    "ConversionSoftwareVersion": "v1.0.20170411 GCC4.4.7",
    "EchoTime": 0.027,
    "EffectiveEchoSpacing": 0.000590001,
    "FlipAngle": 90,
    "ImageType": [
      "ORIGINAL",
      "PRIMARY",
      "M",
      "ND",
      "NORM",
      "MOSAIC"
    ],
    "Instructions": "During this first scan, a plus sign will be presented on the screen.  All you need to do is simply relax and look at the plus sign. Please keep your eyes open the entire time, and be as still as possible. It's extremely important that you stay awake for the entire duration of this scan. This scan will last ~30 minutes.",
    "MagneticFieldStrength": 3,
    "Manufacturer": "Siemens",
    "ManufacturersModelName": "TrioTim",
    "PhaseEncodingDirection": "j-",
    "ProcedureStepDescription": "head_Dosenbach_MSC",
    "ProtocolName": "RSFC_818Frames_36Slices_TR2.2",
    "RepetitionTime": 2.2,
    "ScanningSequence": "EP",
    "SequenceName": "_epfid2d1_64",
    "SequenceVariant": "SK",
    "SeriesDescription": "RSFC_818Frames_36Slices_TR2.2",
    "SliceTiming": [
      1.105,
      0,
      1.165,
      0.06,
      1.2275,
      0.1225,
      1.2875,
      0.185,
      1.35,
      0.245,
      1.41,
      0.3075,
      1.4725,
      0.3675,
      1.5325,
      0.43,
      1.595,
      0.49,
      1.655,
      0.5525,
      1.7175,
      0.6125,
      1.78,
      0.675,
      1.84,
      0.735,
      1.9025,
      0.7975,
      1.9625,
      0.8575,
      2.025,
      0.92,
      2.085,
      0.9825,
      2.1475,
      1.0425
    ],
    "SoftwareVersion": "syngo MR B17",
    "TaskName": "rest",
    "dataset": "ds000224",
    "modality": "bold",
    "session_id": "func07",
    "subject_id": "MSC01",
    "task_id": "rest"
  },
  "dummy_trs": 1,
  "dvars_nstd": 20.863731681151975,
  "dvars_std": 1.2068818866176463,
  "dvars_vstd": 0.9675683315073536,
  "efc": 0.4147258842087533,
  "fber": 24345.841796875,
  "fd_mean": 0.26569324262582567,
  "fd_num": 563,
  "fd_perc": 68.91064871481028,
  "fwhm_avg": 1.6317925937405395,
  "fwhm_x": 1.47203,
  "fwhm_y": 1.8506425,
  "fwhm_z": 1.572705281221619,
  "gcor": 0.0747373,
  "gsr_x": -0.02037852816283703,
  "gsr_y": 0.0113237788900733,
  "provenance": {
    "md5sum": "96f9febbe5e384931621fd02eb54a502",
    "settings": {
      "fd_thres": 0.2,
      "testing": false
    },
    "software": "mriqc",
    "version": "22.0.6",
    "webapi_port": null,
    "webapi_url": "https://mriqc.nimh.nih.gov/api/v1"
  },
  "size_t": 817,
  "size_x": 64,
  "size_y": 64,
  "size_z": 36,
  "snr": 7.468035222580502,
  "spacing_tr": 2.200000047683716,
  "spacing_x": 4.0,
  "spacing_y": 4.0,
  "spacing_z": 3.9999992847442627,
  "summary_bg_k": 30.122541606791373,
  "summary_bg_mad": 3.917916757553418,
  "summary_bg_mean": 19.979248046875,
  "summary_bg_median": 4.260709762573242,
  "summary_bg_n": 101759.0,
  "summary_bg_p05": 1.1272950172424316,
  "summary_bg_p95": 89.33660125732422,
  "summary_bg_stdv": 45.43147277832031,
  "summary_fg_k": 2.69732034482716,
  "summary_fg_mad": 81.15663556302067,
  "summary_fg_mean": 678.5494384765625,
  "summary_fg_median": 675.7454223632812,
  "summary_fg_n": 17021.0,
  "summary_fg_p05": 543.1199340820312,
  "summary_fg_p95": 819.908203125,
  "summary_fg_stdv": 90.48237609863281,
  "tsnr": 75.76882646139711
}