{
  "aor": 0.005398640776699028,
  "aqi": 0.0074881039805825235,
  "bids_meta": {
    "BodyPartExamined": "HEAD",
    "CogAtlasID": "http://www.cognitiveatlas.org/term/id/trm_550b53d7dd674",
    "ConversionSoftware": "dcm2niix",
    "ConversionSoftwareVersion": "v1.0.20170411 GCC4.4.7",
    "EchoTime": 0.027,
    "EffectiveEchoSpacing": 0.000590001,
    "FlipAngle": 90,
    "ImageType": [
      "ORIGINAL",
      "PRIMARY",
      "M",
      "ND",
      "NORM",
      "MOSAIC"
    ],
    "Instructions": "In this next scan you'll be prompted to move your hands, feet, or tongue. You'll only move one of these at once. Instructions are presented on the screen. Let?s review them now. [Read on-screen instructions to participant.] Do you have any questions?",
    "MagneticFieldStrength": 3,
    "Manufacturer": "Siemens",
    "ManufacturersModelName": "TrioTim",
    "PhaseEncodingDirection": "j-",
    "ProcedureStepDescription": "head_Dosenbach_MSC",
    "ProtocolName": "Motor_104Frames_36Slices_TR2.2",
    "RepetitionTime": 2.2,
    "ScanningSequence": "EP",
    "SequenceName": "_epfid2d1_64",
    "SequenceVariant": "SK",
    "SeriesDescription": "Motor_104Frames_36Slices_TR2.2",
    "SliceTiming": [
      1.105,
      0,
      1.1675,
      0.0625,
      1.2275,
      0.1225,
      1.29,
      0.185,
      1.35,
      0.245,
      1.4125,
      0.3075,
      1.4725,
      0.37,
      1.535,
      0.43,
      1.595,
      0.4925,
      1.6575,
      0.5525,
      1.7175,
      0.615,
      1.78,
      0.675,
      1.84,
      0.7375,
      1.9025,
      0.7975,
      1.965,
      0.86,
      2.025,
      0.92,
      2.0875,
      0.9825,
      2.1475,
      1.0425
    ],
    "SoftwareVersion": "syngo MR B17",
    "TaskName": "motor",
    "dataset": "ds000224",
    "modality": "bold",
    "run_id": 1,
    "session_id": "func05",
    "subject_id": "MSC08",
    "task_id": "motor"
  },
  "dummy_trs": 1,
  "dvars_nstd": 18.376831587549027,
  "dvars_std": 1.275753625882353,
  "dvars_vstd": 1.024188408529412,
  "efc": 0.3903163009853086,
  "fber": 37712.33984375,
  "fd_mean": 0.20550571262671913,
  "fd_num": 40,
  "fd_perc": 38.83495145631068,
  "fwhm_avg": 1.669611442415741,
  "fwhm_x": 1.577655,
  "fwhm_y": 1.7958351070401137,
  "fwhm_z": 1.6353442202071093,
  "gcor": 0.028606,
  "gsr_x": -0.02236665040254593,
  "gsr_y": 0.00923373457044363,
  "provenance": {
    "md5sum": "7a691bb5d0c8261c6d46990b8fe3ff28",
    "settings": {
      "fd_thres": 0.2,
      "testing": false
    },
    "software": "mriqc",
    "version": "22.0.6",
    "webapi_port": null,
    "webapi_url": "https://mriqc.nimh.nih.gov/api/v1"
  },
  "size_t": 103,
  "size_x": 64,
  "size_y": 64,
  "size_z": 36,
  "snr": 8.500523974021156,
  "spacing_tr": 2.200000047683716,
  "spacing_x": 4.0,
  "spacing_y": 3.999999761581421,
  "spacing_z": 4.000001907348633,
  "summary_bg_k": 52.90115264219833,
  "summary_bg_mad": 2.317465572796919,
  "summary_bg_mean": 14.478804588317871,
  "summary_bg_median": 2.961165189743042,
  "summary_bg_n": 104211.0,
  "summary_bg_p05": 1.0970873832702637,
  "summary_bg_p95": 71.94660186767578,
  "summary_bg_stdv": 34.0629768371582,
  "summary_fg_k": 2.0768676615200476,
  "summary_fg_mad": 61.218513333406726,
  "summary_fg_mean": 577.0638427734375,
  "summary_fg_median": 576.2281494140625,
  "summary_fg_n": 15114.0,
  "summary_fg_p05": 471.89563446044923,
  "summary_fg_p95": 685.3582427978514,
  "summary_fg_stdv": 67.78512573242188,
  "tsnr": 80.8771347720176
}