{
  "bids_meta": {
    "BodyPartExamined": "HEAD",
    "ConversionSoftware": "dcm2niix",
    "ConversionSoftwareVersion": "v1.0.20170411 GCC4.4.7",
    "EchoTime": 0.00374,
    "FlipAngle": 8,
    "ImageType": [
      "ORIGINAL",
      "PRIMARY",
      "M",
      "ND",
      "NORM"
    ],
    "InversionTime": 1,
    "MagneticFieldStrength": 3,
    "Manufacturer": "Siemens",
    "ManufacturersModelName": "TrioTim",
    "PhaseEncodingDirection": "i-",
    "ProcedureStepDescription": "head_Dosenbach_MSC",
    "ProtocolName": "T1_.8x.8x.8_224Slices",
    "RepetitionTime": 2.4,
    "ScanningSequence": "GR_IR",
    "SequenceName": "_tfl3d1_ns",
    "SequenceVariant": "SP_MP_OSP",
    "SeriesDescription": "T1_.8x.8x.8_224Slices",
    "dataset": "ds000224",
    "modality": "T1w",
    "run_id": 2,
    "session_id": "struct02",
    "subject_id": "MSC04"
  },
  "cjv": 0.4294117912356096,
  "cnr": 3.136499752101438,
  "efc": 0.5465670476422883,
  "fber": 16626.883591990296,
  "fwhm_avg": 3.853072191265726,
  "fwhm_x": 3.9362234030654704,
  "fwhm_y": 4.020760975609756,
  "fwhm_z": 3.602232195121951,
  "icvs_csf": 0.18762062305294466,
  "icvs_gm": 0.43434743298755163,
  "icvs_wm": 0.3780319439595037,
  "inu_med": 0.4947761744260788,
  "inu_range": 0.22053803056478505,
  "provenance": {
    "md5sum": "a82084c597eb49950231b55f8150d021",
    "settings": {
      "testing": false
    },
    "software": "mriqc",
    "version": "22.0.6",
    "warnings": {
      "large_rot_frame": true,
      "small_air_mask": false
    },
    "webapi_port": null,
    "webapi_url": "https://mriqc.nimh.nih.gov/api/v1"
  },
  "qi_1": 0.0,
  "qi_2": 0.0045874433877228765,
  "rpve_csf": 19.863568168861175,
  "rpve_gm": 8.961323388593625,
  "rpve_wm": 11.418970049605685,
  "size_x": 224,
  "size_y": 256,
  "size_z": 256,
  "snr_csf": 2.2774288906665134,
  "snr_gm": 11.637887623235244,
  "snr_total": 10.591015265832539,
  "snr_wm": 17.85772928359586,
  "snrd_csf": 35.47518050648771,
  "snrd_gm": 84.25132946069297,
  "snrd_total": 78.22511588527222,
  "snrd_wm": 114.94883768863599,
  "spacing_x": 0.7999952435493469,
  "spacing_y": 0.80078125,
  "spacing_z": 0.80078125,
  "summary_bg_k": 9.108424153191034,
  "summary_bg_mad": 5.6996677599817875,
  "summary_bg_mean": 8.077018268905482,
  "summary_bg_median": 3.8443674836307764,
  "summary_bg_n": 4617425.0,
  "summary_bg_p05": 0.0,
  "summary_bg_p95": 33.28345002606511,
  "summary_bg_stdv": 12.13894773245259,
  "summary_csf_k": 0.07959130129418446,
  "summary_csf_mad": 133.57879072386848,
  "summary_csf_mean": 316.87181435052895,
  "summary_csf_median": 308.63304590061307,
  "summary_csf_n": 68341.0,
  "summary_csf_p05": 100.34057143516839,
  "summary_csf_p95": 549.976760275662,
  "summary_csf_stdv": 135.51720061160276,
  "summary_gm_k": 0.19162090760784256,
  "summary_gm_mad": 61.62526685456819,
  "summary_gm_mean": 732.8354159101674,
  "summary_gm_median": 732.9841331709176,
  "summary_gm_n": 85617.0,
  "summary_gm_p05": 628.6134261589498,
  "summary_gm_p95": 836.2144304998219,
  "summary_gm_stdv": 62.98220744937889,
  "summary_wm_k": 0.40784159884251103,
  "summary_wm_mad": 53.05663881271637,
  "summary_wm_mean": 998.5140868989778,
  "summary_wm_median": 1000.0515682250261,
  "summary_wm_n": 440625.0,
  "summary_wm_p05": 905.8000620659441,
  "summary_wm_p95": 1089.3750596903265,
  "summary_wm_stdv": 56.000985205478514,
  "tpm_overlap_csf": 0.13975064721231334,
  "tpm_overlap_gm": 0.4512990233116694,
  "tpm_overlap_wm": 0.5048134868160892,
  "wm2max": 0.7562193702255221
}