{
  "bids_meta": {
    "BodyPartExamined": "HEAD",
    "ConversionSoftware": "dcm2niix",
    "ConversionSoftwareVersion": "v1.0.20170411 GCC4.4.7",
    "EchoTime": 0.479,
    "FlipAngle": 120,
    "ImageType": [
      "ORIGINAL",
      "PRIMARY",
      "M",
      "ND",
      "NORM"
    ],
    "MagneticFieldStrength": 3,
    "Manufacturer": "Siemens",
    "ManufacturersModelName": "TrioTim",
    "PhaseEncodingDirection": "i-",
    "ProcedureStepDescription": "head_Dosenbach_MSC",
    "ProtocolName": "T2_.8x.8x.8_224Slices",
    "RepetitionTime": 3.2,
    "ScanningSequence": "SE",
    "SequenceName": "_spc3d1_282ns",
    "SequenceVariant": "SK_SP",
    "SeriesDescription": "T2_.8x.8x.8_224Slices",
    "dataset": "ds000224",
    "modality": "T2w",
    "run_id": 1,
    "session_id": "struct02",
    "subject_id": "MSC04"
  },
  "cjv": 0.28342624383232246,
  "cnr": 2.04174903850631,
  "efc": 0.5255328042590286,
  "fber": 7697.0299645352425,
  "fwhm_avg": 2.286442154568171,
  "fwhm_x": 2.1539090978508537,
  "fwhm_y": 2.5269198048780486,
  "fwhm_z": 2.1784975609756096,
  "icvs_csf": 0.3511070612015827,
  "icvs_gm": 0.5161285735388036,
  "icvs_wm": 0.13276436525961371,
  "inu_med": 0.9401542544364929,
  "inu_range": 0.29630509614944445,
  "provenance": {
    "md5sum": "c4c48496ca0f2a4e63f4f5fad7d7cb0f",
    "settings": {
      "testing": false
    },
    "software": "mriqc",
    "version": "22.0.6",
    "warnings": {
      "large_rot_frame": true,
      "small_air_mask": false
    },
    "webapi_port": null,
    "webapi_url": "https://mriqc.nimh.nih.gov/api/v1"
  },
  "qi_1": 0.0,
  "qi_2": 0.028043228975544884,
  "rpve_csf": 10.08447183746971,
  "rpve_gm": 7.8297464043276905,
  "rpve_wm": 33.90017749822386,
  "size_x": 224,
  "size_y": 256,
  "size_z": 256,
  "snr_csf": 9.051724603518483,
  "snr_gm": 7.731847446411767,
  "snr_total": 6.766192889708741,
  "snr_wm": 3.5150066191959723,
  "snrd_csf": 62.643756409164084,
  "snrd_gm": 39.81385051608117,
  "snrd_total": 66.60695872409129,
  "snrd_wm": 97.3632692470286,
  "spacing_x": 0.8000012636184692,
  "spacing_y": 0.80078125,
  "spacing_z": 0.80078125,
  "summary_bg_k": 18.618741242125218,
  "summary_bg_mad": 6.728564598484938,
  "summary_bg_mean": 6.4505651177719034,
  "summary_bg_median": 4.538347855210304,
  "summary_bg_n": 4417992.0,
  "summary_bg_p05": 0.0,
  "summary_bg_p95": 23.77746842801571,
  "summary_bg_stdv": 8.776625598659585,
  "summary_csf_k": 0.710431158688722,
  "summary_csf_mad": 67.4466164297892,
  "summary_csf_mean": 645.8195601599022,
  "summary_csf_median": 643.3813808709383,
  "summary_csf_n": 79181.0,
  "summary_csf_p05": 534.3958885967731,
  "summary_csf_p95": 765.5910542160273,
  "summary_csf_stdv": 71.07787149006266,
  "summary_gm_k": 0.1344598420060401,
  "summary_gm_mad": 52.34758869443306,
  "summary_gm_mean": 409.5826345115256,
  "summary_gm_median": 408.90731321275234,
  "summary_gm_n": 366487.0,
  "summary_gm_p05": 323.8078622817993,
  "summary_gm_p95": 497.80681617558,
  "summary_gm_stdv": 52.886035086982886,
  "summary_wm_k": 2.6861173292839906,
  "summary_wm_mad": 115.17435335444911,
  "summary_wm_mean": 904.3080194775439,
  "summary_wm_median": 999.9674062505364,
  "summary_wm_n": 27040.0,
  "summary_wm_p05": 128.32341419979932,
  "summary_wm_p95": 1150.0922618217767,
  "summary_wm_stdv": 284.4799523554646,
  "tpm_overlap_csf": 0.11046815780342004,
  "tpm_overlap_gm": 0.3203162804572633,
  "tpm_overlap_wm": 0.027920120585129455,
  "wm2max": 0.8610794151832537
}