{
  "aor": 0.0012981372549019609,
  "aqi": 0.009105303639705884,
  "bids_meta": {
    "BodyPartExamined": "HEAD",
    "CogAtlasID": "http://www.cognitiveatlas.org/term/id/trm_4c8a834779883",
    "ConversionSoftware": "dcm2niix",
    "ConversionSoftwareVersion": "v1.0.20170411 GCC4.4.7",
    "EchoTime": 0.027,
    "EffectiveEchoSpacing": 0.000590001,
    "FlipAngle": 90,
    "ImageType": [
      "ORIGINAL",
      "PRIMARY",
      "M",
      "ND",
      "NORM",
      "MOSAIC"
    ],
    "Instructions": "During this first scan, a plus sign will be presented on the screen.  All you need to do is simply relax and look at the plus sign. Please keep your eyes open the entire time, and be as still as possible. It's extremely important that you stay awake for the entire duration of this scan. This scan will last ~30 minutes.",
    "MagneticFieldStrength": 3,
    "Manufacturer": "Siemens",
    "ManufacturersModelName": "TrioTim",
    "PhaseEncodingDirection": "j-",
    "ProcedureStepDescription": "head_Dosenbach_MSC",
    "ProtocolName": "RSFC_818Frames_36Slices_TR2.2",
    "RepetitionTime": 2.2,
    "ScanningSequence": "EP",
    "SequenceName": "_epfid2d1_64",
    "SequenceVariant": "SK",
    "SeriesDescription": "RSFC_818Frames_36Slices_TR2.2",
    "SliceTiming": [
      1.105,
      0,
      1.165,
      0.06,
      1.2275,
      0.1225,
      1.2875,
      0.185,
      1.35,
      0.245,
      1.41,
      0.3075,
      1.4725,
      0.3675,
      1.5325,
      0.43,
      1.595,
      0.49,
      1.655,
      0.5525,
      1.7175,
      0.6125,
      1.78,
      0.675,
      1.84,
      0.735,
      1.9025,
      0.7975,
      1.9625,
      0.8575,
      2.025,
      0.92,
      2.085,
      0.9825,
      2.1475,
      1.0425
    ],
    "SoftwareVersion": "syngo MR B17",
    "TaskName": "rest",
    "dataset": "ds000224",
    "modality": "bold",
    "session_id": "func05",
    "subject_id": "MSC01",
    "task_id": "rest"
  },
  "dummy_trs": 2,
  "dvars_nstd": 18.554445916122692,
  "dvars_std": 1.1656461030184047,
  "dvars_vstd": 0.9463302490184036,
  "efc": 0.41286246691816963,
  "fber": 24012.01171875,
  "fd_mean": 0.2133356083047987,
  "fd_num": 414,
  "fd_perc": 50.73529411764706,
  "fwhm_avg": 1.637413583530307,
  "fwhm_x": 1.498865,
  "fwhm_y": 1.8392725,
  "fwhm_z": 1.5741032505909207,
  "gcor": 0.0835932,
  "gsr_x": -0.01897273026406765,
  "gsr_y": 0.009789304807782173,
  "provenance": {
    "md5sum": "27b58a3aa39c56844db5fdd999aa5fe3",
    "settings": {
      "fd_thres": 0.2,
      "testing": false
    },
    "software": "mriqc",
    "version": "22.0.6",
    "webapi_port": null,
    "webapi_url": "https://mriqc.nimh.nih.gov/api/v1"
  },
  "size_t": 816,
  "size_x": 64,
  "size_y": 64,
  "size_z": 36,
  "snr": 7.478122520192041,
  "spacing_tr": 2.200000047683716,
  "spacing_x": 4.0,
  "spacing_y": 4.0,
  "spacing_z": 3.999998092651367,
  "summary_bg_k": 30.969077806500536,
  "summary_bg_mad": 3.404898102420082,
  "summary_bg_mean": 19.84734344482422,
  "summary_bg_median": 4.3553924560546875,
  "summary_bg_n": 101903.0,
  "summary_bg_p05": 1.6299020051956177,
  "summary_bg_p95": 86.84375534057614,
  "summary_bg_stdv": 45.00971221923828,
  "summary_fg_k": 2.9591889795279904,
  "summary_fg_mad": 81.88382009841563,
  "summary_fg_mean": 688.7661743164062,
  "summary_fg_median": 685.5245361328125,
  "summary_fg_n": 16892.0,
  "summary_fg_p05": 555.3389953613281,
  "summary_fg_p95": 833.000210571289,
  "summary_fg_stdv": 91.66796112060547,
  "tsnr": 66.66157863812987
}