{
  "aor": 0.0036282524271844664,
  "aqi": 0.007164795533980584,
  "bids_meta": {
    "BodyPartExamined": "HEAD",
    "CogAtlasID": "http://www.cognitiveatlas.org/term/id/trm_550b53d7dd674",
    "ConversionSoftware": "dcm2niix",
    "ConversionSoftwareVersion": "v1.0.20170411 GCC4.4.7",
    "EchoTime": 0.027,
    "EffectiveEchoSpacing": 0.000590001,
    "FlipAngle": 90,
    "ImageType": [
      "ORIGINAL",
      "PRIMARY",
      "M",
      "ND",
      "NORM",
      "MOSAIC"
    ],
    "Instructions": "In this next scan you'll be prompted to move your hands, feet, or tongue. You'll only move one of these at once. Instructions are presented on the screen. Let?s review them now. [Read on-screen instructions to participant.] Do you have any questions?",
    "MagneticFieldStrength": 3,
    "Manufacturer": "Siemens",
    "ManufacturersModelName": "TrioTim",
    "PhaseEncodingDirection": "j-",
    "ProcedureStepDescription": "head_Dosenbach_MSC",
    "ProtocolName": "Motor_104Frames_36Slices_TR2.2",
    "RepetitionTime": 2.2,
    "ScanningSequence": "EP",
    "SequenceName": "_epfid2d1_64",
    "SequenceVariant": "SK",
    "SeriesDescription": "Motor_104Frames_36Slices_TR2.2",
    "SliceTiming": [
      1.105,
      0,
      1.1675,
      0.0625,
      1.2275,
      0.1225,
      1.29,
      0.185,
      1.35,
      0.245,
      1.4125,
      0.3075,
      1.4725,
      0.37,
      1.535,
      0.43,
      1.595,
      0.4925,
      1.6575,
      0.5525,
      1.7175,
      0.615,
      1.78,
      0.675,
      1.84,
      0.7375,
      1.9025,
      0.7975,
      1.965,
      0.86,
      2.025,
      0.92,
      2.0875,
      0.9825,
      2.1475,
      1.0425
    ],
    "SoftwareVersion": "syngo MR B17",
    "TaskName": "motor",
    "dataset": "ds000224",
    "modality": "bold",
    "run_id": 1,
    "session_id": "func05",
    "subject_id": "MSC01",
    "task_id": "motor"
  },
  "dummy_trs": 1,
  "dvars_nstd": 18.717169256960787,
  "dvars_std": 1.2199947801960784,
  "dvars_vstd": 0.9980167543137256,
  "efc": 0.41186709336293836,
  "fber": 25816.75,
  "fd_mean": 0.2086361434041372,
  "fd_num": 48,
  "fd_perc": 46.601941747572816,
  "fwhm_avg": 1.6452452517923921,
  "fwhm_x": 1.50703,
  "fwhm_y": 1.844565,
  "fwhm_z": 1.584140755377176,
  "gcor": 0.0409987,
  "gsr_x": -0.018676724284887314,
  "gsr_y": 0.011138370260596275,
  "provenance": {
    "md5sum": "511ebcdd485f6ffab7ca0bf13d21e46b",
    "settings": {
      "fd_thres": 0.2,
      "testing": false
    },
    "software": "mriqc",
    "version": "22.0.6",
    "webapi_port": null,
    "webapi_url": "https://mriqc.nimh.nih.gov/api/v1"
  },
  "size_t": 103,
  "size_x": 64,
  "size_y": 64,
  "size_z": 36,
  "snr": 7.527785395184875,
  "spacing_tr": 2.200000047683716,
  "spacing_x": 4.0,
  "spacing_y": 4.0,
  "spacing_z": 3.999998092651367,
  "summary_bg_k": 31.2393125627275,
  "summary_bg_mad": 3.267482432252571,
  "summary_bg_mean": 19.778348922729492,
  "summary_bg_median": 4.213592052459717,
  "summary_bg_n": 102077.0,
  "summary_bg_p05": 1.582524299621582,
  "summary_bg_p95": 88.39999847412106,
  "summary_bg_stdv": 44.44013595581055,
  "summary_fg_k": 2.6313277781409212,
  "summary_fg_mad": 82.9753660738016,
  "summary_fg_mean": 687.269775390625,
  "summary_fg_median": 684.2621459960938,
  "summary_fg_n": 16784.0,
  "summary_fg_p05": 554.769888305664,
  "summary_fg_p95": 830.5558319091796,
  "summary_fg_stdv": 90.89549255371094,
  "tsnr": 80.61749913962558
}