{
  "aor": 0.002969320388349514,
  "aqi": 0.008955303592233009,
  "bids_meta": {
    "BodyPartExamined": "HEAD",
    "CogAtlasID": "http://www.cognitiveatlas.org/term/id/trm_550b53d7dd674",
    "ConversionSoftware": "dcm2niix",
    "ConversionSoftwareVersion": "v1.0.20170411 GCC4.4.7",
    "EchoTime": 0.027,
    "EffectiveEchoSpacing": 0.000590001,
    "FlipAngle": 90,
    "ImageType": [
      "ORIGINAL",
      "PRIMARY",
      "M",
      "ND",
      "NORM",
      "MOSAIC"
    ],
    "Instructions": "In this next scan you'll be prompted to move your hands, feet, or tongue. You'll only move one of these at once. Instructions are presented on the screen. Let?s review them now. [Read on-screen instructions to participant.] Do you have any questions?",
    "MagneticFieldStrength": 3,
    "Manufacturer": "Siemens",
    "ManufacturersModelName": "TrioTim",
    "PhaseEncodingDirection": "j-",
    "ProcedureStepDescription": "head_Dosenbach_MSC",
    "ProtocolName": "Motor_104Frames_36Slices_TR2.2",
    "RepetitionTime": 2.2,
    "ScanningSequence": "EP",
    "SequenceName": "_epfid2d1_64",
    "SequenceVariant": "SK",
    "SeriesDescription": "Motor_104Frames_36Slices_TR2.2",
    "SliceTiming": [
      1.105,
      0,
      1.1675,
      0.0625,
      1.2275,
      0.1225,
      1.29,
      0.185,
      1.35,
      0.245,
      1.4125,
      0.3075,
      1.4725,
      0.37,
      1.535,
      0.43,
      1.595,
      0.4925,
      1.6575,
      0.5525,
      1.7175,
      0.615,
      1.78,
      0.675,
      1.84,
      0.7375,
      1.9025,
      0.7975,
      1.965,
      0.86,
      2.025,
      0.92,
      2.0875,
      0.9825,
      2.1475,
      1.0425
    ],
    "SoftwareVersion": "syngo MR B17",
    "TaskName": "motor",
    "dataset": "ds000224",
    "modality": "bold",
    "run_id": 2,
    "session_id": "func05",
    "subject_id": "MSC01",
    "task_id": "motor"
  },
  "dummy_trs": 1,
  "dvars_nstd": 19.39661791715686,
  "dvars_std": 1.183807465588235,
  "dvars_vstd": 0.959639197156863,
  "efc": 0.4111273944533712,
  "fber": 25656.197265625,
  "fd_mean": 0.20051269694973836,
  "fd_num": 48,
  "fd_perc": 46.601941747572816,
  "fwhm_avg": 1.6603727561538646,
  "fwhm_x": 1.5106525,
  "fwhm_y": 1.858885,
  "fwhm_z": 1.611580768461594,
  "gcor": 0.0542803,
  "gsr_x": -0.017509430646896362,
  "gsr_y": 0.013836187310516834,
  "provenance": {
    "md5sum": "e255247dfde5198537247933a4283e1a",
    "settings": {
      "fd_thres": 0.2,
      "testing": false
    },
    "software": "mriqc",
    "version": "22.0.6",
    "webapi_port": null,
    "webapi_url": "https://mriqc.nimh.nih.gov/api/v1"
  },
  "size_t": 103,
  "size_x": 64,
  "size_y": 64,
  "size_z": 36,
  "snr": 7.599855557939568,
  "spacing_tr": 2.200000047683716,
  "spacing_x": 4.0,
  "spacing_y": 4.0,
  "spacing_z": 3.999998092651367,
  "summary_bg_k": 30.554691395553085,
  "summary_bg_mad": 3.195511447339873,
  "summary_bg_mean": 19.526052474975586,
  "summary_bg_median": 4.223300933837891,
  "summary_bg_n": 102159.0,
  "summary_bg_p05": 1.6310679912567139,
  "summary_bg_p95": 88.15534210205078,
  "summary_bg_stdv": 43.58913040161133,
  "summary_fg_k": 2.680993858310523,
  "summary_fg_mad": 81.73745113549859,
  "summary_fg_mean": 685.7752075195312,
  "summary_fg_median": 683.6068115234375,
  "summary_fg_n": 16794.0,
  "summary_fg_p05": 551.8931884765625,
  "summary_fg_p95": 826.9519439697262,
  "summary_fg_stdv": 89.94729614257812,
  "tsnr": 73.69975857110694
}