{
  "aor": 0.0007378921568627451,
  "aqi": 0.00448655044117647,
  "bids_meta": {
    "BodyPartExamined": "HEAD",
    "CogAtlasID": "http://www.cognitiveatlas.org/term/id/trm_4c8a834779883",
    "ConversionSoftware": "dcm2niix",
    "ConversionSoftwareVersion": "v1.0.20170411 GCC4.4.7",
    "EchoTime": 0.027,
    "EffectiveEchoSpacing": 0.000590001,
    "FlipAngle": 90,
    "ImageType": [
      "ORIGINAL",
      "PRIMARY",
      "M",
      "ND",
      "NORM",
      "MOSAIC"
    ],
    "Instructions": "During this first scan, a plus sign will be presented on the screen.  All you need to do is simply relax and look at the plus sign. Please keep your eyes open the entire time, and be as still as possible. It's extremely important that you stay awake for the entire duration of this scan. This scan will last ~30 minutes.",
    "MagneticFieldStrength": 3,
    "Manufacturer": "Siemens",
    "ManufacturersModelName": "TrioTim",
    "PhaseEncodingDirection": "j-",
    "ProcedureStepDescription": "head_Dosenbach_MSC",
    "ProtocolName": "RSFC_818Frames_36Slices_TR2.2",
    "RepetitionTime": 2.2,
    "ScanningSequence": "EP",
    "SequenceName": "_epfid2d1_64",
    "SequenceVariant": "SK",
    "SeriesDescription": "RSFC_818Frames_36Slices_TR2.2",
    "SliceTiming": [
      1.105,
      0,
      1.165,
      0.06,
      1.2275,
      0.1225,
      1.2875,
      0.185,
      1.35,
      0.245,
      1.41,
      0.3075,
      1.4725,
      0.3675,
      1.5325,
      0.43,
      1.595,
      0.49,
      1.655,
      0.5525,
      1.7175,
      0.6125,
      1.78,
      0.675,
      1.84,
      0.735,
      1.9025,
      0.7975,
      1.9625,
      0.8575,
      2.025,
      0.92,
      2.085,
      0.9825,
      2.1475,
      1.0425
    ],
    "SoftwareVersion": "syngo MR B17",
    "TaskName": "rest",
    "dataset": "ds000224",
    "modality": "bold",
    "session_id": "func03",
    "subject_id": "MSC03",
    "task_id": "rest"
  },
  "dummy_trs": 2,
  "dvars_nstd": 16.219926043288336,
  "dvars_std": 1.1748819671411044,
  "dvars_vstd": 0.9729139352760733,
  "efc": 0.3631933665781511,
  "fber": 45300.6484375,
  "fd_mean": 0.17448414009742977,
  "fd_num": 270,
  "fd_perc": 33.088235294117645,
  "fwhm_avg": 1.8025669723179591,
  "fwhm_x": 1.6627425,
  "fwhm_y": 2.0356325,
  "fwhm_z": 1.7093259169538768,
  "gcor": 0.0842188,
  "gsr_x": -0.02223176881670952,
  "gsr_y": 0.013265073299407959,
  "provenance": {
    "md5sum": "939e4164dd7ef62321abd7046f530895",
    "settings": {
      "fd_thres": 0.2,
      "testing": false
    },
    "software": "mriqc",
    "version": "22.0.6",
    "webapi_port": null,
    "webapi_url": "https://mriqc.nimh.nih.gov/api/v1"
  },
  "size_t": 816,
  "size_x": 64,
  "size_y": 64,
  "size_z": 36,
  "snr": 7.9107808367832,
  "spacing_tr": 2.200000047683716,
  "spacing_x": 4.0,
  "spacing_y": 4.0,
  "spacing_z": 3.999997854232788,
  "summary_bg_k": 40.85184251547712,
  "summary_bg_mad": 1.8387175023156621,
  "summary_bg_mean": 12.524194717407227,
  "summary_bg_median": 2.837009906768799,
  "summary_bg_n": 107223.0,
  "summary_bg_p05": 1.1960784196853638,
  "summary_bg_p95": 60.05012474060058,
  "summary_bg_stdv": 30.109588623046875,
  "summary_fg_k": 1.9900668134018025,
  "summary_fg_mad": 67.73828916599402,
  "summary_fg_mean": 606.02587890625,
  "summary_fg_median": 605.6740112304688,
  "summary_fg_n": 13295.0,
  "summary_fg_p05": 480.1148376464844,
  "summary_fg_p95": 724.5111633300781,
  "summary_fg_stdv": 76.56023406982422,
  "tsnr": 94.31459820200689
}