{
  "aor": 0.0039061077111383112,
  "aqi": 0.011675927148102816,
  "bids_meta": {
    "BodyPartExamined": "HEAD",
    "CogAtlasID": "http://www.cognitiveatlas.org/term/id/trm_4c8a834779883",
    "ConversionSoftware": "dcm2niix",
    "ConversionSoftwareVersion": "v1.0.20170411 GCC4.4.7",
    "EchoTime": 0.027,
    "EffectiveEchoSpacing": 0.000590001,
    "FlipAngle": 90,
    "ImageType": [
      "ORIGINAL",
      "PRIMARY",
      "M",
      "ND",
      "NORM",
      "MOSAIC"
    ],
    "Instructions": "During this first scan, a plus sign will be presented on the screen.  All you need to do is simply relax and look at the plus sign. Please keep your eyes open the entire time, and be as still as possible. It's extremely important that you stay awake for the entire duration of this scan. This scan will last ~30 minutes.",
    "MagneticFieldStrength": 3,
    "Manufacturer": "Siemens",
    "ManufacturersModelName": "TrioTim",
    "PhaseEncodingDirection": "j-",
    "ProcedureStepDescription": "head_Dosenbach_MSC",
    "ProtocolName": "RSFC_818Frames_36Slices_TR2.2",
    "RepetitionTime": 2.2,
    "ScanningSequence": "EP",
    "SequenceName": "_epfid2d1_64",
    "SequenceVariant": "SK",
    "SeriesDescription": "RSFC_818Frames_36Slices_TR2.2",
    "SliceTiming": [
      1.105,
      0,
      1.165,
      0.06,
      1.2275,
      0.1225,
      1.2875,
      0.185,
      1.35,
      0.245,
      1.41,
      0.3075,
      1.4725,
      0.3675,
      1.5325,
      0.43,
      1.595,
      0.49,
      1.655,
      0.5525,
      1.7175,
      0.6125,
      1.78,
      0.675,
      1.84,
      0.735,
      1.9025,
      0.7975,
      1.9625,
      0.8575,
      2.025,
      0.92,
      2.085,
      0.9825,
      2.1475,
      1.0425
    ],
    "SoftwareVersion": "syngo MR B17",
    "TaskName": "rest",
    "dataset": "ds000224",
    "modality": "bold",
    "session_id": "func05",
    "subject_id": "MSC05",
    "task_id": "rest"
  },
  "dummy_trs": 1,
  "dvars_nstd": 17.791705526446087,
  "dvars_std": 1.2548370084436267,
  "dvars_vstd": 1.0292879646200972,
  "efc": 0.42038350041986544,
  "fber": 26443.560546875,
  "fd_mean": 0.15136532991716478,
  "fd_num": 191,
  "fd_perc": 23.378212974296204,
  "fwhm_avg": 1.7270999345720883,
  "fwhm_x": 1.60696,
  "fwhm_y": 1.9277925,
  "fwhm_z": 1.6465473037162657,
  "gcor": 0.0734453,
  "gsr_x": -0.019805673509836197,
  "gsr_y": 0.017524564638733864,
  "provenance": {
    "md5sum": "a18b1f8c49ab1e795ee6f97170b9da78",
    "settings": {
      "fd_thres": 0.2,
      "testing": false
    },
    "software": "mriqc",
    "version": "22.0.6",
    "webapi_port": null,
    "webapi_url": "https://mriqc.nimh.nih.gov/api/v1"
  },
  "size_t": 817,
  "size_x": 64,
  "size_y": 64,
  "size_z": 36,
  "snr": 8.066914184990521,
  "spacing_tr": 2.200000047683716,
  "spacing_x": 4.0,
  "spacing_y": 4.0,
  "spacing_z": 4.000000476837158,
  "summary_bg_k": 35.09679340979779,
  "summary_bg_mad": 3.0922327464168324,
  "summary_bg_mean": 19.97408676147461,
  "summary_bg_median": 4.250917911529541,
  "summary_bg_n": 100609.0,
  "summary_bg_p05": 1.6915545463562012,
  "summary_bg_p95": 94.53684387207014,
  "summary_bg_stdv": 46.85856628417969,
  "summary_fg_k": 3.2725952743264957,
  "summary_fg_mad": 76.37672745841233,
  "summary_fg_mean": 699.620849609375,
  "summary_fg_median": 699.368408203125,
  "summary_fg_n": 18131.0,
  "summary_fg_p05": 566.7276611328125,
  "summary_fg_p95": 832.1615600585938,
  "summary_fg_stdv": 86.69351196289062,
  "tsnr": 61.42208218574524
}