{
  "aor": 0.0028238461538461538,
  "aqi": 0.0045053213461538465,
  "bids_meta": {
    "BodyPartExamined": "HEAD",
    "CogAtlasID": "http://www.cognitiveatlas.org/term/id/trm_550b53d7dd674",
    "ConversionSoftware": "dcm2niix",
    "ConversionSoftwareVersion": "v1.0.20170411 GCC4.4.7",
    "EchoTime": 0.027,
    "EffectiveEchoSpacing": 0.000590001,
    "FlipAngle": 90,
    "ImageType": [
      "ORIGINAL",
      "PRIMARY",
      "M",
      "ND",
      "NORM",
      "MOSAIC"
    ],
    "Instructions": "In this next scan you'll be prompted to move your hands, feet, or tongue. You'll only move one of these at once. Instructions are presented on the screen. Let?s review them now. [Read on-screen instructions to participant.] Do you have any questions?",
    "MagneticFieldStrength": 3,
    "Manufacturer": "Siemens",
    "ManufacturersModelName": "TrioTim",
    "PhaseEncodingDirection": "j-",
    "ProcedureStepDescription": "head_Dosenbach_MSC",
    "ProtocolName": "Motor_104Frames_36Slices_TR2.2",
    "RepetitionTime": 2.2,
    "ScanningSequence": "EP",
    "SequenceName": "_epfid2d1_64",
    "SequenceVariant": "SK",
    "SeriesDescription": "Motor_104Frames_36Slices_TR2.2",
    "SliceTiming": [
      1.105,
      0,
      1.1675,
      0.0625,
      1.2275,
      0.1225,
      1.29,
      0.185,
      1.35,
      0.245,
      1.4125,
      0.3075,
      1.4725,
      0.37,
      1.535,
      0.43,
      1.595,
      0.4925,
      1.6575,
      0.5525,
      1.7175,
      0.615,
      1.78,
      0.675,
      1.84,
      0.7375,
      1.9025,
      0.7975,
      1.965,
      0.86,
      2.025,
      0.92,
      2.0875,
      0.9825,
      2.1475,
      1.0425
    ],
    "SoftwareVersion": "syngo MR B17",
    "TaskName": "motor",
    "dataset": "ds000224",
    "modality": "bold",
    "run_id": 2,
    "session_id": "func05",
    "subject_id": "MSC05",
    "task_id": "motor"
  },
  "dummy_trs": 0,
  "dvars_nstd": 17.336418198155346,
  "dvars_std": 1.2274342720388345,
  "dvars_vstd": 1.0126299412621356,
  "efc": 0.3990690441543164,
  "fber": 37687.98828125,
  "fd_mean": 0.14919004629438481,
  "fd_num": 19,
  "fd_perc": 18.26923076923077,
  "fwhm_avg": 1.7032732675577282,
  "fwhm_x": 1.5922525,
  "fwhm_y": 1.86227,
  "fwhm_z": 1.6552973026731845,
  "gcor": 0.0661925,
  "gsr_x": -0.011923606507480145,
  "gsr_y": 0.026007533073425293,
  "provenance": {
    "md5sum": "dcc44844d131ce02c9087b10b671f992",
    "settings": {
      "fd_thres": 0.2,
      "testing": false
    },
    "software": "mriqc",
    "version": "22.0.6",
    "webapi_port": null,
    "webapi_url": "https://mriqc.nimh.nih.gov/api/v1"
  },
  "size_t": 104,
  "size_x": 64,
  "size_y": 64,
  "size_z": 36,
  "snr": 8.138152979551437,
  "spacing_tr": 2.200000047683716,
  "spacing_x": 4.0,
  "spacing_y": 4.0,
  "spacing_z": 4.000000476837158,
  "summary_bg_k": 43.067489138768146,
  "summary_bg_mad": 2.223903327758403,
  "summary_bg_mean": 16.636709213256836,
  "summary_bg_median": 3.663461685180664,
  "summary_bg_n": 102732.0,
  "summary_bg_p05": 1.6730769872665405,
  "summary_bg_p95": 82.32164001464841,
  "summary_bg_stdv": 42.36069869995117,
  "summary_fg_k": 3.5172747858888664,
  "summary_fg_mad": 78.10745560972691,
  "summary_fg_mean": 715.8492431640625,
  "summary_fg_median": 716.0096435546875,
  "summary_fg_n": 17148.0,
  "summary_fg_p05": 581.7606048583984,
  "summary_fg_p95": 849.7529144287109,
  "summary_fg_stdv": 87.9792709350586,
  "tsnr": 97.48983088997193
}