{
  "aor": 0.003530673076923077,
  "aqi": 0.007677695480769232,
  "bids_meta": {
    "BodyPartExamined": "HEAD",
    "CogAtlasID": "http://www.cognitiveatlas.org/term/id/trm_550b53d7dd674",
    "ConversionSoftware": "dcm2niix",
    "ConversionSoftwareVersion": "v1.0.20170411 GCC4.4.7",
    "EchoTime": 0.027,
    "EffectiveEchoSpacing": 0.000590001,
    "FlipAngle": 90,
    "ImageType": [
      "ORIGINAL",
      "PRIMARY",
      "M",
      "ND",
      "NORM",
      "MOSAIC"
    ],
    "Instructions": "In this next scan you'll be prompted to move your hands, feet, or tongue. You'll only move one of these at once. Instructions are presented on the screen. Let?s review them now. [Read on-screen instructions to participant.] Do you have any questions?",
    "MagneticFieldStrength": 3,
    "Manufacturer": "Siemens",
    "ManufacturersModelName": "TrioTim",
    "PhaseEncodingDirection": "j-",
    "ProcedureStepDescription": "head_Dosenbach_MSC",
    "ProtocolName": "Motor_104Frames_36Slices_TR2.2",
    "RepetitionTime": 2.2,
    "ScanningSequence": "EP",
    "SequenceName": "_epfid2d1_64",
    "SequenceVariant": "SK",
    "SeriesDescription": "Motor_104Frames_36Slices_TR2.2",
    "SliceTiming": [
      1.105,
      0,
      1.1675,
      0.0625,
      1.2275,
      0.1225,
      1.29,
      0.185,
      1.35,
      0.245,
      1.4125,
      0.3075,
      1.4725,
      0.37,
      1.535,
      0.43,
      1.595,
      0.4925,
      1.6575,
      0.5525,
      1.7175,
      0.615,
      1.78,
      0.675,
      1.84,
      0.7375,
      1.9025,
      0.7975,
      1.965,
      0.86,
      2.025,
      0.92,
      2.0875,
      0.9825,
      2.1475,
      1.0425
    ],
    "SoftwareVersion": "syngo MR B17",
    "TaskName": "motor",
    "dataset": "ds000224",
    "modality": "bold",
    "run_id": 1,
    "session_id": "func10",
    "subject_id": "MSC05",
    "task_id": "motor"
  },
  "dummy_trs": 0,
  "dvars_nstd": 19.040555565242716,
  "dvars_std": 1.2059549651456307,
  "dvars_vstd": 0.9778928893203885,
  "efc": 0.4280758295235926,
  "fber": 27690.03125,
  "fd_mean": 0.22579635269269674,
  "fd_num": 44,
  "fd_perc": 42.30769230769231,
  "fwhm_avg": 1.741725,
  "fwhm_x": 1.61514,
  "fwhm_y": 1.951115,
  "fwhm_z": 1.65892,
  "gcor": 0.0203578,
  "gsr_x": -0.022347236052155495,
  "gsr_y": 0.017803560942411423,
  "provenance": {
    "md5sum": "49271178bee74bbe9afa091c209b2fc6",
    "settings": {
      "fd_thres": 0.2,
      "testing": false
    },
    "software": "mriqc",
    "version": "22.0.6",
    "webapi_port": null,
    "webapi_url": "https://mriqc.nimh.nih.gov/api/v1"
  },
  "size_t": 104,
  "size_x": 64,
  "size_y": 64,
  "size_z": 36,
  "snr": 8.084294143694041,
  "spacing_tr": 2.200000047683716,
  "spacing_x": 4.0,
  "spacing_y": 4.0,
  "spacing_z": 4.0,
  "summary_bg_k": 30.21853871784228,
  "summary_bg_mad": 3.706505546264005,
  "summary_bg_mean": 24.412919998168945,
  "summary_bg_median": 4.778846263885498,
  "summary_bg_n": 99894.0,
  "summary_bg_p05": 1.836538553237915,
  "summary_bg_p95": 115.61250572204573,
  "summary_bg_stdv": 56.15517044067383,
  "summary_fg_k": 4.062364038056711,
  "summary_fg_mad": 86.76073440286758,
  "summary_fg_mean": 805.3200073242188,
  "summary_fg_median": 806.6057739257812,
  "summary_fg_n": 18523.0,
  "summary_fg_p05": 653.1442565917969,
  "summary_fg_p95": 954.2432983398434,
  "summary_fg_stdv": 99.771728515625,
  "tsnr": 78.12400317541324
}