{
  "aor": 0.004365192307692307,
  "aqi": 0.008122624615384617,
  "bids_meta": {
    "BodyPartExamined": "HEAD",
    "CogAtlasID": "http://www.cognitiveatlas.org/term/id/trm_550b53d7dd674",
    "ConversionSoftware": "dcm2niix",
    "ConversionSoftwareVersion": "v1.0.20170411 GCC4.4.7",
    "EchoTime": 0.027,
    "EffectiveEchoSpacing": 0.000590001,
    "FlipAngle": 90,
    "ImageType": [
      "ORIGINAL",
      "PRIMARY",
      "M",
      "ND",
      "NORM",
      "MOSAIC"
    ],
    "Instructions": "In this next scan you'll be prompted to move your hands, feet, or tongue. You'll only move one of these at once. Instructions are presented on the screen. Let?s review them now. [Read on-screen instructions to participant.] Do you have any questions?",
    "MagneticFieldStrength": 3,
    "Manufacturer": "Siemens",
    "ManufacturersModelName": "TrioTim",
    "PhaseEncodingDirection": "j-",
    "ProcedureStepDescription": "head_Dosenbach_MSC",
    "ProtocolName": "Motor_104Frames_36Slices_TR2.2",
    "RepetitionTime": 2.2,
    "ScanningSequence": "EP",
    "SequenceName": "_epfid2d1_64",
    "SequenceVariant": "SK",
    "SeriesDescription": "Motor_104Frames_36Slices_TR2.2",
    "SliceTiming": [
      1.105,
      0,
      1.1675,
      0.0625,
      1.2275,
      0.1225,
      1.29,
      0.185,
      1.35,
      0.245,
      1.4125,
      0.3075,
      1.4725,
      0.37,
      1.535,
      0.43,
      1.595,
      0.4925,
      1.6575,
      0.5525,
      1.7175,
      0.615,
      1.78,
      0.675,
      1.84,
      0.7375,
      1.9025,
      0.7975,
      1.965,
      0.86,
      2.025,
      0.92,
      2.0875,
      0.9825,
      2.1475,
      1.0425
    ],
    "SoftwareVersion": "syngo MR B17",
    "TaskName": "motor",
    "dataset": "ds000224",
    "modality": "bold",
    "run_id": 2,
    "session_id": "func10",
    "subject_id": "MSC10",
    "task_id": "motor"
  },
  "dummy_trs": 0,
  "dvars_nstd": 18.189412598349513,
  "dvars_std": 1.19426603,
  "dvars_vstd": 0.9803336740776705,
  "efc": 0.4232318740997998,
  "fber": 30880.740234375,
  "fd_mean": 0.20285664787482413,
  "fd_num": 44,
  "fd_perc": 42.30769230769231,
  "fwhm_avg": 1.6977977938795175,
  "fwhm_x": 1.58238,
  "fwhm_y": 1.86752,
  "fwhm_z": 1.6434933816385529,
  "gcor": 0.0409418,
  "gsr_x": -0.022702062502503395,
  "gsr_y": 0.014546869322657585,
  "provenance": {
    "md5sum": "bbf97040de94e26d300eea460c95acf5",
    "settings": {
      "fd_thres": 0.2,
      "testing": false
    },
    "software": "mriqc",
    "version": "22.0.6",
    "webapi_port": null,
    "webapi_url": "https://mriqc.nimh.nih.gov/api/v1"
  },
  "size_t": 104,
  "size_x": 64,
  "size_y": 64,
  "size_z": 36,
  "snr": 7.217435775007221,
  "spacing_tr": 2.200000047683716,
  "spacing_x": 4.0,
  "spacing_y": 4.0,
  "spacing_z": 3.999997854232788,
  "summary_bg_k": 28.444028005482096,
  "summary_bg_mad": 2.680088952049278,
  "summary_bg_mean": 20.658586502075195,
  "summary_bg_median": 3.692307949066162,
  "summary_bg_n": 100477.0,
  "summary_bg_p05": 1.403846263885498,
  "summary_bg_p95": 114.17500305175778,
  "summary_bg_stdv": 48.41558837890625,
  "summary_fg_k": 1.5927001918791337,
  "summary_fg_mad": 83.42492465665902,
  "summary_fg_mean": 665.9669799804688,
  "summary_fg_median": 661.125,
  "summary_fg_n": 17638.0,
  "summary_fg_p05": 526.2620208740234,
  "summary_fg_p95": 817.2779388427733,
  "summary_fg_stdv": 91.59849548339844,
  "tsnr": 70.09786987490952
}