{
  "aor": 0.0015031418092909534,
  "aqi": 0.018090644718826404,
  "bids_meta": {
    "BodyPartExamined": "HEAD",
    "CogAtlasID": "http://www.cognitiveatlas.org/term/id/trm_4c8a834779883",
    "ConversionSoftware": "dcm2niix",
    "ConversionSoftwareVersion": "v1.0.20170411 GCC4.4.7",
    "EchoTime": 0.027,
    "EffectiveEchoSpacing": 0.000590001,
    "FlipAngle": 90,
    "ImageType": [
      "ORIGINAL",
      "PRIMARY",
      "M",
      "ND",
      "NORM",
      "MOSAIC"
    ],
    "Instructions": "During this first scan, a plus sign will be presented on the screen.  All you need to do is simply relax and look at the plus sign. Please keep your eyes open the entire time, and be as still as possible. It's extremely important that you stay awake for the entire duration of this scan. This scan will last ~30 minutes.",
    "MagneticFieldStrength": 3,
    "Manufacturer": "Siemens",
    "ManufacturersModelName": "TrioTim",
    "PhaseEncodingDirection": "j-",
    "ProcedureStepDescription": "head_Dosenbach_MSC",
    "ProtocolName": "RSFC_818Frames_36Slices_TR2.2",
    "RepetitionTime": 2.2,
    "ScanningSequence": "EP",
    "SequenceName": "_epfid2d1_64",
    "SequenceVariant": "SK",
    "SeriesDescription": "RSFC_818Frames_36Slices_TR2.2",
    "SliceTiming": [
      1.105,
      0,
      1.165,
      0.06,
      1.2275,
      0.1225,
      1.2875,
      0.185,
      1.35,
      0.245,
      1.41,
      0.3075,
      1.4725,
      0.3675,
      1.5325,
      0.43,
      1.595,
      0.49,
      1.655,
      0.5525,
      1.7175,
      0.6125,
      1.78,
      0.675,
      1.84,
      0.735,
      1.9025,
      0.7975,
      1.9625,
      0.8575,
      2.025,
      0.92,
      2.085,
      0.9825,
      2.1475,
      1.0425
    ],
    "SoftwareVersion": "syngo MR B17",
    "TaskName": "rest",
    "dataset": "ds000224",
    "modality": "bold",
    "session_id": "func10",
    "subject_id": "MSC10",
    "task_id": "rest"
  },
  "dummy_trs": 0,
  "dvars_nstd": 19.15638791397796,
  "dvars_std": 1.1182291206609551,
  "dvars_vstd": 0.9211846470991434,
  "efc": 0.42347405985118264,
  "fber": 26746.29296875,
  "fd_mean": 0.25398803571272827,
  "fd_num": 495,
  "fd_perc": 60.51344743276284,
  "fwhm_avg": 1.7113403001500787,
  "fwhm_x": 1.55191,
  "fwhm_y": 1.90355,
  "fwhm_z": 1.678560900450236,
  "gcor": 0.0271397,
  "gsr_x": -0.021389441564679146,
  "gsr_y": 0.013888184912502766,
  "provenance": {
    "md5sum": "a39d3b6a49775a28d18bae0394968ed0",
    "settings": {
      "fd_thres": 0.2,
      "testing": false
    },
    "software": "mriqc",
    "version": "22.0.6",
    "webapi_port": null,
    "webapi_url": "https://mriqc.nimh.nih.gov/api/v1"
  },
  "size_t": 818,
  "size_x": 64,
  "size_y": 64,
  "size_z": 36,
  "snr": 7.210312977503445,
  "spacing_tr": 2.200000047683716,
  "spacing_x": 4.0,
  "spacing_y": 4.0,
  "spacing_z": 3.999997854232788,
  "summary_bg_k": 29.626052298135697,
  "summary_bg_mad": 3.5832577045419103,
  "summary_bg_mean": 20.567184448242188,
  "summary_bg_median": 3.9975552558898926,
  "summary_bg_n": 100426.0,
  "summary_bg_p05": 1.0525672435760498,
  "summary_bg_p95": 109.61155700683594,
  "summary_bg_stdv": 47.89106750488281,
  "summary_fg_k": 1.546152405090357,
  "summary_fg_mad": 84.2146836204046,
  "summary_fg_mean": 669.2244873046875,
  "summary_fg_median": 663.6931762695312,
  "summary_fg_n": 17674.0,
  "summary_fg_p05": 530.7837921142578,
  "summary_fg_p95": 820.6394866943359,
  "summary_fg_stdv": 92.04515838623047,
  "tsnr": 48.116619117558
}