{
  "aor": 0.0013798076923076921,
  "aqi": 0.004322729134615385,
  "bids_meta": {
    "BodyPartExamined": "HEAD",
    "CogAtlasID": "http://www.cognitiveatlas.org/term/id/trm_550b53d7dd674",
    "ConversionSoftware": "dcm2niix",
    "ConversionSoftwareVersion": "v1.0.20170411 GCC4.4.7",
    "EchoTime": 0.027,
    "EffectiveEchoSpacing": 0.000590001,
    "FlipAngle": 90,
    "ImageType": [
      "ORIGINAL",
      "PRIMARY",
      "M",
      "ND",
      "NORM",
      "MOSAIC"
    ],
    "Instructions": "In this next scan you'll be prompted to move your hands, feet, or tongue. You'll only move one of these at once. Instructions are presented on the screen. Let?s review them now. [Read on-screen instructions to participant.] Do you have any questions?",
    "MagneticFieldStrength": 3,
    "Manufacturer": "Siemens",
    "ManufacturersModelName": "TrioTim",
    "PhaseEncodingDirection": "j-",
    "ProcedureStepDescription": "head_Dosenbach_MSC",
    "ProtocolName": "Motor_104Frames_36Slices_TR2.2",
    "RepetitionTime": 2.2,
    "ScanningSequence": "EP",
    "SequenceName": "_epfid2d1_64",
    "SequenceVariant": "SK",
    "SeriesDescription": "Motor_104Frames_36Slices_TR2.2",
    "SliceTiming": [
      1.105,
      0,
      1.1675,
      0.0625,
      1.2275,
      0.1225,
      1.29,
      0.185,
      1.35,
      0.245,
      1.4125,
      0.3075,
      1.4725,
      0.37,
      1.535,
      0.43,
      1.595,
      0.4925,
      1.6575,
      0.5525,
      1.7175,
      0.615,
      1.78,
      0.675,
      1.84,
      0.7375,
      1.9025,
      0.7975,
      1.965,
      0.86,
      2.025,
      0.92,
      2.0875,
      0.9825,
      2.1475,
      1.0425
    ],
    "SoftwareVersion": "syngo MR B17",
    "TaskName": "motor",
    "dataset": "ds000224",
    "modality": "bold",
    "run_id": 1,
    "session_id": "func04",
    "subject_id": "MSC04",
    "task_id": "motor"
  },
  "dummy_trs": 0,
  "dvars_nstd": 18.815550711747573,
  "dvars_std": 1.2848718471844665,
  "dvars_vstd": 0.9851248181553391,
  "efc": 0.36777742706856403,
  "fber": 53543.1171875,
  "fd_mean": 0.1439770016370355,
  "fd_num": 14,
  "fd_perc": 13.461538461538462,
  "fwhm_avg": 1.7462502642465898,
  "fwhm_x": 1.5974375,
  "fwhm_y": 1.9788175,
  "fwhm_z": 1.6624957927397694,
  "gcor": 0.0512431,
  "gsr_x": -0.027484148740768433,
  "gsr_y": 0.013310087844729424,
  "provenance": {
    "md5sum": "b657574ad8607eac75a6ab52f9970841",
    "settings": {
      "fd_thres": 0.2,
      "testing": false
    },
    "software": "mriqc",
    "version": "22.0.6",
    "webapi_port": null,
    "webapi_url": "https://mriqc.nimh.nih.gov/api/v1"
  },
  "size_t": 104,
  "size_x": 64,
  "size_y": 64,
  "size_z": 36,
  "snr": 8.020391448593111,
  "spacing_tr": 2.200000047683716,
  "spacing_x": 4.0,
  "spacing_y": 4.0,
  "spacing_z": 3.999998092651367,
  "summary_bg_k": 49.658218107228436,
  "summary_bg_mad": 2.309438397422878,
  "summary_bg_mean": 17.014646530151367,
  "summary_bg_median": 3.500000238418579,
  "summary_bg_n": 106233.0,
  "summary_bg_p05": 1.403846263885498,
  "summary_bg_p95": 82.24808044433583,
  "summary_bg_stdv": 46.740108489990234,
  "summary_fg_k": 2.068008661391074,
  "summary_fg_mad": 89.66178082151205,
  "summary_fg_mean": 811.9805297851562,
  "summary_fg_median": 815.0096435546875,
  "summary_fg_n": 13778.0,
  "summary_fg_p05": 646.0466583251953,
  "summary_fg_p95": 969.1500549316406,
  "summary_fg_stdv": 101.6135025024414,
  "tsnr": 107.50480281561613
}