{
  "aor": 0.004982884615384616,
  "aqi": 0.006748960961538463,
  "bids_meta": {
    "BodyPartExamined": "HEAD",
    "CogAtlasID": "http://www.cognitiveatlas.org/term/id/trm_550b53d7dd674",
    "ConversionSoftware": "dcm2niix",
    "ConversionSoftwareVersion": "v1.0.20170411 GCC4.4.7",
    "EchoTime": 0.027,
    "EffectiveEchoSpacing": 0.000590001,
    "FlipAngle": 90,
    "ImageType": [
      "ORIGINAL",
      "PRIMARY",
      "M",
      "ND",
      "NORM",
      "MOSAIC"
    ],
    "Instructions": "In this next scan you'll be prompted to move your hands, feet, or tongue. You'll only move one of these at once. Instructions are presented on the screen. Let?s review them now. [Read on-screen instructions to participant.] Do you have any questions?",
    "MagneticFieldStrength": 3,
    "Manufacturer": "Siemens",
    "ManufacturersModelName": "TrioTim",
    "PhaseEncodingDirection": "j-",
    "ProcedureStepDescription": "head_Dosenbach_MSC",
    "ProtocolName": "Motor_104Frames_36Slices_TR2.2",
    "RepetitionTime": 2.2,
    "ScanningSequence": "EP",
    "SequenceName": "_epfid2d1_64",
    "SequenceVariant": "SK",
    "SeriesDescription": "Motor_104Frames_36Slices_TR2.2",
    "SliceTiming": [
      1.105,
      0,
      1.1675,
      0.0625,
      1.2275,
      0.1225,
      1.29,
      0.185,
      1.35,
      0.245,
      1.4125,
      0.3075,
      1.4725,
      0.37,
      1.535,
      0.43,
      1.595,
      0.4925,
      1.6575,
      0.5525,
      1.7175,
      0.615,
      1.78,
      0.675,
      1.84,
      0.7375,
      1.9025,
      0.7975,
      1.965,
      0.86,
      2.025,
      0.92,
      2.0875,
      0.9825,
      2.1475,
      1.0425
    ],
    "SoftwareVersion": "syngo MR B17",
    "TaskName": "motor",
    "dataset": "ds000224",
    "modality": "bold",
    "run_id": 2,
    "session_id": "func02",
    "subject_id": "MSC02",
    "task_id": "motor"
  },
  "dummy_trs": 0,
  "dvars_nstd": 21.945402664368935,
  "dvars_std": 1.4122197107766987,
  "dvars_vstd": 1.0086055953398056,
  "efc": 0.42803189045212187,
  "fber": 25667.53125,
  "fd_mean": 0.1293808489502989,
  "fd_num": 17,
  "fd_perc": 16.346153846153847,
  "fwhm_avg": 1.6943923727061654,
  "fwhm_x": 1.5545825,
  "fwhm_y": 1.9268675,
  "fwhm_z": 1.6017271181184964,
  "gcor": 0.038973,
  "gsr_x": -0.0313018299639225,
  "gsr_y": 0.03018110804259777,
  "provenance": {
    "md5sum": "235b4f0e7cf9eaed002efe40cdde658e",
    "settings": {
      "fd_thres": 0.2,
      "testing": false
    },
    "software": "mriqc",
    "version": "22.0.6",
    "webapi_port": null,
    "webapi_url": "https://mriqc.nimh.nih.gov/api/v1"
  },
  "size_t": 104,
  "size_x": 64,
  "size_y": 64,
  "size_z": 36,
  "snr": 6.999311553477116,
  "spacing_tr": 2.200000047683716,
  "spacing_x": 4.0,
  "spacing_y": 4.0,
  "spacing_z": 4.000000953674316,
  "summary_bg_k": 19.462132825801863,
  "summary_bg_mad": 3.26457629713708,
  "summary_bg_mean": 22.424922943115234,
  "summary_bg_median": 4.067307949066162,
  "summary_bg_n": 100487.0,
  "summary_bg_p05": 1.4903846979141235,
  "summary_bg_p95": 117.58654022216797,
  "summary_bg_stdv": 46.892791748046875,
  "summary_fg_k": 2.9197170614058683,
  "summary_fg_mad": 81.91377257243451,
  "summary_fg_mean": 666.1295776367188,
  "summary_fg_median": 661.6923217773438,
  "summary_fg_n": 17865.0,
  "summary_fg_p05": 527.5615844726562,
  "summary_fg_p95": 816.8250366210938,
  "summary_fg_stdv": 94.53412628173828,
  "tsnr": 81.0615866528824
}