{
  "aor": 0.0036596153846153853,
  "aqi": 0.0064806328846153845,
  "bids_meta": {
    "BodyPartExamined": "HEAD",
    "CogAtlasID": "http://www.cognitiveatlas.org/term/id/trm_550b53d7dd674",
    "ConversionSoftware": "dcm2niix",
    "ConversionSoftwareVersion": "v1.0.20170411 GCC4.4.7",
    "EchoTime": 0.027,
    "EffectiveEchoSpacing": 0.000590001,
    "FlipAngle": 90,
    "ImageType": [
      "ORIGINAL",
      "PRIMARY",
      "M",
      "ND",
      "NORM",
      "MOSAIC"
    ],
    "Instructions": "In this next scan you'll be prompted to move your hands, feet, or tongue. You'll only move one of these at once. Instructions are presented on the screen. Let?s review them now. [Read on-screen instructions to participant.] Do you have any questions?",
    "MagneticFieldStrength": 3,
    "Manufacturer": "Siemens",
    "ManufacturersModelName": "TrioTim",
    "PhaseEncodingDirection": "j-",
    "ProcedureStepDescription": "head_Dosenbach_MSC",
    "ProtocolName": "Motor_104Frames_36Slices_TR2.2",
    "RepetitionTime": 2.2,
    "ScanningSequence": "EP",
    "SequenceName": "_epfid2d1_64",
    "SequenceVariant": "SK",
    "SeriesDescription": "Motor_104Frames_36Slices_TR2.2",
    "SliceTiming": [
      1.105,
      0,
      1.1675,
      0.0625,
      1.2275,
      0.1225,
      1.29,
      0.185,
      1.35,
      0.245,
      1.4125,
      0.3075,
      1.4725,
      0.37,
      1.535,
      0.43,
      1.595,
      0.4925,
      1.6575,
      0.5525,
      1.7175,
      0.615,
      1.78,
      0.675,
      1.84,
      0.7375,
      1.9025,
      0.7975,
      1.965,
      0.86,
      2.025,
      0.92,
      2.0875,
      0.9825,
      2.1475,
      1.0425
    ],
    "SoftwareVersion": "syngo MR B17",
    "TaskName": "motor",
    "dataset": "ds000224",
    "modality": "bold",
    "run_id": 1,
    "session_id": "func02",
    "subject_id": "MSC02",
    "task_id": "motor"
  },
  "dummy_trs": 0,
  "dvars_nstd": 18.262362063300966,
  "dvars_std": 1.2902471044660198,
  "dvars_vstd": 0.9738038714563102,
  "efc": 0.4186790383963469,
  "fber": 30954.337890625,
  "fd_mean": 0.10291232182865874,
  "fd_num": 4,
  "fd_perc": 3.8461538461538463,
  "fwhm_avg": 1.7266123707084169,
  "fwhm_x": 1.587665,
  "fwhm_y": 1.9653075,
  "fwhm_z": 1.6268646121252508,
  "gcor": 0.0319637,
  "gsr_x": -0.02633380889892578,
  "gsr_y": 0.03411094844341278,
  "provenance": {
    "md5sum": "4fb9606f11371a330c9813375fde8fd8",
    "settings": {
      "fd_thres": 0.2,
      "testing": false
    },
    "software": "mriqc",
    "version": "22.0.6",
    "webapi_port": null,
    "webapi_url": "https://mriqc.nimh.nih.gov/api/v1"
  },
  "size_t": 104,
  "size_x": 64,
  "size_y": 64,
  "size_z": 36,
  "snr": 7.0720214791630065,
  "spacing_tr": 2.200000047683716,
  "spacing_x": 4.0,
  "spacing_y": 4.0,
  "spacing_z": 4.000000953674316,
  "summary_bg_k": 22.090744968468172,
  "summary_bg_mad": 3.1220183779161603,
  "summary_bg_mean": 20.891407012939453,
  "summary_bg_median": 3.817307949066162,
  "summary_bg_n": 101295.0,
  "summary_bg_p05": 1.317307710647583,
  "summary_bg_p95": 110.79135131835926,
  "summary_bg_stdv": 45.3342399597168,
  "summary_fg_k": 2.442476810529117,
  "summary_fg_mad": 84.807670213292,
  "summary_fg_mean": 676.8126220703125,
  "summary_fg_median": 671.375,
  "summary_fg_n": 17579.0,
  "summary_fg_p05": 537.4961547851562,
  "summary_fg_p95": 830.5375549316403,
  "summary_fg_stdv": 94.93125915527344,
  "tsnr": 81.71796441776678
}