{
  "aor": 0.00336811505507956,
  "aqi": 0.010797217209302325,
  "bids_meta": {
    "BodyPartExamined": "HEAD",
    "CogAtlasID": "http://www.cognitiveatlas.org/term/id/trm_4c8a834779883",
    "ConversionSoftware": "dcm2niix",
    "ConversionSoftwareVersion": "v1.0.20170411 GCC4.4.7",
    "EchoTime": 0.027,
    "EffectiveEchoSpacing": 0.000590001,
    "FlipAngle": 90,
    "ImageType": [
      "ORIGINAL",
      "PRIMARY",
      "M",
      "ND",
      "NORM",
      "MOSAIC"
    ],
    "Instructions": "During this first scan, a plus sign will be presented on the screen.  All you need to do is simply relax and look at the plus sign. Please keep your eyes open the entire time, and be as still as possible. It's extremely important that you stay awake for the entire duration of this scan. This scan will last ~30 minutes.",
    "MagneticFieldStrength": 3,
    "Manufacturer": "Siemens",
    "ManufacturersModelName": "TrioTim",
    "PhaseEncodingDirection": "j-",
    "ProcedureStepDescription": "head_Dosenbach_MSC",
    "ProtocolName": "RSFC_818Frames_36Slices_TR2.2",
    "RepetitionTime": 2.2,
    "ScanningSequence": "EP",
    "SequenceName": "_epfid2d1_64",
    "SequenceVariant": "SK",
    "SeriesDescription": "RSFC_818Frames_36Slices_TR2.2",
    "SliceTiming": [
      1.105,
      0,
      1.165,
      0.06,
      1.2275,
      0.1225,
      1.2875,
      0.185,
      1.35,
      0.245,
      1.41,
      0.3075,
      1.4725,
      0.3675,
      1.5325,
      0.43,
      1.595,
      0.49,
      1.655,
      0.5525,
      1.7175,
      0.6125,
      1.78,
      0.675,
      1.84,
      0.735,
      1.9025,
      0.7975,
      1.9625,
      0.8575,
      2.025,
      0.92,
      2.085,
      0.9825,
      2.1475,
      1.0425
    ],
    "SoftwareVersion": "syngo MR B17",
    "TaskName": "rest",
    "dataset": "ds000224",
    "modality": "bold",
    "session_id": "func02",
    "subject_id": "MSC02",
    "task_id": "rest"
  },
  "dummy_trs": 1,
  "dvars_nstd": 17.69096411096813,
  "dvars_std": 1.3271784128921564,
  "dvars_vstd": 1.0016499190931365,
  "efc": 0.42409730018834113,
  "fber": 28665.63671875,
  "fd_mean": 0.07793164967243195,
  "fd_num": 14,
  "fd_perc": 1.7135862913096696,
  "fwhm_avg": 1.7155273720582631,
  "fwhm_x": 1.58131,
  "fwhm_y": 1.9553925,
  "fwhm_z": 1.6098796161747895,
  "gcor": 0.031303,
  "gsr_x": -0.0277288556098938,
  "gsr_y": 0.03320598229765892,
  "provenance": {
    "md5sum": "aee44046474dc3487148ee1d5728eb90",
    "settings": {
      "fd_thres": 0.2,
      "testing": false
    },
    "software": "mriqc",
    "version": "22.0.6",
    "webapi_port": null,
    "webapi_url": "https://mriqc.nimh.nih.gov/api/v1"
  },
  "size_t": 817,
  "size_x": 64,
  "size_y": 64,
  "size_z": 36,
  "snr": 6.925837955459123,
  "spacing_tr": 2.200000047683716,
  "spacing_x": 4.0,
  "spacing_y": 4.0,
  "spacing_z": 4.000000953674316,
  "summary_bg_k": 22.365426000518546,
  "summary_bg_mad": 3.03416253587429,
  "summary_bg_mean": 21.523441314697266,
  "summary_bg_median": 3.8727049827575684,
  "summary_bg_n": 100784.0,
  "summary_bg_p05": 1.465116262435913,
  "summary_bg_p95": 111.91193313598598,
  "summary_bg_stdv": 46.51701736450195,
  "summary_fg_k": 2.8643283926714247,
  "summary_fg_mad": 83.65449996356506,
  "summary_fg_mean": 666.7045288085938,
  "summary_fg_median": 661.41552734375,
  "summary_fg_n": 17872.0,
  "summary_fg_p05": 527.2249755859375,
  "summary_fg_p95": 819.3424682617188,
  "summary_fg_stdv": 95.49703979492188,
  "tsnr": 61.71055440790951
}