{
  "aor": 0.002610991432068543,
  "aqi": 0.026793128641370872,
  "bids_meta": {
    "BodyPartExamined": "HEAD",
    "CogAtlasID": "http://www.cognitiveatlas.org/term/id/trm_4c8a834779883",
    "ConversionSoftware": "dcm2niix",
    "ConversionSoftwareVersion": "v1.0.20170411 GCC4.4.7",
    "EchoTime": 0.027,
    "EffectiveEchoSpacing": 0.000590001,
    "FlipAngle": 90,
    "ImageType": [
      "ORIGINAL",
      "PRIMARY",
      "M",
      "ND",
      "NORM",
      "MOSAIC"
    ],
    "Instructions": "During this first scan, a plus sign will be presented on the screen.  All you need to do is simply relax and look at the plus sign. Please keep your eyes open the entire time, and be as still as possible. It's extremely important that you stay awake for the entire duration of this scan. This scan will last ~30 minutes.",
    "MagneticFieldStrength": 3,
    "Manufacturer": "Siemens",
    "ManufacturersModelName": "TrioTim",
    "PhaseEncodingDirection": "j-",
    "ProcedureStepDescription": "head_Dosenbach_MSC",
    "ProtocolName": "RSFC_818Frames_36Slices_TR2.2",
    "RepetitionTime": 2.2,
    "ScanningSequence": "EP",
    "SequenceName": "_epfid2d1_64",
    "SequenceVariant": "SK",
    "SeriesDescription": "RSFC_818Frames_36Slices_TR2.2",
    "SliceTiming": [
      1.105,
      0,
      1.165,
      0.06,
      1.2275,
      0.1225,
      1.2875,
      0.185,
      1.35,
      0.245,
      1.41,
      0.3075,
      1.4725,
      0.3675,
      1.5325,
      0.43,
      1.595,
      0.49,
      1.655,
      0.5525,
      1.7175,
      0.6125,
      1.78,
      0.675,
      1.84,
      0.735,
      1.9025,
      0.7975,
      1.9625,
      0.8575,
      2.025,
      0.92,
      2.085,
      0.9825,
      2.1475,
      1.0425
    ],
    "SoftwareVersion": "syngo MR B17",
    "TaskName": "rest",
    "dataset": "ds000224",
    "modality": "bold",
    "session_id": "func09",
    "subject_id": "MSC01",
    "task_id": "rest"
  },
  "dummy_trs": 1,
  "dvars_nstd": 21.200740862230393,
  "dvars_std": 1.0812349290563716,
  "dvars_vstd": 0.922367882058822,
  "efc": 0.41496155255379036,
  "fber": 23551.548828125,
  "fd_mean": 0.2659153864102821,
  "fd_num": 526,
  "fd_perc": 64.38188494492044,
  "fwhm_avg": 1.6573534577983915,
  "fwhm_x": 1.5089625,
  "fwhm_y": 1.896965,
  "fwhm_z": 1.5661328733951743,
  "gcor": 0.046415,
  "gsr_x": -0.01855064556002617,
  "gsr_y": 0.013421705923974514,
  "provenance": {
    "md5sum": "44a901c40aac1a26529dcc2b7c6a6719",
    "settings": {
      "fd_thres": 0.2,
      "testing": false
    },
    "software": "mriqc",
    "version": "22.0.6",
    "webapi_port": null,
    "webapi_url": "https://mriqc.nimh.nih.gov/api/v1"
  },
  "size_t": 817,
  "size_x": 64,
  "size_y": 64,
  "size_z": 36,
  "snr": 7.588228574514684,
  "spacing_tr": 2.200000047683716,
  "spacing_x": 4.0,
  "spacing_y": 4.0,
  "spacing_z": 3.9999990463256836,
  "summary_bg_k": 30.1021367367249,
  "summary_bg_mad": 3.418876819111343,
  "summary_bg_mean": 20.54595184326172,
  "summary_bg_median": 4.378212928771973,
  "summary_bg_n": 101877.0,
  "summary_bg_p05": 1.6487147808074951,
  "summary_bg_p95": 91.41885375976562,
  "summary_bg_stdv": 45.956199645996094,
  "summary_fg_k": 2.87886458331499,
  "summary_fg_mad": 78.1170476406816,
  "summary_fg_mean": 677.87841796875,
  "summary_fg_median": 675.6829833984375,
  "summary_fg_n": 17005.0,
  "summary_fg_p05": 541.702587890625,
  "summary_fg_p95": 816.5515624999999,
  "summary_fg_stdv": 89.04095458984375,
  "tsnr": 41.17450252175331
}