{
  "aor": 0.00839782178217822,
  "aqi": 0.012674644059405939,
  "bids_meta": {
    "BodyPartExamined": "HEAD",
    "CogAtlasID": "http://www.cognitiveatlas.org/term/id/trm_550b53d7dd674",
    "ConversionSoftware": "dcm2niix",
    "ConversionSoftwareVersion": "v1.0.20170411 GCC4.4.7",
    "EchoTime": 0.027,
    "EffectiveEchoSpacing": 0.000590001,
    "FlipAngle": 90,
    "ImageType": [
      "ORIGINAL",
      "PRIMARY",
      "M",
      "ND",
      "NORM",
      "MOSAIC"
    ],
    "Instructions": "In this next scan you'll be prompted to move your hands, feet, or tongue. You'll only move one of these at once. Instructions are presented on the screen. Let?s review them now. [Read on-screen instructions to participant.] Do you have any questions?",
    "MagneticFieldStrength": 3,
    "Manufacturer": "Siemens",
    "ManufacturersModelName": "TrioTim",
    "PhaseEncodingDirection": "j-",
    "ProcedureStepDescription": "head_Dosenbach_MSC",
    "ProtocolName": "Motor_104Frames_36Slices_TR2.2",
    "RepetitionTime": 2.2,
    "ScanningSequence": "EP",
    "SequenceName": "_epfid2d1_64",
    "SequenceVariant": "SK",
    "SeriesDescription": "Motor_104Frames_36Slices_TR2.2",
    "SliceTiming": [
      1.105,
      0,
      1.1675,
      0.0625,
      1.2275,
      0.1225,
      1.29,
      0.185,
      1.35,
      0.245,
      1.4125,
      0.3075,
      1.4725,
      0.37,
      1.535,
      0.43,
      1.595,
      0.4925,
      1.6575,
      0.5525,
      1.7175,
      0.615,
      1.78,
      0.675,
      1.84,
      0.7375,
      1.9025,
      0.7975,
      1.965,
      0.86,
      2.025,
      0.92,
      2.0875,
      0.9825,
      2.1475,
      1.0425
    ],
    "SoftwareVersion": "syngo MR B17",
    "TaskName": "motor",
    "dataset": "ds000224",
    "modality": "bold",
    "run_id": 2,
    "session_id": "func09",
    "subject_id": "MSC01",
    "task_id": "motor"
  },
  "dummy_trs": 3,
  "dvars_nstd": 20.2915948007,
  "dvars_std": 1.1977531214,
  "dvars_vstd": 1.0222977155999997,
  "efc": 0.41390458416645487,
  "fber": 25020.75,
  "fd_mean": 0.27963729519087416,
  "fd_num": 58,
  "fd_perc": 57.42574257425743,
  "fwhm_avg": 1.6195967884956095,
  "fwhm_x": 1.4931975,
  "fwhm_y": 1.83263,
  "fwhm_z": 1.5329628654868281,
  "gcor": 0.0203486,
  "gsr_x": -0.018262887373566628,
  "gsr_y": 0.014094270765781403,
  "provenance": {
    "md5sum": "e9b9518f8421c8346b40d432f5d40559",
    "settings": {
      "fd_thres": 0.2,
      "testing": false
    },
    "software": "mriqc",
    "version": "22.0.6",
    "webapi_port": null,
    "webapi_url": "https://mriqc.nimh.nih.gov/api/v1"
  },
  "size_t": 101,
  "size_x": 64,
  "size_y": 64,
  "size_z": 36,
  "snr": 7.619419674581392,
  "spacing_tr": 2.200000047683716,
  "spacing_x": 4.0,
  "spacing_y": 4.0,
  "spacing_z": 3.9999990463256836,
  "summary_bg_k": 30.5233100988929,
  "summary_bg_mad": 3.449618790518833,
  "summary_bg_mean": 20.739988327026367,
  "summary_bg_median": 4.297029495239258,
  "summary_bg_n": 102080.0,
  "summary_bg_p05": 1.5544553995132446,
  "summary_bg_p95": 93.78464851379337,
  "summary_bg_stdv": 46.7778434753418,
  "summary_fg_k": 2.761518255751332,
  "summary_fg_mad": 80.47152927662505,
  "summary_fg_mean": 684.5589599609375,
  "summary_fg_median": 681.8118896484375,
  "summary_fg_n": 16825.0,
  "summary_fg_p05": 548.23564453125,
  "summary_fg_p95": 824.9187744140625,
  "summary_fg_stdv": 89.48078155517578,
  "tsnr": 60.70705272490159
}