{
  "aor": 0.0026514423076923078,
  "aqi": 0.009670436442307693,
  "bids_meta": {
    "BodyPartExamined": "HEAD",
    "CogAtlasID": "http://www.cognitiveatlas.org/term/id/trm_550b53d7dd674",
    "ConversionSoftware": "dcm2niix",
    "ConversionSoftwareVersion": "v1.0.20170411 GCC4.4.7",
    "EchoTime": 0.027,
    "EffectiveEchoSpacing": 0.000590001,
    "FlipAngle": 90,
    "ImageType": [
      "ORIGINAL",
      "PRIMARY",
      "M",
      "ND",
      "NORM",
      "MOSAIC"
    ],
    "Instructions": "In this next scan you'll be prompted to move your hands, feet, or tongue. You'll only move one of these at once. Instructions are presented on the screen. Let?s review them now. [Read on-screen instructions to participant.] Do you have any questions?",
    "MagneticFieldStrength": 3,
    "Manufacturer": "Siemens",
    "ManufacturersModelName": "TrioTim",
    "PhaseEncodingDirection": "j-",
    "ProcedureStepDescription": "head_Dosenbach_MSC",
    "ProtocolName": "Motor_104Frames_36Slices_TR2.2",
    "RepetitionTime": 2.2,
    "ScanningSequence": "EP",
    "SequenceName": "_epfid2d1_64",
    "SequenceVariant": "SK",
    "SeriesDescription": "Motor_104Frames_36Slices_TR2.2",
    "SliceTiming": [
      1.105,
      0,
      1.1675,
      0.0625,
      1.2275,
      0.1225,
      1.29,
      0.185,
      1.35,
      0.245,
      1.4125,
      0.3075,
      1.4725,
      0.37,
      1.535,
      0.43,
      1.595,
      0.4925,
      1.6575,
      0.5525,
      1.7175,
      0.615,
      1.78,
      0.675,
      1.84,
      0.7375,
      1.9025,
      0.7975,
      1.965,
      0.86,
      2.025,
      0.92,
      2.0875,
      0.9825,
      2.1475,
      1.0425
    ],
    "SoftwareVersion": "syngo MR B17",
    "TaskName": "motor",
    "dataset": "ds000224",
    "modality": "bold",
    "run_id": 1,
    "session_id": "func09",
    "subject_id": "MSC01",
    "task_id": "motor"
  },
  "dummy_trs": 0,
  "dvars_nstd": 20.503578343786412,
  "dvars_std": 1.176084722427184,
  "dvars_vstd": 0.9680088417475732,
  "efc": 0.41308216227552313,
  "fber": 24874.71484375,
  "fd_mean": 0.22824422716279488,
  "fd_num": 45,
  "fd_perc": 43.26923076923077,
  "fwhm_avg": 1.6204609567366337,
  "fwhm_x": 1.4876875,
  "fwhm_y": 1.8209225,
  "fwhm_z": 1.5527728702099015,
  "gcor": 0.0277294,
  "gsr_x": -0.01844201795756817,
  "gsr_y": 0.01390878576785326,
  "provenance": {
    "md5sum": "8c6561fc7c6a6ad124b24a43d62cf017",
    "settings": {
      "fd_thres": 0.2,
      "testing": false
    },
    "software": "mriqc",
    "version": "22.0.6",
    "webapi_port": null,
    "webapi_url": "https://mriqc.nimh.nih.gov/api/v1"
  },
  "size_t": 104,
  "size_x": 64,
  "size_y": 64,
  "size_z": 36,
  "snr": 7.579727623430642,
  "spacing_tr": 2.200000047683716,
  "spacing_x": 4.0,
  "spacing_y": 4.0,
  "spacing_z": 3.9999990463256836,
  "summary_bg_k": 30.794231110240254,
  "summary_bg_mad": 3.3215991466935253,
  "summary_bg_mean": 20.250211715698242,
  "summary_bg_median": 4.278846263885498,
  "summary_bg_n": 102066.0,
  "summary_bg_p05": 1.6057692766189575,
  "summary_bg_p95": 92.01923179626465,
  "summary_bg_stdv": 45.5649299621582,
  "summary_fg_k": 3.438655509431441,
  "summary_fg_mad": 79.35482684269752,
  "summary_fg_mean": 682.0048217773438,
  "summary_fg_median": 680.9279174804688,
  "summary_fg_n": 16846.0,
  "summary_fg_p05": 546.9230804443359,
  "summary_fg_p95": 822.5024261474609,
  "summary_fg_stdv": 89.8327407836914,
  "tsnr": 70.2610931332456
}