{
  "bids_meta": {
    "BodyPartExamined": "HEAD",
    "ConversionSoftware": "dcm2niix",
    "ConversionSoftwareVersion": "v1.0.20170411 GCC4.4.7",
    "EchoTime": 0.479,
    "FlipAngle": 120,
    "ImageType": [
      "ORIGINAL",
      "PRIMARY",
      "M",
      "ND",
      "NORM"
    ],
    "MagneticFieldStrength": 3,
    "Manufacturer": "Siemens",
    "ManufacturersModelName": "TrioTim",
    "PhaseEncodingDirection": "i-",
    "ProcedureStepDescription": "head_Dosenbach_MSC",
    "ProtocolName": "T2_.8x.8x.8_224Slices",
    "RepetitionTime": 3.2,
    "ScanningSequence": "SE",
    "SequenceName": "_spc3d1_282ns",
    "SequenceVariant": "SK_SP",
    "SeriesDescription": "T2_.8x.8x.8_224Slices",
    "dataset": "ds000224",
    "modality": "T2w",
    "run_id": 1,
    "session_id": "struct02",
    "subject_id": "MSC09"
  },
  "cjv": 0.2563370643839685,
  "cnr": 2.281906051765413,
  "efc": 0.6142956659876495,
  "fber": 4658.952759924386,
  "fwhm_avg": 2.5316100171126545,
  "fwhm_x": 2.365199612313573,
  "fwhm_y": 2.8560608780487806,
  "fwhm_z": 2.37356956097561,
  "icvs_csf": 0.3558222629584066,
  "icvs_gm": 0.5139729735912283,
  "icvs_wm": 0.13020476345036514,
  "inu_med": 0.9671070873737335,
  "inu_range": 0.4574226289987564,
  "provenance": {
    "md5sum": "54a149fdc5c8116baec0af2011482b2c",
    "settings": {
      "testing": false
    },
    "software": "mriqc",
    "version": "22.0.6",
    "warnings": {
      "large_rot_frame": true,
      "small_air_mask": false
    },
    "webapi_port": null,
    "webapi_url": "https://mriqc.nimh.nih.gov/api/v1"
  },
  "qi_1": 0.0,
  "qi_2": 0.02035866027615212,
  "rpve_csf": 7.725727240013617,
  "rpve_gm": 6.062920408274731,
  "rpve_wm": 25.76922968511622,
  "size_x": 224,
  "size_y": 256,
  "size_z": 256,
  "snr_csf": 8.701385604320079,
  "snr_gm": 7.210366261718822,
  "snr_total": 6.424417190515402,
  "snr_wm": 3.361499705507305,
  "snrd_csf": 48.69118158934209,
  "snrd_gm": 30.853585731832236,
  "snrd_total": 59.299953066948746,
  "snrd_wm": 98.35509187967192,
  "spacing_x": 0.8000001311302185,
  "spacing_y": 0.80078125,
  "spacing_z": 0.80078125,
  "summary_bg_k": 19.036899919189512,
  "summary_bg_mad": 6.660136095380341,
  "summary_bg_mean": 5.998334894642102,
  "summary_bg_median": 4.492193531244993,
  "summary_bg_n": 3897152.0,
  "summary_bg_p05": 0.0,
  "summary_bg_p95": 22.28207499347627,
  "summary_bg_stdv": 8.18391228435866,
  "summary_csf_k": 0.6007908353370852,
  "summary_csf_mad": 54.106238367780115,
  "summary_csf_mean": 496.7359049118694,
  "summary_csf_median": 494.99599782563746,
  "summary_csf_n": 107558.0,
  "summary_csf_p05": 407.01758013395596,
  "summary_csf_p95": 592.1347136981785,
  "summary_csf_stdv": 56.88676714994358,
  "summary_gm_k": 0.09201258373689525,
  "summary_gm_mad": 43.05512759004725,
  "summary_gm_mean": 313.95201397387484,
  "summary_gm_median": 313.6584686860442,
  "summary_gm_n": 445063.0,
  "summary_gm_p05": 242.7374663874507,
  "summary_gm_p95": 385.73233481124043,
  "summary_gm_stdv": 43.50099633298198,
  "summary_wm_k": 1.729410525774889,
  "summary_wm_mad": 132.84908636271936,
  "summary_wm_mean": 866.0731778413383,
  "summary_wm_median": 999.8807845087722,
  "summary_wm_n": 49418.0,
  "summary_wm_p05": 97.07908498495817,
  "summary_wm_p95": 1110.628262775857,
  "summary_wm_stdv": 297.44779279760155,
  "tpm_overlap_csf": 0.10760067510502928,
  "tpm_overlap_gm": 0.3249502126642532,
  "tpm_overlap_wm": 0.03143031892431985,
  "wm2max": 0.91231999709819
}