{
  "bids_meta": {
    "BodyPartExamined": "HEAD",
    "ConversionSoftware": "dcm2niix",
    "ConversionSoftwareVersion": "v1.0.20170411 GCC4.4.7",
    "EchoTime": 0.00374,
    "FlipAngle": 8,
    "ImageType": [
      "ORIGINAL",
      "PRIMARY",
      "M",
      "ND",
      "NORM"
    ],
    "InversionTime": 1,
    "MagneticFieldStrength": 3,
    "Manufacturer": "Siemens",
    "ManufacturersModelName": "TrioTim",
    "PhaseEncodingDirection": "i-",
    "ProcedureStepDescription": "head_Dosenbach_MSC",
    "ProtocolName": "T1_.8x.8x.8_224Slices",
    "RepetitionTime": 2.4,
    "ScanningSequence": "GR_IR",
    "SequenceName": "_tfl3d1_ns",
    "SequenceVariant": "SP_MP_OSP",
    "SeriesDescription": "T1_.8x.8x.8_224Slices",
    "dataset": "ds000224",
    "modality": "T1w",
    "run_id": 2,
    "session_id": "struct02",
    "subject_id": "MSC09"
  },
  "cjv": 0.5203556773095046,
  "cnr": 2.6106439110450563,
  "efc": 0.673900981792529,
  "fber": 3480.6685472162603,
  "fwhm_avg": 3.7894351940245987,
  "fwhm_x": 3.8633846064640416,
  "fwhm_y": 3.9681248780487803,
  "fwhm_z": 3.5367960975609756,
  "icvs_csf": 0.1630726406817759,
  "icvs_gm": 0.4267385746862568,
  "icvs_wm": 0.41018878463196723,
  "inu_med": 0.6736775636672974,
  "inu_range": 0.4190059006214142,
  "provenance": {
    "md5sum": "0f15077580b2c156a75acd154208db6f",
    "settings": {
      "testing": false
    },
    "software": "mriqc",
    "version": "22.0.6",
    "warnings": {
      "large_rot_frame": true,
      "small_air_mask": false
    },
    "webapi_port": null,
    "webapi_url": "https://mriqc.nimh.nih.gov/api/v1"
  },
  "qi_1": 0.0,
  "qi_2": 0.003384289642237874,
  "rpve_csf": 17.35710227001423,
  "rpve_gm": 7.035523993493389,
  "rpve_wm": 8.146219799717707,
  "size_x": 224,
  "size_y": 256,
  "size_z": 256,
  "snr_csf": 2.3830800595367347,
  "snr_gm": 10.62247407783347,
  "snr_total": 9.118756341981866,
  "snr_wm": 14.350714888575393,
  "snrd_csf": 24.228567103041936,
  "snrd_gm": 58.45975365229384,
  "snrd_total": 53.96504692211382,
  "snrd_wm": 79.20682001100566,
  "spacing_x": 0.7999954223632812,
  "spacing_y": 0.80078125,
  "spacing_z": 0.80078125,
  "summary_bg_k": 9.41931499327029,
  "summary_bg_mad": 8.271771158177504,
  "summary_bg_mean": 12.543121142484951,
  "summary_bg_median": 5.5792248621582985,
  "summary_bg_n": 2744653.0,
  "summary_bg_p05": 0.0,
  "summary_bg_p95": 51.56556311994791,
  "summary_bg_stdv": 19.584694964172837,
  "summary_csf_k": 2.486453660378415,
  "summary_csf_mad": 110.39054600185979,
  "summary_csf_mean": 319.1443709939552,
  "summary_csf_median": 305.91058986634016,
  "summary_csf_n": 80803.0,
  "summary_csf_p05": 125.71853356063366,
  "summary_csf_p95": 544.6980326183138,
  "summary_csf_stdv": 128.36694079810223,
  "summary_gm_k": 0.06515902732269918,
  "summary_gm_mad": 68.5805026932535,
  "summary_gm_mean": 738.4290220661968,
  "summary_gm_median": 738.1145425215364,
  "summary_gm_n": 105433.0,
  "summary_gm_p05": 623.7100007116795,
  "summary_gm_p95": 853.4523364901543,
  "summary_gm_stdv": 69.4857936775113,
  "summary_wm_k": 0.4003259721027672,
  "summary_wm_mad": 67.72825960422914,
  "summary_wm_mean": 1003.0596074653685,
  "summary_wm_median": 1000.0676031708717,
  "summary_wm_n": 601989.0,
  "summary_wm_p05": 893.9608903378248,
  "summary_wm_p95": 1121.2213163897395,
  "summary_wm_stdv": 69.68759259028758,
  "tpm_overlap_csf": 0.15479996272904115,
  "tpm_overlap_gm": 0.4437864213366312,
  "tpm_overlap_wm": 0.4998534415794896,
  "wm2max": 0.6365225449361736
}