{
  "bids_meta": {
    "BodyPartExamined": "HEAD",
    "ConversionSoftware": "dcm2niix",
    "ConversionSoftwareVersion": "v1.0.20170411 GCC4.4.7",
    "EchoTime": 0.479,
    "FlipAngle": 120,
    "ImageType": [
      "ORIGINAL",
      "PRIMARY",
      "M",
      "ND",
      "NORM"
    ],
    "MagneticFieldStrength": 3,
    "Manufacturer": "Siemens",
    "ManufacturersModelName": "TrioTim",
    "PhaseEncodingDirection": "i-",
    "ProcedureStepDescription": "head_Dosenbach_MSC",
    "ProtocolName": "T2_.8x.8x.8_224Slices",
    "RepetitionTime": 3.2,
    "ScanningSequence": "SE",
    "SequenceName": "_spc3d1_282ns",
    "SequenceVariant": "SK_SP",
    "SeriesDescription": "T2_.8x.8x.8_224Slices",
    "dataset": "ds000224",
    "modality": "T2w",
    "run_id": 1,
    "session_id": "struct01",
    "subject_id": "MSC05"
  },
  "cjv": 0.445209742018545,
  "cnr": 1.847989906953876,
  "efc": 0.6100229851610253,
  "fber": 1785.2288424576848,
  "fwhm_avg": 2.364529585029536,
  "fwhm_x": 2.1905019258203153,
  "fwhm_y": 2.6524597073170733,
  "fwhm_z": 2.2506271219512195,
  "icvs_csf": 0.3929843484010944,
  "icvs_gm": 0.48160993328761187,
  "icvs_wm": 0.12540571831129368,
  "inu_med": 1.014720380306244,
  "inu_range": 0.4823722392320633,
  "provenance": {
    "md5sum": "4f000e1cbf53bb22c6a36def67431144",
    "settings": {
      "testing": false
    },
    "software": "mriqc",
    "version": "22.0.6",
    "warnings": {
      "large_rot_frame": true,
      "small_air_mask": false
    },
    "webapi_port": null,
    "webapi_url": "https://mriqc.nimh.nih.gov/api/v1"
  },
  "qi_1": 0.0,
  "qi_2": 0.0054317354566332425,
  "rpve_csf": 7.647747251487372,
  "rpve_gm": 6.7020358247608085,
  "rpve_wm": 28.17500683515155,
  "size_x": 224,
  "size_y": 256,
  "size_z": 256,
  "snr_csf": 9.015779834549859,
  "snr_gm": 7.326780320872731,
  "snr_total": 6.456295569924915,
  "snr_wm": 3.026326554352155,
  "snrd_csf": 51.146432967609115,
  "snrd_gm": 31.93552882559237,
  "snrd_total": 55.61124863675186,
  "snrd_wm": 83.75178411705407,
  "spacing_x": 0.7999992966651917,
  "spacing_y": 0.80078125,
  "spacing_z": 0.80078125,
  "summary_bg_k": 18.126954406679584,
  "summary_bg_mad": 7.822544335550605,
  "summary_bg_mean": 9.786507655698559,
  "summary_bg_median": 5.276225974783301,
  "summary_bg_n": 3827670.0,
  "summary_bg_p05": 0.0,
  "summary_bg_p95": 36.43222098425031,
  "summary_bg_stdv": 13.885199286101045,
  "summary_csf_k": 0.3859176656728214,
  "summary_csf_mad": 65.87219460841482,
  "summary_csf_mean": 611.6451445908152,
  "summary_csf_median": 610.7052508369088,
  "summary_csf_n": 130381.0,
  "summary_csf_p05": 502.93654472753406,
  "summary_csf_p95": 723.7740572467446,
  "summary_csf_stdv": 67.73711426377449,
  "summary_gm_k": 0.11282718447584283,
  "summary_gm_mad": 51.28898978376844,
  "summary_gm_mean": 381.0349986500616,
  "summary_gm_median": 381.32072972506285,
  "summary_gm_n": 397135.0,
  "summary_gm_p05": 294.87179644592106,
  "summary_gm_p95": 466.1223345324397,
  "summary_gm_stdv": 52.044722638795584,
  "summary_wm_k": 0.8028087517771696,
  "summary_wm_mad": 224.1636799866153,
  "summary_wm_mean": 892.9380109191887,
  "summary_wm_median": 1000.0238796640188,
  "summary_wm_n": 32134.0,
  "summary_wm_p05": 116.07697144523263,
  "summary_wm_p95": 1209.0758313124068,
  "summary_wm_stdv": 330.43635621216384,
  "tpm_overlap_csf": 0.10730390943056439,
  "tpm_overlap_gm": 0.30557488183147324,
  "tpm_overlap_wm": 0.026744924410138357,
  "wm2max": 0.8307451260387537
}