{
  "bids_meta": {
    "BodyPartExamined": "HEAD",
    "ConversionSoftware": "dcm2niix",
    "ConversionSoftwareVersion": "v1.0.20170411 GCC4.4.7",
    "EchoTime": 0.00374,
    "FlipAngle": 8,
    "ImageType": [
      "ORIGINAL",
      "PRIMARY",
      "M",
      "ND",
      "NORM"
    ],
    "InversionTime": 1,
    "MagneticFieldStrength": 3,
    "Manufacturer": "Siemens",
    "ManufacturersModelName": "TrioTim",
    "PhaseEncodingDirection": "i-",
    "ProcedureStepDescription": "head_Dosenbach_MSC",
    "ProtocolName": "T1_.8x.8x.8_224Slices",
    "RepetitionTime": 2.4,
    "ScanningSequence": "GR_IR",
    "SequenceName": "_tfl3d1_ns",
    "SequenceVariant": "SP_MP_OSP",
    "SeriesDescription": "T1_.8x.8x.8_224Slices",
    "dataset": "ds000224",
    "modality": "T1w",
    "run_id": 2,
    "session_id": "struct01",
    "subject_id": "MSC05"
  },
  "cjv": 0.5031937375150701,
  "cnr": 2.7099305500571247,
  "efc": 0.614252514212709,
  "fber": 13250.312100000001,
  "fwhm_avg": 3.906468033808013,
  "fwhm_x": 3.9695098575216003,
  "fwhm_y": 4.073896585365854,
  "fwhm_z": 3.6759976585365854,
  "icvs_csf": 0.14980582723580324,
  "icvs_gm": 0.40706288285398895,
  "icvs_wm": 0.44313128991020784,
  "inu_med": 0.49219508469104767,
  "inu_range": 0.27649049460887903,
  "provenance": {
    "md5sum": "8a998e0bdec1a2dfd91ade5cb07f3e69",
    "settings": {
      "testing": false
    },
    "software": "mriqc",
    "version": "22.0.6",
    "warnings": {
      "large_rot_frame": true,
      "small_air_mask": false
    },
    "webapi_port": null,
    "webapi_url": "https://mriqc.nimh.nih.gov/api/v1"
  },
  "qi_1": 0.0,
  "qi_2": 0.0038483057358474153,
  "rpve_csf": 19.555698428886032,
  "rpve_gm": 7.689546177542864,
  "rpve_wm": 8.02592495969044,
  "size_x": 224,
  "size_y": 256,
  "size_z": 256,
  "snr_csf": 2.0349733146954523,
  "snr_gm": 10.70769342632419,
  "snr_total": 9.47035897436311,
  "snr_wm": 15.668410182069694,
  "snrd_csf": 29.98890433945304,
  "snrd_gm": 74.76221093238138,
  "snrd_total": 68.50220478632626,
  "snrd_wm": 100.75549908714439,
  "spacing_x": 0.8000030517578125,
  "spacing_y": 0.80078125,
  "spacing_z": 0.80078125,
  "summary_bg_k": 8.888141351441709,
  "summary_bg_mad": 6.502641263790447,
  "summary_bg_mean": 9.210025647758783,
  "summary_bg_median": 4.385964881628752,
  "summary_bg_n": 4378825.0,
  "summary_bg_p05": 0.0,
  "summary_bg_p95": 36.29231504164636,
  "summary_bg_stdv": 13.69435962406294,
  "summary_csf_k": 0.48484241833718444,
  "summary_csf_mad": 142.92072805838018,
  "summary_csf_mean": 301.4879677565148,
  "summary_csf_median": 297.65875749476254,
  "summary_csf_n": 54183.0,
  "summary_csf_p05": 69.31986608337614,
  "summary_csf_p95": 550.8308585176239,
  "summary_csf_stdv": 146.27022798851695,
  "summary_gm_k": 0.12592887359963578,
  "summary_gm_mad": 68.32352651813625,
  "summary_gm_mean": 743.0905583507288,
  "summary_gm_median": 742.0620160643011,
  "summary_gm_n": 91444.0,
  "summary_gm_p05": 630.4361211191863,
  "summary_gm_p95": 858.2283112742007,
  "summary_gm_stdv": 69.3013825705873,
  "summary_wm_k": 0.4186677089284223,
  "summary_wm_mad": 61.50033251598993,
  "summary_wm_mean": 1000.7122403986585,
  "summary_wm_median": 1000.0617671646178,
  "summary_wm_n": 654102.0,
  "summary_wm_p05": 898.288849664852,
  "summary_wm_p95": 1107.6723421476781,
  "summary_wm_stdv": 63.826577878001046,
  "tpm_overlap_csf": 0.13212423306438634,
  "tpm_overlap_gm": 0.426516067591021,
  "tpm_overlap_wm": 0.4989132036695359,
  "wm2max": 0.6752732126470343
}