{
  "aor": 0.002909038461538462,
  "aqi": 0.009402036249999999,
  "bids_meta": {
    "BodyPartExamined": "HEAD",
    "CogAtlasID": "http://www.cognitiveatlas.org/term/id/trm_550b53d7dd674",
    "ConversionSoftware": "dcm2niix",
    "ConversionSoftwareVersion": "v1.0.20170411 GCC4.4.7",
    "EchoTime": 0.027,
    "EffectiveEchoSpacing": 0.000590001,
    "FlipAngle": 90,
    "ImageType": [
      "ORIGINAL",
      "PRIMARY",
      "M",
      "ND",
      "NORM",
      "MOSAIC"
    ],
    "Instructions": "In this next scan you'll be prompted to move your hands, feet, or tongue. You'll only move one of these at once. Instructions are presented on the screen. Let?s review them now. [Read on-screen instructions to participant.] Do you have any questions?",
    "MagneticFieldStrength": 3,
    "Manufacturer": "Siemens",
    "ManufacturersModelName": "TrioTim",
    "PhaseEncodingDirection": "j-",
    "ProcedureStepDescription": "head_Dosenbach_MSC",
    "ProtocolName": "Motor_104Frames_36Slices_TR2.2",
    "RepetitionTime": 2.2,
    "ScanningSequence": "EP",
    "SequenceName": "_epfid2d1_64",
    "SequenceVariant": "SK",
    "SeriesDescription": "Motor_104Frames_36Slices_TR2.2",
    "SliceTiming": [
      1.105,
      0,
      1.1675,
      0.0625,
      1.2275,
      0.1225,
      1.29,
      0.185,
      1.35,
      0.245,
      1.4125,
      0.3075,
      1.4725,
      0.37,
      1.535,
      0.43,
      1.595,
      0.4925,
      1.6575,
      0.5525,
      1.7175,
      0.615,
      1.78,
      0.675,
      1.84,
      0.7375,
      1.9025,
      0.7975,
      1.965,
      0.86,
      2.025,
      0.92,
      2.0875,
      0.9825,
      2.1475,
      1.0425
    ],
    "SoftwareVersion": "syngo MR B17",
    "TaskName": "motor",
    "dataset": "ds000224",
    "modality": "bold",
    "run_id": 2,
    "session_id": "func07",
    "subject_id": "MSC10",
    "task_id": "motor"
  },
  "dummy_trs": 0,
  "dvars_nstd": 18.431949263883496,
  "dvars_std": 1.1574486382524274,
  "dvars_vstd": 0.9647709080582523,
  "efc": 0.416132415288087,
  "fber": 32675.935546875,
  "fd_mean": 0.17878986230762886,
  "fd_num": 31,
  "fd_perc": 29.807692307692307,
  "fwhm_avg": 1.691087172722515,
  "fwhm_x": 1.5690675,
  "fwhm_y": 1.8569525,
  "fwhm_z": 1.6472415181675444,
  "gcor": 0.0290098,
  "gsr_x": -0.019212421029806137,
  "gsr_y": 0.015430757775902748,
  "provenance": {
    "md5sum": "9918b452611c1d26a4e83363e7c7874c",
    "settings": {
      "fd_thres": 0.2,
      "testing": false
    },
    "software": "mriqc",
    "version": "22.0.6",
    "webapi_port": null,
    "webapi_url": "https://mriqc.nimh.nih.gov/api/v1"
  },
  "size_t": 104,
  "size_x": 64,
  "size_y": 64,
  "size_z": 36,
  "snr": 7.321903569197513,
  "spacing_tr": 2.200000047683716,
  "spacing_x": 4.0,
  "spacing_y": 4.0,
  "spacing_z": 4.000002384185791,
  "summary_bg_k": 29.840817213759223,
  "summary_bg_mad": 2.922437078918924,
  "summary_bg_mean": 20.725500106811523,
  "summary_bg_median": 3.903846263885498,
  "summary_bg_n": 101020.0,
  "summary_bg_p05": 1.4903846979141235,
  "summary_bg_p95": 110.94279479980457,
  "summary_bg_stdv": 49.63513946533203,
  "summary_fg_k": 1.8818572206884507,
  "summary_fg_mad": 90.06808477421532,
  "summary_fg_mean": 721.8076782226562,
  "summary_fg_median": 715.375,
  "summary_fg_n": 17338.0,
  "summary_fg_p05": 579.5240844726562,
  "summary_fg_p95": 881.0091674804685,
  "summary_fg_stdv": 97.70059967041016,
  "tsnr": 67.90280561707914
}