{
  "aor": 0.0009090575275397799,
  "aqi": 0.015447522288861688,
  "bids_meta": {
    "BodyPartExamined": "HEAD",
    "CogAtlasID": "http://www.cognitiveatlas.org/term/id/trm_4c8a834779883",
    "ConversionSoftware": "dcm2niix",
    "ConversionSoftwareVersion": "v1.0.20170411 GCC4.4.7",
    "EchoTime": 0.027,
    "EffectiveEchoSpacing": 0.000590001,
    "FlipAngle": 90,
    "ImageType": [
      "ORIGINAL",
      "PRIMARY",
      "M",
      "ND",
      "NORM",
      "MOSAIC"
    ],
    "Instructions": "During this first scan, a plus sign will be presented on the screen.  All you need to do is simply relax and look at the plus sign. Please keep your eyes open the entire time, and be as still as possible. It's extremely important that you stay awake for the entire duration of this scan. This scan will last ~30 minutes.",
    "MagneticFieldStrength": 3,
    "Manufacturer": "Siemens",
    "ManufacturersModelName": "TrioTim",
    "PhaseEncodingDirection": "j-",
    "ProcedureStepDescription": "head_Dosenbach_MSC",
    "ProtocolName": "RSFC_818Frames_36Slices_TR2.2",
    "RepetitionTime": 2.2,
    "ScanningSequence": "EP",
    "SequenceName": "_epfid2d1_64",
    "SequenceVariant": "SK",
    "SeriesDescription": "RSFC_818Frames_36Slices_TR2.2",
    "SliceTiming": [
      1.105,
      0,
      1.165,
      0.06,
      1.2275,
      0.1225,
      1.2875,
      0.185,
      1.35,
      0.245,
      1.41,
      0.3075,
      1.4725,
      0.3675,
      1.5325,
      0.43,
      1.595,
      0.49,
      1.655,
      0.5525,
      1.7175,
      0.6125,
      1.78,
      0.675,
      1.84,
      0.735,
      1.9025,
      0.7975,
      1.9625,
      0.8575,
      2.025,
      0.92,
      2.085,
      0.9825,
      2.1475,
      1.0425
    ],
    "SoftwareVersion": "syngo MR B17",
    "TaskName": "rest",
    "dataset": "ds000224",
    "modality": "bold",
    "session_id": "func07",
    "subject_id": "MSC10",
    "task_id": "rest"
  },
  "dummy_trs": 1,
  "dvars_nstd": 21.189131650159343,
  "dvars_std": 1.1732544652328423,
  "dvars_vstd": 0.9370621631617645,
  "efc": 0.42472096789640756,
  "fber": 27243.701171875,
  "fd_mean": 0.24024272526158336,
  "fd_num": 435,
  "fd_perc": 53.24357405140759,
  "fwhm_avg": 1.7218830028232917,
  "fwhm_x": 1.591785,
  "fwhm_y": 1.9103525,
  "fwhm_z": 1.6635115084698746,
  "gcor": 0.047912,
  "gsr_x": -0.020898250862956047,
  "gsr_y": 0.016084210947155952,
  "provenance": {
    "md5sum": "07a64136ea3d2def117ca4188d1885c4",
    "settings": {
      "fd_thres": 0.2,
      "testing": false
    },
    "software": "mriqc",
    "version": "22.0.6",
    "webapi_port": null,
    "webapi_url": "https://mriqc.nimh.nih.gov/api/v1"
  },
  "size_t": 817,
  "size_x": 64,
  "size_y": 64,
  "size_z": 36,
  "snr": 7.339737476942933,
  "spacing_tr": 2.200000047683716,
  "spacing_x": 4.0,
  "spacing_y": 4.0,
  "spacing_z": 4.000002384185791,
  "summary_bg_k": 27.141655420004927,
  "summary_bg_mad": 3.3798614735694947,
  "summary_bg_mean": 21.621353149414062,
  "summary_bg_median": 4.152386665344238,
  "summary_bg_n": 100212.0,
  "summary_bg_p05": 1.449204444885254,
  "summary_bg_p95": 115.5200767517089,
  "summary_bg_stdv": 50.14702606201172,
  "summary_fg_k": 1.9134922310236702,
  "summary_fg_mad": 85.95645165640288,
  "summary_fg_mean": 700.1104125976562,
  "summary_fg_median": 695.6438598632812,
  "summary_fg_n": 17785.0,
  "summary_fg_p05": 557.9860595703125,
  "summary_fg_p95": 853.9486206054687,
  "summary_fg_stdv": 94.77509307861328,
  "tsnr": 49.66241337207612
}