{
  "aor": 0.002221538461538462,
  "aqi": 0.002976616730769231,
  "bids_meta": {
    "BodyPartExamined": "HEAD",
    "CogAtlasID": "http://www.cognitiveatlas.org/term/id/trm_550b53d7dd674",
    "ConversionSoftware": "dcm2niix",
    "ConversionSoftwareVersion": "v1.0.20170411 GCC4.4.7",
    "EchoTime": 0.027,
    "EffectiveEchoSpacing": 0.000590001,
    "FlipAngle": 90,
    "ImageType": [
      "ORIGINAL",
      "PRIMARY",
      "M",
      "ND",
      "NORM",
      "MOSAIC"
    ],
    "Instructions": "In this next scan you'll be prompted to move your hands, feet, or tongue. You'll only move one of these at once. Instructions are presented on the screen. Let?s review them now. [Read on-screen instructions to participant.] Do you have any questions?",
    "MagneticFieldStrength": 3,
    "Manufacturer": "Siemens",
    "ManufacturersModelName": "TrioTim",
    "PhaseEncodingDirection": "j-",
    "ProcedureStepDescription": "head_Dosenbach_MSC",
    "ProtocolName": "Motor_104Frames_36Slices_TR2.2",
    "RepetitionTime": 2.2,
    "ScanningSequence": "EP",
    "SequenceName": "_epfid2d1_64",
    "SequenceVariant": "SK",
    "SeriesDescription": "Motor_104Frames_36Slices_TR2.2",
    "SliceTiming": [
      1.105,
      0,
      1.1675,
      0.0625,
      1.2275,
      0.1225,
      1.29,
      0.185,
      1.35,
      0.245,
      1.4125,
      0.3075,
      1.4725,
      0.37,
      1.535,
      0.43,
      1.595,
      0.4925,
      1.6575,
      0.5525,
      1.7175,
      0.615,
      1.78,
      0.675,
      1.84,
      0.7375,
      1.9025,
      0.7975,
      1.965,
      0.86,
      2.025,
      0.92,
      2.0875,
      0.9825,
      2.1475,
      1.0425
    ],
    "SoftwareVersion": "syngo MR B17",
    "TaskName": "motor",
    "dataset": "ds000224",
    "modality": "bold",
    "run_id": 1,
    "session_id": "func10",
    "subject_id": "MSC04",
    "task_id": "motor"
  },
  "dummy_trs": 0,
  "dvars_nstd": 13.733119362427189,
  "dvars_std": 1.2151366016504856,
  "dvars_vstd": 1.000289114660194,
  "efc": 0.3609445675713491,
  "fber": 56723.12109375,
  "fd_mean": 0.08612216130745161,
  "fd_num": 5,
  "fd_perc": 4.8076923076923075,
  "fwhm_avg": 1.8166966666666668,
  "fwhm_x": 1.6626775,
  "fwhm_y": 2.0525975,
  "fwhm_z": 1.734815,
  "gcor": 0.0309026,
  "gsr_x": -0.02344197779893875,
  "gsr_y": 0.012235625647008419,
  "provenance": {
    "md5sum": "3952e59920499d69439fd11e247e74ac",
    "settings": {
      "fd_thres": 0.2,
      "testing": false
    },
    "software": "mriqc",
    "version": "22.0.6",
    "webapi_port": null,
    "webapi_url": "https://mriqc.nimh.nih.gov/api/v1"
  },
  "size_t": 104,
  "size_x": 64,
  "size_y": 64,
  "size_z": 36,
  "snr": 7.65181936980844,
  "spacing_tr": 2.200000047683716,
  "spacing_x": 4.0,
  "spacing_y": 4.0,
  "spacing_z": 4.0,
  "summary_bg_k": 56.27822546230983,
  "summary_bg_mad": 1.9958108690928795,
  "summary_bg_mean": 14.605576515197754,
  "summary_bg_median": 3.29807710647583,
  "summary_bg_n": 106596.0,
  "summary_bg_p05": 1.519230842590332,
  "summary_bg_p95": 67.43269348144531,
  "summary_bg_stdv": 40.43611145019531,
  "summary_fg_k": 2.5255581184771865,
  "summary_fg_mad": 86.56826034776739,
  "summary_fg_mean": 785.9425048828125,
  "summary_fg_median": 788.4423217773438,
  "summary_fg_n": 13608.0,
  "summary_fg_p05": 614.554345703125,
  "summary_fg_p95": 942.9990783691406,
  "summary_fg_stdv": 103.03606414794922,
  "tsnr": 123.14078979287297
}