{
  "aor": 0.0017739423076923078,
  "aqi": 0.003614667596153846,
  "bids_meta": {
    "BodyPartExamined": "HEAD",
    "CogAtlasID": "http://www.cognitiveatlas.org/term/id/trm_550b53d7dd674",
    "ConversionSoftware": "dcm2niix",
    "ConversionSoftwareVersion": "v1.0.20170411 GCC4.4.7",
    "EchoTime": 0.027,
    "EffectiveEchoSpacing": 0.000590001,
    "FlipAngle": 90,
    "ImageType": [
      "ORIGINAL",
      "PRIMARY",
      "M",
      "ND",
      "NORM",
      "MOSAIC"
    ],
    "Instructions": "In this next scan you'll be prompted to move your hands, feet, or tongue. You'll only move one of these at once. Instructions are presented on the screen. Let?s review them now. [Read on-screen instructions to participant.] Do you have any questions?",
    "MagneticFieldStrength": 3,
    "Manufacturer": "Siemens",
    "ManufacturersModelName": "TrioTim",
    "PhaseEncodingDirection": "j-",
    "ProcedureStepDescription": "head_Dosenbach_MSC",
    "ProtocolName": "Motor_104Frames_36Slices_TR2.2",
    "RepetitionTime": 2.2,
    "ScanningSequence": "EP",
    "SequenceName": "_epfid2d1_64",
    "SequenceVariant": "SK",
    "SeriesDescription": "Motor_104Frames_36Slices_TR2.2",
    "SliceTiming": [
      1.105,
      0,
      1.1675,
      0.0625,
      1.2275,
      0.1225,
      1.29,
      0.185,
      1.35,
      0.245,
      1.4125,
      0.3075,
      1.4725,
      0.37,
      1.535,
      0.43,
      1.595,
      0.4925,
      1.6575,
      0.5525,
      1.7175,
      0.615,
      1.78,
      0.675,
      1.84,
      0.7375,
      1.9025,
      0.7975,
      1.965,
      0.86,
      2.025,
      0.92,
      2.0875,
      0.9825,
      2.1475,
      1.0425
    ],
    "SoftwareVersion": "syngo MR B17",
    "TaskName": "motor",
    "dataset": "ds000224",
    "modality": "bold",
    "run_id": 2,
    "session_id": "func10",
    "subject_id": "MSC04",
    "task_id": "motor"
  },
  "dummy_trs": 0,
  "dvars_nstd": 13.108644485436892,
  "dvars_std": 1.1765157544660194,
  "dvars_vstd": 0.9867551175728159,
  "efc": 0.36134290396821384,
  "fber": 55478.90234375,
  "fd_mean": 0.10883049001605902,
  "fd_num": 10,
  "fd_perc": 9.615384615384615,
  "fwhm_avg": 1.8134133333333333,
  "fwhm_x": 1.68731,
  "fwhm_y": 2.041225,
  "fwhm_z": 1.711705,
  "gcor": 0.0465057,
  "gsr_x": -0.024113377556204796,
  "gsr_y": 0.012076188810169697,
  "provenance": {
    "md5sum": "59724c559a0934e5c00486f3b4826064",
    "settings": {
      "fd_thres": 0.2,
      "testing": false
    },
    "software": "mriqc",
    "version": "22.0.6",
    "webapi_port": null,
    "webapi_url": "https://mriqc.nimh.nih.gov/api/v1"
  },
  "size_t": 104,
  "size_x": 64,
  "size_y": 64,
  "size_z": 36,
  "snr": 7.606274635189512,
  "spacing_tr": 2.200000047683716,
  "spacing_x": 4.0,
  "spacing_y": 4.0,
  "spacing_z": 4.0,
  "summary_bg_k": 55.45262490540044,
  "summary_bg_mad": 2.0956012534815622,
  "summary_bg_mean": 14.941740989685059,
  "summary_bg_median": 3.326923131942749,
  "summary_bg_n": 106679.0,
  "summary_bg_p05": 1.4903846979141235,
  "summary_bg_p95": 69.05865478515616,
  "summary_bg_stdv": 41.40030288696289,
  "summary_fg_k": 2.6869681925367646,
  "summary_fg_mad": 87.45932382711462,
  "summary_fg_mean": 786.0470581054688,
  "summary_fg_median": 788.7404174804688,
  "summary_fg_n": 13513.0,
  "summary_fg_p05": 613.7192749023437,
  "summary_fg_p95": 943.1096313476562,
  "summary_fg_stdv": 103.69218444824219,
  "tsnr": 109.2684309752658
}