{
  "aor": 0.003146540342298289,
  "aqi": 0.016204017457212717,
  "bids_meta": {
    "BodyPartExamined": "HEAD",
    "CogAtlasID": "http://www.cognitiveatlas.org/term/id/trm_4c8a834779883",
    "ConversionSoftware": "dcm2niix",
    "ConversionSoftwareVersion": "v1.0.20170411 GCC4.4.7",
    "EchoTime": 0.027,
    "EffectiveEchoSpacing": 0.000590001,
    "FlipAngle": 90,
    "ImageType": [
      "ORIGINAL",
      "PRIMARY",
      "M",
      "ND",
      "NORM",
      "MOSAIC"
    ],
    "Instructions": "During this first scan, a plus sign will be presented on the screen.  All you need to do is simply relax and look at the plus sign. Please keep your eyes open the entire time, and be as still as possible. It's extremely important that you stay awake for the entire duration of this scan. This scan will last ~30 minutes.",
    "MagneticFieldStrength": 3,
    "Manufacturer": "Siemens",
    "ManufacturersModelName": "TrioTim",
    "PhaseEncodingDirection": "j-",
    "ProcedureStepDescription": "head_Dosenbach_MSC",
    "ProtocolName": "RSFC_818Frames_36Slices_TR2.2",
    "RepetitionTime": 2.2,
    "ScanningSequence": "EP",
    "SequenceName": "_epfid2d1_64",
    "SequenceVariant": "SK",
    "SeriesDescription": "RSFC_818Frames_36Slices_TR2.2",
    "SliceTiming": [
      1.105,
      0,
      1.165,
      0.06,
      1.2275,
      0.1225,
      1.2875,
      0.185,
      1.35,
      0.245,
      1.41,
      0.3075,
      1.4725,
      0.3675,
      1.5325,
      0.43,
      1.595,
      0.49,
      1.655,
      0.5525,
      1.7175,
      0.6125,
      1.78,
      0.675,
      1.84,
      0.735,
      1.9025,
      0.7975,
      1.9625,
      0.8575,
      2.025,
      0.92,
      2.085,
      0.9825,
      2.1475,
      1.0425
    ],
    "SoftwareVersion": "syngo MR B17",
    "TaskName": "rest",
    "dataset": "ds000224",
    "modality": "bold",
    "session_id": "func10",
    "subject_id": "MSC04",
    "task_id": "rest"
  },
  "dummy_trs": 0,
  "dvars_nstd": 15.582516930538544,
  "dvars_std": 1.109390686046512,
  "dvars_vstd": 0.9130123748714805,
  "efc": 0.3604683695371974,
  "fber": 56236.8671875,
  "fd_mean": 0.13563029046084685,
  "fd_num": 134,
  "fd_perc": 16.381418092909534,
  "fwhm_avg": 1.8453283333333335,
  "fwhm_x": 1.7183825,
  "fwhm_y": 2.0852475,
  "fwhm_z": 1.732355,
  "gcor": 0.0270574,
  "gsr_x": -0.023035705089569092,
  "gsr_y": 0.012391805648803711,
  "provenance": {
    "md5sum": "f213edfaa617cebb8dca5825e64f009d",
    "settings": {
      "fd_thres": 0.2,
      "testing": false
    },
    "software": "mriqc",
    "version": "22.0.6",
    "webapi_port": null,
    "webapi_url": "https://mriqc.nimh.nih.gov/api/v1"
  },
  "size_t": 818,
  "size_x": 64,
  "size_y": 64,
  "size_z": 36,
  "snr": 7.653143135106925,
  "spacing_tr": 2.200000047683716,
  "spacing_x": 4.0,
  "spacing_y": 4.0,
  "spacing_z": 4.0,
  "summary_bg_k": 60.73968787088862,
  "summary_bg_mad": 2.441400225992516,
  "summary_bg_mean": 14.28827953338623,
  "summary_bg_median": 3.331295967102051,
  "summary_bg_n": 106649.0,
  "summary_bg_p05": 1.1577017307281494,
  "summary_bg_p95": 64.5682189941406,
  "summary_bg_stdv": 39.587337493896484,
  "summary_fg_k": 2.296206563890335,
  "summary_fg_mad": 88.70058692716596,
  "summary_fg_mean": 788.5245361328125,
  "summary_fg_median": 792.3411254882812,
  "summary_fg_n": 13645.0,
  "summary_fg_p05": 616.8408447265625,
  "summary_fg_p95": 946.355322265625,
  "summary_fg_stdv": 103.52767181396484,
  "tsnr": 55.77673427760601
}