{
  "aor": 0.0011386308068459658,
  "aqi": 0.01681157969437653,
  "bids_meta": {
    "BodyPartExamined": "HEAD",
    "CogAtlasID": "http://www.cognitiveatlas.org/term/id/trm_4c8a834779883",
    "ConversionSoftware": "dcm2niix",
    "ConversionSoftwareVersion": "v1.0.20170411 GCC4.4.7",
    "EchoTime": 0.027,
    "EffectiveEchoSpacing": 0.000590001,
    "FlipAngle": 90,
    "ImageType": [
      "ORIGINAL",
      "PRIMARY",
      "M",
      "ND",
      "NORM",
      "MOSAIC"
    ],
    "Instructions": "During this first scan, a plus sign will be presented on the screen.  All you need to do is simply relax and look at the plus sign. Please keep your eyes open the entire time, and be as still as possible. It's extremely important that you stay awake for the entire duration of this scan. This scan will last ~30 minutes.",
    "MagneticFieldStrength": 3,
    "Manufacturer": "Siemens",
    "ManufacturersModelName": "TrioTim",
    "PhaseEncodingDirection": "j-",
    "ProcedureStepDescription": "head_Dosenbach_MSC",
    "ProtocolName": "RSFC_818Frames_36Slices_TR2.2",
    "RepetitionTime": 2.2,
    "ScanningSequence": "EP",
    "SequenceName": "_epfid2d1_64",
    "SequenceVariant": "SK",
    "SeriesDescription": "RSFC_818Frames_36Slices_TR2.2",
    "SliceTiming": [
      1.105,
      0,
      1.165,
      0.06,
      1.2275,
      0.1225,
      1.2875,
      0.185,
      1.35,
      0.245,
      1.41,
      0.3075,
      1.4725,
      0.3675,
      1.5325,
      0.43,
      1.595,
      0.49,
      1.655,
      0.5525,
      1.7175,
      0.6125,
      1.78,
      0.675,
      1.84,
      0.735,
      1.9025,
      0.7975,
      1.9625,
      0.8575,
      2.025,
      0.92,
      2.085,
      0.9825,
      2.1475,
      1.0425
    ],
    "SoftwareVersion": "syngo MR B17",
    "TaskName": "rest",
    "dataset": "ds000224",
    "modality": "bold",
    "session_id": "func08",
    "subject_id": "MSC10",
    "task_id": "rest"
  },
  "dummy_trs": 0,
  "dvars_nstd": 20.556084311652377,
  "dvars_std": 1.10389129002448,
  "dvars_vstd": 0.9365011208200735,
  "efc": 0.42549603174860523,
  "fber": 24770.49609375,
  "fd_mean": 0.2858323464883111,
  "fd_num": 563,
  "fd_perc": 68.82640586797066,
  "fwhm_avg": 1.7604459366600897,
  "fwhm_x": 1.588565,
  "fwhm_y": 1.9592375,
  "fwhm_z": 1.733535309980269,
  "gcor": 0.0318727,
  "gsr_x": -0.020092163234949112,
  "gsr_y": 0.010774174705147743,
  "provenance": {
    "md5sum": "c31f5e116d682ab72c2231d7fad48492",
    "settings": {
      "fd_thres": 0.2,
      "testing": false
    },
    "software": "mriqc",
    "version": "22.0.6",
    "webapi_port": null,
    "webapi_url": "https://mriqc.nimh.nih.gov/api/v1"
  },
  "size_t": 818,
  "size_x": 64,
  "size_y": 64,
  "size_z": 36,
  "snr": 7.109898469026752,
  "spacing_tr": 2.200000047683716,
  "spacing_x": 4.0,
  "spacing_y": 4.0,
  "spacing_z": 3.9999992847442627,
  "summary_bg_k": 28.507696431846217,
  "summary_bg_mad": 3.4708844956435727,
  "summary_bg_mean": 19.513254165649414,
  "summary_bg_median": 3.9205381870269775,
  "summary_bg_n": 100160.0,
  "summary_bg_p05": 1.039119839668274,
  "summary_bg_p95": 103.06338844299263,
  "summary_bg_stdv": 45.68883514404297,
  "summary_fg_k": 1.5808953582984904,
  "summary_fg_mad": 80.07318851943134,
  "summary_fg_mean": 630.3046264648438,
  "summary_fg_median": 625.8172607421875,
  "summary_fg_n": 17852.0,
  "summary_fg_p05": 500.126237487793,
  "summary_fg_p95": 777.0064361572266,
  "summary_fg_stdv": 88.01809692382812,
  "tsnr": 46.12427597749047
}