{
  "aor": 0.0016252884615384617,
  "aqi": 0.005601554999999999,
  "bids_meta": {
    "BodyPartExamined": "HEAD",
    "CogAtlasID": "http://www.cognitiveatlas.org/term/id/trm_550b53d7dd674",
    "ConversionSoftware": "dcm2niix",
    "ConversionSoftwareVersion": "v1.0.20170411 GCC4.4.7",
    "EchoTime": 0.027,
    "EffectiveEchoSpacing": 0.000590001,
    "FlipAngle": 90,
    "ImageType": [
      "ORIGINAL",
      "PRIMARY",
      "M",
      "ND",
      "NORM",
      "MOSAIC"
    ],
    "Instructions": "In this next scan you'll be prompted to move your hands, feet, or tongue. You'll only move one of these at once. Instructions are presented on the screen. Let?s review them now. [Read on-screen instructions to participant.] Do you have any questions?",
    "MagneticFieldStrength": 3,
    "Manufacturer": "Siemens",
    "ManufacturersModelName": "TrioTim",
    "PhaseEncodingDirection": "j-",
    "ProcedureStepDescription": "head_Dosenbach_MSC",
    "ProtocolName": "Motor_104Frames_36Slices_TR2.2",
    "RepetitionTime": 2.2,
    "ScanningSequence": "EP",
    "SequenceName": "_epfid2d1_64",
    "SequenceVariant": "SK",
    "SeriesDescription": "Motor_104Frames_36Slices_TR2.2",
    "SliceTiming": [
      1.105,
      0,
      1.1675,
      0.0625,
      1.2275,
      0.1225,
      1.29,
      0.185,
      1.35,
      0.245,
      1.4125,
      0.3075,
      1.4725,
      0.37,
      1.535,
      0.43,
      1.595,
      0.4925,
      1.6575,
      0.5525,
      1.7175,
      0.615,
      1.78,
      0.675,
      1.84,
      0.7375,
      1.9025,
      0.7975,
      1.965,
      0.86,
      2.025,
      0.92,
      2.0875,
      0.9825,
      2.1475,
      1.0425
    ],
    "SoftwareVersion": "syngo MR B17",
    "TaskName": "motor",
    "dataset": "ds000224",
    "modality": "bold",
    "run_id": 1,
    "session_id": "func08",
    "subject_id": "MSC10",
    "task_id": "motor"
  },
  "dummy_trs": 0,
  "dvars_nstd": 18.84312422281554,
  "dvars_std": 1.1848410849514566,
  "dvars_vstd": 0.997686011262136,
  "efc": 0.4243634721319311,
  "fber": 27194.234375,
  "fd_mean": 0.19471532863569962,
  "fd_num": 34,
  "fd_perc": 32.69230769230769,
  "fwhm_avg": 1.7336759355104647,
  "fwhm_x": 1.5779725,
  "fwhm_y": 1.9088075,
  "fwhm_z": 1.7142478065313946,
  "gcor": 0.0190966,
  "gsr_x": -0.021290529519319534,
  "gsr_y": 0.012098648585379124,
  "provenance": {
    "md5sum": "f187a01d02800d665416ea1336303be5",
    "settings": {
      "fd_thres": 0.2,
      "testing": false
    },
    "software": "mriqc",
    "version": "22.0.6",
    "webapi_port": null,
    "webapi_url": "https://mriqc.nimh.nih.gov/api/v1"
  },
  "size_t": 104,
  "size_x": 64,
  "size_y": 64,
  "size_z": 36,
  "snr": 7.155965125113244,
  "spacing_tr": 2.200000047683716,
  "spacing_x": 4.0,
  "spacing_y": 4.0,
  "spacing_z": 3.9999992847442627,
  "summary_bg_k": 31.54892897261106,
  "summary_bg_mad": 2.680088775309321,
  "summary_bg_mean": 19.477737426757812,
  "summary_bg_median": 3.721153974533081,
  "summary_bg_n": 100341.0,
  "summary_bg_p05": 1.586538553237915,
  "summary_bg_p95": 105.15384674072266,
  "summary_bg_stdv": 46.160003662109375,
  "summary_fg_k": 1.5971198253840013,
  "summary_fg_mad": 78.95567166778125,
  "summary_fg_mean": 627.1571044921875,
  "summary_fg_median": 623.0865478515625,
  "summary_fg_n": 17762.0,
  "summary_fg_p05": 497.6764617919922,
  "summary_fg_p95": 772.6630310058594,
  "summary_fg_stdv": 87.06987762451172,
  "tsnr": 82.41677011619322
}