{
  "aor": 0.002415631067961165,
  "aqi": 0.006776748349514565,
  "bids_meta": {
    "BodyPartExamined": "HEAD",
    "CogAtlasID": "http://www.cognitiveatlas.org/term/id/trm_550b53d7dd674",
    "ConversionSoftware": "dcm2niix",
    "ConversionSoftwareVersion": "v1.0.20170411 GCC4.4.7",
    "EchoTime": 0.027,
    "EffectiveEchoSpacing": 0.000590001,
    "FlipAngle": 90,
    "ImageType": [
      "ORIGINAL",
      "PRIMARY",
      "M",
      "ND",
      "NORM",
      "MOSAIC"
    ],
    "Instructions": "In this next scan you'll be prompted to move your hands, feet, or tongue. You'll only move one of these at once. Instructions are presented on the screen. Let?s review them now. [Read on-screen instructions to participant.] Do you have any questions?",
    "MagneticFieldStrength": 3,
    "Manufacturer": "Siemens",
    "ManufacturersModelName": "TrioTim",
    "PhaseEncodingDirection": "j-",
    "ProcedureStepDescription": "head_Dosenbach_MSC",
    "ProtocolName": "Motor_104Frames_36Slices_TR2.2",
    "RepetitionTime": 2.2,
    "ScanningSequence": "EP",
    "SequenceName": "_epfid2d1_64",
    "SequenceVariant": "SK",
    "SeriesDescription": "Motor_104Frames_36Slices_TR2.2",
    "SliceTiming": [
      1.105,
      0,
      1.1675,
      0.0625,
      1.2275,
      0.1225,
      1.29,
      0.185,
      1.35,
      0.245,
      1.4125,
      0.3075,
      1.4725,
      0.37,
      1.535,
      0.43,
      1.595,
      0.4925,
      1.6575,
      0.5525,
      1.7175,
      0.615,
      1.78,
      0.675,
      1.84,
      0.7375,
      1.9025,
      0.7975,
      1.965,
      0.86,
      2.025,
      0.92,
      2.0875,
      0.9825,
      2.1475,
      1.0425
    ],
    "SoftwareVersion": "syngo MR B17",
    "TaskName": "motor",
    "dataset": "ds000224",
    "modality": "bold",
    "run_id": 2,
    "session_id": "func10",
    "subject_id": "MSC01",
    "task_id": "motor"
  },
  "dummy_trs": 1,
  "dvars_nstd": 18.178210473431378,
  "dvars_std": 1.2237025487254907,
  "dvars_vstd": 1.0020112316666667,
  "efc": 0.4148844388155922,
  "fber": 25857.86328125,
  "fd_mean": 0.19276876471620175,
  "fd_num": 42,
  "fd_perc": 40.77669902912621,
  "fwhm_avg": 1.6114232720409902,
  "fwhm_x": 1.4864675,
  "fwhm_y": 1.80533,
  "fwhm_z": 1.542472316122971,
  "gcor": 0.0539698,
  "gsr_x": -0.01962127350270748,
  "gsr_y": 0.01409374363720417,
  "provenance": {
    "md5sum": "d4d6d741f554eee325fb6b38a0dfb6b4",
    "settings": {
      "fd_thres": 0.2,
      "testing": false
    },
    "software": "mriqc",
    "version": "22.0.6",
    "webapi_port": null,
    "webapi_url": "https://mriqc.nimh.nih.gov/api/v1"
  },
  "size_t": 103,
  "size_x": 64,
  "size_y": 64,
  "size_z": 36,
  "snr": 7.556331636929078,
  "spacing_tr": 2.200000047683716,
  "spacing_x": 4.0,
  "spacing_y": 4.0,
  "spacing_z": 4.000000476837158,
  "summary_bg_k": 28.011244919437576,
  "summary_bg_mad": 3.382636644376734,
  "summary_bg_mean": 21.159494400024414,
  "summary_bg_median": 4.339806079864502,
  "summary_bg_n": 101916.0,
  "summary_bg_p05": 1.524271845817566,
  "summary_bg_p95": 97.57524299621582,
  "summary_bg_stdv": 46.88289260864258,
  "summary_fg_k": 3.378635685196941,
  "summary_fg_mad": 82.27008032605791,
  "summary_fg_mean": 710.2255249023438,
  "summary_fg_median": 707.213623046875,
  "summary_fg_n": 16922.0,
  "summary_fg_p05": 573.4038970947265,
  "summary_fg_p95": 858.3096984863281,
  "summary_fg_stdv": 93.58942413330078,
  "tsnr": 83.00054357689805
}