{
  "aor": 0.0030007598039215686,
  "aqi": 0.009293746029411765,
  "bids_meta": {
    "BodyPartExamined": "HEAD",
    "CogAtlasID": "http://www.cognitiveatlas.org/term/id/trm_4c8a834779883",
    "ConversionSoftware": "dcm2niix",
    "ConversionSoftwareVersion": "v1.0.20170411 GCC4.4.7",
    "EchoTime": 0.027,
    "EffectiveEchoSpacing": 0.000590001,
    "FlipAngle": 90,
    "ImageType": [
      "ORIGINAL",
      "PRIMARY",
      "M",
      "ND",
      "NORM",
      "MOSAIC"
    ],
    "Instructions": "During this first scan, a plus sign will be presented on the screen.  All you need to do is simply relax and look at the plus sign. Please keep your eyes open the entire time, and be as still as possible. It's extremely important that you stay awake for the entire duration of this scan. This scan will last ~30 minutes.",
    "MagneticFieldStrength": 3,
    "Manufacturer": "Siemens",
    "ManufacturersModelName": "TrioTim",
    "PhaseEncodingDirection": "j-",
    "ProcedureStepDescription": "head_Dosenbach_MSC",
    "ProtocolName": "RSFC_818Frames_36Slices_TR2.2",
    "RepetitionTime": 2.2,
    "ScanningSequence": "EP",
    "SequenceName": "_epfid2d1_64",
    "SequenceVariant": "SK",
    "SeriesDescription": "RSFC_818Frames_36Slices_TR2.2",
    "SliceTiming": [
      1.105,
      0,
      1.165,
      0.06,
      1.2275,
      0.1225,
      1.2875,
      0.185,
      1.35,
      0.245,
      1.41,
      0.3075,
      1.4725,
      0.3675,
      1.5325,
      0.43,
      1.595,
      0.49,
      1.655,
      0.5525,
      1.7175,
      0.6125,
      1.78,
      0.675,
      1.84,
      0.735,
      1.9025,
      0.7975,
      1.9625,
      0.8575,
      2.025,
      0.92,
      2.085,
      0.9825,
      2.1475,
      1.0425
    ],
    "SoftwareVersion": "syngo MR B17",
    "TaskName": "rest",
    "dataset": "ds000224",
    "modality": "bold",
    "session_id": "func10",
    "subject_id": "MSC01",
    "task_id": "rest"
  },
  "dummy_trs": 2,
  "dvars_nstd": 19.17250907173006,
  "dvars_std": 1.1996836343435582,
  "dvars_vstd": 0.9965194033619635,
  "efc": 0.4145026363307277,
  "fber": 24761.55078125,
  "fd_mean": 0.24884327759574315,
  "fd_num": 534,
  "fd_perc": 65.44117647058823,
  "fwhm_avg": 1.6207341053594224,
  "fwhm_x": 1.4717675,
  "fwhm_y": 1.8475875,
  "fwhm_z": 1.5428473160782674,
  "gcor": 0.0655048,
  "gsr_x": -0.019668538123369217,
  "gsr_y": 0.012568185105919838,
  "provenance": {
    "md5sum": "ba3eced59ba08ad3e48231ca1c96e9a0",
    "settings": {
      "fd_thres": 0.2,
      "testing": false
    },
    "software": "mriqc",
    "version": "22.0.6",
    "webapi_port": null,
    "webapi_url": "https://mriqc.nimh.nih.gov/api/v1"
  },
  "size_t": 816,
  "size_x": 64,
  "size_y": 64,
  "size_z": 36,
  "snr": 7.553989381409038,
  "spacing_tr": 2.200000047683716,
  "spacing_x": 4.0,
  "spacing_y": 4.0,
  "spacing_z": 4.000000476837158,
  "summary_bg_k": 28.50494122506609,
  "summary_bg_mad": 3.6538151232772873,
  "summary_bg_mean": 20.999340057373047,
  "summary_bg_median": 4.458333492279053,
  "summary_bg_n": 101837.0,
  "summary_bg_p05": 1.5024510622024536,
  "summary_bg_p95": 94.44902191162109,
  "summary_bg_stdv": 47.262882232666016,
  "summary_fg_k": 3.0842429163028946,
  "summary_fg_mad": 84.80088339893727,
  "summary_fg_mean": 714.84716796875,
  "summary_fg_median": 710.3468627929688,
  "summary_fg_n": 17017.0,
  "summary_fg_p05": 580.1637329101562,
  "summary_fg_p95": 864.5904785156249,
  "summary_fg_stdv": 94.0332260131836,
  "tsnr": 67.54434363846667
}