{
  "aor": 0.0012176699029126214,
  "aqi": 0.005851090873786406,
  "bids_meta": {
    "BodyPartExamined": "HEAD",
    "CogAtlasID": "http://www.cognitiveatlas.org/term/id/trm_550b53d7dd674",
    "ConversionSoftware": "dcm2niix",
    "ConversionSoftwareVersion": "v1.0.20170411 GCC4.4.7",
    "EchoTime": 0.027,
    "EffectiveEchoSpacing": 0.000590001,
    "FlipAngle": 90,
    "ImageType": [
      "ORIGINAL",
      "PRIMARY",
      "M",
      "ND",
      "NORM",
      "MOSAIC"
    ],
    "Instructions": "In this next scan you'll be prompted to move your hands, feet, or tongue. You'll only move one of these at once. Instructions are presented on the screen. Let?s review them now. [Read on-screen instructions to participant.] Do you have any questions?",
    "MagneticFieldStrength": 3,
    "Manufacturer": "Siemens",
    "ManufacturersModelName": "TrioTim",
    "PhaseEncodingDirection": "j-",
    "ProcedureStepDescription": "head_Dosenbach_MSC",
    "ProtocolName": "Motor_104Frames_36Slices_TR2.2",
    "RepetitionTime": 2.2,
    "ScanningSequence": "EP",
    "SequenceName": "_epfid2d1_64",
    "SequenceVariant": "SK",
    "SeriesDescription": "Motor_104Frames_36Slices_TR2.2",
    "SliceTiming": [
      1.105,
      0,
      1.1675,
      0.0625,
      1.2275,
      0.1225,
      1.29,
      0.185,
      1.35,
      0.245,
      1.4125,
      0.3075,
      1.4725,
      0.37,
      1.535,
      0.43,
      1.595,
      0.4925,
      1.6575,
      0.5525,
      1.7175,
      0.615,
      1.78,
      0.675,
      1.84,
      0.7375,
      1.9025,
      0.7975,
      1.965,
      0.86,
      2.025,
      0.92,
      2.0875,
      0.9825,
      2.1475,
      1.0425
    ],
    "SoftwareVersion": "syngo MR B17",
    "TaskName": "motor",
    "dataset": "ds000224",
    "modality": "bold",
    "run_id": 1,
    "session_id": "func10",
    "subject_id": "MSC01",
    "task_id": "motor"
  },
  "dummy_trs": 1,
  "dvars_nstd": 19.1493974664706,
  "dvars_std": 1.2101794354901962,
  "dvars_vstd": 0.975994591960784,
  "efc": 0.41470285960108905,
  "fber": 25997.408203125,
  "fd_mean": 0.1970757673048246,
  "fd_num": 46,
  "fd_perc": 44.66019417475728,
  "fwhm_avg": 1.610345772236891,
  "fwhm_x": 1.47263,
  "fwhm_y": 1.820865,
  "fwhm_z": 1.5375423167106728,
  "gcor": 0.030109,
  "gsr_x": -0.01969844475388527,
  "gsr_y": 0.013147659599781036,
  "provenance": {
    "md5sum": "828c72ff89924840dc16694c132fd345",
    "settings": {
      "fd_thres": 0.2,
      "testing": false
    },
    "software": "mriqc",
    "version": "22.0.6",
    "webapi_port": null,
    "webapi_url": "https://mriqc.nimh.nih.gov/api/v1"
  },
  "size_t": 103,
  "size_x": 64,
  "size_y": 64,
  "size_z": 36,
  "snr": 7.4898983473105405,
  "spacing_tr": 2.200000047683716,
  "spacing_x": 4.0,
  "spacing_y": 4.0,
  "spacing_z": 4.000000476837158,
  "summary_bg_k": 29.514139454983535,
  "summary_bg_mad": 3.4402128667390297,
  "summary_bg_mean": 21.273319244384766,
  "summary_bg_median": 4.349514484405518,
  "summary_bg_n": 101882.0,
  "summary_bg_p05": 1.5145630836486816,
  "summary_bg_p95": 97.07669639587397,
  "summary_bg_stdv": 47.63908386230469,
  "summary_fg_k": 3.3507845757124963,
  "summary_fg_mad": 84.03333994084618,
  "summary_fg_mean": 713.9824829101562,
  "summary_fg_median": 711.126220703125,
  "summary_fg_n": 16912.0,
  "summary_fg_p05": 575.3009643554688,
  "summary_fg_p95": 864.273306274414,
  "summary_fg_stdv": 94.94190216064453,
  "tsnr": 89.50305946404114
}