{
  "aor": 0.0027047355473554737,
  "aqi": 0.02573272939729397,
  "bids_meta": {
    "BodyPartExamined": "HEAD",
    "CogAtlasID": "http://www.cognitiveatlas.org/term/id/trm_4c8a834779883",
    "ConversionSoftware": "dcm2niix",
    "ConversionSoftwareVersion": "v1.0.20170411 GCC4.4.7",
    "EchoTime": 0.027,
    "EffectiveEchoSpacing": 0.000590001,
    "FlipAngle": 90,
    "ImageType": [
      "ORIGINAL",
      "PRIMARY",
      "M",
      "ND",
      "NORM",
      "MOSAIC"
    ],
    "Instructions": "During this first scan, a plus sign will be presented on the screen.  All you need to do is simply relax and look at the plus sign. Please keep your eyes open the entire time, and be as still as possible. It's extremely important that you stay awake for the entire duration of this scan. This scan will last ~30 minutes.",
    "MagneticFieldStrength": 3,
    "Manufacturer": "Siemens",
    "ManufacturersModelName": "TrioTim",
    "PhaseEncodingDirection": "j-",
    "ProcedureStepDescription": "head_Dosenbach_MSC",
    "ProtocolName": "RSFC_818Frames_36Slices_TR2.2",
    "RepetitionTime": 2.2,
    "ScanningSequence": "EP",
    "SequenceName": "_epfid2d1_64",
    "SequenceVariant": "SK",
    "SeriesDescription": "RSFC_818Frames_36Slices_TR2.2",
    "SliceTiming": [
      1.105,
      0,
      1.165,
      0.06,
      1.2275,
      0.1225,
      1.2875,
      0.185,
      1.35,
      0.245,
      1.41,
      0.3075,
      1.4725,
      0.3675,
      1.5325,
      0.43,
      1.595,
      0.49,
      1.655,
      0.5525,
      1.7175,
      0.6125,
      1.78,
      0.675,
      1.84,
      0.735,
      1.9025,
      0.7975,
      1.9625,
      0.8575,
      2.025,
      0.92,
      2.085,
      0.9825,
      2.1475,
      1.0425
    ],
    "SoftwareVersion": "syngo MR B17",
    "TaskName": "rest",
    "dataset": "ds000224",
    "modality": "bold",
    "session_id": "func06",
    "subject_id": "MSC01",
    "task_id": "rest"
  },
  "dummy_trs": 5,
  "dvars_nstd": 19.21868651496305,
  "dvars_std": 1.0306532340147774,
  "dvars_vstd": 0.9087840437315275,
  "efc": 0.41176861107934415,
  "fber": 23597.501953125,
  "fd_mean": 0.24306383826220276,
  "fd_num": 447,
  "fd_perc": 54.981549815498155,
  "fwhm_avg": 1.6986908649118757,
  "fwhm_x": 1.5474925,
  "fwhm_y": 1.95918,
  "fwhm_z": 1.589400094735628,
  "gcor": 0.053128,
  "gsr_x": -0.01799245923757553,
  "gsr_y": 0.010830353945493698,
  "provenance": {
    "md5sum": "904330513df657d5307a7105315ae3e7",
    "settings": {
      "fd_thres": 0.2,
      "testing": false
    },
    "software": "mriqc",
    "version": "22.0.6",
    "webapi_port": null,
    "webapi_url": "https://mriqc.nimh.nih.gov/api/v1"
  },
  "size_t": 813,
  "size_x": 64,
  "size_y": 64,
  "size_z": 36,
  "snr": 7.273176489739168,
  "spacing_tr": 2.200000047683716,
  "spacing_x": 4.0,
  "spacing_y": 4.0,
  "spacing_z": 3.999999761581421,
  "summary_bg_k": 29.81593496496231,
  "summary_bg_mad": 3.4630522644422728,
  "summary_bg_mean": 18.514646530151367,
  "summary_bg_median": 4.125461101531982,
  "summary_bg_n": 101933.0,
  "summary_bg_p05": 1.3899139165878296,
  "summary_bg_p95": 82.60245666503904,
  "summary_bg_stdv": 41.46082305908203,
  "summary_fg_k": 2.4354309839389208,
  "summary_fg_mad": 77.25946577881774,
  "summary_fg_mean": 639.1672973632812,
  "summary_fg_median": 637.0122680664062,
  "summary_fg_n": 16891.0,
  "summary_fg_p05": 507.35792541503906,
  "summary_fg_p95": 778.5565490722656,
  "summary_fg_stdv": 87.58118438720703,
  "tsnr": 41.0223553001415
}