{
  "aor": 0.0027195098039215684,
  "aqi": 0.006536010392156862,
  "bids_meta": {
    "BodyPartExamined": "HEAD",
    "CogAtlasID": "http://www.cognitiveatlas.org/term/id/trm_550b53d7dd674",
    "ConversionSoftware": "dcm2niix",
    "ConversionSoftwareVersion": "v1.0.20170411 GCC4.4.7",
    "EchoTime": 0.027,
    "EffectiveEchoSpacing": 0.000590001,
    "FlipAngle": 90,
    "ImageType": [
      "ORIGINAL",
      "PRIMARY",
      "M",
      "ND",
      "NORM",
      "MOSAIC"
    ],
    "Instructions": "In this next scan you'll be prompted to move your hands, feet, or tongue. You'll only move one of these at once. Instructions are presented on the screen. Let?s review them now. [Read on-screen instructions to participant.] Do you have any questions?",
    "MagneticFieldStrength": 3,
    "Manufacturer": "Siemens",
    "ManufacturersModelName": "TrioTim",
    "PhaseEncodingDirection": "j-",
    "ProcedureStepDescription": "head_Dosenbach_MSC",
    "ProtocolName": "Motor_104Frames_36Slices_TR2.2",
    "RepetitionTime": 2.2,
    "ScanningSequence": "EP",
    "SequenceName": "_epfid2d1_64",
    "SequenceVariant": "SK",
    "SeriesDescription": "Motor_104Frames_36Slices_TR2.2",
    "SliceTiming": [
      1.105,
      0,
      1.1675,
      0.0625,
      1.2275,
      0.1225,
      1.29,
      0.185,
      1.35,
      0.245,
      1.4125,
      0.3075,
      1.4725,
      0.37,
      1.535,
      0.43,
      1.595,
      0.4925,
      1.6575,
      0.5525,
      1.7175,
      0.615,
      1.78,
      0.675,
      1.84,
      0.7375,
      1.9025,
      0.7975,
      1.965,
      0.86,
      2.025,
      0.92,
      2.0875,
      0.9825,
      2.1475,
      1.0425
    ],
    "SoftwareVersion": "syngo MR B17",
    "TaskName": "motor",
    "dataset": "ds000224",
    "modality": "bold",
    "run_id": 2,
    "session_id": "func06",
    "subject_id": "MSC01",
    "task_id": "motor"
  },
  "dummy_trs": 2,
  "dvars_nstd": 19.91603172435644,
  "dvars_std": 1.2186027333663365,
  "dvars_vstd": 1.022324202277228,
  "efc": 0.40974976433168575,
  "fber": 26721.853515625,
  "fd_mean": 0.20247273957489872,
  "fd_num": 44,
  "fd_perc": 43.13725490196079,
  "fwhm_avg": 1.6689016984719556,
  "fwhm_x": 1.524365,
  "fwhm_y": 1.8815275,
  "fwhm_z": 1.600812595415866,
  "gcor": 0.0253754,
  "gsr_x": -0.018325792625546455,
  "gsr_y": 0.012355403043329716,
  "provenance": {
    "md5sum": "723d4923ad67fcd6584714128ed1b0cd",
    "settings": {
      "fd_thres": 0.2,
      "testing": false
    },
    "software": "mriqc",
    "version": "22.0.6",
    "webapi_port": null,
    "webapi_url": "https://mriqc.nimh.nih.gov/api/v1"
  },
  "size_t": 102,
  "size_x": 64,
  "size_y": 64,
  "size_z": 36,
  "snr": 7.214090125621429,
  "spacing_tr": 2.200000047683716,
  "spacing_x": 4.0,
  "spacing_y": 4.0,
  "spacing_z": 3.999999761581421,
  "summary_bg_k": 29.756747366262367,
  "summary_bg_mad": 2.921598447822226,
  "summary_bg_mean": 18.308345794677734,
  "summary_bg_median": 3.872549057006836,
  "summary_bg_n": 102307.0,
  "summary_bg_p05": 1.4313726425170898,
  "summary_bg_p95": 83.69314193725583,
  "summary_bg_stdv": 41.15913391113281,
  "summary_fg_k": 2.921508343853769,
  "summary_fg_mad": 78.41802023459942,
  "summary_fg_mean": 641.0588989257812,
  "summary_fg_median": 639.431396484375,
  "summary_fg_n": 16653.0,
  "summary_fg_p05": 506.2666870117188,
  "summary_fg_p95": 780.0098388671875,
  "summary_fg_stdv": 88.63379669189453,
  "tsnr": 81.02167239878327
}