{
  "aor": 0.005389615384615385,
  "aqi": 0.00975186596153846,
  "bids_meta": {
    "BodyPartExamined": "HEAD",
    "CogAtlasID": "http://www.cognitiveatlas.org/term/id/trm_550b53d7dd674",
    "ConversionSoftware": "dcm2niix",
    "ConversionSoftwareVersion": "v1.0.20170411 GCC4.4.7",
    "EchoTime": 0.027,
    "EffectiveEchoSpacing": 0.000590001,
    "FlipAngle": 90,
    "ImageType": [
      "ORIGINAL",
      "PRIMARY",
      "M",
      "ND",
      "NORM",
      "MOSAIC"
    ],
    "Instructions": "In this next scan you'll be prompted to move your hands, feet, or tongue. You'll only move one of these at once. Instructions are presented on the screen. Let?s review them now. [Read on-screen instructions to participant.] Do you have any questions?",
    "MagneticFieldStrength": 3,
    "Manufacturer": "Siemens",
    "ManufacturersModelName": "TrioTim",
    "PhaseEncodingDirection": "j-",
    "ProcedureStepDescription": "head_Dosenbach_MSC",
    "ProtocolName": "Motor_104Frames_36Slices_TR2.2",
    "RepetitionTime": 2.2,
    "ScanningSequence": "EP",
    "SequenceName": "_epfid2d1_64",
    "SequenceVariant": "SK",
    "SeriesDescription": "Motor_104Frames_36Slices_TR2.2",
    "SliceTiming": [
      1.105,
      0,
      1.1675,
      0.0625,
      1.2275,
      0.1225,
      1.29,
      0.185,
      1.35,
      0.245,
      1.4125,
      0.3075,
      1.4725,
      0.37,
      1.535,
      0.43,
      1.595,
      0.4925,
      1.6575,
      0.5525,
      1.7175,
      0.615,
      1.78,
      0.675,
      1.84,
      0.7375,
      1.9025,
      0.7975,
      1.965,
      0.86,
      2.025,
      0.92,
      2.0875,
      0.9825,
      2.1475,
      1.0425
    ],
    "SoftwareVersion": "syngo MR B17",
    "TaskName": "motor",
    "dataset": "ds000224",
    "modality": "bold",
    "run_id": 2,
    "session_id": "func07",
    "subject_id": "MSC07",
    "task_id": "motor"
  },
  "dummy_trs": 0,
  "dvars_nstd": 17.94685183194174,
  "dvars_std": 1.1747931648543688,
  "dvars_vstd": 0.9601818841747571,
  "efc": 0.39619462755968055,
  "fber": 36664.84375,
  "fd_mean": 0.18496481667920034,
  "fd_num": 39,
  "fd_perc": 37.5,
  "fwhm_avg": 1.6960360624615314,
  "fwhm_x": 1.576335,
  "fwhm_y": 1.8642875,
  "fwhm_z": 1.6474856873845942,
  "gcor": 0.0390427,
  "gsr_x": -0.025725610554218292,
  "gsr_y": 0.01843610405921936,
  "provenance": {
    "md5sum": "3ca8e5f95e635588074c58987175af29",
    "settings": {
      "fd_thres": 0.2,
      "testing": false
    },
    "software": "mriqc",
    "version": "22.0.6",
    "webapi_port": null,
    "webapi_url": "https://mriqc.nimh.nih.gov/api/v1"
  },
  "size_t": 104,
  "size_x": 64,
  "size_y": 64,
  "size_z": 36,
  "snr": 7.534943110616386,
  "spacing_tr": 2.200000047683716,
  "spacing_x": 4.0,
  "spacing_y": 4.0,
  "spacing_z": 3.9999983310699463,
  "summary_bg_k": 30.599472951739322,
  "summary_bg_mad": 2.950948768807082,
  "summary_bg_mean": 19.508712768554688,
  "summary_bg_median": 3.79807710647583,
  "summary_bg_n": 103432.0,
  "summary_bg_p05": 1.403846263885498,
  "summary_bg_p95": 100.70625305175778,
  "summary_bg_stdv": 46.059600830078125,
  "summary_fg_k": 1.3114705101209525,
  "summary_fg_mad": 90.33177513461115,
  "summary_fg_mean": 731.2614135742188,
  "summary_fg_median": 727.28369140625,
  "summary_fg_n": 15756.0,
  "summary_fg_p05": 580.7163848876953,
  "summary_fg_p95": 884.9735717773438,
  "summary_fg_stdv": 96.51839447021484,
  "tsnr": 67.84682528744452
}