{
  "aor": 0.004722980769230769,
  "aqi": 0.006599749134615385,
  "bids_meta": {
    "BodyPartExamined": "HEAD",
    "CogAtlasID": "http://www.cognitiveatlas.org/term/id/trm_550b53d7dd674",
    "ConversionSoftware": "dcm2niix",
    "ConversionSoftwareVersion": "v1.0.20170411 GCC4.4.7",
    "EchoTime": 0.027,
    "EffectiveEchoSpacing": 0.000590001,
    "FlipAngle": 90,
    "ImageType": [
      "ORIGINAL",
      "PRIMARY",
      "M",
      "ND",
      "NORM",
      "MOSAIC"
    ],
    "Instructions": "In this next scan you'll be prompted to move your hands, feet, or tongue. You'll only move one of these at once. Instructions are presented on the screen. Let?s review them now. [Read on-screen instructions to participant.] Do you have any questions?",
    "MagneticFieldStrength": 3,
    "Manufacturer": "Siemens",
    "ManufacturersModelName": "TrioTim",
    "PhaseEncodingDirection": "j-",
    "ProcedureStepDescription": "head_Dosenbach_MSC",
    "ProtocolName": "Motor_104Frames_36Slices_TR2.2",
    "RepetitionTime": 2.2,
    "ScanningSequence": "EP",
    "SequenceName": "_epfid2d1_64",
    "SequenceVariant": "SK",
    "SeriesDescription": "Motor_104Frames_36Slices_TR2.2",
    "SliceTiming": [
      1.105,
      0,
      1.1675,
      0.0625,
      1.2275,
      0.1225,
      1.29,
      0.185,
      1.35,
      0.245,
      1.4125,
      0.3075,
      1.4725,
      0.37,
      1.535,
      0.43,
      1.595,
      0.4925,
      1.6575,
      0.5525,
      1.7175,
      0.615,
      1.78,
      0.675,
      1.84,
      0.7375,
      1.9025,
      0.7975,
      1.965,
      0.86,
      2.025,
      0.92,
      2.0875,
      0.9825,
      2.1475,
      1.0425
    ],
    "SoftwareVersion": "syngo MR B17",
    "TaskName": "motor",
    "dataset": "ds000224",
    "modality": "bold",
    "run_id": 1,
    "session_id": "func07",
    "subject_id": "MSC07",
    "task_id": "motor"
  },
  "dummy_trs": 0,
  "dvars_nstd": 18.292762821359226,
  "dvars_std": 1.2834208367961166,
  "dvars_vstd": 1.0058936037864084,
  "efc": 0.3950207732290285,
  "fber": 36762.19921875,
  "fd_mean": 0.21512737521855707,
  "fd_num": 50,
  "fd_perc": 48.07692307692308,
  "fwhm_avg": 1.6653927279143987,
  "fwhm_x": 1.5368875,
  "fwhm_y": 1.8205325,
  "fwhm_z": 1.638758183743196,
  "gcor": 0.0426669,
  "gsr_x": -0.02631247229874134,
  "gsr_y": 0.016821173951029778,
  "provenance": {
    "md5sum": "72e7a3513f7c559a83169ab76fb0fb98",
    "settings": {
      "fd_thres": 0.2,
      "testing": false
    },
    "software": "mriqc",
    "version": "22.0.6",
    "webapi_port": null,
    "webapi_url": "https://mriqc.nimh.nih.gov/api/v1"
  },
  "size_t": 104,
  "size_x": 64,
  "size_y": 64,
  "size_z": 36,
  "snr": 7.6010840738198215,
  "spacing_tr": 2.200000047683716,
  "spacing_x": 4.0,
  "spacing_y": 4.0,
  "spacing_z": 3.9999983310699463,
  "summary_bg_k": 29.902757790197832,
  "summary_bg_mad": 2.9224372556588807,
  "summary_bg_mean": 19.461397171020508,
  "summary_bg_median": 3.79807710647583,
  "summary_bg_n": 103601.0,
  "summary_bg_p05": 1.4326924085617065,
  "summary_bg_p95": 100.11538696289062,
  "summary_bg_stdv": 46.083648681640625,
  "summary_fg_k": 1.5960066916180917,
  "summary_fg_mad": 89.00603881855791,
  "summary_fg_mean": 733.4962768554688,
  "summary_fg_median": 729.4615478515625,
  "summary_fg_n": 15608.0,
  "summary_fg_p05": 586.8370483398437,
  "summary_fg_p95": 889.7673431396483,
  "summary_fg_stdv": 95.96501922607422,
  "tsnr": 79.34018016140908
}