{
  "aor": 0.0028542053789731054,
  "aqi": 0.013430979792176037,
  "bids_meta": {
    "BodyPartExamined": "HEAD",
    "CogAtlasID": "http://www.cognitiveatlas.org/term/id/trm_4c8a834779883",
    "ConversionSoftware": "dcm2niix",
    "ConversionSoftwareVersion": "v1.0.20170411 GCC4.4.7",
    "EchoTime": 0.027,
    "EffectiveEchoSpacing": 0.000590001,
    "FlipAngle": 90,
    "ImageType": [
      "ORIGINAL",
      "PRIMARY",
      "M",
      "ND",
      "NORM",
      "MOSAIC"
    ],
    "Instructions": "During this first scan, a plus sign will be presented on the screen.  All you need to do is simply relax and look at the plus sign. Please keep your eyes open the entire time, and be as still as possible. It's extremely important that you stay awake for the entire duration of this scan. This scan will last ~30 minutes.",
    "MagneticFieldStrength": 3,
    "Manufacturer": "Siemens",
    "ManufacturersModelName": "TrioTim",
    "PhaseEncodingDirection": "j-",
    "ProcedureStepDescription": "head_Dosenbach_MSC",
    "ProtocolName": "RSFC_818Frames_36Slices_TR2.2",
    "RepetitionTime": 2.2,
    "ScanningSequence": "EP",
    "SequenceName": "_epfid2d1_64",
    "SequenceVariant": "SK",
    "SeriesDescription": "RSFC_818Frames_36Slices_TR2.2",
    "SliceTiming": [
      1.105,
      0,
      1.165,
      0.06,
      1.2275,
      0.1225,
      1.2875,
      0.185,
      1.35,
      0.245,
      1.41,
      0.3075,
      1.4725,
      0.3675,
      1.5325,
      0.43,
      1.595,
      0.49,
      1.655,
      0.5525,
      1.7175,
      0.6125,
      1.78,
      0.675,
      1.84,
      0.735,
      1.9025,
      0.7975,
      1.9625,
      0.8575,
      2.025,
      0.92,
      2.085,
      0.9825,
      2.1475,
      1.0425
    ],
    "SoftwareVersion": "syngo MR B17",
    "TaskName": "rest",
    "dataset": "ds000224",
    "modality": "bold",
    "session_id": "func07",
    "subject_id": "MSC07",
    "task_id": "rest"
  },
  "dummy_trs": 0,
  "dvars_nstd": 18.39144813301101,
  "dvars_std": 1.346236028690331,
  "dvars_vstd": 0.9539724729620559,
  "efc": 0.3980875601535926,
  "fber": 30238.05859375,
  "fd_mean": 0.12175858915506813,
  "fd_num": 69,
  "fd_perc": 8.43520782396088,
  "fwhm_avg": 1.6593002266446206,
  "fwhm_x": 1.5316925,
  "fwhm_y": 1.81658,
  "fwhm_z": 1.6296281799338614,
  "gcor": 0.0259874,
  "gsr_x": -0.026743030175566673,
  "gsr_y": 0.014587453566491604,
  "provenance": {
    "md5sum": "8adecdab1e6a352fe6999fe176ee41a9",
    "settings": {
      "fd_thres": 0.2,
      "testing": false
    },
    "software": "mriqc",
    "version": "22.0.6",
    "webapi_port": null,
    "webapi_url": "https://mriqc.nimh.nih.gov/api/v1"
  },
  "size_t": 818,
  "size_x": 64,
  "size_y": 64,
  "size_z": 36,
  "snr": 7.628441077868959,
  "spacing_tr": 2.200000047683716,
  "spacing_x": 4.0,
  "spacing_y": 4.0,
  "spacing_z": 3.9999983310699463,
  "summary_bg_k": 30.989564614034748,
  "summary_bg_mad": 3.7880667947318187,
  "summary_bg_mean": 20.469758987426758,
  "summary_bg_median": 4.171149253845215,
  "summary_bg_n": 103521.0,
  "summary_bg_p05": 1.1173595190048218,
  "summary_bg_p95": 102.05257415771484,
  "summary_bg_stdv": 48.49183654785156,
  "summary_fg_k": 1.6541807592548343,
  "summary_fg_mad": 87.34666270882607,
  "summary_fg_mean": 731.5066528320312,
  "summary_fg_median": 726.4046630859375,
  "summary_fg_n": 15607.0,
  "summary_fg_p05": 588.9232360839844,
  "summary_fg_p95": 886.7956604003905,
  "summary_fg_stdv": 95.22016143798828,
  "tsnr": 59.2835529637523
}