{
  "aor": 0.00505375,
  "aqi": 0.004409605769230769,
  "bids_meta": {
    "BodyPartExamined": "HEAD",
    "CogAtlasID": "http://www.cognitiveatlas.org/term/id/trm_550b53d7dd674",
    "ConversionSoftware": "dcm2niix",
    "ConversionSoftwareVersion": "v1.0.20170411 GCC4.4.7",
    "EchoTime": 0.027,
    "EffectiveEchoSpacing": 0.000590001,
    "FlipAngle": 90,
    "ImageType": [
      "ORIGINAL",
      "PRIMARY",
      "M",
      "ND",
      "NORM",
      "MOSAIC"
    ],
    "Instructions": "In this next scan you'll be prompted to move your hands, feet, or tongue. You'll only move one of these at once. Instructions are presented on the screen. Let?s review them now. [Read on-screen instructions to participant.] Do you have any questions?",
    "MagneticFieldStrength": 3,
    "Manufacturer": "Siemens",
    "ManufacturersModelName": "TrioTim",
    "PhaseEncodingDirection": "j-",
    "ProcedureStepDescription": "head_Dosenbach_MSC",
    "ProtocolName": "Motor_104Frames_36Slices_TR2.2",
    "RepetitionTime": 2.2,
    "ScanningSequence": "EP",
    "SequenceName": "_epfid2d1_64",
    "SequenceVariant": "SK",
    "SeriesDescription": "Motor_104Frames_36Slices_TR2.2",
    "SliceTiming": [
      1.105,
      0,
      1.1675,
      0.0625,
      1.2275,
      0.1225,
      1.29,
      0.185,
      1.35,
      0.245,
      1.4125,
      0.3075,
      1.4725,
      0.37,
      1.535,
      0.43,
      1.595,
      0.4925,
      1.6575,
      0.5525,
      1.7175,
      0.615,
      1.78,
      0.675,
      1.84,
      0.7375,
      1.9025,
      0.7975,
      1.965,
      0.86,
      2.025,
      0.92,
      2.0875,
      0.9825,
      2.1475,
      1.0425
    ],
    "SoftwareVersion": "syngo MR B17",
    "TaskName": "motor",
    "dataset": "ds000224",
    "modality": "bold",
    "run_id": 2,
    "session_id": "func03",
    "subject_id": "MSC02",
    "task_id": "motor"
  },
  "dummy_trs": 0,
  "dvars_nstd": 18.835553548834955,
  "dvars_std": 1.3985348718446604,
  "dvars_vstd": 1.0349774333980584,
  "efc": 0.42367385575063604,
  "fber": 29477.25390625,
  "fd_mean": 0.11058728821888635,
  "fd_num": 11,
  "fd_perc": 10.576923076923077,
  "fwhm_avg": 1.701268205889295,
  "fwhm_x": 1.55613,
  "fwhm_y": 1.9440575,
  "fwhm_z": 1.6036171176678853,
  "gcor": 0.0268867,
  "gsr_x": -0.027857713401317596,
  "gsr_y": 0.032295264303684235,
  "provenance": {
    "md5sum": "c5d79cbeb86824f165180c8e2bf1412b",
    "settings": {
      "fd_thres": 0.2,
      "testing": false
    },
    "software": "mriqc",
    "version": "22.0.6",
    "webapi_port": null,
    "webapi_url": "https://mriqc.nimh.nih.gov/api/v1"
  },
  "size_t": 104,
  "size_x": 64,
  "size_y": 64,
  "size_z": 36,
  "snr": 7.0470416710462365,
  "spacing_tr": 2.200000047683716,
  "spacing_x": 4.0,
  "spacing_y": 4.0,
  "spacing_z": 4.000000953674316,
  "summary_bg_k": 21.56536972970897,
  "summary_bg_mad": 3.1220180244362457,
  "summary_bg_mean": 23.337783813476562,
  "summary_bg_median": 4.134615421295166,
  "summary_bg_n": 100932.0,
  "summary_bg_p05": 1.5576924085617065,
  "summary_bg_p95": 121.85481262207026,
  "summary_bg_stdv": 50.52182388305664,
  "summary_fg_k": 2.867572149632209,
  "summary_fg_mad": 89.51210894227572,
  "summary_fg_mean": 718.8177490234375,
  "summary_fg_median": 713.125,
  "summary_fg_n": 17831.0,
  "summary_fg_p05": 574.2932739257812,
  "summary_fg_p95": 881.1442565917969,
  "summary_fg_stdv": 101.19210815429688,
  "tsnr": 97.11141672218218
}