{
  "aor": 0.005937102689486552,
  "aqi": 0.013084691430317848,
  "bids_meta": {
    "BodyPartExamined": "HEAD",
    "CogAtlasID": "http://www.cognitiveatlas.org/term/id/trm_4c8a834779883",
    "ConversionSoftware": "dcm2niix",
    "ConversionSoftwareVersion": "v1.0.20170411 GCC4.4.7",
    "EchoTime": 0.027,
    "EffectiveEchoSpacing": 0.000590001,
    "FlipAngle": 90,
    "ImageType": [
      "ORIGINAL",
      "PRIMARY",
      "M",
      "ND",
      "NORM",
      "MOSAIC"
    ],
    "Instructions": "During this first scan, a plus sign will be presented on the screen.  All you need to do is simply relax and look at the plus sign. Please keep your eyes open the entire time, and be as still as possible. It's extremely important that you stay awake for the entire duration of this scan. This scan will last ~30 minutes.",
    "MagneticFieldStrength": 3,
    "Manufacturer": "Siemens",
    "ManufacturersModelName": "TrioTim",
    "PhaseEncodingDirection": "j-",
    "ProcedureStepDescription": "head_Dosenbach_MSC",
    "ProtocolName": "RSFC_818Frames_36Slices_TR2.2",
    "RepetitionTime": 2.2,
    "ScanningSequence": "EP",
    "SequenceName": "_epfid2d1_64",
    "SequenceVariant": "SK",
    "SeriesDescription": "RSFC_818Frames_36Slices_TR2.2",
    "SliceTiming": [
      1.105,
      0,
      1.165,
      0.06,
      1.2275,
      0.1225,
      1.2875,
      0.185,
      1.35,
      0.245,
      1.41,
      0.3075,
      1.4725,
      0.3675,
      1.5325,
      0.43,
      1.595,
      0.49,
      1.655,
      0.5525,
      1.7175,
      0.6125,
      1.78,
      0.675,
      1.84,
      0.735,
      1.9025,
      0.7975,
      1.9625,
      0.8575,
      2.025,
      0.92,
      2.085,
      0.9825,
      2.1475,
      1.0425
    ],
    "SoftwareVersion": "syngo MR B17",
    "TaskName": "rest",
    "dataset": "ds000224",
    "modality": "bold",
    "session_id": "func03",
    "subject_id": "MSC02",
    "task_id": "rest"
  },
  "dummy_trs": 0,
  "dvars_nstd": 17.709289488996294,
  "dvars_std": 1.3393833282007341,
  "dvars_vstd": 1.0608598477233793,
  "efc": 0.42308039782362333,
  "fber": 30008.83984375,
  "fd_mean": 0.0905683657658306,
  "fd_num": 32,
  "fd_perc": 3.9119804400977993,
  "fwhm_avg": 1.7414572445437537,
  "fwhm_x": 1.61655,
  "fwhm_y": 2.00063,
  "fwhm_z": 1.607191733631261,
  "gcor": 0.0376186,
  "gsr_x": -0.02680245228111744,
  "gsr_y": 0.030944766476750374,
  "provenance": {
    "md5sum": "0a4428d50cd42637772d28c240340189",
    "settings": {
      "fd_thres": 0.2,
      "testing": false
    },
    "software": "mriqc",
    "version": "22.0.6",
    "webapi_port": null,
    "webapi_url": "https://mriqc.nimh.nih.gov/api/v1"
  },
  "size_t": 818,
  "size_x": 64,
  "size_y": 64,
  "size_z": 36,
  "snr": 6.907368070236085,
  "spacing_tr": 2.200000047683716,
  "spacing_x": 4.0,
  "spacing_y": 4.0,
  "spacing_z": 4.000001907348633,
  "summary_bg_k": 22.15225100962982,
  "summary_bg_mad": 3.146451793292979,
  "summary_bg_mean": 22.053194046020508,
  "summary_bg_median": 3.9865527153015137,
  "summary_bg_n": 100745.0,
  "summary_bg_p05": 1.4828851222991943,
  "summary_bg_p95": 114.55770416259746,
  "summary_bg_stdv": 47.539344787597656,
  "summary_fg_k": 2.5249766787740713,
  "summary_fg_mad": 88.54467117872326,
  "summary_fg_mean": 695.2317504882812,
  "summary_fg_median": 690.2127685546875,
  "summary_fg_n": 17941.0,
  "summary_fg_p05": 549.1773071289062,
  "summary_fg_p95": 856.5049438476562,
  "summary_fg_stdv": 99.92134857177734,
  "tsnr": 58.238821665756404
}