{
  "aor": 0.0035132692307692313,
  "aqi": 0.003567032211538461,
  "bids_meta": {
    "BodyPartExamined": "HEAD",
    "CogAtlasID": "http://www.cognitiveatlas.org/term/id/trm_550b53d7dd674",
    "ConversionSoftware": "dcm2niix",
    "ConversionSoftwareVersion": "v1.0.20170411 GCC4.4.7",
    "EchoTime": 0.027,
    "EffectiveEchoSpacing": 0.000590001,
    "FlipAngle": 90,
    "ImageType": [
      "ORIGINAL",
      "PRIMARY",
      "M",
      "ND",
      "NORM",
      "MOSAIC"
    ],
    "Instructions": "In this next scan you'll be prompted to move your hands, feet, or tongue. You'll only move one of these at once. Instructions are presented on the screen. Let?s review them now. [Read on-screen instructions to participant.] Do you have any questions?",
    "MagneticFieldStrength": 3,
    "Manufacturer": "Siemens",
    "ManufacturersModelName": "TrioTim",
    "PhaseEncodingDirection": "j-",
    "ProcedureStepDescription": "head_Dosenbach_MSC",
    "ProtocolName": "Motor_104Frames_36Slices_TR2.2",
    "RepetitionTime": 2.2,
    "ScanningSequence": "EP",
    "SequenceName": "_epfid2d1_64",
    "SequenceVariant": "SK",
    "SeriesDescription": "Motor_104Frames_36Slices_TR2.2",
    "SliceTiming": [
      1.105,
      0,
      1.1675,
      0.0625,
      1.2275,
      0.1225,
      1.29,
      0.185,
      1.35,
      0.245,
      1.4125,
      0.3075,
      1.4725,
      0.37,
      1.535,
      0.43,
      1.595,
      0.4925,
      1.6575,
      0.5525,
      1.7175,
      0.615,
      1.78,
      0.675,
      1.84,
      0.7375,
      1.9025,
      0.7975,
      1.965,
      0.86,
      2.025,
      0.92,
      2.0875,
      0.9825,
      2.1475,
      1.0425
    ],
    "SoftwareVersion": "syngo MR B17",
    "TaskName": "motor",
    "dataset": "ds000224",
    "modality": "bold",
    "run_id": 1,
    "session_id": "func03",
    "subject_id": "MSC02",
    "task_id": "motor"
  },
  "dummy_trs": 0,
  "dvars_nstd": 18.1652359084466,
  "dvars_std": 1.350771331262136,
  "dvars_vstd": 1.0135679503883497,
  "efc": 0.41811581696106964,
  "fber": 32802.57421875,
  "fd_mean": 0.09463587598131265,
  "fd_num": 5,
  "fd_perc": 4.8076923076923075,
  "fwhm_avg": 1.7393772383603707,
  "fwhm_x": 1.5935975,
  "fwhm_y": 1.97844,
  "fwhm_z": 1.6460942150811124,
  "gcor": 0.0474363,
  "gsr_x": -0.02487403340637684,
  "gsr_y": 0.0328102633357048,
  "provenance": {
    "md5sum": "12ebe31444b2931fb5b047caebf046f8",
    "settings": {
      "fd_thres": 0.2,
      "testing": false
    },
    "software": "mriqc",
    "version": "22.0.6",
    "webapi_port": null,
    "webapi_url": "https://mriqc.nimh.nih.gov/api/v1"
  },
  "size_t": 104,
  "size_x": 64,
  "size_y": 64,
  "size_z": 36,
  "snr": 6.877452884047573,
  "spacing_tr": 2.200000047683716,
  "spacing_x": 4.0,
  "spacing_y": 4.0,
  "spacing_z": 4.000001907348633,
  "summary_bg_k": 22.618203964895347,
  "summary_bg_mad": 2.779879336437961,
  "summary_bg_mean": 21.389467239379883,
  "summary_bg_median": 3.79807710647583,
  "summary_bg_n": 101284.0,
  "summary_bg_p05": 1.5,
  "summary_bg_p95": 113.35288887023908,
  "summary_bg_stdv": 47.31355667114258,
  "summary_fg_k": 2.8691603539394874,
  "summary_fg_mad": 88.44286896340229,
  "summary_fg_mean": 700.11474609375,
  "summary_fg_median": 694.3557739257812,
  "summary_fg_n": 17688.0,
  "summary_fg_p05": 552.0846557617188,
  "summary_fg_p95": 860.7067718505857,
  "summary_fg_stdv": 100.95832824707031,
  "tsnr": 102.75015116203576
}