{
  "aor": 0.0021315533980582517,
  "aqi": 0.0030995627184466023,
  "bids_meta": {
    "BodyPartExamined": "HEAD",
    "CogAtlasID": "http://www.cognitiveatlas.org/term/id/trm_550b53d7dd674",
    "ConversionSoftware": "dcm2niix",
    "ConversionSoftwareVersion": "v1.0.20170411 GCC4.4.7",
    "EchoTime": 0.027,
    "EffectiveEchoSpacing": 0.000590001,
    "FlipAngle": 90,
    "ImageType": [
      "ORIGINAL",
      "PRIMARY",
      "M",
      "ND",
      "NORM",
      "MOSAIC"
    ],
    "Instructions": "In this next scan you'll be prompted to move your hands, feet, or tongue. You'll only move one of these at once. Instructions are presented on the screen. Let?s review them now. [Read on-screen instructions to participant.] Do you have any questions?",
    "MagneticFieldStrength": 3,
    "Manufacturer": "Siemens",
    "ManufacturersModelName": "TrioTim",
    "PhaseEncodingDirection": "j-",
    "ProcedureStepDescription": "head_Dosenbach_MSC",
    "ProtocolName": "Motor_104Frames_36Slices_TR2.2",
    "RepetitionTime": 2.2,
    "ScanningSequence": "EP",
    "SequenceName": "_epfid2d1_64",
    "SequenceVariant": "SK",
    "SeriesDescription": "Motor_104Frames_36Slices_TR2.2",
    "SliceTiming": [
      1.105,
      0,
      1.1675,
      0.0625,
      1.2275,
      0.1225,
      1.29,
      0.185,
      1.35,
      0.245,
      1.4125,
      0.3075,
      1.4725,
      0.37,
      1.535,
      0.43,
      1.595,
      0.4925,
      1.6575,
      0.5525,
      1.7175,
      0.615,
      1.78,
      0.675,
      1.84,
      0.7375,
      1.9025,
      0.7975,
      1.965,
      0.86,
      2.025,
      0.92,
      2.0875,
      0.9825,
      2.1475,
      1.0425
    ],
    "SoftwareVersion": "syngo MR B17",
    "TaskName": "motor",
    "dataset": "ds000224",
    "modality": "bold",
    "run_id": 2,
    "session_id": "func08",
    "subject_id": "MSC04",
    "task_id": "motor"
  },
  "dummy_trs": 1,
  "dvars_nstd": 13.83588630098039,
  "dvars_std": 1.2366326020588239,
  "dvars_vstd": 1.0075792094117642,
  "efc": 0.37156289159616185,
  "fber": 48042.78515625,
  "fd_mean": 0.10397545052593948,
  "fd_num": 7,
  "fd_perc": 6.796116504854369,
  "fwhm_avg": 1.802154440158736,
  "fwhm_x": 1.677205,
  "fwhm_y": 2.008595,
  "fwhm_z": 1.7206633204762078,
  "gcor": 0.0664497,
  "gsr_x": -0.029192229732871056,
  "gsr_y": 0.010544679127633572,
  "provenance": {
    "md5sum": "3116cda6b2208a87ac0dbc3f7d616729",
    "settings": {
      "fd_thres": 0.2,
      "testing": false
    },
    "software": "mriqc",
    "version": "22.0.6",
    "webapi_port": null,
    "webapi_url": "https://mriqc.nimh.nih.gov/api/v1"
  },
  "size_t": 103,
  "size_x": 64,
  "size_y": 64,
  "size_z": 36,
  "snr": 7.849415037623447,
  "spacing_tr": 2.200000047683716,
  "spacing_x": 4.0,
  "spacing_y": 4.0,
  "spacing_z": 3.999998092651367,
  "summary_bg_k": 42.33781736087833,
  "summary_bg_mad": 2.3606480930485554,
  "summary_bg_mean": 17.812416076660156,
  "summary_bg_median": 3.6116504669189453,
  "summary_bg_n": 105959.0,
  "summary_bg_p05": 1.5922330617904663,
  "summary_bg_p95": 85.44757308959953,
  "summary_bg_stdv": 47.3636589050293,
  "summary_fg_k": 2.3723229922057616,
  "summary_fg_mad": 88.04932422168594,
  "summary_fg_mean": 794.0126953125,
  "summary_fg_median": 799.0,
  "summary_fg_n": 13835.0,
  "summary_fg_p05": 622.291259765625,
  "summary_fg_p95": 944.5058532714843,
  "summary_fg_stdv": 101.78734588623047,
  "tsnr": 118.71448215935379
}