{
  "aor": 0.00045557457212713943,
  "aqi": 0.005580755403422982,
  "bids_meta": {
    "BodyPartExamined": "HEAD",
    "CogAtlasID": "http://www.cognitiveatlas.org/term/id/trm_4c8a834779883",
    "ConversionSoftware": "dcm2niix",
    "ConversionSoftwareVersion": "v1.0.20170411 GCC4.4.7",
    "EchoTime": 0.027,
    "EffectiveEchoSpacing": 0.000590001,
    "FlipAngle": 90,
    "ImageType": [
      "ORIGINAL",
      "PRIMARY",
      "M",
      "ND",
      "NORM",
      "MOSAIC"
    ],
    "Instructions": "During this first scan, a plus sign will be presented on the screen.  All you need to do is simply relax and look at the plus sign. Please keep your eyes open the entire time, and be as still as possible. It's extremely important that you stay awake for the entire duration of this scan. This scan will last ~30 minutes.",
    "MagneticFieldStrength": 3,
    "Manufacturer": "Siemens",
    "ManufacturersModelName": "TrioTim",
    "PhaseEncodingDirection": "j-",
    "ProcedureStepDescription": "head_Dosenbach_MSC",
    "ProtocolName": "RSFC_818Frames_36Slices_TR2.2",
    "RepetitionTime": 2.2,
    "ScanningSequence": "EP",
    "SequenceName": "_epfid2d1_64",
    "SequenceVariant": "SK",
    "SeriesDescription": "RSFC_818Frames_36Slices_TR2.2",
    "SliceTiming": [
      1.105,
      0,
      1.165,
      0.06,
      1.2275,
      0.1225,
      1.2875,
      0.185,
      1.35,
      0.245,
      1.41,
      0.3075,
      1.4725,
      0.3675,
      1.5325,
      0.43,
      1.595,
      0.49,
      1.655,
      0.5525,
      1.7175,
      0.6125,
      1.78,
      0.675,
      1.84,
      0.735,
      1.9025,
      0.7975,
      1.9625,
      0.8575,
      2.025,
      0.92,
      2.085,
      0.9825,
      2.1475,
      1.0425
    ],
    "SoftwareVersion": "syngo MR B17",
    "TaskName": "rest",
    "dataset": "ds000224",
    "modality": "bold",
    "session_id": "func08",
    "subject_id": "MSC04",
    "task_id": "rest"
  },
  "dummy_trs": 0,
  "dvars_nstd": 15.444944709706219,
  "dvars_std": 1.2532788051407582,
  "dvars_vstd": 0.9426036860342725,
  "efc": 0.3700922815913217,
  "fber": 49347.84375,
  "fd_mean": 0.08576184774334875,
  "fd_num": 36,
  "fd_perc": 4.400977995110025,
  "fwhm_avg": 1.7849027349944897,
  "fwhm_x": 1.65262,
  "fwhm_y": 2.0124225,
  "fwhm_z": 1.689665704983469,
  "gcor": 0.0995138,
  "gsr_x": -0.029000485315918922,
  "gsr_y": 0.008925414644181728,
  "provenance": {
    "md5sum": "d16ca02d1e8fc641e5c3699b41e4bd5a",
    "settings": {
      "fd_thres": 0.2,
      "testing": false
    },
    "software": "mriqc",
    "version": "22.0.6",
    "webapi_port": null,
    "webapi_url": "https://mriqc.nimh.nih.gov/api/v1"
  },
  "size_t": 818,
  "size_x": 64,
  "size_y": 64,
  "size_z": 36,
  "snr": 7.961576853548398,
  "spacing_tr": 2.200000047683716,
  "spacing_x": 4.0,
  "spacing_y": 4.0,
  "spacing_z": 3.9999983310699463,
  "summary_bg_k": 44.78372548043412,
  "summary_bg_mad": 2.465868547510873,
  "summary_bg_mean": 17.4702091217041,
  "summary_bg_median": 3.5599024295806885,
  "summary_bg_n": 106052.0,
  "summary_bg_p05": 1.3777506351470947,
  "summary_bg_p95": 82.41173896789549,
  "summary_bg_stdv": 47.59569549560547,
  "summary_fg_k": 1.889280536806198,
  "summary_fg_mad": 87.48438979479809,
  "summary_fg_mean": 793.1947021484375,
  "summary_fg_median": 797.799560546875,
  "summary_fg_n": 13673.0,
  "summary_fg_p05": 625.482421875,
  "summary_fg_p95": 944.0186279296875,
  "summary_fg_stdv": 100.20256042480469,
  "tsnr": 84.37024803785607
}