{
  "aor": 0.002070865384615385,
  "aqi": 0.0035573335576923075,
  "bids_meta": {
    "BodyPartExamined": "HEAD",
    "CogAtlasID": "http://www.cognitiveatlas.org/term/id/trm_550b53d7dd674",
    "ConversionSoftware": "dcm2niix",
    "ConversionSoftwareVersion": "v1.0.20170411 GCC4.4.7",
    "EchoTime": 0.027,
    "EffectiveEchoSpacing": 0.000590001,
    "FlipAngle": 90,
    "ImageType": [
      "ORIGINAL",
      "PRIMARY",
      "M",
      "ND",
      "NORM",
      "MOSAIC"
    ],
    "Instructions": "In this next scan you'll be prompted to move your hands, feet, or tongue. You'll only move one of these at once. Instructions are presented on the screen. Let?s review them now. [Read on-screen instructions to participant.] Do you have any questions?",
    "MagneticFieldStrength": 3,
    "Manufacturer": "Siemens",
    "ManufacturersModelName": "TrioTim",
    "PhaseEncodingDirection": "j-",
    "ProcedureStepDescription": "head_Dosenbach_MSC",
    "ProtocolName": "Motor_104Frames_36Slices_TR2.2",
    "RepetitionTime": 2.2,
    "ScanningSequence": "EP",
    "SequenceName": "_epfid2d1_64",
    "SequenceVariant": "SK",
    "SeriesDescription": "Motor_104Frames_36Slices_TR2.2",
    "SliceTiming": [
      1.105,
      0,
      1.1675,
      0.0625,
      1.2275,
      0.1225,
      1.29,
      0.185,
      1.35,
      0.245,
      1.4125,
      0.3075,
      1.4725,
      0.37,
      1.535,
      0.43,
      1.595,
      0.4925,
      1.6575,
      0.5525,
      1.7175,
      0.615,
      1.78,
      0.675,
      1.84,
      0.7375,
      1.9025,
      0.7975,
      1.965,
      0.86,
      2.025,
      0.92,
      2.0875,
      0.9825,
      2.1475,
      1.0425
    ],
    "SoftwareVersion": "syngo MR B17",
    "TaskName": "motor",
    "dataset": "ds000224",
    "modality": "bold",
    "run_id": 1,
    "session_id": "func08",
    "subject_id": "MSC04",
    "task_id": "motor"
  },
  "dummy_trs": 0,
  "dvars_nstd": 13.50151148126214,
  "dvars_std": 1.192725521553398,
  "dvars_vstd": 0.9775490979611652,
  "efc": 0.3708346782797451,
  "fber": 47297.45703125,
  "fd_mean": 0.09201566812700844,
  "fd_num": 2,
  "fd_perc": 1.9230769230769231,
  "fwhm_avg": 1.7989961041912734,
  "fwhm_x": 1.651415,
  "fwhm_y": 2.0414825,
  "fwhm_z": 1.7040908125738206,
  "gcor": 0.0363155,
  "gsr_x": -0.029190655797719955,
  "gsr_y": 0.009949039667844772,
  "provenance": {
    "md5sum": "4206c09c367e2f57807e88001e82e770",
    "settings": {
      "fd_thres": 0.2,
      "testing": false
    },
    "software": "mriqc",
    "version": "22.0.6",
    "webapi_port": null,
    "webapi_url": "https://mriqc.nimh.nih.gov/api/v1"
  },
  "size_t": 104,
  "size_x": 64,
  "size_y": 64,
  "size_z": 36,
  "snr": 7.902609936581006,
  "spacing_tr": 2.200000047683716,
  "spacing_x": 4.0,
  "spacing_y": 4.0,
  "spacing_z": 3.999998092651367,
  "summary_bg_k": 43.17213576106803,
  "summary_bg_mad": 2.3949731136074384,
  "summary_bg_mean": 17.56932830810547,
  "summary_bg_median": 3.615384817123413,
  "summary_bg_n": 106098.0,
  "summary_bg_p05": 1.567307710647583,
  "summary_bg_p95": 84.19231414794922,
  "summary_bg_stdv": 46.564632415771484,
  "summary_fg_k": 2.39556555460394,
  "summary_fg_mad": 86.60391374584427,
  "summary_fg_mean": 789.3124389648438,
  "summary_fg_median": 794.0721435546875,
  "summary_fg_n": 13708.0,
  "summary_fg_p05": 619.9091583251953,
  "summary_fg_p95": 938.5000610351562,
  "summary_fg_stdv": 100.47859954833984,
  "tsnr": 111.07642051018775
}