{
  "aor": 0.001684235006119951,
  "aqi": 0.030534635128518974,
  "bids_meta": {
    "BodyPartExamined": "HEAD",
    "CogAtlasID": "http://www.cognitiveatlas.org/term/id/trm_4c8a834779883",
    "ConversionSoftware": "dcm2niix",
    "ConversionSoftwareVersion": "v1.0.20170411 GCC4.4.7",
    "EchoTime": 0.027,
    "EffectiveEchoSpacing": 0.000590001,
    "FlipAngle": 90,
    "ImageType": [
      "ORIGINAL",
      "PRIMARY",
      "M",
      "ND",
      "NORM",
      "MOSAIC"
    ],
    "Instructions": "During this first scan, a plus sign will be presented on the screen.  All you need to do is simply relax and look at the plus sign. Please keep your eyes open the entire time, and be as still as possible. It's extremely important that you stay awake for the entire duration of this scan. This scan will last ~30 minutes.",
    "MagneticFieldStrength": 3,
    "Manufacturer": "Siemens",
    "ManufacturersModelName": "TrioTim",
    "PhaseEncodingDirection": "j-",
    "ProcedureStepDescription": "head_Dosenbach_MSC",
    "ProtocolName": "RSFC_818Frames_36Slices_TR2.2",
    "RepetitionTime": 2.2,
    "ScanningSequence": "EP",
    "SequenceName": "_epfid2d1_64",
    "SequenceVariant": "SK",
    "SeriesDescription": "RSFC_818Frames_36Slices_TR2.2",
    "SliceTiming": [
      1.105,
      0,
      1.165,
      0.06,
      1.2275,
      0.1225,
      1.2875,
      0.185,
      1.35,
      0.245,
      1.41,
      0.3075,
      1.4725,
      0.3675,
      1.5325,
      0.43,
      1.595,
      0.49,
      1.655,
      0.5525,
      1.7175,
      0.6125,
      1.78,
      0.675,
      1.84,
      0.735,
      1.9025,
      0.7975,
      1.9625,
      0.8575,
      2.025,
      0.92,
      2.085,
      0.9825,
      2.1475,
      1.0425
    ],
    "SoftwareVersion": "syngo MR B17",
    "TaskName": "rest",
    "dataset": "ds000224",
    "modality": "bold",
    "session_id": "func03",
    "subject_id": "MSC08",
    "task_id": "rest"
  },
  "dummy_trs": 1,
  "dvars_nstd": 22.357542675980415,
  "dvars_std": 1.0380816185416664,
  "dvars_vstd": 0.8707380721446083,
  "efc": 0.38816032159757086,
  "fber": 33682.921875,
  "fd_mean": 0.28868328940024307,
  "fd_num": 469,
  "fd_perc": 57.40514075887393,
  "fwhm_avg": 1.7398310338911138,
  "fwhm_x": 1.6316775,
  "fwhm_y": 1.905415,
  "fwhm_z": 1.6824006016733413,
  "gcor": 0.0408797,
  "gsr_x": -0.019597364589571953,
  "gsr_y": 0.012934445403516293,
  "provenance": {
    "md5sum": "6b4950b2f1667fa77871659bce298bfd",
    "settings": {
      "fd_thres": 0.2,
      "testing": false
    },
    "software": "mriqc",
    "version": "22.0.6",
    "webapi_port": null,
    "webapi_url": "https://mriqc.nimh.nih.gov/api/v1"
  },
  "size_t": 817,
  "size_x": 64,
  "size_y": 64,
  "size_z": 36,
  "snr": 8.686663186751678,
  "spacing_tr": 2.200000047683716,
  "spacing_x": 4.0,
  "spacing_y": 4.0,
  "spacing_z": 3.9999985694885254,
  "summary_bg_k": 54.552385300301694,
  "summary_bg_mad": 2.5968221629949237,
  "summary_bg_mean": 13.471673011779785,
  "summary_bg_median": 3.1211750507354736,
  "summary_bg_n": 104233.0,
  "summary_bg_p05": 1.117503046989441,
  "summary_bg_p95": 65.26242218017573,
  "summary_bg_stdv": 30.591510772705078,
  "summary_fg_k": 2.2123727995100824,
  "summary_fg_mad": 58.22254200465407,
  "summary_fg_mean": 567.6666259765625,
  "summary_fg_median": 567.4896240234375,
  "summary_fg_n": 15095.0,
  "summary_fg_p05": 463.8041687011719,
  "summary_fg_p95": 670.9008544921875,
  "summary_fg_stdv": 65.32667541503906,
  "tsnr": 40.08023556880653
}