{
  "aor": 0.004557596153846154,
  "aqi": 0.006451488846153847,
  "bids_meta": {
    "BodyPartExamined": "HEAD",
    "CogAtlasID": "http://www.cognitiveatlas.org/term/id/trm_550b53d7dd674",
    "ConversionSoftware": "dcm2niix",
    "ConversionSoftwareVersion": "v1.0.20170411 GCC4.4.7",
    "EchoTime": 0.027,
    "EffectiveEchoSpacing": 0.000590001,
    "FlipAngle": 90,
    "ImageType": [
      "ORIGINAL",
      "PRIMARY",
      "M",
      "ND",
      "NORM",
      "MOSAIC"
    ],
    "Instructions": "In this next scan you'll be prompted to move your hands, feet, or tongue. You'll only move one of these at once. Instructions are presented on the screen. Let?s review them now. [Read on-screen instructions to participant.] Do you have any questions?",
    "MagneticFieldStrength": 3,
    "Manufacturer": "Siemens",
    "ManufacturersModelName": "TrioTim",
    "PhaseEncodingDirection": "j-",
    "ProcedureStepDescription": "head_Dosenbach_MSC",
    "ProtocolName": "Motor_104Frames_36Slices_TR2.2",
    "RepetitionTime": 2.2,
    "ScanningSequence": "EP",
    "SequenceName": "_epfid2d1_64",
    "SequenceVariant": "SK",
    "SeriesDescription": "Motor_104Frames_36Slices_TR2.2",
    "SliceTiming": [
      1.105,
      0,
      1.1675,
      0.0625,
      1.2275,
      0.1225,
      1.29,
      0.185,
      1.35,
      0.245,
      1.4125,
      0.3075,
      1.4725,
      0.37,
      1.535,
      0.43,
      1.595,
      0.4925,
      1.6575,
      0.5525,
      1.7175,
      0.615,
      1.78,
      0.675,
      1.84,
      0.7375,
      1.9025,
      0.7975,
      1.965,
      0.86,
      2.025,
      0.92,
      2.0875,
      0.9825,
      2.1475,
      1.0425
    ],
    "SoftwareVersion": "syngo MR B17",
    "TaskName": "motor",
    "dataset": "ds000224",
    "modality": "bold",
    "run_id": 2,
    "session_id": "func01",
    "subject_id": "MSC06",
    "task_id": "motor"
  },
  "dummy_trs": 0,
  "dvars_nstd": 21.636210848834956,
  "dvars_std": 1.4569203266990294,
  "dvars_vstd": 1.0027350030097086,
  "efc": 0.40375025139423626,
  "fber": 34168.53515625,
  "fd_mean": 0.16618777501044302,
  "fd_num": 32,
  "fd_perc": 30.76923076923077,
  "fwhm_avg": 1.7110122981790428,
  "fwhm_x": 1.5750975,
  "fwhm_y": 1.8649425,
  "fwhm_z": 1.692996894537129,
  "gcor": 0.0344783,
  "gsr_x": -0.023586127907037735,
  "gsr_y": 0.01881924830377102,
  "provenance": {
    "md5sum": "54ad76b8232cd158167616eadf00bbb0",
    "settings": {
      "fd_thres": 0.2,
      "testing": false
    },
    "software": "mriqc",
    "version": "22.0.6",
    "webapi_port": null,
    "webapi_url": "https://mriqc.nimh.nih.gov/api/v1"
  },
  "size_t": 104,
  "size_x": 64,
  "size_y": 64,
  "size_z": 36,
  "snr": 7.7932539998518635,
  "spacing_tr": 2.200000047683716,
  "spacing_x": 4.0,
  "spacing_y": 4.0,
  "spacing_z": 4.000001430511475,
  "summary_bg_k": 41.91256185655873,
  "summary_bg_mad": 3.093506511288045,
  "summary_bg_mean": 18.583650588989258,
  "summary_bg_median": 3.826923131942749,
  "summary_bg_n": 102336.0,
  "summary_bg_p05": 1.336538553237915,
  "summary_bg_p95": 87.43269348144531,
  "summary_bg_stdv": 43.613887786865234,
  "summary_fg_k": 1.6086653288863335,
  "summary_fg_mad": 86.5682603477674,
  "summary_fg_mean": 715.2363891601562,
  "summary_fg_median": 711.4471435546875,
  "summary_fg_n": 16644.0,
  "summary_fg_p05": 577.6197387695313,
  "summary_fg_p95": 861.8115539550781,
  "summary_fg_stdv": 91.28738403320312,
  "tsnr": 85.45071882661432
}