{
  "aor": 0.0011142665036674817,
  "aqi": 0.008338640672371637,
  "bids_meta": {
    "BodyPartExamined": "HEAD",
    "CogAtlasID": "http://www.cognitiveatlas.org/term/id/trm_4c8a834779883",
    "ConversionSoftware": "dcm2niix",
    "ConversionSoftwareVersion": "v1.0.20170411 GCC4.4.7",
    "EchoTime": 0.027,
    "EffectiveEchoSpacing": 0.000590001,
    "FlipAngle": 90,
    "ImageType": [
      "ORIGINAL",
      "PRIMARY",
      "M",
      "ND",
      "NORM",
      "MOSAIC"
    ],
    "Instructions": "During this first scan, a plus sign will be presented on the screen.  All you need to do is simply relax and look at the plus sign. Please keep your eyes open the entire time, and be as still as possible. It's extremely important that you stay awake for the entire duration of this scan. This scan will last ~30 minutes.",
    "MagneticFieldStrength": 3,
    "Manufacturer": "Siemens",
    "ManufacturersModelName": "TrioTim",
    "PhaseEncodingDirection": "j-",
    "ProcedureStepDescription": "head_Dosenbach_MSC",
    "ProtocolName": "RSFC_818Frames_36Slices_TR2.2",
    "RepetitionTime": 2.2,
    "ScanningSequence": "EP",
    "SequenceName": "_epfid2d1_64",
    "SequenceVariant": "SK",
    "SeriesDescription": "RSFC_818Frames_36Slices_TR2.2",
    "SliceTiming": [
      1.105,
      0,
      1.165,
      0.06,
      1.2275,
      0.1225,
      1.2875,
      0.185,
      1.35,
      0.245,
      1.41,
      0.3075,
      1.4725,
      0.3675,
      1.5325,
      0.43,
      1.595,
      0.49,
      1.655,
      0.5525,
      1.7175,
      0.6125,
      1.78,
      0.675,
      1.84,
      0.735,
      1.9025,
      0.7975,
      1.9625,
      0.8575,
      2.025,
      0.92,
      2.085,
      0.9825,
      2.1475,
      1.0425
    ],
    "SoftwareVersion": "syngo MR B17",
    "TaskName": "rest",
    "dataset": "ds000224",
    "modality": "bold",
    "session_id": "func09",
    "subject_id": "MSC02",
    "task_id": "rest"
  },
  "dummy_trs": 0,
  "dvars_nstd": 18.97148668445531,
  "dvars_std": 1.3588170054589974,
  "dvars_vstd": 0.9634555245654829,
  "efc": 0.42952742152303025,
  "fber": 27375.025390625,
  "fd_mean": 0.10874663194675568,
  "fd_num": 53,
  "fd_perc": 6.47921760391198,
  "fwhm_avg": 1.7040085239040537,
  "fwhm_x": 1.56444,
  "fwhm_y": 1.9489625,
  "fwhm_z": 1.598623071712162,
  "gcor": 0.0215855,
  "gsr_x": -0.026864703744649887,
  "gsr_y": 0.033899951726198196,
  "provenance": {
    "md5sum": "87ed3af23e5065198f07c49d352ab27c",
    "settings": {
      "fd_thres": 0.2,
      "testing": false
    },
    "software": "mriqc",
    "version": "22.0.6",
    "webapi_port": null,
    "webapi_url": "https://mriqc.nimh.nih.gov/api/v1"
  },
  "size_t": 818,
  "size_x": 64,
  "size_y": 64,
  "size_z": 36,
  "snr": 7.134393535965919,
  "spacing_tr": 2.200000047683716,
  "spacing_x": 4.0,
  "spacing_y": 4.0,
  "spacing_z": 3.9999985694885254,
  "summary_bg_k": 22.039741295307106,
  "summary_bg_mad": 3.3313240860959925,
  "summary_bg_mean": 23.50098991394043,
  "summary_bg_median": 4.1112470626831055,
  "summary_bg_n": 100342.0,
  "summary_bg_p05": 1.4034230709075928,
  "summary_bg_p95": 122.25764427185057,
  "summary_bg_stdv": 51.47539138793945,
  "summary_fg_k": 2.77153550735402,
  "summary_fg_mad": 85.5251722268742,
  "summary_fg_mean": 689.090087890625,
  "summary_fg_median": 684.0562744140625,
  "summary_fg_n": 18187.0,
  "summary_fg_p05": 548.1017395019531,
  "summary_fg_p95": 840.1886596679688,
  "summary_fg_stdv": 95.87885284423828,
  "tsnr": 74.47480265283957
}