{
  "aor": 0.001513076923076923,
  "aqi": 0.005940361538461539,
  "bids_meta": {
    "BodyPartExamined": "HEAD",
    "CogAtlasID": "http://www.cognitiveatlas.org/term/id/trm_550b53d7dd674",
    "ConversionSoftware": "dcm2niix",
    "ConversionSoftwareVersion": "v1.0.20170411 GCC4.4.7",
    "EchoTime": 0.027,
    "EffectiveEchoSpacing": 0.000590001,
    "FlipAngle": 90,
    "ImageType": [
      "ORIGINAL",
      "PRIMARY",
      "M",
      "ND",
      "NORM",
      "MOSAIC"
    ],
    "Instructions": "In this next scan you'll be prompted to move your hands, feet, or tongue. You'll only move one of these at once. Instructions are presented on the screen. Let?s review them now. [Read on-screen instructions to participant.] Do you have any questions?",
    "MagneticFieldStrength": 3,
    "Manufacturer": "Siemens",
    "ManufacturersModelName": "TrioTim",
    "PhaseEncodingDirection": "j-",
    "ProcedureStepDescription": "head_Dosenbach_MSC",
    "ProtocolName": "Motor_104Frames_36Slices_TR2.2",
    "RepetitionTime": 2.2,
    "ScanningSequence": "EP",
    "SequenceName": "_epfid2d1_64",
    "SequenceVariant": "SK",
    "SeriesDescription": "Motor_104Frames_36Slices_TR2.2",
    "SliceTiming": [
      1.105,
      0,
      1.1675,
      0.0625,
      1.2275,
      0.1225,
      1.29,
      0.185,
      1.35,
      0.245,
      1.4125,
      0.3075,
      1.4725,
      0.37,
      1.535,
      0.43,
      1.595,
      0.4925,
      1.6575,
      0.5525,
      1.7175,
      0.615,
      1.78,
      0.675,
      1.84,
      0.7375,
      1.9025,
      0.7975,
      1.965,
      0.86,
      2.025,
      0.92,
      2.0875,
      0.9825,
      2.1475,
      1.0425
    ],
    "SoftwareVersion": "syngo MR B17",
    "TaskName": "motor",
    "dataset": "ds000224",
    "modality": "bold",
    "run_id": 1,
    "session_id": "func03",
    "subject_id": "MSC05",
    "task_id": "motor"
  },
  "dummy_trs": 0,
  "dvars_nstd": 15.303389938058256,
  "dvars_std": 1.0988236199029124,
  "dvars_vstd": 0.9612312919417467,
  "efc": 0.4072141994456683,
  "fber": 42957.7734375,
  "fd_mean": 0.16859789477060208,
  "fd_num": 29,
  "fd_perc": 27.884615384615383,
  "fwhm_avg": 1.7331523307741428,
  "fwhm_x": 1.6088400958943425,
  "fwhm_y": 1.9029075,
  "fwhm_z": 1.6877093964280856,
  "gcor": 0.0136261,
  "gsr_x": -0.014804258942604065,
  "gsr_y": 0.02353990450501442,
  "provenance": {
    "md5sum": "84af0a30e99785a18cfcb7aba2e5323c",
    "settings": {
      "fd_thres": 0.2,
      "testing": false
    },
    "software": "mriqc",
    "version": "22.0.6",
    "webapi_port": null,
    "webapi_url": "https://mriqc.nimh.nih.gov/api/v1"
  },
  "size_t": 104,
  "size_x": 64,
  "size_y": 64,
  "size_z": 36,
  "snr": 7.996285832625294,
  "spacing_tr": 2.200000047683716,
  "spacing_x": 3.999999761581421,
  "spacing_y": 4.0,
  "spacing_z": 4.000001430511475,
  "summary_bg_k": 36.43393639521615,
  "summary_bg_mad": 2.451996139903841,
  "summary_bg_mean": 18.21755599975586,
  "summary_bg_median": 3.480769395828247,
  "summary_bg_n": 101681.0,
  "summary_bg_p05": 1.384615421295166,
  "summary_bg_p95": 91.84616088867188,
  "summary_bg_stdv": 44.80524444580078,
  "summary_fg_k": 2.69047018902841,
  "summary_fg_mad": 82.71208292226706,
  "summary_fg_mean": 727.9057006835938,
  "summary_fg_median": 727.3269653320312,
  "summary_fg_n": 17633.0,
  "summary_fg_p05": 586.092333984375,
  "summary_fg_p95": 867.7846679687499,
  "summary_fg_stdv": 90.95552062988281,
  "tsnr": 89.0120351780206
}