{
  "aor": 0.001889423076923077,
  "aqi": 0.004207156057692308,
  "bids_meta": {
    "BodyPartExamined": "HEAD",
    "CogAtlasID": "http://www.cognitiveatlas.org/term/id/trm_550b53d7dd674",
    "ConversionSoftware": "dcm2niix",
    "ConversionSoftwareVersion": "v1.0.20170411 GCC4.4.7",
    "EchoTime": 0.027,
    "EffectiveEchoSpacing": 0.000590001,
    "FlipAngle": 90,
    "ImageType": [
      "ORIGINAL",
      "PRIMARY",
      "M",
      "ND",
      "NORM",
      "MOSAIC"
    ],
    "Instructions": "In this next scan you'll be prompted to move your hands, feet, or tongue. You'll only move one of these at once. Instructions are presented on the screen. Let?s review them now. [Read on-screen instructions to participant.] Do you have any questions?",
    "MagneticFieldStrength": 3,
    "Manufacturer": "Siemens",
    "ManufacturersModelName": "TrioTim",
    "PhaseEncodingDirection": "j-",
    "ProcedureStepDescription": "head_Dosenbach_MSC",
    "ProtocolName": "Motor_104Frames_36Slices_TR2.2",
    "RepetitionTime": 2.2,
    "ScanningSequence": "EP",
    "SequenceName": "_epfid2d1_64",
    "SequenceVariant": "SK",
    "SeriesDescription": "Motor_104Frames_36Slices_TR2.2",
    "SliceTiming": [
      1.105,
      0,
      1.1675,
      0.0625,
      1.2275,
      0.1225,
      1.29,
      0.185,
      1.35,
      0.245,
      1.4125,
      0.3075,
      1.4725,
      0.37,
      1.535,
      0.43,
      1.595,
      0.4925,
      1.6575,
      0.5525,
      1.7175,
      0.615,
      1.78,
      0.675,
      1.84,
      0.7375,
      1.9025,
      0.7975,
      1.965,
      0.86,
      2.025,
      0.92,
      2.0875,
      0.9825,
      2.1475,
      1.0425
    ],
    "SoftwareVersion": "syngo MR B17",
    "TaskName": "motor",
    "dataset": "ds000224",
    "modality": "bold",
    "run_id": 2,
    "session_id": "func03",
    "subject_id": "MSC05",
    "task_id": "motor"
  },
  "dummy_trs": 0,
  "dvars_nstd": 16.099712186504856,
  "dvars_std": 1.1794761832038836,
  "dvars_vstd": 0.993331264757282,
  "efc": 0.4006499425640821,
  "fber": 49610.9296875,
  "fd_mean": 0.1566252113397491,
  "fd_num": 25,
  "fd_perc": 24.03846153846154,
  "fwhm_avg": 1.7474689957133185,
  "fwhm_x": 1.6149075962559936,
  "fwhm_y": 1.9242875,
  "fwhm_z": 1.7032118908839615,
  "gcor": 0.0413933,
  "gsr_x": -0.01111014373600483,
  "gsr_y": 0.0264111515134573,
  "provenance": {
    "md5sum": "cbcceb4e93b7c9c43fd40d1c71da5e37",
    "settings": {
      "fd_thres": 0.2,
      "testing": false
    },
    "software": "mriqc",
    "version": "22.0.6",
    "webapi_port": null,
    "webapi_url": "https://mriqc.nimh.nih.gov/api/v1"
  },
  "size_t": 104,
  "size_x": 64,
  "size_y": 64,
  "size_z": 36,
  "snr": 7.780731610432535,
  "spacing_tr": 2.200000047683716,
  "spacing_x": 3.999999761581421,
  "spacing_y": 4.0,
  "spacing_z": 4.000001430511475,
  "summary_bg_k": 39.72348599770138,
  "summary_bg_mad": 2.195391814610202,
  "summary_bg_mean": 17.292787551879883,
  "summary_bg_median": 3.269230842590332,
  "summary_bg_n": 102364.0,
  "summary_bg_p05": 1.326923131942749,
  "summary_bg_p95": 88.7197177886962,
  "summary_bg_stdv": 44.45105743408203,
  "summary_fg_k": 2.911615894737504,
  "summary_fg_mad": 85.21401941142429,
  "summary_fg_mean": 733.6425170898438,
  "summary_fg_median": 732.9134521484375,
  "summary_fg_n": 17422.0,
  "summary_fg_p05": 586.1889892578125,
  "summary_fg_p95": 876.9303344726563,
  "summary_fg_stdv": 94.19325256347656,
  "tsnr": 100.10262858937494
}