{
  "aor": 0.002707961165048543,
  "aqi": 0.009611274563106799,
  "bids_meta": {
    "BodyPartExamined": "HEAD",
    "CogAtlasID": "http://www.cognitiveatlas.org/term/id/trm_550b53d7dd674",
    "ConversionSoftware": "dcm2niix",
    "ConversionSoftwareVersion": "v1.0.20170411 GCC4.4.7",
    "EchoTime": 0.027,
    "EffectiveEchoSpacing": 0.000590001,
    "FlipAngle": 90,
    "ImageType": [
      "ORIGINAL",
      "PRIMARY",
      "M",
      "ND",
      "NORM",
      "MOSAIC"
    ],
    "Instructions": "In this next scan you'll be prompted to move your hands, feet, or tongue. You'll only move one of these at once. Instructions are presented on the screen. Let?s review them now. [Read on-screen instructions to participant.] Do you have any questions?",
    "MagneticFieldStrength": 3,
    "Manufacturer": "Siemens",
    "ManufacturersModelName": "TrioTim",
    "PhaseEncodingDirection": "j-",
    "ProcedureStepDescription": "head_Dosenbach_MSC",
    "ProtocolName": "Motor_104Frames_36Slices_TR2.2",
    "RepetitionTime": 2.2,
    "ScanningSequence": "EP",
    "SequenceName": "_epfid2d1_64",
    "SequenceVariant": "SK",
    "SeriesDescription": "Motor_104Frames_36Slices_TR2.2",
    "SliceTiming": [
      1.105,
      0,
      1.1675,
      0.0625,
      1.2275,
      0.1225,
      1.29,
      0.185,
      1.35,
      0.245,
      1.4125,
      0.3075,
      1.4725,
      0.37,
      1.535,
      0.43,
      1.595,
      0.4925,
      1.6575,
      0.5525,
      1.7175,
      0.615,
      1.78,
      0.675,
      1.84,
      0.7375,
      1.9025,
      0.7975,
      1.965,
      0.86,
      2.025,
      0.92,
      2.0875,
      0.9825,
      2.1475,
      1.0425
    ],
    "SoftwareVersion": "syngo MR B17",
    "TaskName": "motor",
    "dataset": "ds000224",
    "modality": "bold",
    "run_id": 2,
    "session_id": "func08",
    "subject_id": "MSC08",
    "task_id": "motor"
  },
  "dummy_trs": 1,
  "dvars_nstd": 25.038574723529408,
  "dvars_std": 1.3808605507843135,
  "dvars_vstd": 0.9976460845098043,
  "efc": 0.387728356452389,
  "fber": 32364.9296875,
  "fd_mean": 0.29444980380492725,
  "fd_num": 82,
  "fd_perc": 79.6116504854369,
  "fwhm_avg": 1.649908561102471,
  "fwhm_x": 1.557895,
  "fwhm_y": 1.777397605941153,
  "fwhm_z": 1.6144330773662605,
  "gcor": 0.0340141,
  "gsr_x": -0.021719083189964294,
  "gsr_y": 0.00690825842320919,
  "provenance": {
    "md5sum": "a4f2e20f18c96237e3dacd0f604c3525",
    "settings": {
      "fd_thres": 0.2,
      "testing": false
    },
    "software": "mriqc",
    "version": "22.0.6",
    "webapi_port": null,
    "webapi_url": "https://mriqc.nimh.nih.gov/api/v1"
  },
  "size_t": 103,
  "size_x": 64,
  "size_y": 64,
  "size_z": 36,
  "snr": 8.61898439536277,
  "spacing_tr": 2.200000047683716,
  "spacing_x": 4.0,
  "spacing_y": 3.999999761581421,
  "spacing_z": 3.9999985694885254,
  "summary_bg_k": 42.46577620925334,
  "summary_bg_mad": 2.6197435680382863,
  "summary_bg_mean": 14.046485900878906,
  "summary_bg_median": 3.077669858932495,
  "summary_bg_n": 104758.0,
  "summary_bg_p05": 0.9805825352668762,
  "summary_bg_p95": 68.35922241210938,
  "summary_bg_stdv": 32.15781784057617,
  "summary_fg_k": 2.5043961095316423,
  "summary_fg_mad": 56.49724330482327,
  "summary_fg_mean": 558.1995239257812,
  "summary_fg_median": 557.1844482421875,
  "summary_fg_n": 14681.0,
  "summary_fg_p05": 459.41748046875,
  "summary_fg_p95": 660.8349609375,
  "summary_fg_stdv": 64.64398193359375,
  "tsnr": 74.57558598043397
}