{
  "aor": 0.001010452876376989,
  "aqi": 0.02907878188494492,
  "bids_meta": {
    "BodyPartExamined": "HEAD",
    "CogAtlasID": "http://www.cognitiveatlas.org/term/id/trm_4c8a834779883",
    "ConversionSoftware": "dcm2niix",
    "ConversionSoftwareVersion": "v1.0.20170411 GCC4.4.7",
    "EchoTime": 0.027,
    "EffectiveEchoSpacing": 0.000590001,
    "FlipAngle": 90,
    "ImageType": [
      "ORIGINAL",
      "PRIMARY",
      "M",
      "ND",
      "NORM",
      "MOSAIC"
    ],
    "Instructions": "During this first scan, a plus sign will be presented on the screen.  All you need to do is simply relax and look at the plus sign. Please keep your eyes open the entire time, and be as still as possible. It's extremely important that you stay awake for the entire duration of this scan. This scan will last ~30 minutes.",
    "MagneticFieldStrength": 3,
    "Manufacturer": "Siemens",
    "ManufacturersModelName": "TrioTim",
    "PhaseEncodingDirection": "j-",
    "ProcedureStepDescription": "head_Dosenbach_MSC",
    "ProtocolName": "RSFC_818Frames_36Slices_TR2.2",
    "RepetitionTime": 2.2,
    "ScanningSequence": "EP",
    "SequenceName": "_epfid2d1_64",
    "SequenceVariant": "SK",
    "SeriesDescription": "RSFC_818Frames_36Slices_TR2.2",
    "SliceTiming": [
      1.105,
      0,
      1.165,
      0.06,
      1.2275,
      0.1225,
      1.2875,
      0.185,
      1.35,
      0.245,
      1.41,
      0.3075,
      1.4725,
      0.3675,
      1.5325,
      0.43,
      1.595,
      0.49,
      1.655,
      0.5525,
      1.7175,
      0.6125,
      1.78,
      0.675,
      1.84,
      0.735,
      1.9025,
      0.7975,
      1.9625,
      0.8575,
      2.025,
      0.92,
      2.085,
      0.9825,
      2.1475,
      1.0425
    ],
    "SoftwareVersion": "syngo MR B17",
    "TaskName": "rest",
    "dataset": "ds000224",
    "modality": "bold",
    "session_id": "func08",
    "subject_id": "MSC08",
    "task_id": "rest"
  },
  "dummy_trs": 1,
  "dvars_nstd": 21.64706341888483,
  "dvars_std": 1.1804708234558814,
  "dvars_vstd": 0.8952039043995097,
  "efc": 0.3936619474272916,
  "fber": 27988.359375,
  "fd_mean": 0.1864794755301058,
  "fd_num": 297,
  "fd_perc": 36.352509179926564,
  "fwhm_avg": 1.7138077370556435,
  "fwhm_x": 1.60605,
  "fwhm_y": 1.856167610636211,
  "fwhm_z": 1.67920560053072,
  "gcor": 0.0128977,
  "gsr_x": -0.02382759004831314,
  "gsr_y": 0.007455398328602314,
  "provenance": {
    "md5sum": "1967eacf6684e0733eec30ea03edd069",
    "settings": {
      "fd_thres": 0.2,
      "testing": false
    },
    "software": "mriqc",
    "version": "22.0.6",
    "webapi_port": null,
    "webapi_url": "https://mriqc.nimh.nih.gov/api/v1"
  },
  "size_t": 817,
  "size_x": 64,
  "size_y": 64,
  "size_z": 36,
  "snr": 8.719795618094935,
  "spacing_tr": 2.200000047683716,
  "spacing_x": 4.0,
  "spacing_y": 3.999999761581421,
  "spacing_z": 3.9999985694885254,
  "summary_bg_k": 43.789128764773494,
  "summary_bg_mad": 2.963389671131142,
  "summary_bg_mean": 15.01490592956543,
  "summary_bg_median": 3.332925319671631,
  "summary_bg_n": 104281.0,
  "summary_bg_p05": 1.0024479627609253,
  "summary_bg_p95": 71.96083068847656,
  "summary_bg_stdv": 34.30364990234375,
  "summary_fg_k": 2.265212171526505,
  "summary_fg_mad": 56.992137807570295,
  "summary_fg_mean": 554.4324951171875,
  "summary_fg_median": 554.6193237304688,
  "summary_fg_n": 14951.0,
  "summary_fg_p05": 453.83721923828125,
  "summary_fg_p95": 654.3476257324219,
  "summary_fg_stdv": 63.60249710083008,
  "tsnr": 40.664238419849426
}