{
  "aor": 0.002872403846153846,
  "aqi": 0.009399924134615385,
  "bids_meta": {
    "BodyPartExamined": "HEAD",
    "CogAtlasID": "http://www.cognitiveatlas.org/term/id/trm_550b53d7dd674",
    "ConversionSoftware": "dcm2niix",
    "ConversionSoftwareVersion": "v1.0.20170411 GCC4.4.7",
    "EchoTime": 0.027,
    "EffectiveEchoSpacing": 0.000590001,
    "FlipAngle": 90,
    "ImageType": [
      "ORIGINAL",
      "PRIMARY",
      "M",
      "ND",
      "NORM",
      "MOSAIC"
    ],
    "Instructions": "In this next scan you'll be prompted to move your hands, feet, or tongue. You'll only move one of these at once. Instructions are presented on the screen. Let?s review them now. [Read on-screen instructions to participant.] Do you have any questions?",
    "MagneticFieldStrength": 3,
    "Manufacturer": "Siemens",
    "ManufacturersModelName": "TrioTim",
    "PhaseEncodingDirection": "j-",
    "ProcedureStepDescription": "head_Dosenbach_MSC",
    "ProtocolName": "Motor_104Frames_36Slices_TR2.2",
    "RepetitionTime": 2.2,
    "ScanningSequence": "EP",
    "SequenceName": "_epfid2d1_64",
    "SequenceVariant": "SK",
    "SeriesDescription": "Motor_104Frames_36Slices_TR2.2",
    "SliceTiming": [
      1.105,
      0,
      1.1675,
      0.0625,
      1.2275,
      0.1225,
      1.29,
      0.185,
      1.35,
      0.245,
      1.4125,
      0.3075,
      1.4725,
      0.37,
      1.535,
      0.43,
      1.595,
      0.4925,
      1.6575,
      0.5525,
      1.7175,
      0.615,
      1.78,
      0.675,
      1.84,
      0.7375,
      1.9025,
      0.7975,
      1.965,
      0.86,
      2.025,
      0.92,
      2.0875,
      0.9825,
      2.1475,
      1.0425
    ],
    "SoftwareVersion": "syngo MR B17",
    "TaskName": "motor",
    "dataset": "ds000224",
    "modality": "bold",
    "run_id": 1,
    "session_id": "func05",
    "subject_id": "MSC07",
    "task_id": "motor"
  },
  "dummy_trs": 0,
  "dvars_nstd": 20.198167467766993,
  "dvars_std": 1.2574064189320384,
  "dvars_vstd": 0.9606750591262132,
  "efc": 0.40445255534936025,
  "fber": 30698.08984375,
  "fd_mean": 0.243207905566537,
  "fd_num": 58,
  "fd_perc": 55.76923076923077,
  "fwhm_avg": 1.6428401618847734,
  "fwhm_x": 1.5160025,
  "fwhm_y": 1.7829325,
  "fwhm_z": 1.6295854856543202,
  "gcor": 0.0383745,
  "gsr_x": -0.031412333250045776,
  "gsr_y": 0.013552586548030376,
  "provenance": {
    "md5sum": "44f409530c5574b28aa04fc4336d9761",
    "settings": {
      "fd_thres": 0.2,
      "testing": false
    },
    "software": "mriqc",
    "version": "22.0.6",
    "webapi_port": null,
    "webapi_url": "https://mriqc.nimh.nih.gov/api/v1"
  },
  "size_t": 104,
  "size_x": 64,
  "size_y": 64,
  "size_z": 36,
  "snr": 8.052698188955684,
  "spacing_tr": 2.200000047683716,
  "spacing_x": 4.0,
  "spacing_y": 4.0,
  "spacing_z": 3.9999988079071045,
  "summary_bg_k": 25.867228993878904,
  "summary_bg_mad": 3.963110048297601,
  "summary_bg_mean": 24.71048355102539,
  "summary_bg_median": 4.490384578704834,
  "summary_bg_n": 103514.0,
  "summary_bg_p05": 1.2980769872665405,
  "summary_bg_p95": 128.60913848876945,
  "summary_bg_stdv": 58.505123138427734,
  "summary_fg_k": 1.3916179342677157,
  "summary_fg_mad": 92.24927641696794,
  "summary_fg_mean": 792.7091674804688,
  "summary_fg_median": 787.47119140625,
  "summary_fg_n": 15799.0,
  "summary_fg_p05": 644.0057983398438,
  "summary_fg_p95": 950.0384887695311,
  "summary_fg_stdv": 97.78663635253906,
  "tsnr": 72.4689964063
}