{
  "aor": 0.00085734394124847,
  "aqi": 0.023141601101591188,
  "bids_meta": {
    "BodyPartExamined": "HEAD",
    "CogAtlasID": "http://www.cognitiveatlas.org/term/id/trm_4c8a834779883",
    "ConversionSoftware": "dcm2niix",
    "ConversionSoftwareVersion": "v1.0.20170411 GCC4.4.7",
    "EchoTime": 0.027,
    "EffectiveEchoSpacing": 0.000590001,
    "FlipAngle": 90,
    "ImageType": [
      "ORIGINAL",
      "PRIMARY",
      "M",
      "ND",
      "NORM",
      "MOSAIC"
    ],
    "Instructions": "During this first scan, a plus sign will be presented on the screen.  All you need to do is simply relax and look at the plus sign. Please keep your eyes open the entire time, and be as still as possible. It's extremely important that you stay awake for the entire duration of this scan. This scan will last ~30 minutes.",
    "MagneticFieldStrength": 3,
    "Manufacturer": "Siemens",
    "ManufacturersModelName": "TrioTim",
    "PhaseEncodingDirection": "j-",
    "ProcedureStepDescription": "head_Dosenbach_MSC",
    "ProtocolName": "RSFC_818Frames_36Slices_TR2.2",
    "RepetitionTime": 2.2,
    "ScanningSequence": "EP",
    "SequenceName": "_epfid2d1_64",
    "SequenceVariant": "SK",
    "SeriesDescription": "RSFC_818Frames_36Slices_TR2.2",
    "SliceTiming": [
      1.105,
      0,
      1.165,
      0.06,
      1.2275,
      0.1225,
      1.2875,
      0.185,
      1.35,
      0.245,
      1.41,
      0.3075,
      1.4725,
      0.3675,
      1.5325,
      0.43,
      1.595,
      0.49,
      1.655,
      0.5525,
      1.7175,
      0.6125,
      1.78,
      0.675,
      1.84,
      0.735,
      1.9025,
      0.7975,
      1.9625,
      0.8575,
      2.025,
      0.92,
      2.085,
      0.9825,
      2.1475,
      1.0425
    ],
    "SoftwareVersion": "syngo MR B17",
    "TaskName": "rest",
    "dataset": "ds000224",
    "modality": "bold",
    "session_id": "func05",
    "subject_id": "MSC07",
    "task_id": "rest"
  },
  "dummy_trs": 1,
  "dvars_nstd": 20.64496774169115,
  "dvars_std": 1.2030828298529403,
  "dvars_vstd": 0.8639985225367652,
  "efc": 0.40530708347974964,
  "fber": 29873.4375,
  "fd_mean": 0.17721144896044236,
  "fd_num": 263,
  "fd_perc": 32.19094247246022,
  "fwhm_avg": 1.66646932831774,
  "fwhm_x": 1.5494225,
  "fwhm_y": 1.8227525,
  "fwhm_z": 1.6272329849532203,
  "gcor": 0.0194055,
  "gsr_x": -0.030822692438960075,
  "gsr_y": 0.0152308763936162,
  "provenance": {
    "md5sum": "c2cb8b79eb5ccb4151f10b1bafce0bb2",
    "settings": {
      "fd_thres": 0.2,
      "testing": false
    },
    "software": "mriqc",
    "version": "22.0.6",
    "webapi_port": null,
    "webapi_url": "https://mriqc.nimh.nih.gov/api/v1"
  },
  "size_t": 817,
  "size_x": 64,
  "size_y": 64,
  "size_z": 36,
  "snr": 8.14223412789652,
  "spacing_tr": 2.200000047683716,
  "spacing_x": 4.0,
  "spacing_y": 4.0,
  "spacing_z": 3.9999988079071045,
  "summary_bg_k": 26.664503193104903,
  "summary_bg_mad": 3.9033996909526647,
  "summary_bg_mean": 23.996673583984375,
  "summary_bg_median": 4.532435894012451,
  "summary_bg_n": 103200.0,
  "summary_bg_p05": 1.3892289400100708,
  "summary_bg_p95": 122.12307167053207,
  "summary_bg_stdv": 57.397640228271484,
  "summary_fg_k": 1.2944750694926324,
  "summary_fg_mad": 90.55578525374632,
  "summary_fg_mean": 785.5618286132812,
  "summary_fg_median": 782.2796630859375,
  "summary_fg_n": 15976.0,
  "summary_fg_p05": 637.7304229736328,
  "summary_fg_p95": 938.9920654296875,
  "summary_fg_stdv": 96.07377624511719,
  "tsnr": 46.883777840062976
}