{
  "aor": 0.009087211538461539,
  "aqi": 0.0076518736538461534,
  "bids_meta": {
    "BodyPartExamined": "HEAD",
    "CogAtlasID": "http://www.cognitiveatlas.org/term/id/trm_550b53d7dd674",
    "ConversionSoftware": "dcm2niix",
    "ConversionSoftwareVersion": "v1.0.20170411 GCC4.4.7",
    "EchoTime": 0.027,
    "EffectiveEchoSpacing": 0.000590001,
    "FlipAngle": 90,
    "ImageType": [
      "ORIGINAL",
      "PRIMARY",
      "M",
      "ND",
      "NORM",
      "MOSAIC"
    ],
    "Instructions": "In this next scan you'll be prompted to move your hands, feet, or tongue. You'll only move one of these at once. Instructions are presented on the screen. Let?s review them now. [Read on-screen instructions to participant.] Do you have any questions?",
    "MagneticFieldStrength": 3,
    "Manufacturer": "Siemens",
    "ManufacturersModelName": "TrioTim",
    "PhaseEncodingDirection": "j-",
    "ProcedureStepDescription": "head_Dosenbach_MSC",
    "ProtocolName": "Motor_104Frames_36Slices_TR2.2",
    "RepetitionTime": 2.2,
    "ScanningSequence": "EP",
    "SequenceName": "_epfid2d1_64",
    "SequenceVariant": "SK",
    "SeriesDescription": "Motor_104Frames_36Slices_TR2.2",
    "SliceTiming": [
      1.105,
      0,
      1.1675,
      0.0625,
      1.2275,
      0.1225,
      1.29,
      0.185,
      1.35,
      0.245,
      1.4125,
      0.3075,
      1.4725,
      0.37,
      1.535,
      0.43,
      1.595,
      0.4925,
      1.6575,
      0.5525,
      1.7175,
      0.615,
      1.78,
      0.675,
      1.84,
      0.7375,
      1.9025,
      0.7975,
      1.965,
      0.86,
      2.025,
      0.92,
      2.0875,
      0.9825,
      2.1475,
      1.0425
    ],
    "SoftwareVersion": "syngo MR B17",
    "TaskName": "motor",
    "dataset": "ds000224",
    "modality": "bold",
    "run_id": 2,
    "session_id": "func05",
    "subject_id": "MSC07",
    "task_id": "motor"
  },
  "dummy_trs": 0,
  "dvars_nstd": 20.41637706766991,
  "dvars_std": 1.3634540842718446,
  "dvars_vstd": 1.0397738009708737,
  "efc": 0.40427671893143224,
  "fber": 32336.146484375,
  "fd_mean": 0.2420361660207274,
  "fd_num": 55,
  "fd_perc": 52.88461538461539,
  "fwhm_avg": 1.636541826521653,
  "fwhm_x": 1.51528,
  "fwhm_y": 1.7851925,
  "fwhm_z": 1.6091529795649586,
  "gcor": 0.0590989,
  "gsr_x": -0.03209490701556206,
  "gsr_y": 0.013383699581027031,
  "provenance": {
    "md5sum": "4705abb9f70036fcfbfaf1a7a938417a",
    "settings": {
      "fd_thres": 0.2,
      "testing": false
    },
    "software": "mriqc",
    "version": "22.0.6",
    "webapi_port": null,
    "webapi_url": "https://mriqc.nimh.nih.gov/api/v1"
  },
  "size_t": 104,
  "size_x": 64,
  "size_y": 64,
  "size_z": 36,
  "snr": 7.984395816663135,
  "spacing_tr": 2.200000047683716,
  "spacing_x": 4.0,
  "spacing_y": 4.0,
  "spacing_z": 3.9999988079071045,
  "summary_bg_k": 26.11916048501489,
  "summary_bg_mad": 3.6352264982835663,
  "summary_bg_mean": 24.768550872802734,
  "summary_bg_median": 4.375,
  "summary_bg_n": 103512.0,
  "summary_bg_p05": 1.442307710647583,
  "summary_bg_p95": 127.8259658813476,
  "summary_bg_stdv": 59.302738189697266,
  "summary_fg_k": 1.4325262356941044,
  "summary_fg_mad": 92.3204927222636,
  "summary_fg_mean": 792.5250854492188,
  "summary_fg_median": 787.8365478515625,
  "summary_fg_n": 15796.0,
  "summary_fg_p05": 642.8053283691406,
  "summary_fg_p95": 950.3221282958984,
  "summary_fg_stdv": 98.66890716552734,
  "tsnr": 75.41552129201591
}