{
  "bids_meta": {
    "BodyPartExamined": "HEAD",
    "ConversionSoftware": "dcm2niix",
    "ConversionSoftwareVersion": "v1.0.20170411 GCC4.4.7",
    "EchoTime": 0.479,
    "FlipAngle": 120,
    "ImageType": [
      "ORIGINAL",
      "PRIMARY",
      "M",
      "ND",
      "NORM"
    ],
    "MagneticFieldStrength": 3,
    "Manufacturer": "Siemens",
    "ManufacturersModelName": "TrioTim",
    "PhaseEncodingDirection": "i-",
    "ProcedureStepDescription": "head_Dosenbach_MSC",
    "ProtocolName": "T2_.8x.8x.8_224Slices",
    "RepetitionTime": 3.2,
    "ScanningSequence": "SE",
    "SequenceName": "_spc3d1_282ns",
    "SequenceVariant": "SK_SP",
    "SeriesDescription": "T2_.8x.8x.8_224Slices",
    "dataset": "ds000224",
    "modality": "T2w",
    "run_id": 1,
    "session_id": "struct02",
    "subject_id": "MSC10"
  },
  "cjv": 0.2871924262055796,
  "cnr": 2.557551891058139,
  "efc": 0.6029435406699497,
  "fber": 3324.626527840652,
  "fwhm_avg": 2.3683742049294327,
  "fwhm_x": 2.189685346495615,
  "fwhm_y": 2.629681951219512,
  "fwhm_z": 2.285755317073171,
  "icvs_csf": 0.29073532164882837,
  "icvs_gm": 0.5894868145609785,
  "icvs_wm": 0.11977786379019313,
  "inu_med": 0.9745539426803589,
  "inu_range": 0.38261324167251565,
  "provenance": {
    "md5sum": "e4745965a9bda0bc866c6fd2d61dd39a",
    "settings": {
      "testing": false
    },
    "software": "mriqc",
    "version": "22.0.6",
    "warnings": {
      "large_rot_frame": true,
      "small_air_mask": false
    },
    "webapi_port": null,
    "webapi_url": "https://mriqc.nimh.nih.gov/api/v1"
  },
  "qi_1": 0.0,
  "qi_2": 0.015899530998436114,
  "rpve_csf": 9.648593322584736,
  "rpve_gm": 5.969212779140087,
  "rpve_wm": 30.051950130501158,
  "size_x": 224,
  "size_y": 256,
  "size_z": 256,
  "snr_csf": 6.471258651398306,
  "snr_gm": 6.35975517852386,
  "snr_total": 5.594349842876402,
  "snr_wm": 3.9520356987070406,
  "snrd_csf": 28.33222109006202,
  "snrd_gm": 15.926828263046593,
  "snrd_total": 30.469143685939795,
  "snrd_wm": 47.14838170471077,
  "spacing_x": 0.800000786781311,
  "spacing_y": 0.80078125,
  "spacing_z": 0.80078125,
  "summary_bg_k": 11.617015754344719,
  "summary_bg_mad": 0.0,
  "summary_bg_mean": 7.880835935692346,
  "summary_bg_median": 0.0,
  "summary_bg_n": 2805845.0,
  "summary_bg_p05": 0.0,
  "summary_bg_p95": 36.178844291716814,
  "summary_bg_stdv": 13.893460679206154,
  "summary_csf_k": 0.5363429911342585,
  "summary_csf_mad": 92.92230515906049,
  "summary_csf_mean": 604.603334841755,
  "summary_csf_median": 600.840679390356,
  "summary_csf_n": 60823.0,
  "summary_csf_p05": 461.9808377157897,
  "summary_csf_p95": 758.3315802438184,
  "summary_csf_stdv": 92.8468127270243,
  "summary_gm_k": 0.05401976171864664,
  "summary_gm_mad": 52.67767649824617,
  "summary_gm_mean": 338.23195381652334,
  "summary_gm_median": 337.7598347719759,
  "summary_gm_n": 610816.0,
  "summary_gm_p05": 251.45342414081097,
  "summary_gm_p95": 426.47119748033583,
  "summary_gm_stdv": 53.10889315833494,
  "summary_wm_k": 4.011405346181778,
  "summary_wm_mad": 137.47664366876015,
  "summary_wm_mean": 924.8150551403289,
  "summary_wm_median": 999.87451056391,
  "summary_wm_n": 36056.0,
  "summary_wm_p05": 199.7155855409801,
  "summary_wm_p95": 1154.9259535060264,
  "summary_wm_stdv": 252.99888996892986,
  "tpm_overlap_csf": 0.10490632273334553,
  "tpm_overlap_gm": 0.3625241275973649,
  "tpm_overlap_wm": 0.03212830698254746,
  "wm2max": 0.8729282753457879
}