{
  "bids_meta": {
    "BodyPartExamined": "HEAD",
    "ConversionSoftware": "dcm2niix",
    "ConversionSoftwareVersion": "v1.0.20170411 GCC4.4.7",
    "EchoTime": 0.00374,
    "FlipAngle": 8,
    "ImageType": [
      "ORIGINAL",
      "PRIMARY",
      "M",
      "ND",
      "NORM"
    ],
    "InversionTime": 1,
    "MagneticFieldStrength": 3,
    "Manufacturer": "Siemens",
    "ManufacturersModelName": "TrioTim",
    "PhaseEncodingDirection": "i-",
    "ProcedureStepDescription": "head_Dosenbach_MSC",
    "ProtocolName": "T1_.8x.8x.8_224Slices",
    "RepetitionTime": 2.4,
    "ScanningSequence": "GR_IR",
    "SequenceName": "_tfl3d1_ns",
    "SequenceVariant": "SP_MP_OSP",
    "SeriesDescription": "T1_.8x.8x.8_224Slices",
    "dataset": "ds000224",
    "modality": "T1w",
    "run_id": 1,
    "session_id": "struct02",
    "subject_id": "MSC10"
  },
  "cjv": 0.5091798570798157,
  "cnr": 2.692904389922267,
  "efc": 0.6342803562470161,
  "fber": 4605.454833625373,
  "fwhm_avg": 3.882122019360762,
  "fwhm_x": 4.002131131253019,
  "fwhm_y": 3.985782634146341,
  "fwhm_z": 3.658452292682927,
  "icvs_csf": 0.2202040367117765,
  "icvs_gm": 0.39308381749477717,
  "icvs_wm": 0.3867121457934463,
  "inu_med": 0.6022064685821533,
  "inu_range": 0.34783056527376166,
  "provenance": {
    "md5sum": "ba96be956bb5167c8a7403f4c84897f8",
    "settings": {
      "testing": false
    },
    "software": "mriqc",
    "version": "22.0.6",
    "warnings": {
      "large_rot_frame": true,
      "small_air_mask": false
    },
    "webapi_port": null,
    "webapi_url": "https://mriqc.nimh.nih.gov/api/v1"
  },
  "qi_1": 0.0,
  "qi_2": 0.003903154787876557,
  "rpve_csf": 14.776721846499001,
  "rpve_gm": 7.984593735608015,
  "rpve_wm": 9.195497564229036,
  "size_x": 224,
  "size_y": 256,
  "size_z": 256,
  "snr_csf": 2.21090692574226,
  "snr_gm": 10.013270123442085,
  "snr_total": 9.085454117263938,
  "snr_wm": 15.032185302607468,
  "snrd_csf": 24.362116051890702,
  "snrd_gm": 64.66129381735982,
  "snrd_total": 59.190997872578855,
  "snrd_wm": 88.54958374848603,
  "spacing_x": 0.8000062704086304,
  "spacing_y": 0.80078125,
  "spacing_z": 0.80078125,
  "summary_bg_k": 8.388465377165344,
  "summary_bg_mad": 7.398970809577299,
  "summary_bg_mean": 11.354107717025634,
  "summary_bg_median": 4.990529973059893,
  "summary_bg_n": 3424768.0,
  "summary_bg_p05": 0.0,
  "summary_bg_p95": 45.84673619829118,
  "summary_bg_stdv": 17.098912680542114,
  "summary_csf_k": 0.8478522651737501,
  "summary_csf_mad": 117.31380223377982,
  "summary_csf_mean": 285.4985348521922,
  "summary_csf_median": 275.1405440568924,
  "summary_csf_n": 152942.0,
  "summary_csf_p05": 97.9166031461209,
  "summary_csf_p95": 504.9754937198013,
  "summary_csf_stdv": 124.4465071590299,
  "summary_gm_k": 0.06770976884363344,
  "summary_gm_mad": 72.11767933672331,
  "summary_gm_mean": 729.8978454701895,
  "summary_gm_median": 730.2708649132401,
  "summary_gm_n": 67959.0,
  "summary_gm_p05": 608.9949738811702,
  "summary_gm_p95": 849.8030767980963,
  "summary_gm_stdv": 72.92977049581503,
  "summary_wm_k": 0.30304336034212964,
  "summary_wm_mad": 65.25357388687449,
  "summary_wm_mean": 999.8695256371709,
  "summary_wm_median": 1000.0601177942008,
  "summary_wm_n": 527711.0,
  "summary_wm_p05": 891.6213128976524,
  "summary_wm_p95": 1109.2505085300654,
  "summary_wm_stdv": 66.52786338889918,
  "tpm_overlap_csf": 0.14952704226223124,
  "tpm_overlap_gm": 0.4243399330795721,
  "tpm_overlap_wm": 0.4946225941376613,
  "wm2max": 0.7024457751296765
}