{
  "bids_meta": {
    "BodyPartExamined": "HEAD",
    "ConversionSoftware": "dcm2niix",
    "ConversionSoftwareVersion": "v1.0.20170411 GCC4.4.7",
    "EchoTime": 0.00374,
    "FlipAngle": 8,
    "ImageType": [
      "ORIGINAL",
      "PRIMARY",
      "M",
      "ND",
      "NORM"
    ],
    "InversionTime": 1,
    "MagneticFieldStrength": 3,
    "Manufacturer": "Siemens",
    "ManufacturersModelName": "TrioTim",
    "PhaseEncodingDirection": "i-",
    "ProcedureStepDescription": "head_Dosenbach_MSC",
    "ProtocolName": "T1_.8x.8x.8_224Slices",
    "RepetitionTime": 2.4,
    "ScanningSequence": "GR_IR",
    "SequenceName": "_tfl3d1_ns",
    "SequenceVariant": "SP_MP_OSP",
    "SeriesDescription": "T1_.8x.8x.8_224Slices",
    "dataset": "ds000224",
    "modality": "T1w",
    "run_id": 2,
    "session_id": "struct02",
    "subject_id": "MSC10"
  },
  "cjv": 0.5108934569127781,
  "cnr": 2.6759191501104302,
  "efc": 0.6422181965709797,
  "fber": 3737.1979610072535,
  "fwhm_avg": 3.8349714946987756,
  "fwhm_x": 3.935331654828035,
  "fwhm_y": 3.977977756097561,
  "fwhm_z": 3.5916050731707316,
  "icvs_csf": 0.21724142302884802,
  "icvs_gm": 0.39359805912329554,
  "icvs_wm": 0.38916051784785644,
  "inu_med": 0.6171083748340607,
  "inu_range": 0.33693425804376603,
  "provenance": {
    "md5sum": "d75e68e68dd6be79e1e2a519467b9cd8",
    "settings": {
      "testing": false
    },
    "software": "mriqc",
    "version": "22.0.6",
    "warnings": {
      "large_rot_frame": true,
      "small_air_mask": false
    },
    "webapi_port": null,
    "webapi_url": "https://mriqc.nimh.nih.gov/api/v1"
  },
  "qi_1": 0.0,
  "qi_2": 0.0036721455942938528,
  "rpve_csf": 15.041590040731554,
  "rpve_gm": 8.003457503835946,
  "rpve_wm": 9.191049225646541,
  "size_x": 224,
  "size_y": 256,
  "size_z": 256,
  "snr_csf": 2.2765582501052326,
  "snr_gm": 9.74323404260289,
  "snr_total": 9.016496255083448,
  "snr_wm": 15.029696472542218,
  "snrd_csf": 23.304948105054592,
  "snrd_gm": 61.713799374070646,
  "snrd_total": 56.59761223070783,
  "snrd_wm": 84.77408921299828,
  "spacing_x": 0.8000062704086304,
  "spacing_y": 0.80078125,
  "spacing_z": 0.80078125,
  "summary_bg_k": 7.7735207883008375,
  "summary_bg_mad": 7.728481797686182,
  "summary_bg_mean": 12.12013421011304,
  "summary_bg_median": 5.212781757116318,
  "summary_bg_n": 3290269.0,
  "summary_bg_p05": 0.0,
  "summary_bg_p95": 48.740981966257095,
  "summary_bg_stdv": 18.011849529144673,
  "summary_csf_k": 0.624943148876834,
  "summary_csf_mad": 113.9623587116437,
  "summary_csf_mean": 284.05036558495084,
  "summary_csf_median": 274.9226988852024,
  "summary_csf_n": 145423.0,
  "summary_csf_p05": 99.21955785155296,
  "summary_csf_p95": 497.68812945485115,
  "summary_csf_stdv": 120.76201152291641,
  "summary_gm_k": 0.08100455431169484,
  "summary_gm_mad": 73.66072764235362,
  "summary_gm_mean": 727.6561075846647,
  "summary_gm_median": 728.0224013328552,
  "summary_gm_n": 64116.0,
  "summary_gm_p05": 603.997954018414,
  "summary_gm_p95": 850.5080472528934,
  "summary_gm_stdv": 74.72023362496164,
  "summary_wm_k": 0.31918298468853745,
  "summary_wm_mad": 65.32095349908774,
  "summary_wm_mean": 1000.0200029712893,
  "summary_wm_median": 1000.0589272677898,
  "summary_wm_n": 526094.0,
  "summary_wm_p05": 891.8274416327477,
  "summary_wm_p95": 1109.2917382121086,
  "summary_wm_stdv": 66.53880060970245,
  "tpm_overlap_csf": 0.15729322341834032,
  "tpm_overlap_gm": 0.4324513543863785,
  "tpm_overlap_wm": 0.49829121585980024,
  "wm2max": 0.715260663507109
}