{
  "bids_meta": {
    "BodyPartExamined": "HEAD",
    "ConversionSoftware": "dcm2niix",
    "ConversionSoftwareVersion": "v1.0.20170411 GCC4.4.7",
    "EchoTime": 0.00374,
    "FlipAngle": 8,
    "ImageType": [
      "ORIGINAL",
      "PRIMARY",
      "M",
      "ND",
      "NORM"
    ],
    "InversionTime": 1,
    "MagneticFieldStrength": 3,
    "Manufacturer": "Siemens",
    "ManufacturersModelName": "TrioTim",
    "PhaseEncodingDirection": "i-",
    "ProcedureStepDescription": "head_Dosenbach_MSC",
    "ProtocolName": "T1_.8x.8x.8_224Slices",
    "RepetitionTime": 2.4,
    "ScanningSequence": "GR_IR",
    "SequenceName": "_tfl3d1_ns",
    "SequenceVariant": "SP_MP_OSP",
    "SeriesDescription": "T1_.8x.8x.8_224Slices",
    "dataset": "ds000224",
    "modality": "T1w",
    "run_id": 1,
    "session_id": "struct01",
    "subject_id": "MSC08"
  },
  "cjv": 0.5237800888608429,
  "cnr": 2.6214196627427317,
  "efc": 0.5943666177344046,
  "fber": 5434.080533235939,
  "fwhm_avg": 3.813103298285489,
  "fwhm_x": 3.9344014070515896,
  "fwhm_y": 3.9326969756097565,
  "fwhm_z": 3.572211512195122,
  "icvs_csf": 0.16668391099715021,
  "icvs_gm": 0.42204845642696337,
  "icvs_wm": 0.4112676325758864,
  "inu_med": 0.6716521978378296,
  "inu_range": 0.384836259484291,
  "provenance": {
    "md5sum": "7941dd268da089a308f7727bf7813f33",
    "settings": {
      "testing": false
    },
    "software": "mriqc",
    "version": "22.0.6",
    "warnings": {
      "large_rot_frame": true,
      "small_air_mask": false
    },
    "webapi_port": null,
    "webapi_url": "https://mriqc.nimh.nih.gov/api/v1"
  },
  "qi_1": 0.0,
  "qi_2": 0.00367381717785264,
  "rpve_csf": 20.97232365832068,
  "rpve_gm": 8.489177223662848,
  "rpve_wm": 9.597192164586568,
  "size_x": 224,
  "size_y": 256,
  "size_z": 256,
  "snr_csf": 2.089961483881959,
  "snr_gm": 10.729741136753196,
  "snr_total": 9.049386730173703,
  "snr_wm": 14.328457569885952,
  "snrd_csf": 22.420641620361277,
  "snrd_gm": 54.7124537165216,
  "snrd_total": 50.40164164104209,
  "snrd_wm": 74.07182958624338,
  "spacing_x": 0.7999997138977051,
  "spacing_y": 0.80078125,
  "spacing_z": 0.80078125,
  "summary_bg_k": 8.50547662345234,
  "summary_bg_mad": 8.845195830173385,
  "summary_bg_mean": 12.653942978140549,
  "summary_bg_median": 5.9659939259290695,
  "summary_bg_n": 4021447.0,
  "summary_bg_p05": 0.0,
  "summary_bg_p95": 49.48460517451167,
  "summary_bg_stdv": 18.184977500048028,
  "summary_csf_k": 0.509459919185498,
  "summary_csf_mad": 138.13247488120768,
  "summary_csf_mean": 307.9509271862277,
  "summary_csf_median": 302.70790291950107,
  "summary_csf_n": 60988.0,
  "summary_csf_p05": 72.96244849357755,
  "summary_csf_p95": 557.3564103245735,
  "summary_csf_stdv": 144.83779894668263,
  "summary_gm_k": 0.061376010786882595,
  "summary_gm_mad": 68.25542782283794,
  "summary_gm_mean": 738.1098670646396,
  "summary_gm_median": 738.6894812621176,
  "summary_gm_n": 68979.0,
  "summary_gm_p05": 623.2474987953901,
  "summary_gm_p95": 849.855834748596,
  "summary_gm_stdv": 68.8445431605531,
  "summary_wm_k": 0.24339593951567196,
  "summary_wm_mad": 68.64854763751232,
  "summary_wm_mean": 1002.923062848748,
  "summary_wm_median": 1000.0663040392101,
  "summary_wm_n": 454596.0,
  "summary_wm_p05": 892.9767130687833,
  "summary_wm_p95": 1121.3831333024427,
  "summary_wm_stdv": 69.79573336559389,
  "tpm_overlap_csf": 0.12874307932710358,
  "tpm_overlap_gm": 0.44072210537755807,
  "tpm_overlap_wm": 0.4947786185641301,
  "wm2max": 0.6334075069275338
}