{
  "aor": 0.001323495145631068,
  "aqi": 0.012881853980582522,
  "bids_meta": {
    "BodyPartExamined": "HEAD",
    "CogAtlasID": "http://www.cognitiveatlas.org/term/id/trm_550b53d7dd674",
    "ConversionSoftware": "dcm2niix",
    "ConversionSoftwareVersion": "v1.0.20170411 GCC4.4.7",
    "EchoTime": 0.027,
    "EffectiveEchoSpacing": 0.000590001,
    "FlipAngle": 90,
    "ImageType": [
      "ORIGINAL",
      "PRIMARY",
      "M",
      "ND",
      "NORM",
      "MOSAIC"
    ],
    "Instructions": "In this next scan you'll be prompted to move your hands, feet, or tongue. You'll only move one of these at once. Instructions are presented on the screen. Let?s review them now. [Read on-screen instructions to participant.] Do you have any questions?",
    "MagneticFieldStrength": 3,
    "Manufacturer": "Siemens",
    "ManufacturersModelName": "TrioTim",
    "PhaseEncodingDirection": "j-",
    "ProcedureStepDescription": "head_Dosenbach_MSC",
    "ProtocolName": "Motor_104Frames_36Slices_TR2.2",
    "RepetitionTime": 2.2,
    "ScanningSequence": "EP",
    "SequenceName": "_epfid2d1_64",
    "SequenceVariant": "SK",
    "SeriesDescription": "Motor_104Frames_36Slices_TR2.2",
    "SliceTiming": [
      1.105,
      0,
      1.1675,
      0.0625,
      1.2275,
      0.1225,
      1.29,
      0.185,
      1.35,
      0.245,
      1.4125,
      0.3075,
      1.4725,
      0.37,
      1.535,
      0.43,
      1.595,
      0.4925,
      1.6575,
      0.5525,
      1.7175,
      0.615,
      1.78,
      0.675,
      1.84,
      0.7375,
      1.9025,
      0.7975,
      1.965,
      0.86,
      2.025,
      0.92,
      2.0875,
      0.9825,
      2.1475,
      1.0425
    ],
    "SoftwareVersion": "syngo MR B17",
    "TaskName": "motor",
    "dataset": "ds000224",
    "modality": "bold",
    "run_id": 2,
    "session_id": "func01",
    "subject_id": "MSC08",
    "task_id": "motor"
  },
  "dummy_trs": 1,
  "dvars_nstd": 21.05902535343137,
  "dvars_std": 1.2901168706862751,
  "dvars_vstd": 0.9171721312745099,
  "efc": 0.39975574907130124,
  "fber": 26368.763671875,
  "fd_mean": 0.1817228688092966,
  "fd_num": 35,
  "fd_perc": 33.980582524271846,
  "fwhm_avg": 1.681364296727945,
  "fwhm_x": 1.5743575938390253,
  "fwhm_y": 1.812455,
  "fwhm_z": 1.65728029634481,
  "gcor": 0.00693035,
  "gsr_x": -0.02378719672560692,
  "gsr_y": 0.008058024570345879,
  "provenance": {
    "md5sum": "e415a32aeccdabc5438a5ceb26909828",
    "settings": {
      "fd_thres": 0.2,
      "testing": false
    },
    "software": "mriqc",
    "version": "22.0.6",
    "webapi_port": null,
    "webapi_url": "https://mriqc.nimh.nih.gov/api/v1"
  },
  "size_t": 103,
  "size_x": 64,
  "size_y": 64,
  "size_z": 36,
  "snr": 8.591842845925983,
  "spacing_tr": 2.200000047683716,
  "spacing_x": 3.999999761581421,
  "spacing_y": 4.0,
  "spacing_z": 3.9999992847442627,
  "summary_bg_k": 37.962289901518496,
  "summary_bg_mad": 3.4402128667390297,
  "summary_bg_mean": 18.068138122558594,
  "summary_bg_median": 3.834951400756836,
  "summary_bg_n": 104063.0,
  "summary_bg_p05": 1.165048599243164,
  "summary_bg_p95": 90.68835220336908,
  "summary_bg_stdv": 40.042449951171875,
  "summary_fg_k": 2.3219907487475435,
  "summary_fg_mad": 64.09729900096768,
  "summary_fg_mean": 626.4088134765625,
  "summary_fg_median": 625.330078125,
  "summary_fg_n": 15214.0,
  "summary_fg_p05": 512.4364044189454,
  "summary_fg_p95": 742.0325103759766,
  "summary_fg_stdv": 72.7794418334961,
  "tsnr": 68.83305806852877
}