{
  "aor": 0.016552307692307693,
  "aqi": 0.017016747692307693,
  "bids_meta": {
    "BodyPartExamined": "HEAD",
    "CogAtlasID": "http://www.cognitiveatlas.org/term/id/trm_550b53d7dd674",
    "ConversionSoftware": "dcm2niix",
    "ConversionSoftwareVersion": "v1.0.20170411 GCC4.4.7",
    "EchoTime": 0.027,
    "EffectiveEchoSpacing": 0.000590001,
    "FlipAngle": 90,
    "ImageType": [
      "ORIGINAL",
      "PRIMARY",
      "M",
      "ND",
      "NORM",
      "MOSAIC"
    ],
    "Instructions": "In this next scan you'll be prompted to move your hands, feet, or tongue. You'll only move one of these at once. Instructions are presented on the screen. Let?s review them now. [Read on-screen instructions to participant.] Do you have any questions?",
    "MagneticFieldStrength": 3,
    "Manufacturer": "Siemens",
    "ManufacturersModelName": "TrioTim",
    "PhaseEncodingDirection": "j-",
    "ProcedureStepDescription": "head_Dosenbach_MSC",
    "ProtocolName": "Motor_104Frames_36Slices_TR2.2",
    "RepetitionTime": 2.2,
    "ScanningSequence": "EP",
    "SequenceName": "_epfid2d1_64",
    "SequenceVariant": "SK",
    "SeriesDescription": "Motor_104Frames_36Slices_TR2.2",
    "SliceTiming": [
      1.105,
      0,
      1.1675,
      0.0625,
      1.2275,
      0.1225,
      1.29,
      0.185,
      1.35,
      0.245,
      1.4125,
      0.3075,
      1.4725,
      0.37,
      1.535,
      0.43,
      1.595,
      0.4925,
      1.6575,
      0.5525,
      1.7175,
      0.615,
      1.78,
      0.675,
      1.84,
      0.7375,
      1.9025,
      0.7975,
      1.965,
      0.86,
      2.025,
      0.92,
      2.0875,
      0.9825,
      2.1475,
      1.0425
    ],
    "SoftwareVersion": "syngo MR B17",
    "TaskName": "motor",
    "dataset": "ds000224",
    "modality": "bold",
    "run_id": 2,
    "session_id": "func10",
    "subject_id": "MSC07",
    "task_id": "motor"
  },
  "dummy_trs": 0,
  "dvars_nstd": 18.010687966504854,
  "dvars_std": 1.1781691276699031,
  "dvars_vstd": 1.046146440194175,
  "efc": 0.40133827683265344,
  "fber": 31608.751953125,
  "fd_mean": 0.28907381075719035,
  "fd_num": 72,
  "fd_perc": 69.23076923076923,
  "fwhm_avg": 1.6532182053433166,
  "fwhm_x": 1.522895,
  "fwhm_y": 1.8262725,
  "fwhm_z": 1.6104871160299503,
  "gcor": 0.0243728,
  "gsr_x": -0.028256874531507492,
  "gsr_y": 0.019543569535017014,
  "provenance": {
    "md5sum": "ac52bd147d80a9e8035a45c50182ff16",
    "settings": {
      "fd_thres": 0.2,
      "testing": false
    },
    "software": "mriqc",
    "version": "22.0.6",
    "webapi_port": null,
    "webapi_url": "https://mriqc.nimh.nih.gov/api/v1"
  },
  "size_t": 104,
  "size_x": 64,
  "size_y": 64,
  "size_z": 36,
  "snr": 7.863089511468377,
  "spacing_tr": 2.200000047683716,
  "spacing_x": 4.0,
  "spacing_y": 4.0,
  "spacing_z": 4.000000953674316,
  "summary_bg_k": 29.771637410487244,
  "summary_bg_mad": 4.034388566058168,
  "summary_bg_mean": 23.033130645751953,
  "summary_bg_median": 4.326923370361328,
  "summary_bg_n": 103445.0,
  "summary_bg_p05": 1.076923131942749,
  "summary_bg_p95": 117.54807891845647,
  "summary_bg_stdv": 54.734745025634766,
  "summary_fg_k": 1.0564119985640037,
  "summary_fg_mad": 90.76658370760427,
  "summary_fg_mean": 761.2296142578125,
  "summary_fg_median": 756.6202392578125,
  "summary_fg_n": 15738.0,
  "summary_fg_p05": 611.4202117919922,
  "summary_fg_p95": 917.8668640136718,
  "summary_fg_stdv": 96.22123718261719,
  "tsnr": 51.825698658358306
}