{
  "aor": 0.007693653846153847,
  "aqi": 0.013057632307692309,
  "bids_meta": {
    "BodyPartExamined": "HEAD",
    "CogAtlasID": "http://www.cognitiveatlas.org/term/id/trm_550b53d7dd674",
    "ConversionSoftware": "dcm2niix",
    "ConversionSoftwareVersion": "v1.0.20170411 GCC4.4.7",
    "EchoTime": 0.027,
    "EffectiveEchoSpacing": 0.000590001,
    "FlipAngle": 90,
    "ImageType": [
      "ORIGINAL",
      "PRIMARY",
      "M",
      "ND",
      "NORM",
      "MOSAIC"
    ],
    "Instructions": "In this next scan you'll be prompted to move your hands, feet, or tongue. You'll only move one of these at once. Instructions are presented on the screen. Let?s review them now. [Read on-screen instructions to participant.] Do you have any questions?",
    "MagneticFieldStrength": 3,
    "Manufacturer": "Siemens",
    "ManufacturersModelName": "TrioTim",
    "PhaseEncodingDirection": "j-",
    "ProcedureStepDescription": "head_Dosenbach_MSC",
    "ProtocolName": "Motor_104Frames_36Slices_TR2.2",
    "RepetitionTime": 2.2,
    "ScanningSequence": "EP",
    "SequenceName": "_epfid2d1_64",
    "SequenceVariant": "SK",
    "SeriesDescription": "Motor_104Frames_36Slices_TR2.2",
    "SliceTiming": [
      1.105,
      0,
      1.1675,
      0.0625,
      1.2275,
      0.1225,
      1.29,
      0.185,
      1.35,
      0.245,
      1.4125,
      0.3075,
      1.4725,
      0.37,
      1.535,
      0.43,
      1.595,
      0.4925,
      1.6575,
      0.5525,
      1.7175,
      0.615,
      1.78,
      0.675,
      1.84,
      0.7375,
      1.9025,
      0.7975,
      1.965,
      0.86,
      2.025,
      0.92,
      2.0875,
      0.9825,
      2.1475,
      1.0425
    ],
    "SoftwareVersion": "syngo MR B17",
    "TaskName": "motor",
    "dataset": "ds000224",
    "modality": "bold",
    "run_id": 1,
    "session_id": "func10",
    "subject_id": "MSC07",
    "task_id": "motor"
  },
  "dummy_trs": 0,
  "dvars_nstd": 18.261135916213586,
  "dvars_std": 1.167175723106796,
  "dvars_vstd": 0.975674924271845,
  "efc": 0.4019037152545155,
  "fber": 31904.4140625,
  "fd_mean": 0.2537766994929162,
  "fd_num": 63,
  "fd_perc": 60.57692307692308,
  "fwhm_avg": 1.6463932056226636,
  "fwhm_x": 1.530175,
  "fwhm_y": 1.8020325,
  "fwhm_z": 1.6069721168679911,
  "gcor": 0.0249178,
  "gsr_x": -0.028826551511883736,
  "gsr_y": 0.019796691834926605,
  "provenance": {
    "md5sum": "7388ba606356a673132fe176c52a6519",
    "settings": {
      "fd_thres": 0.2,
      "testing": false
    },
    "software": "mriqc",
    "version": "22.0.6",
    "webapi_port": null,
    "webapi_url": "https://mriqc.nimh.nih.gov/api/v1"
  },
  "size_t": 104,
  "size_x": 64,
  "size_y": 64,
  "size_z": 36,
  "snr": 7.845795206483607,
  "spacing_tr": 2.200000047683716,
  "spacing_x": 4.0,
  "spacing_y": 4.0,
  "spacing_z": 4.000000953674316,
  "summary_bg_k": 30.25214324370358,
  "summary_bg_mad": 3.7920402624485656,
  "summary_bg_mean": 22.89737319946289,
  "summary_bg_median": 4.25,
  "summary_bg_n": 103358.0,
  "summary_bg_p05": 1.1826924085617065,
  "summary_bg_p95": 116.8572158813476,
  "summary_bg_stdv": 54.895572662353516,
  "summary_fg_k": 1.135607870708312,
  "summary_fg_mad": 91.36536171540772,
  "summary_fg_mean": 760.0234985351562,
  "summary_fg_median": 755.7115478515625,
  "summary_fg_n": 15777.0,
  "summary_fg_p05": 613.7557739257812,
  "summary_fg_p95": 916.098095703125,
  "summary_fg_stdv": 96.3175277709961,
  "tsnr": 60.561726028099656
}