{
  "aor": 0.0072551711491442555,
  "aqi": 0.006896141711491442,
  "bids_meta": {
    "BodyPartExamined": "HEAD",
    "CogAtlasID": "http://www.cognitiveatlas.org/term/id/trm_4c8a834779883",
    "ConversionSoftware": "dcm2niix",
    "ConversionSoftwareVersion": "v1.0.20170411 GCC4.4.7",
    "EchoTime": 0.027,
    "EffectiveEchoSpacing": 0.000590001,
    "FlipAngle": 90,
    "ImageType": [
      "ORIGINAL",
      "PRIMARY",
      "M",
      "ND",
      "NORM",
      "MOSAIC"
    ],
    "Instructions": "During this first scan, a plus sign will be presented on the screen.  All you need to do is simply relax and look at the plus sign. Please keep your eyes open the entire time, and be as still as possible. It's extremely important that you stay awake for the entire duration of this scan. This scan will last ~30 minutes.",
    "MagneticFieldStrength": 3,
    "Manufacturer": "Siemens",
    "ManufacturersModelName": "TrioTim",
    "PhaseEncodingDirection": "j-",
    "ProcedureStepDescription": "head_Dosenbach_MSC",
    "ProtocolName": "RSFC_818Frames_36Slices_TR2.2",
    "RepetitionTime": 2.2,
    "ScanningSequence": "EP",
    "SequenceName": "_epfid2d1_64",
    "SequenceVariant": "SK",
    "SeriesDescription": "RSFC_818Frames_36Slices_TR2.2",
    "SliceTiming": [
      1.105,
      0,
      1.165,
      0.06,
      1.2275,
      0.1225,
      1.2875,
      0.185,
      1.35,
      0.245,
      1.41,
      0.3075,
      1.4725,
      0.3675,
      1.5325,
      0.43,
      1.595,
      0.49,
      1.655,
      0.5525,
      1.7175,
      0.6125,
      1.78,
      0.675,
      1.84,
      0.735,
      1.9025,
      0.7975,
      1.9625,
      0.8575,
      2.025,
      0.92,
      2.085,
      0.9825,
      2.1475,
      1.0425
    ],
    "SoftwareVersion": "syngo MR B17",
    "TaskName": "rest",
    "dataset": "ds000224",
    "modality": "bold",
    "session_id": "func07",
    "subject_id": "MSC03",
    "task_id": "rest"
  },
  "dummy_trs": 0,
  "dvars_nstd": 15.940026285507944,
  "dvars_std": 1.227466041921665,
  "dvars_vstd": 1.0807465648225216,
  "efc": 0.3695688857825264,
  "fber": 43259.0625,
  "fd_mean": 0.29242335076309633,
  "fd_num": 594,
  "fd_perc": 72.61613691931541,
  "fwhm_avg": 1.73904519442148,
  "fwhm_x": 1.6070275,
  "fwhm_y": 1.9791825,
  "fwhm_z": 1.6309255832644403,
  "gcor": 0.0312389,
  "gsr_x": -0.02450466714799404,
  "gsr_y": 0.012971088290214539,
  "provenance": {
    "md5sum": "19f6f977208e76f9c68eab271ac60aff",
    "settings": {
      "fd_thres": 0.2,
      "testing": false
    },
    "software": "mriqc",
    "version": "22.0.6",
    "webapi_port": null,
    "webapi_url": "https://mriqc.nimh.nih.gov/api/v1"
  },
  "size_t": 818,
  "size_x": 64,
  "size_y": 64,
  "size_z": 36,
  "snr": 7.7663315782880975,
  "spacing_tr": 2.200000047683716,
  "spacing_x": 4.0,
  "spacing_y": 4.0,
  "spacing_z": 3.9999985694885254,
  "summary_bg_k": 36.14180398896829,
  "summary_bg_mad": 2.4214627216457925,
  "summary_bg_mean": 13.736703872680664,
  "summary_bg_median": 2.860635757446289,
  "summary_bg_n": 106857.0,
  "summary_bg_p05": 0.8422983288764954,
  "summary_bg_p95": 69.25232696533203,
  "summary_bg_stdv": 32.79512023925781,
  "summary_fg_k": 1.8592042122641885,
  "summary_fg_mad": 67.20647439315727,
  "summary_fg_mean": 591.8541870117188,
  "summary_fg_median": 590.0244750976562,
  "summary_fg_n": 13372.0,
  "summary_fg_p05": 470.1469711303711,
  "summary_fg_p95": 712.9966094970703,
  "summary_fg_stdv": 75.96925354003906,
  "tsnr": 74.26765375537798
}