{
  "aor": 0.005336346153846153,
  "aqi": 0.00788081298076923,
  "bids_meta": {
    "BodyPartExamined": "HEAD",
    "CogAtlasID": "http://www.cognitiveatlas.org/term/id/trm_550b53d7dd674",
    "ConversionSoftware": "dcm2niix",
    "ConversionSoftwareVersion": "v1.0.20170411 GCC4.4.7",
    "EchoTime": 0.027,
    "EffectiveEchoSpacing": 0.000590001,
    "FlipAngle": 90,
    "ImageType": [
      "ORIGINAL",
      "PRIMARY",
      "M",
      "ND",
      "NORM",
      "MOSAIC"
    ],
    "Instructions": "In this next scan you'll be prompted to move your hands, feet, or tongue. You'll only move one of these at once. Instructions are presented on the screen. Let?s review them now. [Read on-screen instructions to participant.] Do you have any questions?",
    "MagneticFieldStrength": 3,
    "Manufacturer": "Siemens",
    "ManufacturersModelName": "TrioTim",
    "PhaseEncodingDirection": "j-",
    "ProcedureStepDescription": "head_Dosenbach_MSC",
    "ProtocolName": "Motor_104Frames_36Slices_TR2.2",
    "RepetitionTime": 2.2,
    "ScanningSequence": "EP",
    "SequenceName": "_epfid2d1_64",
    "SequenceVariant": "SK",
    "SeriesDescription": "Motor_104Frames_36Slices_TR2.2",
    "SliceTiming": [
      1.105,
      0,
      1.1675,
      0.0625,
      1.2275,
      0.1225,
      1.29,
      0.185,
      1.35,
      0.245,
      1.4125,
      0.3075,
      1.4725,
      0.37,
      1.535,
      0.43,
      1.595,
      0.4925,
      1.6575,
      0.5525,
      1.7175,
      0.615,
      1.78,
      0.675,
      1.84,
      0.7375,
      1.9025,
      0.7975,
      1.965,
      0.86,
      2.025,
      0.92,
      2.0875,
      0.9825,
      2.1475,
      1.0425
    ],
    "SoftwareVersion": "syngo MR B17",
    "TaskName": "motor",
    "dataset": "ds000224",
    "modality": "bold",
    "run_id": 2,
    "session_id": "func07",
    "subject_id": "MSC03",
    "task_id": "motor"
  },
  "dummy_trs": 0,
  "dvars_nstd": 16.68371944961165,
  "dvars_std": 1.0755919932038835,
  "dvars_vstd": 0.9527399752427187,
  "efc": 0.36851555004790826,
  "fber": 44743.3046875,
  "fd_mean": 0.2907861877898965,
  "fd_num": 68,
  "fd_perc": 65.38461538461539,
  "fwhm_avg": 1.7513435311636043,
  "fwhm_x": 1.6163425,
  "fwhm_y": 1.9781675,
  "fwhm_z": 1.659520593490813,
  "gcor": 0.0152441,
  "gsr_x": -0.024416135624051094,
  "gsr_y": 0.014169203117489815,
  "provenance": {
    "md5sum": "a00c620f1b5a03de25d853daec443d58",
    "settings": {
      "fd_thres": 0.2,
      "testing": false
    },
    "software": "mriqc",
    "version": "22.0.6",
    "webapi_port": null,
    "webapi_url": "https://mriqc.nimh.nih.gov/api/v1"
  },
  "size_t": 104,
  "size_x": 64,
  "size_y": 64,
  "size_z": 36,
  "snr": 7.830584248582692,
  "spacing_tr": 2.200000047683716,
  "spacing_x": 4.0,
  "spacing_y": 4.0,
  "spacing_z": 3.9999985694885254,
  "summary_bg_k": 34.59622143823318,
  "summary_bg_mad": 2.038578403925117,
  "summary_bg_mean": 13.579893112182617,
  "summary_bg_median": 2.817307710647583,
  "summary_bg_n": 106937.0,
  "summary_bg_p05": 1.0961538553237915,
  "summary_bg_p95": 69.03846740722656,
  "summary_bg_stdv": 32.048553466796875,
  "summary_fg_k": 2.209467038497759,
  "summary_fg_mad": 67.48690556229477,
  "summary_fg_mean": 599.1763305664062,
  "summary_fg_median": 596.25,
  "summary_fg_n": 13351.0,
  "summary_fg_p05": 482.4904022216797,
  "summary_fg_p95": 718.6394348144531,
  "summary_fg_stdv": 76.1408920288086,
  "tsnr": 77.1707677077502
}