{
  "aor": 0.0037837500000000002,
  "aqi": 0.0057747495192307695,
  "bids_meta": {
    "BodyPartExamined": "HEAD",
    "CogAtlasID": "http://www.cognitiveatlas.org/term/id/trm_550b53d7dd674",
    "ConversionSoftware": "dcm2niix",
    "ConversionSoftwareVersion": "v1.0.20170411 GCC4.4.7",
    "EchoTime": 0.027,
    "EffectiveEchoSpacing": 0.000590001,
    "FlipAngle": 90,
    "ImageType": [
      "ORIGINAL",
      "PRIMARY",
      "M",
      "ND",
      "NORM",
      "MOSAIC"
    ],
    "Instructions": "In this next scan you'll be prompted to move your hands, feet, or tongue. You'll only move one of these at once. Instructions are presented on the screen. Let?s review them now. [Read on-screen instructions to participant.] Do you have any questions?",
    "MagneticFieldStrength": 3,
    "Manufacturer": "Siemens",
    "ManufacturersModelName": "TrioTim",
    "PhaseEncodingDirection": "j-",
    "ProcedureStepDescription": "head_Dosenbach_MSC",
    "ProtocolName": "Motor_104Frames_36Slices_TR2.2",
    "RepetitionTime": 2.2,
    "ScanningSequence": "EP",
    "SequenceName": "_epfid2d1_64",
    "SequenceVariant": "SK",
    "SeriesDescription": "Motor_104Frames_36Slices_TR2.2",
    "SliceTiming": [
      1.105,
      0,
      1.1675,
      0.0625,
      1.2275,
      0.1225,
      1.29,
      0.185,
      1.35,
      0.245,
      1.4125,
      0.3075,
      1.4725,
      0.37,
      1.535,
      0.43,
      1.595,
      0.4925,
      1.6575,
      0.5525,
      1.7175,
      0.615,
      1.78,
      0.675,
      1.84,
      0.7375,
      1.9025,
      0.7975,
      1.965,
      0.86,
      2.025,
      0.92,
      2.0875,
      0.9825,
      2.1475,
      1.0425
    ],
    "SoftwareVersion": "syngo MR B17",
    "TaskName": "motor",
    "dataset": "ds000224",
    "modality": "bold",
    "run_id": 1,
    "session_id": "func07",
    "subject_id": "MSC02",
    "task_id": "motor"
  },
  "dummy_trs": 0,
  "dvars_nstd": 17.381424301941752,
  "dvars_std": 1.2598928233980584,
  "dvars_vstd": 0.9787893768932043,
  "efc": 0.41142252077597286,
  "fber": 37607.078125,
  "fd_mean": 0.10310330324421936,
  "fd_num": 4,
  "fd_perc": 3.8461538461538463,
  "fwhm_avg": 1.762679266053108,
  "fwhm_x": 1.598405,
  "fwhm_y": 2.022205,
  "fwhm_z": 1.6674277981593248,
  "gcor": 0.0337738,
  "gsr_x": -0.021495509892702103,
  "gsr_y": 0.038787178695201874,
  "provenance": {
    "md5sum": "913f82e33af64fbb20c9dd84e3f27c8a",
    "settings": {
      "fd_thres": 0.2,
      "testing": false
    },
    "software": "mriqc",
    "version": "22.0.6",
    "webapi_port": null,
    "webapi_url": "https://mriqc.nimh.nih.gov/api/v1"
  },
  "size_t": 104,
  "size_x": 64,
  "size_y": 64,
  "size_z": 36,
  "snr": 6.6971379218599685,
  "spacing_tr": 2.200000047683716,
  "spacing_x": 4.0,
  "spacing_y": 4.0,
  "spacing_z": 3.9999992847442627,
  "summary_bg_k": 26.307090051172914,
  "summary_bg_mad": 3.2075529173607635,
  "summary_bg_mean": 21.35284423828125,
  "summary_bg_median": 3.836538553237915,
  "summary_bg_n": 101861.0,
  "summary_bg_p05": 1.2788461446762085,
  "summary_bg_p95": 114.5096206665039,
  "summary_bg_stdv": 48.5509033203125,
  "summary_fg_k": 2.1022587807805024,
  "summary_fg_mad": 97.41693784837659,
  "summary_fg_mean": 745.6746826171875,
  "summary_fg_median": 740.3173217773438,
  "summary_fg_n": 17412.0,
  "summary_fg_p05": 581.4880004882813,
  "summary_fg_p95": 926.5577392578125,
  "summary_fg_stdv": 110.53916931152344,
  "tsnr": 84.58963190764189
}