{
  "aor": 0.003854615384615385,
  "aqi": 0.0042958913461538465,
  "bids_meta": {
    "BodyPartExamined": "HEAD",
    "CogAtlasID": "http://www.cognitiveatlas.org/term/id/trm_550b53d7dd674",
    "ConversionSoftware": "dcm2niix",
    "ConversionSoftwareVersion": "v1.0.20170411 GCC4.4.7",
    "EchoTime": 0.027,
    "EffectiveEchoSpacing": 0.000590001,
    "FlipAngle": 90,
    "ImageType": [
      "ORIGINAL",
      "PRIMARY",
      "M",
      "ND",
      "NORM",
      "MOSAIC"
    ],
    "Instructions": "In this next scan you'll be prompted to move your hands, feet, or tongue. You'll only move one of these at once. Instructions are presented on the screen. Let?s review them now. [Read on-screen instructions to participant.] Do you have any questions?",
    "MagneticFieldStrength": 3,
    "Manufacturer": "Siemens",
    "ManufacturersModelName": "TrioTim",
    "PhaseEncodingDirection": "j-",
    "ProcedureStepDescription": "head_Dosenbach_MSC",
    "ProtocolName": "Motor_104Frames_36Slices_TR2.2",
    "RepetitionTime": 2.2,
    "ScanningSequence": "EP",
    "SequenceName": "_epfid2d1_64",
    "SequenceVariant": "SK",
    "SeriesDescription": "Motor_104Frames_36Slices_TR2.2",
    "SliceTiming": [
      1.105,
      0,
      1.1675,
      0.0625,
      1.2275,
      0.1225,
      1.29,
      0.185,
      1.35,
      0.245,
      1.4125,
      0.3075,
      1.4725,
      0.37,
      1.535,
      0.43,
      1.595,
      0.4925,
      1.6575,
      0.5525,
      1.7175,
      0.615,
      1.78,
      0.675,
      1.84,
      0.7375,
      1.9025,
      0.7975,
      1.965,
      0.86,
      2.025,
      0.92,
      2.0875,
      0.9825,
      2.1475,
      1.0425
    ],
    "SoftwareVersion": "syngo MR B17",
    "TaskName": "motor",
    "dataset": "ds000224",
    "modality": "bold",
    "run_id": 2,
    "session_id": "func07",
    "subject_id": "MSC02",
    "task_id": "motor"
  },
  "dummy_trs": 0,
  "dvars_nstd": 18.679437618543695,
  "dvars_std": 1.3633642033980584,
  "dvars_vstd": 1.0148270737864074,
  "efc": 0.41698600854461526,
  "fber": 33439.80078125,
  "fd_mean": 0.11272398991815522,
  "fd_num": 9,
  "fd_perc": 8.653846153846153,
  "fwhm_avg": 1.7788842659891824,
  "fwhm_x": 1.6286025,
  "fwhm_y": 2.041695,
  "fwhm_z": 1.666355297967547,
  "gcor": 0.0355871,
  "gsr_x": -0.023100271821022034,
  "gsr_y": 0.036100633442401886,
  "provenance": {
    "md5sum": "6bae94f480a951786a34842d980f638a",
    "settings": {
      "fd_thres": 0.2,
      "testing": false
    },
    "software": "mriqc",
    "version": "22.0.6",
    "webapi_port": null,
    "webapi_url": "https://mriqc.nimh.nih.gov/api/v1"
  },
  "size_t": 104,
  "size_x": 64,
  "size_y": 64,
  "size_z": 36,
  "snr": 6.758698196949324,
  "spacing_tr": 2.200000047683716,
  "spacing_x": 4.0,
  "spacing_y": 4.0,
  "spacing_z": 3.9999992847442627,
  "summary_bg_k": 24.634507108123657,
  "summary_bg_mad": 3.307343478489403,
  "summary_bg_mean": 22.46298599243164,
  "summary_bg_median": 4.019230842590332,
  "summary_bg_n": 101449.0,
  "summary_bg_p05": 1.3653846979141235,
  "summary_bg_p95": 119.41154174804662,
  "summary_bg_stdv": 50.32863235473633,
  "summary_fg_k": 2.0509521387638374,
  "summary_fg_mad": 97.98006245810319,
  "summary_fg_mean": 737.8307495117188,
  "summary_fg_median": 733.0433349609375,
  "summary_fg_n": 17692.0,
  "summary_fg_p05": 575.1514526367188,
  "summary_fg_p95": 911.783676147461,
  "summary_fg_stdv": 108.45618438720703,
  "tsnr": 95.50521429860964
}