{
  "aor": 0.002299436964504284,
  "aqi": 0.011456714712362303,
  "bids_meta": {
    "BodyPartExamined": "HEAD",
    "CogAtlasID": "http://www.cognitiveatlas.org/term/id/trm_4c8a834779883",
    "ConversionSoftware": "dcm2niix",
    "ConversionSoftwareVersion": "v1.0.20170411 GCC4.4.7",
    "EchoTime": 0.027,
    "EffectiveEchoSpacing": 0.000590001,
    "FlipAngle": 90,
    "ImageType": [
      "ORIGINAL",
      "PRIMARY",
      "M",
      "ND",
      "NORM",
      "MOSAIC"
    ],
    "Instructions": "During this first scan, a plus sign will be presented on the screen.  All you need to do is simply relax and look at the plus sign. Please keep your eyes open the entire time, and be as still as possible. It's extremely important that you stay awake for the entire duration of this scan. This scan will last ~30 minutes.",
    "MagneticFieldStrength": 3,
    "Manufacturer": "Siemens",
    "ManufacturersModelName": "TrioTim",
    "PhaseEncodingDirection": "j-",
    "ProcedureStepDescription": "head_Dosenbach_MSC",
    "ProtocolName": "RSFC_818Frames_36Slices_TR2.2",
    "RepetitionTime": 2.2,
    "ScanningSequence": "EP",
    "SequenceName": "_epfid2d1_64",
    "SequenceVariant": "SK",
    "SeriesDescription": "RSFC_818Frames_36Slices_TR2.2",
    "SliceTiming": [
      1.105,
      0,
      1.165,
      0.06,
      1.2275,
      0.1225,
      1.2875,
      0.185,
      1.35,
      0.245,
      1.41,
      0.3075,
      1.4725,
      0.3675,
      1.5325,
      0.43,
      1.595,
      0.49,
      1.655,
      0.5525,
      1.7175,
      0.6125,
      1.78,
      0.675,
      1.84,
      0.735,
      1.9025,
      0.7975,
      1.9625,
      0.8575,
      2.025,
      0.92,
      2.085,
      0.9825,
      2.1475,
      1.0425
    ],
    "SoftwareVersion": "syngo MR B17",
    "TaskName": "rest",
    "dataset": "ds000224",
    "modality": "bold",
    "session_id": "func07",
    "subject_id": "MSC02",
    "task_id": "rest"
  },
  "dummy_trs": 1,
  "dvars_nstd": 17.904738661188727,
  "dvars_std": 1.2973901189460793,
  "dvars_vstd": 0.962086684558824,
  "efc": 0.41658358541344354,
  "fber": 32600.49609375,
  "fd_mean": 0.09869630060861301,
  "fd_num": 20,
  "fd_perc": 2.4479804161566707,
  "fwhm_avg": 1.7684100986711855,
  "fwhm_x": 1.6164275,
  "fwhm_y": 2.033375,
  "fwhm_z": 1.6554277960135573,
  "gcor": 0.0329329,
  "gsr_x": -0.02284959889948368,
  "gsr_y": 0.03572135791182518,
  "provenance": {
    "md5sum": "c0a1150f13d6100ad7d3e3deb0bc5e4a",
    "settings": {
      "fd_thres": 0.2,
      "testing": false
    },
    "software": "mriqc",
    "version": "22.0.6",
    "webapi_port": null,
    "webapi_url": "https://mriqc.nimh.nih.gov/api/v1"
  },
  "size_t": 817,
  "size_x": 64,
  "size_y": 64,
  "size_z": 36,
  "snr": 6.7362389414473,
  "spacing_tr": 2.200000047683716,
  "spacing_x": 4.0,
  "spacing_y": 4.0,
  "spacing_z": 3.9999992847442627,
  "summary_bg_k": 26.187556498911103,
  "summary_bg_mad": 3.340845421067818,
  "summary_bg_mean": 21.92726707458496,
  "summary_bg_median": 4.046511650085449,
  "summary_bg_n": 101301.0,
  "summary_bg_p05": 1.3867809772491455,
  "summary_bg_p95": 114.63035583496094,
  "summary_bg_stdv": 49.456504821777344,
  "summary_fg_k": 2.2937501009857346,
  "summary_fg_mad": 97.3436402533455,
  "summary_fg_mean": 739.9306640625,
  "summary_fg_median": 734.1615600585938,
  "summary_fg_n": 17755.0,
  "summary_fg_p05": 580.9199645996093,
  "summary_fg_p95": 917.7590270996093,
  "summary_fg_stdv": 108.98379516601562,
  "tsnr": 60.5038780013565
}