{
  "aor": 0.0017422766217870258,
  "aqi": 0.036389387025703795,
  "bids_meta": {
    "BodyPartExamined": "HEAD",
    "CogAtlasID": "http://www.cognitiveatlas.org/term/id/trm_4c8a834779883",
    "ConversionSoftware": "dcm2niix",
    "ConversionSoftwareVersion": "v1.0.20170411 GCC4.4.7",
    "EchoTime": 0.027,
    "EffectiveEchoSpacing": 0.000590001,
    "FlipAngle": 90,
    "ImageType": [
      "ORIGINAL",
      "PRIMARY",
      "M",
      "ND",
      "NORM",
      "MOSAIC"
    ],
    "Instructions": "During this first scan, a plus sign will be presented on the screen.  All you need to do is simply relax and look at the plus sign. Please keep your eyes open the entire time, and be as still as possible. It's extremely important that you stay awake for the entire duration of this scan. This scan will last ~30 minutes.",
    "MagneticFieldStrength": 3,
    "Manufacturer": "Siemens",
    "ManufacturersModelName": "TrioTim",
    "PhaseEncodingDirection": "j-",
    "ProcedureStepDescription": "head_Dosenbach_MSC",
    "ProtocolName": "RSFC_818Frames_36Slices_TR2.2",
    "RepetitionTime": 2.2,
    "ScanningSequence": "EP",
    "SequenceName": "_epfid2d1_64",
    "SequenceVariant": "SK",
    "SeriesDescription": "RSFC_818Frames_36Slices_TR2.2",
    "SliceTiming": [
      1.105,
      0,
      1.165,
      0.06,
      1.2275,
      0.1225,
      1.2875,
      0.185,
      1.35,
      0.245,
      1.41,
      0.3075,
      1.4725,
      0.3675,
      1.5325,
      0.43,
      1.595,
      0.49,
      1.655,
      0.5525,
      1.7175,
      0.6125,
      1.78,
      0.675,
      1.84,
      0.735,
      1.9025,
      0.7975,
      1.9625,
      0.8575,
      2.025,
      0.92,
      2.085,
      0.9825,
      2.1475,
      1.0425
    ],
    "SoftwareVersion": "syngo MR B17",
    "TaskName": "rest",
    "dataset": "ds000224",
    "modality": "bold",
    "session_id": "func04",
    "subject_id": "MSC08",
    "task_id": "rest"
  },
  "dummy_trs": 1,
  "dvars_nstd": 31.454979281727923,
  "dvars_std": 1.0337296316176467,
  "dvars_vstd": 0.9003899042892146,
  "efc": 0.39085470819724466,
  "fber": 31165.95703125,
  "fd_mean": 0.501559107691308,
  "fd_num": 622,
  "fd_perc": 76.13219094247246,
  "fwhm_avg": 1.732934300528399,
  "fwhm_x": 1.616325,
  "fwhm_y": 1.8981075,
  "fwhm_z": 1.6843704015851977,
  "gcor": 0.0421215,
  "gsr_x": -0.022124573588371277,
  "gsr_y": 0.009154239669442177,
  "provenance": {
    "md5sum": "9f11a2207aae5ede368da67de8d50190",
    "settings": {
      "fd_thres": 0.2,
      "testing": false
    },
    "software": "mriqc",
    "version": "22.0.6",
    "webapi_port": null,
    "webapi_url": "https://mriqc.nimh.nih.gov/api/v1"
  },
  "size_t": 817,
  "size_x": 64,
  "size_y": 64,
  "size_z": 36,
  "snr": 8.794059805632175,
  "spacing_tr": 2.200000047683716,
  "spacing_x": 4.0,
  "spacing_y": 4.0,
  "spacing_z": 3.9999990463256836,
  "summary_bg_k": 41.756442965007665,
  "summary_bg_mad": 3.1285268268383732,
  "summary_bg_mean": 15.958768844604492,
  "summary_bg_median": 3.555691719055176,
  "summary_bg_n": 104366.0,
  "summary_bg_p05": 1.111383080482483,
  "summary_bg_p95": 78.49510765075684,
  "summary_bg_stdv": 36.01294708251953,
  "summary_fg_k": 2.370198371033469,
  "summary_fg_mad": 63.562226557240656,
  "summary_fg_mean": 619.1416625976562,
  "summary_fg_median": 619.4247436523438,
  "summary_fg_n": 14988.0,
  "summary_fg_p05": 507.489729309082,
  "summary_fg_p95": 729.0580841064453,
  "summary_fg_stdv": 70.43437194824219,
  "tsnr": 33.843712866771966
}