{
  "aor": 0.0023814423076923075,
  "aqi": 0.005369495384615384,
  "bids_meta": {
    "BodyPartExamined": "HEAD",
    "CogAtlasID": "http://www.cognitiveatlas.org/term/id/trm_550b53d7dd674",
    "ConversionSoftware": "dcm2niix",
    "ConversionSoftwareVersion": "v1.0.20170411 GCC4.4.7",
    "EchoTime": 0.027,
    "EffectiveEchoSpacing": 0.000590001,
    "FlipAngle": 90,
    "ImageType": [
      "ORIGINAL",
      "PRIMARY",
      "M",
      "ND",
      "NORM",
      "MOSAIC"
    ],
    "Instructions": "In this next scan you'll be prompted to move your hands, feet, or tongue. You'll only move one of these at once. Instructions are presented on the screen. Let?s review them now. [Read on-screen instructions to participant.] Do you have any questions?",
    "MagneticFieldStrength": 3,
    "Manufacturer": "Siemens",
    "ManufacturersModelName": "TrioTim",
    "PhaseEncodingDirection": "j-",
    "ProcedureStepDescription": "head_Dosenbach_MSC",
    "ProtocolName": "Motor_104Frames_36Slices_TR2.2",
    "RepetitionTime": 2.2,
    "ScanningSequence": "EP",
    "SequenceName": "_epfid2d1_64",
    "SequenceVariant": "SK",
    "SeriesDescription": "Motor_104Frames_36Slices_TR2.2",
    "SliceTiming": [
      1.105,
      0,
      1.1675,
      0.0625,
      1.2275,
      0.1225,
      1.29,
      0.185,
      1.35,
      0.245,
      1.4125,
      0.3075,
      1.4725,
      0.37,
      1.535,
      0.43,
      1.595,
      0.4925,
      1.6575,
      0.5525,
      1.7175,
      0.615,
      1.78,
      0.675,
      1.84,
      0.7375,
      1.9025,
      0.7975,
      1.965,
      0.86,
      2.025,
      0.92,
      2.0875,
      0.9825,
      2.1475,
      1.0425
    ],
    "SoftwareVersion": "syngo MR B17",
    "TaskName": "motor",
    "dataset": "ds000224",
    "modality": "bold",
    "run_id": 2,
    "session_id": "func04",
    "subject_id": "MSC08",
    "task_id": "motor"
  },
  "dummy_trs": 0,
  "dvars_nstd": 20.06499675660194,
  "dvars_std": 1.331941906213592,
  "dvars_vstd": 1.0138159580582529,
  "efc": 0.3894487113315459,
  "fber": 37494.50390625,
  "fd_mean": 0.23085764781614065,
  "fd_num": 57,
  "fd_perc": 54.80769230769231,
  "fwhm_avg": 1.6839034637936268,
  "fwhm_x": 1.59086,
  "fwhm_y": 1.81928,
  "fwhm_z": 1.6415703913808801,
  "gcor": 0.0518918,
  "gsr_x": -0.022105718031525612,
  "gsr_y": 0.009413916617631912,
  "provenance": {
    "md5sum": "c1e583028c41ce24fa1902ca912a03d9",
    "settings": {
      "fd_thres": 0.2,
      "testing": false
    },
    "software": "mriqc",
    "version": "22.0.6",
    "webapi_port": null,
    "webapi_url": "https://mriqc.nimh.nih.gov/api/v1"
  },
  "size_t": 104,
  "size_x": 64,
  "size_y": 64,
  "size_z": 36,
  "snr": 8.58525791076604,
  "spacing_tr": 2.200000047683716,
  "spacing_x": 4.0,
  "spacing_y": 4.0,
  "spacing_z": 3.9999990463256836,
  "summary_bg_k": 41.49726153743866,
  "summary_bg_mad": 2.337949910571079,
  "summary_bg_mean": 15.306221961975098,
  "summary_bg_median": 3.17307710647583,
  "summary_bg_n": 104409.0,
  "summary_bg_p05": 1.2980769872665405,
  "summary_bg_p95": 76.52884674072266,
  "summary_bg_stdv": 34.89347457885742,
  "summary_fg_k": 2.7141435879304723,
  "summary_fg_mad": 64.40768264412407,
  "summary_fg_mean": 618.5143432617188,
  "summary_fg_median": 618.9423217773438,
  "summary_fg_n": 15001.0,
  "summary_fg_p05": 505.61541748046875,
  "summary_fg_p95": 730.97119140625,
  "summary_fg_stdv": 72.09121704101562,
  "tsnr": 100.94020718871616
}