{
  "aor": 0.00315625,
  "aqi": 0.005591240384615385,
  "bids_meta": {
    "BodyPartExamined": "HEAD",
    "CogAtlasID": "http://www.cognitiveatlas.org/term/id/trm_550b53d7dd674",
    "ConversionSoftware": "dcm2niix",
    "ConversionSoftwareVersion": "v1.0.20170411 GCC4.4.7",
    "EchoTime": 0.027,
    "EffectiveEchoSpacing": 0.000590001,
    "FlipAngle": 90,
    "ImageType": [
      "ORIGINAL",
      "PRIMARY",
      "M",
      "ND",
      "NORM",
      "MOSAIC"
    ],
    "Instructions": "In this next scan you'll be prompted to move your hands, feet, or tongue. You'll only move one of these at once. Instructions are presented on the screen. Let?s review them now. [Read on-screen instructions to participant.] Do you have any questions?",
    "MagneticFieldStrength": 3,
    "Manufacturer": "Siemens",
    "ManufacturersModelName": "TrioTim",
    "PhaseEncodingDirection": "j-",
    "ProcedureStepDescription": "head_Dosenbach_MSC",
    "ProtocolName": "Motor_104Frames_36Slices_TR2.2",
    "RepetitionTime": 2.2,
    "ScanningSequence": "EP",
    "SequenceName": "_epfid2d1_64",
    "SequenceVariant": "SK",
    "SeriesDescription": "Motor_104Frames_36Slices_TR2.2",
    "SliceTiming": [
      1.105,
      0,
      1.1675,
      0.0625,
      1.2275,
      0.1225,
      1.29,
      0.185,
      1.35,
      0.245,
      1.4125,
      0.3075,
      1.4725,
      0.37,
      1.535,
      0.43,
      1.595,
      0.4925,
      1.6575,
      0.5525,
      1.7175,
      0.615,
      1.78,
      0.675,
      1.84,
      0.7375,
      1.9025,
      0.7975,
      1.965,
      0.86,
      2.025,
      0.92,
      2.0875,
      0.9825,
      2.1475,
      1.0425
    ],
    "SoftwareVersion": "syngo MR B17",
    "TaskName": "motor",
    "dataset": "ds000224",
    "modality": "bold",
    "run_id": 1,
    "session_id": "func10",
    "subject_id": "MSC09",
    "task_id": "motor"
  },
  "dummy_trs": 0,
  "dvars_nstd": 17.30474289640777,
  "dvars_std": 1.278601197572816,
  "dvars_vstd": 0.9995797007766989,
  "efc": 0.44094346005816054,
  "fber": 26416.47265625,
  "fd_mean": 0.13923315829048316,
  "fd_num": 19,
  "fd_perc": 18.26923076923077,
  "fwhm_avg": 1.7481844642431643,
  "fwhm_x": 1.611715,
  "fwhm_y": 1.96867,
  "fwhm_z": 1.664168392729493,
  "gcor": 0.0176698,
  "gsr_x": -0.027638310566544533,
  "gsr_y": 0.02670523338019848,
  "provenance": {
    "md5sum": "cfd33b88794e3d88185ca835c3d4585a",
    "settings": {
      "fd_thres": 0.2,
      "testing": false
    },
    "software": "mriqc",
    "version": "22.0.6",
    "webapi_port": null,
    "webapi_url": "https://mriqc.nimh.nih.gov/api/v1"
  },
  "size_t": 104,
  "size_x": 64,
  "size_y": 64,
  "size_z": 36,
  "snr": 8.198827680818413,
  "spacing_tr": 2.200000047683716,
  "spacing_x": 4.0,
  "spacing_y": 4.0,
  "spacing_z": 3.999997854232788,
  "summary_bg_k": 23.03600330862775,
  "summary_bg_mad": 3.677994033115804,
  "summary_bg_mean": 24.43538475036621,
  "summary_bg_median": 4.413461685180664,
  "summary_bg_n": 98390.0,
  "summary_bg_p05": 1.461538553237915,
  "summary_bg_p95": 126.55336761474598,
  "summary_bg_stdv": 51.97119903564453,
  "summary_fg_k": 3.2075171839031915,
  "summary_fg_mad": 77.9506349527036,
  "summary_fg_mean": 734.5030517578125,
  "summary_fg_median": 732.6154174804688,
  "summary_fg_n": 19317.0,
  "summary_fg_p05": 597.19423828125,
  "summary_fg_p95": 873.9038696289064,
  "summary_fg_stdv": 89.35380554199219,
  "tsnr": 98.67750256857835
}