{
  "aor": 0.0009720537897310513,
  "aqi": 0.013174090562347187,
  "bids_meta": {
    "BodyPartExamined": "HEAD",
    "CogAtlasID": "http://www.cognitiveatlas.org/term/id/trm_4c8a834779883",
    "ConversionSoftware": "dcm2niix",
    "ConversionSoftwareVersion": "v1.0.20170411 GCC4.4.7",
    "EchoTime": 0.027,
    "EffectiveEchoSpacing": 0.000590001,
    "FlipAngle": 90,
    "ImageType": [
      "ORIGINAL",
      "PRIMARY",
      "M",
      "ND",
      "NORM",
      "MOSAIC"
    ],
    "Instructions": "During this first scan, a plus sign will be presented on the screen.  All you need to do is simply relax and look at the plus sign. Please keep your eyes open the entire time, and be as still as possible. It's extremely important that you stay awake for the entire duration of this scan. This scan will last ~30 minutes.",
    "MagneticFieldStrength": 3,
    "Manufacturer": "Siemens",
    "ManufacturersModelName": "TrioTim",
    "PhaseEncodingDirection": "j-",
    "ProcedureStepDescription": "head_Dosenbach_MSC",
    "ProtocolName": "RSFC_818Frames_36Slices_TR2.2",
    "RepetitionTime": 2.2,
    "ScanningSequence": "EP",
    "SequenceName": "_epfid2d1_64",
    "SequenceVariant": "SK",
    "SeriesDescription": "RSFC_818Frames_36Slices_TR2.2",
    "SliceTiming": [
      1.105,
      0,
      1.165,
      0.06,
      1.2275,
      0.1225,
      1.2875,
      0.185,
      1.35,
      0.245,
      1.41,
      0.3075,
      1.4725,
      0.3675,
      1.5325,
      0.43,
      1.595,
      0.49,
      1.655,
      0.5525,
      1.7175,
      0.6125,
      1.78,
      0.675,
      1.84,
      0.735,
      1.9025,
      0.7975,
      1.9625,
      0.8575,
      2.025,
      0.92,
      2.085,
      0.9825,
      2.1475,
      1.0425
    ],
    "SoftwareVersion": "syngo MR B17",
    "TaskName": "rest",
    "dataset": "ds000224",
    "modality": "bold",
    "session_id": "func08",
    "subject_id": "MSC09",
    "task_id": "rest"
  },
  "dummy_trs": 0,
  "dvars_nstd": 18.05975179778457,
  "dvars_std": 1.1669856221664627,
  "dvars_vstd": 0.9544130118727054,
  "efc": 0.43519299751730245,
  "fber": 23968.388671875,
  "fd_mean": 0.19857449516541364,
  "fd_num": 340,
  "fd_perc": 41.56479217603912,
  "fwhm_avg": 1.7421049999999998,
  "fwhm_x": 1.6103125,
  "fwhm_y": 1.9774275,
  "fwhm_z": 1.638575,
  "gcor": 0.0600187,
  "gsr_x": -0.024641823023557663,
  "gsr_y": 0.023691965267062187,
  "provenance": {
    "md5sum": "e5d3f6a576c7d279c8db194cc727e0f5",
    "settings": {
      "fd_thres": 0.2,
      "testing": false
    },
    "software": "mriqc",
    "version": "22.0.6",
    "webapi_port": null,
    "webapi_url": "https://mriqc.nimh.nih.gov/api/v1"
  },
  "size_t": 818,
  "size_x": 64,
  "size_y": 64,
  "size_z": 36,
  "snr": 7.990443982328453,
  "spacing_tr": 2.200000047683716,
  "spacing_x": 4.0,
  "spacing_y": 4.0,
  "spacing_z": 4.0,
  "summary_bg_k": 24.756857614749645,
  "summary_bg_mad": 4.049062931220789,
  "summary_bg_mean": 22.618633270263672,
  "summary_bg_median": 4.526895046234131,
  "summary_bg_n": 98811.0,
  "summary_bg_p05": 1.3227384090423584,
  "summary_bg_p95": 117.21760940551758,
  "summary_bg_stdv": 48.454959869384766,
  "summary_fg_k": 3.1922877050688854,
  "summary_fg_mad": 78.2570369981052,
  "summary_fg_mean": 713.6172485351562,
  "summary_fg_median": 711.66015625,
  "summary_fg_n": 18929.0,
  "summary_fg_p05": 578.7249755859375,
  "summary_fg_p95": 851.37509765625,
  "summary_fg_stdv": 89.06155395507812,
  "tsnr": 59.677363825496286
}