{
  "aor": 0.003457115384615385,
  "aqi": 0.00608122576923077,
  "bids_meta": {
    "BodyPartExamined": "HEAD",
    "CogAtlasID": "http://www.cognitiveatlas.org/term/id/trm_550b53d7dd674",
    "ConversionSoftware": "dcm2niix",
    "ConversionSoftwareVersion": "v1.0.20170411 GCC4.4.7",
    "EchoTime": 0.027,
    "EffectiveEchoSpacing": 0.000590001,
    "FlipAngle": 90,
    "ImageType": [
      "ORIGINAL",
      "PRIMARY",
      "M",
      "ND",
      "NORM",
      "MOSAIC"
    ],
    "Instructions": "In this next scan you'll be prompted to move your hands, feet, or tongue. You'll only move one of these at once. Instructions are presented on the screen. Let?s review them now. [Read on-screen instructions to participant.] Do you have any questions?",
    "MagneticFieldStrength": 3,
    "Manufacturer": "Siemens",
    "ManufacturersModelName": "TrioTim",
    "PhaseEncodingDirection": "j-",
    "ProcedureStepDescription": "head_Dosenbach_MSC",
    "ProtocolName": "Motor_104Frames_36Slices_TR2.2",
    "RepetitionTime": 2.2,
    "ScanningSequence": "EP",
    "SequenceName": "_epfid2d1_64",
    "SequenceVariant": "SK",
    "SeriesDescription": "Motor_104Frames_36Slices_TR2.2",
    "SliceTiming": [
      1.105,
      0,
      1.1675,
      0.0625,
      1.2275,
      0.1225,
      1.29,
      0.185,
      1.35,
      0.245,
      1.4125,
      0.3075,
      1.4725,
      0.37,
      1.535,
      0.43,
      1.595,
      0.4925,
      1.6575,
      0.5525,
      1.7175,
      0.615,
      1.78,
      0.675,
      1.84,
      0.7375,
      1.9025,
      0.7975,
      1.965,
      0.86,
      2.025,
      0.92,
      2.0875,
      0.9825,
      2.1475,
      1.0425
    ],
    "SoftwareVersion": "syngo MR B17",
    "TaskName": "motor",
    "dataset": "ds000224",
    "modality": "bold",
    "run_id": 2,
    "session_id": "func08",
    "subject_id": "MSC09",
    "task_id": "motor"
  },
  "dummy_trs": 0,
  "dvars_nstd": 19.62474448932039,
  "dvars_std": 1.3398315566019412,
  "dvars_vstd": 1.0240954545631071,
  "efc": 0.4364216354562137,
  "fber": 28268.533203125,
  "fd_mean": 0.18644852056014072,
  "fd_num": 37,
  "fd_perc": 35.57692307692308,
  "fwhm_avg": 1.7229241666666664,
  "fwhm_x": 1.6054975,
  "fwhm_y": 1.934815,
  "fwhm_z": 1.62846,
  "gcor": 0.0451619,
  "gsr_x": -0.024343449622392654,
  "gsr_y": 0.02562829665839672,
  "provenance": {
    "md5sum": "2481baf7a13f74fbe705345b3e7656b3",
    "settings": {
      "fd_thres": 0.2,
      "testing": false
    },
    "software": "mriqc",
    "version": "22.0.6",
    "webapi_port": null,
    "webapi_url": "https://mriqc.nimh.nih.gov/api/v1"
  },
  "size_t": 104,
  "size_x": 64,
  "size_y": 64,
  "size_z": 36,
  "snr": 8.041932882412889,
  "spacing_tr": 2.200000047683716,
  "spacing_x": 4.0,
  "spacing_y": 4.0,
  "spacing_z": 4.0,
  "summary_bg_k": 23.12223777484819,
  "summary_bg_mad": 3.1220183779161603,
  "summary_bg_mean": 23.771883010864258,
  "summary_bg_median": 4.17307710647583,
  "summary_bg_n": 99075.0,
  "summary_bg_p05": 1.701923131942749,
  "summary_bg_p95": 125.26539077758767,
  "summary_bg_stdv": 51.34174346923828,
  "summary_fg_k": 2.8507390815212696,
  "summary_fg_mad": 78.32137599818806,
  "summary_fg_mean": 715.3826293945312,
  "summary_fg_median": 714.22119140625,
  "summary_fg_n": 18864.0,
  "summary_fg_p05": 580.4591705322266,
  "summary_fg_p95": 853.4957305908202,
  "summary_fg_stdv": 88.80977630615234,
  "tsnr": 93.11118567734957
}