{
  "bids_meta": {
    "BodyPartExamined": "HEAD",
    "ConversionSoftware": "dcm2niix",
    "ConversionSoftwareVersion": "v1.0.20170411 GCC4.4.7",
    "EchoTime": 0.479,
    "FlipAngle": 120,
    "ImageType": [
      "ORIGINAL",
      "PRIMARY",
      "M",
      "ND",
      "NORM"
    ],
    "MagneticFieldStrength": 3,
    "Manufacturer": "Siemens",
    "ManufacturersModelName": "TrioTim",
    "PhaseEncodingDirection": "i-",
    "ProcedureStepDescription": "head_Dosenbach_MSC",
    "ProtocolName": "T2_.8x.8x.8_224Slices",
    "RepetitionTime": 3.2,
    "ScanningSequence": "SE",
    "SequenceName": "_spc3d1_282ns",
    "SequenceVariant": "SK_SP",
    "SeriesDescription": "T2_.8x.8x.8_224Slices",
    "dataset": "ds000224",
    "modality": "T2w",
    "run_id": 1,
    "session_id": "struct01",
    "subject_id": "MSC09"
  },
  "cjv": 0.2364987965917975,
  "cnr": 2.657480935265544,
  "efc": 0.6232010830420673,
  "fber": 5128.497187799015,
  "fwhm_avg": 2.4999681952304846,
  "fwhm_x": 2.332738146667063,
  "fwhm_y": 2.8178981463414634,
  "fwhm_z": 2.349268292682927,
  "icvs_csf": 0.3594233434248014,
  "icvs_gm": 0.5117998581434615,
  "icvs_wm": 0.12877679843173706,
  "inu_med": 1.0226349234580994,
  "inu_range": 0.4716511070728302,
  "provenance": {
    "md5sum": "febb650f47494e375a008157e054c889",
    "settings": {
      "testing": false
    },
    "software": "mriqc",
    "version": "22.0.6",
    "warnings": {
      "large_rot_frame": true,
      "small_air_mask": false
    },
    "webapi_port": null,
    "webapi_url": "https://mriqc.nimh.nih.gov/api/v1"
  },
  "qi_1": 0.0,
  "qi_2": 0.0136133099100375,
  "rpve_csf": 7.727955407268123,
  "rpve_gm": 6.096705457703014,
  "rpve_wm": 26.47930565158058,
  "size_x": 224,
  "size_y": 256,
  "size_z": 256,
  "snr_csf": 8.533754923254142,
  "snr_gm": 6.604084821926446,
  "snr_total": 6.315820156505365,
  "snr_wm": 3.809620724335506,
  "snrd_csf": 39.26961810653386,
  "snrd_gm": 24.146711892390325,
  "snrd_total": 48.677391904398604,
  "snrd_wm": 82.61584571427163,
  "spacing_x": 0.8000040650367737,
  "spacing_y": 0.80078125,
  "spacing_z": 0.80078125,
  "summary_bg_k": 8.943699849907189,
  "summary_bg_mad": 0.0,
  "summary_bg_mean": 4.743296631268837,
  "summary_bg_median": 0.0,
  "summary_bg_n": 2935234.0,
  "summary_bg_p05": 0.0,
  "summary_bg_p95": 21.13342873379588,
  "summary_bg_stdv": 7.928953632632882,
  "summary_csf_k": 0.574288442327564,
  "summary_csf_mad": 53.64453108897906,
  "summary_csf_mean": 476.5011138139548,
  "summary_csf_median": 475.2704644985497,
  "summary_csf_n": 102426.0,
  "summary_csf_p05": 388.1781743019819,
  "summary_csf_p95": 569.2326300032437,
  "summary_csf_stdv": 55.69273417148586,
  "summary_gm_k": 0.16239271368340313,
  "summary_gm_mad": 43.66832096441391,
  "summary_gm_mean": 292.5750299746663,
  "summary_gm_median": 292.24167513102293,
  "summary_gm_n": 446449.0,
  "summary_gm_p05": 220.27922762185335,
  "summary_gm_p95": 365.9165549017489,
  "summary_gm_stdv": 44.25160422907654,
  "summary_wm_k": 2.6437002583602913,
  "summary_wm_mad": 123.68708420905472,
  "summary_wm_mean": 885.505882874253,
  "summary_wm_median": 999.879124391824,
  "summary_wm_n": 47981.0,
  "summary_wm_p05": 162.0565307289362,
  "summary_wm_p95": 1108.7696699649096,
  "summary_wm_stdv": 262.45885802188144,
  "tpm_overlap_csf": 0.109741877596465,
  "tpm_overlap_gm": 0.32185128630006565,
  "tpm_overlap_wm": 0.03309383452540267,
  "wm2max": 0.9147222529396587
}