{
  "bids_meta": {
    "BodyPartExamined": "HEAD",
    "ConversionSoftware": "dcm2niix",
    "ConversionSoftwareVersion": "v1.0.20170411 GCC4.4.7",
    "EchoTime": 0.00374,
    "FlipAngle": 8,
    "ImageType": [
      "ORIGINAL",
      "PRIMARY",
      "M",
      "ND",
      "NORM"
    ],
    "InversionTime": 1,
    "MagneticFieldStrength": 3,
    "Manufacturer": "Siemens",
    "ManufacturersModelName": "TrioTim",
    "PhaseEncodingDirection": "i-",
    "ProcedureStepDescription": "head_Dosenbach_MSC",
    "ProtocolName": "T1_.8x.8x.8_224Slices",
    "RepetitionTime": 2.4,
    "ScanningSequence": "GR_IR",
    "SequenceName": "_tfl3d1_ns",
    "SequenceVariant": "SP_MP_OSP",
    "SeriesDescription": "T1_.8x.8x.8_224Slices",
    "dataset": "ds000224",
    "modality": "T1w",
    "run_id": 1,
    "session_id": "struct01",
    "subject_id": "MSC09"
  },
  "cjv": 0.5368334928859865,
  "cnr": 2.5341916633870096,
  "efc": 0.6597075899270067,
  "fber": 3820.5763330898467,
  "fwhm_avg": 3.693398542731137,
  "fwhm_x": 3.779375335510485,
  "fwhm_y": 3.8678103414634144,
  "fwhm_z": 3.433009951219512,
  "icvs_csf": 0.1583206832735694,
  "icvs_gm": 0.4288927037998874,
  "icvs_wm": 0.41278661292654323,
  "inu_med": 0.651718258857727,
  "inu_range": 0.37875310182571403,
  "provenance": {
    "md5sum": "b4bff02d2e21527e46cc596ececa3f92",
    "settings": {
      "testing": false
    },
    "software": "mriqc",
    "version": "22.0.6",
    "warnings": {
      "large_rot_frame": true,
      "small_air_mask": false
    },
    "webapi_port": null,
    "webapi_url": "https://mriqc.nimh.nih.gov/api/v1"
  },
  "qi_1": 0.0,
  "qi_2": 0.003495737254272143,
  "rpve_csf": 17.8469257013819,
  "rpve_gm": 7.060066720028258,
  "rpve_wm": 8.15681955526219,
  "size_x": 224,
  "size_y": 256,
  "size_z": 256,
  "snr_csf": 2.431920915897561,
  "snr_gm": 10.53935666260936,
  "snr_total": 9.046017876848614,
  "snr_wm": 14.166776052038918,
  "snrd_csf": 23.566178315838474,
  "snrd_gm": 58.069633338826414,
  "snrd_total": 53.28302163826288,
  "snrd_wm": 78.21325326012376,
  "spacing_x": 0.8000025749206543,
  "spacing_y": 0.80078125,
  "spacing_z": 0.80078125,
  "summary_bg_k": 9.23352711684143,
  "summary_bg_mad": 8.376864061621994,
  "summary_bg_mean": 12.656594410615433,
  "summary_bg_median": 5.650108948349953,
  "summary_bg_n": 2760259.0,
  "summary_bg_p05": 0.0,
  "summary_bg_p95": 52.72279576957226,
  "summary_bg_stdv": 19.57910951378923,
  "summary_csf_k": 2.1464443102144264,
  "summary_csf_mad": 103.29752615865158,
  "summary_csf_mean": 314.5009243578901,
  "summary_csf_median": 301.3275894969702,
  "summary_csf_n": 73921.0,
  "summary_csf_p05": 127.5607419013977,
  "summary_csf_p95": 536.3790543973446,
  "summary_csf_stdv": 123.9043380675689,
  "summary_gm_k": 0.06042268329719658,
  "summary_gm_mad": 69.50741498983894,
  "summary_gm_mean": 742.3876027262967,
  "summary_gm_median": 742.5040412768722,
  "summary_gm_n": 108736.0,
  "summary_gm_p05": 625.324941277504,
  "summary_gm_p95": 858.3659379631281,
  "summary_gm_stdv": 70.450279916229,
  "summary_wm_k": 0.3290579377191727,
  "summary_wm_mad": 68.76223383098299,
  "summary_wm_mean": 1003.1790921492224,
  "summary_wm_median": 1000.0692838579416,
  "summary_wm_n": 598881.0,
  "summary_wm_p05": 892.4399078786373,
  "summary_wm_p95": 1123.6090893298388,
  "summary_wm_stdv": 70.59252191435696,
  "tpm_overlap_csf": 0.1539717724697603,
  "tpm_overlap_gm": 0.4407767385169797,
  "tpm_overlap_wm": 0.4993478064619938,
  "wm2max": 0.6356806063543824
}