{
  "bids_meta": {
    "BodyPartExamined": "HEAD",
    "ConversionSoftware": "dcm2niix",
    "ConversionSoftwareVersion": "v1.0.20170411 GCC4.4.7",
    "EchoTime": 0.00374,
    "FlipAngle": 8,
    "ImageType": [
      "ORIGINAL",
      "PRIMARY",
      "M",
      "ND",
      "NORM"
    ],
    "InversionTime": 1,
    "MagneticFieldStrength": 3,
    "Manufacturer": "Siemens",
    "ManufacturersModelName": "TrioTim",
    "PhaseEncodingDirection": "i-",
    "ProcedureStepDescription": "head_Dosenbach_MSC",
    "ProtocolName": "T1_.8x.8x.8_224Slices",
    "RepetitionTime": 2.4,
    "ScanningSequence": "GR_IR",
    "SequenceName": "_tfl3d1_ns",
    "SequenceVariant": "SP_MP_OSP",
    "SeriesDescription": "T1_.8x.8x.8_224Slices",
    "dataset": "ds000224",
    "modality": "T1w",
    "run_id": 2,
    "session_id": "struct01",
    "subject_id": "MSC09"
  },
  "cjv": 0.5429894303934569,
  "cnr": 2.502124959424103,
  "efc": 0.6627057813687518,
  "fber": 3678.2678698970376,
  "fwhm_avg": 3.6645764531824057,
  "fwhm_x": 3.7529629205228265,
  "fwhm_y": 3.8282364878048782,
  "fwhm_z": 3.412529951219512,
  "icvs_csf": 0.15786587724487589,
  "icvs_gm": 0.42750102005891616,
  "icvs_wm": 0.41463310269620796,
  "inu_med": 0.6639654338359833,
  "inu_range": 0.38465098291635513,
  "provenance": {
    "md5sum": "189cf9a1635c1078389a120881a9f3b9",
    "settings": {
      "testing": false
    },
    "software": "mriqc",
    "version": "22.0.6",
    "warnings": {
      "large_rot_frame": true,
      "small_air_mask": false
    },
    "webapi_port": null,
    "webapi_url": "https://mriqc.nimh.nih.gov/api/v1"
  },
  "qi_1": 0.0,
  "qi_2": 0.002992604107212806,
  "rpve_csf": 17.88751291512915,
  "rpve_gm": 7.062354629559452,
  "rpve_wm": 8.095319099932693,
  "size_x": 224,
  "size_y": 256,
  "size_z": 256,
  "snr_csf": 2.359739286402268,
  "snr_gm": 10.379974318000283,
  "snr_total": 8.9070331983883,
  "snr_wm": 13.981385990762346,
  "snrd_csf": 22.849127643288455,
  "snrd_gm": 56.215065611949484,
  "snrd_total": 51.6152762219406,
  "snrd_wm": 75.78163541058383,
  "spacing_x": 0.8000025749206543,
  "spacing_y": 0.80078125,
  "spacing_z": 0.80078125,
  "summary_bg_k": 9.402818968159398,
  "summary_bg_mad": 8.645631150255245,
  "summary_bg_mean": 13.427816629173385,
  "summary_bg_median": 5.831389594823122,
  "summary_bg_n": 2794860.0,
  "summary_bg_p05": 0.0,
  "summary_bg_p95": 54.08197321370244,
  "summary_bg_stdv": 20.630836887054624,
  "summary_csf_k": 2.4394700115420083,
  "summary_csf_mad": 106.06954331198862,
  "summary_csf_mean": 315.54083533657837,
  "summary_csf_median": 301.5328253917396,
  "summary_csf_n": 73638.0,
  "summary_csf_p05": 122.15928145498037,
  "summary_csf_p95": 543.0856435224414,
  "summary_csf_stdv": 127.78139505610342,
  "summary_gm_k": 0.07755982799611738,
  "summary_gm_mad": 70.44954297293701,
  "summary_gm_mean": 741.9422156011552,
  "summary_gm_median": 741.8527231402695,
  "summary_gm_n": 107234.0,
  "summary_gm_p05": 623.2255976684391,
  "summary_gm_p95": 859.746759634465,
  "summary_gm_stdv": 71.46927741515226,
  "summary_wm_k": 0.33915949955324853,
  "summary_wm_mad": 69.7578924809166,
  "summary_wm_mean": 1003.334501614885,
  "summary_wm_median": 1000.0666543990374,
  "summary_wm_n": 599965.0,
  "summary_wm_p05": 891.269585672766,
  "summary_wm_p95": 1125.1582917645574,
  "summary_wm_stdv": 71.528375056804,
  "tpm_overlap_csf": 0.1464424176589821,
  "tpm_overlap_gm": 0.43289229621729247,
  "tpm_overlap_wm": 0.4949549264843163,
  "wm2max": 0.6276433019796969
}