{
  "bids_meta": {
    "BodyPartExamined": "HEAD",
    "ConversionSoftware": "dcm2niix",
    "ConversionSoftwareVersion": "v1.0.20170411 GCC4.4.7",
    "EchoTime": 0.479,
    "FlipAngle": 120,
    "ImageType": [
      "ORIGINAL",
      "PRIMARY",
      "M",
      "ND",
      "NORM"
    ],
    "MagneticFieldStrength": 3,
    "Manufacturer": "Siemens",
    "ManufacturersModelName": "TrioTim",
    "PhaseEncodingDirection": "i-",
    "ProcedureStepDescription": "head_Dosenbach_MSC",
    "ProtocolName": "T2_.8x.8x.8_224Slices",
    "RepetitionTime": 3.2,
    "ScanningSequence": "SE",
    "SequenceName": "_spc3d1_282ns",
    "SequenceVariant": "SK_SP",
    "SeriesDescription": "T2_.8x.8x.8_224Slices",
    "dataset": "ds000224",
    "modality": "T2w",
    "run_id": 2,
    "session_id": "struct01",
    "subject_id": "MSC09"
  },
  "cjv": 0.24079678888994047,
  "cnr": 2.238057408431196,
  "efc": 0.6347359770301101,
  "fber": 5205.7213360855685,
  "fwhm_avg": 2.5221806664999886,
  "fwhm_x": 2.335300633646308,
  "fwhm_y": 2.8218318048780486,
  "fwhm_z": 2.4094095609756097,
  "icvs_csf": 0.36131840363481393,
  "icvs_gm": 0.5125439018584482,
  "icvs_wm": 0.1261376945067378,
  "inu_med": 0.9801647067070007,
  "inu_range": 0.439797043800354,
  "provenance": {
    "md5sum": "f755cc9ca564fbf88a8c5e0c739618ae",
    "settings": {
      "testing": false
    },
    "software": "mriqc",
    "version": "22.0.6",
    "warnings": {
      "large_rot_frame": true,
      "small_air_mask": false
    },
    "webapi_port": null,
    "webapi_url": "https://mriqc.nimh.nih.gov/api/v1"
  },
  "qi_1": 0.0,
  "qi_2": 0.013024194942938253,
  "rpve_csf": 7.68611075931026,
  "rpve_gm": 6.090133628765151,
  "rpve_wm": 26.663579166848926,
  "size_x": 224,
  "size_y": 256,
  "size_z": 256,
  "snr_csf": 8.682159439031624,
  "snr_gm": 7.246679790044388,
  "snr_total": 6.404266405337785,
  "snr_wm": 3.2839599869373433,
  "snrd_csf": 35.13490602654649,
  "snrd_gm": 22.231162832213897,
  "snrd_total": 42.91634707470876,
  "snrd_wm": 71.38297236536589,
  "spacing_x": 0.8000040650367737,
  "spacing_y": 0.80078125,
  "spacing_z": 0.80078125,
  "summary_bg_k": 7.235716532022323,
  "summary_bg_mad": 0.0,
  "summary_bg_mean": 5.688121359962442,
  "summary_bg_median": 0.0,
  "summary_bg_n": 2919451.0,
  "summary_bg_p05": 0.0,
  "summary_bg_p95": 25.391310235485435,
  "summary_bg_stdv": 9.17758912115062,
  "summary_csf_k": 0.40381400952760726,
  "summary_csf_mad": 55.122314025848894,
  "summary_csf_mean": 493.57750706111267,
  "summary_csf_median": 492.19327657856047,
  "summary_csf_n": 113736.0,
  "summary_csf_p05": 403.29441560804844,
  "summary_csf_p95": 587.9034882578999,
  "summary_csf_stdv": 56.689941745122276,
  "summary_gm_k": 0.11813948856163048,
  "summary_gm_mad": 42.44852213959072,
  "summary_gm_mean": 311.8151558382405,
  "summary_gm_median": 311.4290064778179,
  "summary_gm_n": 435643.0,
  "summary_gm_p05": 241.59802413918078,
  "summary_gm_p95": 383.07504788786173,
  "summary_gm_stdv": 42.975356723976056,
  "summary_wm_k": 1.3179429872692907,
  "summary_wm_mad": 123.35245390666343,
  "summary_wm_mean": 855.1211769601282,
  "summary_wm_median": 999.9804477598518,
  "summary_wm_n": 47443.0,
  "summary_wm_p05": 96.84413567986338,
  "summary_wm_p95": 1100.6264491075651,
  "summary_wm_stdv": 304.50124633839283,
  "tpm_overlap_csf": 0.1079754266227612,
  "tpm_overlap_gm": 0.32184123126336545,
  "tpm_overlap_wm": 0.030081028074543947,
  "wm2max": 0.9205353934602947
}