{
  "aor": 0.001768679706601467,
  "aqi": 0.018400605268948655,
  "bids_meta": {
    "BodyPartExamined": "HEAD",
    "CogAtlasID": "http://www.cognitiveatlas.org/term/id/trm_4c8a834779883",
    "ConversionSoftware": "dcm2niix",
    "ConversionSoftwareVersion": "v1.0.20170411 GCC4.4.7",
    "EchoTime": 0.027,
    "EffectiveEchoSpacing": 0.000590001,
    "FlipAngle": 90,
    "ImageType": [
      "ORIGINAL",
      "PRIMARY",
      "M",
      "ND",
      "NORM",
      "MOSAIC"
    ],
    "Instructions": "During this first scan, a plus sign will be presented on the screen.  All you need to do is simply relax and look at the plus sign. Please keep your eyes open the entire time, and be as still as possible. It's extremely important that you stay awake for the entire duration of this scan. This scan will last ~30 minutes.",
    "MagneticFieldStrength": 3,
    "Manufacturer": "Siemens",
    "ManufacturersModelName": "TrioTim",
    "PhaseEncodingDirection": "j-",
    "ProcedureStepDescription": "head_Dosenbach_MSC",
    "ProtocolName": "RSFC_818Frames_36Slices_TR2.2",
    "RepetitionTime": 2.2,
    "ScanningSequence": "EP",
    "SequenceName": "_epfid2d1_64",
    "SequenceVariant": "SK",
    "SeriesDescription": "RSFC_818Frames_36Slices_TR2.2",
    "SliceTiming": [
      1.105,
      0,
      1.165,
      0.06,
      1.2275,
      0.1225,
      1.2875,
      0.185,
      1.35,
      0.245,
      1.41,
      0.3075,
      1.4725,
      0.3675,
      1.5325,
      0.43,
      1.595,
      0.49,
      1.655,
      0.5525,
      1.7175,
      0.6125,
      1.78,
      0.675,
      1.84,
      0.735,
      1.9025,
      0.7975,
      1.9625,
      0.8575,
      2.025,
      0.92,
      2.085,
      0.9825,
      2.1475,
      1.0425
    ],
    "SoftwareVersion": "syngo MR B17",
    "TaskName": "rest",
    "dataset": "ds000224",
    "modality": "bold",
    "session_id": "func03",
    "subject_id": "MSC10",
    "task_id": "rest"
  },
  "dummy_trs": 0,
  "dvars_nstd": 20.49908635893512,
  "dvars_std": 1.1839913982619332,
  "dvars_vstd": 0.9214717219094245,
  "efc": 0.42434325214585006,
  "fber": 24928.25390625,
  "fd_mean": 0.28328079772788434,
  "fd_num": 550,
  "fd_perc": 67.23716381418093,
  "fwhm_avg": 1.723614932669608,
  "fwhm_x": 1.562695,
  "fwhm_y": 1.913725,
  "fwhm_z": 1.6944247980088236,
  "gcor": 0.0275308,
  "gsr_x": -0.020759280771017075,
  "gsr_y": 0.015762370079755783,
  "provenance": {
    "md5sum": "e1d93fb673d9f757c88d84b4c4ba5ce8",
    "settings": {
      "fd_thres": 0.2,
      "testing": false
    },
    "software": "mriqc",
    "version": "22.0.6",
    "webapi_port": null,
    "webapi_url": "https://mriqc.nimh.nih.gov/api/v1"
  },
  "size_t": 818,
  "size_x": 64,
  "size_y": 64,
  "size_z": 36,
  "snr": 7.139771027503222,
  "spacing_tr": 2.200000047683716,
  "spacing_x": 4.0,
  "spacing_y": 4.0,
  "spacing_z": 4.000000476837158,
  "summary_bg_k": 27.839129562081624,
  "summary_bg_mad": 3.9928760616616845,
  "summary_bg_mean": 21.680286407470703,
  "summary_bg_median": 4.310513496398926,
  "summary_bg_n": 100357.0,
  "summary_bg_p05": 1.118582010269165,
  "summary_bg_p95": 117.72225341796873,
  "summary_bg_stdv": 49.70142364501953,
  "summary_fg_k": 1.7467875746906687,
  "summary_fg_mad": 87.46810144034673,
  "summary_fg_mean": 698.0497436523438,
  "summary_fg_median": 692.6705322265625,
  "summary_fg_n": 17724.0,
  "summary_fg_p05": 551.2027770996094,
  "summary_fg_p95": 855.6443908691405,
  "summary_fg_stdv": 97.01305389404297,
  "tsnr": 46.7219705353491
}