{
  "aor": 0.005286817625458996,
  "aqi": 0.005088094553243574,
  "bids_meta": {
    "BodyPartExamined": "HEAD",
    "CogAtlasID": "http://www.cognitiveatlas.org/term/id/trm_4c8a834779883",
    "ConversionSoftware": "dcm2niix",
    "ConversionSoftwareVersion": "v1.0.20170411 GCC4.4.7",
    "EchoTime": 0.027,
    "EffectiveEchoSpacing": 0.000590001,
    "FlipAngle": 90,
    "ImageType": [
      "ORIGINAL",
      "PRIMARY",
      "M",
      "ND",
      "NORM",
      "MOSAIC"
    ],
    "Instructions": "During this first scan, a plus sign will be presented on the screen.  All you need to do is simply relax and look at the plus sign. Please keep your eyes open the entire time, and be as still as possible. It's extremely important that you stay awake for the entire duration of this scan. This scan will last ~30 minutes.",
    "MagneticFieldStrength": 3,
    "Manufacturer": "Siemens",
    "ManufacturersModelName": "TrioTim",
    "PhaseEncodingDirection": "j-",
    "ProcedureStepDescription": "head_Dosenbach_MSC",
    "ProtocolName": "RSFC_818Frames_36Slices_TR2.2",
    "RepetitionTime": 2.2,
    "ScanningSequence": "EP",
    "SequenceName": "_epfid2d1_64",
    "SequenceVariant": "SK",
    "SeriesDescription": "RSFC_818Frames_36Slices_TR2.2",
    "SliceTiming": [
      1.105,
      0,
      1.165,
      0.06,
      1.2275,
      0.1225,
      1.2875,
      0.185,
      1.35,
      0.245,
      1.41,
      0.3075,
      1.4725,
      0.3675,
      1.5325,
      0.43,
      1.595,
      0.49,
      1.655,
      0.5525,
      1.7175,
      0.6125,
      1.78,
      0.675,
      1.84,
      0.735,
      1.9025,
      0.7975,
      1.9625,
      0.8575,
      2.025,
      0.92,
      2.085,
      0.9825,
      2.1475,
      1.0425
    ],
    "SoftwareVersion": "syngo MR B17",
    "TaskName": "rest",
    "dataset": "ds000224",
    "modality": "bold",
    "session_id": "func05",
    "subject_id": "MSC03",
    "task_id": "rest"
  },
  "dummy_trs": 1,
  "dvars_nstd": 15.927565312843136,
  "dvars_std": 1.216097489656863,
  "dvars_vstd": 1.059235820845588,
  "efc": 0.36798163023050534,
  "fber": 46497.1328125,
  "fd_mean": 0.2816332414625455,
  "fd_num": 590,
  "fd_perc": 72.21542227662178,
  "fwhm_avg": 1.7503406372672028,
  "fwhm_x": 1.626045,
  "fwhm_y": 1.980255,
  "fwhm_z": 1.6447219118016083,
  "gcor": 0.0806511,
  "gsr_x": -0.023897303268313408,
  "gsr_y": 0.014299835078418255,
  "provenance": {
    "md5sum": "c2f0c2a2a5b09b14b733ab9dbc79779b",
    "settings": {
      "fd_thres": 0.2,
      "testing": false
    },
    "software": "mriqc",
    "version": "22.0.6",
    "webapi_port": null,
    "webapi_url": "https://mriqc.nimh.nih.gov/api/v1"
  },
  "size_t": 817,
  "size_x": 64,
  "size_y": 64,
  "size_z": 36,
  "snr": 7.904340681192939,
  "spacing_tr": 2.200000047683716,
  "spacing_x": 4.0,
  "spacing_y": 4.0,
  "spacing_z": 4.000001430511475,
  "summary_bg_k": 37.52953920945961,
  "summary_bg_mad": 2.311915938142269,
  "summary_bg_mean": 13.5670747756958,
  "summary_bg_median": 2.87148118019104,
  "summary_bg_n": 106793.0,
  "summary_bg_p05": 0.9388005137443542,
  "summary_bg_p95": 67.17527465820307,
  "summary_bg_stdv": 32.614994049072266,
  "summary_fg_k": 2.040372126729455,
  "summary_fg_mad": 67.81321559647024,
  "summary_fg_mean": 616.1498413085938,
  "summary_fg_median": 615.44677734375,
  "summary_fg_n": 13445.0,
  "summary_fg_p05": 489.2056457519531,
  "summary_fg_p95": 737.93173828125,
  "summary_fg_stdv": 77.85897827148438,
  "tsnr": 84.63448794768192
}