{
  "aor": 0.0023903846153846154,
  "aqi": 0.0033793075961538466,
  "bids_meta": {
    "BodyPartExamined": "HEAD",
    "CogAtlasID": "http://www.cognitiveatlas.org/term/id/trm_550b53d7dd674",
    "ConversionSoftware": "dcm2niix",
    "ConversionSoftwareVersion": "v1.0.20170411 GCC4.4.7",
    "EchoTime": 0.027,
    "EffectiveEchoSpacing": 0.000590001,
    "FlipAngle": 90,
    "ImageType": [
      "ORIGINAL",
      "PRIMARY",
      "M",
      "ND",
      "NORM",
      "MOSAIC"
    ],
    "Instructions": "In this next scan you'll be prompted to move your hands, feet, or tongue. You'll only move one of these at once. Instructions are presented on the screen. Let?s review them now. [Read on-screen instructions to participant.] Do you have any questions?",
    "MagneticFieldStrength": 3,
    "Manufacturer": "Siemens",
    "ManufacturersModelName": "TrioTim",
    "PhaseEncodingDirection": "j-",
    "ProcedureStepDescription": "head_Dosenbach_MSC",
    "ProtocolName": "Motor_104Frames_36Slices_TR2.2",
    "RepetitionTime": 2.2,
    "ScanningSequence": "EP",
    "SequenceName": "_epfid2d1_64",
    "SequenceVariant": "SK",
    "SeriesDescription": "Motor_104Frames_36Slices_TR2.2",
    "SliceTiming": [
      1.105,
      0,
      1.1675,
      0.0625,
      1.2275,
      0.1225,
      1.29,
      0.185,
      1.35,
      0.245,
      1.4125,
      0.3075,
      1.4725,
      0.37,
      1.535,
      0.43,
      1.595,
      0.4925,
      1.6575,
      0.5525,
      1.7175,
      0.615,
      1.78,
      0.675,
      1.84,
      0.7375,
      1.9025,
      0.7975,
      1.965,
      0.86,
      2.025,
      0.92,
      2.0875,
      0.9825,
      2.1475,
      1.0425
    ],
    "SoftwareVersion": "syngo MR B17",
    "TaskName": "motor",
    "dataset": "ds000224",
    "modality": "bold",
    "run_id": 2,
    "session_id": "func05",
    "subject_id": "MSC03",
    "task_id": "motor"
  },
  "dummy_trs": 0,
  "dvars_nstd": 16.222470163009703,
  "dvars_std": 1.1773484487378636,
  "dvars_vstd": 1.0063687304854367,
  "efc": 0.36936235879127327,
  "fber": 43346.14453125,
  "fd_mean": 0.2824294590898278,
  "fd_num": 57,
  "fd_perc": 54.80769230769231,
  "fwhm_avg": 1.7328289683126128,
  "fwhm_x": 1.6017725,
  "fwhm_y": 1.9328,
  "fwhm_z": 1.6639144049378378,
  "gcor": 0.0256018,
  "gsr_x": -0.02501668967306614,
  "gsr_y": 0.012606794945895672,
  "provenance": {
    "md5sum": "528c04f82305aded00a6cc93f148cf03",
    "settings": {
      "fd_thres": 0.2,
      "testing": false
    },
    "software": "mriqc",
    "version": "22.0.6",
    "webapi_port": null,
    "webapi_url": "https://mriqc.nimh.nih.gov/api/v1"
  },
  "size_t": 104,
  "size_x": 64,
  "size_y": 64,
  "size_z": 36,
  "snr": 7.907367685270494,
  "spacing_tr": 2.200000047683716,
  "spacing_x": 4.0,
  "spacing_y": 4.0,
  "spacing_z": 4.000001430511475,
  "summary_bg_k": 34.507883510148446,
  "summary_bg_mad": 2.1668803014620006,
  "summary_bg_mean": 14.266400337219238,
  "summary_bg_median": 2.971153974533081,
  "summary_bg_n": 106896.0,
  "summary_bg_p05": 1.125,
  "summary_bg_p95": 71.24279022216797,
  "summary_bg_stdv": 33.61928939819336,
  "summary_fg_k": 2.227467345327704,
  "summary_fg_mad": 68.51334336530435,
  "summary_fg_mean": 622.447265625,
  "summary_fg_median": 622.048095703125,
  "summary_fg_n": 13329.0,
  "summary_fg_p05": 498.6230895996094,
  "summary_fg_p95": 743.8769409179687,
  "summary_fg_stdv": 78.66394805908203,
  "tsnr": 106.45640423893929
}