{
  "aor": 0.0012129807692307694,
  "aqi": 0.016631789134615386,
  "bids_meta": {
    "BodyPartExamined": "HEAD",
    "CogAtlasID": "http://www.cognitiveatlas.org/term/id/trm_550b53d7dd674",
    "ConversionSoftware": "dcm2niix",
    "ConversionSoftwareVersion": "v1.0.20170411 GCC4.4.7",
    "EchoTime": 0.027,
    "EffectiveEchoSpacing": 0.000590001,
    "FlipAngle": 90,
    "ImageType": [
      "ORIGINAL",
      "PRIMARY",
      "M",
      "ND",
      "NORM",
      "MOSAIC"
    ],
    "Instructions": "In this next scan you'll be prompted to move your hands, feet, or tongue. You'll only move one of these at once. Instructions are presented on the screen. Let?s review them now. [Read on-screen instructions to participant.] Do you have any questions?",
    "MagneticFieldStrength": 3,
    "Manufacturer": "Siemens",
    "ManufacturersModelName": "TrioTim",
    "PhaseEncodingDirection": "j-",
    "ProcedureStepDescription": "head_Dosenbach_MSC",
    "ProtocolName": "Motor_104Frames_36Slices_TR2.2",
    "RepetitionTime": 2.2,
    "ScanningSequence": "EP",
    "SequenceName": "_epfid2d1_64",
    "SequenceVariant": "SK",
    "SeriesDescription": "Motor_104Frames_36Slices_TR2.2",
    "SliceTiming": [
      1.105,
      0,
      1.1675,
      0.0625,
      1.2275,
      0.1225,
      1.29,
      0.185,
      1.35,
      0.245,
      1.4125,
      0.3075,
      1.4725,
      0.37,
      1.535,
      0.43,
      1.595,
      0.4925,
      1.6575,
      0.5525,
      1.7175,
      0.615,
      1.78,
      0.675,
      1.84,
      0.7375,
      1.9025,
      0.7975,
      1.965,
      0.86,
      2.025,
      0.92,
      2.0875,
      0.9825,
      2.1475,
      1.0425
    ],
    "SoftwareVersion": "syngo MR B17",
    "TaskName": "motor",
    "dataset": "ds000224",
    "modality": "bold",
    "run_id": 1,
    "session_id": "func05",
    "subject_id": "MSC03",
    "task_id": "motor"
  },
  "dummy_trs": 0,
  "dvars_nstd": 14.922871858349511,
  "dvars_std": 0.9033009682524277,
  "dvars_vstd": 0.8344587806796115,
  "efc": 0.3684092949559262,
  "fber": 43306.7109375,
  "fd_mean": 0.2318699425957729,
  "fd_num": 53,
  "fd_perc": 50.96153846153846,
  "fwhm_avg": 1.7613664673061884,
  "fwhm_x": 1.6345875,
  "fwhm_y": 1.977155,
  "fwhm_z": 1.6723569019185656,
  "gcor": 0.0127642,
  "gsr_x": -0.024836057797074318,
  "gsr_y": 0.012373593635857105,
  "provenance": {
    "md5sum": "1ae962639cb7c66057261609e8ace450",
    "settings": {
      "fd_thres": 0.2,
      "testing": false
    },
    "software": "mriqc",
    "version": "22.0.6",
    "webapi_port": null,
    "webapi_url": "https://mriqc.nimh.nih.gov/api/v1"
  },
  "size_t": 104,
  "size_x": 64,
  "size_y": 64,
  "size_z": 36,
  "snr": 7.987828704869394,
  "spacing_tr": 2.200000047683716,
  "spacing_x": 4.0,
  "spacing_y": 4.0,
  "spacing_z": 4.000001430511475,
  "summary_bg_k": 34.534860283688026,
  "summary_bg_mad": 2.209647659554281,
  "summary_bg_mean": 14.088056564331055,
  "summary_bg_median": 2.980769395828247,
  "summary_bg_n": 107009.0,
  "summary_bg_p05": 1.086538553237915,
  "summary_bg_p95": 69.52884674072266,
  "summary_bg_stdv": 32.93186569213867,
  "summary_fg_k": 2.088881856367454,
  "summary_fg_mad": 66.6671941245303,
  "summary_fg_mean": 617.6420288085938,
  "summary_fg_median": 617.0,
  "summary_fg_n": 13312.0,
  "summary_fg_p05": 492.0370407104492,
  "summary_fg_p95": 737.9192443847651,
  "summary_fg_stdv": 77.23961639404297,
  "tsnr": 55.46885575354099
}