{
  "aor": 0.0009121419828641371,
  "aqi": 0.010346606487148104,
  "bids_meta": {
    "BodyPartExamined": "HEAD",
    "CogAtlasID": "http://www.cognitiveatlas.org/term/id/trm_4c8a834779883",
    "ConversionSoftware": "dcm2niix",
    "ConversionSoftwareVersion": "v1.0.20170411 GCC4.4.7",
    "EchoTime": 0.027,
    "EffectiveEchoSpacing": 0.000590001,
    "FlipAngle": 90,
    "ImageType": [
      "ORIGINAL",
      "PRIMARY",
      "M",
      "ND",
      "NORM",
      "MOSAIC"
    ],
    "Instructions": "During this first scan, a plus sign will be presented on the screen.  All you need to do is simply relax and look at the plus sign. Please keep your eyes open the entire time, and be as still as possible. It's extremely important that you stay awake for the entire duration of this scan. This scan will last ~30 minutes.",
    "MagneticFieldStrength": 3,
    "Manufacturer": "Siemens",
    "ManufacturersModelName": "TrioTim",
    "PhaseEncodingDirection": "j-",
    "ProcedureStepDescription": "head_Dosenbach_MSC",
    "ProtocolName": "RSFC_818Frames_36Slices_TR2.2",
    "RepetitionTime": 2.2,
    "ScanningSequence": "EP",
    "SequenceName": "_epfid2d1_64",
    "SequenceVariant": "SK",
    "SeriesDescription": "RSFC_818Frames_36Slices_TR2.2",
    "SliceTiming": [
      1.105,
      0,
      1.165,
      0.06,
      1.2275,
      0.1225,
      1.2875,
      0.185,
      1.35,
      0.245,
      1.41,
      0.3075,
      1.4725,
      0.3675,
      1.5325,
      0.43,
      1.595,
      0.49,
      1.655,
      0.5525,
      1.7175,
      0.6125,
      1.78,
      0.675,
      1.84,
      0.735,
      1.9025,
      0.7975,
      1.9625,
      0.8575,
      2.025,
      0.92,
      2.085,
      0.9825,
      2.1475,
      1.0425
    ],
    "SoftwareVersion": "syngo MR B17",
    "TaskName": "rest",
    "dataset": "ds000224",
    "modality": "bold",
    "session_id": "func04",
    "subject_id": "MSC02",
    "task_id": "rest"
  },
  "dummy_trs": 1,
  "dvars_nstd": 19.410471406568636,
  "dvars_std": 1.3268592276470572,
  "dvars_vstd": 0.94960314430147,
  "efc": 0.4253779171139284,
  "fber": 26149.087890625,
  "fd_mean": 0.10712906875328593,
  "fd_num": 59,
  "fd_perc": 7.221542227662178,
  "fwhm_avg": 1.7370741987678924,
  "fwhm_x": 1.60732,
  "fwhm_y": 1.988195,
  "fwhm_z": 1.6157075963036773,
  "gcor": 0.0479882,
  "gsr_x": -0.027896864339709282,
  "gsr_y": 0.03134612739086151,
  "provenance": {
    "md5sum": "6c2897927edeef3a1dbcce29cf168986",
    "settings": {
      "fd_thres": 0.2,
      "testing": false
    },
    "software": "mriqc",
    "version": "22.0.6",
    "webapi_port": null,
    "webapi_url": "https://mriqc.nimh.nih.gov/api/v1"
  },
  "size_t": 817,
  "size_x": 64,
  "size_y": 64,
  "size_z": 36,
  "snr": 6.841019205995623,
  "spacing_tr": 2.200000047683716,
  "spacing_x": 4.0,
  "spacing_y": 4.0,
  "spacing_z": 3.999999761581421,
  "summary_bg_k": 22.224981887722162,
  "summary_bg_mad": 3.603975339059514,
  "summary_bg_mean": 23.43463134765625,
  "summary_bg_median": 4.399020671844482,
  "summary_bg_n": 100626.0,
  "summary_bg_p05": 1.5250917673110962,
  "summary_bg_p95": 120.9975528717041,
  "summary_bg_stdv": 50.31706619262695,
  "summary_fg_k": 2.694412391914674,
  "summary_fg_mad": 93.18069881901128,
  "summary_fg_mean": 719.8359375,
  "summary_fg_median": 715.1248779296875,
  "summary_fg_n": 18023.0,
  "summary_fg_p05": 565.9183532714844,
  "summary_fg_p95": 884.4088134765625,
  "summary_fg_stdv": 104.53194427490234,
  "tsnr": 66.42155532957986
}