{
  "aor": 0.003969799999999999,
  "aqi": 0.007703287900000001,
  "bids_meta": {
    "BodyPartExamined": "HEAD",
    "CogAtlasID": "http://www.cognitiveatlas.org/term/id/trm_550b53d7dd674",
    "ConversionSoftware": "dcm2niix",
    "ConversionSoftwareVersion": "v1.0.20170411 GCC4.4.7",
    "EchoTime": 0.027,
    "EffectiveEchoSpacing": 0.000590001,
    "FlipAngle": 90,
    "ImageType": [
      "ORIGINAL",
      "PRIMARY",
      "M",
      "ND",
      "NORM",
      "MOSAIC"
    ],
    "Instructions": "In this next scan you'll be prompted to move your hands, feet, or tongue. You'll only move one of these at once. Instructions are presented on the screen. Let?s review them now. [Read on-screen instructions to participant.] Do you have any questions?",
    "MagneticFieldStrength": 3,
    "Manufacturer": "Siemens",
    "ManufacturersModelName": "TrioTim",
    "PhaseEncodingDirection": "j-",
    "ProcedureStepDescription": "head_Dosenbach_MSC",
    "ProtocolName": "Motor_104Frames_36Slices_TR2.2",
    "RepetitionTime": 2.2,
    "ScanningSequence": "EP",
    "SequenceName": "_epfid2d1_64",
    "SequenceVariant": "SK",
    "SeriesDescription": "Motor_104Frames_36Slices_TR2.2",
    "SliceTiming": [
      1.105,
      0,
      1.1675,
      0.0625,
      1.2275,
      0.1225,
      1.29,
      0.185,
      1.35,
      0.245,
      1.4125,
      0.3075,
      1.4725,
      0.37,
      1.535,
      0.43,
      1.595,
      0.4925,
      1.6575,
      0.5525,
      1.7175,
      0.615,
      1.78,
      0.675,
      1.84,
      0.7375,
      1.9025,
      0.7975,
      1.965,
      0.86,
      2.025,
      0.92,
      2.0875,
      0.9825,
      2.1475,
      1.0425
    ],
    "SoftwareVersion": "syngo MR B17",
    "TaskName": "motor",
    "dataset": "ds000224",
    "modality": "bold",
    "run_id": 1,
    "session_id": "func08",
    "subject_id": "MSC07",
    "task_id": "motor"
  },
  "dummy_trs": 4,
  "dvars_nstd": 15.85824148595959,
  "dvars_std": 1.1729712279797972,
  "dvars_vstd": 0.9697154147474751,
  "efc": 0.4031250344666286,
  "fber": 32825.890625,
  "fd_mean": 0.20872171213981836,
  "fd_num": 47,
  "fd_perc": 47.0,
  "fwhm_avg": 1.6502684013630986,
  "fwhm_x": 1.526755,
  "fwhm_y": 1.7999101072830024,
  "fwhm_z": 1.6241400968062933,
  "gcor": 0.0296789,
  "gsr_x": -0.03071158565580845,
  "gsr_y": 0.01570948027074337,
  "provenance": {
    "md5sum": "3206372da9d92268c7b66fa27ccef25f",
    "settings": {
      "fd_thres": 0.2,
      "testing": false
    },
    "software": "mriqc",
    "version": "22.0.6",
    "webapi_port": null,
    "webapi_url": "https://mriqc.nimh.nih.gov/api/v1"
  },
  "size_t": 100,
  "size_x": 64,
  "size_y": 64,
  "size_z": 36,
  "snr": 7.911521566734905,
  "spacing_tr": 2.200000047683716,
  "spacing_x": 4.0,
  "spacing_y": 3.999999761581421,
  "spacing_z": 3.999999761581421,
  "summary_bg_k": 26.721351415583115,
  "summary_bg_mad": 3.4396366944787062,
  "summary_bg_mean": 23.009353637695312,
  "summary_bg_median": 4.170000076293945,
  "summary_bg_n": 103299.0,
  "summary_bg_p05": 1.4499999284744263,
  "summary_bg_p95": 118.58099441528312,
  "summary_bg_stdv": 54.65706253051758,
  "summary_fg_k": 1.4374801074242125,
  "summary_fg_mad": 89.26751215293119,
  "summary_fg_mean": 765.7434692382812,
  "summary_fg_median": 761.8200073242188,
  "summary_fg_n": 15875.0,
  "summary_fg_p05": 616.4799987792969,
  "summary_fg_p95": 919.0459838867188,
  "summary_fg_stdv": 96.28944396972656,
  "tsnr": 77.97297818795778
}