{
  "aor": 0.008396662591687042,
  "aqi": 0.007465626234718827,
  "bids_meta": {
    "BodyPartExamined": "HEAD",
    "CogAtlasID": "http://www.cognitiveatlas.org/term/id/trm_4c8a834779883",
    "ConversionSoftware": "dcm2niix",
    "ConversionSoftwareVersion": "v1.0.20170411 GCC4.4.7",
    "EchoTime": 0.027,
    "EffectiveEchoSpacing": 0.000590001,
    "FlipAngle": 90,
    "ImageType": [
      "ORIGINAL",
      "PRIMARY",
      "M",
      "ND",
      "NORM",
      "MOSAIC"
    ],
    "Instructions": "During this first scan, a plus sign will be presented on the screen.  All you need to do is simply relax and look at the plus sign. Please keep your eyes open the entire time, and be as still as possible. It's extremely important that you stay awake for the entire duration of this scan. This scan will last ~30 minutes.",
    "MagneticFieldStrength": 3,
    "Manufacturer": "Siemens",
    "ManufacturersModelName": "TrioTim",
    "PhaseEncodingDirection": "j-",
    "ProcedureStepDescription": "head_Dosenbach_MSC",
    "ProtocolName": "RSFC_818Frames_36Slices_TR2.2",
    "RepetitionTime": 2.2,
    "ScanningSequence": "EP",
    "SequenceName": "_epfid2d1_64",
    "SequenceVariant": "SK",
    "SeriesDescription": "RSFC_818Frames_36Slices_TR2.2",
    "SliceTiming": [
      1.105,
      0,
      1.165,
      0.06,
      1.2275,
      0.1225,
      1.2875,
      0.185,
      1.35,
      0.245,
      1.41,
      0.3075,
      1.4725,
      0.3675,
      1.5325,
      0.43,
      1.595,
      0.49,
      1.655,
      0.5525,
      1.7175,
      0.6125,
      1.78,
      0.675,
      1.84,
      0.735,
      1.9025,
      0.7975,
      1.9625,
      0.8575,
      2.025,
      0.92,
      2.085,
      0.9825,
      2.1475,
      1.0425
    ],
    "SoftwareVersion": "syngo MR B17",
    "TaskName": "rest",
    "dataset": "ds000224",
    "modality": "bold",
    "session_id": "func10",
    "subject_id": "MSC05",
    "task_id": "rest"
  },
  "dummy_trs": 0,
  "dvars_nstd": 16.254772602888618,
  "dvars_std": 1.3508918380905754,
  "dvars_vstd": 1.1117233529375778,
  "efc": 0.4285000485710683,
  "fber": 26362.68359375,
  "fd_mean": 0.13705122862306604,
  "fd_num": 109,
  "fd_perc": 13.32518337408313,
  "fwhm_avg": 1.7410575000000001,
  "fwhm_x": 1.63174,
  "fwhm_y": 1.9698875,
  "fwhm_z": 1.621545,
  "gcor": 0.161402,
  "gsr_x": -0.024171508848667145,
  "gsr_y": 0.011850924231112003,
  "provenance": {
    "md5sum": "5a0fcee8860b31e33b0e7ae5dac66c9e",
    "settings": {
      "fd_thres": 0.2,
      "testing": false
    },
    "software": "mriqc",
    "version": "22.0.6",
    "webapi_port": null,
    "webapi_url": "https://mriqc.nimh.nih.gov/api/v1"
  },
  "size_t": 818,
  "size_x": 64,
  "size_y": 64,
  "size_z": 36,
  "snr": 7.998978491243998,
  "spacing_tr": 2.200000047683716,
  "spacing_x": 4.0,
  "spacing_y": 4.0,
  "spacing_z": 4.0,
  "summary_bg_k": 36.572797504086566,
  "summary_bg_mad": 4.355370774225235,
  "summary_bg_mean": 24.792367935180664,
  "summary_bg_median": 4.866748332977295,
  "summary_bg_n": 99844.0,
  "summary_bg_p05": 1.4011614620685584,
  "summary_bg_p95": 116.85660552978513,
  "summary_bg_stdv": 57.72251510620117,
  "summary_fg_k": 3.760088272541622,
  "summary_fg_mad": 88.14320848692638,
  "summary_fg_mean": 805.6907958984375,
  "summary_fg_median": 806.581298828125,
  "summary_fg_n": 18376.0,
  "summary_fg_p05": 648.3356170654297,
  "summary_fg_p95": 956.2479095458984,
  "summary_fg_stdv": 100.83279418945312,
  "tsnr": 71.82562526199035
}