{
  "bids_meta": {
    "BodyPartExamined": "HEAD",
    "ConversionSoftware": "dcm2niix",
    "ConversionSoftwareVersion": "v1.0.20170411 GCC4.4.7",
    "EchoTime": 0.479,
    "FlipAngle": 120,
    "ImageType": [
      "ORIGINAL",
      "PRIMARY",
      "M",
      "ND",
      "NORM"
    ],
    "MagneticFieldStrength": 3,
    "Manufacturer": "Siemens",
    "ManufacturersModelName": "TrioTim",
    "PhaseEncodingDirection": "i-",
    "ProcedureStepDescription": "head_Dosenbach_MSC",
    "ProtocolName": "T2_.8x.8x.8_224Slices",
    "RepetitionTime": 3.2,
    "ScanningSequence": "SE",
    "SequenceName": "_spc3d1_282ns",
    "SequenceVariant": "SK_SP",
    "SeriesDescription": "T2_.8x.8x.8_224Slices",
    "dataset": "ds000224",
    "modality": "T2w",
    "run_id": 1,
    "session_id": "struct01",
    "subject_id": "MSC06"
  },
  "cjv": 0.2162186283706723,
  "cnr": 2.060967145676498,
  "efc": 0.5798771569265385,
  "fber": 7046.526259040105,
  "fwhm_avg": 2.32646784621735,
  "fwhm_x": 2.1770808069447343,
  "fwhm_y": 2.571563707317073,
  "fwhm_z": 2.230759024390244,
  "icvs_csf": 0.33148309258400566,
  "icvs_gm": 0.5819637966536911,
  "icvs_wm": 0.0865531107623032,
  "inu_med": 0.9281557202339172,
  "inu_range": 0.2719288468360901,
  "provenance": {
    "md5sum": "8c869a137bd64787ddca2e738adf8d8c",
    "settings": {
      "testing": false
    },
    "software": "mriqc",
    "version": "22.0.6",
    "warnings": {
      "large_rot_frame": true,
      "small_air_mask": false
    },
    "webapi_port": null,
    "webapi_url": "https://mriqc.nimh.nih.gov/api/v1"
  },
  "qi_1": 0.0003508812801746609,
  "qi_2": 0.008278851845662641,
  "rpve_csf": 8.930332188869492,
  "rpve_gm": 6.239518757464235,
  "rpve_wm": 44.21433355659745,
  "size_x": 224,
  "size_y": 256,
  "size_z": 256,
  "snr_csf": 5.585777416035231,
  "snr_gm": 6.211253140328939,
  "snr_total": 4.992943029176952,
  "snr_wm": 3.1817985311666845,
  "snrd_csf": 50.77054490561988,
  "snrd_gm": 26.549103824158614,
  "snrd_total": 51.635957976622734,
  "snrd_wm": 77.58822520008972,
  "spacing_x": 0.799997866153717,
  "spacing_y": 0.80078125,
  "spacing_z": 0.80078125,
  "summary_bg_k": 62.78429677230157,
  "summary_bg_mad": 0.0,
  "summary_bg_mean": 4.722713082076118,
  "summary_bg_median": 0.0,
  "summary_bg_n": 3897777.0,
  "summary_bg_p05": 0.0,
  "summary_bg_p95": 19.347660994157195,
  "summary_bg_stdv": 8.443760892320908,
  "summary_csf_k": 0.12513337560989957,
  "summary_csf_mad": 120.02440213878165,
  "summary_csf_mean": 667.223411675652,
  "summary_csf_median": 654.3589114509523,
  "summary_csf_n": 96559.0,
  "summary_csf_p05": 496.754801819101,
  "summary_csf_p95": 865.4524012114853,
  "summary_csf_stdv": 117.14672360103019,
  "summary_gm_k": 0.07849644481894869,
  "summary_gm_mad": 54.77316188211645,
  "summary_gm_mean": 344.2344450784859,
  "summary_gm_median": 342.17955924384296,
  "summary_gm_n": 547924.0,
  "summary_gm_p05": 257.0622135922313,
  "summary_gm_p95": 437.8464282490313,
  "summary_gm_stdv": 55.090211147737456,
  "summary_wm_k": 1.8276064107124252,
  "summary_wm_mad": 87.45987867735604,
  "summary_wm_mean": 884.6670879481547,
  "summary_wm_median": 1000.0000330451876,
  "summary_wm_n": 14549.0,
  "summary_wm_p05": 95.81522167734802,
  "summary_wm_p95": 1098.778187258169,
  "summary_wm_stdv": 314.2768644951576,
  "tpm_overlap_csf": 0.11507133846216684,
  "tpm_overlap_gm": 0.3579576381414937,
  "tpm_overlap_wm": 0.021317399703084956,
  "wm2max": 0.9041001471656638
}