{
  "aor": 0.001813838630806846,
  "aqi": 0.006263694938875305,
  "bids_meta": {
    "BodyPartExamined": "HEAD",
    "CogAtlasID": "http://www.cognitiveatlas.org/term/id/trm_4c8a834779883",
    "ConversionSoftware": "dcm2niix",
    "ConversionSoftwareVersion": "v1.0.20170411 GCC4.4.7",
    "EchoTime": 0.027,
    "EffectiveEchoSpacing": 0.000590001,
    "FlipAngle": 90,
    "ImageType": [
      "ORIGINAL",
      "PRIMARY",
      "M",
      "ND",
      "NORM",
      "MOSAIC"
    ],
    "Instructions": "During this first scan, a plus sign will be presented on the screen.  All you need to do is simply relax and look at the plus sign. Please keep your eyes open the entire time, and be as still as possible. It's extremely important that you stay awake for the entire duration of this scan. This scan will last ~30 minutes.",
    "MagneticFieldStrength": 3,
    "Manufacturer": "Siemens",
    "ManufacturersModelName": "TrioTim",
    "PhaseEncodingDirection": "j-",
    "ProcedureStepDescription": "head_Dosenbach_MSC",
    "ProtocolName": "RSFC_818Frames_36Slices_TR2.2",
    "RepetitionTime": 2.2,
    "ScanningSequence": "EP",
    "SequenceName": "_epfid2d1_64",
    "SequenceVariant": "SK",
    "SeriesDescription": "RSFC_818Frames_36Slices_TR2.2",
    "SliceTiming": [
      1.105,
      0,
      1.165,
      0.06,
      1.2275,
      0.1225,
      1.2875,
      0.185,
      1.35,
      0.245,
      1.41,
      0.3075,
      1.4725,
      0.3675,
      1.5325,
      0.43,
      1.595,
      0.49,
      1.655,
      0.5525,
      1.7175,
      0.6125,
      1.78,
      0.675,
      1.84,
      0.735,
      1.9025,
      0.7975,
      1.9625,
      0.8575,
      2.025,
      0.92,
      2.085,
      0.9825,
      2.1475,
      1.0425
    ],
    "SoftwareVersion": "syngo MR B17",
    "TaskName": "rest",
    "dataset": "ds000224",
    "modality": "bold",
    "session_id": "func01",
    "subject_id": "MSC04",
    "task_id": "rest"
  },
  "dummy_trs": 0,
  "dvars_nstd": 18.066065516242347,
  "dvars_std": 1.2908362398408812,
  "dvars_vstd": 1.0043040951529993,
  "efc": 0.3632946534833285,
  "fber": 56024.51171875,
  "fd_mean": 0.13241918075220066,
  "fd_num": 111,
  "fd_perc": 13.569682151589243,
  "fwhm_avg": 1.8489950000000002,
  "fwhm_x": 1.7243275,
  "fwhm_y": 2.0705975,
  "fwhm_z": 1.75206,
  "gcor": 0.0547729,
  "gsr_x": -0.024913666769862175,
  "gsr_y": 0.011411182582378387,
  "provenance": {
    "md5sum": "38ffbccd0c52737a264c68f61dbcf515",
    "settings": {
      "fd_thres": 0.2,
      "testing": false
    },
    "software": "mriqc",
    "version": "22.0.6",
    "webapi_port": null,
    "webapi_url": "https://mriqc.nimh.nih.gov/api/v1"
  },
  "size_t": 818,
  "size_x": 64,
  "size_y": 64,
  "size_z": 36,
  "snr": 7.746704184246616,
  "spacing_tr": 2.200000047683716,
  "spacing_x": 4.0,
  "spacing_y": 4.0,
  "spacing_z": 4.0,
  "summary_bg_k": 53.82176416924702,
  "summary_bg_mad": 1.9647200130099662,
  "summary_bg_mean": 14.420201301574707,
  "summary_bg_median": 3.129584550857544,
  "summary_bg_n": 106523.0,
  "summary_bg_p05": 1.3092910051345825,
  "summary_bg_p95": 66.04279098510735,
  "summary_bg_stdv": 40.30375671386719,
  "summary_fg_k": 1.9807360408916486,
  "summary_fg_mad": 83.30307871627707,
  "summary_fg_mean": 742.8200073242188,
  "summary_fg_median": 746.712158203125,
  "summary_fg_n": 13724.0,
  "summary_fg_p05": 576.9771057128906,
  "summary_fg_p95": 888.8041351318354,
  "summary_fg_stdv": 96.38743591308594,
  "tsnr": 84.25310159870423
}