{
  "aor": 0.001100673076923077,
  "aqi": 0.006684923557692308,
  "bids_meta": {
    "BodyPartExamined": "HEAD",
    "CogAtlasID": "http://www.cognitiveatlas.org/term/id/trm_550b53d7dd674",
    "ConversionSoftware": "dcm2niix",
    "ConversionSoftwareVersion": "v1.0.20170411 GCC4.4.7",
    "EchoTime": 0.027,
    "EffectiveEchoSpacing": 0.000590001,
    "FlipAngle": 90,
    "ImageType": [
      "ORIGINAL",
      "PRIMARY",
      "M",
      "ND",
      "NORM",
      "MOSAIC"
    ],
    "Instructions": "In this next scan you'll be prompted to move your hands, feet, or tongue. You'll only move one of these at once. Instructions are presented on the screen. Let?s review them now. [Read on-screen instructions to participant.] Do you have any questions?",
    "MagneticFieldStrength": 3,
    "Manufacturer": "Siemens",
    "ManufacturersModelName": "TrioTim",
    "PhaseEncodingDirection": "j-",
    "ProcedureStepDescription": "head_Dosenbach_MSC",
    "ProtocolName": "Motor_104Frames_36Slices_TR2.2",
    "RepetitionTime": 2.2,
    "ScanningSequence": "EP",
    "SequenceName": "_epfid2d1_64",
    "SequenceVariant": "SK",
    "SeriesDescription": "Motor_104Frames_36Slices_TR2.2",
    "SliceTiming": [
      1.105,
      0,
      1.1675,
      0.0625,
      1.2275,
      0.1225,
      1.29,
      0.185,
      1.35,
      0.245,
      1.4125,
      0.3075,
      1.4725,
      0.37,
      1.535,
      0.43,
      1.595,
      0.4925,
      1.6575,
      0.5525,
      1.7175,
      0.615,
      1.78,
      0.675,
      1.84,
      0.7375,
      1.9025,
      0.7975,
      1.965,
      0.86,
      2.025,
      0.92,
      2.0875,
      0.9825,
      2.1475,
      1.0425
    ],
    "SoftwareVersion": "syngo MR B17",
    "TaskName": "motor",
    "dataset": "ds000224",
    "modality": "bold",
    "run_id": 2,
    "session_id": "func01",
    "subject_id": "MSC04",
    "task_id": "motor"
  },
  "dummy_trs": 0,
  "dvars_nstd": 16.05392056980583,
  "dvars_std": 1.1727803368932044,
  "dvars_vstd": 0.9299779500970874,
  "efc": 0.36584440174135263,
  "fber": 51668.2578125,
  "fd_mean": 0.1043434157241025,
  "fd_num": 7,
  "fd_perc": 6.730769230769231,
  "fwhm_avg": 1.8240975,
  "fwhm_x": 1.6616275,
  "fwhm_y": 2.0603125,
  "fwhm_z": 1.7503525,
  "gcor": 0.0337878,
  "gsr_x": -0.02609354816377163,
  "gsr_y": 0.010665405541658401,
  "provenance": {
    "md5sum": "4a469db41ccda92ee4a17e74432cd763",
    "settings": {
      "fd_thres": 0.2,
      "testing": false
    },
    "software": "mriqc",
    "version": "22.0.6",
    "webapi_port": null,
    "webapi_url": "https://mriqc.nimh.nih.gov/api/v1"
  },
  "size_t": 104,
  "size_x": 64,
  "size_y": 64,
  "size_z": 36,
  "snr": 7.8600536116685955,
  "spacing_tr": 2.200000047683716,
  "spacing_x": 4.0,
  "spacing_y": 4.0,
  "spacing_z": 4.0,
  "summary_bg_k": 50.010194884725536,
  "summary_bg_mad": 2.2951823757388414,
  "summary_bg_mean": 15.387269020080566,
  "summary_bg_median": 3.29807710647583,
  "summary_bg_n": 106469.0,
  "summary_bg_p05": 1.2980769872665405,
  "summary_bg_p95": 73.11154174804679,
  "summary_bg_stdv": 41.607582092285156,
  "summary_fg_k": 2.1337596405237145,
  "summary_fg_mad": 81.94232243815341,
  "summary_fg_mean": 746.8529663085938,
  "summary_fg_median": 750.769287109375,
  "summary_fg_n": 13658.0,
  "summary_fg_p05": 585.628369140625,
  "summary_fg_p95": 891.0250549316406,
  "summary_fg_stdv": 95.5135726928711,
  "tsnr": 86.14754615817219
}