{
  "aor": 0.0029130578512396687,
  "aqi": 0.0038283281818181814,
  "bids_meta": {
    "BodyPartExamined": "HEAD",
    "CogAtlasID": "http://www.cognitiveatlas.org/term/id/trm_4c898cb4ada49",
    "ConversionSoftware": "dcm2niix",
    "ConversionSoftwareVersion": "v1.0.20170411 GCC4.4.7",
    "EchoTime": 0.027,
    "EffectiveEchoSpacing": 0.000590001,
    "FlipAngle": 90,
    "ImageType": [
      "ORIGINAL",
      "PRIMARY",
      "M",
      "ND",
      "NORM",
      "MOSAIC"
    ],
    "Instructions": "In this next scan you'll be viewing a series of faces. Some will be female, others will be male. Your task is to decide what the gender of each face is. You will see each face more than once. Regardless of how many times you have seen a face, please indicate whether it is male or female. You'll make your responses with the button box, with either your left or right thumb. Press the LEFT/RIGHT button to indicate that a face is female, and the RIGHT/LEFT button to indicate that the face is male.[Practice this a half dozen times by prompting them to press the button for male/female] Do you have any questions?",
    "MagneticFieldStrength": 3,
    "Manufacturer": "Siemens",
    "ManufacturersModelName": "TrioTim",
    "PhaseEncodingDirection": "j-",
    "ProcedureStepDescription": "head_Dosenbach_MSC",
    "ProtocolName": "Memory_faces_121Frames_36Slices_TR2.2",
    "RepetitionTime": 2.2,
    "ScanningSequence": "EP",
    "SequenceName": "_epfid2d1_64",
    "SequenceVariant": "SK",
    "SeriesDescription": "Memory_faces_121Frames_36Slices_TR2.2",
    "SliceTiming": [
      1.105,
      0,
      1.165,
      0.0625,
      1.2275,
      0.1225,
      1.2875,
      0.185,
      1.35,
      0.245,
      1.41,
      0.3075,
      1.4725,
      0.3675,
      1.535,
      0.43,
      1.595,
      0.49,
      1.6575,
      0.5525,
      1.7175,
      0.6125,
      1.78,
      0.675,
      1.84,
      0.7375,
      1.9025,
      0.7975,
      1.9625,
      0.86,
      2.025,
      0.92,
      2.085,
      0.9825,
      2.1475,
      1.0425
    ],
    "SoftwareVersion": "syngo MR B17",
    "TaskName": "memoryfaces",
    "dataset": "ds000224",
    "modality": "bold",
    "session_id": "func01",
    "subject_id": "MSC04",
    "task_id": "memoryfaces"
  },
  "dummy_trs": 0,
  "dvars_nstd": 18.240107194333337,
  "dvars_std": 1.2876648972499996,
  "dvars_vstd": 1.0060247483333333,
  "efc": 0.3627788969295123,
  "fber": 55762.734375,
  "fd_mean": 0.11268746660085346,
  "fd_num": 9,
  "fd_perc": 7.43801652892562,
  "fwhm_avg": 1.8382591666666668,
  "fwhm_x": 1.6938675,
  "fwhm_y": 2.09349,
  "fwhm_z": 1.72742,
  "gcor": 0.0537445,
  "gsr_x": -0.02540949359536171,
  "gsr_y": 0.01144432183355093,
  "provenance": {
    "md5sum": "af454b3e4714ff0610d52f8d676a6548",
    "settings": {
      "fd_thres": 0.2,
      "testing": false
    },
    "software": "mriqc",
    "version": "22.0.6",
    "webapi_port": null,
    "webapi_url": "https://mriqc.nimh.nih.gov/api/v1"
  },
  "size_t": 121,
  "size_x": 64,
  "size_y": 64,
  "size_z": 36,
  "snr": 7.674160430557873,
  "spacing_tr": 2.200000047683716,
  "spacing_x": 4.0,
  "spacing_y": 4.0,
  "spacing_z": 4.0,
  "summary_bg_k": 53.261978386281456,
  "summary_bg_mad": 2.0462360160487485,
  "summary_bg_mean": 14.80052375793457,
  "summary_bg_median": 3.157024621963501,
  "summary_bg_n": 106658.0,
  "summary_bg_p05": 1.305785059928894,
  "summary_bg_p95": 69.29875526428218,
  "summary_bg_stdv": 40.975677490234375,
  "summary_fg_k": 2.360438193199082,
  "summary_fg_mad": 82.964461925405,
  "summary_fg_mean": 743.8692016601562,
  "summary_fg_median": 748.09912109375,
  "summary_fg_n": 13545.0,
  "summary_fg_p05": 577.3999755859375,
  "summary_fg_p95": 888.05615234375,
  "summary_fg_stdv": 97.47926330566406,
  "tsnr": 111.35125550674275
}