{
  "aor": 0.002012941176470588,
  "aqi": 0.005882094019607842,
  "bids_meta": {
    "BodyPartExamined": "HEAD",
    "CogAtlasID": "http://www.cognitiveatlas.org/term/id/trm_550b53d7dd674",
    "ConversionSoftware": "dcm2niix",
    "ConversionSoftwareVersion": "v1.0.20170411 GCC4.4.7",
    "EchoTime": 0.027,
    "EffectiveEchoSpacing": 0.000590001,
    "FlipAngle": 90,
    "ImageType": [
      "ORIGINAL",
      "PRIMARY",
      "M",
      "ND",
      "NORM",
      "MOSAIC"
    ],
    "Instructions": "In this next scan you'll be prompted to move your hands, feet, or tongue. You'll only move one of these at once. Instructions are presented on the screen. Let?s review them now. [Read on-screen instructions to participant.] Do you have any questions?",
    "MagneticFieldStrength": 3,
    "Manufacturer": "Siemens",
    "ManufacturersModelName": "TrioTim",
    "PhaseEncodingDirection": "j-",
    "ProcedureStepDescription": "head_Dosenbach_MSC",
    "ProtocolName": "Motor_104Frames_36Slices_TR2.2",
    "RepetitionTime": 2.2,
    "ScanningSequence": "EP",
    "SequenceName": "_epfid2d1_64",
    "SequenceVariant": "SK",
    "SeriesDescription": "Motor_104Frames_36Slices_TR2.2",
    "SliceTiming": [
      1.105,
      0,
      1.1675,
      0.0625,
      1.2275,
      0.1225,
      1.29,
      0.185,
      1.35,
      0.245,
      1.4125,
      0.3075,
      1.4725,
      0.37,
      1.535,
      0.43,
      1.595,
      0.4925,
      1.6575,
      0.5525,
      1.7175,
      0.615,
      1.78,
      0.675,
      1.84,
      0.7375,
      1.9025,
      0.7975,
      1.965,
      0.86,
      2.025,
      0.92,
      2.0875,
      0.9825,
      2.1475,
      1.0425
    ],
    "SoftwareVersion": "syngo MR B17",
    "TaskName": "motor",
    "dataset": "ds000224",
    "modality": "bold",
    "run_id": 2,
    "session_id": "func08",
    "subject_id": "MSC01",
    "task_id": "motor"
  },
  "dummy_trs": 2,
  "dvars_nstd": 18.28169489336634,
  "dvars_std": 1.2571018792079207,
  "dvars_vstd": 1.0029891510891091,
  "efc": 0.413316067715565,
  "fber": 25644.4375,
  "fd_mean": 0.18040506568683173,
  "fd_num": 33,
  "fd_perc": 32.35294117647059,
  "fwhm_avg": 1.6322943235677452,
  "fwhm_x": 1.472755,
  "fwhm_y": 1.84471,
  "fwhm_z": 1.5794179707032354,
  "gcor": 0.0215044,
  "gsr_x": -0.01846780627965927,
  "gsr_y": 0.013552642427384853,
  "provenance": {
    "md5sum": "0c5e6767824bb2a7f14ad6261643b374",
    "settings": {
      "fd_thres": 0.2,
      "testing": false
    },
    "software": "mriqc",
    "version": "22.0.6",
    "webapi_port": null,
    "webapi_url": "https://mriqc.nimh.nih.gov/api/v1"
  },
  "size_t": 102,
  "size_x": 64,
  "size_y": 64,
  "size_z": 36,
  "snr": 7.625231220541444,
  "spacing_tr": 2.200000047683716,
  "spacing_x": 4.0,
  "spacing_y": 4.0,
  "spacing_z": 3.9999988079071045,
  "summary_bg_k": 29.83838491382295,
  "summary_bg_mad": 3.2413758197013705,
  "summary_bg_mean": 20.49153709411621,
  "summary_bg_median": 4.196078777313232,
  "summary_bg_n": 102259.0,
  "summary_bg_p05": 1.5882353782653809,
  "summary_bg_p95": 94.33431625366202,
  "summary_bg_stdv": 46.0246696472168,
  "summary_fg_k": 3.1008434434660543,
  "summary_fg_mad": 77.65491082855343,
  "summary_fg_mean": 678.8345336914062,
  "summary_fg_median": 676.7745361328125,
  "summary_fg_n": 16658.0,
  "summary_fg_p05": 545.9412231445312,
  "summary_fg_p95": 817.4010284423828,
  "summary_fg_stdv": 88.75196075439453,
  "tsnr": 89.69784332555719
}