{
  "aor": 0.0018996153846153848,
  "aqi": 0.004195715961538462,
  "bids_meta": {
    "BodyPartExamined": "HEAD",
    "CogAtlasID": "http://www.cognitiveatlas.org/term/id/trm_550b53d7dd674",
    "ConversionSoftware": "dcm2niix",
    "ConversionSoftwareVersion": "v1.0.20170411 GCC4.4.7",
    "EchoTime": 0.027,
    "EffectiveEchoSpacing": 0.000590001,
    "FlipAngle": 90,
    "ImageType": [
      "ORIGINAL",
      "PRIMARY",
      "M",
      "ND",
      "NORM",
      "MOSAIC"
    ],
    "Instructions": "In this next scan you'll be prompted to move your hands, feet, or tongue. You'll only move one of these at once. Instructions are presented on the screen. Let?s review them now. [Read on-screen instructions to participant.] Do you have any questions?",
    "MagneticFieldStrength": 3,
    "Manufacturer": "Siemens",
    "ManufacturersModelName": "TrioTim",
    "PhaseEncodingDirection": "j-",
    "ProcedureStepDescription": "head_Dosenbach_MSC",
    "ProtocolName": "Motor_104Frames_36Slices_TR2.2",
    "RepetitionTime": 2.2,
    "ScanningSequence": "EP",
    "SequenceName": "_epfid2d1_64",
    "SequenceVariant": "SK",
    "SeriesDescription": "Motor_104Frames_36Slices_TR2.2",
    "SliceTiming": [
      1.105,
      0,
      1.1675,
      0.0625,
      1.2275,
      0.1225,
      1.29,
      0.185,
      1.35,
      0.245,
      1.4125,
      0.3075,
      1.4725,
      0.37,
      1.535,
      0.43,
      1.595,
      0.4925,
      1.6575,
      0.5525,
      1.7175,
      0.615,
      1.78,
      0.675,
      1.84,
      0.7375,
      1.9025,
      0.7975,
      1.965,
      0.86,
      2.025,
      0.92,
      2.0875,
      0.9825,
      2.1475,
      1.0425
    ],
    "SoftwareVersion": "syngo MR B17",
    "TaskName": "motor",
    "dataset": "ds000224",
    "modality": "bold",
    "run_id": 2,
    "session_id": "func05",
    "subject_id": "MSC06",
    "task_id": "motor"
  },
  "dummy_trs": 0,
  "dvars_nstd": 21.670992490000003,
  "dvars_std": 1.500780032718446,
  "dvars_vstd": 1.0056087324271843,
  "efc": 0.4011873614807936,
  "fber": 36802.83203125,
  "fd_mean": 0.11315643746958147,
  "fd_num": 6,
  "fd_perc": 5.769230769230769,
  "fwhm_avg": 1.7073869319905117,
  "fwhm_x": 1.5659725,
  "fwhm_y": 1.886915,
  "fwhm_z": 1.6692732959715346,
  "gcor": 0.12512,
  "gsr_x": -0.02229546196758747,
  "gsr_y": 0.020995110273361206,
  "provenance": {
    "md5sum": "176240fad0c664bb9948357fa735a19a",
    "settings": {
      "fd_thres": 0.2,
      "testing": false
    },
    "software": "mriqc",
    "version": "22.0.6",
    "webapi_port": null,
    "webapi_url": "https://mriqc.nimh.nih.gov/api/v1"
  },
  "size_t": 104,
  "size_x": 64,
  "size_y": 64,
  "size_z": 36,
  "snr": 7.8157550634921416,
  "spacing_tr": 2.200000047683716,
  "spacing_x": 4.0,
  "spacing_y": 4.0,
  "spacing_z": 3.999998092651367,
  "summary_bg_k": 45.110872766753864,
  "summary_bg_mad": 2.380717091923402,
  "summary_bg_mean": 17.35011100769043,
  "summary_bg_median": 3.538461685180664,
  "summary_bg_n": 102514.0,
  "summary_bg_p05": 1.5480769872665405,
  "summary_bg_p95": 81.90721397399894,
  "summary_bg_stdv": 41.43476486206055,
  "summary_fg_k": 1.6576817436094125,
  "summary_fg_mad": 81.01565080615838,
  "summary_fg_mean": 685.4506225585938,
  "summary_fg_median": 683.3173217773438,
  "summary_fg_n": 16571.0,
  "summary_fg_p05": 551.735595703125,
  "summary_fg_p95": 824.298095703125,
  "summary_fg_stdv": 87.42555236816406,
  "tsnr": 96.2500957744196
}