{
  "aor": 0.002651466992665037,
  "aqi": 0.00840682555012225,
  "bids_meta": {
    "BodyPartExamined": "HEAD",
    "CogAtlasID": "http://www.cognitiveatlas.org/term/id/trm_4c8a834779883",
    "ConversionSoftware": "dcm2niix",
    "ConversionSoftwareVersion": "v1.0.20170411 GCC4.4.7",
    "EchoTime": 0.027,
    "EffectiveEchoSpacing": 0.000590001,
    "FlipAngle": 90,
    "ImageType": [
      "ORIGINAL",
      "PRIMARY",
      "M",
      "ND",
      "NORM",
      "MOSAIC"
    ],
    "Instructions": "During this first scan, a plus sign will be presented on the screen.  All you need to do is simply relax and look at the plus sign. Please keep your eyes open the entire time, and be as still as possible. It's extremely important that you stay awake for the entire duration of this scan. This scan will last ~30 minutes.",
    "MagneticFieldStrength": 3,
    "Manufacturer": "Siemens",
    "ManufacturersModelName": "TrioTim",
    "PhaseEncodingDirection": "j-",
    "ProcedureStepDescription": "head_Dosenbach_MSC",
    "ProtocolName": "RSFC_818Frames_36Slices_TR2.2",
    "RepetitionTime": 2.2,
    "ScanningSequence": "EP",
    "SequenceName": "_epfid2d1_64",
    "SequenceVariant": "SK",
    "SeriesDescription": "RSFC_818Frames_36Slices_TR2.2",
    "SliceTiming": [
      1.105,
      0,
      1.165,
      0.06,
      1.2275,
      0.1225,
      1.2875,
      0.185,
      1.35,
      0.245,
      1.41,
      0.3075,
      1.4725,
      0.3675,
      1.5325,
      0.43,
      1.595,
      0.49,
      1.655,
      0.5525,
      1.7175,
      0.6125,
      1.78,
      0.675,
      1.84,
      0.735,
      1.9025,
      0.7975,
      1.9625,
      0.8575,
      2.025,
      0.92,
      2.085,
      0.9825,
      2.1475,
      1.0425
    ],
    "SoftwareVersion": "syngo MR B17",
    "TaskName": "rest",
    "dataset": "ds000224",
    "modality": "bold",
    "session_id": "func05",
    "subject_id": "MSC06",
    "task_id": "rest"
  },
  "dummy_trs": 0,
  "dvars_nstd": 22.292245899755184,
  "dvars_std": 1.5779433025336587,
  "dvars_vstd": 0.9970092460465123,
  "efc": 0.4022267008181773,
  "fber": 33821.37890625,
  "fd_mean": 0.0852105138169203,
  "fd_num": 18,
  "fd_perc": 2.2004889975550124,
  "fwhm_avg": 1.7230602695816053,
  "fwhm_x": 1.5658025,
  "fwhm_y": 1.9073175,
  "fwhm_z": 1.6960608087448161,
  "gcor": 0.103448,
  "gsr_x": -0.022929314523935318,
  "gsr_y": 0.02189061976969242,
  "provenance": {
    "md5sum": "73239180b6360f509a79c407a33a3547",
    "settings": {
      "fd_thres": 0.2,
      "testing": false
    },
    "software": "mriqc",
    "version": "22.0.6",
    "webapi_port": null,
    "webapi_url": "https://mriqc.nimh.nih.gov/api/v1"
  },
  "size_t": 818,
  "size_x": 64,
  "size_y": 64,
  "size_z": 36,
  "snr": 7.799547437632634,
  "spacing_tr": 2.200000047683716,
  "spacing_x": 4.0,
  "spacing_y": 4.0,
  "spacing_z": 3.999998092651367,
  "summary_bg_k": 44.1603407894693,
  "summary_bg_mad": 2.9470799311449705,
  "summary_bg_mean": 17.286069869995117,
  "summary_bg_median": 3.6723718643188477,
  "summary_bg_n": 102394.0,
  "summary_bg_p05": 1.3141809701919556,
  "summary_bg_p95": 80.19059028625473,
  "summary_bg_stdv": 41.165931701660156,
  "summary_fg_k": 1.645203673935038,
  "summary_fg_mad": 81.07008105728332,
  "summary_fg_mean": 680.5114135742188,
  "summary_fg_median": 678.1137084960938,
  "summary_fg_n": 16492.0,
  "summary_fg_p05": 548.3407989501953,
  "summary_fg_p95": 820.0299346923828,
  "summary_fg_stdv": 86.9400634765625,
  "tsnr": 70.74850758584216
}