{
  "aor": 0.0030086538461538462,
  "aqi": 0.004352386634615384,
  "bids_meta": {
    "BodyPartExamined": "HEAD",
    "CogAtlasID": "http://www.cognitiveatlas.org/term/id/trm_550b53d7dd674",
    "ConversionSoftware": "dcm2niix",
    "ConversionSoftwareVersion": "v1.0.20170411 GCC4.4.7",
    "EchoTime": 0.027,
    "EffectiveEchoSpacing": 0.000590001,
    "FlipAngle": 90,
    "ImageType": [
      "ORIGINAL",
      "PRIMARY",
      "M",
      "ND",
      "NORM",
      "MOSAIC"
    ],
    "Instructions": "In this next scan you'll be prompted to move your hands, feet, or tongue. You'll only move one of these at once. Instructions are presented on the screen. Let?s review them now. [Read on-screen instructions to participant.] Do you have any questions?",
    "MagneticFieldStrength": 3,
    "Manufacturer": "Siemens",
    "ManufacturersModelName": "TrioTim",
    "PhaseEncodingDirection": "j-",
    "ProcedureStepDescription": "head_Dosenbach_MSC",
    "ProtocolName": "Motor_104Frames_36Slices_TR2.2",
    "RepetitionTime": 2.2,
    "ScanningSequence": "EP",
    "SequenceName": "_epfid2d1_64",
    "SequenceVariant": "SK",
    "SeriesDescription": "Motor_104Frames_36Slices_TR2.2",
    "SliceTiming": [
      1.105,
      0,
      1.1675,
      0.0625,
      1.2275,
      0.1225,
      1.29,
      0.185,
      1.35,
      0.245,
      1.4125,
      0.3075,
      1.4725,
      0.37,
      1.535,
      0.43,
      1.595,
      0.4925,
      1.6575,
      0.5525,
      1.7175,
      0.615,
      1.78,
      0.675,
      1.84,
      0.7375,
      1.9025,
      0.7975,
      1.965,
      0.86,
      2.025,
      0.92,
      2.0875,
      0.9825,
      2.1475,
      1.0425
    ],
    "SoftwareVersion": "syngo MR B17",
    "TaskName": "motor",
    "dataset": "ds000224",
    "modality": "bold",
    "run_id": 1,
    "session_id": "func05",
    "subject_id": "MSC06",
    "task_id": "motor"
  },
  "dummy_trs": 0,
  "dvars_nstd": 20.013288026019417,
  "dvars_std": 1.4391260134951458,
  "dvars_vstd": 1.0126423851456308,
  "efc": 0.401118260947119,
  "fber": 36323.046875,
  "fd_mean": 0.10604409964116604,
  "fd_num": 5,
  "fd_perc": 4.8076923076923075,
  "fwhm_avg": 1.6993669310662416,
  "fwhm_x": 1.568065,
  "fwhm_y": 1.8665775,
  "fwhm_z": 1.6634582931987254,
  "gcor": 0.102809,
  "gsr_x": -0.02190735563635826,
  "gsr_y": 0.02225920744240284,
  "provenance": {
    "md5sum": "b7ea9fe80e14793ffa101989b8ec469f",
    "settings": {
      "fd_thres": 0.2,
      "testing": false
    },
    "software": "mriqc",
    "version": "22.0.6",
    "webapi_port": null,
    "webapi_url": "https://mriqc.nimh.nih.gov/api/v1"
  },
  "size_t": 104,
  "size_x": 64,
  "size_y": 64,
  "size_z": 36,
  "snr": 7.80809870833526,
  "spacing_tr": 2.200000047683716,
  "spacing_x": 4.0,
  "spacing_y": 4.0,
  "spacing_z": 3.999998092651367,
  "summary_bg_k": 44.28187221141466,
  "summary_bg_mad": 2.6230653955330046,
  "summary_bg_mean": 17.27906036376953,
  "summary_bg_median": 3.567307710647583,
  "summary_bg_n": 102582.0,
  "summary_bg_p05": 1.4326924085617065,
  "summary_bg_p95": 81.7596206665039,
  "summary_bg_stdv": 41.368568420410156,
  "summary_fg_k": 1.6742290992055961,
  "summary_fg_mad": 81.18667852789761,
  "summary_fg_mean": 684.1760864257812,
  "summary_fg_median": 681.875,
  "summary_fg_n": 16557.0,
  "summary_fg_p05": 551.0923461914062,
  "summary_fg_p95": 824.0577392578124,
  "summary_fg_stdv": 87.3265609741211,
  "tsnr": 96.64517970755696
}