{
  "aor": 0.00034121175030599757,
  "aqi": 0.008120245703794368,
  "bids_meta": {
    "BodyPartExamined": "HEAD",
    "CogAtlasID": "http://www.cognitiveatlas.org/term/id/trm_4c8a834779883",
    "ConversionSoftware": "dcm2niix",
    "ConversionSoftwareVersion": "v1.0.20170411 GCC4.4.7",
    "EchoTime": 0.027,
    "EffectiveEchoSpacing": 0.000590001,
    "FlipAngle": 90,
    "ImageType": [
      "ORIGINAL",
      "PRIMARY",
      "M",
      "ND",
      "NORM",
      "MOSAIC"
    ],
    "Instructions": "During this first scan, a plus sign will be presented on the screen.  All you need to do is simply relax and look at the plus sign. Please keep your eyes open the entire time, and be as still as possible. It's extremely important that you stay awake for the entire duration of this scan. This scan will last ~30 minutes.",
    "MagneticFieldStrength": 3,
    "Manufacturer": "Siemens",
    "ManufacturersModelName": "TrioTim",
    "PhaseEncodingDirection": "j-",
    "ProcedureStepDescription": "head_Dosenbach_MSC",
    "ProtocolName": "RSFC_818Frames_36Slices_TR2.2",
    "RepetitionTime": 2.2,
    "ScanningSequence": "EP",
    "SequenceName": "_epfid2d1_64",
    "SequenceVariant": "SK",
    "SeriesDescription": "RSFC_818Frames_36Slices_TR2.2",
    "SliceTiming": [
      1.105,
      0,
      1.165,
      0.06,
      1.2275,
      0.1225,
      1.2875,
      0.185,
      1.35,
      0.245,
      1.41,
      0.3075,
      1.4725,
      0.3675,
      1.5325,
      0.43,
      1.595,
      0.49,
      1.655,
      0.5525,
      1.7175,
      0.6125,
      1.78,
      0.675,
      1.84,
      0.735,
      1.9025,
      0.7975,
      1.9625,
      0.8575,
      2.025,
      0.92,
      2.085,
      0.9825,
      2.1475,
      1.0425
    ],
    "SoftwareVersion": "syngo MR B17",
    "TaskName": "rest",
    "dataset": "ds000224",
    "modality": "bold",
    "session_id": "func07",
    "subject_id": "MSC06",
    "task_id": "rest"
  },
  "dummy_trs": 1,
  "dvars_nstd": 17.23386121860294,
  "dvars_std": 1.2538187991421572,
  "dvars_vstd": 0.9405707028063721,
  "efc": 0.40036838526780694,
  "fber": 34814.5,
  "fd_mean": 0.08813337759313104,
  "fd_num": 24,
  "fd_perc": 2.9375764993880047,
  "fwhm_avg": 1.6803032676706788,
  "fwhm_x": 1.52543,
  "fwhm_y": 1.863025,
  "fwhm_z": 1.652454803012037,
  "gcor": 0.0323161,
  "gsr_x": -0.02402646094560623,
  "gsr_y": 0.016664212569594383,
  "provenance": {
    "md5sum": "1120477ea7aa18a1fc47b045ed5fa6ab",
    "settings": {
      "fd_thres": 0.2,
      "testing": false
    },
    "software": "mriqc",
    "version": "22.0.6",
    "webapi_port": null,
    "webapi_url": "https://mriqc.nimh.nih.gov/api/v1"
  },
  "size_t": 817,
  "size_x": 64,
  "size_y": 64,
  "size_z": 36,
  "snr": 7.819677401975142,
  "spacing_tr": 2.200000047683716,
  "spacing_x": 4.0,
  "spacing_y": 4.0,
  "spacing_z": 4.000000476837158,
  "summary_bg_k": 41.73054668920838,
  "summary_bg_mad": 2.511531878171108,
  "summary_bg_mean": 16.861408233642578,
  "summary_bg_median": 3.583843469619751,
  "summary_bg_n": 102621.0,
  "summary_bg_p05": 1.5140758752822876,
  "summary_bg_p95": 77.24602508544922,
  "summary_bg_stdv": 40.041019439697266,
  "summary_fg_k": 1.8673455323307078,
  "summary_fg_mad": 80.18023920451996,
  "summary_fg_mean": 677.555419921875,
  "summary_fg_median": 675.549560546875,
  "summary_fg_n": 16271.0,
  "summary_fg_p05": 546.6493225097656,
  "summary_fg_p95": 814.6083374023438,
  "summary_fg_stdv": 86.38832092285156,
  "tsnr": 81.14030371187255
}