{
  "aor": 0.0019209615384615385,
  "aqi": 0.0045834807692307685,
  "bids_meta": {
    "BodyPartExamined": "HEAD",
    "CogAtlasID": "http://www.cognitiveatlas.org/term/id/trm_550b53d7dd674",
    "ConversionSoftware": "dcm2niix",
    "ConversionSoftwareVersion": "v1.0.20170411 GCC4.4.7",
    "EchoTime": 0.027,
    "EffectiveEchoSpacing": 0.000590001,
    "FlipAngle": 90,
    "ImageType": [
      "ORIGINAL",
      "PRIMARY",
      "M",
      "ND",
      "NORM",
      "MOSAIC"
    ],
    "Instructions": "In this next scan you'll be prompted to move your hands, feet, or tongue. You'll only move one of these at once. Instructions are presented on the screen. Let?s review them now. [Read on-screen instructions to participant.] Do you have any questions?",
    "MagneticFieldStrength": 3,
    "Manufacturer": "Siemens",
    "ManufacturersModelName": "TrioTim",
    "PhaseEncodingDirection": "j-",
    "ProcedureStepDescription": "head_Dosenbach_MSC",
    "ProtocolName": "Motor_104Frames_36Slices_TR2.2",
    "RepetitionTime": 2.2,
    "ScanningSequence": "EP",
    "SequenceName": "_epfid2d1_64",
    "SequenceVariant": "SK",
    "SeriesDescription": "Motor_104Frames_36Slices_TR2.2",
    "SliceTiming": [
      1.105,
      0,
      1.1675,
      0.0625,
      1.2275,
      0.1225,
      1.29,
      0.185,
      1.35,
      0.245,
      1.4125,
      0.3075,
      1.4725,
      0.37,
      1.535,
      0.43,
      1.595,
      0.4925,
      1.6575,
      0.5525,
      1.7175,
      0.615,
      1.78,
      0.675,
      1.84,
      0.7375,
      1.9025,
      0.7975,
      1.965,
      0.86,
      2.025,
      0.92,
      2.0875,
      0.9825,
      2.1475,
      1.0425
    ],
    "SoftwareVersion": "syngo MR B17",
    "TaskName": "motor",
    "dataset": "ds000224",
    "modality": "bold",
    "run_id": 2,
    "session_id": "func07",
    "subject_id": "MSC06",
    "task_id": "motor"
  },
  "dummy_trs": 0,
  "dvars_nstd": 18.48766695427184,
  "dvars_std": 1.3483811188349513,
  "dvars_vstd": 0.9950376100970875,
  "efc": 0.3991659237970059,
  "fber": 35997.2890625,
  "fd_mean": 0.0925034391315562,
  "fd_num": 6,
  "fd_perc": 5.769230769230769,
  "fwhm_avg": 1.6728691018338082,
  "fwhm_x": 1.53695,
  "fwhm_y": 1.850085,
  "fwhm_z": 1.6315723055014246,
  "gcor": 0.035581,
  "gsr_x": -0.023283595219254494,
  "gsr_y": 0.01819963939487934,
  "provenance": {
    "md5sum": "e462be1052d1d8859feaed2d272e0276",
    "settings": {
      "fd_thres": 0.2,
      "testing": false
    },
    "software": "mriqc",
    "version": "22.0.6",
    "webapi_port": null,
    "webapi_url": "https://mriqc.nimh.nih.gov/api/v1"
  },
  "size_t": 104,
  "size_x": 64,
  "size_y": 64,
  "size_z": 36,
  "snr": 7.805316632565185,
  "spacing_tr": 2.200000047683716,
  "spacing_x": 4.0,
  "spacing_y": 4.0,
  "spacing_z": 4.000000476837158,
  "summary_bg_k": 41.616992022753394,
  "summary_bg_mad": 2.4092287818115605,
  "summary_bg_mean": 16.901683807373047,
  "summary_bg_median": 3.538461685180664,
  "summary_bg_n": 102768.0,
  "summary_bg_p05": 1.4903846979141235,
  "summary_bg_p95": 78.77548217773432,
  "summary_bg_stdv": 39.628562927246094,
  "summary_fg_k": 1.9312548045388969,
  "summary_fg_mad": 80.30285431719545,
  "summary_fg_mean": 682.4943237304688,
  "summary_fg_median": 680.1154174804688,
  "summary_fg_n": 16293.0,
  "summary_fg_p05": 549.6750122070313,
  "summary_fg_p95": 820.3038940429688,
  "summary_fg_stdv": 87.13221740722656,
  "tsnr": 102.16195209673606
}