{
  "aor": 0.01498903846153846,
  "aqi": 0.01887219778846154,
  "bids_meta": {
    "BodyPartExamined": "HEAD",
    "CogAtlasID": "http://www.cognitiveatlas.org/term/id/trm_550b53d7dd674",
    "ConversionSoftware": "dcm2niix",
    "ConversionSoftwareVersion": "v1.0.20170411 GCC4.4.7",
    "EchoTime": 0.027,
    "EffectiveEchoSpacing": 0.000590001,
    "FlipAngle": 90,
    "ImageType": [
      "ORIGINAL",
      "PRIMARY",
      "M",
      "ND",
      "NORM",
      "MOSAIC"
    ],
    "Instructions": "In this next scan you'll be prompted to move your hands, feet, or tongue. You'll only move one of these at once. Instructions are presented on the screen. Let?s review them now. [Read on-screen instructions to participant.] Do you have any questions?",
    "MagneticFieldStrength": 3,
    "Manufacturer": "Siemens",
    "ManufacturersModelName": "TrioTim",
    "PhaseEncodingDirection": "j-",
    "ProcedureStepDescription": "head_Dosenbach_MSC",
    "ProtocolName": "Motor_104Frames_36Slices_TR2.2",
    "RepetitionTime": 2.2,
    "ScanningSequence": "EP",
    "SequenceName": "_epfid2d1_64",
    "SequenceVariant": "SK",
    "SeriesDescription": "Motor_104Frames_36Slices_TR2.2",
    "SliceTiming": [
      1.105,
      0,
      1.1675,
      0.0625,
      1.2275,
      0.1225,
      1.29,
      0.185,
      1.35,
      0.245,
      1.4125,
      0.3075,
      1.4725,
      0.37,
      1.535,
      0.43,
      1.595,
      0.4925,
      1.6575,
      0.5525,
      1.7175,
      0.615,
      1.78,
      0.675,
      1.84,
      0.7375,
      1.9025,
      0.7975,
      1.965,
      0.86,
      2.025,
      0.92,
      2.0875,
      0.9825,
      2.1475,
      1.0425
    ],
    "SoftwareVersion": "syngo MR B17",
    "TaskName": "motor",
    "dataset": "ds000224",
    "modality": "bold",
    "run_id": 2,
    "session_id": "func10",
    "subject_id": "MSC09",
    "task_id": "motor"
  },
  "dummy_trs": 0,
  "dvars_nstd": 20.097583872815537,
  "dvars_std": 1.039787957475729,
  "dvars_vstd": 0.892839803398058,
  "efc": 0.4401864793375043,
  "fber": 26708.390625,
  "fd_mean": 0.2647303794873974,
  "fd_num": 49,
  "fd_perc": 47.11538461538461,
  "fwhm_avg": 1.7733127978764582,
  "fwhm_x": 1.637805,
  "fwhm_y": 2.0162875,
  "fwhm_z": 1.6658458936293747,
  "gcor": 0.0248264,
  "gsr_x": -0.02654947154223919,
  "gsr_y": 0.027106672525405884,
  "provenance": {
    "md5sum": "b13791848cd554689421771b5be8e8d5",
    "settings": {
      "fd_thres": 0.2,
      "testing": false
    },
    "software": "mriqc",
    "version": "22.0.6",
    "webapi_port": null,
    "webapi_url": "https://mriqc.nimh.nih.gov/api/v1"
  },
  "size_t": 104,
  "size_x": 64,
  "size_y": 64,
  "size_z": 36,
  "snr": 8.257646310213731,
  "spacing_tr": 2.200000047683716,
  "spacing_x": 4.0,
  "spacing_y": 4.0,
  "spacing_z": 3.999997854232788,
  "summary_bg_k": 22.412364460677075,
  "summary_bg_mad": 3.6779942098557608,
  "summary_bg_mean": 24.723257064819336,
  "summary_bg_median": 4.442307949066162,
  "summary_bg_n": 98640.0,
  "summary_bg_p05": 1.528846263885498,
  "summary_bg_p95": 128.3283767700192,
  "summary_bg_stdv": 52.46242904663086,
  "summary_fg_k": 2.9022886836153523,
  "summary_fg_mad": 77.45171360677277,
  "summary_fg_mean": 735.6300659179688,
  "summary_fg_median": 733.875,
  "summary_fg_n": 19228.0,
  "summary_fg_p05": 598.6774322509766,
  "summary_fg_p95": 873.188507080078,
  "summary_fg_stdv": 88.86986541748047,
  "tsnr": 56.12597332219593
}