{
  "aor": 0.0012641564792176038,
  "aqi": 0.011886520281173592,
  "bids_meta": {
    "BodyPartExamined": "HEAD",
    "CogAtlasID": "http://www.cognitiveatlas.org/term/id/trm_4c8a834779883",
    "ConversionSoftware": "dcm2niix",
    "ConversionSoftwareVersion": "v1.0.20170411 GCC4.4.7",
    "EchoTime": 0.027,
    "EffectiveEchoSpacing": 0.000590001,
    "FlipAngle": 90,
    "ImageType": [
      "ORIGINAL",
      "PRIMARY",
      "M",
      "ND",
      "NORM",
      "MOSAIC"
    ],
    "Instructions": "During this first scan, a plus sign will be presented on the screen.  All you need to do is simply relax and look at the plus sign. Please keep your eyes open the entire time, and be as still as possible. It's extremely important that you stay awake for the entire duration of this scan. This scan will last ~30 minutes.",
    "MagneticFieldStrength": 3,
    "Manufacturer": "Siemens",
    "ManufacturersModelName": "TrioTim",
    "PhaseEncodingDirection": "j-",
    "ProcedureStepDescription": "head_Dosenbach_MSC",
    "ProtocolName": "RSFC_818Frames_36Slices_TR2.2",
    "RepetitionTime": 2.2,
    "ScanningSequence": "EP",
    "SequenceName": "_epfid2d1_64",
    "SequenceVariant": "SK",
    "SeriesDescription": "RSFC_818Frames_36Slices_TR2.2",
    "SliceTiming": [
      1.105,
      0,
      1.165,
      0.06,
      1.2275,
      0.1225,
      1.2875,
      0.185,
      1.35,
      0.245,
      1.41,
      0.3075,
      1.4725,
      0.3675,
      1.5325,
      0.43,
      1.595,
      0.49,
      1.655,
      0.5525,
      1.7175,
      0.6125,
      1.78,
      0.675,
      1.84,
      0.735,
      1.9025,
      0.7975,
      1.9625,
      0.8575,
      2.025,
      0.92,
      2.085,
      0.9825,
      2.1475,
      1.0425
    ],
    "SoftwareVersion": "syngo MR B17",
    "TaskName": "rest",
    "dataset": "ds000224",
    "modality": "bold",
    "session_id": "func10",
    "subject_id": "MSC09",
    "task_id": "rest"
  },
  "dummy_trs": 0,
  "dvars_nstd": 19.39503451682985,
  "dvars_std": 1.2912664525459006,
  "dvars_vstd": 0.9667110545899624,
  "efc": 0.43526733334459905,
  "fber": 25589.896484375,
  "fd_mean": 0.1488600115658323,
  "fd_num": 166,
  "fd_perc": 20.293398533007334,
  "fwhm_avg": 1.7509644589314934,
  "fwhm_x": 1.6244175,
  "fwhm_y": 1.9940125,
  "fwhm_z": 1.6344633767944807,
  "gcor": 0.083005,
  "gsr_x": -0.02582007274031639,
  "gsr_y": 0.02382536418735981,
  "provenance": {
    "md5sum": "dadb1d16a87bcab7508ce5952c37294f",
    "settings": {
      "fd_thres": 0.2,
      "testing": false
    },
    "software": "mriqc",
    "version": "22.0.6",
    "webapi_port": null,
    "webapi_url": "https://mriqc.nimh.nih.gov/api/v1"
  },
  "size_t": 818,
  "size_x": 64,
  "size_y": 64,
  "size_z": 36,
  "snr": 8.19045068142888,
  "spacing_tr": 2.200000047683716,
  "spacing_x": 4.0,
  "spacing_y": 4.0,
  "spacing_z": 3.999997854232788,
  "summary_bg_k": 25.927161479951526,
  "summary_bg_mad": 4.072624841868879,
  "summary_bg_mean": 23.435937881469727,
  "summary_bg_median": 4.555012226104736,
  "summary_bg_n": 98864.0,
  "summary_bg_p05": 1.2872861623764038,
  "summary_bg_p95": 119.81565513610828,
  "summary_bg_stdv": 50.015724182128906,
  "summary_fg_k": 3.5052944110212962,
  "summary_fg_mad": 77.14246109934217,
  "summary_fg_mean": 739.18994140625,
  "summary_fg_median": 738.14794921875,
  "summary_fg_n": 18976.0,
  "summary_fg_p05": 600.3774719238281,
  "summary_fg_p95": 878.0049133300781,
  "summary_fg_stdv": 90.12062072753906,
  "tsnr": 65.66796984523535
}