{
  "aor": 0.0012374785801713586,
  "aqi": 0.004313601640146879,
  "bids_meta": {
    "BodyPartExamined": "HEAD",
    "CogAtlasID": "http://www.cognitiveatlas.org/term/id/trm_4c8a834779883",
    "ConversionSoftware": "dcm2niix",
    "ConversionSoftwareVersion": "v1.0.20170411 GCC4.4.7",
    "EchoTime": 0.027,
    "EffectiveEchoSpacing": 0.000590001,
    "FlipAngle": 90,
    "ImageType": [
      "ORIGINAL",
      "PRIMARY",
      "M",
      "ND",
      "NORM",
      "MOSAIC"
    ],
    "Instructions": "During this first scan, a plus sign will be presented on the screen.  All you need to do is simply relax and look at the plus sign. Please keep your eyes open the entire time, and be as still as possible. It's extremely important that you stay awake for the entire duration of this scan. This scan will last ~30 minutes.",
    "MagneticFieldStrength": 3,
    "Manufacturer": "Siemens",
    "ManufacturersModelName": "TrioTim",
    "PhaseEncodingDirection": "j-",
    "ProcedureStepDescription": "head_Dosenbach_MSC",
    "ProtocolName": "RSFC_818Frames_36Slices_TR2.2",
    "RepetitionTime": 2.2,
    "ScanningSequence": "EP",
    "SequenceName": "_epfid2d1_64",
    "SequenceVariant": "SK",
    "SeriesDescription": "RSFC_818Frames_36Slices_TR2.2",
    "SliceTiming": [
      1.105,
      0,
      1.165,
      0.06,
      1.2275,
      0.1225,
      1.2875,
      0.185,
      1.35,
      0.245,
      1.41,
      0.3075,
      1.4725,
      0.3675,
      1.5325,
      0.43,
      1.595,
      0.49,
      1.655,
      0.5525,
      1.7175,
      0.6125,
      1.78,
      0.675,
      1.84,
      0.735,
      1.9025,
      0.7975,
      1.9625,
      0.8575,
      2.025,
      0.92,
      2.085,
      0.9825,
      2.1475,
      1.0425
    ],
    "SoftwareVersion": "syngo MR B17",
    "TaskName": "rest",
    "dataset": "ds000224",
    "modality": "bold",
    "session_id": "func04",
    "subject_id": "MSC01",
    "task_id": "rest"
  },
  "dummy_trs": 1,
  "dvars_nstd": 16.270607414289206,
  "dvars_std": 1.2170114599509807,
  "dvars_vstd": 0.9986945812745088,
  "efc": 0.41402641158589426,
  "fber": 24521.861328125,
  "fd_mean": 0.19974887225289778,
  "fd_num": 417,
  "fd_perc": 51.040391676866584,
  "fwhm_avg": 1.6338210519997693,
  "fwhm_x": 1.48512,
  "fwhm_y": 1.84408,
  "fwhm_z": 1.5722631559993083,
  "gcor": 0.139432,
  "gsr_x": -0.018534595146775246,
  "gsr_y": 0.010140818543732166,
  "provenance": {
    "md5sum": "988ce26fc2b23e052a1b57f8a3f44b79",
    "settings": {
      "fd_thres": 0.2,
      "testing": false
    },
    "software": "mriqc",
    "version": "22.0.6",
    "webapi_port": null,
    "webapi_url": "https://mriqc.nimh.nih.gov/api/v1"
  },
  "size_t": 817,
  "size_x": 64,
  "size_y": 64,
  "size_z": 36,
  "snr": 7.412350216277109,
  "spacing_tr": 2.200000047683716,
  "spacing_x": 4.0,
  "spacing_y": 4.0,
  "spacing_z": 3.9999983310699463,
  "summary_bg_k": 29.202300004527608,
  "summary_bg_mad": 3.5604232555574677,
  "summary_bg_mean": 19.93791389465332,
  "summary_bg_median": 4.2460222244262695,
  "summary_bg_n": 101847.0,
  "summary_bg_p05": 1.443084478378296,
  "summary_bg_p95": 90.4206871032714,
  "summary_bg_stdv": 45.065940856933594,
  "summary_fg_k": 2.8529223733678997,
  "summary_fg_mad": 81.13663708338872,
  "summary_fg_mean": 677.3103637695312,
  "summary_fg_median": 673.908203125,
  "summary_fg_n": 16869.0,
  "summary_fg_p05": 544.6981567382812,
  "summary_fg_p95": 822.1765258789062,
  "summary_fg_stdv": 90.91424560546875,
  "tsnr": 88.37338732369244
}