{
  "bids_meta": {
    "BodyPartExamined": "HEAD",
    "ConversionSoftware": "dcm2niix",
    "ConversionSoftwareVersion": "v1.0.20170411 GCC4.4.7",
    "EchoTime": 0.479,
    "FlipAngle": 120,
    "ImageType": [
      "ORIGINAL",
      "PRIMARY",
      "M",
      "ND",
      "NORM"
    ],
    "MagneticFieldStrength": 3,
    "Manufacturer": "Siemens",
    "ManufacturersModelName": "TrioTim",
    "PhaseEncodingDirection": "i-",
    "ProcedureStepDescription": "head_Dosenbach_MSC",
    "ProtocolName": "T2_.8x.8x.8_224Slices",
    "RepetitionTime": 3.2,
    "ScanningSequence": "SE",
    "SequenceName": "_spc3d1_282ns",
    "SequenceVariant": "SK_SP",
    "SeriesDescription": "T2_.8x.8x.8_224Slices",
    "dataset": "ds000224",
    "modality": "T2w",
    "run_id": 1,
    "session_id": "struct01",
    "subject_id": "MSC04"
  },
  "cjv": 0.3005660860764459,
  "cnr": 2.2620122912642566,
  "efc": 0.5081020400776983,
  "fber": 8784.801652892564,
  "fwhm_avg": 2.286917941015359,
  "fwhm_x": 2.166513042558271,
  "fwhm_y": 2.518503024390244,
  "fwhm_z": 2.175737756097561,
  "icvs_csf": 0.3406664919376281,
  "icvs_gm": 0.5302591702561321,
  "icvs_wm": 0.1290743378062398,
  "inu_med": 0.9477891623973846,
  "inu_range": 0.34130720794200897,
  "provenance": {
    "md5sum": "2aafc8c0227d92839c2d1d8121187a88",
    "settings": {
      "testing": false
    },
    "software": "mriqc",
    "version": "22.0.6",
    "warnings": {
      "large_rot_frame": true,
      "small_air_mask": false
    },
    "webapi_port": null,
    "webapi_url": "https://mriqc.nimh.nih.gov/api/v1"
  },
  "qi_1": 0.0,
  "qi_2": 0.020680359453744877,
  "rpve_csf": 10.34007425104835,
  "rpve_gm": 7.714015922461554,
  "rpve_wm": 34.66084594489717,
  "size_x": 224,
  "size_y": 256,
  "size_z": 256,
  "snr_csf": 8.354652491613534,
  "snr_gm": 7.6092632530437685,
  "snr_total": 6.604807355578707,
  "snr_wm": 3.8505063220788176,
  "snrd_csf": 52.49706417938595,
  "snrd_gm": 32.528049281561145,
  "snrd_total": 55.42525212033086,
  "snrd_wm": 81.25064290004548,
  "spacing_x": 0.7999951839447021,
  "spacing_y": 0.80078125,
  "spacing_z": 0.80078125,
  "summary_bg_k": 36.830090474912055,
  "summary_bg_mad": 0.0,
  "summary_bg_mean": 5.4955505844366295,
  "summary_bg_median": 0.0,
  "summary_bg_n": 5176006.0,
  "summary_bg_p05": 0.0,
  "summary_bg_p95": 19.549845412373543,
  "summary_bg_stdv": 8.062035561618735,
  "summary_csf_k": 0.6264283467223302,
  "summary_csf_mad": 73.76352118104802,
  "summary_csf_mean": 649.099604179445,
  "summary_csf_median": 646.0230240523815,
  "summary_csf_n": 74084.0,
  "summary_csf_p05": 528.6777344495058,
  "summary_csf_p95": 780.4420764010398,
  "summary_csf_stdv": 77.32442068835105,
  "summary_gm_k": 0.11340740968089458,
  "summary_gm_mad": 52.07642925926289,
  "summary_gm_mean": 401.07729521233296,
  "summary_gm_median": 400.2865511029959,
  "summary_gm_n": 377092.0,
  "summary_gm_p05": 315.9402913451195,
  "summary_gm_p95": 488.72302674502134,
  "summary_gm_stdv": 52.60509553116423,
  "summary_wm_k": 3.8926465611353924,
  "summary_wm_mad": 128.13542462476525,
  "summary_wm_mean": 928.7878244987571,
  "summary_wm_median": 999.8613608777523,
  "summary_wm_n": 25133.0,
  "summary_wm_p05": 210.52364264279603,
  "summary_wm_p95": 1147.118376132846,
  "summary_wm_stdv": 259.66493381450874,
  "tpm_overlap_csf": 0.1099988957846481,
  "tpm_overlap_gm": 0.3254810791928972,
  "tpm_overlap_wm": 0.029707669091201143,
  "wm2max": 0.8670768120879341
}