{
  "aor": 0.004605865384615384,
  "aqi": 0.012821815865384615,
  "bids_meta": {
    "BodyPartExamined": "HEAD",
    "CogAtlasID": "http://www.cognitiveatlas.org/term/id/trm_550b53d7dd674",
    "ConversionSoftware": "dcm2niix",
    "ConversionSoftwareVersion": "v1.0.20170411 GCC4.4.7",
    "EchoTime": 0.027,
    "EffectiveEchoSpacing": 0.000590001,
    "FlipAngle": 90,
    "ImageType": [
      "ORIGINAL",
      "PRIMARY",
      "M",
      "ND",
      "NORM",
      "MOSAIC"
    ],
    "Instructions": "In this next scan you'll be prompted to move your hands, feet, or tongue. You'll only move one of these at once. Instructions are presented on the screen. Let?s review them now. [Read on-screen instructions to participant.] Do you have any questions?",
    "MagneticFieldStrength": 3,
    "Manufacturer": "Siemens",
    "ManufacturersModelName": "TrioTim",
    "PhaseEncodingDirection": "j-",
    "ProcedureStepDescription": "head_Dosenbach_MSC",
    "ProtocolName": "Motor_104Frames_36Slices_TR2.2",
    "RepetitionTime": 2.2,
    "ScanningSequence": "EP",
    "SequenceName": "_epfid2d1_64",
    "SequenceVariant": "SK",
    "SeriesDescription": "Motor_104Frames_36Slices_TR2.2",
    "SliceTiming": [
      1.105,
      0,
      1.1675,
      0.0625,
      1.2275,
      0.1225,
      1.29,
      0.185,
      1.35,
      0.245,
      1.4125,
      0.3075,
      1.4725,
      0.37,
      1.535,
      0.43,
      1.595,
      0.4925,
      1.6575,
      0.5525,
      1.7175,
      0.615,
      1.78,
      0.675,
      1.84,
      0.7375,
      1.9025,
      0.7975,
      1.965,
      0.86,
      2.025,
      0.92,
      2.0875,
      0.9825,
      2.1475,
      1.0425
    ],
    "SoftwareVersion": "syngo MR B17",
    "TaskName": "motor",
    "dataset": "ds000224",
    "modality": "bold",
    "run_id": 2,
    "session_id": "func06",
    "subject_id": "MSC02",
    "task_id": "motor"
  },
  "dummy_trs": 0,
  "dvars_nstd": 17.630133258543687,
  "dvars_std": 1.1746004266019425,
  "dvars_vstd": 0.9258883545631069,
  "efc": 0.42218382708016716,
  "fber": 28804.208984375,
  "fd_mean": 0.11263214058370431,
  "fd_num": 7,
  "fd_perc": 6.730769230769231,
  "fwhm_avg": 1.7204143545435544,
  "fwhm_x": 1.5959975,
  "fwhm_y": 1.98922,
  "fwhm_z": 1.5760255636306633,
  "gcor": 0.0176854,
  "gsr_x": -0.027143362909555435,
  "gsr_y": 0.03426647186279297,
  "provenance": {
    "md5sum": "eefd0e213c80f1cb73bbbbf2538af756",
    "settings": {
      "fd_thres": 0.2,
      "testing": false
    },
    "software": "mriqc",
    "version": "22.0.6",
    "webapi_port": null,
    "webapi_url": "https://mriqc.nimh.nih.gov/api/v1"
  },
  "size_t": 104,
  "size_x": 64,
  "size_y": 64,
  "size_z": 36,
  "snr": 7.073617125980718,
  "spacing_tr": 2.200000047683716,
  "spacing_x": 4.0,
  "spacing_y": 4.0,
  "spacing_z": 3.9999985694885254,
  "summary_bg_k": 23.317601727191366,
  "summary_bg_mad": 3.535436467374798,
  "summary_bg_mean": 23.47051429748535,
  "summary_bg_median": 4.326923370361328,
  "summary_bg_n": 101052.0,
  "summary_bg_p05": 1.528846263885498,
  "summary_bg_p95": 121.30673561096185,
  "summary_bg_stdv": 50.93506622314453,
  "summary_fg_k": 2.4796192441706753,
  "summary_fg_mad": 92.37750196284334,
  "summary_fg_mean": 732.0120849609375,
  "summary_fg_median": 728.3557739257812,
  "summary_fg_n": 17869.0,
  "summary_fg_p05": 575.3192749023438,
  "summary_fg_p95": 894.7423461914061,
  "summary_fg_stdv": 102.96505737304688,
  "tsnr": 63.84253447619267
}