{
  "aor": 0.0034397066014669924,
  "aqi": 0.017988501870415646,
  "bids_meta": {
    "BodyPartExamined": "HEAD",
    "CogAtlasID": "http://www.cognitiveatlas.org/term/id/trm_4c8a834779883",
    "ConversionSoftware": "dcm2niix",
    "ConversionSoftwareVersion": "v1.0.20170411 GCC4.4.7",
    "EchoTime": 0.027,
    "EffectiveEchoSpacing": 0.000590001,
    "FlipAngle": 90,
    "ImageType": [
      "ORIGINAL",
      "PRIMARY",
      "M",
      "ND",
      "NORM",
      "MOSAIC"
    ],
    "Instructions": "During this first scan, a plus sign will be presented on the screen.  All you need to do is simply relax and look at the plus sign. Please keep your eyes open the entire time, and be as still as possible. It's extremely important that you stay awake for the entire duration of this scan. This scan will last ~30 minutes.",
    "MagneticFieldStrength": 3,
    "Manufacturer": "Siemens",
    "ManufacturersModelName": "TrioTim",
    "PhaseEncodingDirection": "j-",
    "ProcedureStepDescription": "head_Dosenbach_MSC",
    "ProtocolName": "RSFC_818Frames_36Slices_TR2.2",
    "RepetitionTime": 2.2,
    "ScanningSequence": "EP",
    "SequenceName": "_epfid2d1_64",
    "SequenceVariant": "SK",
    "SeriesDescription": "RSFC_818Frames_36Slices_TR2.2",
    "SliceTiming": [
      1.105,
      0,
      1.165,
      0.06,
      1.2275,
      0.1225,
      1.2875,
      0.185,
      1.35,
      0.245,
      1.41,
      0.3075,
      1.4725,
      0.3675,
      1.5325,
      0.43,
      1.595,
      0.49,
      1.655,
      0.5525,
      1.7175,
      0.6125,
      1.78,
      0.675,
      1.84,
      0.735,
      1.9025,
      0.7975,
      1.9625,
      0.8575,
      2.025,
      0.92,
      2.085,
      0.9825,
      2.1475,
      1.0425
    ],
    "SoftwareVersion": "syngo MR B17",
    "TaskName": "rest",
    "dataset": "ds000224",
    "modality": "bold",
    "session_id": "func06",
    "subject_id": "MSC02",
    "task_id": "rest"
  },
  "dummy_trs": 0,
  "dvars_nstd": 20.257407543121186,
  "dvars_std": 1.2698327076866582,
  "dvars_vstd": 0.9720883315911872,
  "efc": 0.4256197289157668,
  "fber": 24772.701171875,
  "fd_mean": 0.18303183489474206,
  "fd_num": 285,
  "fd_perc": 34.84107579462103,
  "fwhm_avg": 1.7425993621839784,
  "fwhm_x": 1.6126475,
  "fwhm_y": 1.9750325,
  "fwhm_z": 1.6401180865519356,
  "gcor": 0.0382713,
  "gsr_x": -0.027562223374843597,
  "gsr_y": 0.03176414966583252,
  "provenance": {
    "md5sum": "73202c01ac41cd7bdf605bec155aba61",
    "settings": {
      "fd_thres": 0.2,
      "testing": false
    },
    "software": "mriqc",
    "version": "22.0.6",
    "webapi_port": null,
    "webapi_url": "https://mriqc.nimh.nih.gov/api/v1"
  },
  "size_t": 818,
  "size_x": 64,
  "size_y": 64,
  "size_z": 36,
  "snr": 7.203452243239163,
  "spacing_tr": 2.200000047683716,
  "spacing_x": 4.0,
  "spacing_y": 4.0,
  "spacing_z": 3.9999985694885254,
  "summary_bg_k": 21.3283809027874,
  "summary_bg_mad": 4.003751224705313,
  "summary_bg_mean": 23.355152130126953,
  "summary_bg_median": 4.547677516937256,
  "summary_bg_n": 100625.0,
  "summary_bg_p05": 1.4547678232192993,
  "summary_bg_p95": 119.39804992675757,
  "summary_bg_stdv": 49.246665954589844,
  "summary_fg_k": 2.9727715966523762,
  "summary_fg_mad": 88.95975274465864,
  "summary_fg_mean": 725.8400268554688,
  "summary_fg_median": 722.656494140625,
  "summary_fg_n": 17953.0,
  "summary_fg_p05": 574.7459716796875,
  "summary_fg_p95": 881.992199707031,
  "summary_fg_stdv": 100.31806182861328,
  "tsnr": 47.41506427060813
}