{
  "aor": 0.0011249038461538462,
  "aqi": 0.0046786075,
  "bids_meta": {
    "BodyPartExamined": "HEAD",
    "CogAtlasID": "http://www.cognitiveatlas.org/term/id/trm_550b53d7dd674",
    "ConversionSoftware": "dcm2niix",
    "ConversionSoftwareVersion": "v1.0.20170411 GCC4.4.7",
    "EchoTime": 0.027,
    "EffectiveEchoSpacing": 0.000590001,
    "FlipAngle": 90,
    "ImageType": [
      "ORIGINAL",
      "PRIMARY",
      "M",
      "ND",
      "NORM",
      "MOSAIC"
    ],
    "Instructions": "In this next scan you'll be prompted to move your hands, feet, or tongue. You'll only move one of these at once. Instructions are presented on the screen. Let?s review them now. [Read on-screen instructions to participant.] Do you have any questions?",
    "MagneticFieldStrength": 3,
    "Manufacturer": "Siemens",
    "ManufacturersModelName": "TrioTim",
    "PhaseEncodingDirection": "j-",
    "ProcedureStepDescription": "head_Dosenbach_MSC",
    "ProtocolName": "Motor_104Frames_36Slices_TR2.2",
    "RepetitionTime": 2.2,
    "ScanningSequence": "EP",
    "SequenceName": "_epfid2d1_64",
    "SequenceVariant": "SK",
    "SeriesDescription": "Motor_104Frames_36Slices_TR2.2",
    "SliceTiming": [
      1.105,
      0,
      1.1675,
      0.0625,
      1.2275,
      0.1225,
      1.29,
      0.185,
      1.35,
      0.245,
      1.4125,
      0.3075,
      1.4725,
      0.37,
      1.535,
      0.43,
      1.595,
      0.4925,
      1.6575,
      0.5525,
      1.7175,
      0.615,
      1.78,
      0.675,
      1.84,
      0.7375,
      1.9025,
      0.7975,
      1.965,
      0.86,
      2.025,
      0.92,
      2.0875,
      0.9825,
      2.1475,
      1.0425
    ],
    "SoftwareVersion": "syngo MR B17",
    "TaskName": "motor",
    "dataset": "ds000224",
    "modality": "bold",
    "run_id": 1,
    "session_id": "func06",
    "subject_id": "MSC02",
    "task_id": "motor"
  },
  "dummy_trs": 0,
  "dvars_nstd": 18.4886091568932,
  "dvars_std": 1.2965049108737863,
  "dvars_vstd": 0.9666211928155338,
  "efc": 0.4214668055394016,
  "fber": 29832.1171875,
  "fd_mean": 0.09972180418194142,
  "fd_num": 4,
  "fd_perc": 3.8461538461538463,
  "fwhm_avg": 1.7020960250848223,
  "fwhm_x": 1.571245,
  "fwhm_y": 1.926515,
  "fwhm_z": 1.6085280752544673,
  "gcor": 0.0492273,
  "gsr_x": -0.027045661583542824,
  "gsr_y": 0.033346325159072876,
  "provenance": {
    "md5sum": "62c8af1666836516c814d7262e0686f0",
    "settings": {
      "fd_thres": 0.2,
      "testing": false
    },
    "software": "mriqc",
    "version": "22.0.6",
    "webapi_port": null,
    "webapi_url": "https://mriqc.nimh.nih.gov/api/v1"
  },
  "size_t": 104,
  "size_x": 64,
  "size_y": 64,
  "size_z": 36,
  "snr": 7.117672786470829,
  "spacing_tr": 2.200000047683716,
  "spacing_x": 4.0,
  "spacing_y": 4.0,
  "spacing_z": 3.9999985694885254,
  "summary_bg_k": 24.116568699499805,
  "summary_bg_mad": 3.1647859127483975,
  "summary_bg_mean": 22.91143226623535,
  "summary_bg_median": 4.192307949066162,
  "summary_bg_n": 101049.0,
  "summary_bg_p05": 1.6961538791656547,
  "summary_bg_p95": 119.11731414794905,
  "summary_bg_stdv": 50.050621032714844,
  "summary_fg_k": 2.518043728423361,
  "summary_fg_mad": 90.86639512404787,
  "summary_fg_mean": 729.6455688476562,
  "summary_fg_median": 725.7259521484375,
  "summary_fg_n": 17768.0,
  "summary_fg_p05": 576.2663726806641,
  "summary_fg_p95": 889.4101379394531,
  "summary_fg_stdv": 101.95825958251953,
  "tsnr": 94.1321162879467
}