{
  "aor": 0.0037247115384615383,
  "aqi": 0.004362047596153846,
  "bids_meta": {
    "BodyPartExamined": "HEAD",
    "CogAtlasID": "http://www.cognitiveatlas.org/term/id/trm_550b53d7dd674",
    "ConversionSoftware": "dcm2niix",
    "ConversionSoftwareVersion": "v1.0.20170411 GCC4.4.7",
    "EchoTime": 0.027,
    "EffectiveEchoSpacing": 0.000590001,
    "FlipAngle": 90,
    "ImageType": [
      "ORIGINAL",
      "PRIMARY",
      "M",
      "ND",
      "NORM",
      "MOSAIC"
    ],
    "Instructions": "In this next scan you'll be prompted to move your hands, feet, or tongue. You'll only move one of these at once. Instructions are presented on the screen. Let?s review them now. [Read on-screen instructions to participant.] Do you have any questions?",
    "MagneticFieldStrength": 3,
    "Manufacturer": "Siemens",
    "ManufacturersModelName": "TrioTim",
    "PhaseEncodingDirection": "j-",
    "ProcedureStepDescription": "head_Dosenbach_MSC",
    "ProtocolName": "Motor_104Frames_36Slices_TR2.2",
    "RepetitionTime": 2.2,
    "ScanningSequence": "EP",
    "SequenceName": "_epfid2d1_64",
    "SequenceVariant": "SK",
    "SeriesDescription": "Motor_104Frames_36Slices_TR2.2",
    "SliceTiming": [
      1.105,
      0,
      1.1675,
      0.0625,
      1.2275,
      0.1225,
      1.29,
      0.185,
      1.35,
      0.245,
      1.4125,
      0.3075,
      1.4725,
      0.37,
      1.535,
      0.43,
      1.595,
      0.4925,
      1.6575,
      0.5525,
      1.7175,
      0.615,
      1.78,
      0.675,
      1.84,
      0.7375,
      1.9025,
      0.7975,
      1.965,
      0.86,
      2.025,
      0.92,
      2.0875,
      0.9825,
      2.1475,
      1.0425
    ],
    "SoftwareVersion": "syngo MR B17",
    "TaskName": "motor",
    "dataset": "ds000224",
    "modality": "bold",
    "run_id": 2,
    "session_id": "func02",
    "subject_id": "MSC06",
    "task_id": "motor"
  },
  "dummy_trs": 0,
  "dvars_nstd": 21.4723146862136,
  "dvars_std": 1.4777470044660195,
  "dvars_vstd": 1.020860720194175,
  "efc": 0.40113933567501586,
  "fber": 36761.125,
  "fd_mean": 0.14334606540563316,
  "fd_num": 26,
  "fd_perc": 25.0,
  "fwhm_avg": 1.6972474333796976,
  "fwhm_x": 1.5499925,
  "fwhm_y": 1.865195,
  "fwhm_z": 1.6765548001390933,
  "gcor": 0.0301642,
  "gsr_x": -0.023500962182879448,
  "gsr_y": 0.019471578299999237,
  "provenance": {
    "md5sum": "527ec8b8094f8a68a612f66a25e27edf",
    "settings": {
      "fd_thres": 0.2,
      "testing": false
    },
    "software": "mriqc",
    "version": "22.0.6",
    "webapi_port": null,
    "webapi_url": "https://mriqc.nimh.nih.gov/api/v1"
  },
  "size_t": 104,
  "size_x": 64,
  "size_y": 64,
  "size_z": 36,
  "snr": 7.723295428274505,
  "spacing_tr": 2.200000047683716,
  "spacing_x": 4.0,
  "spacing_y": 4.0,
  "spacing_z": 4.000000476837158,
  "summary_bg_k": 43.381211766829175,
  "summary_bg_mad": 2.58029768396081,
  "summary_bg_mean": 17.597288131713867,
  "summary_bg_median": 3.625000238418579,
  "summary_bg_n": 102467.0,
  "summary_bg_p05": 1.461538553237915,
  "summary_bg_p95": 81.70865631103513,
  "summary_bg_stdv": 42.026817321777344,
  "summary_fg_k": 2.3140356676228864,
  "summary_fg_mad": 84.67935417655855,
  "summary_fg_mean": 702.3155517578125,
  "summary_fg_median": 700.2885131835938,
  "summary_fg_n": 16547.0,
  "summary_fg_p05": 565.7375122070313,
  "summary_fg_p95": 846.5673217773438,
  "summary_fg_stdv": 90.66950225830078,
  "tsnr": 101.33988557429984
}