{
  "aor": 0.0005254889975550123,
  "aqi": 0.005813020342298288,
  "bids_meta": {
    "BodyPartExamined": "HEAD",
    "CogAtlasID": "http://www.cognitiveatlas.org/term/id/trm_4c8a834779883",
    "ConversionSoftware": "dcm2niix",
    "ConversionSoftwareVersion": "v1.0.20170411 GCC4.4.7",
    "EchoTime": 0.027,
    "EffectiveEchoSpacing": 0.000590001,
    "FlipAngle": 90,
    "ImageType": [
      "ORIGINAL",
      "PRIMARY",
      "M",
      "ND",
      "NORM",
      "MOSAIC"
    ],
    "Instructions": "During this first scan, a plus sign will be presented on the screen.  All you need to do is simply relax and look at the plus sign. Please keep your eyes open the entire time, and be as still as possible. It's extremely important that you stay awake for the entire duration of this scan. This scan will last ~30 minutes.",
    "MagneticFieldStrength": 3,
    "Manufacturer": "Siemens",
    "ManufacturersModelName": "TrioTim",
    "PhaseEncodingDirection": "j-",
    "ProcedureStepDescription": "head_Dosenbach_MSC",
    "ProtocolName": "RSFC_818Frames_36Slices_TR2.2",
    "RepetitionTime": 2.2,
    "ScanningSequence": "EP",
    "SequenceName": "_epfid2d1_64",
    "SequenceVariant": "SK",
    "SeriesDescription": "RSFC_818Frames_36Slices_TR2.2",
    "SliceTiming": [
      1.105,
      0,
      1.165,
      0.06,
      1.2275,
      0.1225,
      1.2875,
      0.185,
      1.35,
      0.245,
      1.41,
      0.3075,
      1.4725,
      0.3675,
      1.5325,
      0.43,
      1.595,
      0.49,
      1.655,
      0.5525,
      1.7175,
      0.6125,
      1.78,
      0.675,
      1.84,
      0.735,
      1.9025,
      0.7975,
      1.9625,
      0.8575,
      2.025,
      0.92,
      2.085,
      0.9825,
      2.1475,
      1.0425
    ],
    "SoftwareVersion": "syngo MR B17",
    "TaskName": "rest",
    "dataset": "ds000224",
    "modality": "bold",
    "session_id": "func02",
    "subject_id": "MSC06",
    "task_id": "rest"
  },
  "dummy_trs": 0,
  "dvars_nstd": 21.059580499363516,
  "dvars_std": 1.5410018711383124,
  "dvars_vstd": 0.9754180958996316,
  "efc": 0.4042458948046984,
  "fber": 34552.23828125,
  "fd_mean": 0.08819225832048114,
  "fd_num": 33,
  "fd_perc": 4.034229828850855,
  "fwhm_avg": 1.6871024345606642,
  "fwhm_x": 1.53735,
  "fwhm_y": 1.8771225,
  "fwhm_z": 1.646834803681993,
  "gcor": 0.0608383,
  "gsr_x": -0.02464742586016655,
  "gsr_y": 0.0182705856859684,
  "provenance": {
    "md5sum": "f2875b8b86a101bc306833d0bceaf8cf",
    "settings": {
      "fd_thres": 0.2,
      "testing": false
    },
    "software": "mriqc",
    "version": "22.0.6",
    "webapi_port": null,
    "webapi_url": "https://mriqc.nimh.nih.gov/api/v1"
  },
  "size_t": 818,
  "size_x": 64,
  "size_y": 64,
  "size_z": 36,
  "snr": 7.77131353558872,
  "spacing_tr": 2.200000047683716,
  "spacing_x": 4.0,
  "spacing_y": 4.0,
  "spacing_z": 4.000000476837158,
  "summary_bg_k": 43.816418996828816,
  "summary_bg_mad": 2.6389594431399486,
  "summary_bg_mean": 17.883033752441406,
  "summary_bg_median": 3.6833741664886475,
  "summary_bg_n": 102186.0,
  "summary_bg_p05": 1.4743276834487915,
  "summary_bg_p95": 81.84872055053711,
  "summary_bg_stdv": 42.798770904541016,
  "summary_fg_k": 1.8760880087745697,
  "summary_fg_mad": 84.7738266323764,
  "summary_fg_mean": 694.2533569335938,
  "summary_fg_median": 692.0513916015625,
  "summary_fg_n": 16574.0,
  "summary_fg_p05": 559.5721435546875,
  "summary_fg_p95": 836.6473388671875,
  "summary_fg_stdv": 89.04936218261719,
  "tsnr": 87.73239289410412
}