{
  "aor": 0.005928737864077672,
  "aqi": 0.004802159029126213,
  "bids_meta": {
    "BodyPartExamined": "HEAD",
    "CogAtlasID": "http://www.cognitiveatlas.org/term/id/trm_550b53d7dd674",
    "ConversionSoftware": "dcm2niix",
    "ConversionSoftwareVersion": "v1.0.20170411 GCC4.4.7",
    "EchoTime": 0.027,
    "EffectiveEchoSpacing": 0.000590001,
    "FlipAngle": 90,
    "ImageType": [
      "ORIGINAL",
      "PRIMARY",
      "M",
      "ND",
      "NORM",
      "MOSAIC"
    ],
    "Instructions": "In this next scan you'll be prompted to move your hands, feet, or tongue. You'll only move one of these at once. Instructions are presented on the screen. Let?s review them now. [Read on-screen instructions to participant.] Do you have any questions?",
    "MagneticFieldStrength": 3,
    "Manufacturer": "Siemens",
    "ManufacturersModelName": "TrioTim",
    "PhaseEncodingDirection": "j-",
    "ProcedureStepDescription": "head_Dosenbach_MSC",
    "ProtocolName": "Motor_104Frames_36Slices_TR2.2",
    "RepetitionTime": 2.2,
    "ScanningSequence": "EP",
    "SequenceName": "_epfid2d1_64",
    "SequenceVariant": "SK",
    "SeriesDescription": "Motor_104Frames_36Slices_TR2.2",
    "SliceTiming": [
      1.105,
      0,
      1.1675,
      0.0625,
      1.2275,
      0.1225,
      1.29,
      0.185,
      1.35,
      0.245,
      1.4125,
      0.3075,
      1.4725,
      0.37,
      1.535,
      0.43,
      1.595,
      0.4925,
      1.6575,
      0.5525,
      1.7175,
      0.615,
      1.78,
      0.675,
      1.84,
      0.7375,
      1.9025,
      0.7975,
      1.965,
      0.86,
      2.025,
      0.92,
      2.0875,
      0.9825,
      2.1475,
      1.0425
    ],
    "SoftwareVersion": "syngo MR B17",
    "TaskName": "motor",
    "dataset": "ds000224",
    "modality": "bold",
    "run_id": 2,
    "session_id": "func04",
    "subject_id": "MSC03",
    "task_id": "motor"
  },
  "dummy_trs": 1,
  "dvars_nstd": 17.859295031274513,
  "dvars_std": 1.226269222156863,
  "dvars_vstd": 1.040583005490196,
  "efc": 0.36566578741252315,
  "fber": 44756.8828125,
  "fd_mean": 0.24060542202115168,
  "fd_num": 51,
  "fd_perc": 49.51456310679612,
  "fwhm_avg": 1.7659608669874094,
  "fwhm_x": 1.6266425,
  "fwhm_y": 1.977375,
  "fwhm_z": 1.6938651009622276,
  "gcor": 0.0164353,
  "gsr_x": -0.023735448718070984,
  "gsr_y": 0.013554287143051624,
  "provenance": {
    "md5sum": "3128cc2c82850f8c98ea8570720fcebc",
    "settings": {
      "fd_thres": 0.2,
      "testing": false
    },
    "software": "mriqc",
    "version": "22.0.6",
    "webapi_port": null,
    "webapi_url": "https://mriqc.nimh.nih.gov/api/v1"
  },
  "size_t": 103,
  "size_x": 64,
  "size_y": 64,
  "size_z": 36,
  "snr": 7.767581356003704,
  "spacing_tr": 2.200000047683716,
  "spacing_x": 4.0,
  "spacing_y": 4.0,
  "spacing_z": 3.999999761581421,
  "summary_bg_k": 35.06300789918169,
  "summary_bg_mad": 2.0439760422166144,
  "summary_bg_mean": 13.302361488342285,
  "summary_bg_median": 2.8932039737701416,
  "summary_bg_n": 107061.0,
  "summary_bg_p05": 1.0582524538040161,
  "summary_bg_p95": 66.82524108886719,
  "summary_bg_stdv": 31.083681106567383,
  "summary_fg_k": 2.1197378548263224,
  "summary_fg_mad": 68.24286619055378,
  "summary_fg_mean": 612.4338989257812,
  "summary_fg_median": 611.7864379882812,
  "summary_fg_n": 13281.0,
  "summary_fg_p05": 485.0873718261719,
  "summary_fg_p95": 734.8252563476562,
  "summary_fg_stdv": 78.758544921875,
  "tsnr": 92.81825539446436
}