{
  "aor": 0.0018547735618115054,
  "aqi": 0.009317608421052632,
  "bids_meta": {
    "BodyPartExamined": "HEAD",
    "CogAtlasID": "http://www.cognitiveatlas.org/term/id/trm_4c8a834779883",
    "ConversionSoftware": "dcm2niix",
    "ConversionSoftwareVersion": "v1.0.20170411 GCC4.4.7",
    "EchoTime": 0.027,
    "EffectiveEchoSpacing": 0.000590001,
    "FlipAngle": 90,
    "ImageType": [
      "ORIGINAL",
      "PRIMARY",
      "M",
      "ND",
      "NORM",
      "MOSAIC"
    ],
    "Instructions": "During this first scan, a plus sign will be presented on the screen.  All you need to do is simply relax and look at the plus sign. Please keep your eyes open the entire time, and be as still as possible. It's extremely important that you stay awake for the entire duration of this scan. This scan will last ~30 minutes.",
    "MagneticFieldStrength": 3,
    "Manufacturer": "Siemens",
    "ManufacturersModelName": "TrioTim",
    "PhaseEncodingDirection": "j-",
    "ProcedureStepDescription": "head_Dosenbach_MSC",
    "ProtocolName": "RSFC_818Frames_36Slices_TR2.2",
    "RepetitionTime": 2.2,
    "ScanningSequence": "EP",
    "SequenceName": "_epfid2d1_64",
    "SequenceVariant": "SK",
    "SeriesDescription": "RSFC_818Frames_36Slices_TR2.2",
    "SliceTiming": [
      1.105,
      0,
      1.165,
      0.06,
      1.2275,
      0.1225,
      1.2875,
      0.185,
      1.35,
      0.245,
      1.41,
      0.3075,
      1.4725,
      0.3675,
      1.5325,
      0.43,
      1.595,
      0.49,
      1.655,
      0.5525,
      1.7175,
      0.6125,
      1.78,
      0.675,
      1.84,
      0.735,
      1.9025,
      0.7975,
      1.9625,
      0.8575,
      2.025,
      0.92,
      2.085,
      0.9825,
      2.1475,
      1.0425
    ],
    "SoftwareVersion": "syngo MR B17",
    "TaskName": "rest",
    "dataset": "ds000224",
    "modality": "bold",
    "session_id": "func05",
    "subject_id": "MSC04",
    "task_id": "rest"
  },
  "dummy_trs": 1,
  "dvars_nstd": 17.38549644452207,
  "dvars_std": 1.2518355597426474,
  "dvars_vstd": 0.9658460702205895,
  "efc": 0.3635858266250319,
  "fber": 59102.9921875,
  "fd_mean": 0.12330665058756544,
  "fd_num": 103,
  "fd_perc": 12.607099143206854,
  "fwhm_avg": 1.8272898617112967,
  "fwhm_x": 1.6871925,
  "fwhm_y": 2.0546025,
  "fwhm_z": 1.74007458513389,
  "gcor": 0.0603795,
  "gsr_x": -0.024683155119419098,
  "gsr_y": 0.013810418546199799,
  "provenance": {
    "md5sum": "a110931c723555192cadedbf12b58cf2",
    "settings": {
      "fd_thres": 0.2,
      "testing": false
    },
    "software": "mriqc",
    "version": "22.0.6",
    "webapi_port": null,
    "webapi_url": "https://mriqc.nimh.nih.gov/api/v1"
  },
  "size_t": 817,
  "size_x": 64,
  "size_y": 64,
  "size_z": 36,
  "snr": 7.907461189595381,
  "spacing_tr": 2.200000047683716,
  "spacing_x": 4.0,
  "spacing_y": 4.0,
  "spacing_z": 4.000000953674316,
  "summary_bg_k": 53.97317440860992,
  "summary_bg_mad": 2.255660493479789,
  "summary_bg_mean": 14.628630638122559,
  "summary_bg_median": 3.214198350906372,
  "summary_bg_n": 106216.0,
  "summary_bg_p05": 1.2484700679779053,
  "summary_bg_p95": 66.14320945739746,
  "summary_bg_stdv": 40.20066833496094,
  "summary_fg_k": 2.0873886583377006,
  "summary_fg_mad": 86.14331527830315,
  "summary_fg_mean": 776.8057861328125,
  "summary_fg_median": 780.3928833007812,
  "summary_fg_n": 13895.0,
  "summary_fg_p05": 609.8601318359375,
  "summary_fg_p95": 926.384356689453,
  "summary_fg_stdv": 98.68714904785156,
  "tsnr": 66.54561913758516
}