{
  "aor": 0.004228557692307692,
  "aqi": 0.0063129725,
  "bids_meta": {
    "BodyPartExamined": "HEAD",
    "CogAtlasID": "http://www.cognitiveatlas.org/term/id/trm_550b53d7dd674",
    "ConversionSoftware": "dcm2niix",
    "ConversionSoftwareVersion": "v1.0.20170411 GCC4.4.7",
    "EchoTime": 0.027,
    "EffectiveEchoSpacing": 0.000590001,
    "FlipAngle": 90,
    "ImageType": [
      "ORIGINAL",
      "PRIMARY",
      "M",
      "ND",
      "NORM",
      "MOSAIC"
    ],
    "Instructions": "In this next scan you'll be prompted to move your hands, feet, or tongue. You'll only move one of these at once. Instructions are presented on the screen. Let?s review them now. [Read on-screen instructions to participant.] Do you have any questions?",
    "MagneticFieldStrength": 3,
    "Manufacturer": "Siemens",
    "ManufacturersModelName": "TrioTim",
    "PhaseEncodingDirection": "j-",
    "ProcedureStepDescription": "head_Dosenbach_MSC",
    "ProtocolName": "Motor_104Frames_36Slices_TR2.2",
    "RepetitionTime": 2.2,
    "ScanningSequence": "EP",
    "SequenceName": "_epfid2d1_64",
    "SequenceVariant": "SK",
    "SeriesDescription": "Motor_104Frames_36Slices_TR2.2",
    "SliceTiming": [
      1.105,
      0,
      1.1675,
      0.0625,
      1.2275,
      0.1225,
      1.29,
      0.185,
      1.35,
      0.245,
      1.4125,
      0.3075,
      1.4725,
      0.37,
      1.535,
      0.43,
      1.595,
      0.4925,
      1.6575,
      0.5525,
      1.7175,
      0.615,
      1.78,
      0.675,
      1.84,
      0.7375,
      1.9025,
      0.7975,
      1.965,
      0.86,
      2.025,
      0.92,
      2.0875,
      0.9825,
      2.1475,
      1.0425
    ],
    "SoftwareVersion": "syngo MR B17",
    "TaskName": "motor",
    "dataset": "ds000224",
    "modality": "bold",
    "run_id": 2,
    "session_id": "func05",
    "subject_id": "MSC04",
    "task_id": "motor"
  },
  "dummy_trs": 0,
  "dvars_nstd": 15.64698797067961,
  "dvars_std": 1.1938369261165045,
  "dvars_vstd": 0.9649258676699024,
  "efc": 0.36007160907055563,
  "fber": 62813.0859375,
  "fd_mean": 0.11397528736399726,
  "fd_num": 8,
  "fd_perc": 7.6923076923076925,
  "fwhm_avg": 1.8094140272144807,
  "fwhm_x": 1.6536175,
  "fwhm_y": 2.01991,
  "fwhm_z": 1.7547145816434429,
  "gcor": 0.0320368,
  "gsr_x": -0.023514753207564354,
  "gsr_y": 0.015377022325992584,
  "provenance": {
    "md5sum": "2fe6dc674776534e05702eaf339a6272",
    "settings": {
      "fd_thres": 0.2,
      "testing": false
    },
    "software": "mriqc",
    "version": "22.0.6",
    "webapi_port": null,
    "webapi_url": "https://mriqc.nimh.nih.gov/api/v1"
  },
  "size_t": 104,
  "size_x": 64,
  "size_y": 64,
  "size_z": 36,
  "snr": 7.793053340515442,
  "spacing_tr": 2.200000047683716,
  "spacing_x": 4.0,
  "spacing_y": 4.0,
  "spacing_z": 4.000000953674316,
  "summary_bg_k": 56.7329386878004,
  "summary_bg_mad": 2.4377401182198044,
  "summary_bg_mean": 14.41846752166748,
  "summary_bg_median": 3.134615421295166,
  "summary_bg_n": 106815.0,
  "summary_bg_p05": 1.0,
  "summary_bg_p95": 66.46442413330067,
  "summary_bg_stdv": 40.23167419433594,
  "summary_fg_k": 2.541129231433981,
  "summary_fg_mad": 86.44713833424996,
  "summary_fg_mean": 781.6046752929688,
  "summary_fg_median": 785.8173217773438,
  "summary_fg_n": 13692.0,
  "summary_fg_p05": 611.5091491699219,
  "summary_fg_p95": 933.4423217773438,
  "summary_fg_stdv": 100.8319320678711,
  "tsnr": 88.12275024829432
}