{
  "aor": 0.0012448410757946208,
  "aqi": 0.008595347860635696,
  "bids_meta": {
    "BodyPartExamined": "HEAD",
    "CogAtlasID": "http://www.cognitiveatlas.org/term/id/trm_4c8a834779883",
    "ConversionSoftware": "dcm2niix",
    "ConversionSoftwareVersion": "v1.0.20170411 GCC4.4.7",
    "EchoTime": 0.027,
    "EffectiveEchoSpacing": 0.000590001,
    "FlipAngle": 90,
    "ImageType": [
      "ORIGINAL",
      "PRIMARY",
      "M",
      "ND",
      "NORM",
      "MOSAIC"
    ],
    "Instructions": "During this first scan, a plus sign will be presented on the screen.  All you need to do is simply relax and look at the plus sign. Please keep your eyes open the entire time, and be as still as possible. It's extremely important that you stay awake for the entire duration of this scan. This scan will last ~30 minutes.",
    "MagneticFieldStrength": 3,
    "Manufacturer": "Siemens",
    "ManufacturersModelName": "TrioTim",
    "PhaseEncodingDirection": "j-",
    "ProcedureStepDescription": "head_Dosenbach_MSC",
    "ProtocolName": "RSFC_818Frames_36Slices_TR2.2",
    "RepetitionTime": 2.2,
    "ScanningSequence": "EP",
    "SequenceName": "_epfid2d1_64",
    "SequenceVariant": "SK",
    "SeriesDescription": "RSFC_818Frames_36Slices_TR2.2",
    "SliceTiming": [
      1.105,
      0,
      1.165,
      0.06,
      1.2275,
      0.1225,
      1.2875,
      0.185,
      1.35,
      0.245,
      1.41,
      0.3075,
      1.4725,
      0.3675,
      1.5325,
      0.43,
      1.595,
      0.49,
      1.655,
      0.5525,
      1.7175,
      0.6125,
      1.78,
      0.675,
      1.84,
      0.735,
      1.9025,
      0.7975,
      1.9625,
      0.8575,
      2.025,
      0.92,
      2.085,
      0.9825,
      2.1475,
      1.0425
    ],
    "SoftwareVersion": "syngo MR B17",
    "TaskName": "rest",
    "dataset": "ds000224",
    "modality": "bold",
    "session_id": "func03",
    "subject_id": "MSC05",
    "task_id": "rest"
  },
  "dummy_trs": 0,
  "dvars_nstd": 14.352077475777254,
  "dvars_std": 1.119154189473685,
  "dvars_vstd": 0.966461917552019,
  "efc": 0.4171910130270089,
  "fber": 35124.40234375,
  "fd_mean": 0.1596703862194668,
  "fd_num": 199,
  "fd_perc": 24.327628361858192,
  "fwhm_avg": 1.7254239998524123,
  "fwhm_x": 1.6015650954607186,
  "fwhm_y": 1.90844,
  "fwhm_z": 1.6662669040965186,
  "gcor": 0.076375,
  "gsr_x": -0.018758228048682213,
  "gsr_y": 0.0166066512465477,
  "provenance": {
    "md5sum": "6b100bd87192dc9281a095e7ea574173",
    "settings": {
      "fd_thres": 0.2,
      "testing": false
    },
    "software": "mriqc",
    "version": "22.0.6",
    "webapi_port": null,
    "webapi_url": "https://mriqc.nimh.nih.gov/api/v1"
  },
  "size_t": 818,
  "size_x": 64,
  "size_y": 64,
  "size_z": 36,
  "snr": 7.994625370143815,
  "spacing_tr": 2.200000047683716,
  "spacing_x": 3.999999761581421,
  "spacing_y": 4.0,
  "spacing_z": 4.000001430511475,
  "summary_bg_k": 34.679463100065036,
  "summary_bg_mad": 2.968829550272399,
  "summary_bg_mean": 19.974796295166016,
  "summary_bg_median": 3.7872862815856934,
  "summary_bg_n": 100720.0,
  "summary_bg_p05": 1.39486563205719,
  "summary_bg_p95": 97.81693344116204,
  "summary_bg_stdv": 48.29600524902344,
  "summary_fg_k": 3.152331319405727,
  "summary_fg_mad": 80.52903621692414,
  "summary_fg_mean": 719.7770385742188,
  "summary_fg_median": 719.12353515625,
  "summary_fg_n": 18034.0,
  "summary_fg_p05": 579.7052398681641,
  "summary_fg_p95": 858.1929931640625,
  "summary_fg_stdv": 89.94837951660156,
  "tsnr": 70.03446372691542
}