{
  "aor": 0.0034389423076923074,
  "aqi": 0.0043195234615384616,
  "bids_meta": {
    "BodyPartExamined": "HEAD",
    "CogAtlasID": "http://www.cognitiveatlas.org/term/id/trm_550b53d7dd674",
    "ConversionSoftware": "dcm2niix",
    "ConversionSoftwareVersion": "v1.0.20170411 GCC4.4.7",
    "EchoTime": 0.027,
    "EffectiveEchoSpacing": 0.000590001,
    "FlipAngle": 90,
    "ImageType": [
      "ORIGINAL",
      "PRIMARY",
      "M",
      "ND",
      "NORM",
      "MOSAIC"
    ],
    "Instructions": "In this next scan you'll be prompted to move your hands, feet, or tongue. You'll only move one of these at once. Instructions are presented on the screen. Let?s review them now. [Read on-screen instructions to participant.] Do you have any questions?",
    "MagneticFieldStrength": 3,
    "Manufacturer": "Siemens",
    "ManufacturersModelName": "TrioTim",
    "PhaseEncodingDirection": "j-",
    "ProcedureStepDescription": "head_Dosenbach_MSC",
    "ProtocolName": "Motor_104Frames_36Slices_TR2.2",
    "RepetitionTime": 2.2,
    "ScanningSequence": "EP",
    "SequenceName": "_epfid2d1_64",
    "SequenceVariant": "SK",
    "SeriesDescription": "Motor_104Frames_36Slices_TR2.2",
    "SliceTiming": [
      1.105,
      0,
      1.1675,
      0.0625,
      1.2275,
      0.1225,
      1.29,
      0.185,
      1.35,
      0.245,
      1.4125,
      0.3075,
      1.4725,
      0.37,
      1.535,
      0.43,
      1.595,
      0.4925,
      1.6575,
      0.5525,
      1.7175,
      0.615,
      1.78,
      0.675,
      1.84,
      0.7375,
      1.9025,
      0.7975,
      1.965,
      0.86,
      2.025,
      0.92,
      2.0875,
      0.9825,
      2.1475,
      1.0425
    ],
    "SoftwareVersion": "syngo MR B17",
    "TaskName": "motor",
    "dataset": "ds000224",
    "modality": "bold",
    "run_id": 1,
    "session_id": "func01",
    "subject_id": "MSC03",
    "task_id": "motor"
  },
  "dummy_trs": 0,
  "dvars_nstd": 14.488249047669898,
  "dvars_std": 1.1084839056310678,
  "dvars_vstd": 0.9973316779611645,
  "efc": 0.3618345674870959,
  "fber": 48059.48828125,
  "fd_mean": 0.2018958227716556,
  "fd_num": 35,
  "fd_perc": 33.65384615384615,
  "fwhm_avg": 1.7378583668407321,
  "fwhm_x": 1.59545,
  "fwhm_y": 1.9316425,
  "fwhm_z": 1.6864826005221965,
  "gcor": 0.0464649,
  "gsr_x": -0.02305099368095398,
  "gsr_y": 0.013434476219117641,
  "provenance": {
    "md5sum": "7f92a725e6004dbcb2e97d4e5740a320",
    "settings": {
      "fd_thres": 0.2,
      "testing": false
    },
    "software": "mriqc",
    "version": "22.0.6",
    "webapi_port": null,
    "webapi_url": "https://mriqc.nimh.nih.gov/api/v1"
  },
  "size_t": 104,
  "size_x": 64,
  "size_y": 64,
  "size_z": 36,
  "snr": 7.956411309932444,
  "spacing_tr": 2.200000047683716,
  "spacing_x": 4.0,
  "spacing_y": 4.0,
  "spacing_z": 3.999999761581421,
  "summary_bg_k": 42.269557309234685,
  "summary_bg_mad": 1.8960201312242828,
  "summary_bg_mean": 12.700255393981934,
  "summary_bg_median": 2.817307710647583,
  "summary_bg_n": 107381.0,
  "summary_bg_p05": 1.067307710647583,
  "summary_bg_p95": 62.6634635925293,
  "summary_bg_stdv": 30.622404098510742,
  "summary_fg_k": 2.079458123824068,
  "summary_fg_mad": 68.72717326290743,
  "summary_fg_mean": 619.14111328125,
  "summary_fg_median": 617.0048217773438,
  "summary_fg_n": 13182.0,
  "summary_fg_p05": 497.21202850341797,
  "summary_fg_p95": 741.7851470947265,
  "summary_fg_stdv": 77.5451889038086,
  "tsnr": 96.0595414317213
}