{
  "aor": 0.0025952884615384614,
  "aqi": 0.005445804230769231,
  "bids_meta": {
    "BodyPartExamined": "HEAD",
    "CogAtlasID": "http://www.cognitiveatlas.org/term/id/trm_550b53d7dd674",
    "ConversionSoftware": "dcm2niix",
    "ConversionSoftwareVersion": "v1.0.20170411 GCC4.4.7",
    "EchoTime": 0.027,
    "EffectiveEchoSpacing": 0.000590001,
    "FlipAngle": 90,
    "ImageType": [
      "ORIGINAL",
      "PRIMARY",
      "M",
      "ND",
      "NORM",
      "MOSAIC"
    ],
    "Instructions": "In this next scan you'll be prompted to move your hands, feet, or tongue. You'll only move one of these at once. Instructions are presented on the screen. Let?s review them now. [Read on-screen instructions to participant.] Do you have any questions?",
    "MagneticFieldStrength": 3,
    "Manufacturer": "Siemens",
    "ManufacturersModelName": "TrioTim",
    "PhaseEncodingDirection": "j-",
    "ProcedureStepDescription": "head_Dosenbach_MSC",
    "ProtocolName": "Motor_104Frames_36Slices_TR2.2",
    "RepetitionTime": 2.2,
    "ScanningSequence": "EP",
    "SequenceName": "_epfid2d1_64",
    "SequenceVariant": "SK",
    "SeriesDescription": "Motor_104Frames_36Slices_TR2.2",
    "SliceTiming": [
      1.105,
      0,
      1.1675,
      0.0625,
      1.2275,
      0.1225,
      1.29,
      0.185,
      1.35,
      0.245,
      1.4125,
      0.3075,
      1.4725,
      0.37,
      1.535,
      0.43,
      1.595,
      0.4925,
      1.6575,
      0.5525,
      1.7175,
      0.615,
      1.78,
      0.675,
      1.84,
      0.7375,
      1.9025,
      0.7975,
      1.965,
      0.86,
      2.025,
      0.92,
      2.0875,
      0.9825,
      2.1475,
      1.0425
    ],
    "SoftwareVersion": "syngo MR B17",
    "TaskName": "motor",
    "dataset": "ds000224",
    "modality": "bold",
    "run_id": 2,
    "session_id": "func01",
    "subject_id": "MSC03",
    "task_id": "motor"
  },
  "dummy_trs": 0,
  "dvars_nstd": 13.93226877223301,
  "dvars_std": 1.0807620050485436,
  "dvars_vstd": 0.9669611870873788,
  "efc": 0.36584074237795355,
  "fber": 44340.0234375,
  "fd_mean": 0.14992510345040727,
  "fd_num": 23,
  "fd_perc": 22.115384615384617,
  "fwhm_avg": 1.738830866615377,
  "fwhm_x": 1.5879625,
  "fwhm_y": 1.95339,
  "fwhm_z": 1.6751400998461308,
  "gcor": 0.0237865,
  "gsr_x": -0.024159293621778488,
  "gsr_y": 0.0131573136895895,
  "provenance": {
    "md5sum": "36fca67f204556c77b64ac9fbaa47d7f",
    "settings": {
      "fd_thres": 0.2,
      "testing": false
    },
    "software": "mriqc",
    "version": "22.0.6",
    "webapi_port": null,
    "webapi_url": "https://mriqc.nimh.nih.gov/api/v1"
  },
  "size_t": 104,
  "size_x": 64,
  "size_y": 64,
  "size_z": 36,
  "snr": 7.933301664617687,
  "spacing_tr": 2.200000047683716,
  "spacing_x": 4.0,
  "spacing_y": 4.0,
  "spacing_z": 3.999999761581421,
  "summary_bg_k": 37.728021873845584,
  "summary_bg_mad": 2.03857822718516,
  "summary_bg_mean": 13.534364700317383,
  "summary_bg_median": 2.913461685180664,
  "summary_bg_n": 107189.0,
  "summary_bg_p05": 1.067307710647583,
  "summary_bg_p95": 67.2942352294921,
  "summary_bg_stdv": 32.4593391418457,
  "summary_fg_k": 2.0003211328042756,
  "summary_fg_mad": 68.74852910541031,
  "summary_fg_mean": 615.7918090820312,
  "summary_fg_median": 613.8798217773438,
  "summary_fg_n": 13280.0,
  "summary_fg_p05": 493.1130111694336,
  "summary_fg_p95": 735.0438018798827,
  "summary_fg_stdv": 77.37720489501953,
  "tsnr": 88.92312623653561
}