{
  "aor": 0.0035875961538461543,
  "aqi": 0.003570090480769231,
  "bids_meta": {
    "BodyPartExamined": "HEAD",
    "CogAtlasID": "http://www.cognitiveatlas.org/term/id/trm_550b53d7dd674",
    "ConversionSoftware": "dcm2niix",
    "ConversionSoftwareVersion": "v1.0.20170411 GCC4.4.7",
    "EchoTime": 0.027,
    "EffectiveEchoSpacing": 0.000590001,
    "FlipAngle": 90,
    "ImageType": [
      "ORIGINAL",
      "PRIMARY",
      "M",
      "ND",
      "NORM",
      "MOSAIC"
    ],
    "Instructions": "In this next scan you'll be prompted to move your hands, feet, or tongue. You'll only move one of these at once. Instructions are presented on the screen. Let?s review them now. [Read on-screen instructions to participant.] Do you have any questions?",
    "MagneticFieldStrength": 3,
    "Manufacturer": "Siemens",
    "ManufacturersModelName": "TrioTim",
    "PhaseEncodingDirection": "j-",
    "ProcedureStepDescription": "head_Dosenbach_MSC",
    "ProtocolName": "Motor_104Frames_36Slices_TR2.2",
    "RepetitionTime": 2.2,
    "ScanningSequence": "EP",
    "SequenceName": "_epfid2d1_64",
    "SequenceVariant": "SK",
    "SeriesDescription": "Motor_104Frames_36Slices_TR2.2",
    "SliceTiming": [
      1.105,
      0,
      1.1675,
      0.0625,
      1.2275,
      0.1225,
      1.29,
      0.185,
      1.35,
      0.245,
      1.4125,
      0.3075,
      1.4725,
      0.37,
      1.535,
      0.43,
      1.595,
      0.4925,
      1.6575,
      0.5525,
      1.7175,
      0.615,
      1.78,
      0.675,
      1.84,
      0.7375,
      1.9025,
      0.7975,
      1.965,
      0.86,
      2.025,
      0.92,
      2.0875,
      0.9825,
      2.1475,
      1.0425
    ],
    "SoftwareVersion": "syngo MR B17",
    "TaskName": "motor",
    "dataset": "ds000224",
    "modality": "bold",
    "run_id": 1,
    "session_id": "func03",
    "subject_id": "MSC03",
    "task_id": "motor"
  },
  "dummy_trs": 0,
  "dvars_nstd": 18.13958179106796,
  "dvars_std": 1.2310151448543687,
  "dvars_vstd": 1.0174399498058249,
  "efc": 0.36212066559926775,
  "fber": 43967.17578125,
  "fd_mean": 0.23880004911839472,
  "fd_num": 53,
  "fd_perc": 50.96153846153846,
  "fwhm_avg": 1.7601794653008493,
  "fwhm_x": 1.64251,
  "fwhm_y": 1.967945,
  "fwhm_z": 1.6700833959025478,
  "gcor": 0.0170539,
  "gsr_x": -0.023027217015624046,
  "gsr_y": 0.011851447634398937,
  "provenance": {
    "md5sum": "dd4e16ca1cc7b108a66a1e8c20cfccc4",
    "settings": {
      "fd_thres": 0.2,
      "testing": false
    },
    "software": "mriqc",
    "version": "22.0.6",
    "webapi_port": null,
    "webapi_url": "https://mriqc.nimh.nih.gov/api/v1"
  },
  "size_t": 104,
  "size_x": 64,
  "size_y": 64,
  "size_z": 36,
  "snr": 7.787473857468514,
  "spacing_tr": 2.200000047683716,
  "spacing_x": 4.0,
  "spacing_y": 4.0,
  "spacing_z": 3.999997854232788,
  "summary_bg_k": 39.083579746270395,
  "summary_bg_mad": 1.9102759761683619,
  "summary_bg_mean": 13.071388244628906,
  "summary_bg_median": 2.903846263885498,
  "summary_bg_n": 107534.0,
  "summary_bg_p05": 1.1826924085617065,
  "summary_bg_p95": 63.54808044433594,
  "summary_bg_stdv": 31.453454971313477,
  "summary_fg_k": 2.352862196769536,
  "summary_fg_mad": 68.05717894980833,
  "summary_fg_mean": 611.2757568359375,
  "summary_fg_median": 610.8173217773438,
  "summary_fg_n": 13049.0,
  "summary_fg_p05": 485.023095703125,
  "summary_fg_p95": 731.8211669921875,
  "summary_fg_stdv": 78.43286895751953,
  "tsnr": 106.51390029815957
}