{
  "aor": 0.0030865384615384617,
  "aqi": 0.008051005384615385,
  "bids_meta": {
    "BodyPartExamined": "HEAD",
    "CogAtlasID": "http://www.cognitiveatlas.org/term/id/trm_550b53d7dd674",
    "ConversionSoftware": "dcm2niix",
    "ConversionSoftwareVersion": "v1.0.20170411 GCC4.4.7",
    "EchoTime": 0.027,
    "EffectiveEchoSpacing": 0.000590001,
    "FlipAngle": 90,
    "ImageType": [
      "ORIGINAL",
      "PRIMARY",
      "M",
      "ND",
      "NORM",
      "MOSAIC"
    ],
    "Instructions": "In this next scan you'll be prompted to move your hands, feet, or tongue. You'll only move one of these at once. Instructions are presented on the screen. Let?s review them now. [Read on-screen instructions to participant.] Do you have any questions?",
    "MagneticFieldStrength": 3,
    "Manufacturer": "Siemens",
    "ManufacturersModelName": "TrioTim",
    "PhaseEncodingDirection": "j-",
    "ProcedureStepDescription": "head_Dosenbach_MSC",
    "ProtocolName": "Motor_104Frames_36Slices_TR2.2",
    "RepetitionTime": 2.2,
    "ScanningSequence": "EP",
    "SequenceName": "_epfid2d1_64",
    "SequenceVariant": "SK",
    "SeriesDescription": "Motor_104Frames_36Slices_TR2.2",
    "SliceTiming": [
      1.105,
      0,
      1.1675,
      0.0625,
      1.2275,
      0.1225,
      1.29,
      0.185,
      1.35,
      0.245,
      1.4125,
      0.3075,
      1.4725,
      0.37,
      1.535,
      0.43,
      1.595,
      0.4925,
      1.6575,
      0.5525,
      1.7175,
      0.615,
      1.78,
      0.675,
      1.84,
      0.7375,
      1.9025,
      0.7975,
      1.965,
      0.86,
      2.025,
      0.92,
      2.0875,
      0.9825,
      2.1475,
      1.0425
    ],
    "SoftwareVersion": "syngo MR B17",
    "TaskName": "motor",
    "dataset": "ds000224",
    "modality": "bold",
    "run_id": 1,
    "session_id": "func03",
    "subject_id": "MSC07",
    "task_id": "motor"
  },
  "dummy_trs": 0,
  "dvars_nstd": 17.239303264660194,
  "dvars_std": 1.1901887186407767,
  "dvars_vstd": 0.9646529254368938,
  "efc": 0.39142503467386613,
  "fber": 36540.484375,
  "fd_mean": 0.22534984358950277,
  "fd_num": 49,
  "fd_perc": 47.11538461538461,
  "fwhm_avg": 1.5875783333333333,
  "fwhm_x": 1.49043,
  "fwhm_y": 1.7052325,
  "fwhm_z": 1.5670725,
  "gcor": 0.038219,
  "gsr_x": -0.0258236825466156,
  "gsr_y": 0.018620675429701805,
  "provenance": {
    "md5sum": "9fb2a2a12774110d3914acfc570d9fe0",
    "settings": {
      "fd_thres": 0.2,
      "testing": false
    },
    "software": "mriqc",
    "version": "22.0.6",
    "webapi_port": null,
    "webapi_url": "https://mriqc.nimh.nih.gov/api/v1"
  },
  "size_t": 104,
  "size_x": 64,
  "size_y": 64,
  "size_z": 36,
  "snr": 7.906651655771725,
  "spacing_tr": 2.200000047683716,
  "spacing_x": 4.0,
  "spacing_y": 4.0,
  "spacing_z": 4.0,
  "summary_bg_k": 33.00493681457779,
  "summary_bg_mad": 3.2218085855648857,
  "summary_bg_mean": 20.382047653198242,
  "summary_bg_median": 4.115384578704834,
  "summary_bg_n": 103890.0,
  "summary_bg_p05": 1.394230842590332,
  "summary_bg_p95": 104.58221435546864,
  "summary_bg_stdv": 49.22700500488281,
  "summary_fg_k": 1.5005377695739108,
  "summary_fg_mad": 94.85803736406865,
  "summary_fg_mean": 801.021728515625,
  "summary_fg_median": 794.9471435546875,
  "summary_fg_n": 15460.0,
  "summary_fg_p05": 654.25,
  "summary_fg_p95": 967.0702087402343,
  "summary_fg_stdv": 100.53831481933594,
  "tsnr": 78.21174297202379
}