{
  "aor": 0.004545576923076924,
  "aqi": 0.008307451634615385,
  "bids_meta": {
    "BodyPartExamined": "HEAD",
    "CogAtlasID": "http://www.cognitiveatlas.org/term/id/trm_550b53d7dd674",
    "ConversionSoftware": "dcm2niix",
    "ConversionSoftwareVersion": "v1.0.20170411 GCC4.4.7",
    "EchoTime": 0.027,
    "EffectiveEchoSpacing": 0.000590001,
    "FlipAngle": 90,
    "ImageType": [
      "ORIGINAL",
      "PRIMARY",
      "M",
      "ND",
      "NORM",
      "MOSAIC"
    ],
    "Instructions": "In this next scan you'll be prompted to move your hands, feet, or tongue. You'll only move one of these at once. Instructions are presented on the screen. Let?s review them now. [Read on-screen instructions to participant.] Do you have any questions?",
    "MagneticFieldStrength": 3,
    "Manufacturer": "Siemens",
    "ManufacturersModelName": "TrioTim",
    "PhaseEncodingDirection": "j-",
    "ProcedureStepDescription": "head_Dosenbach_MSC",
    "ProtocolName": "Motor_104Frames_36Slices_TR2.2",
    "RepetitionTime": 2.2,
    "ScanningSequence": "EP",
    "SequenceName": "_epfid2d1_64",
    "SequenceVariant": "SK",
    "SeriesDescription": "Motor_104Frames_36Slices_TR2.2",
    "SliceTiming": [
      1.105,
      0,
      1.1675,
      0.0625,
      1.2275,
      0.1225,
      1.29,
      0.185,
      1.35,
      0.245,
      1.4125,
      0.3075,
      1.4725,
      0.37,
      1.535,
      0.43,
      1.595,
      0.4925,
      1.6575,
      0.5525,
      1.7175,
      0.615,
      1.78,
      0.675,
      1.84,
      0.7375,
      1.9025,
      0.7975,
      1.965,
      0.86,
      2.025,
      0.92,
      2.0875,
      0.9825,
      2.1475,
      1.0425
    ],
    "SoftwareVersion": "syngo MR B17",
    "TaskName": "motor",
    "dataset": "ds000224",
    "modality": "bold",
    "run_id": 2,
    "session_id": "func03",
    "subject_id": "MSC07",
    "task_id": "motor"
  },
  "dummy_trs": 0,
  "dvars_nstd": 16.878523326796117,
  "dvars_std": 1.1759869621359227,
  "dvars_vstd": 0.9741257330097086,
  "efc": 0.3944471613385524,
  "fber": 35508.08984375,
  "fd_mean": 0.2398750547882672,
  "fd_num": 62,
  "fd_perc": 59.61538461538461,
  "fwhm_avg": 1.6046575,
  "fwhm_x": 1.5004675,
  "fwhm_y": 1.7273475,
  "fwhm_z": 1.5861575,
  "gcor": 0.0291123,
  "gsr_x": -0.026636315509676933,
  "gsr_y": 0.01962505839765072,
  "provenance": {
    "md5sum": "fd6ad17b926ca3fe3b1c146462cf73f9",
    "settings": {
      "fd_thres": 0.2,
      "testing": false
    },
    "software": "mriqc",
    "version": "22.0.6",
    "webapi_port": null,
    "webapi_url": "https://mriqc.nimh.nih.gov/api/v1"
  },
  "size_t": 104,
  "size_x": 64,
  "size_y": 64,
  "size_z": 36,
  "snr": 7.924183868317006,
  "spacing_tr": 2.200000047683716,
  "spacing_x": 4.0,
  "spacing_y": 4.0,
  "spacing_z": 4.0,
  "summary_bg_k": 32.394938057846744,
  "summary_bg_mad": 3.578203471987164,
  "summary_bg_mean": 20.966915130615234,
  "summary_bg_median": 4.163461685180664,
  "summary_bg_n": 103673.0,
  "summary_bg_p05": 1.2211538553237915,
  "summary_bg_p95": 107.37885284423822,
  "summary_bg_stdv": 50.50383377075195,
  "summary_fg_k": 1.358289512007219,
  "summary_fg_mad": 94.50874265194514,
  "summary_fg_mean": 797.0787353515625,
  "summary_fg_median": 791.4808349609375,
  "summary_fg_n": 15616.0,
  "summary_fg_p05": 648.6514587402344,
  "summary_fg_p95": 961.5697326660156,
  "summary_fg_stdv": 99.87848663330078,
  "tsnr": 74.78549648751505
}