{
  "aor": 0.003822884615384616,
  "aqi": 0.0063867546153846145,
  "bids_meta": {
    "BodyPartExamined": "HEAD",
    "CogAtlasID": "http://www.cognitiveatlas.org/term/id/trm_550b53d7dd674",
    "ConversionSoftware": "dcm2niix",
    "ConversionSoftwareVersion": "v1.0.20170411 GCC4.4.7",
    "EchoTime": 0.027,
    "EffectiveEchoSpacing": 0.000590001,
    "FlipAngle": 90,
    "ImageType": [
      "ORIGINAL",
      "PRIMARY",
      "M",
      "ND",
      "NORM",
      "MOSAIC"
    ],
    "Instructions": "In this next scan you'll be prompted to move your hands, feet, or tongue. You'll only move one of these at once. Instructions are presented on the screen. Let?s review them now. [Read on-screen instructions to participant.] Do you have any questions?",
    "MagneticFieldStrength": 3,
    "Manufacturer": "Siemens",
    "ManufacturersModelName": "TrioTim",
    "PhaseEncodingDirection": "j-",
    "ProcedureStepDescription": "head_Dosenbach_MSC",
    "ProtocolName": "Motor_104Frames_36Slices_TR2.2",
    "RepetitionTime": 2.2,
    "ScanningSequence": "EP",
    "SequenceName": "_epfid2d1_64",
    "SequenceVariant": "SK",
    "SeriesDescription": "Motor_104Frames_36Slices_TR2.2",
    "SliceTiming": [
      1.105,
      0,
      1.1675,
      0.0625,
      1.2275,
      0.1225,
      1.29,
      0.185,
      1.35,
      0.245,
      1.4125,
      0.3075,
      1.4725,
      0.37,
      1.535,
      0.43,
      1.595,
      0.4925,
      1.6575,
      0.5525,
      1.7175,
      0.615,
      1.78,
      0.675,
      1.84,
      0.7375,
      1.9025,
      0.7975,
      1.965,
      0.86,
      2.025,
      0.92,
      2.0875,
      0.9825,
      2.1475,
      1.0425
    ],
    "SoftwareVersion": "syngo MR B17",
    "TaskName": "motor",
    "dataset": "ds000224",
    "modality": "bold",
    "run_id": 1,
    "session_id": "func02",
    "subject_id": "MSC04",
    "task_id": "motor"
  },
  "dummy_trs": 0,
  "dvars_nstd": 17.4882316868932,
  "dvars_std": 1.2300211053398058,
  "dvars_vstd": 0.9779527719417475,
  "efc": 0.36434216628932625,
  "fber": 55418.30078125,
  "fd_mean": 0.1266398113751574,
  "fd_num": 14,
  "fd_perc": 13.461538461538462,
  "fwhm_avg": 1.7905983333333333,
  "fwhm_x": 1.6422,
  "fwhm_y": 2.0061925,
  "fwhm_z": 1.7234025,
  "gcor": 0.0268487,
  "gsr_x": -0.025242000818252563,
  "gsr_y": 0.012691128067672253,
  "provenance": {
    "md5sum": "600884b3827f5b7b64b710d0febd09cd",
    "settings": {
      "fd_thres": 0.2,
      "testing": false
    },
    "software": "mriqc",
    "version": "22.0.6",
    "webapi_port": null,
    "webapi_url": "https://mriqc.nimh.nih.gov/api/v1"
  },
  "size_t": 104,
  "size_x": 64,
  "size_y": 64,
  "size_z": 36,
  "snr": 7.838414925946727,
  "spacing_tr": 2.200000047683716,
  "spacing_x": 4.0,
  "spacing_y": 4.0,
  "spacing_z": 4.0,
  "summary_bg_k": 51.93648788629615,
  "summary_bg_mad": 2.2951823757388414,
  "summary_bg_mean": 15.993494033813477,
  "summary_bg_median": 3.413461685180664,
  "summary_bg_n": 106457.0,
  "summary_bg_p05": 1.3653846979141235,
  "summary_bg_p95": 76.58846282958982,
  "summary_bg_stdv": 43.872894287109375,
  "summary_fg_k": 1.973445231358407,
  "summary_fg_mad": 90.65261047187383,
  "summary_fg_mean": 803.2235717773438,
  "summary_fg_median": 804.4423217773438,
  "summary_fg_n": 13758.0,
  "summary_fg_p05": 635.9894470214844,
  "summary_fg_p95": 961.4182983398437,
  "summary_fg_stdv": 102.62445831298828,
  "tsnr": 89.67791305668652
}