{
  "aor": 0.0029710146699266507,
  "aqi": 0.023160565488997555,
  "bids_meta": {
    "BodyPartExamined": "HEAD",
    "CogAtlasID": "http://www.cognitiveatlas.org/term/id/trm_4c8a834779883",
    "ConversionSoftware": "dcm2niix",
    "ConversionSoftwareVersion": "v1.0.20170411 GCC4.4.7",
    "EchoTime": 0.027,
    "EffectiveEchoSpacing": 0.000590001,
    "FlipAngle": 90,
    "ImageType": [
      "ORIGINAL",
      "PRIMARY",
      "M",
      "ND",
      "NORM",
      "MOSAIC"
    ],
    "Instructions": "During this first scan, a plus sign will be presented on the screen.  All you need to do is simply relax and look at the plus sign. Please keep your eyes open the entire time, and be as still as possible. It's extremely important that you stay awake for the entire duration of this scan. This scan will last ~30 minutes.",
    "MagneticFieldStrength": 3,
    "Manufacturer": "Siemens",
    "ManufacturersModelName": "TrioTim",
    "PhaseEncodingDirection": "j-",
    "ProcedureStepDescription": "head_Dosenbach_MSC",
    "ProtocolName": "RSFC_818Frames_36Slices_TR2.2",
    "RepetitionTime": 2.2,
    "ScanningSequence": "EP",
    "SequenceName": "_epfid2d1_64",
    "SequenceVariant": "SK",
    "SeriesDescription": "RSFC_818Frames_36Slices_TR2.2",
    "SliceTiming": [
      1.105,
      0,
      1.165,
      0.06,
      1.2275,
      0.1225,
      1.2875,
      0.185,
      1.35,
      0.245,
      1.41,
      0.3075,
      1.4725,
      0.3675,
      1.5325,
      0.43,
      1.595,
      0.49,
      1.655,
      0.5525,
      1.7175,
      0.6125,
      1.78,
      0.675,
      1.84,
      0.735,
      1.9025,
      0.7975,
      1.9625,
      0.8575,
      2.025,
      0.92,
      2.085,
      0.9825,
      2.1475,
      1.0425
    ],
    "SoftwareVersion": "syngo MR B17",
    "TaskName": "rest",
    "dataset": "ds000224",
    "modality": "bold",
    "session_id": "func01",
    "subject_id": "MSC10",
    "task_id": "rest"
  },
  "dummy_trs": 0,
  "dvars_nstd": 20.092299433488343,
  "dvars_std": 1.1932824019339032,
  "dvars_vstd": 0.937119392276622,
  "efc": 0.4308106293847468,
  "fber": 25029.625,
  "fd_mean": 0.2330937531580788,
  "fd_num": 449,
  "fd_perc": 54.88997555012225,
  "fwhm_avg": 1.773071837649595,
  "fwhm_x": 1.627225,
  "fwhm_y": 1.97082,
  "fwhm_z": 1.721170512948785,
  "gcor": 0.0226147,
  "gsr_x": -0.02276592142879963,
  "gsr_y": 0.01732800342142582,
  "provenance": {
    "md5sum": "c4be4e4b5eadde15273b60548c6b54a3",
    "settings": {
      "fd_thres": 0.2,
      "testing": false
    },
    "software": "mriqc",
    "version": "22.0.6",
    "webapi_port": null,
    "webapi_url": "https://mriqc.nimh.nih.gov/api/v1"
  },
  "size_t": 818,
  "size_x": 64,
  "size_y": 64,
  "size_z": 36,
  "snr": 7.0239052656220595,
  "spacing_tr": 2.200000047683716,
  "spacing_x": 4.0,
  "spacing_y": 4.0,
  "spacing_z": 3.9999988079071045,
  "summary_bg_k": 27.13736351662262,
  "summary_bg_mad": 3.8225040451634946,
  "summary_bg_mean": 22.860549926757812,
  "summary_bg_median": 4.248166561126709,
  "summary_bg_n": 99769.0,
  "summary_bg_p05": 1.0819071531295776,
  "summary_bg_p95": 124.04156951904291,
  "summary_bg_stdv": 53.138057708740234,
  "summary_fg_k": 1.3407983104758268,
  "summary_fg_mad": 90.54474536906262,
  "summary_fg_mean": 685.1935424804688,
  "summary_fg_median": 679.408935546875,
  "summary_fg_n": 18158.0,
  "summary_fg_p05": 538.2868469238281,
  "summary_fg_p95": 843.8190399169921,
  "summary_fg_stdv": 96.72542572021484,
  "tsnr": 40.34992774575949
}