{
  "aor": 0.003313557692307692,
  "aqi": 0.006774418942307693,
  "bids_meta": {
    "BodyPartExamined": "HEAD",
    "CogAtlasID": "http://www.cognitiveatlas.org/term/id/trm_550b53d7dd674",
    "ConversionSoftware": "dcm2niix",
    "ConversionSoftwareVersion": "v1.0.20170411 GCC4.4.7",
    "EchoTime": 0.027,
    "EffectiveEchoSpacing": 0.000590001,
    "FlipAngle": 90,
    "ImageType": [
      "ORIGINAL",
      "PRIMARY",
      "M",
      "ND",
      "NORM",
      "MOSAIC"
    ],
    "Instructions": "In this next scan you'll be prompted to move your hands, feet, or tongue. You'll only move one of these at once. Instructions are presented on the screen. Let?s review them now. [Read on-screen instructions to participant.] Do you have any questions?",
    "MagneticFieldStrength": 3,
    "Manufacturer": "Siemens",
    "ManufacturersModelName": "TrioTim",
    "PhaseEncodingDirection": "j-",
    "ProcedureStepDescription": "head_Dosenbach_MSC",
    "ProtocolName": "Motor_104Frames_36Slices_TR2.2",
    "RepetitionTime": 2.2,
    "ScanningSequence": "EP",
    "SequenceName": "_epfid2d1_64",
    "SequenceVariant": "SK",
    "SeriesDescription": "Motor_104Frames_36Slices_TR2.2",
    "SliceTiming": [
      1.105,
      0,
      1.1675,
      0.0625,
      1.2275,
      0.1225,
      1.29,
      0.185,
      1.35,
      0.245,
      1.4125,
      0.3075,
      1.4725,
      0.37,
      1.535,
      0.43,
      1.595,
      0.4925,
      1.6575,
      0.5525,
      1.7175,
      0.615,
      1.78,
      0.675,
      1.84,
      0.7375,
      1.9025,
      0.7975,
      1.965,
      0.86,
      2.025,
      0.92,
      2.0875,
      0.9825,
      2.1475,
      1.0425
    ],
    "SoftwareVersion": "syngo MR B17",
    "TaskName": "motor",
    "dataset": "ds000224",
    "modality": "bold",
    "run_id": 1,
    "session_id": "func01",
    "subject_id": "MSC10",
    "task_id": "motor"
  },
  "dummy_trs": 0,
  "dvars_nstd": 23.0477508615534,
  "dvars_std": 1.3738418696116503,
  "dvars_vstd": 0.9978872266990289,
  "efc": 0.4330981855907609,
  "fber": 28514.8515625,
  "fd_mean": 0.20100306433635595,
  "fd_num": 44,
  "fd_perc": 42.30769230769231,
  "fwhm_avg": 1.7306843375353527,
  "fwhm_x": 1.57319,
  "fwhm_y": 1.8988425,
  "fwhm_z": 1.7200205126060584,
  "gcor": 0.0451893,
  "gsr_x": -0.025266757234930992,
  "gsr_y": 0.01815897412598133,
  "provenance": {
    "md5sum": "1dc6e1918e8e82a515ac1b84d64e82e4",
    "settings": {
      "fd_thres": 0.2,
      "testing": false
    },
    "software": "mriqc",
    "version": "22.0.6",
    "webapi_port": null,
    "webapi_url": "https://mriqc.nimh.nih.gov/api/v1"
  },
  "size_t": 104,
  "size_x": 64,
  "size_y": 64,
  "size_z": 36,
  "snr": 7.002601291607102,
  "spacing_tr": 2.200000047683716,
  "spacing_x": 4.0,
  "spacing_y": 4.0,
  "spacing_z": 3.9999988079071045,
  "summary_bg_k": 25.859459640595247,
  "summary_bg_mad": 2.9224372556588807,
  "summary_bg_mean": 23.757680892944336,
  "summary_bg_median": 3.913461685180664,
  "summary_bg_n": 99729.0,
  "summary_bg_p05": 1.336538553237915,
  "summary_bg_p95": 133.45193481445312,
  "summary_bg_stdv": 55.07358932495117,
  "summary_fg_k": 1.4172109747538988,
  "summary_fg_mad": 89.92551642733693,
  "summary_fg_mean": 683.360595703125,
  "summary_fg_median": 678.28369140625,
  "summary_fg_n": 18164.0,
  "summary_fg_p05": 534.6211853027344,
  "summary_fg_p95": 841.8437835693358,
  "summary_fg_stdv": 96.8590087890625,
  "tsnr": 79.89012492215261
}