{
  "aor": 0.0033546153846153843,
  "aqi": 0.004765065480769231,
  "bids_meta": {
    "BodyPartExamined": "HEAD",
    "CogAtlasID": "http://www.cognitiveatlas.org/term/id/trm_550b53d7dd674",
    "ConversionSoftware": "dcm2niix",
    "ConversionSoftwareVersion": "v1.0.20170411 GCC4.4.7",
    "EchoTime": 0.027,
    "EffectiveEchoSpacing": 0.000590001,
    "FlipAngle": 90,
    "ImageType": [
      "ORIGINAL",
      "PRIMARY",
      "M",
      "ND",
      "NORM",
      "MOSAIC"
    ],
    "Instructions": "In this next scan you'll be prompted to move your hands, feet, or tongue. You'll only move one of these at once. Instructions are presented on the screen. Let?s review them now. [Read on-screen instructions to participant.] Do you have any questions?",
    "MagneticFieldStrength": 3,
    "Manufacturer": "Siemens",
    "ManufacturersModelName": "TrioTim",
    "PhaseEncodingDirection": "j-",
    "ProcedureStepDescription": "head_Dosenbach_MSC",
    "ProtocolName": "Motor_104Frames_36Slices_TR2.2",
    "RepetitionTime": 2.2,
    "ScanningSequence": "EP",
    "SequenceName": "_epfid2d1_64",
    "SequenceVariant": "SK",
    "SeriesDescription": "Motor_104Frames_36Slices_TR2.2",
    "SliceTiming": [
      1.105,
      0,
      1.1675,
      0.0625,
      1.2275,
      0.1225,
      1.29,
      0.185,
      1.35,
      0.245,
      1.4125,
      0.3075,
      1.4725,
      0.37,
      1.535,
      0.43,
      1.595,
      0.4925,
      1.6575,
      0.5525,
      1.7175,
      0.615,
      1.78,
      0.675,
      1.84,
      0.7375,
      1.9025,
      0.7975,
      1.965,
      0.86,
      2.025,
      0.92,
      2.0875,
      0.9825,
      2.1475,
      1.0425
    ],
    "SoftwareVersion": "syngo MR B17",
    "TaskName": "motor",
    "dataset": "ds000224",
    "modality": "bold",
    "run_id": 2,
    "session_id": "func01",
    "subject_id": "MSC10",
    "task_id": "motor"
  },
  "dummy_trs": 0,
  "dvars_nstd": 21.55182682893204,
  "dvars_std": 1.4145811202912617,
  "dvars_vstd": 1.025136961262136,
  "efc": 0.43268027026417705,
  "fber": 28705.86328125,
  "fd_mean": 0.18164841312486515,
  "fd_num": 38,
  "fd_perc": 36.53846153846154,
  "fwhm_avg": 1.7368051705575,
  "fwhm_x": 1.5884875,
  "fwhm_y": 1.90504,
  "fwhm_z": 1.7168880116725003,
  "gcor": 0.0494485,
  "gsr_x": -0.024508319795131683,
  "gsr_y": 0.01736142672598362,
  "provenance": {
    "md5sum": "30a83f73d080331f51a3f03a1a34164b",
    "settings": {
      "fd_thres": 0.2,
      "testing": false
    },
    "software": "mriqc",
    "version": "22.0.6",
    "webapi_port": null,
    "webapi_url": "https://mriqc.nimh.nih.gov/api/v1"
  },
  "size_t": 104,
  "size_x": 64,
  "size_y": 64,
  "size_z": 36,
  "snr": 7.0020739372140905,
  "spacing_tr": 2.200000047683716,
  "spacing_x": 4.0,
  "spacing_y": 4.0,
  "spacing_z": 3.9999988079071045,
  "summary_bg_k": 25.49939443763344,
  "summary_bg_mad": 2.9224372556588807,
  "summary_bg_mean": 24.094257354736328,
  "summary_bg_median": 3.92307710647583,
  "summary_bg_n": 99856.0,
  "summary_bg_p05": 1.3557692766189575,
  "summary_bg_p95": 135.71875762939453,
  "summary_bg_stdv": 56.33600997924805,
  "summary_fg_k": 1.4224994793549826,
  "summary_fg_mad": 91.10167135501189,
  "summary_fg_mean": 685.5906372070312,
  "summary_fg_median": 680.581787109375,
  "summary_fg_n": 18160.0,
  "summary_fg_p05": 536.1033721923828,
  "summary_fg_p95": 843.6490936279296,
  "summary_fg_stdv": 97.19449615478516,
  "tsnr": 93.76710086409003
}