{
  "aor": 0.002042386780905753,
  "aqi": 0.01629153011015912,
  "bids_meta": {
    "BodyPartExamined": "HEAD",
    "CogAtlasID": "http://www.cognitiveatlas.org/term/id/trm_4c8a834779883",
    "ConversionSoftware": "dcm2niix",
    "ConversionSoftwareVersion": "v1.0.20170411 GCC4.4.7",
    "EchoTime": 0.027,
    "EffectiveEchoSpacing": 0.000590001,
    "FlipAngle": 90,
    "ImageType": [
      "ORIGINAL",
      "PRIMARY",
      "M",
      "ND",
      "NORM",
      "MOSAIC"
    ],
    "Instructions": "During this first scan, a plus sign will be presented on the screen.  All you need to do is simply relax and look at the plus sign. Please keep your eyes open the entire time, and be as still as possible. It's extremely important that you stay awake for the entire duration of this scan. This scan will last ~30 minutes.",
    "MagneticFieldStrength": 3,
    "Manufacturer": "Siemens",
    "ManufacturersModelName": "TrioTim",
    "PhaseEncodingDirection": "j-",
    "ProcedureStepDescription": "head_Dosenbach_MSC",
    "ProtocolName": "RSFC_818Frames_36Slices_TR2.2",
    "RepetitionTime": 2.2,
    "ScanningSequence": "EP",
    "SequenceName": "_epfid2d1_64",
    "SequenceVariant": "SK",
    "SeriesDescription": "RSFC_818Frames_36Slices_TR2.2",
    "SliceTiming": [
      1.105,
      0,
      1.165,
      0.06,
      1.2275,
      0.1225,
      1.2875,
      0.185,
      1.35,
      0.245,
      1.41,
      0.3075,
      1.4725,
      0.3675,
      1.5325,
      0.43,
      1.595,
      0.49,
      1.655,
      0.5525,
      1.7175,
      0.6125,
      1.78,
      0.675,
      1.84,
      0.735,
      1.9025,
      0.7975,
      1.9625,
      0.8575,
      2.025,
      0.92,
      2.085,
      0.9825,
      2.1475,
      1.0425
    ],
    "SoftwareVersion": "syngo MR B17",
    "TaskName": "rest",
    "dataset": "ds000224",
    "modality": "bold",
    "session_id": "func09",
    "subject_id": "MSC06",
    "task_id": "rest"
  },
  "dummy_trs": 1,
  "dvars_nstd": 21.429311021887262,
  "dvars_std": 1.3031304357598037,
  "dvars_vstd": 0.9112393175122548,
  "efc": 0.40290841083767587,
  "fber": 29536.845703125,
  "fd_mean": 0.1773079102953309,
  "fd_num": 282,
  "fd_perc": 34.516523867809056,
  "fwhm_avg": 1.695663366286409,
  "fwhm_x": 1.566025,
  "fwhm_y": 1.8623825,
  "fwhm_z": 1.6585825988592267,
  "gcor": 0.0732767,
  "gsr_x": -0.02326963283121586,
  "gsr_y": 0.0159128550440073,
  "provenance": {
    "md5sum": "786a7d8c3955b7ef6476068b8a9dde7c",
    "settings": {
      "fd_thres": 0.2,
      "testing": false
    },
    "software": "mriqc",
    "version": "22.0.6",
    "webapi_port": null,
    "webapi_url": "https://mriqc.nimh.nih.gov/api/v1"
  },
  "size_t": 817,
  "size_x": 64,
  "size_y": 64,
  "size_z": 36,
  "snr": 7.739318066502249,
  "spacing_tr": 2.200000047683716,
  "spacing_x": 4.0,
  "spacing_y": 4.0,
  "spacing_z": 3.999999761581421,
  "summary_bg_k": 38.94038067379571,
  "summary_bg_mad": 3.525943941015989,
  "summary_bg_mean": 17.206043243408203,
  "summary_bg_median": 3.951040506362915,
  "summary_bg_n": 102198.0,
  "summary_bg_p05": 1.0930233001708984,
  "summary_bg_p95": 76.28170127868651,
  "summary_bg_stdv": 40.487388610839844,
  "summary_fg_k": 1.6724242450214417,
  "summary_fg_mad": 82.2308977845166,
  "summary_fg_mean": 685.890625,
  "summary_fg_median": 683.508544921875,
  "summary_fg_n": 16472.0,
  "summary_fg_p05": 553.6162780761719,
  "summary_fg_p95": 825.9465942382812,
  "summary_fg_stdv": 88.3136978149414,
  "tsnr": 49.7409548482392
}