{
  "aor": 0.00774700488997555,
  "aqi": 0.005060339413202934,
  "bids_meta": {
    "BodyPartExamined": "HEAD",
    "CogAtlasID": "http://www.cognitiveatlas.org/term/id/trm_4c8a834779883",
    "ConversionSoftware": "dcm2niix",
    "ConversionSoftwareVersion": "v1.0.20170411 GCC4.4.7",
    "EchoTime": 0.027,
    "EffectiveEchoSpacing": 0.000590001,
    "FlipAngle": 90,
    "ImageType": [
      "ORIGINAL",
      "PRIMARY",
      "M",
      "ND",
      "NORM",
      "MOSAIC"
    ],
    "Instructions": "During this first scan, a plus sign will be presented on the screen.  All you need to do is simply relax and look at the plus sign. Please keep your eyes open the entire time, and be as still as possible. It's extremely important that you stay awake for the entire duration of this scan. This scan will last ~30 minutes.",
    "MagneticFieldStrength": 3,
    "Manufacturer": "Siemens",
    "ManufacturersModelName": "TrioTim",
    "PhaseEncodingDirection": "j-",
    "ProcedureStepDescription": "head_Dosenbach_MSC",
    "ProtocolName": "RSFC_818Frames_36Slices_TR2.2",
    "RepetitionTime": 2.2,
    "ScanningSequence": "EP",
    "SequenceName": "_epfid2d1_64",
    "SequenceVariant": "SK",
    "SeriesDescription": "RSFC_818Frames_36Slices_TR2.2",
    "SliceTiming": [
      1.105,
      0,
      1.165,
      0.06,
      1.2275,
      0.1225,
      1.2875,
      0.185,
      1.35,
      0.245,
      1.41,
      0.3075,
      1.4725,
      0.3675,
      1.5325,
      0.43,
      1.595,
      0.49,
      1.655,
      0.5525,
      1.7175,
      0.6125,
      1.78,
      0.675,
      1.84,
      0.735,
      1.9025,
      0.7975,
      1.9625,
      0.8575,
      2.025,
      0.92,
      2.085,
      0.9825,
      2.1475,
      1.0425
    ],
    "SoftwareVersion": "syngo MR B17",
    "TaskName": "rest",
    "dataset": "ds000224",
    "modality": "bold",
    "session_id": "func09",
    "subject_id": "MSC03",
    "task_id": "rest"
  },
  "dummy_trs": 0,
  "dvars_nstd": 14.587483795924095,
  "dvars_std": 1.2126781408935148,
  "dvars_vstd": 1.0999821465238668,
  "efc": 0.3645044336809278,
  "fber": 47919.0859375,
  "fd_mean": 0.26447985645191513,
  "fd_num": 562,
  "fd_perc": 68.7041564792176,
  "fwhm_avg": 1.7589534974835805,
  "fwhm_x": 1.6203,
  "fwhm_y": 2.00417,
  "fwhm_z": 1.6523904924507418,
  "gcor": 0.0974134,
  "gsr_x": -0.022826699540019035,
  "gsr_y": 0.013575567863881588,
  "provenance": {
    "md5sum": "6b6748087c366a3331bd2c18cb1cc2c2",
    "settings": {
      "fd_thres": 0.2,
      "testing": false
    },
    "software": "mriqc",
    "version": "22.0.6",
    "webapi_port": null,
    "webapi_url": "https://mriqc.nimh.nih.gov/api/v1"
  },
  "size_t": 818,
  "size_x": 64,
  "size_y": 64,
  "size_z": 36,
  "snr": 7.812945054612978,
  "spacing_tr": 2.200000047683716,
  "spacing_x": 4.0,
  "spacing_y": 4.0,
  "spacing_z": 3.9999988079071045,
  "summary_bg_k": 41.39025749987446,
  "summary_bg_mad": 2.54108615706652,
  "summary_bg_mean": 13.291267395019531,
  "summary_bg_median": 2.8545234203338623,
  "summary_bg_n": 107193.0,
  "summary_bg_p05": 0.6344743371009827,
  "summary_bg_p95": 66.30342712402339,
  "summary_bg_stdv": 32.20386505126953,
  "summary_fg_k": 1.7955516009111534,
  "summary_fg_mad": 69.07063131468585,
  "summary_fg_mean": 617.7116088867188,
  "summary_fg_median": 616.46337890625,
  "summary_fg_n": 13358.0,
  "summary_fg_p05": 491.154313659668,
  "summary_fg_p95": 742.9557586669922,
  "summary_fg_stdv": 78.89986419677734,
  "tsnr": 82.62445682403632
}