{
  "aor": 0.004907596153846155,
  "aqi": 0.010933885192307693,
  "bids_meta": {
    "BodyPartExamined": "HEAD",
    "CogAtlasID": "http://www.cognitiveatlas.org/term/id/trm_550b53d7dd674",
    "ConversionSoftware": "dcm2niix",
    "ConversionSoftwareVersion": "v1.0.20170411 GCC4.4.7",
    "EchoTime": 0.027,
    "EffectiveEchoSpacing": 0.000590001,
    "FlipAngle": 90,
    "ImageType": [
      "ORIGINAL",
      "PRIMARY",
      "M",
      "ND",
      "NORM",
      "MOSAIC"
    ],
    "Instructions": "In this next scan you'll be prompted to move your hands, feet, or tongue. You'll only move one of these at once. Instructions are presented on the screen. Let?s review them now. [Read on-screen instructions to participant.] Do you have any questions?",
    "MagneticFieldStrength": 3,
    "Manufacturer": "Siemens",
    "ManufacturersModelName": "TrioTim",
    "PhaseEncodingDirection": "j-",
    "ProcedureStepDescription": "head_Dosenbach_MSC",
    "ProtocolName": "Motor_104Frames_36Slices_TR2.2",
    "RepetitionTime": 2.2,
    "ScanningSequence": "EP",
    "SequenceName": "_epfid2d1_64",
    "SequenceVariant": "SK",
    "SeriesDescription": "Motor_104Frames_36Slices_TR2.2",
    "SliceTiming": [
      1.105,
      0,
      1.1675,
      0.0625,
      1.2275,
      0.1225,
      1.29,
      0.185,
      1.35,
      0.245,
      1.4125,
      0.3075,
      1.4725,
      0.37,
      1.535,
      0.43,
      1.595,
      0.4925,
      1.6575,
      0.5525,
      1.7175,
      0.615,
      1.78,
      0.675,
      1.84,
      0.7375,
      1.9025,
      0.7975,
      1.965,
      0.86,
      2.025,
      0.92,
      2.0875,
      0.9825,
      2.1475,
      1.0425
    ],
    "SoftwareVersion": "syngo MR B17",
    "TaskName": "motor",
    "dataset": "ds000224",
    "modality": "bold",
    "run_id": 2,
    "session_id": "func09",
    "subject_id": "MSC03",
    "task_id": "motor"
  },
  "dummy_trs": 0,
  "dvars_nstd": 14.031008627864075,
  "dvars_std": 0.9956130241747575,
  "dvars_vstd": 0.9252480474757281,
  "efc": 0.36185647024612694,
  "fber": 49296.42578125,
  "fd_mean": 0.25233651390788586,
  "fd_num": 64,
  "fd_perc": 61.53846153846154,
  "fwhm_avg": 1.7714626663948596,
  "fwhm_x": 1.6357325,
  "fwhm_y": 2.00367,
  "fwhm_z": 1.6749854991845783,
  "gcor": 0.0126531,
  "gsr_x": -0.02304627187550068,
  "gsr_y": 0.012927931733429432,
  "provenance": {
    "md5sum": "c981ea15f782c15f44031cded869ff76",
    "settings": {
      "fd_thres": 0.2,
      "testing": false
    },
    "software": "mriqc",
    "version": "22.0.6",
    "webapi_port": null,
    "webapi_url": "https://mriqc.nimh.nih.gov/api/v1"
  },
  "size_t": 104,
  "size_x": 64,
  "size_y": 64,
  "size_z": 36,
  "snr": 7.909278874454085,
  "spacing_tr": 2.200000047683716,
  "spacing_x": 4.0,
  "spacing_y": 4.0,
  "spacing_z": 3.9999988079071045,
  "summary_bg_k": 40.469619555193056,
  "summary_bg_mad": 2.0385780504452025,
  "summary_bg_mean": 13.081274032592773,
  "summary_bg_median": 2.826923131942749,
  "summary_bg_n": 107477.0,
  "summary_bg_p05": 1.0288461446762085,
  "summary_bg_p95": 65.25192413330075,
  "summary_bg_stdv": 31.509723663330078,
  "summary_fg_k": 1.8560644363836332,
  "summary_fg_mad": 69.65379964947341,
  "summary_fg_mean": 624.3714599609375,
  "summary_fg_median": 623.0577392578125,
  "summary_fg_n": 13137.0,
  "summary_fg_p05": 496.8211669921875,
  "summary_fg_p95": 748.6153930664062,
  "summary_fg_stdv": 78.77254486083984,
  "tsnr": 65.20096998196095
}