{
  "aor": 0.0010587897310513448,
  "aqi": 0.008538840819070904,
  "bids_meta": {
    "BodyPartExamined": "HEAD",
    "CogAtlasID": "http://www.cognitiveatlas.org/term/id/trm_4c8a834779883",
    "ConversionSoftware": "dcm2niix",
    "ConversionSoftwareVersion": "v1.0.20170411 GCC4.4.7",
    "EchoTime": 0.027,
    "EffectiveEchoSpacing": 0.000590001,
    "FlipAngle": 90,
    "ImageType": [
      "ORIGINAL",
      "PRIMARY",
      "M",
      "ND",
      "NORM",
      "MOSAIC"
    ],
    "Instructions": "During this first scan, a plus sign will be presented on the screen.  All you need to do is simply relax and look at the plus sign. Please keep your eyes open the entire time, and be as still as possible. It's extremely important that you stay awake for the entire duration of this scan. This scan will last ~30 minutes.",
    "MagneticFieldStrength": 3,
    "Manufacturer": "Siemens",
    "ManufacturersModelName": "TrioTim",
    "PhaseEncodingDirection": "j-",
    "ProcedureStepDescription": "head_Dosenbach_MSC",
    "ProtocolName": "RSFC_818Frames_36Slices_TR2.2",
    "RepetitionTime": 2.2,
    "ScanningSequence": "EP",
    "SequenceName": "_epfid2d1_64",
    "SequenceVariant": "SK",
    "SeriesDescription": "RSFC_818Frames_36Slices_TR2.2",
    "SliceTiming": [
      1.105,
      0,
      1.165,
      0.06,
      1.2275,
      0.1225,
      1.2875,
      0.185,
      1.35,
      0.245,
      1.41,
      0.3075,
      1.4725,
      0.3675,
      1.5325,
      0.43,
      1.595,
      0.49,
      1.655,
      0.5525,
      1.7175,
      0.6125,
      1.78,
      0.675,
      1.84,
      0.735,
      1.9025,
      0.7975,
      1.9625,
      0.8575,
      2.025,
      0.92,
      2.085,
      0.9825,
      2.1475,
      1.0425
    ],
    "SoftwareVersion": "syngo MR B17",
    "TaskName": "rest",
    "dataset": "ds000224",
    "modality": "bold",
    "session_id": "func08",
    "subject_id": "MSC02",
    "task_id": "rest"
  },
  "dummy_trs": 0,
  "dvars_nstd": 20.706976764565468,
  "dvars_std": 1.3212770396940048,
  "dvars_vstd": 0.9388446691309671,
  "efc": 0.42833145074789325,
  "fber": 25549.76953125,
  "fd_mean": 0.1159416138120809,
  "fd_num": 59,
  "fd_perc": 7.212713936430318,
  "fwhm_avg": 1.7560076658077535,
  "fwhm_x": 1.6095075,
  "fwhm_y": 1.98944,
  "fwhm_z": 1.6690754974232607,
  "gcor": 0.0531238,
  "gsr_x": -0.02857518009841442,
  "gsr_y": 0.03333994746208191,
  "provenance": {
    "md5sum": "005a6a2c9c438b8feeb73da30057fa50",
    "settings": {
      "fd_thres": 0.2,
      "testing": false
    },
    "software": "mriqc",
    "version": "22.0.6",
    "webapi_port": null,
    "webapi_url": "https://mriqc.nimh.nih.gov/api/v1"
  },
  "size_t": 818,
  "size_x": 64,
  "size_y": 64,
  "size_z": 36,
  "snr": 6.807844657525712,
  "spacing_tr": 2.200000047683716,
  "spacing_x": 4.0,
  "spacing_y": 4.0,
  "spacing_z": 3.9999988079071045,
  "summary_bg_k": 21.47241736546995,
  "summary_bg_mad": 3.3929478302170826,
  "summary_bg_mean": 22.533496856689453,
  "summary_bg_median": 4.145476818084717,
  "summary_bg_n": 100418.0,
  "summary_bg_p05": 1.5293399095535278,
  "summary_bg_p95": 116.90624237060545,
  "summary_bg_stdv": 47.862972259521484,
  "summary_fg_k": 1.6917264930622649,
  "summary_fg_mad": 91.55249680988219,
  "summary_fg_mean": 674.9689331054688,
  "summary_fg_median": 671.908935546875,
  "summary_fg_n": 18084.0,
  "summary_fg_p05": 523.8974792480469,
  "summary_fg_p95": 831.8799957275389,
  "summary_fg_stdv": 98.69355010986328,
  "tsnr": 67.27562308777124
}