{
  "aor": 0.002632233009708738,
  "aqi": 0.005525100097087378,
  "bids_meta": {
    "BodyPartExamined": "HEAD",
    "CogAtlasID": "http://www.cognitiveatlas.org/term/id/trm_550b53d7dd674",
    "ConversionSoftware": "dcm2niix",
    "ConversionSoftwareVersion": "v1.0.20170411 GCC4.4.7",
    "EchoTime": 0.027,
    "EffectiveEchoSpacing": 0.000590001,
    "FlipAngle": 90,
    "ImageType": [
      "ORIGINAL",
      "PRIMARY",
      "M",
      "ND",
      "NORM",
      "MOSAIC"
    ],
    "Instructions": "In this next scan you'll be prompted to move your hands, feet, or tongue. You'll only move one of these at once. Instructions are presented on the screen. Let?s review them now. [Read on-screen instructions to participant.] Do you have any questions?",
    "MagneticFieldStrength": 3,
    "Manufacturer": "Siemens",
    "ManufacturersModelName": "TrioTim",
    "PhaseEncodingDirection": "j-",
    "ProcedureStepDescription": "head_Dosenbach_MSC",
    "ProtocolName": "Motor_104Frames_36Slices_TR2.2",
    "RepetitionTime": 2.2,
    "ScanningSequence": "EP",
    "SequenceName": "_epfid2d1_64",
    "SequenceVariant": "SK",
    "SeriesDescription": "Motor_104Frames_36Slices_TR2.2",
    "SliceTiming": [
      1.105,
      0,
      1.1675,
      0.0625,
      1.2275,
      0.1225,
      1.29,
      0.185,
      1.35,
      0.245,
      1.4125,
      0.3075,
      1.4725,
      0.37,
      1.535,
      0.43,
      1.595,
      0.4925,
      1.6575,
      0.5525,
      1.7175,
      0.615,
      1.78,
      0.675,
      1.84,
      0.7375,
      1.9025,
      0.7975,
      1.965,
      0.86,
      2.025,
      0.92,
      2.0875,
      0.9825,
      2.1475,
      1.0425
    ],
    "SoftwareVersion": "syngo MR B17",
    "TaskName": "motor",
    "dataset": "ds000224",
    "modality": "bold",
    "run_id": 1,
    "session_id": "func04",
    "subject_id": "MSC09",
    "task_id": "motor"
  },
  "dummy_trs": 1,
  "dvars_nstd": 19.610994787254903,
  "dvars_std": 1.28703806637255,
  "dvars_vstd": 1.020144454019609,
  "efc": 0.43580098605518447,
  "fber": 25062.59375,
  "fd_mean": 0.24040493489994105,
  "fd_num": 52,
  "fd_perc": 50.48543689320388,
  "fwhm_avg": 1.7153906377362913,
  "fwhm_x": 1.58588,
  "fwhm_y": 1.919505,
  "fwhm_z": 1.6407869132088735,
  "gcor": 0.0231006,
  "gsr_x": -0.02559768036007881,
  "gsr_y": 0.0195416659116745,
  "provenance": {
    "md5sum": "799e0e752f35d7212b26c59f0bc0742e",
    "settings": {
      "fd_thres": 0.2,
      "testing": false
    },
    "software": "mriqc",
    "version": "22.0.6",
    "webapi_port": null,
    "webapi_url": "https://mriqc.nimh.nih.gov/api/v1"
  },
  "size_t": 103,
  "size_x": 64,
  "size_y": 64,
  "size_z": 36,
  "snr": 8.03264829417002,
  "spacing_tr": 2.200000047683716,
  "spacing_x": 4.0,
  "spacing_y": 4.0,
  "spacing_z": 4.000001430511475,
  "summary_bg_k": 22.029801984608046,
  "summary_bg_mad": 3.684914639618101,
  "summary_bg_mean": 25.344770431518555,
  "summary_bg_median": 4.563107013702393,
  "summary_bg_n": 99562.0,
  "summary_bg_p05": 1.6213592290878296,
  "summary_bg_p95": 131.96116638183594,
  "summary_bg_stdv": 54.19392395019531,
  "summary_fg_k": 2.896639991966076,
  "summary_fg_mad": 81.19762792172324,
  "summary_fg_mean": 739.0755004882812,
  "summary_fg_median": 736.126220703125,
  "summary_fg_n": 18484.0,
  "summary_fg_p05": 602.7038970947266,
  "summary_fg_p95": 883.4242736816406,
  "summary_fg_stdv": 91.6393051147461,
  "tsnr": 95.1824334859848
}