{
  "aor": 0.005108470012239903,
  "aqi": 0.022691613953488374,
  "bids_meta": {
    "BodyPartExamined": "HEAD",
    "CogAtlasID": "http://www.cognitiveatlas.org/term/id/trm_4c8a834779883",
    "ConversionSoftware": "dcm2niix",
    "ConversionSoftwareVersion": "v1.0.20170411 GCC4.4.7",
    "EchoTime": 0.027,
    "EffectiveEchoSpacing": 0.000590001,
    "FlipAngle": 90,
    "ImageType": [
      "ORIGINAL",
      "PRIMARY",
      "M",
      "ND",
      "NORM",
      "MOSAIC"
    ],
    "Instructions": "During this first scan, a plus sign will be presented on the screen.  All you need to do is simply relax and look at the plus sign. Please keep your eyes open the entire time, and be as still as possible. It's extremely important that you stay awake for the entire duration of this scan. This scan will last ~30 minutes.",
    "MagneticFieldStrength": 3,
    "Manufacturer": "Siemens",
    "ManufacturersModelName": "TrioTim",
    "PhaseEncodingDirection": "j-",
    "ProcedureStepDescription": "head_Dosenbach_MSC",
    "ProtocolName": "RSFC_818Frames_36Slices_TR2.2",
    "RepetitionTime": 2.2,
    "ScanningSequence": "EP",
    "SequenceName": "_epfid2d1_64",
    "SequenceVariant": "SK",
    "SeriesDescription": "RSFC_818Frames_36Slices_TR2.2",
    "SliceTiming": [
      1.105,
      0,
      1.165,
      0.06,
      1.2275,
      0.1225,
      1.2875,
      0.185,
      1.35,
      0.245,
      1.41,
      0.3075,
      1.4725,
      0.3675,
      1.5325,
      0.43,
      1.595,
      0.49,
      1.655,
      0.5525,
      1.7175,
      0.6125,
      1.78,
      0.675,
      1.84,
      0.735,
      1.9025,
      0.7975,
      1.9625,
      0.8575,
      2.025,
      0.92,
      2.085,
      0.9825,
      2.1475,
      1.0425
    ],
    "SoftwareVersion": "syngo MR B17",
    "TaskName": "rest",
    "dataset": "ds000224",
    "modality": "bold",
    "session_id": "func04",
    "subject_id": "MSC09",
    "task_id": "rest"
  },
  "dummy_trs": 1,
  "dvars_nstd": 21.771276139705897,
  "dvars_std": 1.2334210503308816,
  "dvars_vstd": 0.9768414718014721,
  "efc": 0.43841035255486366,
  "fber": 24467.44140625,
  "fd_mean": 0.2282393050484701,
  "fd_num": 407,
  "fd_perc": 49.81640146878825,
  "fwhm_avg": 1.7648998022482507,
  "fwhm_x": 1.632545,
  "fwhm_y": 2.0032925,
  "fwhm_z": 1.6588619067447519,
  "gcor": 0.0434511,
  "gsr_x": -0.024201618507504463,
  "gsr_y": 0.022011462599039078,
  "provenance": {
    "md5sum": "9f8369adfe74f69da24f60636e08fee9",
    "settings": {
      "fd_thres": 0.2,
      "testing": false
    },
    "software": "mriqc",
    "version": "22.0.6",
    "webapi_port": null,
    "webapi_url": "https://mriqc.nimh.nih.gov/api/v1"
  },
  "size_t": 817,
  "size_x": 64,
  "size_y": 64,
  "size_z": 36,
  "snr": 8.177405663822915,
  "spacing_tr": 2.200000047683716,
  "spacing_x": 4.0,
  "spacing_y": 4.0,
  "spacing_z": 4.000001430511475,
  "summary_bg_k": 22.41927494060896,
  "summary_bg_mad": 3.785444680727475,
  "summary_bg_mean": 25.057048797607422,
  "summary_bg_median": 4.640146732330322,
  "summary_bg_n": 98816.0,
  "summary_bg_p05": 1.6352509260177612,
  "summary_bg_p95": 127.68574333190918,
  "summary_bg_stdv": 53.506954193115234,
  "summary_fg_k": 2.3056504974599763,
  "summary_fg_mad": 79.08964338314365,
  "summary_fg_mean": 723.825927734375,
  "summary_fg_median": 721.8910522460938,
  "summary_fg_n": 19047.0,
  "summary_fg_p05": 585.5510437011719,
  "summary_fg_p95": 861.2570434570313,
  "summary_fg_stdv": 88.27642059326172,
  "tsnr": 44.80326273641549
}