{
  "aor": 0.0027574038461538465,
  "aqi": 0.011562014423076923,
  "bids_meta": {
    "BodyPartExamined": "HEAD",
    "CogAtlasID": "http://www.cognitiveatlas.org/term/id/trm_550b53d7dd674",
    "ConversionSoftware": "dcm2niix",
    "ConversionSoftwareVersion": "v1.0.20170411 GCC4.4.7",
    "EchoTime": 0.027,
    "EffectiveEchoSpacing": 0.000590001,
    "FlipAngle": 90,
    "ImageType": [
      "ORIGINAL",
      "PRIMARY",
      "M",
      "ND",
      "NORM",
      "MOSAIC"
    ],
    "Instructions": "In this next scan you'll be prompted to move your hands, feet, or tongue. You'll only move one of these at once. Instructions are presented on the screen. Let?s review them now. [Read on-screen instructions to participant.] Do you have any questions?",
    "MagneticFieldStrength": 3,
    "Manufacturer": "Siemens",
    "ManufacturersModelName": "TrioTim",
    "PhaseEncodingDirection": "j-",
    "ProcedureStepDescription": "head_Dosenbach_MSC",
    "ProtocolName": "Motor_104Frames_36Slices_TR2.2",
    "RepetitionTime": 2.2,
    "ScanningSequence": "EP",
    "SequenceName": "_epfid2d1_64",
    "SequenceVariant": "SK",
    "SeriesDescription": "Motor_104Frames_36Slices_TR2.2",
    "SliceTiming": [
      1.105,
      0,
      1.1675,
      0.0625,
      1.2275,
      0.1225,
      1.29,
      0.185,
      1.35,
      0.245,
      1.4125,
      0.3075,
      1.4725,
      0.37,
      1.535,
      0.43,
      1.595,
      0.4925,
      1.6575,
      0.5525,
      1.7175,
      0.615,
      1.78,
      0.675,
      1.84,
      0.7375,
      1.9025,
      0.7975,
      1.965,
      0.86,
      2.025,
      0.92,
      2.0875,
      0.9825,
      2.1475,
      1.0425
    ],
    "SoftwareVersion": "syngo MR B17",
    "TaskName": "motor",
    "dataset": "ds000224",
    "modality": "bold",
    "run_id": 1,
    "session_id": "func09",
    "subject_id": "MSC07",
    "task_id": "motor"
  },
  "dummy_trs": 0,
  "dvars_nstd": 16.840479026796118,
  "dvars_std": 1.1196009618446603,
  "dvars_vstd": 0.9146474130097086,
  "efc": 0.4031227373479985,
  "fber": 34664.89453125,
  "fd_mean": 0.1812254347374109,
  "fd_num": 34,
  "fd_perc": 32.69230769230769,
  "fwhm_avg": 1.6845191666666668,
  "fwhm_x": 1.5653,
  "fwhm_y": 1.84534,
  "fwhm_z": 1.6429175,
  "gcor": 0.0413094,
  "gsr_x": -0.02979348599910736,
  "gsr_y": 0.017004085704684258,
  "provenance": {
    "md5sum": "614d3c3860d91706ab0d4ea0d85ed657",
    "settings": {
      "fd_thres": 0.2,
      "testing": false
    },
    "software": "mriqc",
    "version": "22.0.6",
    "webapi_port": null,
    "webapi_url": "https://mriqc.nimh.nih.gov/api/v1"
  },
  "size_t": 104,
  "size_x": 64,
  "size_y": 64,
  "size_z": 36,
  "snr": 8.223982736032433,
  "spacing_tr": 2.200000047683716,
  "spacing_x": 4.0,
  "spacing_y": 4.0,
  "spacing_z": 4.0,
  "summary_bg_k": 30.598446001304687,
  "summary_bg_mad": 3.720761391208084,
  "summary_bg_mean": 22.466089248657227,
  "summary_bg_median": 4.038461685180664,
  "summary_bg_n": 103082.0,
  "summary_bg_p05": 1.086538553237915,
  "summary_bg_p95": 114.46154022216797,
  "summary_bg_stdv": 54.96977996826172,
  "summary_fg_k": 1.2146955363638945,
  "summary_fg_mad": 85.61317458634056,
  "summary_fg_mean": 761.1942138671875,
  "summary_fg_median": 758.53369140625,
  "summary_fg_n": 15926.0,
  "summary_fg_p05": 613.8798522949219,
  "summary_fg_p95": 908.9062957763672,
  "summary_fg_stdv": 92.23145294189453,
  "tsnr": 67.11544248694554
}