{
  "aor": 0.004567967980295567,
  "aqi": 0.012356755874384236,
  "bids_meta": {
    "BodyPartExamined": "HEAD",
    "CogAtlasID": "http://www.cognitiveatlas.org/term/id/trm_4c8a834779883",
    "ConversionSoftware": "dcm2niix",
    "ConversionSoftwareVersion": "v1.0.20170411 GCC4.4.7",
    "EchoTime": 0.027,
    "EffectiveEchoSpacing": 0.000590001,
    "FlipAngle": 90,
    "ImageType": [
      "ORIGINAL",
      "PRIMARY",
      "M",
      "ND",
      "NORM",
      "MOSAIC"
    ],
    "Instructions": "During this first scan, a plus sign will be presented on the screen.  All you need to do is simply relax and look at the plus sign. Please keep your eyes open the entire time, and be as still as possible. It's extremely important that you stay awake for the entire duration of this scan. This scan will last ~30 minutes.",
    "MagneticFieldStrength": 3,
    "Manufacturer": "Siemens",
    "ManufacturersModelName": "TrioTim",
    "PhaseEncodingDirection": "j-",
    "ProcedureStepDescription": "head_Dosenbach_MSC",
    "ProtocolName": "RSFC_818Frames_36Slices_TR2.2",
    "RepetitionTime": 2.2,
    "ScanningSequence": "EP",
    "SequenceName": "_epfid2d1_64",
    "SequenceVariant": "SK",
    "SeriesDescription": "RSFC_818Frames_36Slices_TR2.2",
    "SliceTiming": [
      1.105,
      0,
      1.165,
      0.06,
      1.2275,
      0.1225,
      1.2875,
      0.185,
      1.35,
      0.245,
      1.41,
      0.3075,
      1.4725,
      0.3675,
      1.5325,
      0.43,
      1.595,
      0.49,
      1.655,
      0.5525,
      1.7175,
      0.6125,
      1.78,
      0.675,
      1.84,
      0.735,
      1.9025,
      0.7975,
      1.9625,
      0.8575,
      2.025,
      0.92,
      2.085,
      0.9825,
      2.1475,
      1.0425
    ],
    "SoftwareVersion": "syngo MR B17",
    "TaskName": "rest",
    "dataset": "ds000224",
    "modality": "bold",
    "session_id": "func09",
    "subject_id": "MSC07",
    "task_id": "rest"
  },
  "dummy_trs": 6,
  "dvars_nstd": 16.187797430024673,
  "dvars_std": 1.2656890707768176,
  "dvars_vstd": 1.0152874357583235,
  "efc": 0.4033131577981594,
  "fber": 34562.390625,
  "fd_mean": 0.16326634481715124,
  "fd_num": 215,
  "fd_perc": 26.47783251231527,
  "fwhm_avg": 1.6698958333333334,
  "fwhm_x": 1.562655,
  "fwhm_y": 1.823495,
  "fwhm_z": 1.6235375,
  "gcor": 0.0664433,
  "gsr_x": -0.029063992202281952,
  "gsr_y": 0.015531922690570354,
  "provenance": {
    "md5sum": "0fef75230fbe550e4ec31830d0b1811a",
    "settings": {
      "fd_thres": 0.2,
      "testing": false
    },
    "software": "mriqc",
    "version": "22.0.6",
    "webapi_port": null,
    "webapi_url": "https://mriqc.nimh.nih.gov/api/v1"
  },
  "size_t": 812,
  "size_x": 64,
  "size_y": 64,
  "size_z": 36,
  "snr": 8.148518302196887,
  "spacing_tr": 2.200000047683716,
  "spacing_x": 4.0,
  "spacing_y": 4.0,
  "spacing_z": 4.0,
  "summary_bg_k": 30.191973765066116,
  "summary_bg_mad": 3.8087536764968775,
  "summary_bg_mean": 22.21039390563965,
  "summary_bg_median": 4.051723957061768,
  "summary_bg_n": 102915.0,
  "summary_bg_p05": 0.9655172228813171,
  "summary_bg_p95": 110.36157302856428,
  "summary_bg_stdv": 55.22199630737305,
  "summary_fg_k": 1.3522460927736475,
  "summary_fg_mad": 85.7307222109645,
  "summary_fg_mean": 759.06298828125,
  "summary_fg_median": 756.9920043945312,
  "summary_fg_n": 16030.0,
  "summary_fg_p05": 611.665576171875,
  "summary_fg_p95": 909.0652374267578,
  "summary_fg_stdv": 92.89644622802734,
  "tsnr": 58.57222135271877
}