{
  "aor": 0.0039729807692307694,
  "aqi": 0.012297144134615383,
  "bids_meta": {
    "BodyPartExamined": "HEAD",
    "CogAtlasID": "http://www.cognitiveatlas.org/term/id/trm_550b53d7dd674",
    "ConversionSoftware": "dcm2niix",
    "ConversionSoftwareVersion": "v1.0.20170411 GCC4.4.7",
    "EchoTime": 0.027,
    "EffectiveEchoSpacing": 0.000590001,
    "FlipAngle": 90,
    "ImageType": [
      "ORIGINAL",
      "PRIMARY",
      "M",
      "ND",
      "NORM",
      "MOSAIC"
    ],
    "Instructions": "In this next scan you'll be prompted to move your hands, feet, or tongue. You'll only move one of these at once. Instructions are presented on the screen. Let?s review them now. [Read on-screen instructions to participant.] Do you have any questions?",
    "MagneticFieldStrength": 3,
    "Manufacturer": "Siemens",
    "ManufacturersModelName": "TrioTim",
    "PhaseEncodingDirection": "j-",
    "ProcedureStepDescription": "head_Dosenbach_MSC",
    "ProtocolName": "Motor_104Frames_36Slices_TR2.2",
    "RepetitionTime": 2.2,
    "ScanningSequence": "EP",
    "SequenceName": "_epfid2d1_64",
    "SequenceVariant": "SK",
    "SeriesDescription": "Motor_104Frames_36Slices_TR2.2",
    "SliceTiming": [
      1.105,
      0,
      1.1675,
      0.0625,
      1.2275,
      0.1225,
      1.29,
      0.185,
      1.35,
      0.245,
      1.4125,
      0.3075,
      1.4725,
      0.37,
      1.535,
      0.43,
      1.595,
      0.4925,
      1.6575,
      0.5525,
      1.7175,
      0.615,
      1.78,
      0.675,
      1.84,
      0.7375,
      1.9025,
      0.7975,
      1.965,
      0.86,
      2.025,
      0.92,
      2.0875,
      0.9825,
      2.1475,
      1.0425
    ],
    "SoftwareVersion": "syngo MR B17",
    "TaskName": "motor",
    "dataset": "ds000224",
    "modality": "bold",
    "run_id": 2,
    "session_id": "func06",
    "subject_id": "MSC07",
    "task_id": "motor"
  },
  "dummy_trs": 0,
  "dvars_nstd": 17.766444372718446,
  "dvars_std": 1.1220104174757284,
  "dvars_vstd": 0.9370767983495142,
  "efc": 0.39992263741084466,
  "fber": 31464.005859375,
  "fd_mean": 0.25423745754547816,
  "fd_num": 53,
  "fd_perc": 50.96153846153846,
  "fwhm_avg": 1.6500435236841124,
  "fwhm_x": 1.5304875,
  "fwhm_y": 1.822865,
  "fwhm_z": 1.5967780710523383,
  "gcor": 0.0260503,
  "gsr_x": -0.02771051973104477,
  "gsr_y": 0.019026484340429306,
  "provenance": {
    "md5sum": "3667798944f2f089b111817567d4f49f",
    "settings": {
      "fd_thres": 0.2,
      "testing": false
    },
    "software": "mriqc",
    "version": "22.0.6",
    "webapi_port": null,
    "webapi_url": "https://mriqc.nimh.nih.gov/api/v1"
  },
  "size_t": 104,
  "size_x": 64,
  "size_y": 64,
  "size_z": 36,
  "snr": 7.978979646376959,
  "spacing_tr": 2.200000047683716,
  "spacing_x": 4.0,
  "spacing_y": 4.0,
  "spacing_z": 3.9999985694885254,
  "summary_bg_k": 28.29839270430466,
  "summary_bg_mad": 3.8775753321130404,
  "summary_bg_mean": 21.52460289001465,
  "summary_bg_median": 4.307692527770996,
  "summary_bg_n": 103288.0,
  "summary_bg_p05": 1.134615421295166,
  "summary_bg_p95": 108.76923370361328,
  "summary_bg_stdv": 50.536285400390625,
  "summary_fg_k": 1.4164642191699102,
  "summary_fg_mad": 87.96539395083242,
  "summary_fg_mean": 769.0670166015625,
  "summary_fg_median": 765.0625,
  "summary_fg_n": 15850.0,
  "summary_fg_p05": 622.2682952880859,
  "summary_fg_p95": 924.0683135986328,
  "summary_fg_stdv": 95.88172912597656,
  "tsnr": 61.0452750409022
}