{
  "aor": 0.0049617307692307695,
  "aqi": 0.013827756346153844,
  "bids_meta": {
    "BodyPartExamined": "HEAD",
    "CogAtlasID": "http://www.cognitiveatlas.org/term/id/trm_550b53d7dd674",
    "ConversionSoftware": "dcm2niix",
    "ConversionSoftwareVersion": "v1.0.20170411 GCC4.4.7",
    "EchoTime": 0.027,
    "EffectiveEchoSpacing": 0.000590001,
    "FlipAngle": 90,
    "ImageType": [
      "ORIGINAL",
      "PRIMARY",
      "M",
      "ND",
      "NORM",
      "MOSAIC"
    ],
    "Instructions": "In this next scan you'll be prompted to move your hands, feet, or tongue. You'll only move one of these at once. Instructions are presented on the screen. Let?s review them now. [Read on-screen instructions to participant.] Do you have any questions?",
    "MagneticFieldStrength": 3,
    "Manufacturer": "Siemens",
    "ManufacturersModelName": "TrioTim",
    "PhaseEncodingDirection": "j-",
    "ProcedureStepDescription": "head_Dosenbach_MSC",
    "ProtocolName": "Motor_104Frames_36Slices_TR2.2",
    "RepetitionTime": 2.2,
    "ScanningSequence": "EP",
    "SequenceName": "_epfid2d1_64",
    "SequenceVariant": "SK",
    "SeriesDescription": "Motor_104Frames_36Slices_TR2.2",
    "SliceTiming": [
      1.105,
      0,
      1.1675,
      0.0625,
      1.2275,
      0.1225,
      1.29,
      0.185,
      1.35,
      0.245,
      1.4125,
      0.3075,
      1.4725,
      0.37,
      1.535,
      0.43,
      1.595,
      0.4925,
      1.6575,
      0.5525,
      1.7175,
      0.615,
      1.78,
      0.675,
      1.84,
      0.7375,
      1.9025,
      0.7975,
      1.965,
      0.86,
      2.025,
      0.92,
      2.0875,
      0.9825,
      2.1475,
      1.0425
    ],
    "SoftwareVersion": "syngo MR B17",
    "TaskName": "motor",
    "dataset": "ds000224",
    "modality": "bold",
    "run_id": 1,
    "session_id": "func06",
    "subject_id": "MSC07",
    "task_id": "motor"
  },
  "dummy_trs": 0,
  "dvars_nstd": 16.637714931844663,
  "dvars_std": 1.091645355145631,
  "dvars_vstd": 0.9397002322330098,
  "efc": 0.40198470204156667,
  "fber": 29698.78515625,
  "fd_mean": 0.23335300297446035,
  "fd_num": 50,
  "fd_perc": 48.07692307692308,
  "fwhm_avg": 1.6604068576167708,
  "fwhm_x": 1.53371,
  "fwhm_y": 1.845705,
  "fwhm_z": 1.6018055728503129,
  "gcor": 0.0225623,
  "gsr_x": -0.028416913002729416,
  "gsr_y": 0.018061084672808647,
  "provenance": {
    "md5sum": "bd7167f9438080dcde8399f5ad8932a0",
    "settings": {
      "fd_thres": 0.2,
      "testing": false
    },
    "software": "mriqc",
    "version": "22.0.6",
    "webapi_port": null,
    "webapi_url": "https://mriqc.nimh.nih.gov/api/v1"
  },
  "size_t": 104,
  "size_x": 64,
  "size_y": 64,
  "size_z": 36,
  "snr": 8.001466822825059,
  "spacing_tr": 2.200000047683716,
  "spacing_x": 4.0,
  "spacing_y": 4.0,
  "spacing_z": 3.9999985694885254,
  "summary_bg_k": 27.36332549164033,
  "summary_bg_mad": 4.148435325610801,
  "summary_bg_mean": 22.140361785888672,
  "summary_bg_median": 4.451923370361328,
  "summary_bg_n": 103158.0,
  "summary_bg_p05": 1.019230842590332,
  "summary_bg_p95": 113.17308044433594,
  "summary_bg_stdv": 51.411460876464844,
  "summary_fg_k": 1.5229303730393289,
  "summary_fg_mad": 88.77080783302291,
  "summary_fg_mean": 767.375732421875,
  "summary_fg_median": 763.34619140625,
  "summary_fg_n": 15938.0,
  "summary_fg_p05": 621.9981201171875,
  "summary_fg_p95": 920.751498413086,
  "summary_fg_stdv": 95.39778900146484,
  "tsnr": 59.853105639340356
}