{
  "aor": 0.002186601941747573,
  "aqi": 0.005857668058252427,
  "bids_meta": {
    "BodyPartExamined": "HEAD",
    "CogAtlasID": "http://www.cognitiveatlas.org/term/id/trm_550b53d7dd674",
    "ConversionSoftware": "dcm2niix",
    "ConversionSoftwareVersion": "v1.0.20170411 GCC4.4.7",
    "EchoTime": 0.027,
    "EffectiveEchoSpacing": 0.000590001,
    "FlipAngle": 90,
    "ImageType": [
      "ORIGINAL",
      "PRIMARY",
      "M",
      "ND",
      "NORM",
      "MOSAIC"
    ],
    "Instructions": "In this next scan you'll be prompted to move your hands, feet, or tongue. You'll only move one of these at once. Instructions are presented on the screen. Let?s review them now. [Read on-screen instructions to participant.] Do you have any questions?",
    "MagneticFieldStrength": 3,
    "Manufacturer": "Siemens",
    "ManufacturersModelName": "TrioTim",
    "PhaseEncodingDirection": "j-",
    "ProcedureStepDescription": "head_Dosenbach_MSC",
    "ProtocolName": "Motor_104Frames_36Slices_TR2.2",
    "RepetitionTime": 2.2,
    "ScanningSequence": "EP",
    "SequenceName": "_epfid2d1_64",
    "SequenceVariant": "SK",
    "SeriesDescription": "Motor_104Frames_36Slices_TR2.2",
    "SliceTiming": [
      1.105,
      0,
      1.1675,
      0.0625,
      1.2275,
      0.1225,
      1.29,
      0.185,
      1.35,
      0.245,
      1.4125,
      0.3075,
      1.4725,
      0.37,
      1.535,
      0.43,
      1.595,
      0.4925,
      1.6575,
      0.5525,
      1.7175,
      0.615,
      1.78,
      0.675,
      1.84,
      0.7375,
      1.9025,
      0.7975,
      1.965,
      0.86,
      2.025,
      0.92,
      2.0875,
      0.9825,
      2.1475,
      1.0425
    ],
    "SoftwareVersion": "syngo MR B17",
    "TaskName": "motor",
    "dataset": "ds000224",
    "modality": "bold",
    "run_id": 1,
    "session_id": "func08",
    "subject_id": "MSC01",
    "task_id": "motor"
  },
  "dummy_trs": 1,
  "dvars_nstd": 18.0735466432353,
  "dvars_std": 1.227116310784314,
  "dvars_vstd": 0.9904106773529413,
  "efc": 0.41604074422833776,
  "fber": 24189.8125,
  "fd_mean": 0.19450907609027104,
  "fd_num": 44,
  "fd_perc": 42.71844660194175,
  "fwhm_avg": 1.624410153262959,
  "fwhm_x": 1.4934225,
  "fwhm_y": 1.8370125,
  "fwhm_z": 1.5427954597888767,
  "gcor": 0.0206556,
  "gsr_x": -0.019938675686717033,
  "gsr_y": 0.01155584305524826,
  "provenance": {
    "md5sum": "9b3492009ca858bd17ebdfac766d738e",
    "settings": {
      "fd_thres": 0.2,
      "testing": false
    },
    "software": "mriqc",
    "version": "22.0.6",
    "webapi_port": null,
    "webapi_url": "https://mriqc.nimh.nih.gov/api/v1"
  },
  "size_t": 103,
  "size_x": 64,
  "size_y": 64,
  "size_z": 36,
  "snr": 7.561509141843927,
  "spacing_tr": 2.200000047683716,
  "spacing_x": 4.0,
  "spacing_y": 4.0,
  "spacing_z": 3.9999988079071045,
  "summary_bg_k": 28.66712325458709,
  "summary_bg_mad": 3.2962712503935476,
  "summary_bg_mean": 20.823522567749023,
  "summary_bg_median": 4.271844863891602,
  "summary_bg_n": 101988.0,
  "summary_bg_p05": 1.6213592290878296,
  "summary_bg_p95": 96.09709167480469,
  "summary_bg_stdv": 46.33460235595703,
  "summary_fg_k": 3.2920855174929695,
  "summary_fg_mad": 78.17487129898392,
  "summary_fg_mean": 674.8446655273438,
  "summary_fg_median": 672.6602172851562,
  "summary_fg_n": 16781.0,
  "summary_fg_p05": 542.3883666992188,
  "summary_fg_p95": 812.8931884765625,
  "summary_fg_stdv": 88.955810546875,
  "tsnr": 90.16822609887458
}