{
  "aor": 0.015637246022031825,
  "aqi": 0.018207639914320686,
  "bids_meta": {
    "BodyPartExamined": "HEAD",
    "CogAtlasID": "http://www.cognitiveatlas.org/term/id/trm_4c8a834779883",
    "ConversionSoftware": "dcm2niix",
    "ConversionSoftwareVersion": "v1.0.20170411 GCC4.4.7",
    "EchoTime": 0.027,
    "EffectiveEchoSpacing": 0.000590001,
    "FlipAngle": 90,
    "ImageType": [
      "ORIGINAL",
      "PRIMARY",
      "M",
      "ND",
      "NORM",
      "MOSAIC"
    ],
    "Instructions": "During this first scan, a plus sign will be presented on the screen.  All you need to do is simply relax and look at the plus sign. Please keep your eyes open the entire time, and be as still as possible. It's extremely important that you stay awake for the entire duration of this scan. This scan will last ~30 minutes.",
    "MagneticFieldStrength": 3,
    "Manufacturer": "Siemens",
    "ManufacturersModelName": "TrioTim",
    "PhaseEncodingDirection": "j-",
    "ProcedureStepDescription": "head_Dosenbach_MSC",
    "ProtocolName": "RSFC_818Frames_36Slices_TR2.2",
    "RepetitionTime": 2.2,
    "ScanningSequence": "EP",
    "SequenceName": "_epfid2d1_64",
    "SequenceVariant": "SK",
    "SeriesDescription": "RSFC_818Frames_36Slices_TR2.2",
    "SliceTiming": [
      1.105,
      0,
      1.165,
      0.06,
      1.2275,
      0.1225,
      1.2875,
      0.185,
      1.35,
      0.245,
      1.41,
      0.3075,
      1.4725,
      0.3675,
      1.5325,
      0.43,
      1.595,
      0.49,
      1.655,
      0.5525,
      1.7175,
      0.6125,
      1.78,
      0.675,
      1.84,
      0.735,
      1.9025,
      0.7975,
      1.9625,
      0.8575,
      2.025,
      0.92,
      2.085,
      0.9825,
      2.1475,
      1.0425
    ],
    "SoftwareVersion": "syngo MR B17",
    "TaskName": "rest",
    "dataset": "ds000224",
    "modality": "bold",
    "session_id": "func08",
    "subject_id": "MSC01",
    "task_id": "rest"
  },
  "dummy_trs": 1,
  "dvars_nstd": 20.635321153112727,
  "dvars_std": 1.293985916017157,
  "dvars_vstd": 1.1031359085661747,
  "efc": 0.41641068717050744,
  "fber": 23799.166015625,
  "fd_mean": 0.2731825448035268,
  "fd_num": 597,
  "fd_perc": 73.07221542227663,
  "fwhm_avg": 1.647347655814535,
  "fwhm_x": 1.5007125,
  "fwhm_y": 1.87285,
  "fwhm_z": 1.5684804674436057,
  "gcor": 0.0614398,
  "gsr_x": -0.01930450275540352,
  "gsr_y": 0.010573030449450016,
  "provenance": {
    "md5sum": "20528c65e5d30ff5fe415eed037642ce",
    "settings": {
      "fd_thres": 0.2,
      "testing": false
    },
    "software": "mriqc",
    "version": "22.0.6",
    "webapi_port": null,
    "webapi_url": "https://mriqc.nimh.nih.gov/api/v1"
  },
  "size_t": 817,
  "size_x": 64,
  "size_y": 64,
  "size_z": 36,
  "snr": 7.623982582569659,
  "spacing_tr": 2.200000047683716,
  "spacing_x": 4.0,
  "spacing_y": 4.0,
  "spacing_z": 3.9999988079071045,
  "summary_bg_k": 28.4486362666007,
  "summary_bg_mad": 3.460615373913027,
  "summary_bg_mean": 21.125024795532227,
  "summary_bg_median": 4.350061416625977,
  "summary_bg_n": 101902.0,
  "summary_bg_p05": 1.6156671047210693,
  "summary_bg_p95": 94.80899810791016,
  "summary_bg_stdv": 47.74489974975586,
  "summary_fg_k": 2.5099226513977815,
  "summary_fg_mad": 80.38443182573931,
  "summary_fg_mean": 681.5391235351562,
  "summary_fg_median": 678.92041015625,
  "summary_fg_n": 16894.0,
  "summary_fg_p05": 548.4976745605469,
  "summary_fg_p95": 821.9689331054688,
  "summary_fg_stdv": 89.04798889160156,
  "tsnr": 50.3041170258075
}