{
  "aor": 0.0038032692307692307,
  "aqi": 0.004900405576923077,
  "bids_meta": {
    "BodyPartExamined": "HEAD",
    "CogAtlasID": "http://www.cognitiveatlas.org/term/id/trm_550b53d7dd674",
    "ConversionSoftware": "dcm2niix",
    "ConversionSoftwareVersion": "v1.0.20170411 GCC4.4.7",
    "EchoTime": 0.027,
    "EffectiveEchoSpacing": 0.000590001,
    "FlipAngle": 90,
    "ImageType": [
      "ORIGINAL",
      "PRIMARY",
      "M",
      "ND",
      "NORM",
      "MOSAIC"
    ],
    "Instructions": "In this next scan you'll be prompted to move your hands, feet, or tongue. You'll only move one of these at once. Instructions are presented on the screen. Let?s review them now. [Read on-screen instructions to participant.] Do you have any questions?",
    "MagneticFieldStrength": 3,
    "Manufacturer": "Siemens",
    "ManufacturersModelName": "TrioTim",
    "PhaseEncodingDirection": "j-",
    "ProcedureStepDescription": "head_Dosenbach_MSC",
    "ProtocolName": "Motor_104Frames_36Slices_TR2.2",
    "RepetitionTime": 2.2,
    "ScanningSequence": "EP",
    "SequenceName": "_epfid2d1_64",
    "SequenceVariant": "SK",
    "SeriesDescription": "Motor_104Frames_36Slices_TR2.2",
    "SliceTiming": [
      1.105,
      0,
      1.1675,
      0.0625,
      1.2275,
      0.1225,
      1.29,
      0.185,
      1.35,
      0.245,
      1.4125,
      0.3075,
      1.4725,
      0.37,
      1.535,
      0.43,
      1.595,
      0.4925,
      1.6575,
      0.5525,
      1.7175,
      0.615,
      1.78,
      0.675,
      1.84,
      0.7375,
      1.9025,
      0.7975,
      1.965,
      0.86,
      2.025,
      0.92,
      2.0875,
      0.9825,
      2.1475,
      1.0425
    ],
    "SoftwareVersion": "syngo MR B17",
    "TaskName": "motor",
    "dataset": "ds000224",
    "modality": "bold",
    "run_id": 1,
    "session_id": "func08",
    "subject_id": "MSC03",
    "task_id": "motor"
  },
  "dummy_trs": 0,
  "dvars_nstd": 14.299907138252435,
  "dvars_std": 1.1048993577669908,
  "dvars_vstd": 0.9845007702912619,
  "efc": 0.36644662077197776,
  "fber": 44720.5,
  "fd_mean": 0.232515640568009,
  "fd_num": 52,
  "fd_perc": 50.0,
  "fwhm_avg": 1.7564788987427242,
  "fwhm_x": 1.6218025,
  "fwhm_y": 1.9620025,
  "fwhm_z": 1.6856316962281723,
  "gcor": 0.0186068,
  "gsr_x": -0.024133121594786644,
  "gsr_y": 0.011225909925997257,
  "provenance": {
    "md5sum": "9e5610fc4b46bd36fb86e654d713d9a3",
    "settings": {
      "fd_thres": 0.2,
      "testing": false
    },
    "software": "mriqc",
    "version": "22.0.6",
    "webapi_port": null,
    "webapi_url": "https://mriqc.nimh.nih.gov/api/v1"
  },
  "size_t": 104,
  "size_x": 64,
  "size_y": 64,
  "size_z": 36,
  "snr": 7.9194078861293935,
  "spacing_tr": 2.200000047683716,
  "spacing_x": 4.0,
  "spacing_y": 4.0,
  "spacing_z": 4.000001907348633,
  "summary_bg_k": 37.144957683147084,
  "summary_bg_mad": 1.9815548474088434,
  "summary_bg_mean": 13.221601486206055,
  "summary_bg_median": 2.826923131942749,
  "summary_bg_n": 107084.0,
  "summary_bg_p05": 1.125,
  "summary_bg_p95": 65.2855823516844,
  "summary_bg_stdv": 31.444904327392578,
  "summary_fg_k": 1.9436344196822466,
  "summary_fg_mad": 66.88817279992035,
  "summary_fg_mean": 598.5213623046875,
  "summary_fg_median": 597.7019653320312,
  "summary_fg_n": 13182.0,
  "summary_fg_p05": 478.5682830810547,
  "summary_fg_p95": 717.335107421875,
  "summary_fg_stdv": 75.47019958496094,
  "tsnr": 90.36683561978862
}