{
  "aor": 0.003988056234718826,
  "aqi": 0.004773322787286063,
  "bids_meta": {
    "BodyPartExamined": "HEAD",
    "CogAtlasID": "http://www.cognitiveatlas.org/term/id/trm_4c8a834779883",
    "ConversionSoftware": "dcm2niix",
    "ConversionSoftwareVersion": "v1.0.20170411 GCC4.4.7",
    "EchoTime": 0.027,
    "EffectiveEchoSpacing": 0.000590001,
    "FlipAngle": 90,
    "ImageType": [
      "ORIGINAL",
      "PRIMARY",
      "M",
      "ND",
      "NORM",
      "MOSAIC"
    ],
    "Instructions": "During this first scan, a plus sign will be presented on the screen.  All you need to do is simply relax and look at the plus sign. Please keep your eyes open the entire time, and be as still as possible. It's extremely important that you stay awake for the entire duration of this scan. This scan will last ~30 minutes.",
    "MagneticFieldStrength": 3,
    "Manufacturer": "Siemens",
    "ManufacturersModelName": "TrioTim",
    "PhaseEncodingDirection": "j-",
    "ProcedureStepDescription": "head_Dosenbach_MSC",
    "ProtocolName": "RSFC_818Frames_36Slices_TR2.2",
    "RepetitionTime": 2.2,
    "ScanningSequence": "EP",
    "SequenceName": "_epfid2d1_64",
    "SequenceVariant": "SK",
    "SeriesDescription": "RSFC_818Frames_36Slices_TR2.2",
    "SliceTiming": [
      1.105,
      0,
      1.165,
      0.06,
      1.2275,
      0.1225,
      1.2875,
      0.185,
      1.35,
      0.245,
      1.41,
      0.3075,
      1.4725,
      0.3675,
      1.5325,
      0.43,
      1.595,
      0.49,
      1.655,
      0.5525,
      1.7175,
      0.6125,
      1.78,
      0.675,
      1.84,
      0.735,
      1.9025,
      0.7975,
      1.9625,
      0.8575,
      2.025,
      0.92,
      2.085,
      0.9825,
      2.1475,
      1.0425
    ],
    "SoftwareVersion": "syngo MR B17",
    "TaskName": "rest",
    "dataset": "ds000224",
    "modality": "bold",
    "session_id": "func08",
    "subject_id": "MSC03",
    "task_id": "rest"
  },
  "dummy_trs": 0,
  "dvars_nstd": 15.679704265740515,
  "dvars_std": 1.1863311015177487,
  "dvars_vstd": 1.0321756239045285,
  "efc": 0.3658211367375527,
  "fber": 45860.4296875,
  "fd_mean": 0.26676766567205645,
  "fd_num": 583,
  "fd_perc": 71.27139364303179,
  "fwhm_avg": 1.771019733124304,
  "fwhm_x": 1.6220775,
  "fwhm_y": 2.011945,
  "fwhm_z": 1.6790366993729118,
  "gcor": 0.0834424,
  "gsr_x": -0.023012707009911537,
  "gsr_y": 0.012932835146784782,
  "provenance": {
    "md5sum": "079ccc51e6b466a3daff9b71d525f478",
    "settings": {
      "fd_thres": 0.2,
      "testing": false
    },
    "software": "mriqc",
    "version": "22.0.6",
    "webapi_port": null,
    "webapi_url": "https://mriqc.nimh.nih.gov/api/v1"
  },
  "size_t": 818,
  "size_x": 64,
  "size_y": 64,
  "size_z": 36,
  "snr": 7.771293893316289,
  "spacing_tr": 2.200000047683716,
  "spacing_x": 4.0,
  "spacing_y": 4.0,
  "spacing_z": 4.000001907348633,
  "summary_bg_k": 40.15473672404324,
  "summary_bg_mad": 2.254715464928884,
  "summary_bg_mean": 12.741695404052734,
  "summary_bg_median": 2.7811737060546875,
  "summary_bg_n": 106988.0,
  "summary_bg_p05": 0.883863091468811,
  "summary_bg_p95": 62.4350265502929,
  "summary_bg_stdv": 30.625688552856445,
  "summary_fg_k": 1.9161106415097073,
  "summary_fg_mad": 67.16656792475143,
  "summary_fg_mean": 592.2239379882812,
  "summary_fg_median": 591.8704223632812,
  "summary_fg_n": 13385.0,
  "summary_fg_p05": 468.08045654296876,
  "summary_fg_p95": 709.8635864257812,
  "summary_fg_stdv": 76.15827178955078,
  "tsnr": 83.54872827511281
}