{
  "bids_meta": {
    "BodyPartExamined": "HEAD",
    "ConversionSoftware": "dcm2niix",
    "ConversionSoftwareVersion": "v1.0.20170411 GCC4.4.7",
    "EchoTime": 0.00374,
    "FlipAngle": 8,
    "ImageType": [
      "ORIGINAL",
      "PRIMARY",
      "M",
      "ND",
      "NORM"
    ],
    "InversionTime": 1,
    "MagneticFieldStrength": 3,
    "Manufacturer": "Siemens",
    "ManufacturersModelName": "TrioTim",
    "PhaseEncodingDirection": "i-",
    "ProcedureStepDescription": "head_Dosenbach_MSC",
    "ProtocolName": "T1_.8x.8x.8_224Slices",
    "RepetitionTime": 2.4,
    "ScanningSequence": "GR_IR",
    "SequenceName": "_tfl3d1_ns",
    "SequenceVariant": "SP_MP_OSP",
    "SeriesDescription": "T1_.8x.8x.8_224Slices",
    "dataset": "ds000224",
    "modality": "T1w",
    "run_id": 2,
    "session_id": "struct01",
    "subject_id": "MSC07"
  },
  "cjv": 0.43930559743501274,
  "cnr": 3.0556838389327643,
  "efc": 0.5743943647011125,
  "fber": 9608.083767361111,
  "fwhm_avg": 3.933736294614585,
  "fwhm_x": 4.072893566770582,
  "fwhm_y": 4.069488390243903,
  "fwhm_z": 3.6588269268292684,
  "icvs_csf": 0.19593324041788296,
  "icvs_gm": 0.4279125878376013,
  "icvs_wm": 0.37615417174451576,
  "inu_med": 0.4997003972530365,
  "inu_range": 0.23468804955482486,
  "provenance": {
    "md5sum": "fe99a8a5e7f2aa209f78359d0bfeac3a",
    "settings": {
      "testing": false
    },
    "software": "mriqc",
    "version": "22.0.6",
    "warnings": {
      "large_rot_frame": true,
      "small_air_mask": false
    },
    "webapi_port": null,
    "webapi_url": "https://mriqc.nimh.nih.gov/api/v1"
  },
  "qi_1": 0.0,
  "qi_2": 0.0033837156140720383,
  "rpve_csf": 18.40868769334043,
  "rpve_gm": 8.650966864751737,
  "rpve_wm": 10.85151452244976,
  "size_x": 224,
  "size_y": 256,
  "size_z": 256,
  "snr_csf": 2.2756002027798807,
  "snr_gm": 11.437526663213138,
  "snr_total": 10.316480632350752,
  "snr_wm": 17.236315031059238,
  "snrd_csf": 28.575990524244034,
  "snrd_gm": 76.33186274462948,
  "snrd_total": 69.6873553188708,
  "snrd_wm": 104.1542126877389,
  "spacing_x": 0.8000012636184692,
  "spacing_y": 0.80078125,
  "spacing_z": 0.80078125,
  "summary_bg_k": 9.204720493255303,
  "summary_bg_mad": 6.290389010560857,
  "summary_bg_mean": 8.995712865666881,
  "summary_bg_median": 4.2428029123693705,
  "summary_bg_n": 4531723.0,
  "summary_bg_p05": 0.0,
  "summary_bg_p95": 34.56713047623634,
  "summary_bg_stdv": 13.058026444786002,
  "summary_csf_k": 0.3311347382266341,
  "summary_csf_mad": 113.76728100081846,
  "summary_csf_mean": 280.4514385331599,
  "summary_csf_median": 274.376598155126,
  "summary_csf_n": 90923.0,
  "summary_csf_p05": 85.66297168470919,
  "summary_csf_p95": 491.8996372845021,
  "summary_csf_stdv": 120.5726247410958,
  "summary_gm_k": 0.19770154048616106,
  "summary_gm_mad": 62.40220263850863,
  "summary_gm_mean": 733.191094795983,
  "summary_gm_median": 732.9116662796587,
  "summary_gm_n": 83521.0,
  "summary_gm_p05": 628.012919427827,
  "summary_gm_p95": 838.9557096231729,
  "summary_gm_stdv": 64.07917552967551,
  "summary_wm_k": 0.4988127587162352,
  "summary_wm_mad": 54.95407331925559,
  "summary_wm_mean": 998.4258754898013,
  "summary_wm_median": 1000.0520729646087,
  "summary_wm_n": 459382.0,
  "summary_wm_p05": 903.1964310202748,
  "summary_wm_p95": 1093.055353982374,
  "summary_wm_stdv": 58.019999210184636,
  "tpm_overlap_csf": 0.12167246610535334,
  "tpm_overlap_gm": 0.43528204104784035,
  "tpm_overlap_wm": 0.49223582284147926,
  "wm2max": 0.7812123751156722
}