{
  "bids_meta": {
    "BodyPartExamined": "HEAD",
    "ConversionSoftware": "dcm2niix",
    "ConversionSoftwareVersion": "v1.0.20170411 GCC4.4.7",
    "EchoTime": 0.00374,
    "FlipAngle": 8,
    "ImageType": [
      "ORIGINAL",
      "PRIMARY",
      "M",
      "ND",
      "NORM"
    ],
    "InversionTime": 1,
    "MagneticFieldStrength": 3,
    "Manufacturer": "Siemens",
    "ManufacturersModelName": "TrioTim",
    "PhaseEncodingDirection": "i-",
    "ProcedureStepDescription": "head_Dosenbach_MSC",
    "ProtocolName": "T1_.8x.8x.8_224Slices",
    "RepetitionTime": 2.4,
    "ScanningSequence": "GR_IR",
    "SequenceName": "_tfl3d1_ns",
    "SequenceVariant": "SP_MP_OSP",
    "SeriesDescription": "T1_.8x.8x.8_224Slices",
    "dataset": "ds000224",
    "modality": "T1w",
    "run_id": 1,
    "session_id": "struct01",
    "subject_id": "MSC07"
  },
  "cjv": 0.43447350483579583,
  "cnr": 3.0817388199960463,
  "efc": 0.5823598715481324,
  "fber": 5520.4445566684435,
  "fwhm_avg": 3.9800009412437816,
  "fwhm_x": 4.13427560421915,
  "fwhm_y": 4.118290731707317,
  "fwhm_z": 3.687436487804878,
  "icvs_csf": 0.20325684462309335,
  "icvs_gm": 0.42527273160579565,
  "icvs_wm": 0.371470423771111,
  "inu_med": 0.5056331157684326,
  "inu_range": 0.24242525696754452,
  "provenance": {
    "md5sum": "f8671bceac248bf4d87979fa44b2ccda",
    "settings": {
      "testing": false
    },
    "software": "mriqc",
    "version": "22.0.6",
    "warnings": {
      "large_rot_frame": true,
      "small_air_mask": false
    },
    "webapi_port": null,
    "webapi_url": "https://mriqc.nimh.nih.gov/api/v1"
  },
  "qi_1": 0.0,
  "qi_2": 0.003676282336888473,
  "rpve_csf": 17.7768851338152,
  "rpve_gm": 8.638130162410908,
  "rpve_wm": 10.930312317845928,
  "size_x": 224,
  "size_y": 256,
  "size_z": 256,
  "snr_csf": 2.15452575284565,
  "snr_gm": 11.339986179138055,
  "snr_total": 10.310574127175462,
  "snr_wm": 17.437210449542683,
  "snrd_csf": 25.656356441387057,
  "snrd_gm": 70.76296135787165,
  "snrd_total": 64.41531924013664,
  "snrd_wm": 96.82663992115123,
  "spacing_x": 0.8000047206878662,
  "spacing_y": 0.80078125,
  "spacing_z": 0.80078125,
  "summary_bg_k": 8.14994729107286,
  "summary_bg_mad": 6.76642073702499,
  "summary_bg_mean": 9.673883357555813,
  "summary_bg_median": 4.563881432637572,
  "summary_bg_n": 3963618.0,
  "summary_bg_p05": 0.0,
  "summary_bg_p95": 36.74052035994828,
  "summary_bg_stdv": 13.684573974270009,
  "summary_csf_k": 0.3809284839398823,
  "summary_csf_mad": 117.73194070091805,
  "summary_csf_mean": 272.9638573033568,
  "summary_csf_median": 264.9855850804597,
  "summary_csf_n": 100506.0,
  "summary_csf_p05": 78.76519952947274,
  "summary_csf_p95": 489.80773872649297,
  "summary_csf_stdv": 122.98960291825384,
  "summary_gm_k": 0.17726038242326103,
  "summary_gm_mad": 63.128059390121415,
  "summary_gm_mean": 730.3737939154327,
  "summary_gm_median": 730.8584428299218,
  "summary_gm_n": 84128.0,
  "summary_gm_p05": 623.3994323267601,
  "summary_gm_p95": 835.4363438253289,
  "summary_gm_stdv": 64.44929363606215,
  "summary_wm_k": 0.43768684802912583,
  "summary_wm_mad": 53.828956030858016,
  "summary_wm_mean": 998.5138170627134,
  "summary_wm_median": 1000.0509577225894,
  "summary_wm_n": 457987.0,
  "summary_wm_p05": 904.2349441815168,
  "summary_wm_p95": 1093.2408271990716,
  "summary_wm_stdv": 57.351482269834285,
  "tpm_overlap_csf": 0.12596008828056582,
  "tpm_overlap_gm": 0.443515826592857,
  "tpm_overlap_wm": 0.49646959211889724,
  "wm2max": 0.7673335975234229
}