{
  "aor": 0.003218653846153846,
  "aqi": 0.004835962019230769,
  "bids_meta": {
    "BodyPartExamined": "HEAD",
    "CogAtlasID": "http://www.cognitiveatlas.org/term/id/trm_550b53d7dd674",
    "ConversionSoftware": "dcm2niix",
    "ConversionSoftwareVersion": "v1.0.20170411 GCC4.4.7",
    "EchoTime": 0.027,
    "EffectiveEchoSpacing": 0.000590001,
    "FlipAngle": 90,
    "ImageType": [
      "ORIGINAL",
      "PRIMARY",
      "M",
      "ND",
      "NORM",
      "MOSAIC"
    ],
    "Instructions": "In this next scan you'll be prompted to move your hands, feet, or tongue. You'll only move one of these at once. Instructions are presented on the screen. Let?s review them now. [Read on-screen instructions to participant.] Do you have any questions?",
    "MagneticFieldStrength": 3,
    "Manufacturer": "Siemens",
    "ManufacturersModelName": "TrioTim",
    "PhaseEncodingDirection": "j-",
    "ProcedureStepDescription": "head_Dosenbach_MSC",
    "ProtocolName": "Motor_104Frames_36Slices_TR2.2",
    "RepetitionTime": 2.2,
    "ScanningSequence": "EP",
    "SequenceName": "_epfid2d1_64",
    "SequenceVariant": "SK",
    "SeriesDescription": "Motor_104Frames_36Slices_TR2.2",
    "SliceTiming": [
      1.105,
      0,
      1.1675,
      0.0625,
      1.2275,
      0.1225,
      1.29,
      0.185,
      1.35,
      0.245,
      1.4125,
      0.3075,
      1.4725,
      0.37,
      1.535,
      0.43,
      1.595,
      0.4925,
      1.6575,
      0.5525,
      1.7175,
      0.615,
      1.78,
      0.675,
      1.84,
      0.7375,
      1.9025,
      0.7975,
      1.965,
      0.86,
      2.025,
      0.92,
      2.0875,
      0.9825,
      2.1475,
      1.0425
    ],
    "SoftwareVersion": "syngo MR B17",
    "TaskName": "motor",
    "dataset": "ds000224",
    "modality": "bold",
    "run_id": 2,
    "session_id": "func01",
    "subject_id": "MSC05",
    "task_id": "motor"
  },
  "dummy_trs": 0,
  "dvars_nstd": 14.586060968834952,
  "dvars_std": 1.174466416796116,
  "dvars_vstd": 0.9993174720388353,
  "efc": 0.40894513175479624,
  "fber": 43220.77734375,
  "fd_mean": 0.12560917970453753,
  "fd_num": 10,
  "fd_perc": 9.615384615384615,
  "fwhm_avg": 1.7477776009571733,
  "fwhm_x": 1.6061,
  "fwhm_y": 1.9434525,
  "fwhm_z": 1.69378030287152,
  "gcor": 0.0275995,
  "gsr_x": -0.014373582787811756,
  "gsr_y": 0.02369079738855362,
  "provenance": {
    "md5sum": "1144d46963a878f75d4f0269ba0a7ff9",
    "settings": {
      "fd_thres": 0.2,
      "testing": false
    },
    "software": "mriqc",
    "version": "22.0.6",
    "webapi_port": null,
    "webapi_url": "https://mriqc.nimh.nih.gov/api/v1"
  },
  "size_t": 104,
  "size_x": 64,
  "size_y": 64,
  "size_z": 36,
  "snr": 8.143299428743688,
  "spacing_tr": 2.200000047683716,
  "spacing_x": 4.0,
  "spacing_y": 4.0,
  "spacing_z": 3.9999992847442627,
  "summary_bg_k": 37.756852085611854,
  "summary_bg_mad": 2.409228605071603,
  "summary_bg_mean": 18.412443161010742,
  "summary_bg_median": 3.461538553237915,
  "summary_bg_n": 101558.0,
  "summary_bg_p05": 1.326923131942749,
  "summary_bg_p95": 92.4355785369872,
  "summary_bg_stdv": 45.74061965942383,
  "summary_fg_k": 2.7361602530582845,
  "summary_fg_mad": 80.0818756418054,
  "summary_fg_mean": 724.956787109375,
  "summary_fg_median": 724.6057739257812,
  "summary_fg_n": 17842.0,
  "summary_fg_p05": 585.260122680664,
  "summary_fg_p95": 862.6812957763672,
  "summary_fg_stdv": 88.9793472290039,
  "tsnr": 99.89818809740245
}