{
  "aor": 0.002442053789731051,
  "aqi": 0.013842035733496334,
  "bids_meta": {
    "BodyPartExamined": "HEAD",
    "CogAtlasID": "http://www.cognitiveatlas.org/term/id/trm_4c8a834779883",
    "ConversionSoftware": "dcm2niix",
    "ConversionSoftwareVersion": "v1.0.20170411 GCC4.4.7",
    "EchoTime": 0.027,
    "EffectiveEchoSpacing": 0.000590001,
    "FlipAngle": 90,
    "ImageType": [
      "ORIGINAL",
      "PRIMARY",
      "M",
      "ND",
      "NORM",
      "MOSAIC"
    ],
    "Instructions": "During this first scan, a plus sign will be presented on the screen.  All you need to do is simply relax and look at the plus sign. Please keep your eyes open the entire time, and be as still as possible. It's extremely important that you stay awake for the entire duration of this scan. This scan will last ~30 minutes.",
    "MagneticFieldStrength": 3,
    "Manufacturer": "Siemens",
    "ManufacturersModelName": "TrioTim",
    "PhaseEncodingDirection": "j-",
    "ProcedureStepDescription": "head_Dosenbach_MSC",
    "ProtocolName": "RSFC_818Frames_36Slices_TR2.2",
    "RepetitionTime": 2.2,
    "ScanningSequence": "EP",
    "SequenceName": "_epfid2d1_64",
    "SequenceVariant": "SK",
    "SeriesDescription": "RSFC_818Frames_36Slices_TR2.2",
    "SliceTiming": [
      1.105,
      0,
      1.165,
      0.06,
      1.2275,
      0.1225,
      1.2875,
      0.185,
      1.35,
      0.245,
      1.41,
      0.3075,
      1.4725,
      0.3675,
      1.5325,
      0.43,
      1.595,
      0.49,
      1.655,
      0.5525,
      1.7175,
      0.6125,
      1.78,
      0.675,
      1.84,
      0.735,
      1.9025,
      0.7975,
      1.9625,
      0.8575,
      2.025,
      0.92,
      2.085,
      0.9825,
      2.1475,
      1.0425
    ],
    "SoftwareVersion": "syngo MR B17",
    "TaskName": "rest",
    "dataset": "ds000224",
    "modality": "bold",
    "session_id": "func10",
    "subject_id": "MSC07",
    "task_id": "rest"
  },
  "dummy_trs": 0,
  "dvars_nstd": 19.92339677470014,
  "dvars_std": 1.3005037320073438,
  "dvars_vstd": 0.9775714659363519,
  "efc": 0.402619695078693,
  "fber": 28669.36328125,
  "fd_mean": 0.21587358140625165,
  "fd_num": 410,
  "fd_perc": 50.122249388753055,
  "fwhm_avg": 1.6341548734726812,
  "fwhm_x": 1.507545,
  "fwhm_y": 1.8028375,
  "fwhm_z": 1.592082120418043,
  "gcor": 0.0422013,
  "gsr_x": -0.028200028464198112,
  "gsr_y": 0.01968214102089405,
  "provenance": {
    "md5sum": "9c1aa299ec030099b63adaa8e6eafffb",
    "settings": {
      "fd_thres": 0.2,
      "testing": false
    },
    "software": "mriqc",
    "version": "22.0.6",
    "webapi_port": null,
    "webapi_url": "https://mriqc.nimh.nih.gov/api/v1"
  },
  "size_t": 818,
  "size_x": 64,
  "size_y": 64,
  "size_z": 36,
  "snr": 7.8056964422211745,
  "spacing_tr": 2.200000047683716,
  "spacing_x": 4.0,
  "spacing_y": 4.0,
  "spacing_z": 4.000000953674316,
  "summary_bg_k": 30.51770928176193,
  "summary_bg_mad": 4.20131079533266,
  "summary_bg_mean": 22.769906997680664,
  "summary_bg_median": 4.443765640258789,
  "summary_bg_n": 103355.0,
  "summary_bg_p05": 1.0012224912643433,
  "summary_bg_p95": 114.08594512939452,
  "summary_bg_stdv": 54.678955078125,
  "summary_fg_k": 1.3411357885044168,
  "summary_fg_mad": 90.21938548889679,
  "summary_fg_mean": 754.0791625976562,
  "summary_fg_median": 749.4345703125,
  "summary_fg_n": 15816.0,
  "summary_fg_p05": 607.0630035400391,
  "summary_fg_p95": 909.4291381835938,
  "summary_fg_stdv": 96.0082015991211,
  "tsnr": 54.546740578487515
}