{
  "aor": 0.0017328606356968217,
  "aqi": 0.006935113410757946,
  "bids_meta": {
    "BodyPartExamined": "HEAD",
    "CogAtlasID": "http://www.cognitiveatlas.org/term/id/trm_4c8a834779883",
    "ConversionSoftware": "dcm2niix",
    "ConversionSoftwareVersion": "v1.0.20170411 GCC4.4.7",
    "EchoTime": 0.027,
    "EffectiveEchoSpacing": 0.000590001,
    "FlipAngle": 90,
    "ImageType": [
      "ORIGINAL",
      "PRIMARY",
      "M",
      "ND",
      "NORM",
      "MOSAIC"
    ],
    "Instructions": "During this first scan, a plus sign will be presented on the screen.  All you need to do is simply relax and look at the plus sign. Please keep your eyes open the entire time, and be as still as possible. It's extremely important that you stay awake for the entire duration of this scan. This scan will last ~30 minutes.",
    "MagneticFieldStrength": 3,
    "Manufacturer": "Siemens",
    "ManufacturersModelName": "TrioTim",
    "PhaseEncodingDirection": "j-",
    "ProcedureStepDescription": "head_Dosenbach_MSC",
    "ProtocolName": "RSFC_818Frames_36Slices_TR2.2",
    "RepetitionTime": 2.2,
    "ScanningSequence": "EP",
    "SequenceName": "_epfid2d1_64",
    "SequenceVariant": "SK",
    "SeriesDescription": "RSFC_818Frames_36Slices_TR2.2",
    "SliceTiming": [
      1.105,
      0,
      1.165,
      0.06,
      1.2275,
      0.1225,
      1.2875,
      0.185,
      1.35,
      0.245,
      1.41,
      0.3075,
      1.4725,
      0.3675,
      1.5325,
      0.43,
      1.595,
      0.49,
      1.655,
      0.5525,
      1.7175,
      0.6125,
      1.78,
      0.675,
      1.84,
      0.735,
      1.9025,
      0.7975,
      1.9625,
      0.8575,
      2.025,
      0.92,
      2.085,
      0.9825,
      2.1475,
      1.0425
    ],
    "SoftwareVersion": "syngo MR B17",
    "TaskName": "rest",
    "dataset": "ds000224",
    "modality": "bold",
    "session_id": "func06",
    "subject_id": "MSC03",
    "task_id": "rest"
  },
  "dummy_trs": 0,
  "dvars_nstd": 19.63829434735617,
  "dvars_std": 1.1719645247368407,
  "dvars_vstd": 0.9721160696572807,
  "efc": 0.36607502176753987,
  "fber": 46121.53125,
  "fd_mean": 0.35359710512207265,
  "fd_num": 651,
  "fd_perc": 79.5843520782396,
  "fwhm_avg": 1.7825440328646025,
  "fwhm_x": 1.641665,
  "fwhm_y": 2.0223475,
  "fwhm_z": 1.6836195985938074,
  "gcor": 0.0262438,
  "gsr_x": -0.023107383400201797,
  "gsr_y": 0.014066990464925766,
  "provenance": {
    "md5sum": "c4f77eaad78dbeb6650b1c8301c2c99b",
    "settings": {
      "fd_thres": 0.2,
      "testing": false
    },
    "software": "mriqc",
    "version": "22.0.6",
    "webapi_port": null,
    "webapi_url": "https://mriqc.nimh.nih.gov/api/v1"
  },
  "size_t": 818,
  "size_x": 64,
  "size_y": 64,
  "size_z": 36,
  "snr": 7.761589613418472,
  "spacing_tr": 2.200000047683716,
  "spacing_x": 4.0,
  "spacing_y": 4.0,
  "spacing_z": 4.000000953674316,
  "summary_bg_k": 40.21446800252289,
  "summary_bg_mad": 2.260153046450698,
  "summary_bg_mean": 12.521124839782715,
  "summary_bg_median": 2.742053985595703,
  "summary_bg_n": 106955.0,
  "summary_bg_p05": 0.8643032312393188,
  "summary_bg_p95": 60.858192443847656,
  "summary_bg_stdv": 30.190950393676758,
  "summary_fg_k": 1.9042244239908657,
  "summary_fg_mad": 66.200578014928,
  "summary_fg_mean": 588.242431640625,
  "summary_fg_median": 587.2286376953125,
  "summary_fg_n": 13399.0,
  "summary_fg_p05": 467.6466033935547,
  "summary_fg_p95": 707.5648254394531,
  "summary_fg_stdv": 75.65547180175781,
  "tsnr": 76.24325062846765
}