{
  "aor": 0.0014283476132190942,
  "aqi": 0.034608743941248465,
  "bids_meta": {
    "BodyPartExamined": "HEAD",
    "CogAtlasID": "http://www.cognitiveatlas.org/term/id/trm_4c8a834779883",
    "ConversionSoftware": "dcm2niix",
    "ConversionSoftwareVersion": "v1.0.20170411 GCC4.4.7",
    "EchoTime": 0.027,
    "EffectiveEchoSpacing": 0.000590001,
    "FlipAngle": 90,
    "ImageType": [
      "ORIGINAL",
      "PRIMARY",
      "M",
      "ND",
      "NORM",
      "MOSAIC"
    ],
    "Instructions": "During this first scan, a plus sign will be presented on the screen.  All you need to do is simply relax and look at the plus sign. Please keep your eyes open the entire time, and be as still as possible. It's extremely important that you stay awake for the entire duration of this scan. This scan will last ~30 minutes.",
    "MagneticFieldStrength": 3,
    "Manufacturer": "Siemens",
    "ManufacturersModelName": "TrioTim",
    "PhaseEncodingDirection": "j-",
    "ProcedureStepDescription": "head_Dosenbach_MSC",
    "ProtocolName": "RSFC_818Frames_36Slices_TR2.2",
    "RepetitionTime": 2.2,
    "ScanningSequence": "EP",
    "SequenceName": "_epfid2d1_64",
    "SequenceVariant": "SK",
    "SeriesDescription": "RSFC_818Frames_36Slices_TR2.2",
    "SliceTiming": [
      1.105,
      0,
      1.165,
      0.06,
      1.2275,
      0.1225,
      1.2875,
      0.185,
      1.35,
      0.245,
      1.41,
      0.3075,
      1.4725,
      0.3675,
      1.5325,
      0.43,
      1.595,
      0.49,
      1.655,
      0.5525,
      1.7175,
      0.6125,
      1.78,
      0.675,
      1.84,
      0.735,
      1.9025,
      0.7975,
      1.9625,
      0.8575,
      2.025,
      0.92,
      2.085,
      0.9825,
      2.1475,
      1.0425
    ],
    "SoftwareVersion": "syngo MR B17",
    "TaskName": "rest",
    "dataset": "ds000224",
    "modality": "bold",
    "session_id": "func06",
    "subject_id": "MSC08",
    "task_id": "rest"
  },
  "dummy_trs": 1,
  "dvars_nstd": 24.50675394136029,
  "dvars_std": 1.0683870666789224,
  "dvars_vstd": 0.874867855612745,
  "efc": 0.3922978061998874,
  "fber": 32038.9140625,
  "fd_mean": 0.391550523741152,
  "fd_num": 640,
  "fd_perc": 78.33537331701346,
  "fwhm_avg": 1.728950300883663,
  "fwhm_x": 1.615105,
  "fwhm_y": 1.8890825,
  "fwhm_z": 1.6826634026509895,
  "gcor": 0.0221278,
  "gsr_x": -0.021823450922966003,
  "gsr_y": 0.010407708585262299,
  "provenance": {
    "md5sum": "479018ff247166c4203fb242daf81094",
    "settings": {
      "fd_thres": 0.2,
      "testing": false
    },
    "software": "mriqc",
    "version": "22.0.6",
    "webapi_port": null,
    "webapi_url": "https://mriqc.nimh.nih.gov/api/v1"
  },
  "size_t": 817,
  "size_x": 64,
  "size_y": 64,
  "size_z": 36,
  "snr": 8.945224152668143,
  "spacing_tr": 2.200000047683716,
  "spacing_x": 4.0,
  "spacing_y": 4.0,
  "spacing_z": 3.999997854232788,
  "summary_bg_k": 50.06223242259907,
  "summary_bg_mad": 3.1593762561398138,
  "summary_bg_mean": 16.434181213378906,
  "summary_bg_median": 3.5581395626068115,
  "summary_bg_n": 104158.0,
  "summary_bg_p05": 1.0695838689804082,
  "summary_bg_p95": 79.95495948791498,
  "summary_bg_stdv": 37.81523895263672,
  "summary_fg_k": 2.2853976657523836,
  "summary_fg_mad": 62.673018140483734,
  "summary_fg_mean": 633.1473999023438,
  "summary_fg_median": 632.445556640625,
  "summary_fg_n": 15132.0,
  "summary_fg_p05": 522.8198974609375,
  "summary_fg_p95": 744.919854736328,
  "summary_fg_stdv": 70.69969940185547,
  "tsnr": 37.5831016281154
}