{
  "bids_meta": {
    "BodyPartExamined": "HEAD",
    "ConversionSoftware": "dcm2niix",
    "ConversionSoftwareVersion": "v1.0.20170411 GCC4.4.7",
    "EchoTime": 0.479,
    "FlipAngle": 120,
    "ImageType": [
      "ORIGINAL",
      "PRIMARY",
      "M",
      "ND",
      "NORM"
    ],
    "MagneticFieldStrength": 3,
    "Manufacturer": "Siemens",
    "ManufacturersModelName": "TrioTim",
    "PhaseEncodingDirection": "i-",
    "ProcedureStepDescription": "head_Dosenbach_MSC",
    "ProtocolName": "T2_.8x.8x.8_224Slices",
    "RepetitionTime": 3.2,
    "ScanningSequence": "SE",
    "SequenceName": "_spc3d1_282ns",
    "SequenceVariant": "SK_SP",
    "SeriesDescription": "T2_.8x.8x.8_224Slices",
    "dataset": "ds000224",
    "modality": "T2w",
    "run_id": 1,
    "session_id": "struct02",
    "subject_id": "MSC02"
  },
  "cjv": 0.33553329839597434,
  "cnr": 2.716696669231854,
  "efc": 0.6287199721533733,
  "fber": 740.6335460069445,
  "fwhm_avg": 2.52080951210805,
  "fwhm_x": 2.3102201460802467,
  "fwhm_y": 2.839576975609756,
  "fwhm_z": 2.4126314146341463,
  "icvs_csf": 0.32626573411765863,
  "icvs_gm": 0.5360089100603445,
  "icvs_wm": 0.13772535582199694,
  "inu_med": 1.017536997795105,
  "inu_range": 0.4997908711433411,
  "provenance": {
    "md5sum": "37912602195d8c13b93668aa7f43b74c",
    "settings": {
      "testing": false
    },
    "software": "mriqc",
    "version": "22.0.6",
    "warnings": {
      "large_rot_frame": true,
      "small_air_mask": false
    },
    "webapi_port": null,
    "webapi_url": "https://mriqc.nimh.nih.gov/api/v1"
  },
  "qi_1": 0.0,
  "qi_2": 0.004705111247230731,
  "rpve_csf": 8.761088974022156,
  "rpve_gm": 6.228923391341347,
  "rpve_wm": 26.320646056809558,
  "size_x": 224,
  "size_y": 256,
  "size_z": 256,
  "snr_csf": 7.41271985771506,
  "snr_gm": 5.871030896422595,
  "snr_total": 5.791771490290387,
  "snr_wm": 4.091563716733504,
  "snrd_csf": 47.5138096977962,
  "snrd_gm": 27.604189487790954,
  "snrd_total": 54.07151621898267,
  "snrd_wm": 87.09654947136086,
  "spacing_x": 0.8000016808509827,
  "spacing_y": 0.80078125,
  "spacing_z": 0.80078125,
  "summary_bg_k": 5.4014667604603535,
  "summary_bg_mad": 7.521597758306786,
  "summary_bg_mean": 15.480316700328812,
  "summary_bg_median": 5.073240593075752,
  "summary_bg_n": 3736769.0,
  "summary_bg_p05": 0.0,
  "summary_bg_p95": 68.66738323867321,
  "summary_bg_stdv": 23.883402959477387,
  "summary_csf_k": 0.6291808185342433,
  "summary_csf_mad": 70.55470573284957,
  "summary_csf_mean": 547.2800023913071,
  "summary_csf_median": 545.5043629258871,
  "summary_csf_n": 92412.0,
  "summary_csf_p05": 430.7490897923708,
  "summary_csf_p95": 669.2259338118135,
  "summary_csf_stdv": 73.58991327185059,
  "summary_gm_k": 0.07965298310153557,
  "summary_gm_mad": 53.35743761878664,
  "summary_gm_mean": 317.32955876775037,
  "summary_gm_median": 316.92271986603737,
  "summary_gm_n": 505172.0,
  "summary_gm_p05": 229.0818217098713,
  "summary_gm_p95": 406.8596047461033,
  "summary_gm_stdv": 53.98070829110415,
  "summary_wm_k": 3.2114608990892357,
  "summary_wm_mad": 175.8217616836126,
  "summary_wm_mean": 926.6933814099793,
  "summary_wm_median": 999.9523935168982,
  "summary_wm_n": 59401.0,
  "summary_wm_p05": 376.7536136209965,
  "summary_wm_p95": 1169.536773905158,
  "summary_wm_stdv": 244.39164235080958,
  "tpm_overlap_csf": 0.10858247640884187,
  "tpm_overlap_gm": 0.3292691651707319,
  "tpm_overlap_wm": 0.03234801590934209,
  "wm2max": 0.8596209397829283
}