{
  "bids_meta": {
    "BodyPartExamined": "HEAD",
    "ConversionSoftware": "dcm2niix",
    "ConversionSoftwareVersion": "v1.0.20170411 GCC4.4.7",
    "EchoTime": 0.00374,
    "FlipAngle": 8,
    "ImageType": [
      "ORIGINAL",
      "PRIMARY",
      "M",
      "ND",
      "NORM"
    ],
    "InversionTime": 1,
    "MagneticFieldStrength": 3,
    "Manufacturer": "Siemens",
    "ManufacturersModelName": "TrioTim",
    "PhaseEncodingDirection": "i-",
    "ProcedureStepDescription": "head_Dosenbach_MSC",
    "ProtocolName": "T1_.8x.8x.8_224Slices",
    "RepetitionTime": 2.4,
    "ScanningSequence": "GR_IR",
    "SequenceName": "_tfl3d1_ns",
    "SequenceVariant": "SP_MP_OSP",
    "SeriesDescription": "T1_.8x.8x.8_224Slices",
    "dataset": "ds000224",
    "modality": "T1w",
    "run_id": 2,
    "session_id": "struct02",
    "subject_id": "MSC02"
  },
  "cjv": 0.5672152662753625,
  "cnr": 2.403975702584732,
  "efc": 0.6609872189670558,
  "fber": 2636.917342541475,
  "fwhm_avg": 3.7373903003012288,
  "fwhm_x": 3.7793045594402717,
  "fwhm_y": 3.8663992195121955,
  "fwhm_z": 3.5664671219512196,
  "icvs_csf": 0.19052890849931525,
  "icvs_gm": 0.37594812798236954,
  "icvs_wm": 0.43352296351831515,
  "inu_med": 0.688514769077301,
  "inu_range": 0.39764222502708435,
  "provenance": {
    "md5sum": "b3ce3fe8bbcf365960842dfdca715201",
    "settings": {
      "testing": false
    },
    "software": "mriqc",
    "version": "22.0.6",
    "warnings": {
      "large_rot_frame": true,
      "small_air_mask": false
    },
    "webapi_port": null,
    "webapi_url": "https://mriqc.nimh.nih.gov/api/v1"
  },
  "qi_1": 0.0,
  "qi_2": 0.0017812498078638886,
  "rpve_csf": 16.11868033428457,
  "rpve_gm": 7.829631033556108,
  "rpve_wm": 7.98990689187809,
  "size_x": 224,
  "size_y": 256,
  "size_z": 256,
  "snr_csf": 2.1951764011683905,
  "snr_gm": 8.959489542606283,
  "snr_total": 7.853633445080713,
  "snr_wm": 12.406234391467466,
  "snrd_csf": 20.02575182642909,
  "snrd_gm": 49.157109588959855,
  "snrd_total": 45.81556688396298,
  "snrd_wm": 68.2638392365,
  "spacing_x": 0.8000016808509827,
  "spacing_y": 0.80078125,
  "spacing_z": 0.80078125,
  "summary_bg_k": 9.885886651140172,
  "summary_bg_mad": 9.59811334985012,
  "summary_bg_mean": 16.566150382094143,
  "summary_bg_median": 6.473829075694084,
  "summary_bg_n": 3289679.0,
  "summary_bg_p05": 0.0,
  "summary_bg_p95": 65.11707862839103,
  "summary_bg_stdv": 24.479592525587744,
  "summary_csf_k": 1.2425624132679527,
  "summary_csf_mad": 125.13285010895024,
  "summary_csf_mean": 303.7538548851879,
  "summary_csf_median": 293.38842406868935,
  "summary_csf_n": 104401.0,
  "summary_csf_p05": 99.552339669317,
  "summary_csf_p95": 538.2920005917549,
  "summary_csf_stdv": 133.6507712116683,
  "summary_gm_k": 0.04672441946039951,
  "summary_gm_mad": 79.59286549157626,
  "summary_gm_mean": 721.3301601282178,
  "summary_gm_median": 720.1790494099259,
  "summary_gm_n": 53879.0,
  "summary_gm_p05": 589.6315312776715,
  "summary_gm_p95": 854.9930963851511,
  "summary_gm_stdv": 80.38095950155495,
  "summary_wm_k": 0.36626895212866595,
  "summary_wm_mad": 79.18443513626349,
  "summary_wm_mean": 1003.4441331353139,
  "summary_wm_median": 1000.1032864116132,
  "summary_wm_n": 595358.0,
  "summary_wm_p05": 877.5826276279986,
  "summary_wm_p95": 1140.4958456754684,
  "summary_wm_stdv": 80.61289307749378,
  "tpm_overlap_csf": 0.15941510993761912,
  "tpm_overlap_gm": 0.42725926693438687,
  "tpm_overlap_wm": 0.5011795046733482,
  "wm2max": 0.6143026354752739
}