{
  "bids_meta": {
    "BodyPartExamined": "HEAD",
    "ConversionSoftware": "dcm2niix",
    "ConversionSoftwareVersion": "v1.0.20170411 GCC4.4.7",
    "EchoTime": 0.00374,
    "FlipAngle": 8,
    "ImageType": [
      "ORIGINAL",
      "PRIMARY",
      "M",
      "ND",
      "NORM"
    ],
    "InversionTime": 1,
    "MagneticFieldStrength": 3,
    "Manufacturer": "Siemens",
    "ManufacturersModelName": "TrioTim",
    "PhaseEncodingDirection": "i-",
    "ProcedureStepDescription": "head_Dosenbach_MSC",
    "ProtocolName": "T1_.8x.8x.8_224Slices",
    "RepetitionTime": 2.4,
    "ScanningSequence": "GR_IR",
    "SequenceName": "_tfl3d1_ns",
    "SequenceVariant": "SP_MP_OSP",
    "SeriesDescription": "T1_.8x.8x.8_224Slices",
    "dataset": "ds000224",
    "modality": "T1w",
    "run_id": 1,
    "session_id": "struct02",
    "subject_id": "MSC02"
  },
  "cjv": 0.5596465713074092,
  "cnr": 2.44216196459633,
  "efc": 0.6559234496240822,
  "fber": 2527.7689940828404,
  "fwhm_avg": 3.7407365362896776,
  "fwhm_x": 3.790604535698302,
  "fwhm_y": 3.8674981463414637,
  "fwhm_z": 3.564106926829268,
  "icvs_csf": 0.18955270288049883,
  "icvs_gm": 0.387118529017081,
  "icvs_wm": 0.42332876810242015,
  "inu_med": 0.7188109159469604,
  "inu_range": 0.41471544504165636,
  "provenance": {
    "md5sum": "084c1b64b8508f265c9aa878e19f4178",
    "settings": {
      "testing": false
    },
    "software": "mriqc",
    "version": "22.0.6",
    "warnings": {
      "large_rot_frame": true,
      "small_air_mask": false
    },
    "webapi_port": null,
    "webapi_url": "https://mriqc.nimh.nih.gov/api/v1"
  },
  "qi_1": 0.0,
  "qi_2": 0.0023523647176327054,
  "rpve_csf": 16.16603204708451,
  "rpve_gm": 7.797747388766931,
  "rpve_wm": 8.240664839733855,
  "size_x": 224,
  "size_y": 256,
  "size_z": 256,
  "snr_csf": 2.19197307384095,
  "snr_gm": 9.21275287056582,
  "snr_total": 8.21860328253944,
  "snr_wm": 13.25108390321155,
  "snrd_csf": 18.48041728168334,
  "snrd_gm": 48.63486881516614,
  "snrd_total": 44.65715255999495,
  "snrd_wm": 66.85617158313535,
  "spacing_x": 0.8000016808509827,
  "spacing_y": 0.80078125,
  "spacing_z": 0.80078125,
  "summary_bg_k": 13.720332562234656,
  "summary_bg_mad": 9.799869467158883,
  "summary_bg_mean": 15.823126173772417,
  "summary_bg_median": 6.609911508858204,
  "summary_bg_n": 3179476.0,
  "summary_bg_p05": 0.0,
  "summary_bg_p95": 61.219546906650066,
  "summary_bg_stdv": 22.906434827990132,
  "summary_csf_k": 1.107681978695373,
  "summary_csf_mad": 112.98069406640765,
  "summary_csf_mean": 286.1767082550113,
  "summary_csf_median": 276.4396499097347,
  "summary_csf_n": 103797.0,
  "summary_csf_p05": 91.29291392862797,
  "summary_csf_p95": 511.0395981743932,
  "summary_csf_stdv": 126.1139206359413,
  "summary_gm_k": 0.04779659846916129,
  "summary_gm_mad": 77.88587356621564,
  "summary_gm_mean": 727.4463370515151,
  "summary_gm_median": 727.5055483728647,
  "summary_gm_n": 56662.0,
  "summary_gm_p05": 596.2070967257023,
  "summary_gm_p95": 858.4579313546419,
  "summary_gm_stdv": 78.96653029449764,
  "summary_wm_k": 0.21444933913134712,
  "summary_wm_mad": 74.65345588856637,
  "summary_wm_mean": 1003.032319627973,
  "summary_wm_median": 1000.0692292302847,
  "summary_wm_n": 605057.0,
  "summary_wm_p05": 884.0324057266116,
  "summary_wm_p95": 1130.7793641462922,
  "summary_wm_stdv": 75.47068678373788,
  "tpm_overlap_csf": 0.1526350723727748,
  "tpm_overlap_gm": 0.4245490472624159,
  "tpm_overlap_wm": 0.5005453718552103,
  "wm2max": 0.594511576841546
}