{
  "bids_meta": {
    "BodyPartExamined": "HEAD",
    "ConversionSoftware": "dcm2niix",
    "ConversionSoftwareVersion": "v1.0.20170411 GCC4.4.7",
    "EchoTime": 0.479,
    "FlipAngle": 120,
    "ImageType": [
      "ORIGINAL",
      "PRIMARY",
      "M",
      "ND",
      "NORM"
    ],
    "MagneticFieldStrength": 3,
    "Manufacturer": "Siemens",
    "ManufacturersModelName": "TrioTim",
    "PhaseEncodingDirection": "i-",
    "ProcedureStepDescription": "head_Dosenbach_MSC",
    "ProtocolName": "T2_.8x.8x.8_224Slices",
    "RepetitionTime": 3.2,
    "ScanningSequence": "SE",
    "SequenceName": "_spc3d1_282ns",
    "SequenceVariant": "SK_SP",
    "SeriesDescription": "T2_.8x.8x.8_224Slices",
    "dataset": "ds000224",
    "modality": "T2w",
    "run_id": 2,
    "session_id": "struct01",
    "subject_id": "MSC10"
  },
  "cjv": 0.2308237275215771,
  "cnr": 2.51246911581108,
  "efc": 0.5759090800537857,
  "fber": 5761.97775147929,
  "fwhm_avg": 2.474016837066683,
  "fwhm_x": 2.3116036819317554,
  "fwhm_y": 2.723914926829268,
  "fwhm_z": 2.386531902439024,
  "icvs_csf": 0.28618229060980227,
  "icvs_gm": 0.6246174822610892,
  "icvs_wm": 0.08920022712910854,
  "inu_med": 0.9871967434883118,
  "inu_range": 0.4488190293312072,
  "provenance": {
    "md5sum": "238756a2dc29a45138ecd7a369a372ba",
    "settings": {
      "testing": false
    },
    "software": "mriqc",
    "version": "22.0.6",
    "warnings": {
      "large_rot_frame": true,
      "small_air_mask": false
    },
    "webapi_port": null,
    "webapi_url": "https://mriqc.nimh.nih.gov/api/v1"
  },
  "qi_1": 0.00011468743880655193,
  "qi_2": 0.01481705821187872,
  "rpve_csf": 9.549766465355152,
  "rpve_gm": 5.716370874504817,
  "rpve_wm": 39.58164040019778,
  "size_x": 224,
  "size_y": 256,
  "size_z": 256,
  "snr_csf": 5.327623975611107,
  "snr_gm": 6.0074064393645825,
  "snr_total": 5.031100578217917,
  "snr_wm": 3.7582713196780615,
  "snrd_csf": 47.79569482397441,
  "snrd_gm": 22.820900733427088,
  "snrd_total": 47.45949265152822,
  "snrd_wm": 71.76188239718316,
  "spacing_x": 0.8000030517578125,
  "spacing_y": 0.80078125,
  "spacing_z": 0.80078125,
  "summary_bg_k": 24.306786584186533,
  "summary_bg_mad": 0.0,
  "summary_bg_mean": 5.065672197635692,
  "summary_bg_median": 0.0,
  "summary_bg_n": 4038847.0,
  "summary_bg_p05": 0.0,
  "summary_bg_p95": 22.268935756757855,
  "summary_bg_stdv": 9.131108374422393,
  "summary_csf_k": 0.09476397918380375,
  "summary_csf_mad": 138.167142042708,
  "summary_csf_mean": 659.5738770162087,
  "summary_csf_median": 666.1630604993552,
  "summary_csf_n": 69693.0,
  "summary_csf_p05": 461.3851969819516,
  "summary_csf_p95": 847.8837073482573,
  "summary_csf_stdv": 125.03853204799798,
  "summary_gm_k": 0.15962382620370175,
  "summary_gm_mad": 51.974998686648384,
  "summary_gm_mean": 319.11717156703196,
  "summary_gm_median": 318.0713478885591,
  "summary_gm_n": 677649.0,
  "summary_gm_p05": 233.81287709996104,
  "summary_gm_p95": 407.9704065345223,
  "summary_gm_stdv": 52.9464946997539,
  "summary_wm_k": 4.657483707416446,
  "summary_wm_mad": 105.47580932724584,
  "summary_wm_mean": 928.4480221956038,
  "summary_wm_median": 1000.197096850723,
  "summary_wm_n": 24455.0,
  "summary_wm_p05": 128.33213243186475,
  "summary_wm_p95": 1130.9707104397937,
  "summary_wm_stdv": 266.1267805914906,
  "tpm_overlap_csf": 0.11558273008872405,
  "tpm_overlap_gm": 0.3818633882225727,
  "tpm_overlap_wm": 0.025626770429331036,
  "wm2max": 0.899775440255289
}