{
  "bids_meta": {
    "BodyPartExamined": "HEAD",
    "ConversionSoftware": "dcm2niix",
    "ConversionSoftwareVersion": "v1.0.20170411 GCC4.4.7",
    "EchoTime": 0.00374,
    "FlipAngle": 8,
    "ImageType": [
      "ORIGINAL",
      "PRIMARY",
      "M",
      "ND",
      "NORM"
    ],
    "InversionTime": 1,
    "MagneticFieldStrength": 3,
    "Manufacturer": "Siemens",
    "ManufacturersModelName": "TrioTim",
    "PhaseEncodingDirection": "i-",
    "ProcedureStepDescription": "head_Dosenbach_MSC",
    "ProtocolName": "T1_.8x.8x.8_224Slices",
    "RepetitionTime": 2.4,
    "ScanningSequence": "GR_IR",
    "SequenceName": "_tfl3d1_ns",
    "SequenceVariant": "SP_MP_OSP",
    "SeriesDescription": "T1_.8x.8x.8_224Slices",
    "dataset": "ds000224",
    "modality": "T1w",
    "run_id": 2,
    "session_id": "struct01",
    "subject_id": "MSC10"
  },
  "cjv": 0.5257946810443226,
  "cnr": 2.583405894165799,
  "efc": 0.6366116765046411,
  "fber": 3217.425323183391,
  "fwhm_avg": 3.7781377884588765,
  "fwhm_x": 3.87873180440102,
  "fwhm_y": 3.8926236097560976,
  "fwhm_z": 3.563057951219512,
  "icvs_csf": 0.22265882880131582,
  "icvs_gm": 0.3904643074043501,
  "icvs_wm": 0.3868768637943341,
  "inu_med": 0.6121288239955902,
  "inu_range": 0.32335811108350754,
  "provenance": {
    "md5sum": "c8cbdf4e3cce18c5855329f16fb0d4a4",
    "settings": {
      "testing": false
    },
    "software": "mriqc",
    "version": "22.0.6",
    "warnings": {
      "large_rot_frame": true,
      "small_air_mask": false
    },
    "webapi_port": null,
    "webapi_url": "https://mriqc.nimh.nih.gov/api/v1"
  },
  "qi_1": 0.0,
  "qi_2": 0.003410777883879185,
  "rpve_csf": 14.63677854078463,
  "rpve_gm": 7.9962237650164605,
  "rpve_wm": 9.180055396402018,
  "size_x": 224,
  "size_y": 256,
  "size_z": 256,
  "snr_csf": 2.2144626520294857,
  "snr_gm": 9.802853290846805,
  "snr_total": 8.892209012374613,
  "snr_wm": 14.659311094247547,
  "snrd_csf": 23.580472349097406,
  "snrd_gm": 61.30355688472131,
  "snrd_total": 56.13407964828726,
  "snrd_wm": 83.51820971104306,
  "spacing_x": 0.799996018409729,
  "spacing_y": 0.80078125,
  "spacing_z": 0.80078125,
  "summary_bg_k": 7.81765677486756,
  "summary_bg_mad": 7.8449003301400975,
  "summary_bg_mean": 12.528400071407098,
  "summary_bg_median": 5.291304863989353,
  "summary_bg_n": 3023534.0,
  "summary_bg_p05": 0.0,
  "summary_bg_p95": 50.67768455296755,
  "summary_bg_stdv": 18.45808506378675,
  "summary_csf_k": 0.9306279168741503,
  "summary_csf_mad": 119.26765582132779,
  "summary_csf_mean": 292.1045149615171,
  "summary_csf_median": 282.3632686510682,
  "summary_csf_n": 152410.0,
  "summary_csf_p05": 96.43190896511078,
  "summary_csf_p95": 517.5858212411404,
  "summary_csf_stdv": 127.50828832578344,
  "summary_gm_k": 0.11505484493322271,
  "summary_gm_mad": 73.75045337104969,
  "summary_gm_mean": 734.5064689127111,
  "summary_gm_median": 734.0765886977315,
  "summary_gm_n": 59497.0,
  "summary_gm_p05": 610.8486064374447,
  "summary_gm_p95": 858.7250175043939,
  "summary_gm_stdv": 74.88334241779982,
  "summary_wm_k": 0.4493474951556564,
  "summary_wm_mad": 66.11530973422884,
  "summary_wm_mean": 1000.3483736687043,
  "summary_wm_median": 1000.0849150419235,
  "summary_wm_n": 524650.0,
  "summary_wm_p05": 890.2125258073211,
  "summary_wm_p95": 1112.9000620618463,
  "summary_wm_stdv": 68.22175718316598,
  "tpm_overlap_csf": 0.15657415206261993,
  "tpm_overlap_gm": 0.43004497259969654,
  "tpm_overlap_wm": 0.49628204389640046,
  "wm2max": 0.6963237322195516
}