{
  "bids_meta": {
    "BodyPartExamined": "HEAD",
    "ConversionSoftware": "dcm2niix",
    "ConversionSoftwareVersion": "v1.0.20170411 GCC4.4.7",
    "EchoTime": 0.479,
    "FlipAngle": 120,
    "ImageType": [
      "ORIGINAL",
      "PRIMARY",
      "M",
      "ND",
      "NORM"
    ],
    "MagneticFieldStrength": 3,
    "Manufacturer": "Siemens",
    "ManufacturersModelName": "TrioTim",
    "PhaseEncodingDirection": "i-",
    "ProcedureStepDescription": "head_Dosenbach_MSC",
    "ProtocolName": "T2_.8x.8x.8_224Slices",
    "RepetitionTime": 3.2,
    "ScanningSequence": "SE",
    "SequenceName": "_spc3d1_282ns",
    "SequenceVariant": "SK_SP",
    "SeriesDescription": "T2_.8x.8x.8_224Slices",
    "dataset": "ds000224",
    "modality": "T2w",
    "run_id": 1,
    "session_id": "struct01",
    "subject_id": "MSC10"
  },
  "cjv": 0.1940632543125682,
  "cnr": 2.63793333032578,
  "efc": 0.5757646207240038,
  "fber": 5360.692300225679,
  "fwhm_avg": 2.420316980542792,
  "fwhm_x": 2.2531164050430106,
  "fwhm_y": 2.673114536585366,
  "fwhm_z": 2.33472,
  "icvs_csf": 0.2913867083544652,
  "icvs_gm": 0.6192621855177856,
  "icvs_wm": 0.08935110612774919,
  "inu_med": 0.9840553998947144,
  "inu_range": 0.3367580890655516,
  "provenance": {
    "md5sum": "ca2c353a3ef907dec113bb68316eb8bb",
    "settings": {
      "testing": false
    },
    "software": "mriqc",
    "version": "22.0.6",
    "warnings": {
      "large_rot_frame": true,
      "small_air_mask": false
    },
    "webapi_port": null,
    "webapi_url": "https://mriqc.nimh.nih.gov/api/v1"
  },
  "qi_1": 1.4309232704988247e-05,
  "qi_2": 0.012459175418380087,
  "rpve_csf": 9.408842998474443,
  "rpve_gm": 5.707940345736236,
  "rpve_wm": 38.89522651035677,
  "size_x": 224,
  "size_y": 256,
  "size_z": 256,
  "snr_csf": 5.231678948187278,
  "snr_gm": 5.547539430975157,
  "snr_total": 4.868445913658138,
  "snr_wm": 3.8261193618119793,
  "snrd_csf": 40.020585471153204,
  "snrd_gm": 18.460998402681806,
  "snrd_total": 40.29643801358819,
  "snrd_wm": 62.407730166929554,
  "spacing_x": 0.8000030517578125,
  "spacing_y": 0.80078125,
  "spacing_z": 0.80078125,
  "summary_bg_k": 16.931730154104976,
  "summary_bg_mad": 0.0,
  "summary_bg_mean": 5.669149286863947,
  "summary_bg_median": 0.0,
  "summary_bg_n": 3816102.0,
  "summary_bg_p05": 0.0,
  "summary_bg_p95": 27.55889505520463,
  "summary_bg_stdv": 10.498533026099812,
  "summary_csf_k": 0.07075034108039446,
  "summary_csf_mad": 133.38602339090187,
  "summary_csf_mean": 631.6310756633461,
  "summary_csf_median": 641.328184928745,
  "summary_csf_n": 72783.0,
  "summary_csf_p05": 433.7347660895437,
  "summary_csf_p95": 814.6791181728241,
  "summary_csf_stdv": 122.5846970943166,
  "summary_gm_k": 0.15205298149345658,
  "summary_gm_mad": 52.330679154263535,
  "summary_gm_mean": 297.56557364150007,
  "summary_gm_median": 295.83671648427844,
  "summary_gm_n": 635872.0,
  "summary_gm_p05": 212.5304618664086,
  "summary_gm_p95": 388.11941296979785,
  "summary_gm_stdv": 53.32751349355116,
  "summary_wm_k": 5.1526214517657465,
  "summary_wm_mad": 84.33730282571472,
  "summary_wm_mean": 923.4064823045576,
  "summary_wm_median": 1000.0812292546034,
  "summary_wm_n": 23773.0,
  "summary_wm_p05": 116.41754606813197,
  "summary_wm_p95": 1100.495526020229,
  "summary_wm_stdv": 261.37715541311957,
  "tpm_overlap_csf": 0.1160312484863476,
  "tpm_overlap_gm": 0.3818147021242428,
  "tpm_overlap_wm": 0.02989210422949199,
  "wm2max": 0.9257783125281998
}