{
  "aor": 0.0019135576923076925,
  "aqi": 0.003876433461538462,
  "bids_meta": {
    "BodyPartExamined": "HEAD",
    "CogAtlasID": "http://www.cognitiveatlas.org/term/id/trm_550b53d7dd674",
    "ConversionSoftware": "dcm2niix",
    "ConversionSoftwareVersion": "v1.0.20170411 GCC4.4.7",
    "EchoTime": 0.027,
    "EffectiveEchoSpacing": 0.000590001,
    "FlipAngle": 90,
    "ImageType": [
      "ORIGINAL",
      "PRIMARY",
      "M",
      "ND",
      "NORM",
      "MOSAIC"
    ],
    "Instructions": "In this next scan you'll be prompted to move your hands, feet, or tongue. You'll only move one of these at once. Instructions are presented on the screen. Let?s review them now. [Read on-screen instructions to participant.] Do you have any questions?",
    "MagneticFieldStrength": 3,
    "Manufacturer": "Siemens",
    "ManufacturersModelName": "TrioTim",
    "PhaseEncodingDirection": "j-",
    "ProcedureStepDescription": "head_Dosenbach_MSC",
    "ProtocolName": "Motor_104Frames_36Slices_TR2.2",
    "RepetitionTime": 2.2,
    "ScanningSequence": "EP",
    "SequenceName": "_epfid2d1_64",
    "SequenceVariant": "SK",
    "SeriesDescription": "Motor_104Frames_36Slices_TR2.2",
    "SliceTiming": [
      1.105,
      0,
      1.1675,
      0.0625,
      1.2275,
      0.1225,
      1.29,
      0.185,
      1.35,
      0.245,
      1.4125,
      0.3075,
      1.4725,
      0.37,
      1.535,
      0.43,
      1.595,
      0.4925,
      1.6575,
      0.5525,
      1.7175,
      0.615,
      1.78,
      0.675,
      1.84,
      0.7375,
      1.9025,
      0.7975,
      1.965,
      0.86,
      2.025,
      0.92,
      2.0875,
      0.9825,
      2.1475,
      1.0425
    ],
    "SoftwareVersion": "syngo MR B17",
    "TaskName": "motor",
    "dataset": "ds000224",
    "modality": "bold",
    "run_id": 2,
    "session_id": "func08",
    "subject_id": "MSC05",
    "task_id": "motor"
  },
  "dummy_trs": 0,
  "dvars_nstd": 16.57837149194175,
  "dvars_std": 1.2666546528155345,
  "dvars_vstd": 1.006674904368932,
  "efc": 0.4203388935813511,
  "fber": 35243.59375,
  "fd_mean": 0.15550653315625834,
  "fd_num": 30,
  "fd_perc": 28.846153846153847,
  "fwhm_avg": 1.7361043342310192,
  "fwhm_x": 1.620515,
  "fwhm_y": 1.90104,
  "fwhm_z": 1.6867580026930578,
  "gcor": 0.0463427,
  "gsr_x": -0.020308924838900566,
  "gsr_y": 0.01865578070282936,
  "provenance": {
    "md5sum": "e6a9228a7b4a893f94af3b46bba66106",
    "settings": {
      "fd_thres": 0.2,
      "testing": false
    },
    "software": "mriqc",
    "version": "22.0.6",
    "webapi_port": null,
    "webapi_url": "https://mriqc.nimh.nih.gov/api/v1"
  },
  "size_t": 104,
  "size_x": 64,
  "size_y": 64,
  "size_z": 36,
  "snr": 7.9562505045635294,
  "spacing_tr": 2.200000047683716,
  "spacing_x": 4.0,
  "spacing_y": 4.0,
  "spacing_z": 3.9999988079071045,
  "summary_bg_k": 30.084527910276186,
  "summary_bg_mad": 3.0935063345480875,
  "summary_bg_mean": 21.823637008666992,
  "summary_bg_median": 4.067307949066162,
  "summary_bg_n": 100570.0,
  "summary_bg_p05": 1.519230842590332,
  "summary_bg_p95": 107.67836761474598,
  "summary_bg_stdv": 51.572933197021484,
  "summary_fg_k": 3.042664300391597,
  "summary_fg_mad": 87.41652165125078,
  "summary_fg_mean": 774.3582153320312,
  "summary_fg_median": 772.8846435546875,
  "summary_fg_n": 18323.0,
  "summary_fg_p05": 624.9307861328125,
  "summary_fg_p95": 923.503900146484,
  "summary_fg_stdv": 97.13916778564453,
  "tsnr": 106.09528885548934
}