{
  "bids_meta": {
    "BodyPartExamined": "HEAD",
    "ConversionSoftware": "dcm2niix",
    "ConversionSoftwareVersion": "v1.0.20170411 GCC4.4.7",
    "EchoTime": 0.479,
    "FlipAngle": 120,
    "ImageType": [
      "ORIGINAL",
      "PRIMARY",
      "M",
      "ND",
      "NORM"
    ],
    "MagneticFieldStrength": 3,
    "Manufacturer": "Siemens",
    "ManufacturersModelName": "TrioTim",
    "PhaseEncodingDirection": "i-",
    "ProcedureStepDescription": "head_Dosenbach_MSC",
    "ProtocolName": "T2_.8x.8x.8_224Slices",
    "RepetitionTime": 3.2,
    "ScanningSequence": "SE",
    "SequenceName": "_spc3d1_282ns",
    "SequenceVariant": "SK_SP",
    "SeriesDescription": "T2_.8x.8x.8_224Slices",
    "dataset": "ds000224",
    "modality": "T2w",
    "run_id": 2,
    "session_id": "struct02",
    "subject_id": "MSC04"
  },
  "cjv": 0.23951933608952156,
  "cnr": 2.2159578445306622,
  "efc": 0.5248829403361138,
  "fber": 9097.212841854935,
  "fwhm_avg": 2.217654180402232,
  "fwhm_x": 2.073959224133525,
  "fwhm_y": 2.4595356097560974,
  "fwhm_z": 2.119467707317073,
  "icvs_csf": 0.353624864643767,
  "icvs_gm": 0.5150118296169421,
  "icvs_wm": 0.1313633057392909,
  "inu_med": 0.9120018482208252,
  "inu_range": 0.2541985809803008,
  "provenance": {
    "md5sum": "6896f6d62fedfacf47ceedf9293aff63",
    "settings": {
      "testing": false
    },
    "software": "mriqc",
    "version": "22.0.6",
    "warnings": {
      "large_rot_frame": true,
      "small_air_mask": false
    },
    "webapi_port": null,
    "webapi_url": "https://mriqc.nimh.nih.gov/api/v1"
  },
  "qi_1": 0.0,
  "qi_2": 0.03419057430586361,
  "rpve_csf": 10.09058634095982,
  "rpve_gm": 7.823149501083656,
  "rpve_wm": 34.158441073947564,
  "size_x": 224,
  "size_y": 256,
  "size_z": 256,
  "snr_csf": 8.280509667089866,
  "snr_gm": 7.474987461796242,
  "snr_total": 6.504326462190789,
  "snr_wm": 3.7574822576862563,
  "snrd_csf": 69.84037579247725,
  "snrd_gm": 43.49454559827203,
  "snrd_total": 74.1794510675027,
  "snrd_wm": 109.20343181175882,
  "spacing_x": 0.8000012636184692,
  "spacing_y": 0.80078125,
  "spacing_z": 0.80078125,
  "summary_bg_k": 8.67417620469909,
  "summary_bg_mad": 5.999543345554925,
  "summary_bg_mean": 6.368073148535361,
  "summary_bg_median": 4.046630492433906,
  "summary_bg_n": 4369880.0,
  "summary_bg_p05": 0.0,
  "summary_bg_p95": 20.50572342798114,
  "summary_bg_stdv": 8.183131266965,
  "summary_csf_k": 0.6465669685843247,
  "summary_csf_mad": 73.14469166886393,
  "summary_csf_mean": 642.9573919817955,
  "summary_csf_median": 639.5772877782583,
  "summary_csf_n": 84905.0,
  "summary_csf_p05": 522.728211434558,
  "summary_csf_p95": 773.8247785396875,
  "summary_csf_stdv": 77.23842457188559,
  "summary_gm_k": 0.1552692344079416,
  "summary_gm_mad": 52.2550899682789,
  "summary_gm_mean": 399.0398878153489,
  "summary_gm_median": 398.31004904024303,
  "summary_gm_n": 360410.0,
  "summary_gm_p05": 312.5434979478829,
  "summary_gm_p95": 487.9020288027823,
  "summary_gm_stdv": 53.2856407447499,
  "summary_wm_k": 3.470860449166536,
  "summary_wm_mad": 91.87383605071285,
  "summary_wm_mean": 899.4912285058899,
  "summary_wm_median": 1000.0523900641128,
  "summary_wm_n": 25510.0,
  "summary_wm_p05": 159.22232967885213,
  "summary_wm_p95": 1093.4939105438068,
  "summary_wm_stdv": 266.1443807599377,
  "tpm_overlap_csf": 0.11001527841480847,
  "tpm_overlap_gm": 0.31989721100973484,
  "tpm_overlap_wm": 0.02856051736531982,
  "wm2max": 0.9052802399073775
}