{
  "bids_meta": {
    "BodyPartExamined": "HEAD",
    "ConversionSoftware": "dcm2niix",
    "ConversionSoftwareVersion": "v1.0.20170411 GCC4.4.7",
    "EchoTime": 0.00374,
    "FlipAngle": 8,
    "ImageType": [
      "ORIGINAL",
      "PRIMARY",
      "M",
      "ND",
      "NORM"
    ],
    "InversionTime": 1,
    "MagneticFieldStrength": 3,
    "Manufacturer": "Siemens",
    "ManufacturersModelName": "TrioTim",
    "PhaseEncodingDirection": "i-",
    "ProcedureStepDescription": "head_Dosenbach_MSC",
    "ProtocolName": "T1_.8x.8x.8_224Slices",
    "RepetitionTime": 2.4,
    "ScanningSequence": "GR_IR",
    "SequenceName": "_tfl3d1_ns",
    "SequenceVariant": "SP_MP_OSP",
    "SeriesDescription": "T1_.8x.8x.8_224Slices",
    "dataset": "ds000224",
    "modality": "T1w",
    "run_id": 1,
    "session_id": "struct02",
    "subject_id": "MSC04"
  },
  "cjv": 0.4327749264559716,
  "cnr": 3.1183747519126204,
  "efc": 0.5421736570718336,
  "fber": 17335.672225000002,
  "fwhm_avg": 3.8276177702396517,
  "fwhm_x": 3.910435749743345,
  "fwhm_y": 4.001517268292683,
  "fwhm_z": 3.570900292682927,
  "icvs_csf": 0.18705123016404937,
  "icvs_gm": 0.4335174509902258,
  "icvs_wm": 0.3794313188457248,
  "inu_med": 0.5049678683280945,
  "inu_range": 0.2267678678035736,
  "provenance": {
    "md5sum": "60add56b47648327c99381393390c7b5",
    "settings": {
      "testing": false
    },
    "software": "mriqc",
    "version": "22.0.6",
    "warnings": {
      "large_rot_frame": true,
      "small_air_mask": false
    },
    "webapi_port": null,
    "webapi_url": "https://mriqc.nimh.nih.gov/api/v1"
  },
  "qi_1": 0.0,
  "qi_2": 0.004347503519180222,
  "rpve_csf": 19.937478011485364,
  "rpve_gm": 8.97382621833596,
  "rpve_wm": 11.38546395443297,
  "size_x": 224,
  "size_y": 256,
  "size_z": 256,
  "snr_csf": 2.2675133972934356,
  "snr_gm": 11.549600147116863,
  "snr_total": 10.507208001809028,
  "snr_wm": 17.704510461016785,
  "snrd_csf": 35.406594762087664,
  "snrd_gm": 84.18456265214903,
  "snrd_total": 78.17201086669094,
  "snrd_wm": 114.9248751858361,
  "spacing_x": 0.7999952435493469,
  "spacing_y": 0.80078125,
  "spacing_z": 0.80078125,
  "summary_bg_k": 9.013445212535377,
  "summary_bg_mad": 5.700854466616292,
  "summary_bg_mean": 7.962187259214813,
  "summary_bg_median": 3.8451679050922394,
  "summary_bg_n": 4701171.0,
  "summary_bg_p05": 0.0,
  "summary_bg_p95": 32.940271720290184,
  "summary_bg_stdv": 12.03039402063663,
  "summary_csf_k": 0.14580287852104012,
  "summary_csf_mad": 133.2479717330448,
  "summary_csf_mean": 318.5451002608469,
  "summary_csf_median": 308.10048700869083,
  "summary_csf_n": 66871.0,
  "summary_csf_p05": 103.883619569242,
  "summary_csf_p95": 555.5114072486758,
  "summary_csf_stdv": 135.87491199610926,
  "summary_gm_k": 0.18540229176181144,
  "summary_gm_mad": 62.02529659678525,
  "summary_gm_mean": 732.1643973244005,
  "summary_gm_median": 732.5557548254728,
  "summary_gm_n": 80935.0,
  "summary_gm_p05": 626.6444500476122,
  "summary_gm_p95": 835.9138681143522,
  "summary_gm_stdv": 63.42654463354892,
  "summary_wm_k": 0.4158436450000873,
  "summary_wm_mad": 53.74005477196958,
  "summary_wm_mean": 998.6545495139318,
  "summary_wm_median": 1000.0512687563896,
  "summary_wm_n": 439161.0,
  "summary_wm_p05": 905.5883105546236,
  "summary_wm_p95": 1090.4639834314585,
  "summary_wm_stdv": 56.48561322069572,
  "tpm_overlap_csf": 0.1399454852587101,
  "tpm_overlap_gm": 0.4498504159960009,
  "tpm_overlap_wm": 0.5041953439586407,
  "wm2max": 0.7289237668161435
}