{
  "aor": 0.002052692307692308,
  "aqi": 0.004348219423076923,
  "bids_meta": {
    "BodyPartExamined": "HEAD",
    "CogAtlasID": "http://www.cognitiveatlas.org/term/id/trm_550b53d7dd674",
    "ConversionSoftware": "dcm2niix",
    "ConversionSoftwareVersion": "v1.0.20170411 GCC4.4.7",
    "EchoTime": 0.027,
    "EffectiveEchoSpacing": 0.000590001,
    "FlipAngle": 90,
    "ImageType": [
      "ORIGINAL",
      "PRIMARY",
      "M",
      "ND",
      "NORM",
      "MOSAIC"
    ],
    "Instructions": "In this next scan you'll be prompted to move your hands, feet, or tongue. You'll only move one of these at once. Instructions are presented on the screen. Let?s review them now. [Read on-screen instructions to participant.] Do you have any questions?",
    "MagneticFieldStrength": 3,
    "Manufacturer": "Siemens",
    "ManufacturersModelName": "TrioTim",
    "PhaseEncodingDirection": "j-",
    "ProcedureStepDescription": "head_Dosenbach_MSC",
    "ProtocolName": "Motor_104Frames_36Slices_TR2.2",
    "RepetitionTime": 2.2,
    "ScanningSequence": "EP",
    "SequenceName": "_epfid2d1_64",
    "SequenceVariant": "SK",
    "SeriesDescription": "Motor_104Frames_36Slices_TR2.2",
    "SliceTiming": [
      1.105,
      0,
      1.1675,
      0.0625,
      1.2275,
      0.1225,
      1.29,
      0.185,
      1.35,
      0.245,
      1.4125,
      0.3075,
      1.4725,
      0.37,
      1.535,
      0.43,
      1.595,
      0.4925,
      1.6575,
      0.5525,
      1.7175,
      0.615,
      1.78,
      0.675,
      1.84,
      0.7375,
      1.9025,
      0.7975,
      1.965,
      0.86,
      2.025,
      0.92,
      2.0875,
      0.9825,
      2.1475,
      1.0425
    ],
    "SoftwareVersion": "syngo MR B17",
    "TaskName": "motor",
    "dataset": "ds000224",
    "modality": "bold",
    "run_id": 2,
    "session_id": "func01",
    "subject_id": "MSC02",
    "task_id": "motor"
  },
  "dummy_trs": 0,
  "dvars_nstd": 17.159918757669896,
  "dvars_std": 1.2561566297087374,
  "dvars_vstd": 0.9812403914563107,
  "efc": 0.42073600128685557,
  "fber": 32948.73828125,
  "fd_mean": 0.1095809173178919,
  "fd_num": 9,
  "fd_perc": 8.653846153846153,
  "fwhm_avg": 1.7819515989541095,
  "fwhm_x": 1.6172875,
  "fwhm_y": 2.024525,
  "fwhm_z": 1.7040422968623283,
  "gcor": 0.0310648,
  "gsr_x": -0.02433924749493599,
  "gsr_y": 0.03535493090748787,
  "provenance": {
    "md5sum": "1d665ca8b1beff811274ec883b70b1c3",
    "settings": {
      "fd_thres": 0.2,
      "testing": false
    },
    "software": "mriqc",
    "version": "22.0.6",
    "webapi_port": null,
    "webapi_url": "https://mriqc.nimh.nih.gov/api/v1"
  },
  "size_t": 104,
  "size_x": 64,
  "size_y": 64,
  "size_z": 36,
  "snr": 6.941424306286865,
  "spacing_tr": 2.200000047683716,
  "spacing_x": 4.0,
  "spacing_y": 4.0,
  "spacing_z": 4.000000476837158,
  "summary_bg_k": 24.216604683781277,
  "summary_bg_mad": 2.9366931006029597,
  "summary_bg_mean": 22.314468383789062,
  "summary_bg_median": 3.817307949066162,
  "summary_bg_n": 101220.0,
  "summary_bg_p05": 1.394230842590332,
  "summary_bg_p95": 117.24182929992642,
  "summary_bg_stdv": 50.564491271972656,
  "summary_fg_k": 1.9069528775873943,
  "summary_fg_mad": 91.30835247482797,
  "summary_fg_mean": 702.3424682617188,
  "summary_fg_median": 696.7115478515625,
  "summary_fg_n": 17945.0,
  "summary_fg_p05": 550.2692626953125,
  "summary_fg_p95": 862.078857421875,
  "summary_fg_stdv": 100.36731719970703,
  "tsnr": 91.55033501796424
}