{
  "bids_meta": {
    "BodyPartExamined": "HEAD",
    "ConversionSoftware": "dcm2niix",
    "ConversionSoftwareVersion": "v1.0.20170411 GCC4.4.7",
    "EchoTime": 0.00374,
    "FlipAngle": 8,
    "ImageType": [
      "ORIGINAL",
      "PRIMARY",
      "M",
      "ND",
      "NORM"
    ],
    "InversionTime": 1,
    "MagneticFieldStrength": 3,
    "Manufacturer": "Siemens",
    "ManufacturersModelName": "TrioTim",
    "PhaseEncodingDirection": "i-",
    "ProcedureStepDescription": "head_Dosenbach_MSC",
    "ProtocolName": "T1_.8x.8x.8_224Slices",
    "RepetitionTime": 2.4,
    "ScanningSequence": "GR_IR",
    "SequenceName": "_tfl3d1_ns",
    "SequenceVariant": "SP_MP_OSP",
    "SeriesDescription": "T1_.8x.8x.8_224Slices",
    "dataset": "ds000224",
    "modality": "T1w",
    "run_id": 2,
    "session_id": "struct01",
    "subject_id": "MSC06"
  },
  "cjv": 0.5223996155167594,
  "cnr": 2.6047210722586813,
  "efc": 0.6594692799136779,
  "fber": 2377.2775537777775,
  "fwhm_avg": 3.784399713134365,
  "fwhm_x": 3.918159919890899,
  "fwhm_y": 3.887603512195122,
  "fwhm_z": 3.5474357073170735,
  "icvs_csf": 0.2044635858948102,
  "icvs_gm": 0.41790884407501555,
  "icvs_wm": 0.3776275700301742,
  "inu_med": 0.7266912162303925,
  "inu_range": 0.42450993061065667,
  "provenance": {
    "md5sum": "4d4aa7d824a6a95f896b9caf572ed97b",
    "settings": {
      "testing": false
    },
    "software": "mriqc",
    "version": "22.0.6",
    "warnings": {
      "large_rot_frame": true,
      "small_air_mask": false
    },
    "webapi_port": null,
    "webapi_url": "https://mriqc.nimh.nih.gov/api/v1"
  },
  "qi_1": 0.0,
  "qi_2": 0.0031870249117441976,
  "rpve_csf": 16.413210360571718,
  "rpve_gm": 7.978983053103677,
  "rpve_wm": 9.755877320083238,
  "size_x": 224,
  "size_y": 256,
  "size_z": 256,
  "snr_csf": 2.2925873558798497,
  "snr_gm": 10.02091277170153,
  "snr_total": 8.836232805275854,
  "snr_wm": 14.19519828824618,
  "snrd_csf": 18.840275181817177,
  "snrd_gm": 49.043967937315664,
  "snrd_total": 45.00425541498839,
  "snrd_wm": 67.12852312583233,
  "spacing_x": 0.7999954223632812,
  "spacing_y": 0.80078125,
  "spacing_z": 0.80078125,
  "summary_bg_k": 8.556527488605552,
  "summary_bg_mad": 9.760164647997929,
  "summary_bg_mean": 14.064520474134731,
  "summary_bg_median": 6.583131015300751,
  "summary_bg_n": 2520143.0,
  "summary_bg_p05": 0.0,
  "summary_bg_p95": 55.61997624859214,
  "summary_bg_stdv": 20.47906255161037,
  "summary_csf_k": 0.6475565147008102,
  "summary_csf_mad": 116.95560933311154,
  "summary_csf_mean": 287.10582041227855,
  "summary_csf_median": 280.68076783418655,
  "summary_csf_n": 110345.0,
  "summary_csf_p05": 91.8646009862423,
  "summary_csf_p95": 495.1187798269093,
  "summary_csf_stdv": 122.42913897204313,
  "summary_gm_k": 0.10418328204570759,
  "summary_gm_mad": 71.92575879803019,
  "summary_gm_mean": 729.9246795254804,
  "summary_gm_median": 730.6527343913913,
  "summary_gm_n": 78214.0,
  "summary_gm_p05": 608.6777898408473,
  "summary_gm_p95": 849.3492048880082,
  "summary_gm_stdv": 72.91232646823434,
  "summary_wm_k": 0.24849196289471154,
  "summary_wm_mad": 68.8202518645763,
  "summary_wm_mean": 1002.2473251393611,
  "summary_wm_median": 1000.0748520232737,
  "summary_wm_n": 478288.0,
  "summary_wm_p05": 889.9196199774742,
  "summary_wm_p95": 1121.189501043409,
  "summary_wm_stdv": 70.45155595870112,
  "tpm_overlap_csf": 0.14011040276301268,
  "tpm_overlap_gm": 0.44719795551957725,
  "tpm_overlap_wm": 0.4958051667872184,
  "wm2max": 0.6025782605756012
}