{
  "bids_meta": {
    "BodyPartExamined": "HEAD",
    "ConversionSoftware": "dcm2niix",
    "ConversionSoftwareVersion": "v1.0.20170411 GCC4.4.7",
    "EchoTime": 0.479,
    "FlipAngle": 120,
    "ImageType": [
      "ORIGINAL",
      "PRIMARY",
      "M",
      "ND",
      "NORM"
    ],
    "MagneticFieldStrength": 3,
    "Manufacturer": "Siemens",
    "ManufacturersModelName": "TrioTim",
    "PhaseEncodingDirection": "i-",
    "ProcedureStepDescription": "head_Dosenbach_MSC",
    "ProtocolName": "T2_.8x.8x.8_224Slices",
    "RepetitionTime": 3.2,
    "ScanningSequence": "SE",
    "SequenceName": "_spc3d1_282ns",
    "SequenceVariant": "SK_SP",
    "SeriesDescription": "T2_.8x.8x.8_224Slices",
    "dataset": "ds000224",
    "modality": "T2w",
    "run_id": 2,
    "session_id": "struct01",
    "subject_id": "MSC06"
  },
  "cjv": 0.178394530674296,
  "cnr": 2.2525105438433535,
  "efc": 0.5838217303785614,
  "fber": 6873.199546485261,
  "fwhm_avg": 2.325285448357907,
  "fwhm_x": 2.183386491415184,
  "fwhm_y": 2.5592757073170733,
  "fwhm_z": 2.2331941463414635,
  "icvs_csf": 0.33176933439393397,
  "icvs_gm": 0.5784649991958771,
  "icvs_wm": 0.08976566641018892,
  "inu_med": 0.9311032891273499,
  "inu_range": 0.2976246148347854,
  "provenance": {
    "md5sum": "665ec4386c37ac369ca6467df3315bb4",
    "settings": {
      "testing": false
    },
    "software": "mriqc",
    "version": "22.0.6",
    "warnings": {
      "large_rot_frame": true,
      "small_air_mask": false
    },
    "webapi_port": null,
    "webapi_url": "https://mriqc.nimh.nih.gov/api/v1"
  },
  "qi_1": 0.0008613505613018815,
  "qi_2": 0.01077472371586075,
  "rpve_csf": 8.94750750533692,
  "rpve_gm": 6.261356678544386,
  "rpve_wm": 42.78347433629352,
  "size_x": 224,
  "size_y": 256,
  "size_z": 256,
  "snr_csf": 5.637149989761867,
  "snr_gm": 6.094435328800053,
  "snr_total": 5.069983395389433,
  "snr_wm": 3.4783648676063788,
  "snrd_csf": 47.99845303312401,
  "snrd_gm": 25.304883917722112,
  "snrd_total": 49.23874785376206,
  "snrd_wm": 74.41290661044006,
  "spacing_x": 0.8000003695487976,
  "spacing_y": 0.80078125,
  "spacing_z": 0.80078125,
  "summary_bg_k": 37.05398217898879,
  "summary_bg_mad": 0.0,
  "summary_bg_mean": 5.455281081955554,
  "summary_bg_median": 0.0,
  "summary_bg_n": 3866431.0,
  "summary_bg_p05": 0.0,
  "summary_bg_p95": 21.23192342557013,
  "summary_bg_stdv": 8.80444695980625,
  "summary_csf_k": 0.04633621531290544,
  "summary_csf_mad": 116.35290987160843,
  "summary_csf_mean": 658.3421821260511,
  "summary_csf_median": 645.0562568083405,
  "summary_csf_n": 92627.0,
  "summary_csf_p05": 490.92663307115436,
  "summary_csf_p95": 853.0412649197503,
  "summary_csf_stdv": 114.42888267308989,
  "summary_gm_k": 0.11595033275268252,
  "summary_gm_mad": 55.36530764570393,
  "summary_gm_mean": 342.0069100444159,
  "summary_gm_median": 340.0749954935163,
  "summary_gm_n": 543823.0,
  "summary_gm_p05": 253.64756956137717,
  "summary_gm_p95": 436.5720521118492,
  "summary_gm_stdv": 55.80085183866708,
  "summary_wm_k": 3.1540980914780956,
  "summary_wm_mad": 62.369352588835156,
  "summary_wm_mean": 896.0678606262198,
  "summary_wm_median": 1000.0428756158799,
  "summary_wm_n": 15728.0,
  "summary_wm_p05": 105.03910290468484,
  "summary_wm_p95": 1080.591351206973,
  "summary_wm_stdv": 287.49459052529136,
  "tpm_overlap_csf": 0.11522869071464573,
  "tpm_overlap_gm": 0.35820438494099,
  "tpm_overlap_wm": 0.020559219301929936,
  "wm2max": 0.9133369858725003
}