{
  "bids_meta": {
    "BodyPartExamined": "HEAD",
    "ConversionSoftware": "dcm2niix",
    "ConversionSoftwareVersion": "v1.0.20170411 GCC4.4.7",
    "EchoTime": 0.479,
    "FlipAngle": 120,
    "ImageType": [
      "ORIGINAL",
      "PRIMARY",
      "M",
      "ND",
      "NORM"
    ],
    "MagneticFieldStrength": 3,
    "Manufacturer": "Siemens",
    "ManufacturersModelName": "TrioTim",
    "PhaseEncodingDirection": "i-",
    "ProcedureStepDescription": "head_Dosenbach_MSC",
    "ProtocolName": "T2_.8x.8x.8_224Slices",
    "RepetitionTime": 3.2,
    "ScanningSequence": "SE",
    "SequenceName": "_spc3d1_282ns",
    "SequenceVariant": "SK_SP",
    "SeriesDescription": "T2_.8x.8x.8_224Slices",
    "dataset": "ds000224",
    "modality": "T2w",
    "run_id": 3,
    "session_id": "struct01",
    "subject_id": "MSC06"
  },
  "cjv": 0.22334010071628516,
  "cnr": 2.299446133162738,
  "efc": 0.5876636882849609,
  "fber": 6172.11575465266,
  "fwhm_avg": 2.3301429767462114,
  "fwhm_x": 2.17836571072644,
  "fwhm_y": 2.5770083902439023,
  "fwhm_z": 2.2350548292682926,
  "icvs_csf": 0.3260741135933752,
  "icvs_gm": 0.579857928859543,
  "icvs_wm": 0.0940679575470818,
  "inu_med": 0.9590259790420532,
  "inu_range": 0.31563283205032344,
  "provenance": {
    "md5sum": "8e9ebc47ac15fde5019f2ae5b613e08c",
    "settings": {
      "testing": false
    },
    "software": "mriqc",
    "version": "22.0.6",
    "warnings": {
      "large_rot_frame": true,
      "small_air_mask": false
    },
    "webapi_port": null,
    "webapi_url": "https://mriqc.nimh.nih.gov/api/v1"
  },
  "qi_1": 0.0,
  "qi_2": 0.01123928334232295,
  "rpve_csf": 9.006803408038897,
  "rpve_gm": 6.22306870191924,
  "rpve_wm": 40.42023860423419,
  "size_x": 224,
  "size_y": 256,
  "size_z": 256,
  "snr_csf": 5.764165083978661,
  "snr_gm": 6.06891857586715,
  "snr_total": 5.1275232606556065,
  "snr_wm": 3.549486122121008,
  "snrd_csf": 49.61856264867452,
  "snrd_gm": 26.330837207555177,
  "snrd_total": 51.18597364070174,
  "snrd_wm": 77.60852106587554,
  "spacing_x": 0.7999942302703857,
  "spacing_y": 0.80078125,
  "spacing_z": 0.80078125,
  "summary_bg_k": 81.88956633532472,
  "summary_bg_mad": 0.0,
  "summary_bg_mean": 4.719391910254984,
  "summary_bg_median": 0.0,
  "summary_bg_n": 3559120.0,
  "summary_bg_p05": 0.0,
  "summary_bg_p95": 20.34721304476261,
  "summary_bg_stdv": 8.4417337168548,
  "summary_csf_k": 0.0555536727220205,
  "summary_csf_mad": 114.90151138802557,
  "summary_csf_mean": 650.621319608056,
  "summary_csf_median": 639.35799215734,
  "summary_csf_n": 87455.0,
  "summary_csf_p05": 486.20600210130215,
  "summary_csf_p95": 835.8321423634887,
  "summary_csf_stdv": 110.91881087337721,
  "summary_gm_k": 0.10861572039002532,
  "summary_gm_mad": 55.427953927131824,
  "summary_gm_mean": 340.99523011487554,
  "summary_gm_median": 339.2849431782961,
  "summary_gm_n": 544784.0,
  "summary_gm_p05": 252.13785119354725,
  "summary_gm_p95": 435.542086198926,
  "summary_gm_stdv": 55.905286509082885,
  "summary_wm_k": 3.5284575769717392,
  "summary_wm_mad": 92.14100961737287,
  "summary_wm_mean": 913.1681959407523,
  "summary_wm_median": 1000.0214749127626,
  "summary_wm_n": 16920.0,
  "summary_wm_p05": 115.72557991594078,
  "summary_wm_p95": 1111.2339269511401,
  "summary_wm_stdv": 281.7286470799163,
  "tpm_overlap_csf": 0.11501506251920161,
  "tpm_overlap_gm": 0.35921890340659923,
  "tpm_overlap_wm": 0.02239190257407202,
  "wm2max": 0.8952126329557039
}