{
  "bids_meta": {
    "BodyPartExamined": "HEAD",
    "ConversionSoftware": "dcm2niix",
    "ConversionSoftwareVersion": "v1.0.20170411 GCC4.4.7",
    "EchoTime": 0.00374,
    "FlipAngle": 8,
    "ImageType": [
      "ORIGINAL",
      "PRIMARY",
      "M",
      "ND",
      "NORM"
    ],
    "InversionTime": 1,
    "MagneticFieldStrength": 3,
    "Manufacturer": "Siemens",
    "ManufacturersModelName": "TrioTim",
    "PhaseEncodingDirection": "i-",
    "ProcedureStepDescription": "head_Dosenbach_MSC",
    "ProtocolName": "T1_.8x.8x.8_224Slices",
    "RepetitionTime": 2.4,
    "ScanningSequence": "GR_IR",
    "SequenceName": "_tfl3d1_ns",
    "SequenceVariant": "SP_MP_OSP",
    "SeriesDescription": "T1_.8x.8x.8_224Slices",
    "dataset": "ds000224",
    "modality": "T1w",
    "run_id": 3,
    "session_id": "struct01",
    "subject_id": "MSC06"
  },
  "cjv": 0.5597515143239558,
  "cnr": 2.433544909081711,
  "efc": 0.6229361570753279,
  "fber": 2601.0,
  "fwhm_avg": 3.6809960535464654,
  "fwhm_x": 3.799836550883299,
  "fwhm_y": 3.7796839024390243,
  "fwhm_z": 3.4634677073170734,
  "icvs_csf": 0.20012666217214362,
  "icvs_gm": 0.4137949293755146,
  "icvs_wm": 0.3860784084523418,
  "inu_med": 0.778565526008606,
  "inu_range": 0.4650058269500731,
  "provenance": {
    "md5sum": "f876f77d31dc56b705174f7df7e93a21",
    "settings": {
      "testing": false
    },
    "software": "mriqc",
    "version": "22.0.6",
    "warnings": {
      "large_rot_frame": true,
      "small_air_mask": false
    },
    "webapi_port": null,
    "webapi_url": "https://mriqc.nimh.nih.gov/api/v1"
  },
  "qi_1": 0.0,
  "qi_2": 0.0032025295862882714,
  "rpve_csf": 16.732299124900557,
  "rpve_gm": 7.935973901595546,
  "rpve_wm": 9.392036598685463,
  "size_x": 224,
  "size_y": 256,
  "size_z": 256,
  "snr_csf": 2.26750358193979,
  "snr_gm": 9.542041449725485,
  "snr_total": 8.241613960323171,
  "snr_wm": 12.915296849304237,
  "snrd_csf": 17.39411333417236,
  "snrd_gm": 44.701051751465634,
  "snrd_total": 41.12739363449149,
  "snrd_wm": 61.28701581783649,
  "spacing_x": 0.7999975681304932,
  "spacing_y": 0.80078125,
  "spacing_z": 0.80078125,
  "summary_bg_k": 7.095642295526586,
  "summary_bg_mad": 10.690469191904766,
  "summary_bg_mean": 16.37350725008593,
  "summary_bg_median": 7.210611894726753,
  "summary_bg_n": 4132148.0,
  "summary_bg_p05": 0.0,
  "summary_bg_p95": 63.19889248907566,
  "summary_bg_stdv": 23.00997021579876,
  "summary_csf_k": 0.6517246835828865,
  "summary_csf_mad": 119.82472420445129,
  "summary_csf_mean": 289.50947976189,
  "summary_csf_median": 283.8359045833349,
  "summary_csf_n": 105602.0,
  "summary_csf_p05": 89.41929937899113,
  "summary_csf_p95": 501.42672234773636,
  "summary_csf_stdv": 125.17491171625409,
  "summary_gm_k": 0.05569049434409257,
  "summary_gm_mad": 75.51930375671763,
  "summary_gm_mean": 729.6586664182726,
  "summary_gm_median": 729.4285840243101,
  "summary_gm_n": 69575.0,
  "summary_gm_p05": 603.2621555775404,
  "summary_gm_p95": 855.5564530491829,
  "summary_gm_stdv": 76.4431118663472,
  "summary_wm_k": 0.2619080429574887,
  "summary_wm_mad": 75.97665003230713,
  "summary_wm_mean": 1003.1068894206867,
  "summary_wm_median": 1000.0771663188934,
  "summary_wm_n": 468702.0,
  "summary_wm_p05": 880.9285526573658,
  "summary_wm_p95": 1135.150821223855,
  "summary_wm_stdv": 77.43345825721195,
  "tpm_overlap_csf": 0.13402136793717798,
  "tpm_overlap_gm": 0.43928592328642346,
  "tpm_overlap_wm": 0.4898202856493012,
  "wm2max": 0.5892268896108321
}