{
  "bids_meta": {
    "BodyPartExamined": "HEAD",
    "ConversionSoftware": "dcm2niix",
    "ConversionSoftwareVersion": "v1.0.20170411 GCC4.4.7",
    "EchoTime": 0.00374,
    "FlipAngle": 8,
    "ImageType": [
      "ORIGINAL",
      "PRIMARY",
      "M",
      "ND",
      "NORM"
    ],
    "InversionTime": 1,
    "MagneticFieldStrength": 3,
    "Manufacturer": "Siemens",
    "ManufacturersModelName": "TrioTim",
    "PhaseEncodingDirection": "i-",
    "ProcedureStepDescription": "head_Dosenbach_MSC",
    "ProtocolName": "T1_.8x.8x.8_224Slices",
    "RepetitionTime": 2.4,
    "ScanningSequence": "GR_IR",
    "SequenceName": "_tfl3d1_ns",
    "SequenceVariant": "SP_MP_OSP",
    "SeriesDescription": "T1_.8x.8x.8_224Slices",
    "dataset": "ds000224",
    "modality": "T1w",
    "run_id": 1,
    "session_id": "struct01",
    "subject_id": "MSC06"
  },
  "cjv": 0.5219333587468925,
  "cnr": 2.610286356488129,
  "efc": 0.6308061380292788,
  "fber": 2737.038725157162,
  "fwhm_avg": 3.7884863740073107,
  "fwhm_x": 3.9023348293390043,
  "fwhm_y": 3.904786731707317,
  "fwhm_z": 3.55833756097561,
  "icvs_csf": 0.20765888648149872,
  "icvs_gm": 0.41423364591613093,
  "icvs_wm": 0.37810746760237035,
  "inu_med": 0.7549830079078674,
  "inu_range": 0.44851773977279663,
  "provenance": {
    "md5sum": "14f6f68f0d034012bf76996c578a9a6b",
    "settings": {
      "testing": false
    },
    "software": "mriqc",
    "version": "22.0.6",
    "warnings": {
      "large_rot_frame": true,
      "small_air_mask": false
    },
    "webapi_port": null,
    "webapi_url": "https://mriqc.nimh.nih.gov/api/v1"
  },
  "qi_1": 0.0,
  "qi_2": 0.003046543132292514,
  "rpve_csf": 16.146454384343162,
  "rpve_gm": 7.9990185076645375,
  "rpve_wm": 9.732719700745118,
  "size_x": 224,
  "size_y": 256,
  "size_z": 256,
  "snr_csf": 2.2463703998443076,
  "snr_gm": 9.65146225231839,
  "snr_total": 8.606696470761884,
  "snr_wm": 13.922256760122957,
  "snrd_csf": 19.63340457013488,
  "snrd_gm": 52.32168372221203,
  "snrd_total": 48.08605309309445,
  "snrd_wm": 72.30307098693643,
  "spacing_x": 0.7999954223632812,
  "spacing_y": 0.80078125,
  "spacing_z": 0.80078125,
  "summary_bg_k": 9.243227550353291,
  "summary_bg_mad": 9.061668807558219,
  "summary_bg_mean": 13.605137624553995,
  "summary_bg_median": 6.112002730369568,
  "summary_bg_n": 3076404.0,
  "summary_bg_p05": 0.0,
  "summary_bg_p95": 55.58102482929826,
  "summary_bg_stdv": 20.6925570063064,
  "summary_csf_k": 0.6707966436765549,
  "summary_csf_mad": 115.53627729636727,
  "summary_csf_mean": 278.04508375433386,
  "summary_csf_median": 271.56392131373286,
  "summary_csf_n": 111023.0,
  "summary_csf_p05": 86.44663861766458,
  "summary_csf_p95": 484.03241622820497,
  "summary_csf_stdv": 120.88954623080397,
  "summary_gm_k": 0.04861710638601835,
  "summary_gm_mad": 74.02250707174119,
  "summary_gm_mean": 723.5291678606075,
  "summary_gm_median": 723.6993232928216,
  "summary_gm_n": 75912.0,
  "summary_gm_p05": 599.3200677298009,
  "summary_gm_p95": 847.0853784121573,
  "summary_gm_stdv": 74.9828925046243,
  "summary_wm_k": 0.24680174195679916,
  "summary_wm_mad": 70.22793325857619,
  "summary_wm_mean": 1002.2079481295858,
  "summary_wm_median": 1000.0764467567205,
  "summary_wm_n": 482795.0,
  "summary_wm_p05": 887.8065966032445,
  "summary_wm_p95": 1123.9591020978987,
  "summary_wm_stdv": 71.83285212101904,
  "tpm_overlap_csf": 0.14207292158746213,
  "tpm_overlap_gm": 0.4468729453788714,
  "tpm_overlap_wm": 0.49512236015094463,
  "wm2max": 0.5879846944753976
}